PATH
  remote: .
  specs:
    pkg31 (0.0.1)
      Selenium
      aaronh-chronic
      accept_values_for
      acfs
      actionmailer_inline_css
      active_record_query_counter
      active_storage_base64
      activeadmin_quill_editor
      activerecord-databasevalidations
      activerecord-diff
      activesalesforce
      activity_notification
      alchemist
      algebrick
      allison
      anjlab-bootstrap-rails
      appengine
      appointments
      ascii_charts
      asciidoctor-diagram-ditaamini
      asciidoctor-diagram-plantuml
      attribute-defaults
      attribute-kit
      autotest-growl
      aws-sdk-vpclattice
      backlog
      bard
      bartt-ssl_requirement
      beaker-module_install_helper
      beaker-vcloud
      bhf
      bing_ads_ruby_sdk
      blockcypher-ruby
      bootstrap-table-rails
      bootstrap-toggle-rails
      c3-rails
      calendar_date_select
      capifony
      capistrano-chruby
      capistrano-db-tasks
      capistrano-git-copy
      capistrano-symfony
      capture_migration_sql
      capybara_discoball
      cfn-status
      chef-encrypted-attributes
      cli
      cocoapods-clean_build_phases_scripts
      confidante
      configurations
      consul
      crowdin-api
      database_validations
      datejs-rails
      deep_clonable
      deferrable
      delete_in_batches
      devise-doorkeeper
      devise-guests
      dpl-pypi
      dredd_hooks
      dropbox-sdk-v2
      drydock
      dynamic_sitemaps
      edmunds
      elasticity
      em-winrm
      event-bus
      factory_bot_any_instance
      fastlane-plugin-properties
      fastlane-plugin-update_android_strings
      fcmpush
      ffi-win32-extensions
      field_serializer
      flatpickr
      fluent-plugin-elb-log
      fluent-plugin-multiprocess
      fluent-plugin-ua-parser
      generated-assets
      gherkin_lint
      ghost
      google-apis-identitytoolkit_v3
      google-cloud-secret_manager
      google-cloud-secret_manager-v1
      google-cloud-secret_manager-v1beta1
      google-cloud-translate-v3
      google_sign_in
      graphql-query-resolver
      gridhook
      guard-pow
      guard-puma
      hackerrank
      hamlbars
      hanami
      hanami-cli
      hawk-auth
      hrr_rb_ssh-ed25519
      httpx
      hydra-core
      ie_iframe_cookies
      inst_statsd
      instructure-happymapper
      interact
      ipaddr_extensions
      isbn
      it-logica-application-backbone
      jasmine-headless-webkit
      jets
      journald-logger
      journald-native
      jquery-datetimepicker-rails
      jquery-rails-cdn
      jslint_on_rails
      jsonify
      keynote
      kitchen-salt
      klarna_proxy
      leaderboard
      lhm-shopify
      linkeddata
      liquid-md5
      loaf
      lumberjack_capture_device
      lumberjack_data_dog_device
      lumberjack_json_device
      luminosity_contrast
      magic_lamp
      mini_sql
      mongoid-slug
      mry
      multi_fetch_fragments
      nearest_time_zone
      newrelic-rake
      nexus
      nunes
      obbistrano
      ocean-rails
      ohm-expire
      omniauth-jira
      omniauth-yahoojp
      onkcop
      onlyoffice_webdriver_wrapper
      open5
      ops_manager_ui_drivers
      orderly
      paperclip-compression
      perftools.rb
      pgreset
      phcscriptcdnpro
      picky-generators
      picky-statistics
      production_open_struct
      propshaft
      qr-to-otp
      quarantine
      que-scheduler
      quiet_logger
      r18n-core
      ra10ke
      rails_apps_pages
      rails_or
      rake-hooks
      rake_commit
      rake_docker
      ratom-nokogiri
      rautomation
      rbbt-rest
      rdf-microdata
      redis-sentinel
      resque-job-stats
      resque_unit
      rest-client-components
      restpack_serializer
      rex
      rexical
      right_support
      robots
      rom-changeset
      rspec-console
      rspec_tap
      ruby-elf
      ruby-mass
      ruby-nmap
      ruby-saml-mod
      ruby_fly
      safe-pg-migrations
      safe_object_as_json
      schema_auto_foreign_keys
      scout_statsd_rack
      screen-recorder
      secondbase
      secret_keys
      sendgrid_toolkit
      sensu-logger
      sensu-plugins-dns
      sensu-transport
      sequel-paranoid
      shelly
      sidekiq-deferred_jobs
      sidekiq-encrypted_args
      signalfx
      simple_thread_pool
      simple_throttle
      simplecov-bamboo
      site_prism-table
      six-updater
      slimmer
      snowplow_ruby_duid
      sorbet-runtime-stub
      spring-commands-m
      spring-commands-parallel-tests
      standardrb
      stopwords-filter
      swagger_ui_engine
      switchery-rails
      switchman-inst-jobs
      testingbot
      timber
      tlsmail
      tolk
      toys
      toys-core
      trackler
      trinidad
      turbograft
      twiglet
      us_geo
      vedeu
      wait
      warden-hmac-authentication
      watir-dom-wait
      win32-open3-19
      win32console
      wisper-activejob
      wolverine
      xorcist
      xvfb
      zuora_api

GEM
  remote: https://rubygems.org/
  specs:
    CFPropertyList (2.3.6)
    Selenium (1.1.14)
    aaronh-chronic (0.3.9)
    accept_values_for (0.9.2)
      activemodel (>= 5.0, < 7.1)
      rspec (>= 3.0, < 4.0)
    acfs (1.7.0)
      actionpack (>= 5.2)
      activemodel (>= 5.2)
      activesupport (>= 5.2)
      multi_json (~> 1.0)
      rack
      typhoeus (~> 1.0)
    actioncable (7.0.5)
      actionpack (= 7.0.5)
      activesupport (= 7.0.5)
      nio4r (~> 2.0)
      websocket-driver (>= 0.6.1)
    actionmailbox (7.0.5)
      actionpack (= 7.0.5)
      activejob (= 7.0.5)
      activerecord (= 7.0.5)
      activestorage (= 7.0.5)
      activesupport (= 7.0.5)
      mail (>= 2.7.1)
      net-imap
      net-pop
      net-smtp
    actionmailer (7.0.5)
      actionpack (= 7.0.5)
      actionview (= 7.0.5)
      activejob (= 7.0.5)
      activesupport (= 7.0.5)
      mail (~> 2.5, >= 2.5.4)
      net-imap
      net-pop
      net-smtp
      rails-dom-testing (~> 2.0)
    actionmailer_inline_css (1.6.0)
      actionmailer (>= 3.0.0)
      nokogiri (>= 1.7.0)
      premailer (>= 1.11.0)
    actionpack (7.0.5)
      actionview (= 7.0.5)
      activesupport (= 7.0.5)
      rack (~> 2.0, >= 2.2.4)
      rack-test (>= 0.6.3)
      rails-dom-testing (~> 2.0)
      rails-html-sanitizer (~> 1.0, >= 1.2.0)
    actiontext (7.0.5)
      actionpack (= 7.0.5)
      activerecord (= 7.0.5)
      activestorage (= 7.0.5)
      activesupport (= 7.0.5)
      globalid (>= 0.6.0)
      nokogiri (>= 1.8.5)
    actionview (7.0.5)
      activesupport (= 7.0.5)
      builder (~> 3.1)
      erubi (~> 1.4)
      rails-dom-testing (~> 2.0)
      rails-html-sanitizer (~> 1.1, >= 1.2.0)
    active-fedora (14.0.1)
      active-triples (>= 0.11.0, < 2.0.0)
      activemodel (>= 5.1)
      activesupport (>= 5.1)
      deprecation
      faraday (>= 1.0)
      faraday-encoding (>= 0.0.5)
      ldp (>= 0.7.0, < 2)
      rsolr (>= 1.1.2, < 3)
      ruby-progressbar (~> 1.0)
    active-triples (1.2.0)
      activemodel (>= 3.0.0)
      activesupport (>= 3.0.0)
      rdf (>= 2.0.2, < 4.0)
      rdf-vocab (>= 2.0, < 4.0)
    active_record_query_counter (1.1.2)
      activerecord (>= 5.0)
    active_storage_base64 (2.0.0)
      rails (>= 7.0)
    activeadmin (2.13.1)
      arbre (~> 1.2, >= 1.2.1)
      formtastic (>= 3.1, < 5.0)
      formtastic_i18n (~> 0.4)
      inherited_resources (~> 1.7)
      jquery-rails (~> 4.2)
      kaminari (~> 1.0, >= 1.2.1)
      railties (>= 6.1, < 7.1)
      ransack (>= 2.1.1, < 4)
    activeadmin_quill_editor (1.0.0)
      activeadmin (~> 2.0)
    activejob (7.0.5)
      activesupport (= 7.0.5)
      globalid (>= 0.3.6)
    activemodel (7.0.5)
      activesupport (= 7.0.5)
    activemodel-serializers-xml (1.0.2)
      activemodel (> 5.x)
      activesupport (> 5.x)
      builder (~> 3.1)
    activerecord (7.0.5)
      activemodel (= 7.0.5)
      activesupport (= 7.0.5)
    activerecord-databasevalidations (1.0.1)
      activerecord (>= 5.2)
    activerecord-diff (2.0.0)
    activerecord-pg-extensions (0.4.4)
      activerecord (>= 6.0, < 7.1)
      railties (>= 6.0, < 7.1)
    activeresource (6.0.0)
      activemodel (>= 6.0)
      activemodel-serializers-xml (~> 1.0)
      activesupport (>= 6.0)
    activesalesforce (1.1.6)
      builder (>= 1.2.4)
      rails (>= 1.0.0)
    activestorage (7.0.5)
      actionpack (= 7.0.5)
      activejob (= 7.0.5)
      activerecord (= 7.0.5)
      activesupport (= 7.0.5)
      marcel (~> 1.0)
      mini_mime (>= 1.1.0)
    activesupport (7.0.5)
      concurrent-ruby (~> 1.0, >= 1.0.2)
      i18n (>= 1.6, < 2)
      minitest (>= 5.1)
      tzinfo (~> 2.0)
    activity_notification (2.2.4)
      i18n (>= 0.5.0)
      jquery-rails (>= 3.1.1)
      railties (>= 5.0.0, < 7.1)
      swagger-blocks (>= 3.0.0)
    addressable (2.8.4)
      public_suffix (>= 2.0.2, < 6.0)
    after_transaction_commit (2.2.2)
      activerecord (>= 5.2)
    airbrussh (1.4.1)
      sshkit (>= 1.6.1, != 1.7.0)
    alchemist (0.1.8)
    algebrick (0.7.5)
    allison (2.0.3)
    amatch (0.4.1)
      mize
      tins (~> 1.0)
    amq-protocol (2.0.1)
    amqp (1.6.0)
      amq-protocol (>= 2.0.1)
      eventmachine
    andand (1.3.3)
    anjlab-bootstrap-rails (3.0.3.0)
      railties (>= 3.0)
      sass (>= 3.2)
    ansi (1.5.0)
    appengine (0.7.0)
      google-cloud-env (~> 1.4)
      google-serverless-exec (>= 0.1, < 2.a)
      stackdriver (~> 0.21)
    appointments (1.3.3)
      thor
    arbre (1.5.0)
      activesupport (>= 3.0.0, < 7.1)
      ruby2_keywords (>= 0.0.2, < 1.0)
    aroi (1.0.0)
      activerecord (>= 5.2)
      activesupport (>= 5.2)
    ascii_charts (0.9.1)
    asciidoctor-diagram-ditaamini (1.0.3)
    asciidoctor-diagram-plantuml (1.2023.5)
    ast (2.4.2)
    attribute-defaults (0.9.3)
      activerecord (>= 5.0.0, < 8.0.0)
    attribute-kit (0.2.0)
    autoprefixer-rails (10.4.13.0)
      execjs (~> 2)
    autotest-growl (0.2.16)
    aws-eventstream (1.2.0)
    aws-partitions (1.770.0)
    aws-sdk-cloudformation (1.77.0)
      aws-sdk-core (~> 3, >= 3.165.0)
      aws-sigv4 (~> 1.1)
    aws-sdk-cloudwatchlogs (1.62.0)
      aws-sdk-core (~> 3, >= 3.165.0)
      aws-sigv4 (~> 1.1)
    aws-sdk-core (3.173.1)
      aws-eventstream (~> 1, >= 1.0.2)
      aws-partitions (~> 1, >= 1.651.0)
      aws-sigv4 (~> 1.5)
      jmespath (~> 1, >= 1.6.1)
    aws-sdk-dynamodb (1.84.0)
      aws-sdk-core (~> 3, >= 3.165.0)
      aws-sigv4 (~> 1.1)
    aws-sdk-ec2 (1.380.0)
      aws-sdk-core (~> 3, >= 3.165.0)
      aws-sigv4 (~> 1.1)
    aws-sdk-kms (1.64.0)
      aws-sdk-core (~> 3, >= 3.165.0)
      aws-sigv4 (~> 1.1)
    aws-sdk-lambda (1.96.0)
      aws-sdk-core (~> 3, >= 3.165.0)
      aws-sigv4 (~> 1.1)
    aws-sdk-s3 (1.122.0)
      aws-sdk-core (~> 3, >= 3.165.0)
      aws-sdk-kms (~> 1)
      aws-sigv4 (~> 1.4)
    aws-sdk-vpclattice (1.1.0)
      aws-sdk-core (~> 3, >= 3.165.0)
      aws-sigv4 (~> 1.1)
    aws-sigv4 (1.5.2)
      aws-eventstream (~> 1, >= 1.0.2)
    backhoe (0.6.1)
      activerecord
    backlog (0.22.0)
      gruff (>= 0.2.9)
      hoe (>= 1.5.0)
      postgres (>= 0.7.9)
      rails (>= 1.2.4)
      rmagick (= 1.15.12)
      slave (>= 1.2.1)
    bard (0.51.2)
      bard-rake (>= 0.19.0)
      rvm
      term-ansicolor (>= 1.0.3)
      thor (>= 0.19.0)
    bard-rake (0.19.1)
      backhoe (>= 0.6.0)
      railties
      rake
    bartt-ssl_requirement (1.4.2)
    base32 (0.3.4)
    bcp47 (0.3.3)
      i18n
    bcrypt (3.1.18)
    bcrypt_pbkdf (1.1.0)
    beaker (4.40.1)
      beaker-hostgenerator
      ed25519 (~> 1.0)
      hocon (~> 1.0)
      in-parallel (>= 0.1, < 2)
      inifile (~> 3.0)
      minitar (~> 0.6)
      minitest (~> 5.4)
      net-scp (>= 1.2, < 5.0)
      net-ssh (>= 5.0)
      rexml
      rsync (~> 1.0.9)
      stringify-hash (~> 0.0)
      thor (>= 1.0.1, < 2.0)
    beaker-hostgenerator (2.2.0)
      deep_merge (~> 1.0)
    beaker-module_install_helper (2.0.0)
      beaker (>= 2.0, < 6)
      beaker-puppet (>= 1, < 3)
    beaker-puppet (2.0.0)
      beaker (~> 4.1)
      oga (~> 3.4)
    beaker-vcloud (1.1.0)
      beaker-vmware
      rbvmomi (~> 1.9)
      stringify-hash (~> 0.0.0)
    beaker-vmware (2.0.0)
      beaker (>= 4, < 6)
      fission (~> 0.4)
      rbvmomi (>= 1.9, < 4.0)
      stringify-hash (~> 0.0.0)
    bhf (0.7.5)
      haml-rails (>= 0.4.0)
      kaminari (>= 0.15.1)
      rails (>= 4.0.0)
      sass-rails (>= 4.0.0)
      turbolinks (>= 2.1.0)
    bing_ads_ruby_sdk (0.0.0)
      lolsoap (~> 0.8)
      signet (~> 0.7)
    bitcoin-ruby (0.0.20)
      eventmachine
      ffi
      scrypt
    blacklight (7.33.1)
      deprecation
      globalid
      hashdiff
      i18n (>= 1.7.0)
      jbuilder (~> 2.7)
      kaminari (>= 0.15)
      ostruct (>= 0.3.2)
      rails (>= 5.1, < 7.1)
      view_component (~> 2.66)
    blacklight-access_controls (6.0.1)
      blacklight (> 6.0, < 8)
      cancancan (>= 1.8)
      deprecation (~> 1.0)
    blockcypher-ruby (0.2.7)
      bitcoin-ruby (~> 0.0.5)
      ffi
    bond (0.5.1)
    bootstrap (5.2.3)
      autoprefixer-rails (>= 9.1.0)
      popper_js (>= 2.11.6, < 3)
      sassc-rails (>= 2.0.0)
    bootstrap-table-rails (1.20.2)
    bootstrap-toggle-rails (2.2.1.0)
    bson (4.15.0)
    builder (3.2.4)
    c3-rails (0.4.18)
    calendar_date_select (2.1.2)
      rails (>= 3.1)
    cancancan (3.5.0)
    capifony (2.2.0)
      capistrano (>= 2.11.0)
      colored (>= 1.2.0)
      inifile (>= 2.0.2)
    capistrano (3.17.3)
      airbrussh (>= 1.0.0)
      i18n
      rake (>= 10.0.0)
      sshkit (>= 1.9.0)
    capistrano-chruby (0.1.2)
      capistrano (~> 3.0)
      sshkit (~> 1.3)
    capistrano-composer (0.0.6)
      capistrano (>= 3.0.0.pre)
    capistrano-db-tasks (0.6)
      capistrano (>= 3.0.0)
    capistrano-file-permissions (1.0.0)
      capistrano (~> 3.0)
    capistrano-git-copy (1.5.6)
      capistrano (>= 3.7.0, < 4.0.0)
    capistrano-symfony (2.0.0)
      capistrano (~> 3.1)
      capistrano-composer (~> 0.0.3)
      capistrano-file-permissions (~> 1.0)
    capture_migration_sql (1.0.3)
      activerecord (>= 4.2)
    capybara (3.39.1)
      addressable
      matrix
      mini_mime (>= 0.1.3)
      nokogiri (~> 1.8)
      rack (>= 1.6.0)
      rack-test (>= 0.6.3)
      regexp_parser (>= 1.5, < 3.0)
      xpath (~> 3.2)
    capybara-webkit (1.15.1)
      capybara (>= 2.3, < 4.0)
      json
    capybara_discoball (0.1.0)
      capybara (>= 2.7, < 4)
    cf-uaa-lib (4.0.2)
      addressable (~> 2.8, >= 2.8.0)
      httpclient (~> 2.8, >= 2.8.2.4)
      multi_json (>= 1.12.1, < 1.16)
    cfn-status (0.4.6)
      aws-sdk-cloudformation
    chef-encrypted-attributes (0.9.0)
    chef-utils (18.2.7)
      concurrent-ruby
    childprocess (4.1.0)
    chunky_png (1.4.0)
    cli (1.4.0)
    climate_control (0.2.0)
    cocaine (0.5.8)
      climate_control (>= 0.0.3, < 1.0)
    cocoapods-clean_build_phases_scripts (0.0.3)
    coderay (1.1.3)
    coffee-rails (5.0.0)
      coffee-script (>= 2.2.0)
      railties (>= 5.2.0)
    coffee-script (2.4.1)
      coffee-script-source
      execjs
    coffee-script-source (1.12.2)
    colored (1.2)
    colorize (0.8.1)
    command_mapper (0.3.1)
    compass (0.12.2)
      chunky_png (~> 1.2)
      fssm (>= 0.2.7)
      sass (~> 3.1)
    concurrent-ruby (1.2.2)
    confidante (0.28.0)
      activesupport (>= 4)
      hiera (~> 3.3)
      shikashi (~> 0.6)
      vault (~> 0.17)
    configurations (2.2.2)
    connection_pool (2.4.1)
    consul (1.3.1)
      activerecord (>= 3.2)
      activesupport (>= 3.2)
      edge_rider (>= 0.3.0)
      memoized (>= 1.0.2)
      railties (>= 3.2)
    cool.io (1.7.1)
    crass (1.0.6)
    cri (2.4.1)
      colored (>= 1.2)
    crowdin-api (1.5.0)
      open-uri (>= 0.1.0, < 0.2.0)
      rest-client (>= 2.0.0, < 2.1.0)
    css_parser (1.14.0)
      addressable
    data_magic (1.2)
      faker (>= 1.1.2)
      yml_reader (>= 0.6)
    database_validations (1.1.1)
      activerecord (>= 4.2.0)
    date (3.3.3)
    datejs-rails (2.0.1)
      railties (>= 3.1)
    debug_inspector (1.1.0)
    declarative (0.0.20)
    deep_clonable (1.2.0)
    deep_merge (1.2.2)
    deferrable (0.2.0)
    delete_in_batches (0.2.1)
      activerecord (>= 5)
    deprecation (1.1.0)
      activesupport
    devise (4.9.2)
      bcrypt (~> 3.0)
      orm_adapter (~> 0.1)
      railties (>= 4.1.0)
      responders
      warden (~> 1.2.3)
    devise-doorkeeper (1.2.0)
      devise
      doorkeeper
      rails
    devise-guests (0.8.1)
      devise
    diff-lcs (1.5.0)
    digest-crc (0.6.4)
      rake (>= 12.0.0, < 14.0.0)
    dnsruby (1.70.0)
      simpleidn (~> 0.2.1)
    docile (1.4.0)
    dogstatsd-ruby (4.8.3)
    domain_name (0.5.20190701)
      unf (>= 0.0.5, < 1.0.0)
    doorkeeper (5.6.6)
      railties (>= 5)
    dotenv (2.8.1)
    dpl (1.10.16)
    dpl-pypi (1.10.16)
      dpl (= 1.10.16)
    dredd_hooks (0.1.2)
    dropbox-sdk-v2 (0.0.3)
      http (~> 2.0)
    dry-cli (0.7.0)
    dry-configurable (1.0.1)
      dry-core (~> 1.0, < 2)
      zeitwerk (~> 2.6)
    dry-core (1.0.0)
      concurrent-ruby (~> 1.0)
      zeitwerk (~> 2.6)
    dry-inflector (1.0.0)
    dry-initializer (3.1.1)
    dry-logic (1.5.0)
      concurrent-ruby (~> 1.0)
      dry-core (~> 1.0, < 2)
      zeitwerk (~> 2.6)
    dry-schema (1.13.1)
      concurrent-ruby (~> 1.0)
      dry-configurable (~> 1.0, >= 1.0.1)
      dry-core (~> 1.0, < 2)
      dry-initializer (~> 3.0)
      dry-logic (>= 1.4, < 2)
      dry-types (>= 1.7, < 2)
      zeitwerk (~> 2.6)
    dry-struct (1.6.0)
      dry-core (~> 1.0, < 2)
      dry-types (>= 1.7, < 2)
      ice_nine (~> 0.11)
      zeitwerk (~> 2.6)
    dry-types (1.7.1)
      concurrent-ruby (~> 1.0)
      dry-core (~> 1.0)
      dry-inflector (~> 1.0)
      dry-logic (~> 1.4)
      zeitwerk (~> 2.6)
    dry-validation (1.10.0)
      concurrent-ruby (~> 1.0)
      dry-core (~> 1.0, < 2)
      dry-initializer (~> 3.0)
      dry-schema (>= 1.12, < 2)
      zeitwerk (~> 2.6)
    drydock (0.6.9)
    dynamic_sitemaps (2.0.0)
    ebnf (2.3.2)
      htmlentities (~> 4.3)
      rdf (~> 3.2)
      scanf (~> 1.0)
      sxp (~> 1.2)
      unicode-types (~> 1.8)
    ed25519 (1.3.0)
    edge_rider (2.2.0)
      activerecord (>= 3.2)
    edmunds (0.0.8)
      activesupport
      faraday
      json
    elasticity (2.5.6)
      fog
      nokogiri
      rest-client
    em-winrm (0.0.3)
      eventmachine (>= 1.0.0.beta.2)
      mixlib-log (>= 1.2.0)
      uuidtools (>= 2.1.1)
      winrm (>= 1.0.0rc2)
    engtagger (0.4.0)
      lru_redux
    erubi (1.12.0)
    et-orbi (1.2.7)
      tzinfo
    ethon (0.16.0)
      ffi (>= 1.15.0)
    evalhook (0.6.0)
      partialruby (~> 0.3)
      sexp_processor (~> 4.0)
    event-bus (0.2.3)
    eventmachine (1.2.7)
    excon (0.6.6)
    execjs (2.8.1)
    factory_bot_any_instance (1.0.0)
    faker (3.2.0)
      i18n (>= 1.8.11, < 2)
    faraday (2.7.5)
      faraday-net_http (>= 2.0, < 3.1)
      ruby2_keywords (>= 0.0.4)
    faraday-encoding (0.0.5)
      faraday
    faraday-follow_redirects (0.3.0)
      faraday (>= 1, < 3)
    faraday-net_http (3.0.2)
    faraday-retry (2.1.0)
      faraday (~> 2.0)
    fastlane-plugin-properties (1.1.2)
      java-properties
    fastlane-plugin-update_android_strings (0.1.0)
      ox
    faye-websocket (0.11.2)
      eventmachine (>= 0.12.0)
      websocket-driver (>= 0.5.1)
    fcmpush (1.4.0)
      google-apis-identitytoolkit_v3
      net-http-persistent (~> 4.0.1)
    ffi (1.15.5)
    ffi-compiler (1.0.1)
      ffi (>= 1.0.0)
      rake
    ffi-win32-extensions (1.0.4)
      ffi
    field_serializer (0.3.0)
    filesize (0.2.0)
    fission (0.5.0)
      CFPropertyList (~> 2.2)
    flatpickr (4.6.11.0)
    fluent-plugin-elb-log (1.3.2)
      aws-sdk-ec2 (~> 1)
      aws-sdk-s3 (~> 1)
      fluentd (>= 0.14.0, < 2)
    fluent-plugin-multiprocess (0.2.2)
      fluentd (>= 0.10.0, < 2)
      serverengine (>= 1.6)
    fluent-plugin-ua-parser (1.2.0)
      fluentd (>= 0.14, < 2)
      lru_redux (>= 1.0.0)
      user_agent_parser (>= 2.2.0)
    fluentd (1.16.1)
      bundler
      cool.io (>= 1.4.5, < 2.0.0)
      http_parser.rb (>= 0.5.1, < 0.9.0)
      msgpack (>= 1.3.1, < 2.0.0)
      serverengine (>= 2.3.2, < 3.0.0)
      sigdump (~> 0.2.2)
      strptime (>= 0.2.4, < 1.0.0)
      tzinfo (>= 1.0, < 3.0)
      tzinfo-data (~> 1.0)
      webrick (~> 1.4)
      yajl-ruby (~> 1.0)
    fog (0.9.0)
      builder
      excon (~> 0.6.1)
      formatador (>= 0.1.3)
      json
      mime-types
      net-scp (>= 1.0.4)
      net-ssh (>= 2.1.4)
      nokogiri (>= 1.4.4)
      ruby-hmac
    formatador (1.1.0)
    formtastic (4.0.0)
      actionpack (>= 5.2.0)
    formtastic_i18n (0.7.0)
    friendly_id (5.5.0)
      activerecord (>= 4.0.0)
    fssm (0.2.10)
    fugit (1.8.1)
      et-orbi (~> 1, >= 1.2.7)
      raabro (~> 1.4)
    gapic-common (0.19.0)
      faraday (>= 1.9, < 3.a)
      faraday-retry (>= 1.0, < 3.a)
      google-protobuf (~> 3.14)
      googleapis-common-protos (>= 1.3.12, < 2.a)
      googleapis-common-protos-types (>= 1.3.1, < 2.a)
      googleauth (~> 1.0)
      grpc (~> 1.36)
    gems (1.2.0)
    generated-assets (2.1.5)
      railties (>= 3.2)
      sprockets-rails
      tzinfo
    getsource (0.2.2)
    gherkin (5.1.0)
    gherkin_lint (1.2.2)
      amatch (>= 0.3.0)
      engtagger (>= 0.2.0)
      gherkin (>= 4.0.0)
      multi_json (>= 1.12.1)
      term-ansicolor (>= 1.3.2)
    ghost (1.0.0)
      unindent (= 1.0)
    git (1.18.0)
      addressable (~> 2.8)
      rchardet (~> 1.8)
    globalid (1.1.0)
      activesupport (>= 5.0)
    google-apis-core (0.11.0)
      addressable (~> 2.5, >= 2.5.1)
      googleauth (>= 0.16.2, < 2.a)
      httpclient (>= 2.8.1, < 3.a)
      mini_mime (~> 1.0)
      representable (~> 3.0)
      retriable (>= 2.0, < 4.a)
      rexml
      webrick
    google-apis-iamcredentials_v1 (0.17.0)
      google-apis-core (>= 0.11.0, < 2.a)
    google-apis-identitytoolkit_v3 (0.14.0)
      google-apis-core (>= 0.11.0, < 2.a)
    google-apis-storage_v1 (0.19.0)
      google-apis-core (>= 0.9.0, < 2.a)
    google-cloud-core (1.6.0)
      google-cloud-env (~> 1.0)
      google-cloud-errors (~> 1.0)
    google-cloud-env (1.6.0)
      faraday (>= 0.17.3, < 3.0)
    google-cloud-error_reporting (0.42.3)
      concurrent-ruby (~> 1.1)
      google-cloud-core (~> 1.5)
      google-cloud-error_reporting-v1beta1 (~> 0.0)
      stackdriver-core (~> 1.3)
    google-cloud-error_reporting-v1beta1 (0.6.0)
      gapic-common (>= 0.18.0, < 2.a)
      google-cloud-errors (~> 1.0)
    google-cloud-errors (1.3.1)
    google-cloud-logging (2.3.3)
      concurrent-ruby (~> 1.1)
      google-cloud-core (~> 1.5)
      google-cloud-logging-v2 (~> 0.0)
      stackdriver-core (~> 1.3)
    google-cloud-logging-v2 (0.9.0)
      gapic-common (>= 0.18.0, < 2.a)
      google-cloud-errors (~> 1.0)
    google-cloud-secret_manager (1.2.0)
      google-cloud-core (~> 1.6)
      google-cloud-secret_manager-v1 (>= 0.1, < 2.a)
      google-cloud-secret_manager-v1beta1 (>= 0.3, < 2.a)
    google-cloud-secret_manager-v1 (0.16.0)
      gapic-common (>= 0.18.0, < 2.a)
      google-cloud-errors (~> 1.0)
      grpc-google-iam-v1 (~> 1.1)
    google-cloud-secret_manager-v1beta1 (0.11.0)
      gapic-common (>= 0.18.0, < 2.a)
      google-cloud-errors (~> 1.0)
      grpc-google-iam-v1 (~> 1.1)
    google-cloud-storage (1.44.0)
      addressable (~> 2.8)
      digest-crc (~> 0.4)
      google-apis-iamcredentials_v1 (~> 0.1)
      google-apis-storage_v1 (~> 0.19.0)
      google-cloud-core (~> 1.6)
      googleauth (>= 0.16.2, < 2.a)
      mini_mime (~> 1.0)
    google-cloud-trace (0.42.2)
      concurrent-ruby (~> 1.1)
      google-cloud-core (~> 1.5)
      google-cloud-trace-v1 (~> 0.0)
      google-cloud-trace-v2 (~> 0.0)
      stackdriver-core (~> 1.3)
    google-cloud-trace-v1 (0.5.0)
      gapic-common (>= 0.18.0, < 2.a)
      google-cloud-errors (~> 1.0)
    google-cloud-trace-v2 (0.5.0)
      gapic-common (>= 0.18.0, < 2.a)
      google-cloud-errors (~> 1.0)
    google-cloud-translate-v3 (0.6.0)
      gapic-common (>= 0.17.1, < 2.a)
      google-cloud-errors (~> 1.0)
    google-id-token (1.4.2)
      jwt (>= 1)
    google-protobuf (3.23.1-arm64-darwin)
    google-serverless-exec (0.2.0)
    google_sign_in (1.2.1)
      google-id-token (>= 1.4.0)
      oauth2 (>= 1.4.0)
      rails (>= 5.2.0)
    googleapis-common-protos (1.4.0)
      google-protobuf (~> 3.14)
      googleapis-common-protos-types (~> 1.2)
      grpc (~> 1.27)
    googleapis-common-protos-types (1.6.0)
      google-protobuf (~> 3.14)
    googleauth (1.5.2)
      faraday (>= 0.17.3, < 3.a)
      jwt (>= 1.4, < 3.0)
      memoist (~> 0.16)
      multi_json (~> 1.11)
      os (>= 0.9, < 2.0)
      signet (>= 0.16, < 2.a)
    graphql (1.13.19)
    graphql-query-resolver (0.2.0)
      graphql (~> 1.0, >= 1.0.0)
    gravtastic (3.2.6)
    gridhook (0.2.0)
      multi_json (>= 1.3.0)
      rails (>= 3.1.0)
    grpc (1.55.0)
      google-protobuf (~> 3.23)
      googleapis-common-protos-types (~> 1.0)
    grpc-google-iam-v1 (1.2.0)
      google-protobuf (~> 3.14)
      googleapis-common-protos (>= 1.3.12, < 2.0)
      grpc (~> 1.27)
    gruff (0.14.0)
      histogram
      rmagick
    gssapi (1.3.1)
      ffi (>= 1.0.1)
    guard (2.18.0)
      formatador (>= 0.2.4)
      listen (>= 2.7, < 4.0)
      lumberjack (>= 1.0.12, < 2.0)
      nenv (~> 0.1)
      notiffany (~> 0.0)
      pry (>= 0.13.0)
      shellany (~> 0.0)
      thor (>= 0.18.1)
    guard-compat (1.2.1)
    guard-pow (2.0.0)
      guard (~> 2.0)
    guard-puma (0.8.1)
      guard (~> 2.14)
      guard-compat (~> 1.2)
      puma (>= 4.0, < 7)
    guardrail (3.0.2)
      activerecord (>= 6.1, < 7.1)
      railties (>= 6.1, < 7.1)
    gyoku (1.4.0)
      builder (>= 2.1.2)
      rexml (~> 3.0)
    hackerrank (0.2.0)
      httparty
    haml (6.1.1)
      temple (>= 0.8.2)
      thor
      tilt
    haml-rails (2.1.0)
      actionpack (>= 5.1)
      activesupport (>= 5.1)
      haml (>= 4.0.6)
      railties (>= 5.1)
    hamlbars (2.1.1)
      execjs (>= 1.2)
      haml
      sprockets (>= 2.0)
      tilt
    hamster (3.0.0)
      concurrent-ruby (~> 1.0)
    hanami (1.3.4)
      bundler (>= 1.6, < 3)
      concurrent-ruby (~> 1.0)
      dry-cli (~> 0.5)
      hanami-assets (~> 1.3)
      hanami-controller (~> 1.3)
      hanami-helpers (~> 1.3)
      hanami-mailer (~> 1.3)
      hanami-router (~> 1.3)
      hanami-utils (~> 1.3)
      hanami-validations (>= 1.3, < 3)
      hanami-view (~> 1.3)
    hanami-assets (1.3.5)
      hanami-helpers (~> 1.3)
      hanami-utils (~> 1.3)
      tilt (~> 2.0, >= 2.0.2)
    hanami-cli (0.3.1)
      concurrent-ruby (~> 1.0)
      hanami-utils (~> 1.3)
    hanami-controller (1.3.3)
      hanami-utils (~> 1.3)
      rack (~> 2.0)
    hanami-helpers (1.3.3)
      hanami-utils (~> 1.3)
    hanami-mailer (1.3.3)
      hanami-utils (~> 1.3)
      mail (~> 2.6)
      tilt (~> 2.0, >= 2.0.1)
    hanami-router (1.3.2)
      hanami-utils (~> 1.3)
      http_router (= 0.11.2)
      rack (~> 2.0)
    hanami-utils (1.3.8)
      concurrent-ruby (~> 1.0)
      transproc (~> 1.0)
    hanami-validations (2.0.1)
      dry-validation (>= 1.10, < 2)
      zeitwerk (~> 2.6.0)
    hanami-view (1.3.3)
      hanami-utils (~> 1.3)
      tilt (~> 2.0, >= 2.0.1)
    has_scope (0.8.1)
      actionpack (>= 5.2)
      activesupport (>= 5.2)
    hashdiff (1.0.1)
    hashie (5.0.0)
    hawk-auth (0.2.5)
    headless (2.3.1)
    hiera (3.12.0)
    hiredis (0.6.3)
    histogram (0.2.4.1)
    hocon (1.4.0)
    hoe (4.0.3)
      rake (>= 0.8, < 15.0)
    hrr_rb_ssh (0.4.2)
    hrr_rb_ssh-ed25519 (0.4.2)
      ed25519 (~> 1.2)
      hrr_rb_ssh (>= 0.4)
    htmlentities (4.3.4)
    http-2-next (0.5.1)
    http (2.2.2)
      addressable (~> 2.3)
      http-cookie (~> 1.0)
      http-form_data (~> 1.0.1)
      http_parser.rb (~> 0.6.0)
    http-cookie (1.0.5)
      domain_name (~> 0.5)
    http-form_data (1.0.3)
    http_logger (0.7.0)
    http_parser.rb (0.6.0)
    http_router (0.11.2)
      rack (>= 1.0.0)
      url_mount (~> 0.2.1)
    httparty (0.21.0)
      mini_mime (>= 1.0.0)
      multi_xml (>= 0.5.2)
    httpauth (0.2.1)
    httpclient (2.8.3)
    httpx (0.23.3)
      http-2-next (>= 0.4.1)
    hydra-access-controls (12.1.0)
      active-fedora (>= 10.0.0)
      activesupport (>= 5.2, < 7.1)
      blacklight-access_controls (~> 6.0)
      cancancan (>= 1.8, < 4)
      deprecation (~> 1.0)
    hydra-core (12.1.0)
      hydra-access-controls (= 12.1.0)
      railties (>= 5.2, < 7.1)
    i18n (1.13.0)
      concurrent-ruby (~> 1.0)
    ice_nine (0.11.2)
    ie_iframe_cookies (0.2.0)
    in-parallel (1.0.0)
    inherited_resources (1.13.1)
      actionpack (>= 5.2, < 7.1)
      has_scope (~> 0.6)
      railties (>= 5.2, < 7.1)
      responders (>= 2, < 4)
    inifile (3.0.0)
    inline_svg (1.9.0)
      activesupport (>= 3.0)
      nokogiri (>= 1.6)
    inst-jobs (3.1.10)
      activerecord (>= 6.0)
      activerecord-pg-extensions (~> 0.4.4)
      activesupport (>= 6.0)
      after_transaction_commit (>= 1.0, < 3)
      debug_inspector (~> 1.0)
      fugit (~> 1.3)
      railties (>= 6.0)
    inst_statsd (2.3.0)
      aroi (>= 0.0.7)
      dogstatsd-ruby (~> 4.2)
      statsd-ruby (~> 1.0)
    instructure-happymapper (0.5.10)
      nokogiri (~> 1.5)
    interact (0.5.2)
    ipaddr_extensions (1.0.2)
    isbn (2.0.11)
    it-logica-application-backbone (1.2.30)
      htmlentities
    jasmine-core (1.3.1)
    jasmine-headless-webkit (0.7.3.2)
      coffee-script (>= 2.2)
      jasmine-core (~> 1.1.beta)
      multi_json
      rainbow
    java-properties (0.3.0)
    jbuilder (2.11.5)
      actionview (>= 5.0.0)
      activesupport (>= 5.0.0)
    jets (0.8.12)
      actionpack (>= 5.2.1)
      actionview (>= 5.2.1)
      activerecord (>= 5.2.1)
      activesupport (>= 5.2.1)
      aws-sdk-cloudformation
      aws-sdk-cloudwatchlogs
      aws-sdk-dynamodb
      aws-sdk-lambda
      aws-sdk-s3
      colorize
      dotenv
      gems
      hashie
      json
      kramdown
      memoist
      mimemagic
      pg (= 0.21)
      rack
      railties (>= 5.2.1)
      recursive-open-struct
      text-table
      thor
    jmespath (1.6.2)
    journald-logger (3.1.0)
      journald-native (~> 1.0)
    journald-native (1.0.12)
    jquery-datetimepicker-rails (2.4.1.0)
    jquery-rails (4.5.1)
      rails-dom-testing (>= 1, < 3)
      railties (>= 4.2.0)
      thor (>= 0.14, < 2.0)
    jquery-rails-cdn (1.2.0)
      jquery-rails
    jruby-rack (1.1.22)
    jslint_on_rails (1.1.1)
    jsobfu (0.4.2)
      rkelly-remix
    json (2.6.3)
    json-canonicalization (0.3.2)
    json-ld (3.2.5)
      htmlentities (~> 4.3)
      json-canonicalization (~> 0.3, >= 0.3.2)
      link_header (~> 0.0, >= 0.0.8)
      multi_json (~> 1.15)
      rack (>= 2.2, < 4)
      rdf (~> 3.2, >= 3.2.10)
    json-ld-preloaded (3.2.2)
      json-ld (~> 3.2)
      rdf (~> 3.2)
    json-schema (4.0.0)
      addressable (>= 2.8)
    json_pure (2.6.3)
    jsonify (0.4.1)
      multi_json (~> 1.3)
    jwt (2.7.0)
    kaminari (1.2.2)
      activesupport (>= 4.1.0)
      kaminari-actionview (= 1.2.2)
      kaminari-activerecord (= 1.2.2)
      kaminari-core (= 1.2.2)
    kaminari-actionview (1.2.2)
      actionview
      kaminari-core (= 1.2.2)
    kaminari-activerecord (1.2.2)
      activerecord
      kaminari-core (= 1.2.2)
    kaminari-core (1.2.2)
    kdtree (0.4)
    keynote (1.1.1)
      rails (>= 3.1.0)
    kitchen-salt (0.7.2)
      hashie (>= 3.5)
      test-kitchen (>= 1.4)
    klarna_proxy (0.9.3)
    kramdown (2.4.0)
      rexml
    launchy (2.5.2)
      addressable (~> 2.8)
    ld-patch (3.2.0)
      ebnf (~> 2.2)
      rdf (~> 3.2)
      rdf-xsd (~> 3.2)
      sparql (~> 3.2)
      sxp (~> 1.2)
    ldp (1.2.0)
      deprecation
      faraday (>= 1)
      http_logger
      json-ld (~> 3.2)
      rdf (~> 3.2)
      rdf-isomorphic
      rdf-ldp
      rdf-turtle
      rdf-vocab (>= 0.8)
      slop
    leaderboard (3.12.1)
      redis
    lhm-shopify (3.5.5)
      retriable (>= 3.0.0)
    license-acceptance (2.1.13)
      pastel (~> 0.7)
      tomlrb (>= 1.2, < 3.0)
      tty-box (~> 0.6)
      tty-prompt (~> 0.20)
    link_header (0.0.8)
    linkeddata (3.2.1)
      json-ld (~> 3.2, >= 3.2.3)
      json-ld-preloaded (~> 3.2)
      ld-patch (~> 3.2)
      nokogiri (~> 1.13, >= 1.13.8)
      rdf (~> 3.2, >= 3.2.9)
      rdf-aggregate-repo (~> 3.2, >= 3.2.1)
      rdf-hamster-repo (~> 3.2)
      rdf-isomorphic (~> 3.2, >= 3.2.1)
      rdf-json (~> 3.2)
      rdf-microdata (~> 3.2, >= 3.2.1)
      rdf-n3 (~> 3.2, >= 3.2.1)
      rdf-normalize (~> 0.5)
      rdf-ordered-repo (~> 3.2, >= 3.2.1)
      rdf-rdfa (~> 3.2)
      rdf-rdfxml (~> 3.2)
      rdf-reasoner (~> 0.8)
      rdf-tabular (~> 3.2, >= 3.2.1)
      rdf-trig (~> 3.2)
      rdf-trix (~> 3.2)
      rdf-turtle (~> 3.2, >= 3.2.1)
      rdf-vocab (~> 3.2, >= 3.2.1)
      rdf-xsd (~> 3.2, >= 3.2.1)
      shacl (~> 0.2, >= 0.2.1)
      shex (~> 0.7, >= 0.7.1)
      sparql (~> 3.2, >= 3.2.4)
      sparql-client (~> 3.2, >= 3.2.1)
      yaml-ld (~> 0.0)
    lino (3.1.0)
      hamster (~> 3.0)
      open4 (~> 1.3)
    liquid (4.0.4)
    liquid-md5 (0.0.3)
      liquid (>= 2.5, < 5.0)
    listen (3.8.0)
      rb-fsevent (~> 0.10, >= 0.10.3)
      rb-inotify (~> 0.9, >= 0.9.10)
    little-plugger (1.1.4)
    loaf (0.10.0)
      railties (>= 3.2)
    log4r (1.1.10)
    logger (1.5.3)
    logging (2.3.1)
      little-plugger (~> 1.1)
      multi_json (~> 1.14)
    lolsoap (0.11.0)
      nokogiri (~> 1.5)
    loofah (2.21.3)
      crass (~> 1.0.2)
      nokogiri (>= 1.12.0)
    lru_redux (1.1.0)
    lumberjack (1.2.8)
    lumberjack_capture_device (1.0.1)
      lumberjack (>= 1.1.0)
    lumberjack_data_dog_device (1.0.1)
      lumberjack_json_device (>= 1.0)
    lumberjack_json_device (1.0.0)
      lumberjack (>= 1.2)
      multi_json
    luminosity_contrast (0.2.1)
    magic_lamp (1.9.0)
      method_source
      rails (>= 4.0.0)
      rake
    mail (2.8.1)
      mini_mime (>= 0.1.1)
      net-imap
      net-pop
      net-smtp
    mail_form (1.10.0)
      actionmailer (>= 5.2)
      activemodel (>= 5.2)
    marcel (1.0.2)
    matrix (0.4.2)
    memoist (0.16.2)
    memoized (1.1.1)
    metasm (1.0.5)
    method_source (1.0.0)
    middleware (0.1.0)
    mime-types (3.4.1)
      mime-types-data (~> 3.2015)
    mime-types-data (3.2023.0218.1)
    mimemagic (0.4.3)
      nokogiri (~> 1)
      rake
    mini_magick (4.12.0)
    mini_mime (1.1.2)
    mini_sql (1.4.0)
    minitar (0.9)
    minitest (5.18.0)
    mixlib-cli (2.1.8)
    mixlib-install (3.12.27)
      mixlib-shellout
      mixlib-versioning
      thor
    mixlib-log (3.0.9)
    mixlib-shellout (3.2.7)
      chef-utils
    mixlib-versioning (1.2.12)
    mize (0.4.1)
      protocol (~> 2.0)
    modular-scale (3.0.8)
    modware (1.0.2)
    molinillo (0.8.0)
    mongo (2.18.2)
      bson (>= 4.14.1, < 5.0.0)
    mongoid (8.0.3)
      activemodel (>= 5.1, < 7.1, != 7.0.0)
      mongo (>= 2.18.0, < 3.0.0)
      ruby2_keywords (~> 0.0.5)
    mongoid-compatibility (0.6.0)
      activesupport
      mongoid (>= 2.0)
    mongoid-slug (6.0.1)
      mongoid (>= 3.0)
      mongoid-compatibility
      stringex (~> 2.0)
    mono_logger (1.1.2)
    mry (0.78.0.0)
      rubocop (>= 0.41.0)
    msgpack (1.7.1)
    multi_fetch_fragments (0.0.17)
    multi_json (1.15.0)
    multi_xml (0.6.0)
    mustermann (3.0.0)
      ruby2_keywords (~> 0.0.1)
    nearest_time_zone (0.0.4)
      andand
      kdtree
      require_all
    nenv (0.3.0)
    nest (3.2.0)
      redic
    net-http-persistent (4.0.2)
      connection_pool (~> 2.2)
    net-imap (0.3.4)
      date
      net-protocol
    net-pop (0.1.2)
      net-protocol
    net-protocol (0.2.1)
      timeout
    net-scp (4.0.0)
      net-ssh (>= 2.6.5, < 8.0.0)
    net-smtp (0.3.3)
      net-protocol
    net-ssh (7.1.0)
    net-ssh-gateway (2.0.0)
      net-ssh (>= 4.0.0)
    netrc (0.11.0)
    newrelic-rake (1.4.1)
      newrelic_rpm (>= 3.1.0)
    newrelic_rpm (9.2.2)
    nexus (1.4.0)
    nio4r (2.5.9)
    nokogiri (1.15.2-arm64-darwin)
      racc (~> 1.4)
    nori (2.6.0)
    notiffany (0.1.3)
      nenv (~> 0.1)
      shellany (~> 0.0)
    null_logger (0.0.1)
    nunes (0.5.0)
    oauth (1.1.0)
      oauth-tty (~> 1.0, >= 1.0.1)
      snaky_hash (~> 2.0)
      version_gem (~> 1.1)
    oauth-tty (1.0.5)
      version_gem (~> 1.1, >= 1.1.1)
    oauth2 (2.0.9)
      faraday (>= 0.17.3, < 3.0)
      jwt (>= 1.0, < 3.0)
      multi_xml (~> 0.5)
      rack (>= 1.2, < 4)
      snaky_hash (~> 2.0)
      version_gem (~> 1.1)
    obbistrano (1.1.77)
      activeresource (>= 2)
      capistrano (>= 2.5)
      httparty (>= 0.4.3)
    ocean-dynamo (1.8.2)
      activemodel (>= 4)
      activesupport (>= 4)
      aws-sdk-dynamodb (~> 1)
    ocean-rails (8.2.0)
      jbuilder
      ocean-dynamo (>= 1.8.1)
      typhoeus
    oga (3.4)
      ast
      ruby-ll (~> 2.1)
    ohm (3.1.1)
      nest (~> 3)
      redic (~> 1.5.0)
      stal
    ohm-expire (0.1.3.2)
      ohm (>= 0.1.5)
    oj (3.14.3)
    omniauth (1.9.2)
      hashie (>= 3.4.6)
      rack (>= 1.6.2, < 3)
    omniauth-jira (0.2.0)
      multi_json (~> 1.3)
      oauth
      omniauth (~> 1.0)
      omniauth-oauth (~> 1.0)
    omniauth-oauth (1.2.0)
      oauth
      omniauth (>= 1.0, < 3)
    omniauth-oauth2 (1.7.3)
      oauth2 (>= 1.4, < 3)
      omniauth (>= 1.9, < 3)
    omniauth-yahoojp (0.2.1)
      httpauth
      omniauth (>= 1.0)
      omniauth-oauth2 (>= 1.1)
    onkcop (1.0.0.0)
      rubocop (>= 0.80.0)
      rubocop-rspec (>= 1.34.0)
    onlyoffice_file_helper (0.3.0)
      onlyoffice_logger_helper (~> 1)
      rubyzip (>= 1, < 3)
    onlyoffice_logger_helper (1.3.0)
    onlyoffice_s3_wrapper (1.0.0)
      aws-sdk-s3 (~> 1)
      onlyoffice_file_helper (< 2)
    onlyoffice_webdriver_wrapper (1.17.0)
      headless (~> 2)
      onlyoffice_file_helper (< 2)
      onlyoffice_logger_helper (~> 1)
      onlyoffice_s3_wrapper (>= 0.5.0, < 2)
      page-object (~> 2)
      selenium-webdriver (~> 4)
      watir (~> 7)
    open-uri (0.1.0)
    open4 (1.3.4)
    open5 (0.2)
      open4
    ops_manager_ui_drivers (2.42.0)
      activesupport
      capybara
      capybara-webkit
      cf-uaa-lib
      faraday
      selenium-webdriver
    orderly (0.1.1)
      capybara (>= 1.1)
      rspec (>= 2.14)
    org-ruby (0.9.12)
      rubypants (~> 0.2)
    orm_adapter (0.5.0)
    os (1.1.4)
    ostruct (0.5.5)
    ougai (2.0.0)
      oj (~> 3.10)
    ox (2.14.16)
    page-object (2.3.1)
      page_navigation (>= 0.10)
      watir (>= 6.10.3)
    page_navigation (0.10)
      data_magic (>= 0.22)
    paper_trail (12.3.0)
      activerecord (>= 5.2)
      request_store (~> 1.1)
    paperclip (3.5.4)
      activemodel (>= 3.0.0)
      activesupport (>= 3.0.0)
      cocaine (~> 0.5.3)
      mime-types
    paperclip-compression (0.2.3)
      paperclip (~> 3.3)
    parallel (1.23.0)
    parser (3.2.2.1)
      ast (~> 2.4.1)
    partialruby (0.3.0)
      ruby2ruby (~> 2)
      ruby_parser (~> 3)
    pastel (0.8.0)
      tty-color (~> 0.5)
    perftools.rb (2.0.5)
    pg (0.21.0)
    pgreset (0.3)
    phcdevworks_active_menus (3.0.1)
      phcthemes_admin_panel_pack (~> 5.1)
      phcthemes_web_theme_pack (~> 5.0)
      rails (~> 7.0)
    phcdevworks_core (4.0.2)
      phcthemes_admin_panel_pack (~> 5.1)
      phcthemes_web_theme_pack (~> 5.0)
      rails (~> 7.0)
    phcdevworks_notifications (3.1.1)
      phcthemes_admin_panel_pack (~> 5.1)
      phcthemes_web_theme_pack (~> 5.0)
      rails (~> 7.0)
    phcdevworks_titleseo (4.0.1)
      phcthemes_admin_panel_pack (~> 5.1)
      phcthemes_web_theme_pack (~> 5.0)
      rails (~> 7.0)
    phcscriptcdnpro (79.0.3)
      aws-sdk-s3 (~> 1.114)
      friendly_id (~> 5.4)
      google-cloud-storage (~> 1.37)
      jbuilder (~> 2.11)
      mail_form (~> 1.9)
      mini_magick (~> 4.11)
      paper_trail (~> 12.3)
      phcdevworks_active_menus (~> 3.0)
      phcdevworks_core (~> 4.0)
      phcdevworks_notifications (~> 3.1)
      phcdevworks_titleseo (~> 4.0)
      phcthemes_admin_panel_pack (~> 5.1)
      phcthemes_web_theme_pack (~> 5.0)
      rails (~> 7.0)
      wicked (~> 1.4)
    phcthemes_admin_panel_pack (5.1.6)
      gravtastic (~> 3.2)
      inline_svg (~> 1.8)
      rails (~> 7.0)
      sassc-rails (~> 2.1)
    phcthemes_web_theme_pack (5.0.13)
      bootstrap (~> 5.2)
      gravtastic (~> 3.2)
      inline_svg (~> 1.8)
      rails (~> 7.0)
      sassc-rails (~> 2.1)
    picky (4.31.3)
      activesupport
      multi_json (~> 1.3)
      rack_fast_escape (~> 2009.0)
    picky-client (4.31.3)
      activesupport
      yajl-ruby (~> 1.2)
    picky-generators (4.31.3)
      picky (~> 4.31.3)
      picky-client (~> 4.31.3)
    picky-statistics (1.2.2)
    plek (5.0.0)
    popper_js (2.11.7)
    postgres (0.8.1)
      pg (~> 0)
    premailer (1.21.0)
      addressable
      css_parser (>= 1.12.0)
      htmlentities (>= 4.0.0)
    production_open_struct (1.0.0)
    progressbar (1.13.0)
    propshaft (0.7.0)
      actionpack (>= 7.0.0)
      activesupport (>= 7.0.0)
      rack
      railties (>= 7.0.0)
    protobuf (3.10.7)
      activesupport (>= 3.2)
      middleware
      thor
      thread_safe
    protocol (2.0.0)
      ruby_parser (~> 3.0)
    pry (0.14.2)
      coderay (~> 1.1)
      method_source (~> 1.0)
    psych (5.1.0)
      stringio
    public_suffix (5.0.1)
    puma (6.2.2)
      nio4r (~> 2.0)
    puppet_forge (4.1.0)
      faraday (~> 2.0)
      faraday-follow_redirects (~> 0.3.0)
      minitar
      semantic_puppet (~> 1.0)
    qr-to-otp (0.1.0)
      base32 (~> 0.3.2)
      qrio (~> 0.0.1)
      rake (~> 12.3.1)
    qrio (0.0.1)
      chunky_png
    quarantine (2.2.2)
      rspec (~> 3.0)
      rspec-retry (~> 0.6)
      sorbet-runtime (= 0.5.6338)
    que (2.2.1)
    que-scheduler (4.4.0)
      activesupport (>= 5.0)
      fugit (~> 1.1, >= 1.1.8)
      hashie (>= 3, < 6)
      que (>= 0.14, < 3.0.0)
    quiet_logger (1.0.0)
    r10k (1.1.4)
      colored (>= 1.2)
      cri (~> 2.4.0)
      json_pure
      log4r (>= 1.1.10)
      systemu (~> 2.5.2)
    r18n-core (5.0.1)
    ra10ke (1.2.0)
      git
      puppet_forge
      r10k
      rake
      semverse (>= 2.0)
      solve
      table_print (~> 1.5.6)
    raabro (1.4.0)
    racc (1.6.2)
    rack (2.2.7)
    rack-protection (3.0.6)
      rack
    rack-test (2.1.0)
      rack (>= 1.3)
    rack_fast_escape (2009.06.24)
      url_escape
    rails (7.0.5)
      actioncable (= 7.0.5)
      actionmailbox (= 7.0.5)
      actionmailer (= 7.0.5)
      actionpack (= 7.0.5)
      actiontext (= 7.0.5)
      actionview (= 7.0.5)
      activejob (= 7.0.5)
      activemodel (= 7.0.5)
      activerecord (= 7.0.5)
      activestorage (= 7.0.5)
      activesupport (= 7.0.5)
      bundler (>= 1.15.0)
      railties (= 7.0.5)
    rails-dom-testing (2.0.3)
      activesupport (>= 4.2.0)
      nokogiri (>= 1.6)
    rails-html-sanitizer (1.5.0)
      loofah (~> 2.19, >= 2.19.1)
    rails_apps_pages (0.6.7)
    rails_or (1.1.9)
      activerecord (>= 3)
    railties (7.0.5)
      actionpack (= 7.0.5)
      activesupport (= 7.0.5)
      method_source
      rake (>= 12.2)
      thor (~> 1.0)
      zeitwerk (~> 2.5)
    rainbow (3.1.1)
    rake (12.3.3)
    rake-hooks (1.2.3)
      rake
    rake_commit (1.4.0)
      rake (>= 12.3.3, < 13)
      word_wrap (~> 1.0)
    rake_docker (0.1.0)
    ransack (3.2.1)
      activerecord (>= 6.1.5)
      activesupport (>= 6.1.5)
      i18n
    ratom-nokogiri (0.10.11)
      nokogiri (>= 1.5.6, < 2.0)
    rautomation (1.1.0)
      ffi (~> 1.15.0)
    rb-fsevent (0.11.2)
    rb-inotify (0.10.1)
      ffi (~> 1.0)
    rb-readline (0.5.5)
    rbbt-rest (1.9.0)
      compass
      haml
      json
      modular-scale
      sassc
      sinatra
      sinatra-authorization
      sinatra-contrib
      sinatra-cross_origin
    rbvmomi (1.13.0)
      builder (~> 3.0)
      json (>= 1.8)
      nokogiri (~> 1.5)
      trollop (~> 2.1)
    rchardet (1.8.0)
    rdf (3.2.10)
      link_header (~> 0.0, >= 0.0.8)
    rdf-aggregate-repo (3.2.1)
      rdf (~> 3.2)
    rdf-hamster-repo (3.2.1)
      hamster (~> 3.0)
      rdf (~> 3.2, >= 3.2.1)
    rdf-isomorphic (3.2.1)
      rdf (~> 3.2)
    rdf-json (3.2.0)
      rdf (~> 3.2)
    rdf-ldp (0.1.0)
      deprecation
      rdf
    rdf-microdata (3.2.1)
      htmlentities (~> 4.3)
      nokogiri (~> 1.13)
      rdf (~> 3.2)
      rdf-rdfa (~> 3.2)
      rdf-xsd (~> 3.2)
    rdf-n3 (3.2.1)
      ebnf (~> 2.2)
      rdf (~> 3.2)
      sparql (~> 3.2)
      sxp (~> 1.2)
    rdf-normalize (0.5.1)
      rdf (~> 3.2)
    rdf-ordered-repo (3.2.1)
      rdf (~> 3.2, >= 3.2.1)
    rdf-rdfa (3.2.2)
      haml (>= 5.2, < 7)
      htmlentities (~> 4.3)
      rdf (~> 3.2)
      rdf-aggregate-repo (~> 3.2)
      rdf-vocab (~> 3.2)
      rdf-xsd (~> 3.2)
    rdf-rdfxml (3.2.0)
      htmlentities (~> 4.3)
      rdf (~> 3.2)
      rdf-rdfa (~> 3.2)
      rdf-xsd (~> 3.2)
    rdf-reasoner (0.8.0)
      rdf (~> 3.2)
      rdf-xsd (~> 3.2)
    rdf-tabular (3.2.1)
      addressable (~> 2.8)
      bcp47 (~> 0.3, >= 0.3.3)
      json-ld (~> 3.2)
      rdf (~> 3.2, >= 3.2.7)
      rdf-vocab (~> 3.2)
      rdf-xsd (~> 3.2)
    rdf-trig (3.2.0)
      ebnf (~> 2.2)
      rdf (~> 3.2)
      rdf-turtle (~> 3.2)
    rdf-trix (3.2.0)
      rdf (~> 3.2)
      rdf-xsd (~> 3.2)
    rdf-turtle (3.2.1)
      ebnf (~> 2.3)
      rdf (~> 3.2)
    rdf-vocab (3.2.6)
      rdf (~> 3.2, >= 3.2.4)
    rdf-xsd (3.2.1)
      rdf (~> 3.2)
      rexml (~> 3.2)
    recursive-open-struct (1.1.3)
    redic (1.5.3)
      hiredis
    redis (5.0.6)
      redis-client (>= 0.9.0)
    redis-client (0.14.1)
      connection_pool
    redis-namespace (1.10.0)
      redis (>= 4)
    redis-sentinel (1.5.0)
      redis
    regexp_parser (2.8.0)
    representable (3.2.0)
      declarative (< 0.1.0)
      trailblazer-option (>= 0.1.1, < 0.2.0)
      uber (< 0.2.0)
    request_store (1.5.1)
      rack (>= 1.4)
    require_all (3.0.0)
    responders (3.1.0)
      actionpack (>= 5.2)
      railties (>= 5.2)
    resque (2.5.0)
      mono_logger (~> 1.0)
      multi_json (~> 1.0)
      redis-namespace (~> 1.6)
      sinatra (>= 0.9.2)
    resque-job-stats (0.5.0)
      resque (>= 1.17, < 3)
    resque_unit (0.4.8)
      json (>= 1.4.6)
    rest-client (2.0.2)
      http-cookie (>= 1.0.2, < 2.0)
      mime-types (>= 1.16, < 4.0)
      netrc (~> 0.8)
    rest-client-components (1.5.0)
      rack (>= 1.0.1)
      rest-client (>= 1.6.0)
    restpack_serializer (0.6.14)
      activerecord (>= 4.0.3, < 7.1)
      activesupport (>= 4.0.3, < 7.1)
      kaminari (>= 0.17.0, < 2.0)
    retriable (3.1.2)
    rex (2.0.13)
      filesize (~> 0)
      jsobfu (~> 0)
      json (~> 2)
      metasm (~> 1)
      nokogiri (~> 1)
      rb-readline (~> 0)
    rexical (1.0.7)
    rexml (3.2.5)
    right_support (2.13.3)
    rkelly-remix (0.0.7)
    rmagick (1.15.12)
    robots (0.10.1)
    rom-changeset (5.3.0)
      dry-core (~> 1.0)
      rom-core (~> 5.3)
      transproc (~> 1.0, >= 1.1.0)
    rom-core (5.3.0)
      concurrent-ruby (~> 1.1)
      dry-configurable (~> 1.0)
      dry-core (~> 1.0)
      dry-inflector (~> 1.0)
      dry-initializer (~> 3.0, >= 3.0.1)
      dry-struct (~> 1.0)
      dry-types (~> 1.6)
      transproc (~> 1.0, >= 1.1.0)
    rsolr (2.5.0)
      builder (>= 2.1.2)
      faraday (>= 0.9, < 3, != 2.0.0)
    rspec (3.12.0)
      rspec-core (~> 3.12.0)
      rspec-expectations (~> 3.12.0)
      rspec-mocks (~> 3.12.0)
    rspec-console (0.6.1)
      bond
    rspec-core (3.12.2)
      rspec-support (~> 3.12.0)
    rspec-expectations (3.12.3)
      diff-lcs (>= 1.2.0, < 2.0)
      rspec-support (~> 3.12.0)
    rspec-mocks (3.12.5)
      diff-lcs (>= 1.2.0, < 2.0)
      rspec-support (~> 3.12.0)
    rspec-retry (0.6.2)
      rspec-core (> 3.3)
    rspec-support (3.12.0)
    rspec_tap (0.2.0)
    rsync (1.0.9)
    rubocop (1.51.0)
      json (~> 2.3)
      parallel (~> 1.10)
      parser (>= 3.2.0.0)
      rainbow (>= 2.2.2, < 4.0)
      regexp_parser (>= 1.8, < 3.0)
      rexml (>= 3.2.5, < 4.0)
      rubocop-ast (>= 1.28.0, < 2.0)
      ruby-progressbar (~> 1.7)
      unicode-display_width (>= 2.4.0, < 3.0)
    rubocop-ast (1.28.1)
      parser (>= 3.2.1.0)
    rubocop-capybara (2.18.0)
      rubocop (~> 1.41)
    rubocop-factory_bot (2.23.1)
      rubocop (~> 1.33)
    rubocop-rspec (2.22.0)
      rubocop (~> 1.33)
      rubocop-capybara (~> 2.17)
      rubocop-factory_bot (~> 2.22)
    ruby-elf (1.0.8)
    ruby-hmac (0.4.0)
    ruby-ll (2.1.2)
      ansi
      ast
    ruby-mass (0.1.3)
    ruby-nmap (1.0.1)
      command_mapper (~> 0.3)
      nokogiri (~> 1.3)
    ruby-progressbar (1.13.0)
    ruby-saml-mod (0.3.1)
      ffi
      nokogiri (~> 1.6)
    ruby2_keywords (0.0.5)
    ruby2ruby (2.5.0)
      ruby_parser (~> 3.1)
      sexp_processor (~> 4.6)
    ruby_fly (0.39.0)
      lino (~> 3.0)
    ruby_parser (3.20.1)
      sexp_processor (~> 4.16)
    rubyntlm (0.6.3)
    rubypants (0.7.1)
    rubyzip (1.3.0)
    rvm (1.11.3.9)
    safe-pg-migrations (2.0.0)
      activerecord (>= 6.0)
      activesupport (>= 6.0)
    safe_object_as_json (1.0.0)
      activesupport
    safe_yaml (1.0.5)
    sass (3.7.4)
      sass-listen (~> 4.0.0)
    sass-listen (4.0.0)
      rb-fsevent (~> 0.9, >= 0.9.4)
      rb-inotify (~> 0.9, >= 0.9.7)
    sass-rails (6.0.0)
      sassc-rails (~> 2.1, >= 2.1.1)
    sassc (2.4.0)
      ffi (~> 1.9)
    sassc-rails (2.1.2)
      railties (>= 4.0.0)
      sassc (>= 2.0)
      sprockets (> 3.0)
      sprockets-rails
      tilt
    scanf (1.0.0)
    schema_auto_foreign_keys (1.1.0)
      activerecord (>= 5.2, < 7.1)
      schema_plus_foreign_keys (~> 1.1.0)
      schema_plus_indexes (~> 1.0.1)
    schema_monkey (3.0.2)
      activerecord (>= 5.2)
      modware (~> 1.0.2)
    schema_plus_core (3.1.0)
      activerecord (>= 5.2, < 7.1)
      schema_monkey (~> 3.0.2)
    schema_plus_foreign_keys (1.1.0)
      activerecord (>= 5.2, < 7.1)
      schema_plus_core (~> 3.1.0)
      valuable
    schema_plus_indexes (1.0.1)
      activerecord (>= 5.2, < 7.1)
      schema_plus_core (~> 3.1.0)
    scout_statsd_rack (0.1.7)
      statsd-ruby (~> 1.2)
    screen-recorder (1.6.0)
      childprocess (>= 1.0, < 5.0)
      os (~> 1.0)
      streamio-ffmpeg (~> 3.0)
    scrypt (3.0.7)
      ffi-compiler (>= 1.0, < 2.0)
    secondbase (2.2.0)
      rails (>= 4.0)
    secret_keys (1.0.2)
    selenium-webdriver (4.9.1)
      rexml (~> 3.2, >= 3.2.5)
      rubyzip (>= 1.2.2, < 3.0)
      websocket (~> 1.0)
    semantic_puppet (1.1.0)
    semverse (3.0.2)
    sendgrid_toolkit (1.4.0)
      httparty (>= 0.7.6)
    sensu-logger (1.1.0)
      eventmachine
      multi_json
    sensu-plugin (1.3.0)
      json
      mixlib-cli (>= 1.5.0)
    sensu-plugins-dns (2.1.0)
      dnsruby (~> 1.59, >= 1.59.2)
      sensu-plugin (~> 1.2)
      whois (~> 4.0)
      whois-parser (~> 1.0)
    sensu-redis (2.4.0)
      eventmachine
    sensu-transport (8.3.0)
      amq-protocol (= 2.0.1)
      amqp (= 1.6.0)
      eventmachine
      sensu-redis (>= 1.0.0)
    sequel (5.68.0)
    sequel-paranoid (0.7.0)
      sequel
    serverengine (2.3.2)
      sigdump (~> 0.2.2)
    sexp_processor (4.17.0)
    shacl (0.3.0)
      json-ld (~> 3.2)
      rdf (~> 3.2, >= 3.2.8)
      sparql (~> 3.2, >= 3.2.4)
      sxp (~> 1.2)
    shellany (0.0.1)
    shelly (0.4.9)
      json
      launchy
      netrc
      progressbar
      rest-client
      wijet-thor (~> 0.14.10)
    shex (0.7.1)
      ebnf (~> 2.2)
      htmlentities (~> 4.3)
      json-ld (~> 3.2)
      json-ld-preloaded (~> 3.2)
      rdf (~> 3.2)
      rdf-xsd (~> 3.2)
      sparql (~> 3.2)
      sxp (~> 1.2)
    shikashi (0.6.0)
      evalhook (>= 0.6.0)
      getsource (>= 0.1.0)
    sidekiq (7.1.1)
      concurrent-ruby (< 2)
      connection_pool (>= 2.3.0)
      rack (>= 2.2.4)
      redis-client (>= 0.14.0)
    sidekiq-deferred_jobs (1.0.0)
      sidekiq (>= 5.0)
    sidekiq-encrypted_args (1.1.1)
      secret_keys
      sidekiq (>= 4.0)
    sigdump (0.2.4)
    signalfx (3.2.0)
      activesupport (>= 3.2)
      faye-websocket (>= 0.10.7, < 0.12.0)
      protobuf (>= 3.5.1)
      rest-client (~> 2.0)
    signet (0.17.0)
      addressable (~> 2.8)
      faraday (>= 0.17.5, < 3.a)
      jwt (>= 1.5, < 3.0)
      multi_json (~> 1.10)
    simple_thread_pool (1.0.0)
    simple_throttle (1.0.7)
      redis
    simplecov (0.22.0)
      docile (~> 1.1)
      simplecov-html (~> 0.11)
      simplecov_json_formatter (~> 0.1)
    simplecov-bamboo (0.1.0)
      nokogiri
      simplecov
      simplecov-html
    simplecov-html (0.12.3)
    simplecov_json_formatter (0.1.4)
    simpleidn (0.2.1)
      unf (~> 0.1.4)
    sinatra (3.0.6)
      mustermann (~> 3.0)
      rack (~> 2.2, >= 2.2.4)
      rack-protection (= 3.0.6)
      tilt (~> 2.0)
    sinatra-authorization (1.0.0)
      sinatra (>= 0.9.1.1)
    sinatra-contrib (3.0.6)
      multi_json
      mustermann (~> 3.0)
      rack-protection (= 3.0.6)
      sinatra (= 3.0.6)
      tilt (~> 2.0)
    sinatra-cross_origin (0.4.0)
    site_prism (4.0.2)
      addressable (~> 2.8)
      capybara (~> 3.27)
      site_prism-all_there (~> 2.0)
    site_prism-all_there (2.0)
    site_prism-table (0.2.0)
      nokogiri
      site_prism
    six-rsync (0.8.0)
      log4r (>= 1.1.2)
    six-updater (0.22.5)
      log4r (>= 1.1.2)
      six-rsync (>= 0.7.0)
    slave (1.3.2)
    slimmer (18.1.0)
      json
      nokogiri (~> 1.7)
      null_logger
      plek (>= 1.1.0)
      rack
      rest-client
    slop (4.10.1)
    snaky_hash (2.0.1)
      hashie
      version_gem (~> 1.1, >= 1.1.1)
    snowplow_ruby_duid (1.1.0)
    solve (4.0.4)
      molinillo (~> 0.6)
      semverse (>= 1.1, < 4.0)
    sorbet-runtime (0.5.6338)
    sorbet-runtime-stub (0.2.0)
    sparql (3.2.5)
      builder (~> 3.2)
      ebnf (~> 2.2, >= 2.3.1)
      logger (~> 1.5)
      rdf (~> 3.2, >= 3.2.8)
      rdf-aggregate-repo (~> 3.2)
      rdf-xsd (~> 3.2)
      sparql-client (~> 3.2, >= 3.2.1)
      sxp (~> 1.2, >= 1.2.2)
    sparql-client (3.2.1)
      net-http-persistent (~> 4.0, >= 4.0.1)
      rdf (~> 3.2, >= 3.2.6)
    spring (4.1.1)
    spring-commands-m (1.0.1)
      spring (>= 0.91)
    spring-commands-parallel-tests (1.0.1)
      spring (>= 0.9.1)
    sprockets (4.2.0)
      concurrent-ruby (~> 1.0)
      rack (>= 2.2.4, < 4)
    sprockets-rails (3.4.2)
      actionpack (>= 5.2)
      activesupport (>= 5.2)
      sprockets (>= 3.0.0)
    sshkit (1.21.4)
      net-scp (>= 1.1.2)
      net-ssh (>= 2.8.0)
    stackdriver (0.21.1)
      google-cloud-error_reporting (~> 0.41)
      google-cloud-logging (~> 2.1)
      google-cloud-trace (~> 0.40)
    stackdriver-core (1.5.0)
      google-cloud-core (~> 1.2)
    stal (0.3.0)
      redic (~> 1.5)
    standard (0.0.36.1)
      rubocop (> 0.63)
    standardrb (1.0.1)
      standard
    statsd-ruby (1.5.0)
    stopwords-filter (0.7.0)
    streamio-ffmpeg (3.0.2)
      multi_json (~> 1.8)
    stringex (2.8.6)
    stringify-hash (0.0.2)
    stringio (3.0.6)
    strings (0.2.1)
      strings-ansi (~> 0.2)
      unicode-display_width (>= 1.5, < 3.0)
      unicode_utils (~> 1.4)
    strings-ansi (0.2.0)
    strptime (0.2.5)
    swagger-blocks (3.0.0)
    swagger_ui_engine (1.1.2)
      rails (>= 4.2)
      sass-rails
    switchery-rails (0.8.2.0)
      railties (>= 3.2)
    switchman (3.5.2)
      activerecord (>= 6.1.4, < 7.1)
      guardrail (~> 3.0.1)
      parallel (~> 1.22)
      railties (>= 6.1, < 7.1)
    switchman-inst-jobs (4.0.13)
      inst-jobs (>= 2.4.9, < 4.0)
      parallel (>= 1.19)
      railties (>= 6.1, < 7.1)
      switchman (~> 3.1)
    sxp (1.2.4)
      matrix (~> 0.4)
      rdf (~> 3.2)
    sync (0.5.0)
    systemu (2.5.2)
    table_print (1.5.7)
    temple (0.10.1)
    term-ansicolor (1.7.1)
      tins (~> 1.0)
    test-kitchen (3.5.0)
      bcrypt_pbkdf (~> 1.0)
      chef-utils (>= 16.4.35)
      ed25519 (~> 1.2)
      license-acceptance (>= 1.0.11, < 3.0)
      mixlib-install (~> 3.6)
      mixlib-shellout (>= 1.2, < 4.0)
      net-scp (>= 1.1, < 5.0)
      net-ssh (>= 2.9, < 8.0)
      net-ssh-gateway (>= 1.2, < 3.0)
      thor (>= 0.19, < 2.0)
      winrm (~> 2.0)
      winrm-elevated (~> 1.0)
      winrm-fs (~> 1.1)
    testingbot (0.2.3)
      json
      rest-client (~> 2.0)
    text-table (1.2.4)
    thor (1.2.2)
    thread_safe (0.3.6)
    tilt (2.1.0)
    timber (3.0.1)
      msgpack (~> 1.0)
    timeout (0.3.2)
    tins (1.32.1)
      sync
    tlsmail (0.0.1)
    tolk (5.0.0)
      rails (>= 6.0)
      safe_yaml (>= 0.8.6)
      sprockets-rails (~> 3.4)
    tomlrb (2.0.3)
    toys (0.14.5)
      toys-core (= 0.14.5)
    toys-core (0.14.5)
    trackler (2.2.1.180)
      org-ruby (~> 0.9.0)
      rubyzip (~> 1.1)
    trailblazer-option (0.1.2)
    transproc (1.1.1)
    trinidad (1.4.6)
      jruby-rack (~> 1.1.13)
      trinidad_jars (>= 1.3.0, < 1.5.0)
    trinidad_jars (1.4.2)
    trollop (2.9.10)
    tty-box (0.7.0)
      pastel (~> 0.8)
      strings (~> 0.2.0)
      tty-cursor (~> 0.7)
    tty-color (0.6.0)
    tty-cursor (0.7.1)
    tty-prompt (0.23.1)
      pastel (~> 0.8)
      tty-reader (~> 0.8)
    tty-reader (0.9.0)
      tty-cursor (~> 0.7)
      tty-screen (~> 0.8)
      wisper (~> 2.0)
    tty-screen (0.8.1)
    turbograft (0.4.8)
      coffee-rails
    turbolinks (5.2.1)
      turbolinks-source (~> 5.2)
    turbolinks-source (5.2.0)
    twiglet (3.8.0)
      json-schema
    typhoeus (1.4.0)
      ethon (>= 0.9.0)
    tzinfo (2.0.6)
      concurrent-ruby (~> 1.0)
    tzinfo-data (1.2023.3)
      tzinfo (>= 1.0.0)
    uber (0.1.0)
    unf (0.1.4)
      unf_ext
    unf_ext (0.0.8.2)
    unicode-display_width (2.4.2)
    unicode-types (1.8.0)
    unicode_utils (1.4.0)
    unindent (1.0)
    url_escape (2009.06.24)
    url_mount (0.2.1)
      rack
    us_geo (2.0.2)
      activerecord (>= 5.2)
    user_agent_parser (2.15.0)
    uuidtools (2.2.0)
    valuable (0.9.14)
    vault (0.17.0)
      aws-sigv4
    vedeu (0.4.35)
    version_gem (1.1.2)
    view_component (2.82.0)
      activesupport (>= 5.2.0, < 8.0)
      concurrent-ruby (~> 1.0)
      method_source (~> 1.0)
    wait (0.5.3)
    warden (1.2.9)
      rack (>= 2.0.9)
    warden-hmac-authentication (0.6.4)
      rack
      warden
    watir (7.2.2)
      regexp_parser (>= 1.2, < 3)
      selenium-webdriver (~> 4.2)
    watir-dom-wait (0.4.0)
      watir (>= 7.0)
    webrick (1.8.1)
    websocket (1.2.9)
    websocket-driver (0.7.5)
      websocket-extensions (>= 0.1.0)
    websocket-extensions (0.1.5)
    whois (4.1.0)
    whois-parser (1.2.0)
      activesupport (>= 4)
      whois (>= 4.0.7)
    wicked (1.4.0)
      railties (>= 3.0.7)
    wijet-thor (0.14.10)
    win32-open3-19 (0.0.2)
    win32console (1.3.2)
    winrm (2.3.6)
      builder (>= 2.1.2)
      erubi (~> 1.8)
      gssapi (~> 1.2)
      gyoku (~> 1.0)
      httpclient (~> 2.2, >= 2.2.0.2)
      logging (>= 1.6.1, < 3.0)
      nori (~> 2.0)
      rubyntlm (~> 0.6.0, >= 0.6.3)
    winrm-elevated (1.2.3)
      erubi (~> 1.8)
      winrm (~> 2.0)
      winrm-fs (~> 1.0)
    winrm-fs (1.3.3)
      erubi (~> 1.8)
      logging (>= 1.6.1, < 3.0)
      rubyzip (~> 1.1)
      winrm (~> 2.0)
    wisper (2.0.1)
    wisper-activejob (1.0.0)
      activejob (>= 4.0.0)
      wisper
    wolverine (0.3.5)
      redis (>= 3.0.0)
    word_wrap (1.0.0)
    xorcist (1.1.3)
    xpath (3.2.0)
      nokogiri (~> 1.8)
    xvfb (1.0.4)
    yajl-ruby (1.4.3)
    yaml-ld (0.0.2)
      json-ld (~> 3.2, >= 3.2.3)
      psych (>= 3.3)
      rdf (~> 3.2, >= 3.2.9)
      rdf-xsd (~> 3.2)
    yml_reader (0.7)
    zeitwerk (2.6.8)
    zuora_api (1.11.4)
      httparty
      nokogiri
      ougai
      railties (>= 4.1.0)
      rubyzip

PLATFORMS
  arm64-darwin-22

DEPENDENCIES
  pkg31!

BUNDLED WITH
   2.4.13
