PATH
  remote: .
  specs:
    pkg42 (0.0.1)
      360_services
      BlueCloth
      Saikuro
      abiquo-etk
      abstract_notifier
      active_admin_scoped_collection_actions
      active_paypal_adaptive_payment
      activejob-cancel
      activerecord-immutable
      activerecord-postgres-array
      activerecord-shard_for
      acts_as_textcaptcha
      adops_report_scrapper
      analyst
      annoy
      athena_health
      aws-xray
      azure-loganalytics-datacollector-api
      barber-emblem
      bel_parser
      belzebuth
      bigcommerce
      bookends
      bootstrap-popover-rails
      bootstrap-sass-extras
      breakout_parser
      brief
      cache_method
      camaleon_cms
      capistrano-bundle_rsync
      capistrano-linked-files
      capistrano-systemd-multiservice
      capistrano-unicorn-nginx
      card
      carrierwave-postgresql
      carrierwave-serializable
      case_transform2
      chutney
      clever-ruby
      cocoapods-rome
      color-tools
      command_lion
      compass-aurora
      country_state_select
      creditcard
      custom_fields
      dag
      danger-prose
      danger-the_coding_love
      danger-welcome_message
      dango
      dbd-pg
      diff_matcher
      dns-zone
      do_oracle
      dor-services-client
      dpl-lambda
      dry-validation-matchers
      ebayr
      ec2launcher
      elastic-beanstalk
      elastic_record
      ember-es6_template
      embulk-output-salesforce
      encrypto_signo
      enju_event
      es-reindex
      eventq_rabbitmq
      extended_email_reply_parser
      ey_api_hmac
      fake_dynamo
      faraday_middleware-circuit_breaker
      fastlane-plugin-git_tags
      finishing_moves
      firebase_dynamic_link
      firewatir
      fluent-plugin-auto-typecast-filter
      fluent-plugin-azure-loganalytics
      fluent-plugin-copy_ex
      fog-vcloud-director
      freeswitcher
      garner
      gems-status
      gemwarrior
      gengo
      globalphone
      golf
      google-apis-fcm_v1
      google-cloud-language-v1
      google-cloud-language-v1beta2
      google-maps
      google_hash
      googleajax
      gov_uk_date_fields
      govuk_admin_template
      grape-attack
      grape-raketasks
      graphql-active_record
      graphql_devise
      gratan
      groonga-query-log
      guard-annotate
      guard-rubycritic
      hakiri
      harness
      iif-parser
      image_optim_rails
      iron_worker
      isoics
      its
      jdoc
      jquery-countdown-rails
      jquery_menu_aim-rails
      jrmonitor
      jsonapi_compliable
      kiba-common
      kickstart_rails
      kmeans-clusterer
      knife-cookbook-doc
      learn-co
      less-rails-semantic_ui
      libxml4r
      lisbn
      lmdb
      log-me
      logging-journald
      magic_stylez
      mailcatcher-api
      malloc_trim
      marathon-api
      markdown
      material_design_lite-sass
      medea
      mem
      merb
      minitest-sprint
      mock_search
      monadic
      mongoid-paranoia
      mongoid_includes
      multipart
      mumuki-laboratory
      myreplicator
      net-dns2
      nps_sdk
      omise
      omniauth-odnoklassniki
      omniauth-xero-oauth2
      oni
      opener-core
      openpgp
      opsmgr
      optout
      pack_stats
      pdfcrowd
      prettyprint
      procodile
      protocol-websocket
      protor
      pry-state
      puppet-lint-param-types
      puppet-lint-world_writable_files-check
      puppetserver-ca
      rack-link_headers
      rack-offline
      radius
      rails-autoscale-core
      rails-autoscale-web
      rails_admin_rollincode
      rails_stats
      random_token
      rc-rest
      readapt
      reality-naming
      redis-stat
      relaton-ogc
      reqres_rspec
      riiif
      robottelo_reporter
      rotoscope
      routes_lazy_routes
      rspectacular
      rturk
      rubocop-inflector
      ruby-magic-static
      ruby_info
      rutie
      saml-kit
      scaleapi-ruby
      scribe
      sensu-plugins-systemd
      sentimental
      serfx
      sidekiq_status
      simpacker
      simple_sitemap
      simple_states
      sinatra_auth_github
      spectator-validates_email
      spin
      spree_auth
      spree_zone_pricing
      squash_ruby
      symbiont-ruby
      talentbox-delayed_job_sequel
      tel_formatter
      terraspace-bundler
      text-format
      tickethub
      tiller
      tomparse
      trailblazer-test
      turbo_tests
      two_captcha
      unicode-types
      upmark
      utilrb
      vagrant-lxc
      viki-api
      virtualbox
      win32-certstore
      wkhtmltopdf-binary-edge-alpine
      wxruby
      xclarity_client
      xmpp4r_facebook
      yaml2json
      yard-tomdoc
      yt-support
      zendesk_remote_auth
      zero-rails_openapi
      zpng

GEM
  remote: https://rubygems.org/
  specs:
    360_services (1.1.3)
    BlueCloth (1.0.1)
    CFPropertyList (2.3.6)
    ParseTree (3.0.8)
      RubyInline (>= 3.7.0)
      sexp_processor (>= 3.0.0)
    RubyInline (3.13.0)
      ZenTest (~> 4.3)
    Saikuro (1.1.0)
    ZenTest (4.12.1)
    abiquo-etk (0.6.4)
      iniparse (>= 1.1.4)
      mixlib-cli (>= 1.2)
      nokogiri (>= 1.3)
      rpm-utils (>= 0.1)
      term-ansicolor (>= 1.0)
    abstract_notifier (0.3.2)
    actioncable (5.1.7)
      actionpack (= 5.1.7)
      nio4r (~> 2.0)
      websocket-driver (~> 0.6.1)
    actionmailer (5.1.7)
      actionpack (= 5.1.7)
      actionview (= 5.1.7)
      activejob (= 5.1.7)
      mail (~> 2.5, >= 2.5.4)
      rails-dom-testing (~> 2.0)
    actionpack (5.1.7)
      actionview (= 5.1.7)
      activesupport (= 5.1.7)
      rack (~> 2.0)
      rack-test (>= 0.6.3)
      rails-dom-testing (~> 2.0)
      rails-html-sanitizer (~> 1.0, >= 1.0.2)
    actionview (5.1.7)
      activesupport (= 5.1.7)
      builder (~> 3.1)
      erubi (~> 1.4)
      rails-dom-testing (~> 2.0)
      rails-html-sanitizer (~> 1.0, >= 1.0.3)
    active_admin_scoped_collection_actions (0.4.1)
      activeadmin (>= 1.1, < 3.a)
    active_paypal_adaptive_payment (0.3.16)
      activemerchant (>= 1.5.1)
      hashie (>= 1.2.0)
      mocha (>= 0.10.0)
      money (>= 3.6.0)
      multi_json (>= 1.0.0)
    activeadmin (1.4.3)
      arbre (>= 1.1.1)
      coffee-rails
      formtastic (~> 3.1)
      formtastic_i18n
      inherited_resources (>= 1.9.0)
      jquery-rails (>= 4.2.0)
      kaminari (>= 0.15)
      railties (>= 4.2, < 5.3)
      ransack (>= 1.8.7)
      sass (~> 3.1)
      sprockets (< 4.1)
    activejob (5.1.7)
      activesupport (= 5.1.7)
      globalid (>= 0.3.6)
    activejob-cancel (0.3.2)
      activejob (>= 4.2.0)
      activesupport (>= 4.2.0)
    activemerchant (1.129.0)
      activesupport (>= 4.2)
      builder (>= 2.1.2, < 4.0.0)
      i18n (>= 0.6.9)
      nokogiri (~> 1.4)
      rexml (~> 3.2.5)
    activemodel (5.1.7)
      activesupport (= 5.1.7)
    activemodel-serializers-xml (1.0.2)
      activemodel (> 5.x)
      activesupport (> 5.x)
      builder (~> 3.1)
    activerecord (5.1.7)
      activemodel (= 5.1.7)
      activesupport (= 5.1.7)
      arel (~> 8.0)
    activerecord-immutable (0.0.3)
      activerecord (>= 3.2)
    activerecord-postgres-array (0.0.10)
      activerecord
    activerecord-shard_for (0.7.0)
      activerecord
      activesupport
      expeditor (>= 0.1.0)
    activesupport (5.1.7)
      concurrent-ruby (~> 1.0, >= 1.0.2)
      i18n (>= 0.7, < 2)
      minitest (~> 5.1)
      tzinfo (~> 1.1)
    acts_as_list (1.1.0)
      activerecord (>= 4.2)
    acts_as_textcaptcha (4.6.0)
    addressable (2.8.4)
      public_suffix (>= 2.0.2, < 6.0)
    adops_report_scrapper (0.1.1)
    airbrussh (1.4.1)
      sshkit (>= 1.6.1, != 1.7.0)
    akami (1.3.1)
      gyoku (>= 0.4.0)
      nokogiri
    algoliasearch (1.27.5)
      httpclient (~> 2.8, >= 2.8.3)
      json (>= 1.5.1)
    amatch (0.4.1)
      mize
      tins (~> 1.0)
    amq-protocol (2.3.2)
    analyst (1.2.4)
      haml
      parser
      thor
    annotate (2.6.5)
      activerecord (>= 2.3.0)
      rake (>= 0.8.7)
    annoy (0.5.6)
      highline (>= 1.5.0)
    ansi (1.4.3)
    arbre (1.5.0)
      activesupport (>= 3.0.0, < 7.1)
      ruby2_keywords (>= 0.0.2, < 1.0)
    archive-zip (0.12.0)
      io-like (~> 0.3.0)
    arel (8.0.0)
    arelastic (3.4.1)
    ast (2.4.2)
    athena_health (2.0.4)
      typhoeus (~> 1.4)
      virtus (~> 2.0)
    atomos (0.1.3)
    attr_extras (7.1.0)
    authlogic (2.1.6)
      activesupport
    autoprefixer-rails (9.8.6.5)
      execjs
    awesome_nested_set (3.5.0)
      activerecord (>= 4.0.0, < 7.1)
    awesome_print (1.9.2)
    aws-eventstream (1.2.0)
    aws-sdk (2.11.632)
      aws-sdk-resources (= 2.11.632)
    aws-sdk-core (2.11.632)
      aws-sigv4 (~> 1.0)
      jmespath (~> 1.0)
    aws-sdk-resources (2.11.632)
      aws-sdk-core (= 2.11.632)
    aws-sdk-v1 (1.67.0)
      json (~> 1.4)
      nokogiri (~> 1)
    aws-sigv4 (1.5.2)
      aws-eventstream (~> 1, >= 1.0.2)
    aws-xray (0.39.0)
      rack
    axiom-types (0.1.1)
      descendants_tracker (~> 0.0.4)
      ice_nine (~> 0.11.0)
      thread_safe (~> 0.3, >= 0.3.1)
    azure-loganalytics-datacollector-api (0.5.0)
      rest-client
    babel-source (5.8.35)
    babel-transpiler (0.7.0)
      babel-source (>= 4.0, < 6)
      execjs (~> 2.0)
    backport (1.2.0)
    backports (3.24.1)
    barber (0.12.2)
      ember-source (>= 1.0, < 3.1)
      execjs (>= 1.2, < 3)
    barber-emblem (0.1.2)
      barber (>= 0.4.1)
      emblem-source
    bcrypt (3.1.18)
    bcrypt-ruby (3.1.5)
      bcrypt (>= 3.1.3)
    bel_parser (1.1.6)
      damerau-levenshtein (= 1.2.0)
      sparql-client (~> 2.0.0)
    belzebuth (0.2.3)
      childprocess
    bibtex-ruby (6.0.0)
      latex-decode (~> 0.0)
    bigcommerce (0.10.0)
      activesupport
      json
      rest-client
    bookends (10.2.7)
      autoprefixer-rails (~> 9.0)
      execjs (= 2.7.0)
      fernet (~> 2.2, >= 2.0.0)
      jquery-rails (>= 3.1.0, < 5.0.0)
      rails (>= 3.2.22, < 7.0)
      sass-rails (~> 6.0)
    bootstrap-popover-rails (0.1.0)
    bootstrap-sass (3.4.1)
      autoprefixer-rails (>= 5.2.1)
      sassc (>= 2.0.0)
    bootstrap-sass-extras (0.1.0)
      rails (>= 3.1.0)
    bootstrap5-kaminari-views (0.0.1)
      kaminari (>= 0.13)
      rails (>= 3.1)
    bourbon (7.3.0)
      thor (~> 1.0)
    breadcrumbs_on_rails (4.1.0)
      railties (>= 5.0)
    breakout_parser (0.0.31)
    brief (1.7.0)
      activemodel
      activesupport
      commander
      github-fs
      hashie
      inflecto
      nokogiri
      redcarpet
      virtus (>= 1.0.3)
    bson (4.15.0)
    builder (3.2.4)
    bunny (2.20.3)
      amq-protocol (~> 2.3, >= 2.3.1)
      sorted_set (~> 1, >= 1.0.2)
    cache (0.4.1)
    cache_method (0.2.7)
      cache (>= 0.2.1)
    cama_contact_form (0.0.30)
      rails
      recaptcha (>= 5.0)
    cama_meta_tag (1.7.2)
      rails (>= 4.1.0)
    camaleon_cms (2.4.3.2)
      aws-sdk (~> 2)
      bcrypt
      breadcrumbs_on_rails
      cama_contact_form (~> 0.0.16)
      cama_meta_tag
      cancancan (~> 1.10)
      coffee-rails
      draper (>= 1.3)
      font-awesome-rails
      jquery-rails
      meta-tags (~> 2.0)
      mini_magick
      sass-rails
      tinymce-rails (~> 4.3)
      will_paginate
      will_paginate-bootstrap
    cancan (1.6.10)
    cancancan (1.17.0)
    capistrano (3.16.0)
      airbrussh (>= 1.0.0)
      i18n
      rake (>= 10.0.0)
      sshkit (>= 1.9.0)
    capistrano-bundle_rsync (0.5.2)
      capistrano (>= 3.3.3)
      parallel
    capistrano-linked-files (1.2.0)
      capistrano (~> 3.1)
    capistrano-systemd-multiservice (0.1.0.beta12)
      capistrano (>= 3.7.0, < 3.17.0)
    capistrano-unicorn-nginx (5.2.0)
      capistrano (>= 3.1)
      sshkit (>= 1.2.0)
    capybara (3.39.1)
      addressable
      matrix
      mini_mime (>= 0.1.3)
      nokogiri (~> 1.8)
      rack (>= 1.6.0)
      rack-test (>= 0.6.3)
      regexp_parser (>= 1.5, < 3.0)
      xpath (~> 3.2)
    capybara-webkit (1.15.1)
      capybara (>= 2.3, < 4.0)
      json
    card (0.0.1)
    carrierwave (2.2.3)
      activemodel (>= 5.0.0)
      activesupport (>= 5.0.0)
      addressable (~> 2.6)
      image_processing (~> 1.1)
      marcel (~> 1.0.0)
      mini_mime (>= 0.1.3)
      ssrf_filter (~> 1.0)
    carrierwave-postgresql (0.3.0)
      carrierwave (>= 0.10.0)
    carrierwave-serializable (0.1.0)
      carrierwave
    case_transform2 (1.1.1)
    celluloid (0.16.0)
      timers (~> 4.0.0)
    charlock_holmes (0.7.7)
    charty (0.2.12)
      matplotlib (>= 1.2.0)
      pandas (>= 0.3.5)
      playwright-ruby-client
      red-colors (>= 0.3.0)
      red-datasets (>= 0.1.2)
      red-palette (>= 0.5.0)
    chef (0.8.10)
      bunny (>= 0.6.0)
      erubis
      extlib
      json
      mixlib-authentication (>= 1.1.0)
      mixlib-cli (>= 1.1.0)
      mixlib-config (>= 1.1.0)
      mixlib-log (>= 1.1.0)
      moneta
      ohai (>= 0.5.0)
    chef-config (18.2.7)
      addressable
      chef-utils (= 18.2.7)
      fuzzyurl
      mixlib-config (>= 2.2.12, < 4.0)
      mixlib-shellout (>= 2.0, < 4.0)
      tomlrb (~> 1.2)
    chef-powershell (18.0.2)
      ffi (~> 1.15)
      ffi-yajl (~> 2.4)
    chef-utils (18.2.7)
      concurrent-ruby
    childprocess (4.1.0)
    chunky_png (1.4.0)
    chutney (1.6.3)
      amatch (~> 0.4.0)
      cucumber (~> 3.0)
      engtagger (~> 0.2)
      multi_json (~> 1.0)
      term-ansicolor (= 1.7.1)
    city-state (0.1.0)
      rubyzip (>= 1.1)
    claide (1.1.0)
    claide-plugins (0.9.2)
      cork
      nap
      open4 (~> 1.3)
    class_kit (0.8.0)
      hash_kit
      json
    clever-ruby (2.0.2)
      json (>= 1.8, < 3)
      typhoeus (~> 1.0, >= 1.0.1)
    climate_control (0.2.0)
    clocker (0.1.6)
    cmath (1.0.0)
    cocina-models (0.90.0)
      activesupport
      deprecation
      dry-struct (~> 1.0)
      dry-types (~> 1.1)
      edtf
      equivalent-xml
      jsonpath
      nokogiri
      openapi3_parser
      openapi_parser (>= 0.11.1, < 1.0)
      rss
      super_diff
      thor
      zeitwerk (~> 2.1)
    cocoapods (1.10.2)
      addressable (~> 2.6)
      claide (>= 1.0.2, < 2.0)
      cocoapods-core (= 1.10.2)
      cocoapods-deintegrate (>= 1.0.3, < 2.0)
      cocoapods-downloader (>= 1.4.0, < 2.0)
      cocoapods-plugins (>= 1.0.0, < 2.0)
      cocoapods-search (>= 1.0.0, < 2.0)
      cocoapods-trunk (>= 1.4.0, < 2.0)
      cocoapods-try (>= 1.1.0, < 2.0)
      colored2 (~> 3.1)
      escape (~> 0.0.4)
      fourflusher (>= 2.3.0, < 3.0)
      gh_inspector (~> 1.0)
      molinillo (~> 0.6.6)
      nap (~> 1.0)
      ruby-macho (~> 1.4)
      xcodeproj (>= 1.19.0, < 2.0)
    cocoapods-core (1.10.2)
      activesupport (> 5.0, < 6)
      addressable (~> 2.6)
      algoliasearch (~> 1.0)
      concurrent-ruby (~> 1.1)
      fuzzy_match (~> 2.0.4)
      nap (~> 1.0)
      netrc (~> 0.11)
      public_suffix
      typhoeus (~> 1.0)
    cocoapods-deintegrate (1.0.5)
    cocoapods-downloader (1.6.3)
    cocoapods-plugins (1.0.0)
      nap
    cocoapods-rome (1.0.1)
      cocoapods (>= 1.1.0, < 2.0)
      fourflusher (~> 2.0)
    cocoapods-search (1.0.1)
    cocoapods-trunk (1.6.0)
      nap (>= 0.8, < 2.0)
      netrc (~> 0.11)
    cocoapods-try (1.2.0)
    code_ownership (1.33.0)
      code_teams (~> 1.0)
      packs
      sorbet-runtime (>= 0.5.10821)
    code_teams (1.0.1)
      sorbet-runtime
    coderay (1.1.3)
    coercible (1.0.0)
      descendants_tracker (~> 0.0.1)
    coffee-rails (4.2.2)
      coffee-script (>= 2.2.0)
      railties (>= 4.0.0)
    coffee-script (2.4.1)
      coffee-script-source
      execjs
    coffee-script-source (1.12.2)
    color-tools (1.3.0)
    colored2 (3.1.2)
    colorize (0.8.1)
    command_lion (2.0.1)
    commander (4.0.5)
      highline (>= 1.5.0)
    commonjs (0.2.7)
    commonmarker (0.23.9)
    commonwatir (4.0.0)
    compass (0.12.2)
      chunky_png (~> 1.2)
      fssm (>= 0.2.7)
      sass (~> 3.1)
    compass-aurora (3.0.8)
      bundler (>= 1.3.5)
      compass (>= 0.12.2)
      compass-normalize (>= 1.4.3)
      css_parser (>= 1.3.4)
      sassy-buttons (>= 0.2.0)
      toolkit (>= 1.2.2)
    compass-normalize (1.5)
      compass (>= 0.12.0)
    concurrent-ruby (1.2.2)
    connection_pool (2.4.1)
    cool.io (1.7.1)
    cork (0.3.0)
      colored2 (~> 3.1)
    countries (5.4.0)
      unaccent (~> 0.3)
    country_state_select (3.2.0)
      city-state
      rails
    crack (0.4.5)
      rexml
    crass (1.0.6)
    creditcard (1.0)
    css_parser (1.14.0)
      addressable
    csv (3.2.6)
    cucumber (3.2.0)
      builder (>= 2.1.2)
      cucumber-core (~> 3.2.0)
      cucumber-expressions (~> 6.0.1)
      cucumber-wire (~> 0.0.1)
      diff-lcs (~> 1.3)
      gherkin (~> 5.1.0)
      multi_json (>= 1.7.5, < 2.0)
      multi_test (>= 0.1.2)
    cucumber-core (3.2.1)
      backports (>= 3.8.0)
      cucumber-tag_expressions (~> 1.1.0)
      gherkin (~> 5.0)
    cucumber-expressions (6.0.1)
    cucumber-tag_expressions (1.1.1)
    cucumber-wire (0.0.1)
    custom_fields (0.0.0.1)
    dag (0.0.9)
    damerau-levenshtein (1.2.0)
    danger (8.6.1)
      claide (~> 1.0)
      claide-plugins (>= 0.9.2)
      colored2 (~> 3.1)
      cork (~> 0.1)
      faraday (>= 0.9.0, < 2.0)
      faraday-http-cache (~> 2.0)
      git (~> 1.7)
      kramdown (~> 2.3)
      kramdown-parser-gfm (~> 1.0)
      no_proxy_fix
      octokit (~> 4.7)
      terminal-table (>= 1, < 4)
    danger-plugin-api (1.0.0)
      danger (> 2.0)
    danger-prose (2.0.7)
      danger
    danger-the_coding_love (0.0.9)
      danger-plugin-api (~> 1.0)
      nokogiri (>= 1.10.8)
    danger-welcome_message (0.0.1)
      danger-plugin-api (~> 1.0)
    dango (0.5.2)
      dango_generator
      rake
    dango_generator (0.5.2)
    data_mapper (1.2.0)
      dm-aggregates (~> 1.2.0)
      dm-constraints (~> 1.2.0)
      dm-core (~> 1.2.0)
      dm-migrations (~> 1.2.0)
      dm-serializer (~> 1.2.0)
      dm-timestamps (~> 1.2.0)
      dm-transactions (~> 1.2.0)
      dm-types (~> 1.2.0)
      dm-validations (~> 1.2.0)
    data_objects (0.10.17)
      addressable (~> 2.1)
    date (3.3.3)
    dbd-pg (0.3.9)
      dbi (>= 0.4.0)
      pg
    dbi (0.4.5)
      deprecated (= 2.0.1)
    declarative (0.0.20)
    deep_merge (1.2.2)
    delayed_job (4.1.11)
      activesupport (>= 3.0, < 8.0)
    deprecated (2.0.1)
    deprecation (1.1.0)
      activesupport
    descendants_tracker (0.0.4)
      thread_safe (~> 0.3, >= 0.3.1)
    devise (4.9.2)
      bcrypt (~> 3.0)
      orm_adapter (~> 0.1)
      railties (>= 4.1.0)
      responders
      warden (~> 1.2.3)
    devise_token_auth (1.2.1)
      bcrypt (~> 3.0)
      devise (> 3.5.2, < 5)
      rails (>= 4.2.0, < 7.1)
    diff-lcs (1.5.0)
    diff_matcher (2.9.0)
    dm-aggregates (1.2.0)
      dm-core (~> 1.2.0)
    dm-constraints (1.2.0)
      dm-core (~> 1.2.0)
    dm-core (1.2.1)
      addressable (~> 2.3)
    dm-migrations (1.2.0)
      dm-core (~> 1.2.0)
    dm-serializer (1.2.2)
      dm-core (~> 1.2.0)
      fastercsv (~> 1.5)
      json (~> 1.6)
      json_pure (~> 1.6)
      multi_json (~> 1.0)
    dm-timestamps (1.2.0)
      dm-core (~> 1.2.0)
    dm-transactions (1.2.0)
      dm-core (~> 1.2.0)
    dm-types (1.2.2)
      bcrypt-ruby (~> 3.0)
      dm-core (~> 1.2.0)
      fastercsv (~> 1.5)
      json (~> 1.6)
      multi_json (~> 1.0)
      stringex (~> 1.4)
      uuidtools (~> 2.1)
    dm-validations (1.2.0)
      dm-core (~> 1.2.0)
    dns-zone (0.3.1)
    do_oracle (0.10.17)
      data_objects (= 0.10.17)
    do_sqlite3 (0.10.17)
      data_objects (= 0.10.17)
    docile (1.4.0)
    dogapi (1.45.0)
      multi_json
    domain_name (0.5.20190701)
      unf (>= 0.0.5, < 1.0.0)
    dor-services-client (4.20.0)
      activesupport (>= 4.2, < 7)
      cocina-models (~> 0.29)
      deprecation
      faraday (>= 0.15, < 2)
      moab-versioning (~> 4.0)
      zeitwerk (~> 2.1)
    dpl (1.10.13)
    dpl-lambda (1.10.13)
      aws-sdk (~> 2.0)
      dpl (= 1.10.13)
      rubyzip
    draper (4.0.2)
      actionpack (>= 5.0)
      activemodel (>= 5.0)
      activemodel-serializers-xml (>= 1.0)
      activesupport (>= 5.0)
      request_store (>= 1.0)
      ruby2_keywords
    druid-tools (3.0.0)
    dry-config (1.2.7)
      deep_merge
    dry-configurable (0.15.0)
      concurrent-ruby (~> 1.0)
      dry-core (~> 0.6)
    dry-container (0.11.0)
      concurrent-ruby (~> 1.0)
    dry-core (0.8.1)
      concurrent-ruby (~> 1.0)
    dry-inflector (0.3.0)
    dry-initializer (3.1.1)
    dry-logic (1.2.0)
      concurrent-ruby (~> 1.0)
      dry-core (~> 0.5, >= 0.5)
    dry-schema (1.10.6)
      concurrent-ruby (~> 1.0)
      dry-configurable (~> 0.13, >= 0.13.0)
      dry-core (~> 0.5, >= 0.5)
      dry-initializer (~> 3.0)
      dry-logic (~> 1.2)
      dry-types (~> 1.5)
    dry-struct (1.4.0)
      dry-core (~> 0.5, >= 0.5)
      dry-types (~> 1.5)
      ice_nine (~> 0.11)
    dry-types (1.5.1)
      concurrent-ruby (~> 1.0)
      dry-container (~> 0.3)
      dry-core (~> 0.5, >= 0.5)
      dry-inflector (~> 0.1, >= 0.1.2)
      dry-logic (~> 1.0, >= 1.0.2)
    dry-validation (1.8.1)
      concurrent-ruby (~> 1.0)
      dry-container (~> 0.7, >= 0.7.1)
      dry-core (~> 0.5, >= 0.5)
      dry-initializer (~> 3.0)
      dry-schema (~> 1.8, >= 1.8.0)
    dry-validation-matchers (1.2.2)
      dry-validation (~> 1.3)
    dsl_evaluator (0.3.1)
      activesupport
      memoist
      rainbow
      zeitwerk
    eb_deployer (0.6.6)
      aws-sdk (~> 2, >= 2.0.0)
    ebayr (0.0.11)
      activesupport
      nokogiri
    ec2launcher (1.7.5)
      aws-sdk (>= 1.8.0)
      log4r
    edtf (3.1.1)
      activesupport (>= 3.0, < 8.0)
    elastic-beanstalk (1.2.2)
      awesome_print
      dry-config (>= 1.2.0)
      eb_deployer (>= 0.6.1)
      nokogiri
      railties (>= 3.2)
      rubyzip
      table_print
      time_diff
    elastic-transport (8.2.1)
      faraday (< 3)
      multi_json
    elastic_record (5.6.1)
      activemodel
      arelastic (>= 2.6.0)
    elasticsearch (8.8.0)
      elastic-transport (~> 8)
      elasticsearch-api (= 8.8.0)
    elasticsearch-api (8.8.0)
      multi_json
    email_reply_parser (0.5.11)
    email_validator (1.6.0)
      activemodel
    ember-es6_template (0.7.0)
      babel-transpiler (>= 0.6.0, < 0.8)
      sprockets (>= 2.2, < 4.1)
    ember-source (2.18.2)
    emblem-source (0.4.0)
    embulk-output-salesforce (0.1.4)
    encrypto_signo (1.0.0)
    engtagger (0.4.0)
      lru_redux
    enju_event (0.1.19)
      enju_message (~> 0.1.16)
      paperclip
      rails_autolink
      ri_cal
      simple_form
      statesman (~> 1.3)
    enju_message (0.1.16)
      awesome_nested_set
      rails_autolink
      resque_mailer
      simple_form
      statesman (~> 1.3)
    equivalent-xml (0.6.0)
      nokogiri (>= 1.4.3)
    erector (0.10.0)
      treetop (>= 1.2.3)
    erubi (1.12.0)
    erubis (2.7.0)
    es-reindex (0.3.3)
      elasticsearch (>= 1.0.0)
    escape (0.0.4)
    et-orbi (1.2.7)
      tzinfo
    ethon (0.16.0)
      ffi (>= 1.15.0)
    eventmachine (1.2.7)
    eventq_base (1.18.0)
      class_kit
      oj
      openssl
      redlock
    eventq_rabbitmq (1.19.0)
      bunny
      eventq_base (~> 1.17)
    excon (0.99.0)
    execjs (2.7.0)
    exifr (1.4.0)
    expeditor (0.7.1)
      concurrent-ruby (>= 1.0.0)
      retryable (> 1.0)
    extended_email_reply_parser (0.5.1)
      activesupport
      charlock_holmes
      email_reply_parser (~> 0.5.9)
      mail
    extlib (0.9.16)
    ey_api_hmac (0.4.12)
      json
      rack-client
      rack-idempotent (>= 0.0.3)
    facets (3.1.0)
    facter (4.4.0)
      hocon (~> 1.3)
      thor (>= 1.0.1, < 2.0)
    fake_dynamo (0.2.5)
      activesupport
      json
      sinatra
    faker (2.2.1)
      i18n (>= 0.8)
    faraday (1.8.0)
      faraday-em_http (~> 1.0)
      faraday-em_synchrony (~> 1.0)
      faraday-excon (~> 1.1)
      faraday-httpclient (~> 1.0.1)
      faraday-net_http (~> 1.0)
      faraday-net_http_persistent (~> 1.1)
      faraday-patron (~> 1.0)
      faraday-rack (~> 1.0)
      multipart-post (>= 1.2, < 3)
      ruby2_keywords (>= 0.0.4)
    faraday-cookie_jar (0.0.7)
      faraday (>= 0.8.0)
      http-cookie (~> 1.0.0)
    faraday-em_http (1.0.0)
    faraday-em_synchrony (1.0.0)
    faraday-excon (1.1.0)
    faraday-http-cache (2.5.0)
      faraday (>= 0.8)
    faraday-httpclient (1.0.1)
    faraday-net_http (1.0.1)
    faraday-net_http_persistent (1.2.0)
    faraday-patron (1.0.0)
    faraday-rack (1.0.0)
    faraday_middleware-circuit_breaker (0.5.0)
      faraday (>= 0.9, < 2.0)
      stoplight (>= 2.1, < 4.0)
    fastercsv (1.5.5)
    fastlane-plugin-git_tags (0.1.1)
    fernet (2.3)
      valcro (~> 0.1)
    ffi (1.15.5)
    ffi-yajl (2.4.0)
      libyajl2 (>= 1.2)
    finishing_moves (1.2.1)
    firebase_dynamic_link (2.0.1)
      case_transform2 (>= 1.0, < 2.0)
      dry-configurable (>= 0.9, < 1.0)
      faraday (>= 0.16, < 3.0)
      faraday-net_http (>= 1.0, < 3.0)
    firewatir (1.9.4)
      commonwatir (>= 1.9.2)
    fission (0.5.0)
      CFPropertyList (~> 2.2)
    flay (2.13.0)
      erubi (~> 1.10)
      path_expander (~> 1.0)
      ruby_parser (~> 3.0)
      sexp_processor (~> 4.0)
    flog (4.6.6)
      path_expander (~> 1.0)
      ruby_parser (~> 3.1, > 3.1.0)
      sexp_processor (~> 4.8)
    fluent-plugin-auto-typecast-filter (0.3.2)
    fluent-plugin-azure-loganalytics (0.7.0)
      azure-loganalytics-datacollector-api (>= 0.5.0)
      fluentd (>= 0.14.15, < 2)
      rest-client
      yajl-ruby
    fluent-plugin-copy_ex (0.1.0)
      fluentd
    fluentd (1.16.1)
      bundler
      cool.io (>= 1.4.5, < 2.0.0)
      http_parser.rb (>= 0.5.1, < 0.9.0)
      msgpack (>= 1.3.1, < 2.0.0)
      serverengine (>= 2.3.2, < 3.0.0)
      sigdump (~> 0.2.2)
      strptime (>= 0.2.4, < 1.0.0)
      tzinfo (>= 1.0, < 3.0)
      tzinfo-data (~> 1.0)
      webrick (~> 1.4)
      yajl-ruby (~> 1.0)
    fog (1.34.0)
      fog-atmos
      fog-aws (>= 0.6.0)
      fog-brightbox (~> 0.4)
      fog-core (~> 1.32)
      fog-dynect (~> 0.0.2)
      fog-ecloud (~> 0.1)
      fog-google (>= 0.0.2)
      fog-json
      fog-local
      fog-powerdns (>= 0.1.1)
      fog-profitbricks
      fog-radosgw (>= 0.0.2)
      fog-riakcs
      fog-sakuracloud (>= 0.0.4)
      fog-serverlove
      fog-softlayer
      fog-storm_on_demand
      fog-terremark
      fog-vmfusion
      fog-voxel
      fog-xml (~> 0.1.1)
      ipaddress (~> 0.5)
      nokogiri (~> 1.5, >= 1.5.11)
    fog-atmos (0.1.0)
      fog-core
      fog-xml
    fog-aws (2.0.1)
      fog-core (~> 1.38)
      fog-json (~> 1.0)
      fog-xml (~> 0.1)
      ipaddress (~> 0.8)
    fog-brightbox (0.16.1)
      dry-inflector
      fog-core
      fog-json
      mime-types
    fog-core (1.45.0)
      builder
      excon (~> 0.58)
      formatador (~> 0.2)
    fog-dynect (0.0.3)
      fog-core
      fog-json
      fog-xml
    fog-ecloud (0.3.0)
      fog-core
      fog-xml
    fog-google (1.20.0)
      fog-core (< 2.3)
      fog-json (~> 1.2)
      fog-xml (~> 0.1.0)
      google-apis-compute_v1 (~> 0.53)
      google-apis-dns_v1 (~> 0.28)
      google-apis-iamcredentials_v1 (~> 0.15)
      google-apis-monitoring_v3 (~> 0.37)
      google-apis-pubsub_v1 (~> 0.30)
      google-apis-sqladmin_v1beta4 (~> 0.38)
      google-apis-storage_v1 (~> 0.20)
      google-cloud-env (~> 1.2)
    fog-json (1.2.0)
      fog-core
      multi_json (~> 1.10)
    fog-local (0.8.0)
      fog-core (>= 1.27, < 3.0)
    fog-powerdns (0.2.0)
      fog-core
      fog-json
      fog-xml
    fog-profitbricks (4.1.1)
      fog-core (~> 1.42)
      fog-json (~> 1.0)
    fog-radosgw (0.0.5)
      fog-core (>= 1.21.0)
      fog-json
      fog-xml (>= 0.0.1)
    fog-riakcs (0.1.0)
      fog-core
      fog-json
      fog-xml
    fog-sakuracloud (1.7.5)
      fog-core
      fog-json
    fog-serverlove (0.1.2)
      fog-core
      fog-json
    fog-softlayer (1.1.4)
      fog-core
      fog-json
    fog-storm_on_demand (0.1.1)
      fog-core
      fog-json
    fog-terremark (0.1.0)
      fog-core
      fog-xml
    fog-vcloud-director (0.3.1)
      fog-core (>= 1.40)
      fog-xml
    fog-vmfusion (0.1.0)
      fission
      fog-core
    fog-voxel (0.1.0)
      fog-core
      fog-xml
    fog-xml (0.1.4)
      fog-core
      nokogiri (>= 1.5.11, < 2.0.0)
    font-awesome-rails (4.7.0.8)
      railties (>= 3.2, < 8.0)
    font_awesome5_rails (1.5.0)
      nokogiri (>= 1.11.3)
      railties (>= 4.2)
    formatador (0.3.0)
    formtastic (3.1.5)
      actionpack (>= 3.2.13)
    formtastic_i18n (0.7.0)
    fourflusher (2.3.1)
    freeswitcher (0.8.0)
      eventmachine
    fspath (3.1.2)
    fssm (0.2.10)
    fugit (1.8.1)
      et-orbi (~> 1, >= 1.2.7)
      raabro (~> 1.4)
    fuubar (2.5.1)
      rspec-core (~> 3.0)
      ruby-progressbar (~> 1.4)
    fuzzy_match (2.0.4)
    fuzzyurl (0.9.0)
    gapic-common (0.9.0)
      faraday (~> 1.3)
      google-protobuf (~> 3.14)
      googleapis-common-protos (>= 1.3.11, < 2.a)
      googleapis-common-protos-types (>= 1.0.6, < 2.a)
      googleauth (>= 0.17.0, < 2.a)
      grpc (~> 1.36)
    garner (0.5.3)
      activesupport
      json
      multi_json (>= 1.3.0)
      rack
    gems (0.8.3)
    gems-status (1.78.0)
      bundler
      git
      gmail
      json
      mercurial-ruby
      xml-simple
    gemwarrior (0.15.9)
      clocker (~> 0.1.6)
      colorize (~> 0.8)
      gems (~> 0.8.3)
      http (~> 0.8.10)
      json (~> 1.8.2)
      matrext (~> 1)
      os (~> 0.9, >= 0.9.6)
    gengo (0.2.1)
      json
      mime-types
      multipart-post
    gh_inspector (1.1.3)
    gherkin (5.1.0)
    git (1.18.0)
      addressable (~> 2.8)
      rchardet (~> 1.8)
    github-fs (0.0.1)
      activesupport (> 3.2.0)
      octokit
      rack
    globalid (1.1.0)
      activesupport (>= 5.0)
    globalphone (1.0.1)
    gmail (0.7.1)
      gmail_xoauth (>= 0.3.0)
      mail (>= 2.2.1)
    gmail_xoauth (0.4.2)
      oauth (>= 0.3.6)
    golf (0.7.9)
      compass
      haml
      hpricot
      json
      rack
      thor
    google-apis-compute_v1 (0.69.0)
      google-apis-core (>= 0.11.0, < 2.a)
    google-apis-core (0.11.0)
      addressable (~> 2.5, >= 2.5.1)
      googleauth (>= 0.16.2, < 2.a)
      httpclient (>= 2.8.1, < 3.a)
      mini_mime (~> 1.0)
      representable (~> 3.0)
      retriable (>= 2.0, < 4.a)
      rexml
      webrick
    google-apis-dns_v1 (0.32.0)
      google-apis-core (>= 0.11.0, < 2.a)
    google-apis-fcm_v1 (0.22.0)
      google-apis-core (>= 0.11.0, < 2.a)
    google-apis-iamcredentials_v1 (0.17.0)
      google-apis-core (>= 0.11.0, < 2.a)
    google-apis-monitoring_v3 (0.46.0)
      google-apis-core (>= 0.11.0, < 2.a)
    google-apis-pubsub_v1 (0.37.0)
      google-apis-core (>= 0.11.0, < 2.a)
    google-apis-sqladmin_v1beta4 (0.48.0)
      google-apis-core (>= 0.11.0, < 2.a)
    google-apis-storage_v1 (0.22.0)
      google-apis-core (>= 0.11.0, < 2.a)
    google-cloud-env (1.6.0)
      faraday (>= 0.17.3, < 3.0)
    google-cloud-errors (1.3.1)
    google-cloud-language-v1 (0.4.5)
      gapic-common (>= 0.7, < 2.a)
      google-cloud-errors (~> 1.0)
    google-cloud-language-v1beta2 (0.4.5)
      gapic-common (>= 0.7, < 2.a)
      google-cloud-errors (~> 1.0)
    google-maps (3.0.7)
      hashie (~> 4.1, >= 4.1.0)
      httpclient (~> 2.7, >= 2.7.1)
      multi_json (>= 1.15)
      ruby-hmac (~> 0.4.0)
    google-protobuf (3.23.2-arm64-darwin)
    google_hash (0.9.0)
      sane (~> 0)
    googleajax (1.0.1)
      json (>= 1.0.0)
    googleapis-common-protos (1.4.0)
      google-protobuf (~> 3.14)
      googleapis-common-protos-types (~> 1.2)
      grpc (~> 1.27)
    googleapis-common-protos-types (1.6.0)
      google-protobuf (~> 3.14)
    googleauth (1.5.2)
      faraday (>= 0.17.3, < 3.a)
      jwt (>= 1.4, < 3.0)
      memoist (~> 0.16)
      multi_json (~> 1.11)
      os (>= 0.9, < 2.0)
      signet (>= 0.16, < 2.a)
    gov_uk_date_fields (4.1.0)
      rails (>= 5.0.7.2)
    govuk_admin_template (6.8.1)
      bootstrap-sass (= 3.4.1)
      jquery-rails (~> 4.3.1)
      plek (>= 2.1.0)
      rails (>= 3.2.0)
    gqtp (1.0.7)
    grape (0.19.2)
      activesupport
      builder
      hashie (>= 2.1.0)
      multi_json (>= 1.3.2)
      multi_xml (>= 0.5.2)
      mustermann-grape (~> 1.0.0)
      rack (>= 1.3.0)
      rack-accept
      virtus (>= 1.0.0)
    grape-attack (0.3.0)
      activemodel (>= 4.0)
      activesupport (>= 4.0)
      grape (~> 0.16)
      redis-namespace (~> 1.5)
    grape-raketasks (0.0.3)
      activesupport
      grape
      rake
    graphql (1.13.19)
    graphql-active_record (2.2.2)
      activerecord
      graphql (>= 0.18, < 2)
    graphql_devise (1.2.0)
      devise_token_auth (>= 0.1.43, < 2.0)
      graphql (>= 1.8, < 2.1)
      rails (>= 4.2, < 7.1)
      zeitwerk
    gratan (0.3.2)
      deep_merge
      hashie
      mysql2
      term-ansicolor
    groonga-client (0.6.7)
      gqtp (>= 1.0.4)
      groonga-command (>= 1.4.7)
      groonga-command-parser (>= 1.1.0)
      hashie
      rexml
    groonga-command (1.5.2)
      json
    groonga-command-parser (1.1.4)
      groonga-command (>= 1.4.0)
      json-stream
    groonga-log (0.1.3)
      archive-zip
    groonga-query-log (1.7.6)
      charty
      diff-lcs
      groonga-client (>= 0.6.2)
      groonga-log (>= 0.1.2)
    grpc (1.55.0)
      google-protobuf (~> 3.23)
      googleapis-common-protos-types (~> 1.0)
    guard (2.17.0)
      formatador (>= 0.2.4)
      listen (>= 2.7, < 4.0)
      lumberjack (>= 1.0.12, < 2.0)
      nenv (~> 0.1)
      notiffany (~> 0.0)
      pry (>= 0.9.12)
      shellany (~> 0.0)
      thor (>= 0.18.1)
    guard-annotate (2.3)
      annotate (~> 2.4, >= 2.4.0)
      guard-compat (~> 1.2, >= 1.2.1)
    guard-compat (1.2.1)
    guard-rubycritic (2.9.3)
      guard (~> 2.6)
      rubycritic (>= 2.9.3)
    gyoku (1.4.0)
      builder (>= 2.1.2)
      rexml (~> 3.0)
    hakiri (0.7.2)
      activesupport
      bundler
      commander
      i18n
      json
      rake
      rest-client
      terminal-table
    haml (6.1.1)
      temple (>= 0.8.2)
      thor
      tilt
    hamster (3.0.0)
      concurrent-ruby (~> 1.0)
    harness (2.0.0)
      statsd-ruby
    has_scope (0.7.2)
      actionpack (>= 4.1)
      activesupport (>= 4.1)
    hash_kit (0.6.0)
    hashie (4.1.0)
    highline (2.1.0)
    hitimes (2.0.0)
    hocon (1.4.0)
    hpricot (0.8.6)
    http (0.8.14)
      addressable (~> 2.3)
      http-cookie (~> 1.0)
      http-form_data (~> 1.0.1)
      http_parser.rb (~> 0.6.0)
    http-accept (1.7.0)
    http-cookie (1.0.5)
      domain_name (~> 0.5)
    http-form_data (1.0.3)
    http_parser.rb (0.6.0)
    httparty (0.21.0)
      mini_mime (>= 1.0.0)
      multi_xml (>= 0.5.2)
    httpclient (2.8.3)
    httpi (3.0.1)
      rack
    i18n (0.9.5)
      concurrent-ruby (~> 1.0)
    ice_nine (0.11.2)
    iif-parser (2.0.2)
      rchardet
    iiif-image-api (0.2.0)
      activesupport
    image_optim (0.31.3)
      exifr (~> 1.2, >= 1.2.2)
      fspath (~> 3.0)
      image_size (>= 1.5, < 4)
      in_threads (~> 1.3)
      progress (~> 3.0, >= 3.0.1)
    image_optim_rails (0.5.0)
      image_optim (~> 0.24)
      railties
      sprockets
    image_processing (1.12.2)
      mini_magick (>= 4.9.5, < 5)
      ruby-vips (>= 2.0.17, < 3)
    image_size (3.3.0)
    in_threads (1.6.0)
    inflecto (0.0.2)
    inherited_resources (1.11.0)
      actionpack (>= 5.0, < 6.1)
      has_scope (~> 0.6)
      railties (>= 5.0, < 6.1)
      responders (>= 2, < 4)
    iniparse (1.5.0)
    iniparser (1.0.1)
    insensitive_hash (0.3.3)
    io-like (0.3.1)
    ipaddress (0.8.3)
    iron_core (1.0.12)
      rest (>= 3.0.8)
    iron_worker (3.4.1)
      iron_core (>= 1.0.12, < 2)
      json (~> 1.8, > 1.8.1)
      rest (~> 3.0, >= 3.0.8)
    iso639 (1.3.2)
    iso8601-basic (1.0.0)
    isoics (0.1.11)
    its (0.2.0)
      rspec-core
    jdoc (0.4.3)
      activesupport
      erubis
      json_schema
      rack
      redcarpet
    jmespath (1.6.2)
    journald-logger (3.1.0)
      journald-native (~> 1.0)
    journald-native (1.0.12)
    jquery-countdown-rails (2.0.2)
    jquery-rails (4.3.5)
      rails-dom-testing (>= 1, < 3)
      railties (>= 4.2.0)
      thor (>= 0.14, < 2.0)
    jquery_menu_aim-rails (1.0.0)
    jrmonitor (0.4.2)
    json (1.8.6)
    json-schema (2.8.1)
      addressable (>= 2.4)
    json-stream (0.2.1)
    json_pure (1.8.6)
    json_schema (0.21.0)
    jsonapi-renderer (0.2.2)
    jsonapi-serializable (0.3.1)
      jsonapi-renderer (~> 0.2.0)
    jsonapi_compliable (0.11.34)
      jsonapi-serializable (~> 0.3.0)
    jsonpath (1.1.3)
      multi_json
    jwt (1.5.6)
    kaminari (0.17.0)
      actionpack (>= 3.0.0)
      activesupport (>= 3.0.0)
    keisan (0.9.1)
      cmath (~> 1.0)
    kiba (4.0.0)
    kiba-common (1.5.0)
      kiba (>= 3.0.0, < 5)
    kickstart_rails (0.1.1410202688028)
    kmeans-clusterer (0.11.4)
      narray (~> 0.6)
    knife-cookbook-doc (0.31.1)
      chef
      erubis
    kramdown (2.4.0)
      rexml
    kramdown-parser-gfm (1.1.0)
      kramdown (~> 2.0)
    kwalify (0.7.2)
    latex-decode (0.4.0)
    launchy (2.5.2)
      addressable (~> 2.8)
    learn-co (4.1.0)
      learn-config (~> 1)
      learn-generate (~> 1)
      learn-hello (~> 1)
      learn-open (~> 1)
      learn-status (~> 1)
      learn-submit (~> 1)
      learn-test (~> 3.3.0)
      learn_linter (~> 1)
      netrc (>= 0.11.0)
      thor (>= 0.19.1)
    learn-config (1.0.78)
      learn-web (>= 1.5.0)
      netrc
    learn-generate (1.0.16)
    learn-hello (1.0.1)
      learn-web (>= 1.4.1)
      netrc
    learn-open (1.2.28)
      git
      learn-web (>= 1.5.2)
      netrc
    learn-status (1.0.1)
      colorize
      learn-web (>= 1.2.0)
      netrc
    learn-submit (1.3.1)
      git (~> 1.2)
      learn-web (~> 1.5, >= 1.5.0)
      netrc (~> 0)
    learn-test (3.3.1)
      colorize (~> 0.8.1)
      crack (~> 0.4.3)
      faraday (~> 1.0)
      git (~> 1.7)
      netrc (~> 0.11.0)
      oj (~> 3.10)
      rspec (~> 3.0)
      zeitwerk (~> 2.4.0)
    learn-web (1.5.5)
      faraday (~> 1.0)
      oj (~> 3.10)
    learn_linter (1.7.3)
    less (2.6.0)
      commonjs (~> 0.2.7)
    less-rails (2.7.1)
      actionpack (>= 4.0)
      less (~> 2.6.0)
      sprockets (> 2, < 4)
      tilt
    less-rails-semantic_ui (2.3.1.0)
      less-rails (>= 2.6.0, < 2.8.0)
    libv8-node (15.14.0.1)
    libxml-ruby (4.1.1)
    libxml4r (0.2.6)
      libxml-ruby (>= 1.1.3)
    libyajl2 (2.1.0)
    link_header (0.0.8)
    lisbn (0.3.2)
      nokogiri
      nori (~> 2.0)
    listen (3.8.0)
      rb-fsevent (~> 0.10, >= 0.10.3)
      rb-inotify (~> 0.9, >= 0.9.10)
    little-plugger (1.1.4)
    lmdb (0.6.1)
    log-me (0.0.10)
    log4r (1.1.10)
    logging (2.3.1)
      little-plugger (~> 1.1)
      multi_json (~> 1.14)
    logging-journald (2.1.0)
      journald-logger (~> 3.0)
      logging
    logutils (0.6.1)
    loofah (2.21.3)
      crass (~> 1.0.2)
      nokogiri (>= 1.12.0)
    lru_redux (1.1.0)
    lumberjack (1.2.8)
    macaddr (1.7.2)
      systemu (~> 2.6.5)
    magic_stylez (0.0.0.30)
      autoprefixer-rails (>= 1.1)
      bootstrap-sass (>= 3.0.0)
      bourbon (>= 3.0.0)
      rails (>= 3.1.0)
      sass (>= 3.2)
    mail (2.8.1)
      mini_mime (>= 0.1.1)
      net-imap
      net-pop
      net-smtp
    mailcatcher-api (0.2.0)
      mail
    mailfactory (1.4.0)
      mime-types (>= 1.13.1)
    malloc_trim (0.1.0)
    marathon-api (2.2.0)
      httparty (>= 0.11)
      json
      trollop (>= 2.0)
    marcel (1.0.2)
    markdown (1.2.0)
      kramdown (>= 1.5.0)
      props (>= 1.1.2)
      textutils (>= 0.10.0)
    material_design_lite-sass (1.3.0.1)
      autoprefixer-rails (>= 6.5)
      sass (>= 3.3)
    matplotlib (1.3.0)
      pycall (>= 1.0.0)
    matrext (1.0.2)
      colorize (~> 0.8)
    matrix (0.4.2)
    medea (0.7.2)
      json
      rest-client
      uuidtools
    mem (0.1.5)
    memoist (0.16.2)
    merb (1.1.3)
      data_mapper (>= 0.10.0)
      do_sqlite3 (>= 0.10.0)
      merb-action-args (= 1.1.3)
      merb-assets (= 1.1.3)
      merb-auth (~> 1.1)
      merb-cache (= 1.1.3)
      merb-exceptions (= 1.1.3)
      merb-gen (= 1.1.3)
      merb-haml (= 1.1.3)
      merb-helpers (= 1.1.3)
      merb-mailer (= 1.1.3)
      merb-param-protection (= 1.1.3)
      merb-slices (= 1.1.3)
      merb_datamapper (~> 1.1)
      rspec
    merb-action-args (1.1.3)
      ParseTree (>= 2.1.1)
      merb-core (~> 1.1.3)
      ruby2ruby (>= 1.1.9)
    merb-assets (1.1.3)
      merb-core (~> 1.1.3)
    merb-auth (1.1.1)
      merb-auth-core (~> 1.1.1)
      merb-auth-more (~> 1.1.1)
      merb-auth-slice-password (~> 1.1.1)
      merb-core (~> 1.1)
    merb-auth-core (1.1.1)
      merb-core (~> 1.1)
    merb-auth-more (1.1.1)
      merb-auth-core (~> 1.1.1)
    merb-auth-slice-password (1.1.1)
      merb-auth-core (~> 1.1.1)
      merb-auth-more (~> 1.1.1)
      merb-slices (~> 1.1)
    merb-cache (1.1.3)
      merb-core (~> 1.1.3)
    merb-core (1.1.3)
      bundler
      erubis (>= 2.6.2)
      extlib (>= 0.9.13)
      mime-types (>= 1.16)
      rack
      rake
    merb-exceptions (1.1.3)
      merb-core (~> 1.1.3)
      merb-mailer (~> 1.1.3)
    merb-gen (1.1.3)
      merb-core (~> 1.1.3)
      templater (>= 1.0.0)
    merb-haml (1.1.3)
      haml (>= 2.0.3)
      merb-core (~> 1.1.3)
    merb-helpers (1.1.3)
      merb-core (~> 1.1.3)
    merb-mailer (1.1.3)
      mailfactory (>= 1.2.3)
      merb-core (~> 1.1.3)
    merb-param-protection (1.1.3)
      merb-core (~> 1.1.3)
    merb-slices (1.1.3)
      merb-core (~> 1.1.3)
    merb_datamapper (1.1.3)
      dm-core (>= 1.0)
      dm-migrations (>= 1.0)
      merb-core (~> 1.1)
    mercurial-ruby (0.7.12)
      open4 (~> 1.3.0)
    meta-tags (2.18.0)
      actionpack (>= 3.2.0, < 7.1)
    method_source (0.9.2)
    mime-types (3.4.1)
      mime-types-data (~> 3.2015)
    mime-types-data (3.2023.0218.1)
    mimemagic (0.3.10)
      nokogiri (~> 1)
      rake
    mini_magick (4.12.0)
    mini_mime (1.1.2)
    mini_portile2 (2.5.3)
    mini_racer (0.4.0)
      libv8-node (~> 15.14.0.0)
    minitest (5.18.0)
    minitest-sprint (1.2.2)
      path_expander (~> 1.1)
    mixlib-authentication (3.0.10)
    mixlib-cli (2.1.8)
    mixlib-config (3.0.27)
      tomlrb
    mixlib-log (3.0.9)
    mixlib-shellout (3.2.7)
      chef-utils
    mize (0.4.1)
      protocol (~> 2.0)
    moab-versioning (4.4.2)
      druid-tools (>= 1.0.0)
      json
      nokogiri
      nokogiri-happymapper
    mocha (2.0.2)
      ruby2_keywords (>= 0.0.5)
    mock_search (1.2.6)
      httparty
      ruby-des
    molinillo (0.6.6)
    momentjs-rails (2.29.4.1)
      railties (>= 3.1)
    monadic (0.8.1)
    moneta (1.6.0)
    money (6.16.0)
      i18n (>= 0.6.4, <= 2)
    mongo (2.18.2)
      bson (>= 4.14.1, < 5.0.0)
    mongoid (8.0.3)
      activemodel (>= 5.1, < 7.1, != 7.0.0)
      mongo (>= 2.18.0, < 3.0.0)
      ruby2_keywords (~> 0.0.5)
    mongoid-paranoia (0.3.0)
      activesupport (>= 3.0)
      mongoid (>= 3.1.4)
    mongoid_includes (3.0.2)
      mongoid (>= 7.0.10, < 9.0.0)
    mono_logger (1.1.2)
    msgpack (1.7.1)
    mulang (6.11.1)
      mumukit-core (~> 1.19)
    multi_json (1.15.0)
    multi_test (1.1.0)
    multi_xml (0.6.0)
    multipart (0.2.1)
    multipart-post (2.3.0)
    mumuki-domain (9.23.0)
      email_validator (~> 1.6)
      mulang (~> 6.0)
      mumukit-assistant (~> 0.2)
      mumukit-auth (~> 7.11)
      mumukit-bridge (~> 4.1)
      mumukit-content-type (~> 1.11)
      mumukit-core (~> 1.18)
      mumukit-directives (~> 0.5)
      mumukit-inspection (~> 6.0)
      mumukit-login (~> 7.0)
      mumukit-platform (~> 7.0)
      mumukit-randomizer (~> 1.2)
      mumukit-sync (~> 1.0)
      rails (~> 5.1.6)
    mumuki-emojis (1.3.0)
    mumuki-laboratory (9.23.0)
      bootstrap5-kaminari-views (~> 0.0.1)
      font_awesome5_rails (~> 1.3)
      kaminari (~> 0.16)
      mini_racer (>= 0.4, < 0.5)
      momentjs-rails (~> 2.10)
      mumuki-domain (~> 9.23.0)
      mumuki-styles (~> 3.0)
      mumukit-auth (~> 7.11)
      mumukit-bridge (~> 4.1)
      mumukit-content-type (~> 1.9)
      mumukit-login (~> 7.7)
      mumukit-nuntius (~> 6.1)
      muvment (~> 1.2)
      nprogress-rails (~> 0.2)
      omniauth (~> 1.4)
      rack (~> 2.1)
      rails (~> 5.1.6)
      rails-i18n (~> 4.0.0)
      rqrcode (~> 1.2)
      sassc-rails (~> 2.1)
      sprockets (~> 3.7)
      turbolinks (~> 5.0)
      wicked_pdf (~> 1.4)
      wkhtmltopdf-binary (~> 0.12)
    mumuki-styles (3.1.0)
    mumukit-assistant (0.3.0)
      mumukit-core (~> 1.3)
    mumukit-auth (7.14.0)
      jwt (~> 1.5)
      mumukit-core (~> 1.8)
    mumukit-bridge (4.2.0)
      mumukit-core (~> 1.10)
      rest-client
    mumukit-content-type (1.12.1)
      mumuki-emojis (~> 1.0)
      mumukit-core (~> 1.19)
      redcarpet (~> 3.3)
      rouge (~> 3.1)
      sanitize (~> 6.0)
    mumukit-core (1.19.1)
      activesupport (>= 4.1)
      i18n (~> 0.7)
      rack (>= 1.5)
    mumukit-directives (0.5.0)
      mumukit-core (>= 0.1, < 2)
    mumukit-inspection (6.0.0)
      mulang (~> 6.0)
      mumukit-core (> 1.0, < 2)
    mumukit-login (7.9.0)
      actionpack (>= 5.1)
      addressable
      jwt (~> 1.5)
      mumukit-auth (~> 7.0)
      mumukit-core (~> 1.8)
      mumukit-platform (~> 7.0)
      omniauth (~> 1.2)
      omniauth-auth0 (~> 1.1)
      omniauth-cas (~> 1.1)
      omniauth-google-oauth2 (~> 0.5)
      omniauth-saml (~> 1.6)
      rack (>= 2.1)
    mumukit-nuntius (6.7.1)
      bunny (~> 2.3)
      mumukit-core (~> 1.8)
    mumukit-platform (7.1.0)
      activemodel (>= 4.0)
      mumukit-auth (~> 7.6)
      mumukit-bridge (>= 3.5, < 5)
      mumukit-core (~> 1.2)
      mumukit-nuntius (~> 6.0)
    mumukit-randomizer (1.2.0)
      activesupport
      keisan (~> 0.9)
    mumukit-sync (1.0.3)
      faraday (= 1.8.0)
      git (~> 1.5)
      mumukit-auth (~> 7.0)
      mumukit-core (~> 1.13)
      octokit (~> 4.1)
    mustache (1.1.1)
    mustermann (3.0.0)
      ruby2_keywords (~> 0.0.1)
    mustermann-grape (1.0.2)
      mustermann (>= 1.0.0)
    muvment (1.4.0)
    myreplicator (1.1.73)
      json
      mysql2
      net-sftp
      net-ssh
      rails (>= 3.2.0)
      resque
      resque-scheduler
      will_paginate (~> 3.0)
    mysql2 (0.5.5)
    nanaimo (0.3.0)
    nap (1.1.0)
    narray (0.6.1.2)
    nenv (0.3.0)
    net-dns2 (0.8.7)
      packetfu
    net-hippie (1.1.1)
    net-http-persistent (2.9.4)
    net-imap (0.3.4)
      date
      net-protocol
    net-pop (0.1.2)
      net-protocol
    net-protocol (0.2.1)
      timeout
    net-scp (4.0.0)
      net-ssh (>= 2.6.5, < 8.0.0)
    net-sftp (4.0.0)
      net-ssh (>= 5.0.0, < 8.0.0)
    net-smtp (0.3.3)
      net-protocol
    net-ssh (7.1.0)
    net-ssh-gateway (2.0.0)
      net-ssh (>= 4.0.0)
    netaddr (2.0.6)
    netrc (0.11.0)
    nio4r (2.5.9)
    no_proxy_fix (0.1.2)
    nokogiri (1.15.2-arm64-darwin)
      racc (~> 1.4)
    nokogiri-happymapper (0.9.0)
      nokogiri (~> 1.5)
    nori (2.6.0)
    notiffany (0.1.3)
      nenv (~> 0.1)
      shellany (~> 0.0)
    nprogress-rails (0.2.0.2)
    nps_sdk (1.1.19)
      savon (~> 2.11)
    numpy (0.4.0)
      pycall (>= 1.2.0.beta1)
    oauth (1.1.0)
      oauth-tty (~> 1.0, >= 1.0.1)
      snaky_hash (~> 2.0)
      version_gem (~> 1.1)
    oauth-tty (1.0.5)
      version_gem (~> 1.1, >= 1.1.1)
    oauth2 (2.0.9)
      faraday (>= 0.17.3, < 3.0)
      jwt (>= 1.0, < 3.0)
      multi_xml (~> 0.5)
      rack (>= 1.2, < 4)
      snaky_hash (~> 2.0)
      version_gem (~> 1.1)
    octokit (4.25.1)
      faraday (>= 1, < 3)
      sawyer (~> 0.9)
    ohai (18.1.3)
      chef-config (>= 14.12, < 19)
      chef-utils (>= 16.0, < 19)
      ffi (~> 1.9)
      ffi-yajl (~> 2.2)
      ipaddress
      mixlib-cli (>= 1.7.0)
      mixlib-config (>= 2.0, < 4.0)
      mixlib-log (>= 2.0.1, < 4.0)
      mixlib-shellout (~> 3.2, >= 3.2.5)
      plist (~> 3.1)
      train-core
      wmi-lite (~> 1.0)
    oj (3.14.3)
    omise (0.10.1)
      json (>= 1.8)
      rest-client (>= 2.0)
    omniauth (1.9.2)
      hashie (>= 3.4.6)
      rack (>= 1.6.2, < 3)
    omniauth-auth0 (1.4.2)
      omniauth-oauth2 (~> 1.1)
    omniauth-cas (1.1.1)
      addressable (~> 2.3)
      nokogiri (~> 1.5)
      omniauth (~> 1.2)
    omniauth-google-oauth2 (0.5.4)
      jwt (>= 1.5)
      omniauth (>= 1.1.1)
      omniauth-oauth2 (>= 1.5)
    omniauth-oauth2 (1.7.3)
      oauth2 (>= 1.4, < 3)
      omniauth (>= 1.9, < 3)
    omniauth-odnoklassniki (0.0.9)
      omniauth (>= 1.9, < 3)
      omniauth-oauth2 (~> 1.0)
    omniauth-saml (1.10.3)
      omniauth (~> 1.3, >= 1.3.2)
      ruby-saml (~> 1.9)
    omniauth-xero-oauth2 (1.0.1)
      omniauth (~> 1.9.1)
      omniauth-oauth2 (~> 1.7.1)
    oni (4.3.1)
    open4 (1.3.4)
    openapi3_parser (0.9.2)
      commonmarker (~> 0.17)
    openapi_parser (0.15.0)
    opener-core (2.5.0)
      httpclient
      slop (~> 3.0)
    openpgp (0.0.3)
      open4 (>= 1.0.1)
    openssl (3.1.0)
    ops_manager_ui_drivers (1.25.1)
      activesupport
      capybara
      capybara-webkit
      selenium-webdriver
    opsmgr (0.30.0)
      aws-sdk (~> 2.0)
      capybara
      capybara-webkit
      multipart-post
      mustache
      net-ssh-gateway
      open4
      ops_manager_ui_drivers (~> 1.25.0)
      rake
      recursive-open-struct (~> 0.5.0)
      rspec
      sinatra
      vm_shepherd
    optimist (3.0.1)
    optout (0.0.2)
    orm_adapter (0.5.0)
    os (0.9.6)
    pack_stats (0.1.2)
      code_ownership
      code_teams
      dogapi
      packs
      parse_packwerk
      rubocop-packs
      sorbet-runtime
    packetfu (1.1.13)
      pcaprub
    packs (0.0.6)
      sorbet-runtime
    pandas (0.3.8)
      numpy
      pycall (>= 1.0.0)
    paperclip (6.1.0)
      activemodel (>= 4.2.0)
      activesupport (>= 4.2.0)
      mime-types
      mimemagic (~> 0.3.0)
      terrapin (~> 0.6.0)
    parallel (1.23.0)
    parallel_tests (4.2.1)
      parallel
    parallelize (0.4.1)
    parse_packwerk (0.19.3)
      sorbet-runtime
    parser (3.2.2.1)
      ast (~> 2.4.1)
    parslet (1.8.2)
    path_expander (1.1.1)
    patience_diff (1.2.0)
      optimist (~> 3.0)
    pcaprub (0.13.1)
    pdfcrowd (5.13.1)
    pg (1.5.3)
    playwright-ruby-client (1.34.0)
      concurrent-ruby (>= 1.1.6)
      mime-types (>= 3.0)
    plek (5.0.0)
    plist (3.7.0)
    polyamorous (2.3.0)
      activerecord (>= 5.0)
    polyglot (0.3.5)
    prettyprint (0.1.1)
    procodile (1.0.26)
      json
    progress (3.6.0)
    props (1.2.0)
      iniparser (>= 0.1.0)
    protocol (2.0.0)
      ruby_parser (~> 3.0)
    protocol-http (0.24.2)
    protocol-http1 (0.15.0)
      protocol-http (~> 0.22)
    protocol-websocket (0.11.1)
      protocol-http (~> 0.2)
      protocol-http1 (~> 0.2)
    protor (0.1.2)
    pry (0.11.3)
      coderay (~> 1.1.0)
      method_source (~> 0.9.0)
    pry-state (0.1.10)
      pry (>= 0.9.10, < 0.12.0)
    public_suffix (5.0.1)
    puppet-lint (2.5.2)
    puppet-lint-param-types (1.0.0)
      puppet-lint (>= 1.1, < 4)
    puppet-lint-world_writable_files-check (0.0.2)
      puppet-lint (>= 1.1, < 3.0)
    puppetserver-ca (2.6.0)
      facter (>= 2.0.1, < 5)
    pycall (1.4.2)
    raabro (1.4.0)
    racc (1.6.2)
    rack (2.2.7)
    rack-accept (0.4.5)
      rack (>= 0.4)
    rack-client (0.4.2)
      rack (>= 1.0.0)
    rack-idempotent (0.2.0)
    rack-link_headers (2.3.0)
      rack
    rack-offline (0.6.4)
    rack-test (2.1.0)
      rack (>= 1.3)
    radius (0.7.5)
    rails (5.1.7)
      actioncable (= 5.1.7)
      actionmailer (= 5.1.7)
      actionpack (= 5.1.7)
      actionview (= 5.1.7)
      activejob (= 5.1.7)
      activemodel (= 5.1.7)
      activerecord (= 5.1.7)
      activesupport (= 5.1.7)
      bundler (>= 1.3.0)
      railties (= 5.1.7)
      sprockets-rails (>= 2.0.0)
    rails-autoscale-core (1.4.1)
    rails-autoscale-web (1.4.1)
      rails-autoscale-core (= 1.4.1)
      railties
    rails-dom-testing (2.0.3)
      activesupport (>= 4.2.0)
      nokogiri (>= 1.6)
    rails-html-sanitizer (1.6.0)
      loofah (~> 2.21)
      nokogiri (~> 1.14)
    rails-i18n (4.0.2)
      i18n (~> 0.6)
      rails (>= 4.0)
    rails_admin_rollincode (1.4)
      rails (>= 4.0, < 8)
    rails_autolink (1.1.8)
      actionview (> 3.1)
      activesupport (> 3.1)
      railties (> 3.1)
    rails_stats (1.0.2)
      rake
    railties (5.1.7)
      actionpack (= 5.1.7)
      activesupport (= 5.1.7)
      method_source
      rake (>= 0.8.7)
      thor (>= 0.18.1, < 2.0)
    rainbow (3.1.1)
    rake (13.0.6)
    random_token (1.1.1)
    ransack (2.3.0)
      actionpack (>= 5.0)
      activerecord (>= 5.0)
      activesupport (>= 5.0)
      i18n
      polyamorous (= 2.3.0)
    rb-fsevent (0.11.2)
    rb-inotify (0.10.1)
      ffi (~> 1.0)
    rbtree (0.4.6)
    rbvmomi (1.11.3)
      builder (~> 3.0)
      json (>= 1.8)
      nokogiri (~> 1.5)
      trollop (~> 2.1)
    rc-rest (3.0.1)
      nokogiri (>= 1.3.1)
    rchardet (1.8.0)
    rd_awesome_nested_set (1.4.4)
      activerecord (>= 1.1)
    rd_resource_controller (1.0.1)
    rd_searchlogic (3.0.1)
      activerecord (>= 3.0.0)
    rd_unobtrusive_date_picker (0.1.0)
    rdf (2.0.2)
      hamster (~> 3.0)
      link_header (~> 0.0, >= 0.0.8)
    readapt (1.4.4)
      backport (~> 1.2)
      thor (~> 1.0)
    reality-naming (1.13.0)
    recaptcha (5.14.0)
    recursive-open-struct (0.5.0)
    red-colors (0.3.0)
      matrix
    red-datasets (0.1.7)
      csv (>= 3.2.4)
      rexml
      rubyzip
    red-palette (0.5.0)
      red-colors (>= 0.3.0)
    redcarpet (3.6.0)
    redis (3.0.7)
    redis-namespace (1.8.2)
      redis (>= 3.0.4)
    redis-stat (0.2.7)
      ansi (~> 1.4.3)
      insensitive_hash (~> 0.3.0)
      parallelize (~> 0.4.0)
      redis (~> 3.0.1)
      si (~> 0.1.3)
      tabularize (~> 0.2.8)
    redlock (1.3.2)
      redis (>= 3.0.0, < 6.0)
    reek (6.1.4)
      kwalify (~> 0.7.0)
      parser (~> 3.2.0)
      rainbow (>= 2.0, < 4.0)
    regexp_parser (2.8.0)
    relaton-bib (1.9.17)
      addressable
      bibtex-ruby
      iso639
      nokogiri
    relaton-iso-bib (1.9.0)
      isoics (~> 0.1.6)
      relaton-bib (~> 1.9.0)
    relaton-ogc (1.9.3)
      faraday (~> 1.1)
      relaton-iso-bib (~> 1.9.0)
    representable (3.2.0)
      declarative (< 0.1.0)
      trailblazer-option (>= 0.1.1, < 0.2.0)
      uber (< 0.2.0)
    reqres_rspec (0.2.6)
      aws-sdk-core (~> 2.0)
      coderay
      mime-types
    request_store (1.5.1)
      rack (>= 1.4)
    responders (3.0.1)
      actionpack (>= 5.0)
      railties (>= 5.0)
    resque (2.5.0)
      mono_logger (~> 1.0)
      multi_json (~> 1.0)
      redis-namespace (~> 1.6)
      sinatra (>= 0.9.2)
    resque-scheduler (2.0.1)
      redis (>= 2.0.1)
      resque (>= 1.20.0)
      rufus-scheduler
    resque_mailer (2.4.3)
      actionmailer (>= 3.0)
      activesupport (>= 3.0)
    rest (3.0.8)
      net-http-persistent (>= 2.9.1, < 3)
      netrc
    rest-client (2.1.0)
      http-accept (>= 1.7.0, < 2.0)
      http-cookie (>= 1.0.2, < 2.0)
      mime-types (>= 1.16, < 4.0)
      netrc (~> 0.8)
    retriable (3.1.2)
    retryable (3.0.5)
    rexml (3.2.5)
    ri_cal (0.8.8)
    riiif (2.4.0)
      deprecation (>= 1.0.0)
      iiif-image-api (>= 0.1.0)
      railties (>= 4.2, < 8)
    robottelo_reporter (0.1.1)
      builder (>= 2.1.2)
    rotoscope (0.3.0)
    rouge (3.30.0)
    routes_lazy_routes (0.4.2)
      actionpack
      railties
    rpm-utils (0.1)
    rqrcode (1.2.0)
      chunky_png (~> 1.0)
      rqrcode_core (~> 0.2)
    rqrcode_core (0.2.0)
    rspec (3.12.0)
      rspec-core (~> 3.12.0)
      rspec-expectations (~> 3.12.0)
      rspec-mocks (~> 3.12.0)
    rspec-core (3.12.2)
      rspec-support (~> 3.12.0)
    rspec-expectations (3.12.3)
      diff-lcs (>= 1.2.0, < 2.0)
      rspec-support (~> 3.12.0)
    rspec-mocks (3.12.5)
      diff-lcs (>= 1.2.0, < 2.0)
      rspec-support (~> 3.12.0)
    rspec-support (3.12.0)
    rspectacular (0.70.8)
      fuubar (~> 2.0)
      rspec (~> 3.1)
    rss (0.2.9)
      rexml
    rturk (2.12.1)
      erector
      nokogiri
      rest-client
    rubocop (1.31.0)
      parallel (~> 1.10)
      parser (>= 3.1.0.0)
      rainbow (>= 2.2.2, < 4.0)
      regexp_parser (>= 1.8, < 3.0)
      rexml (>= 3.2.5, < 4.0)
      rubocop-ast (>= 1.18.0, < 2.0)
      ruby-progressbar (~> 1.7)
      unicode-display_width (>= 1.4.0, < 3.0)
    rubocop-ast (1.29.0)
      parser (>= 3.2.1.0)
    rubocop-inflector (0.2.1)
      activesupport
      rubocop
      rubocop-rspec
    rubocop-packs (0.0.39)
      activesupport
      packs
      parse_packwerk
      rubocop
      rubocop-sorbet
      sorbet-runtime
    rubocop-rspec (2.12.1)
      rubocop (~> 1.31)
    rubocop-sorbet (0.7.0)
      rubocop (>= 0.90.0)
    ruby-des (1.0)
    ruby-hmac (0.4.0)
    ruby-macho (1.4.0)
    ruby-magic-static (0.3.5)
      mini_portile2 (~> 2.5.0)
    ruby-progressbar (1.13.0)
    ruby-saml (1.15.0)
      nokogiri (>= 1.13.10)
      rexml
    ruby-vips (2.1.4)
      ffi (~> 1.12)
    ruby2_keywords (0.0.5)
    ruby2ruby (2.5.0)
      ruby_parser (~> 3.1)
      sexp_processor (~> 4.6)
    ruby_info (1.0.1)
    ruby_parser (3.20.1)
      sexp_processor (~> 4.16)
    ruby_vcloud_sdk (0.7.4)
      builder (>= 3.1)
      httpclient (>= 2.4.0)
      netaddr
      nokogiri (>= 1.5.6)
      rest-client (>= 1.6.7)
    rubycritic (4.8.1)
      flay (~> 2.13)
      flog (~> 4.6)
      launchy (>= 2.5.2)
      parser (>= 3.2.2.1)
      rainbow (~> 3.1.1)
      reek (~> 6.0, < 7.0)
      ruby_parser (~> 3.20)
      simplecov (>= 0.22.0)
      tty-which (~> 0.5.0)
      virtus (~> 2.0)
    rubyzip (2.3.2)
    rufus-scheduler (3.9.0)
      fugit (~> 1.1, >= 1.1.6)
    rutie (0.0.4)
    saml-kit (1.3.0)
      activemodel (>= 5.1, < 8.0)
      net-hippie (>= 0.1, < 2.0)
      xml-kit (~> 0.4)
    sane (0.25.8)
      os (~> 0)
    sanitize (6.0.1)
      crass (~> 1.0.2)
      nokogiri (>= 1.12.0)
    sass (3.7.4)
      sass-listen (~> 4.0.0)
    sass-listen (4.0.0)
      rb-fsevent (~> 0.9, >= 0.9.4)
      rb-inotify (~> 0.9, >= 0.9.7)
    sass-rails (6.0.0)
      sassc-rails (~> 2.1, >= 2.1.1)
    sassc (2.4.0)
      ffi (~> 1.9)
    sassc-rails (2.1.2)
      railties (>= 4.0.0)
      sassc (>= 2.0)
      sprockets (> 3.0)
      sprockets-rails
      tilt
    sassy-buttons (0.2.6)
      compass (>= 0.12.2)
    savon (2.14.0)
      akami (~> 1.2)
      builder (>= 2.1.2)
      gyoku (~> 1.2)
      httpi (>= 2.4.5)
      mail (~> 2.5)
      nokogiri (>= 1.8.1)
      nori (~> 2.4)
      wasabi (~> 3.4)
    sawyer (0.9.2)
      addressable (>= 2.3.5)
      faraday (>= 0.17.3, < 3)
    scaleapi-ruby (0.3.0)
      activesupport
      rest-client
    scribe (0.2.4)
      rake
      thrift_client (~> 0.6)
    selenium-webdriver (4.9.1)
      rexml (~> 3.2, >= 3.2.5)
      rubyzip (>= 1.2.2, < 3.0)
      websocket (~> 1.0)
    sensu-plugin (1.4.5)
      json (< 2.0.0)
      mixlib-cli (>= 1.5.0)
    sensu-plugins-systemd (0.1.0)
      sensu-plugin (~> 1.2)
    sentimental (1.5.0)
    sequel (5.69.0)
    serfx (0.1.2)
      mixlib-log
      msgpack
    serverengine (2.3.2)
      sigdump (~> 0.2.2)
    set (1.0.3)
    sexp_processor (4.17.0)
    shellany (0.0.1)
    si (0.1.4)
    sidekiq (3.4.1)
      celluloid (~> 0.16.0)
      connection_pool (>= 2.1.1)
      json
      redis (>= 3.0.6)
      redis-namespace (>= 1.3.1)
    sidekiq_status (1.2.0)
      sidekiq (>= 3.3, < 5)
    sigdump (0.2.4)
    signet (0.17.0)
      addressable (~> 2.8)
      faraday (>= 0.17.5, < 3.a)
      jwt (>= 1.5, < 3.0)
      multi_json (~> 1.10)
    simpacker (1.2.1)
      railties (>= 4.2)
    simple_form (5.0.3)
      actionpack (>= 5.0)
      activemodel (>= 5.0)
    simple_sitemap (0.3.1)
      nokogiri (~> 1.7)
    simple_states (2.0.1)
    simplecov (0.22.0)
      docile (~> 1.1)
      simplecov-html (~> 0.11)
      simplecov_json_formatter (~> 0.1)
    simplecov-html (0.12.3)
    simplecov_json_formatter (0.1.4)
    sinatra (1.0)
      rack (>= 1.0)
    sinatra_auth_github (1.2.0)
      sinatra (~> 1.0)
      warden-github (~> 1.2.0)
    slop (3.6.0)
    snaky_hash (2.0.1)
      hashie
      version_gem (~> 1.1, >= 1.1.1)
    sorbet-runtime (0.5.10863)
    sorted_set (1.0.3)
      rbtree
      set (~> 1.0)
    sparql-client (2.0.2)
      net-http-persistent (~> 2.9)
      rdf (~> 2.0.2)
    spectator-validates_email (1.1.0)
      activemodel (>= 4.2.0)
    spin (0.7.1)
    spree_auth (0.30.1)
      authlogic (= 2.1.6)
      cancan (>= 1.3.3)
      spree_core (= 0.30.1)
    spree_core (0.30.1)
      activemerchant (>= 1.7.1)
      acts_as_list (>= 0.1.2)
      faker (>= 0.3.1)
      highline (>= 1.5.1)
      jquery-rails (>= 0.2.2)
      paperclip (>= 2.3.1.1)
      rails (>= 3.0.1)
      rd_awesome_nested_set (>= 1.4.4)
      rd_resource_controller
      rd_searchlogic (>= 3.0.0.rc3)
      rd_unobtrusive_date_picker (>= 0.1.0)
      state_machine (>= 0.9.4)
      stringex (>= 1.0.3)
      will_paginate (>= 3.0.pre)
    spree_zone_pricing (0.1.90)
    sprockets (3.7.2)
      concurrent-ruby (~> 1.0)
      rack (> 1, < 3)
    sprockets-rails (3.2.2)
      actionpack (>= 4.0)
      activesupport (>= 4.0)
      sprockets (>= 3.0.0)
    squash_ruby (2.0.1)
      json
    sshkit (1.21.4)
      net-scp (>= 1.1.2)
      net-ssh (>= 2.8.0)
    ssrf_filter (1.1.1)
    state_machine (1.2.0)
    statesman (1.3.1)
    statsd-ruby (1.5.0)
    stoplight (3.0.1)
      redlock (~> 1.0)
    stringex (1.5.1)
    strptime (0.2.5)
    super_diff (0.10.0)
      attr_extras (>= 6.2.4)
      diff-lcs
      patience_diff
    symbiont-ruby (0.7.0)
    sync (0.5.0)
    systemu (2.6.5)
    table_print (1.5.7)
    tabularize (0.2.10)
      unicode-display_width (>= 1.3.0)
    talentbox-delayed_job_sequel (4.3.0)
      delayed_job (~> 4.1.0)
      sequel (>= 3.38, < 6.0)
      tzinfo
    tel_formatter (1.0.0)
    templater (1.0.0)
      diff-lcs (>= 1.1.2)
      extlib (>= 0.9.5)
      highline (>= 1.4.0)
    temple (0.10.2)
    term-ansicolor (1.7.1)
      tins (~> 1.0)
    terminal-table (3.0.2)
      unicode-display_width (>= 1.1.1, < 3)
    terrapin (0.6.0)
      climate_control (>= 0.0.3, < 1.0)
    terraspace-bundler (0.3.4)
      activesupport
      dsl_evaluator
      memoist
      rainbow
      thor
      zeitwerk
    text-format (1.0.0)
      text-hyphen (~> 1.0.0)
    text-hyphen (1.0.0)
    textutils (1.4.0)
      activesupport
      logutils (>= 0.6.1)
      props (>= 1.1.2)
      rubyzip (>= 1.0.0)
    thor (1.2.2)
    thread_safe (0.3.6)
    thrift (0.11.0.0)
    thrift_client (0.11.0)
      thrift (~> 0.11.0)
    tickethub (0.3.100)
      countries
      iso8601-basic
      money
      timezone
    tiller (1.5.0)
    tilt (2.1.0)
    time_diff (0.3.0)
      activesupport
      i18n
    timeout (0.3.2)
    timers (4.0.4)
      hitimes
    timezone (1.3.23)
    tins (1.32.1)
      sync
    tinymce-rails (4.9.11)
      railties (>= 3.1.1)
    tomlrb (1.3.0)
    tomparse (0.4.2)
    toolkit (2.10.2)
      sass (~> 3.3)
    trailblazer-activity (0.16.0)
      trailblazer-context (~> 0.5.0)
      trailblazer-option (~> 0.1.0)
    trailblazer-activity-dsl-linear (1.2.1)
      trailblazer-activity (>= 0.16.0, < 0.17.0)
      trailblazer-declarative (>= 0.0.1, < 0.1.0)
    trailblazer-context (0.5.1)
      hashie (>= 3.0.0)
    trailblazer-declarative (0.0.2)
    trailblazer-option (0.1.2)
    trailblazer-test (0.1.1)
      hashie
      trailblazer-activity (>= 0.10.0)
      trailblazer-activity-dsl-linear (>= 0.2.5)
    train-core (3.10.7)
      addressable (~> 2.5)
      ffi (!= 1.13.0)
      json (>= 1.8, < 3.0)
      mixlib-shellout (>= 2.0, < 4.0)
      net-scp (>= 1.2, < 5.0)
      net-ssh (>= 2.9, < 8.0)
    treetop (1.6.12)
      polyglot (~> 0.3)
    trollop (2.9.10)
    tty-which (0.5.0)
    turbo_tests (2.1.0)
      bundler (>= 2.1)
      parallel_tests (>= 3.3.0, < 5)
      rspec (>= 3.10)
    turbolinks (5.2.1)
      turbolinks-source (~> 5.2)
    turbolinks-source (5.2.0)
    two_captcha (1.8.0)
    typhoeus (1.4.0)
      ethon (>= 0.9.0)
    tzinfo (1.2.11)
      thread_safe (~> 0.1)
    tzinfo-data (1.2023.3)
      tzinfo (>= 1.0.0)
    uber (0.1.0)
    unaccent (0.4.0)
    unf (0.1.4)
      unf_ext
    unf_ext (0.0.8.2)
    unicode-display_width (2.4.2)
    unicode-types (1.8.0)
    upmark (1.0.0)
      parslet (~> 1.8.2)
    utilrb (3.1.0)
      facets (>= 2.4.0)
      rake (>= 0.9)
    uuid (2.3.9)
      macaddr (~> 1.0)
    uuidtools (2.2.0)
    vagrant-lxc (1.4.3)
    valcro (0.2.1)
    version_gem (1.1.2)
    viki-api (0.0.1)
    virtualbox (0.8.6)
      ffi (~> 1.0)
    virtus (2.0.0)
      axiom-types (~> 0.1)
      coercible (~> 1.0)
      descendants_tracker (~> 0.0, >= 0.0.3)
    vm_shepherd (3.7.3)
      aws-sdk-v1
      fog (= 1.34.0)
      net-ssh
      rbvmomi (= 1.11.3)
      ruby_vcloud_sdk (= 0.7.4)
      xmlrpc
    warden (1.2.9)
      rack (>= 2.0.9)
    warden-github (1.2.0)
      activesupport (> 3.0)
      octokit (> 2.1.0)
      warden (> 1.0)
    wasabi (3.8.0)
      addressable
      httpi (~> 3.0)
      nokogiri (>= 1.4.2)
    webrick (1.8.1)
    websocket (1.2.9)
    websocket-driver (0.6.5)
      websocket-extensions (>= 0.1.0)
    websocket-extensions (0.1.5)
    wicked_pdf (1.4.0)
      activesupport
    will_paginate (3.3.1)
    will_paginate-bootstrap (1.0.2)
      will_paginate (>= 3.0.3)
    win32-certstore (0.6.15)
      chef-powershell (>= 1.0.12)
      ffi
    wkhtmltopdf-binary (0.12.6.6)
    wkhtmltopdf-binary-edge-alpine (0.12.6.3)
    wmi-lite (1.0.7)
    wxruby (1.9.3-universal-darwin)
    xclarity_client (0.6.9)
      faraday (>= 0.9, < 2.0.0)
      faraday-cookie_jar (~> 0.0.6)
      httpclient (~> 2.8.3)
      json-schema (~> 2.8.0)
      uuid (~> 2.3.8)
    xcodeproj (1.22.0)
      CFPropertyList (>= 2.3.3, < 4.0)
      atomos (~> 0.1.3)
      claide (>= 1.0.2, < 2.0)
      colored2 (~> 3.1)
      nanaimo (~> 0.3.0)
      rexml (~> 3.2.4)
    xml-kit (0.6.0)
      activemodel (>= 4.2.0)
      builder (~> 3.2)
      nokogiri (~> 1.10)
      tilt (>= 1.4.1)
      xmldsig (~> 0.6)
    xml-simple (1.1.9)
      rexml
    xmldsig (0.7.0)
      nokogiri (>= 1.6.8, < 2.0.0)
    xmlrpc (0.3.2)
      webrick
    xmpp4r (0.5.6)
    xmpp4r_facebook (0.1.1)
      xmpp4r
    xpath (3.2.0)
      nokogiri (~> 1.8)
    yajl-ruby (1.4.3)
    yaml2json (0.0.2)
    yard (0.9.34)
    yard-tomdoc (0.7.1)
      tomparse (>= 0.4.0)
      yard
    yt-support (0.1.3)
    zeitwerk (2.4.2)
    zendesk_remote_auth (1.2.0)
      activesupport (>= 3.0.0)
    zero-rails_openapi (2.1.5)
      activesupport (>= 4.1)
      colorize
      rails (>= 4.1)
    zpng (0.4.5)
      rainbow (~> 3.1.1)

PLATFORMS
  arm64-darwin-22

DEPENDENCIES
  pkg42!

BUNDLED WITH
   2.4.13
