PATH
  remote: .
  specs:
    pkg26 (0.0.1)
      2gis
      Zzzzz
      active_frontend
      activerecord-pg_enum
      activerecord-postgres-hstore
      activerecord-refresh_connection
      activerecord4-redshift-adapter
      after_transaction_commit
      agent_client
      amq-client
      anemone
      angular-ui-bootstrap-rails
      angularjs-rails-resource
      ar_lazy_preload
      auto_html
      autobuild
      autoproj
      aws-healthcheck
      baby_squeel
      bogo-cli
      bootswatch-rails
      bounded_context
      brotli
      bumbler
      bzip2-ffi
      cairo-gobject
      capistrano-file-permissions
      capistrano-slackify
      capybara-mechanize
      cfoundry
      chart-horizontalbar-rails
      cheffish
      citeproc
      classy_enum
      cli-ui
      clockwork-test
      cloudflare
      collapsium
      corefoundation
      cranky
      csl-styles
      culerity
      danger-auto_label
      data-confirm-modal
      delocalize
      dynarex
      elftools
      ember-cli-rails
      ember-cli-rails-assets
      eslint-rails
      exponential-backoff
      extpp
      extras
      fastlane-plugin-get_version_code
      fastlane-plugin-yarn
      ffi-rzmq-core
      file-utils
      filepicker-rails
      flagship
      flipper-api
      fluent-plugin-elasticsearch-timestamp-check
      fluent-plugin-flowcounter
      fluent-plugin-nginx-error-multiline
      fog-azure-rm
      font_awesome5_rails
      fresh_connection
      fuelsdk
      gdk_pixbuf2
      gem-licenses
      gem_config
      gem_update_checker
      generate_method
      gherkin3
      git-pr-release
      gitlab-peek
      google-authenticator-rails
      google-cloud
      google-cloud-kms
      google-cloud-profiler-v2
      google-dfp-api
      google-qr
      groupify
      hiera-puppet
      hirb-unicode-steakknife
      hominid
      hstore_accessor
      html_truncator
      htmltoword
      i18n_generators
      i18n_yaml_sorter
      identikal
      inline_forms
      insensitive_hash
      inst-jobs
      iostreams
      iron_core
      jekyll-archives
      jquery-livetype-rails
      jsduck
      json-compare
      kaminari-grape
      kindlerb
      kitchen-ansible
      kmts
      language_filter
      lazyload-rails
      leaflet-rails
      linguistics
      logger-colors
      mapbox-sdk
      material_icons
      mauth-client
      migrations_watchdog
      mobile-fu
      mobileesp_converted
      mongo_session_store
      mongoid-active_merchant
      msfrpc-client
      mutant-rspec
      n_plus_one_control
      newrelic-infinite_tracing
      nokogiri-diff
      ohm-contrib
      omniauth-microsoft-office365
      omniauth-okta
      once-ler
      onceover
      ostruct
      paper_trail-globalid
      paperclip-meta
      parsley-rails
      paypal-express
      pdf-writer
      peach
      peek-performance_bar
      peek-pg
      perf_check
      php-serialize
      picasawebalbums
      pipetree
      plivo
      prawn-format
      prawn-labels
      prawn-qrcode
      puppet-lint-strict_indent-check
      puppet-module-posix-default-r2.4
      puppet-module-posix-default-r2.5
      pycall
      qbo_api
      rack-tracer
      rails-dev-tweaks
      rails-footnotes
      rails-sass-images
      rcsv
      redis-elasticache
      redis-scripting
      resque-dynamic-queues
      resque-lock
      resque-scheduler-web
      rforce
      robotex
      rom-repository
      rom-sql
      rpm_contrib
      rserve-client
      rspec-prof
      rubinius-actor
      rubinius-core-api
      rubocop-sequel
      ruby-debug-base19
      ruby-handlebars
      ruby-hl7
      ruby-mcrypt
      ruby-ntlm
      ruby_jard
      saml2
      sass-embedded
      schema_plus
      semi_semantic
      semver2
      sensu-plugins-logs
      sensu-plugins-redis
      shopify-money
      sidekiq-worker-killer
      sim_launcher
      simpleconfig
      sinatra-reloader
      slowpoke
      sorbet-struct-comparable
      spectrum-rails
      spreadsheet_architect
      sprockets-commoner
      sqlite_magic
      stal
      state_machines-mongoid
      store_base_sti_class
      strftime-rails
      stronger_parameters
      subcontractor
      tabs_on_rails
      tddium_client
      testrail-ruby
      trailblazer-activity-dsl-linear
      tunemygc
      uk_postcode
      ultrahook
      vagrant-hostmanager
      vagrant-libvirt
      veracode
      verbal_expressions
      vuejs-rails
      waypoints_rails
      webcomponentsjs-rails
      will_paginate-bootstrap4
      win32-security
      windows-api
      yabeda-sidekiq
      yelp

GEM
  remote: https://rubygems.org/
  specs:
    2gis (0.0.0)
    Ascii85 (1.0.3)
    CFPropertyList (2.3.6)
    Zzzzz (0.0.1)
    actionmailer (4.2.11.3)
      actionpack (= 4.2.11.3)
      actionview (= 4.2.11.3)
      activejob (= 4.2.11.3)
      mail (~> 2.5, >= 2.5.4)
      rails-dom-testing (~> 1.0, >= 1.0.5)
    actionpack (4.2.11.3)
      actionview (= 4.2.11.3)
      activesupport (= 4.2.11.3)
      rack (~> 1.6)
      rack-test (~> 0.6.2)
      rails-dom-testing (~> 1.0, >= 1.0.5)
      rails-html-sanitizer (~> 1.0, >= 1.0.2)
    actionview (4.2.11.3)
      activesupport (= 4.2.11.3)
      builder (~> 3.1)
      erubis (~> 2.7.0)
      rails-dom-testing (~> 1.0, >= 1.0.5)
      rails-html-sanitizer (~> 1.0, >= 1.0.3)
    active_frontend (18.0.1)
      rails
    activejob (4.2.11.3)
      activesupport (= 4.2.11.3)
      globalid (>= 0.3.0)
    activemerchant (1.129.0)
      activesupport (>= 4.2)
      builder (>= 2.1.2, < 4.0.0)
      i18n (>= 0.6.9)
      nokogiri (~> 1.4)
      rexml (~> 3.2.5)
    activemodel (4.2.11.3)
      activesupport (= 4.2.11.3)
      builder (~> 3.1)
    activerecord (4.2.11.3)
      activemodel (= 4.2.11.3)
      activesupport (= 4.2.11.3)
      arel (~> 6.0)
    activerecord-pg_enum (2.0.0)
      activerecord (>= 4.1.0)
      activesupport
      pg
    activerecord-postgres-hstore (0.7.8)
      activerecord (>= 3.1)
      pg-hstore (>= 1.1.5)
      rake
    activerecord-refresh_connection (0.0.5)
      activerecord
    activerecord4-redshift-adapter (0.2.1)
      activerecord (~> 4.2.0)
      pg
    activesupport (4.2.11.3)
      i18n (~> 0.7)
      minitest (~> 5.1)
      thread_safe (~> 0.3, >= 0.3.4)
      tzinfo (~> 1.1)
    addressable (2.8.4)
      public_suffix (>= 2.0.2, < 6.0)
    afm (0.2.2)
    after_transaction_commit (1.1.2)
      activerecord (>= 4.0)
    agent_client (0.1.1)
      httpclient
      yajl-ruby
    airbrussh (1.4.1)
      sshkit (>= 1.6.1, != 1.7.0)
    akami (1.3.1)
      gyoku (>= 0.4.0)
      nokogiri
    amq-client (1.0.4)
      amq-protocol (>= 1.9.0)
      eventmachine
    amq-protocol (2.3.2)
    anemone (0.7.2)
      nokogiri (>= 1.3.0)
      robotex (>= 1.0.0)
    angular-ui-bootstrap-rails (2.4.0)
    angularjs-rails-resource (2.3.1)
    anyway_config (2.4.1)
      ruby-next-core (>= 0.14.0)
    ar_lazy_preload (2.0.0)
    archive-tar-minitar (0.5.2)
    arel (6.0.4)
    ast (2.4.2)
    async (2.5.1)
      console (~> 1.10)
      io-event (~> 1.1)
      timers (~> 4.1)
    async-http (0.60.1)
      async (>= 1.25)
      async-io (>= 1.28)
      async-pool (>= 0.2)
      protocol-http (~> 0.24.0)
      protocol-http1 (~> 0.15.0)
      protocol-http2 (~> 0.15.0)
      traces (>= 0.8.0)
    async-io (1.34.3)
      async
    async-pool (0.4.0)
      async (>= 1.25)
    async-rest (0.12.4)
      async-http (~> 0.42)
      protocol-http (~> 0.7)
    attr_required (1.0.1)
    attribute_struct (0.5.1)
      bogo (>= 0.1.31, < 0.3.0)
    auto_html (2.1.1)
      gemoji (~> 4.0.0.rc2)
      redcarpet (~> 3.5)
      rexml (~> 3.2.5)
      rinku (~> 2.0)
    autobuild (1.24.0)
      concurrent-ruby (~> 1.1)
      pastel (~> 0.7.0)
      rake (~> 13.0)
      tty-cursor (~> 0.7.0)
      tty-prompt (~> 0.21.0)
      tty-screen (~> 0.8.0)
      utilrb (~> 3.0, >= 3.0)
    autoproj (2.16.0)
      autobuild (>= 1.21.0)
      backports (~> 3.0)
      bundler
      concurrent-ruby (~> 1.1)
      parslet
      rb-inotify
      rgl (~> 0.5.7)
      thor (~> 1.0)
      tty-color (~> 0.5.0)
      tty-prompt (~> 0.21.0)
      tty-spinner (~> 0.9.0)
      utilrb (~> 3.0.0, >= 3.0.0)
      xdg (= 2.2.5)
    aws-healthcheck (2.0.0)
      railties (>= 3.0)
    azure_mgmt_compute (0.2.1)
      ms_rest_azure (~> 0.2.0)
    azure_mgmt_network (0.2.1)
      ms_rest_azure (~> 0.2.0)
    azure_mgmt_resources (0.2.1)
      ms_rest_azure (~> 0.2.0)
    azure_mgmt_storage (0.2.1)
      ms_rest_azure (~> 0.2.0)
    baby_squeel (1.3.1)
      activerecord (>= 4.2.0)
      join_dependency (~> 0.1.2)
      polyamorous (~> 1.3)
    backports (3.24.1)
    backticks (1.0.5)
    backtrack-xpath (0.2.2)
    bindata (2.4.15)
    blockenspiel (0.5.0)
    bogo (0.2.16)
      hashie
      multi_json
    bogo-cli (0.3.2)
      bogo (>= 0.2.14, < 0.6)
      bogo-config (>= 0.1.15, < 0.5)
      bogo-ui
    bogo-config (0.3.1)
      attribute_struct
      bogo (>= 0.1.4, < 1.0)
      multi_json
      multi_xml
    bogo-ui (0.4.1)
      bogo (~> 0.2)
      command_line_reporter (~> 4.0)
      paint (~> 2.2)
    bootswatch-rails (3.3.5)
      railties (>= 3.1)
    bounded_context (1.3.1)
    brotli (0.4.0)
    bson (4.15.0)
    builder (3.2.4)
    bumbler (0.9.0)
    byebug (11.1.3)
    bzip2-ffi (1.1.0)
      ffi (~> 1.0)
    c32 (0.3.0)
    cairo (1.17.8)
      native-package-installer (>= 1.0.3)
      pkg-config (>= 1.2.2)
      red-colors
    cairo-gobject (4.1.6)
      cairo (>= 1.16.2)
      glib2 (= 4.1.6)
    capistrano (3.17.2)
      airbrussh (>= 1.0.0)
      i18n
      rake (>= 10.0.0)
      sshkit (>= 1.9.0)
    capistrano-file-permissions (1.0.0)
      capistrano (~> 3.0)
    capistrano-slackify (2.10.3)
      capistrano (>= 3.2.0)
      multi_json
    capybara (3.39.1)
      addressable
      matrix
      mini_mime (>= 0.1.3)
      nokogiri (~> 1.8)
      rack (>= 1.6.0)
      rack-test (>= 0.6.3)
      regexp_parser (>= 1.5, < 3.0)
      xpath (~> 3.2)
    capybara-mechanize (1.12.0)
      capybara (>= 3.0.0, < 4)
      mechanize (~> 2.7.0)
    caxlsx (3.4.1)
      htmlentities (~> 4.3, >= 4.3.4)
      marcel (~> 1.0)
      nokogiri (~> 1.10, >= 1.10.4)
      rubyzip (>= 1.3.0, < 3)
    cfoundry (0.1.0)
      json_pure
      rest-client
      rubyzip
    chart-horizontalbar-rails (1.0.4)
    chef-zero (0.9.11)
      hashie (>= 2.0.4)
      mixlib-log (>= 1.3.0)
      solve (>= 0.4.3)
      thin
    cheffish (0.9.2)
      chef-zero
    chunky_png (1.4.0)
    citeproc (1.0.10)
      namae (~> 1.0)
    claide (1.1.0)
    claide-plugins (0.9.2)
      cork
      nap
      open4 (~> 1.3)
    classy_enum (4.0.0)
      activerecord (>= 3.2)
    cli-ui (2.2.3)
    climate_control (0.2.0)
    clockwork (3.0.2)
      activesupport
      tzinfo
    clockwork-test (0.5.1)
      clockwork
      timecop
    cloudflare (4.3.0)
      async-rest (~> 0.12.3)
    cmdparse (3.0.7)
    coderay (1.1.3)
    coffee-rails (4.2.2)
      coffee-script (>= 2.2.0)
      railties (>= 4.0.0)
    coffee-script (2.4.1)
      coffee-script-source
      execjs
    coffee-script-source (1.12.2)
    collapsium (0.10.0)
    color (1.8)
    colorator (1.1.0)
    colored (1.2)
    colored2 (3.1.2)
    colorize (0.8.1)
    columnize (0.9.0)
    command_line_reporter (4.0.3)
      colored (>= 1.2)
    commonjs (0.2.7)
    concurrent-ruby (1.2.2)
    concurrent-ruby-ext (1.2.2)
      concurrent-ruby (= 1.2.2)
    connection_pool (2.4.1)
    console (1.16.2)
      fiber-local
    cool.io (1.7.1)
    corefoundation (0.3.13)
      ffi (>= 1.15.0)
    cork (0.3.0)
      colored2 (~> 3.1)
    cranky (1.1.0)
    crass (1.0.6)
    cri (2.15.11)
    csl (2.0.0)
      namae (~> 1.0)
      rexml
    csl-styles (2.0.1)
      csl (~> 2.0)
    culerity (0.2.15)
    daemons (1.4.1)
    danger (8.6.1)
      claide (~> 1.0)
      claide-plugins (>= 0.9.2)
      colored2 (~> 3.1)
      cork (~> 0.1)
      faraday (>= 0.9.0, < 2.0)
      faraday-http-cache (~> 2.0)
      git (~> 1.7)
      kramdown (~> 2.3)
      kramdown-parser-gfm (~> 1.0)
      no_proxy_fix
      octokit (~> 4.7)
      terminal-table (>= 1, < 4)
    danger-auto_label (1.3.1)
      danger-plugin-api (~> 1.0)
    danger-plugin-api (1.0.0)
      danger (> 2.0)
    data-confirm-modal (1.6.3)
      railties (>= 3.0)
    date (3.3.3)
    debug_inspector (0.0.3)
    declarative (0.0.20)
    deep_merge (1.2.2)
    delocalize (0.2.6)
    dice_bag (1.6.1)
      diff-lcs (~> 1.0)
      rake
      thor (< 2.0)
    diff-lcs (1.5.0)
    diffy (3.4.2)
    digest-crc (0.6.4)
      rake (>= 12.0.0, < 14.0.0)
    dimensions (1.3.0)
    dir-to-xml (1.2.2)
      dxlite (~> 0.6, >= 0.6.0)
    domain_name (0.5.20190701)
      unf (>= 0.0.5, < 1.0.0)
    drb_fileclient (0.8.1)
      dir-to-xml (~> 1.2, >= 1.2.1)
      drb_fileclient-readwrite (~> 0.1, >= 0.1.5)
      zip (~> 2.0, >= 2.0.2)
    drb_fileclient-reader (0.2.0)
      c32 (~> 0.3, >= 0.3.0)
    drb_fileclient-readwrite (0.1.8)
      drb_fileclient-reader (~> 0.1, >= 0.1.6)
    drb_reg_client (0.2.0)
      rexle (~> 1.5, >= 1.5.8)
    dry-configurable (1.0.1)
      dry-core (~> 1.0, < 2)
      zeitwerk (~> 2.6)
    dry-core (1.0.0)
      concurrent-ruby (~> 1.0)
      zeitwerk (~> 2.6)
    dry-inflector (1.0.0)
    dry-initializer (3.1.1)
    dry-logic (1.5.0)
      concurrent-ruby (~> 1.0)
      dry-core (~> 1.0, < 2)
      zeitwerk (~> 2.6)
    dry-struct (1.6.0)
      dry-core (~> 1.0, < 2)
      dry-types (>= 1.7, < 2)
      ice_nine (~> 0.11)
      zeitwerk (~> 2.6)
    dry-types (1.7.1)
      concurrent-ruby (~> 1.0)
      dry-core (~> 1.0)
      dry-inflector (~> 1.0)
      dry-logic (~> 1.4)
      zeitwerk (~> 2.6)
    dxlite (0.6.1)
      recordx (~> 0.5, >= 0.5.5)
    dynarex (1.9.4)
      dynarex-import (~> 0.2, >= 0.2.2)
      dynarex-xslt (~> 0.1, >= 0.1.7)
      kvx (~> 1.0, >= 1.0.1)
      recordx (~> 0.5, >= 0.5.5)
      rexle-builder (~> 1.0, >= 1.0.3)
      rexslt (~> 0.7, >= 0.7.0)
      rowx (~> 0.8, >= 0.8.0)
      rxraw-lineparser (~> 0.2, >= 0.2.0)
      table-formatter (~> 0.7, >= 0.7.1)
    dynarex-import (0.2.2)
      rexslt
    dynarex-xslt (0.1.7)
    elftools (1.2.0)
      bindata (~> 2)
    em-websocket (0.5.3)
      eventmachine (>= 0.12.9)
      http_parser.rb (~> 0)
    ember-cli-rails (0.12.1)
      ember-cli-rails-assets (>= 0.6.2, < 1.0)
      html_page (~> 0.1.0)
      railties (>= 4.2)
      terrapin (~> 0.6.0)
    ember-cli-rails-assets (0.7.0)
      nokogiri
    equatable (0.7.0)
    erubis (2.7.0)
    eslint-rails (1.3.0)
      colorize
      execjs
      railties (>= 3.2)
    et-orbi (1.2.7)
      tzinfo
    eventmachine (1.2.7)
    excon (0.99.0)
    execjs (2.8.1)
    exponential-backoff (0.0.4)
    extpp (0.1.1)
    extras (0.3.0)
      forwardable-extended (~> 2.5)
    facets (3.1.0)
    facter (4.4.0)
      hocon (~> 1.3)
      thor (>= 1.0.1, < 2.0)
    faraday (0.17.6)
      multipart-post (>= 1.2, < 3)
    faraday-cookie_jar (0.0.7)
      faraday (>= 0.8.0)
      http-cookie (~> 1.0.0)
    faraday-detailed_logger (2.5.0)
      faraday (>= 0.16, < 3)
    faraday-http-cache (2.5.0)
      faraday (>= 0.8)
    faraday_middleware (0.14.0)
      faraday (>= 0.7.4, < 1.0)
    fast_gettext (1.1.2)
    fastlane-plugin-get_version_code (0.2.0)
    fastlane-plugin-yarn (1.2)
    ffi (1.15.5)
    ffi-rzmq-core (1.0.7)
      ffi
    ffi-win32-extensions (1.0.4)
      ffi
    fiber-local (1.0.0)
    fiddle (1.1.1)
    file-utils (0.1.1)
    filepicker-rails (0.1)
      multi_json (~> 1.6)
      railties (>= 3.1.0, < 5.0)
    fission (0.5.0)
      CFPropertyList (~> 2.2)
    flagship (0.7.0)
    flipper (0.28.0)
      concurrent-ruby (< 2)
    flipper-api (0.28.0)
      flipper (~> 0.28.0)
      rack (>= 1.4, < 3)
    fluent-plugin-elasticsearch-timestamp-check (0.3.1)
      fluentd (>= 0.14.0, < 2)
    fluent-plugin-flowcounter (1.3.0)
      fluentd (>= 0.14.0, < 2)
    fluent-plugin-nginx-error-multiline (0.2.0)
      fluentd (>= 0.14.10, < 2)
    fluentd (1.16.1)
      bundler
      cool.io (>= 1.4.5, < 2.0.0)
      http_parser.rb (>= 0.5.1, < 0.9.0)
      msgpack (>= 1.3.1, < 2.0.0)
      serverengine (>= 2.3.2, < 3.0.0)
      sigdump (~> 0.2.2)
      strptime (>= 0.2.4, < 1.0.0)
      tzinfo (>= 1.0, < 3.0)
      tzinfo-data (~> 1.0)
      webrick (~> 1.4)
      yajl-ruby (~> 1.0)
    fog (1.41.0)
      fog-aliyun (>= 0.1.0)
      fog-atmos
      fog-aws (>= 0.6.0)
      fog-brightbox (~> 0.4)
      fog-cloudatcost (~> 0.1.0)
      fog-core (~> 1.45)
      fog-digitalocean (>= 0.3.0)
      fog-dnsimple (~> 1.0)
      fog-dynect (~> 0.0.2)
      fog-ecloud (~> 0.1)
      fog-google (<= 0.1.0)
      fog-internet-archive
      fog-joyent
      fog-json
      fog-local
      fog-openstack
      fog-powerdns (>= 0.1.1)
      fog-profitbricks
      fog-rackspace
      fog-radosgw (>= 0.0.2)
      fog-riakcs
      fog-sakuracloud (>= 0.0.4)
      fog-serverlove
      fog-softlayer
      fog-storm_on_demand
      fog-terremark
      fog-vmfusion
      fog-voxel
      fog-vsphere (>= 0.4.0)
      fog-xenserver
      fog-xml (~> 0.1.1)
      ipaddress (~> 0.5)
      json (>= 1.8, < 2.0)
    fog-aliyun (0.3.13)
      fog-core
      fog-json
      ipaddress (~> 0.8)
      xml-simple (~> 1.1)
    fog-atmos (0.1.0)
      fog-core
      fog-xml
    fog-aws (2.0.1)
      fog-core (~> 1.38)
      fog-json (~> 1.0)
      fog-xml (~> 0.1)
      ipaddress (~> 0.8)
    fog-azure-rm (0.0.2)
      azure_mgmt_compute (~> 0.2.1)
      azure_mgmt_network (~> 0.2.1)
      azure_mgmt_resources (~> 0.2.1)
      azure_mgmt_storage (~> 0.2.1)
      fog-core (~> 1.27)
      fog-json (~> 1.0)
      fog-xml (~> 0.1)
      rest-client (~> 1.6.9)
    fog-brightbox (0.16.1)
      dry-inflector
      fog-core
      fog-json
      mime-types
    fog-cloudatcost (0.1.2)
      fog-core (~> 1.36)
      fog-json (~> 1.0)
      fog-xml (~> 0.1)
      ipaddress (~> 0.8)
    fog-core (1.45.0)
      builder
      excon (~> 0.58)
      formatador (~> 0.2)
    fog-digitalocean (0.4.0)
      fog-core
      fog-json
      fog-xml
      ipaddress (>= 0.5)
    fog-dnsimple (1.0.0)
      fog-core (~> 1.38)
      fog-json (~> 1.0)
    fog-dynect (0.0.3)
      fog-core
      fog-json
      fog-xml
    fog-ecloud (0.3.0)
      fog-core
      fog-xml
    fog-google (0.1.0)
      fog-core
      fog-json
      fog-xml
    fog-internet-archive (0.0.2)
      fog-core
      fog-json
      fog-xml
    fog-joyent (0.0.1)
      fog-core (~> 1.42)
      fog-json (>= 1.0)
    fog-json (1.2.0)
      fog-core
      multi_json (~> 1.10)
    fog-local (0.8.0)
      fog-core (>= 1.27, < 3.0)
    fog-openstack (0.3.10)
      fog-core (>= 1.45, <= 2.1.0)
      fog-json (>= 1.0)
      ipaddress (>= 0.8)
    fog-powerdns (0.2.0)
      fog-core
      fog-json
      fog-xml
    fog-profitbricks (4.1.1)
      fog-core (~> 1.42)
      fog-json (~> 1.0)
    fog-rackspace (0.1.6)
      fog-core (>= 1.35)
      fog-json (>= 1.0)
      fog-xml (>= 0.1)
      ipaddress (>= 0.8)
    fog-radosgw (0.0.5)
      fog-core (>= 1.21.0)
      fog-json
      fog-xml (>= 0.0.1)
    fog-riakcs (0.1.0)
      fog-core
      fog-json
      fog-xml
    fog-sakuracloud (1.7.5)
      fog-core
      fog-json
    fog-serverlove (0.1.2)
      fog-core
      fog-json
    fog-softlayer (1.1.4)
      fog-core
      fog-json
    fog-storm_on_demand (0.1.1)
      fog-core
      fog-json
    fog-terremark (0.1.0)
      fog-core
      fog-xml
    fog-vmfusion (0.1.0)
      fission
      fog-core
    fog-voxel (0.1.0)
      fog-core
      fog-xml
    fog-vsphere (3.5.3)
      fog-core
      rbvmomi (>= 1.9, < 3)
    fog-xenserver (1.0.0)
      fog-core
      fog-xml
      xmlrpc
    fog-xml (0.1.4)
      fog-core
      nokogiri (>= 1.5.11, < 2.0.0)
    font-awesome-sass (6.4.0)
      sassc (~> 2.0)
    font_awesome5_rails (1.5.0)
      nokogiri (>= 1.11.3)
      railties (>= 4.2)
    formatador (0.3.0)
    forwardable-extended (2.6.0)
    fresh_connection (1.0.1)
      activerecord (>= 3.2.0, < 5.0)
      activesupport (>= 3.2.0, < 5.0)
      mysql2 (~> 0.3.18)
    fuelsdk (0.1.11)
      activesupport
      json
      jwt
      savon
    fugit (1.8.1)
      et-orbi (~> 1, >= 1.2.7)
      raabro (~> 1.4)
    gapic-common (0.3.4)
      google-protobuf (~> 3.12, >= 3.12.2)
      googleapis-common-protos (>= 1.3.9, < 2.0)
      googleapis-common-protos-types (>= 1.0.4, < 2.0)
      googleauth (~> 0.9)
      grpc (~> 1.25)
    gdk_pixbuf2 (4.1.6)
      gio2 (= 4.1.6)
    gem-licenses (0.2.2)
    gem_config (0.3.2)
    gem_update_checker (0.2.0)
    gemoji (4.0.1)
    generate_method (1.0.0)
    get_process_mem (0.2.7)
      ffi (~> 1.0)
    gettext (3.2.9)
      locale (>= 2.0.5)
      text (>= 1.3.0)
    gettext-setup (0.34)
      fast_gettext (~> 1.1.0)
      gettext (>= 3.0.2, < 3.3.0)
      locale
    gherkin3 (3.1.2)
    gio2 (4.1.6)
      fiddle
      gobject-introspection (= 4.1.6)
    git (1.18.0)
      addressable (~> 2.8)
      rchardet (~> 1.8)
    git-pr-release (2.2.0)
      colorize
      diff-lcs
      highline
      octokit
    gitlab-peek (0.0.1)
      railties (>= 4.0.0)
    glib2 (4.1.6)
      native-package-installer (>= 1.0.3)
      pkg-config (>= 1.3.5)
    globalid (0.4.2)
      activesupport (>= 4.2.0)
    gobject-introspection (4.1.6)
      glib2 (= 4.1.6)
    google-ads-common (1.0.3)
      google-ads-savon (~> 1.0, >= 1.0.2)
      httpclient (~> 2.7)
      httpi (~> 2.3)
      signet (~> 0.7)
    google-ads-savon (1.0.4)
      akami (~> 1.2)
      builder (~> 3.0)
      gyoku (~> 1.2)
      httpi (~> 2.3)
      nokogiri (~> 1.6)
      nori (~> 2.6)
      wasabi (~> 3.4)
    google-apis-bigquery_v2 (0.53.0)
      google-apis-core (>= 0.11.0, < 2.a)
    google-apis-cloudresourcemanager_v1 (0.33.0)
      google-apis-core (>= 0.11.0, < 2.a)
    google-apis-core (0.11.0)
      addressable (~> 2.5, >= 2.5.1)
      googleauth (>= 0.16.2, < 2.a)
      httpclient (>= 2.8.1, < 3.a)
      mini_mime (~> 1.0)
      representable (~> 3.0)
      retriable (>= 2.0, < 4.a)
      rexml
      webrick
    google-apis-dns_v1 (0.32.0)
      google-apis-core (>= 0.11.0, < 2.a)
    google-apis-iamcredentials_v1 (0.17.0)
      google-apis-core (>= 0.11.0, < 2.a)
    google-apis-storage_v1 (0.19.0)
      google-apis-core (>= 0.9.0, < 2.a)
    google-authenticator-rails (3.2.1)
      actionpack
      activerecord
      rails
      rotp (>= 5.0, < 7.0)
      rqrcode
    google-cloud (0.64.0)
      google-cloud-asset (~> 0.1)
      google-cloud-bigquery (~> 1.1)
      google-cloud-bigquery-data_transfer (~> 0.1)
      google-cloud-bigtable (~> 1.0)
      google-cloud-container (~> 0.1)
      google-cloud-dataproc (~> 0.1)
      google-cloud-datastore (~> 1.4)
      google-cloud-dialogflow (~> 0.1)
      google-cloud-dlp (~> 0.4)
      google-cloud-dns (~> 0.28)
      google-cloud-error_reporting (~> 0.30)
      google-cloud-firestore (~> 1.0)
      google-cloud-kms (~> 1.0)
      google-cloud-language (~> 0.30)
      google-cloud-logging (~> 1.5)
      google-cloud-monitoring (~> 0.28)
      google-cloud-os_login (~> 0.1)
      google-cloud-phishing_protection (~> 0.1)
      google-cloud-pubsub (~> 1.0)
      google-cloud-recaptcha_enterprise (~> 0.1)
      google-cloud-redis (~> 0.2)
      google-cloud-resource_manager (~> 0.29)
      google-cloud-scheduler (~> 1.0)
      google-cloud-security_center (~> 0.1)
      google-cloud-spanner (~> 1.3)
      google-cloud-speech (~> 0.29)
      google-cloud-storage (~> 1.10)
      google-cloud-talent (~> 0.1)
      google-cloud-tasks (~> 1.0)
      google-cloud-text_to_speech (~> 0.1)
      google-cloud-trace (~> 0.31)
      google-cloud-translate (~> 2.0)
      google-cloud-video_intelligence (~> 2.0)
      google-cloud-vision (~> 0.28)
    google-cloud-asset (0.8.1)
      google-gax (~> 1.8)
      googleapis-common-protos (>= 1.3.9, < 2.0)
      googleapis-common-protos-types (>= 1.0.4, < 2.0)
      grpc-google-iam-v1 (~> 0.6.9)
    google-cloud-bigquery (1.43.1)
      concurrent-ruby (~> 1.0)
      google-apis-bigquery_v2 (~> 0.1)
      google-cloud-core (~> 1.6)
      googleauth (>= 0.16.2, < 2.a)
      mini_mime (~> 1.0)
    google-cloud-bigquery-data_transfer (0.9.0)
      google-gax (~> 1.8)
      googleapis-common-protos (>= 1.3.9, < 2.0)
      googleapis-common-protos-types (>= 1.0.4, < 2.0)
    google-cloud-bigtable (1.3.0)
      google-cloud-core (~> 1.1)
      google-gax (~> 1.8)
      googleapis-common-protos (>= 1.3.9, < 2.0)
      googleapis-common-protos-types (>= 1.0.4, < 2.0)
      grpc-google-iam-v1 (~> 0.6.9)
    google-cloud-container (0.11.0)
      google-gax (~> 1.8)
      googleapis-common-protos (>= 1.3.9, < 2.0)
      googleapis-common-protos-types (>= 1.0.4, < 2.0)
    google-cloud-core (1.6.0)
      google-cloud-env (~> 1.0)
      google-cloud-errors (~> 1.0)
    google-cloud-dataproc (0.10.0)
      google-gax (~> 1.8)
      googleapis-common-protos (>= 1.3.9, < 2.0)
      googleapis-common-protos-types (>= 1.0.4, < 2.0)
    google-cloud-datastore (1.8.2)
      google-cloud-core (~> 1.2)
      google-gax (~> 1.8)
      googleapis-common-protos (>= 1.3.9, < 2.0)
      googleapis-common-protos-types (>= 1.0.4, < 2.0)
    google-cloud-dialogflow (0.15.0)
      google-gax (~> 1.8)
      googleapis-common-protos (>= 1.3.9, < 2.0)
      googleapis-common-protos-types (>= 1.0.4, < 2.0)
    google-cloud-dlp (0.15.0)
      google-gax (~> 1.8)
      googleapis-common-protos (>= 1.3.9, < 2.0)
      googleapis-common-protos-types (>= 1.0.4, < 2.0)
    google-cloud-dns (0.36.1)
      google-apis-dns_v1 (~> 0.1)
      google-cloud-core (~> 1.6)
      googleauth (>= 0.16.2, < 2.a)
      zonefile (~> 1.04)
    google-cloud-env (1.6.0)
      faraday (>= 0.17.3, < 3.0)
    google-cloud-error_reporting (0.42.3)
      concurrent-ruby (~> 1.1)
      google-cloud-core (~> 1.5)
      google-cloud-error_reporting-v1beta1 (~> 0.0)
      stackdriver-core (~> 1.3)
    google-cloud-error_reporting-v1beta1 (0.4.0)
      gapic-common (~> 0.3)
      google-cloud-errors (~> 1.0)
    google-cloud-errors (1.3.1)
    google-cloud-firestore (1.4.4)
      concurrent-ruby (~> 1.0)
      google-cloud-core (~> 1.2)
      google-gax (~> 1.8)
      googleapis-common-protos (>= 1.3.9, < 2.0)
      googleapis-common-protos-types (>= 1.0.4, < 2.0)
      rbtree (~> 0.4.2)
    google-cloud-kms (1.6.0)
      google-gax (~> 1.8)
      googleapis-common-protos (>= 1.3.9, < 2.0)
      googleapis-common-protos-types (>= 1.0.4, < 2.0)
      grpc-google-iam-v1 (~> 0.6.9)
    google-cloud-language (0.36.0)
      google-gax (~> 1.8)
      googleapis-common-protos (>= 1.3.9, < 2.0)
      googleapis-common-protos-types (>= 1.0.4, < 2.0)
    google-cloud-logging (1.10.9)
      concurrent-ruby (~> 1.1)
      google-cloud-core (~> 1.2)
      google-gax (~> 1.8)
      googleapis-common-protos (>= 1.3.9, < 2.0)
      googleapis-common-protos-types (>= 1.0.4, < 2.0)
      stackdriver-core (~> 1.3)
    google-cloud-monitoring (0.38.0)
      google-gax (~> 1.8)
      googleapis-common-protos (>= 1.3.9, < 2.0)
      googleapis-common-protos-types (>= 1.0.4, < 2.0)
    google-cloud-os_login (0.7.0)
      google-gax (~> 1.8)
      googleapis-common-protos (>= 1.3.9, < 2.0)
      googleapis-common-protos-types (>= 1.0.4, < 2.0)
    google-cloud-phishing_protection (0.12.0)
      google-cloud-core (~> 1.6)
      google-cloud-phishing_protection-v1beta1 (>= 0.0, < 2.a)
    google-cloud-phishing_protection-v1beta1 (0.3.0)
      gapic-common (~> 0.3)
      google-cloud-errors (~> 1.0)
    google-cloud-profiler-v2 (0.2.0)
      gapic-common (~> 0.3)
      google-cloud-errors (~> 1.0)
    google-cloud-pubsub (1.10.0)
      concurrent-ruby (~> 1.1)
      google-cloud-core (~> 1.2)
      google-gax (~> 1.8)
      googleapis-common-protos (>= 1.3.9, < 2.0)
      googleapis-common-protos-types (>= 1.0.4, < 2.0)
      grpc-google-iam-v1 (~> 0.6.9)
    google-cloud-recaptcha_enterprise (0.6.0)
      google-gax (~> 1.8)
      googleapis-common-protos (>= 1.3.9, < 2.0)
      googleapis-common-protos-types (>= 1.0.4, < 2.0)
      grpc-google-iam-v1 (~> 0.6.9)
    google-cloud-redis (0.8.2)
      google-gax (~> 1.8)
      googleapis-common-protos (>= 1.3.9, < 2.0)
      googleapis-common-protos-types (>= 1.0.4, < 2.0)
    google-cloud-resource_manager (0.37.0)
      google-apis-cloudresourcemanager_v1 (~> 0.1)
      google-cloud-core (~> 1.6)
      googleauth (>= 0.16.2, < 2.a)
    google-cloud-scheduler (1.3.1)
      google-gax (~> 1.8)
      googleapis-common-protos (>= 1.3.9, < 2.0)
      googleapis-common-protos-types (>= 1.0.4, < 2.0)
    google-cloud-security_center (0.10.0)
      google-gax (~> 1.8)
      googleapis-common-protos (>= 1.3.9, < 2.0)
      googleapis-common-protos-types (>= 1.0.4, < 2.0)
      grpc-google-iam-v1 (~> 0.6.9)
    google-cloud-spanner (1.16.2)
      concurrent-ruby (~> 1.0)
      google-cloud-core (~> 1.2)
      google-gax (~> 1.8)
      googleapis-common-protos (>= 1.3.9, < 2.0)
      googleapis-common-protos-types (>= 1.0.4, < 2.0)
      grpc-google-iam-v1 (~> 0.6.9)
    google-cloud-speech (0.41.0)
      google-gax (~> 1.8)
      googleapis-common-protos (>= 1.3.9, < 2.0)
      googleapis-common-protos-types (>= 1.0.4, < 2.0)
    google-cloud-storage (1.44.0)
      addressable (~> 2.8)
      digest-crc (~> 0.4)
      google-apis-iamcredentials_v1 (~> 0.1)
      google-apis-storage_v1 (~> 0.19.0)
      google-cloud-core (~> 1.6)
      googleauth (>= 0.16.2, < 2.a)
      mini_mime (~> 1.0)
    google-cloud-talent (0.20.0)
      google-cloud-core (~> 1.5)
      google-cloud-talent-v4beta1 (~> 0.0)
    google-cloud-talent-v4beta1 (0.4.0)
      gapic-common (~> 0.3)
      google-cloud-errors (~> 1.0)
    google-cloud-tasks (1.5.1)
      google-gax (~> 1.8)
      googleapis-common-protos (>= 1.3.9, < 2.0)
      googleapis-common-protos-types (>= 1.0.4, < 2.0)
      grpc-google-iam-v1 (~> 0.6.9)
    google-cloud-text_to_speech (0.7.0)
      google-gax (~> 1.8)
      googleapis-common-protos (>= 1.3.9, < 2.0)
      googleapis-common-protos-types (>= 1.0.4, < 2.0)
    google-cloud-trace (0.42.2)
      concurrent-ruby (~> 1.1)
      google-cloud-core (~> 1.5)
      google-cloud-trace-v1 (~> 0.0)
      google-cloud-trace-v2 (~> 0.0)
      stackdriver-core (~> 1.3)
    google-cloud-trace-v1 (0.3.0)
      gapic-common (~> 0.3)
      google-cloud-errors (~> 1.0)
    google-cloud-trace-v2 (0.3.0)
      gapic-common (~> 0.3)
      google-cloud-errors (~> 1.0)
    google-cloud-translate (2.3.0)
      faraday (>= 0.17.3, < 2.0)
      google-cloud-core (~> 1.2)
      google-gax (~> 1.8)
      googleapis-common-protos (>= 1.3.9, < 2.0)
      googleapis-common-protos-types (>= 1.0.4, < 2.0)
    google-cloud-video_intelligence (2.1.1)
      google-gax (~> 1.8)
      googleapis-common-protos (>= 1.3.9, < 2.0)
      googleapis-common-protos-types (>= 1.0.4, < 2.0)
    google-cloud-vision (0.38.0)
      google-gax (~> 1.8)
      googleapis-common-protos (>= 1.3.9, < 2.0)
      googleapis-common-protos-types (>= 1.0.4, < 2.0)
    google-dfp-api (2.2.0)
      google-ads-common (~> 1.0.0)
      tzinfo (>= 1.0, < 3.0)
    google-gax (1.8.2)
      google-protobuf (~> 3.9)
      googleapis-common-protos (>= 1.3.9, < 2.0)
      googleapis-common-protos-types (>= 1.0.4, < 2.0)
      googleauth (~> 0.9)
      grpc (~> 1.24)
      rly (~> 0.2.3)
    google-protobuf (3.23.1-arm64-darwin)
    google-qr (0.2.2)
    googleapis-common-protos (1.4.0)
      google-protobuf (~> 3.14)
      googleapis-common-protos-types (~> 1.2)
      grpc (~> 1.27)
    googleapis-common-protos-types (1.6.0)
      google-protobuf (~> 3.14)
    googleauth (0.17.1)
      faraday (>= 0.17.3, < 2.0)
      jwt (>= 1.4, < 3.0)
      memoist (~> 0.16)
      multi_json (~> 1.11)
      os (>= 0.9, < 2.0)
      signet (~> 0.15)
    gpd-request (0.3.0)
    grape (1.7.1)
      activesupport
      builder
      dry-types (>= 1.1)
      mustermann-grape (~> 1.0.0)
      rack (>= 1.3.0, < 3)
      rack-accept
    groupify (0.9.0)
    grpc (1.55.0)
      google-protobuf (~> 3.23)
      googleapis-common-protos-types (~> 1.0)
    grpc-google-iam-v1 (0.6.11)
      google-protobuf (~> 3.14)
      googleapis-common-protos (>= 1.3.11, < 2.0)
      grpc (~> 1.27)
    gyoku (1.4.0)
      builder (>= 2.1.2)
      rexml (~> 3.0)
    hashery (2.1.2)
    hashie (5.0.0)
    hexapdf (0.6.0)
      cmdparse (~> 3.0, >= 3.0.3)
    hiera (3.12.0)
    hiera-puppet (0.1.0)
      hiera
    highline (2.1.0)
    hirb (0.7.3)
    hirb-unicode-steakknife (0.0.9)
      hirb (~> 0.5)
      unicode-display_width (~> 1.1)
    hiredis (0.6.3)
    hocon (1.4.0)
    hominid (3.0.5)
    hstore_accessor (1.1.1)
      activerecord (>= 4.0.0)
    html_page (0.1.0)
    html_truncator (0.4.2)
      nokogiri (~> 1.5)
    htmlentities (4.3.4)
    htmltoword (1.1.1)
      actionpack
      nokogiri
      rubyzip (>= 1.0)
    http-cookie (1.0.5)
      domain_name (~> 0.5)
    http_parser.rb (0.8.0)
    httpclient (2.8.3)
    httpi (2.5.0)
      rack
      socksify
    i18n (0.9.5)
      concurrent-ruby (~> 1.0)
    i18n_generators (2.2.2)
      activerecord (>= 3.0.0)
      railties (>= 3.0.0)
    i18n_yaml_sorter (0.2.0)
    ice_nine (0.11.2)
    identikal (0.1.2)
      hexapdf (~> 0.6.0)
      pdf-reader (~> 2.2.0)
    inline_forms (1.6.23)
      rails
      rails-i18n
      rvm
      thor
      validation_hints
    insensitive_hash (0.3.3)
    inst-jobs (2.2.1)
      activerecord (>= 4.2)
      activesupport (>= 4.2)
      after_transaction_commit (>= 1.0, < 3)
      debug_inspector (~> 0.0.3)
      fugit (~> 1.3)
      railties (>= 4.2)
      redis (> 3.0)
      redis-scripting (~> 1.0.1)
    io-event (1.2.2)
    iostreams (1.10.3)
    ipaddress (0.8.3)
    iron_core (1.0.12)
      rest (>= 3.0.8)
    its-it (1.3.0)
    jekyll (3.9.3)
      addressable (~> 2.4)
      colorator (~> 1.0)
      em-websocket (~> 0.5)
      i18n (>= 0.7, < 2)
      jekyll-sass-converter (~> 1.0)
      jekyll-watch (~> 2.0)
      kramdown (>= 1.17, < 3)
      liquid (~> 4.0)
      mercenary (~> 0.3.3)
      pathutil (~> 0.9)
      rouge (>= 1.7, < 4)
      safe_yaml (~> 1.0)
    jekyll-archives (2.2.1)
      jekyll (>= 3.6, < 5.0)
    jekyll-sass-converter (1.5.2)
      sass (~> 3.4)
    jekyll-watch (2.2.1)
      listen (~> 3.0)
    join_dependency (0.1.4)
      activerecord (>= 4.2.0)
    jquery-livetype-rails (0.2.0)
    jquery-rails (4.5.1)
      rails-dom-testing (>= 1, < 3)
      railties (>= 4.2.0)
      thor (>= 0.14, < 2.0)
    jsduck (5.0.0)
      dimensions
      json
      parallel
      rdiscount
      rkelly-remix (~> 0.0.2)
    json (1.8.6)
    json-compare (0.1.8)
    json_pure (1.6.8)
    jwt (2.7.0)
    kaminari-core (1.2.2)
    kaminari-grape (1.0.1)
      grape
      kaminari-core (~> 1.0)
    key_struct (0.4.2)
    kindlerb (1.2.0)
      mustache
      nokogiri
    kitchen-ansible (0.0.11)
    kmts (3.1.0)
    kramdown (2.4.0)
      rexml
    kramdown-parser-gfm (1.1.0)
      kramdown (~> 2.0)
    kvx (1.0.1)
      line-tree (~> 0.9, >= 0.9.3)
      rxfhelper (~> 1.1, >= 1.1.3)
    language_filter (0.3.01)
    lazyload-rails (0.5.0)
      nokogiri (~> 1.5)
    leaflet-rails (1.0.2)
    less (2.6.0)
      commonjs (~> 0.2.7)
    less-rails (4.0.0)
      actionpack (>= 4)
      less (~> 2.6.0)
      sprockets (>= 2)
    line-tree (0.9.4)
      rexle (~> 1.5, >= 1.5.14)
    linecache19 (0.5.12)
      ruby_core_source (>= 0.1.4)
    linguistics (2.1.0)
      loggability (~> 0.11)
    liquid (4.0.4)
    listen (3.8.0)
      rb-fsevent (~> 0.10, >= 0.10.3)
      rb-inotify (~> 0.9, >= 0.9.10)
    little-plugger (1.1.4)
    locale (2.1.3)
    log4r (1.1.10)
    loggability (0.18.2)
    logger-colors (1.0.0)
    logging (2.3.1)
      little-plugger (~> 1.1)
      multi_json (~> 1.14)
    loofah (2.21.3)
      crass (~> 1.0.2)
      nokogiri (>= 1.12.0)
    mail (2.8.1)
      mini_mime (>= 0.1.1)
      net-imap
      net-pop
      net-smtp
    mapbox-sdk (2.0.0)
      json (~> 1.8.1)
      rest-client (~> 1.4)
    marcel (1.0.2)
    material_icons (4.0.0)
      railties (>= 3.2)
    matrix (0.4.2)
    mauth-client (6.4.2)
      addressable (~> 2.0)
      coderay (~> 1.0)
      dice_bag (>= 0.9, < 2.0)
      faraday (>= 0.9, < 3.0)
      faraday-http-cache (>= 2.0, < 3.0)
      rack
      term-ansicolor (~> 1.0)
    mechanize (2.7.7)
      domain_name (~> 0.5, >= 0.5.1)
      http-cookie (~> 1.0)
      mime-types (>= 1.17.2)
      net-http-digest_auth (~> 1.1, >= 1.1.1)
      net-http-persistent (>= 2.5.2)
      nokogiri (~> 1.6)
      ntlm-http (~> 0.1, >= 0.1.1)
      webrick (~> 1.7)
      webrobots (>= 0.0.9, < 0.2)
    memoist (0.16.2)
    mercenary (0.3.6)
    method_source (1.0.0)
    migrations_watchdog (0.1.0)
    mime-types (1.25.1)
    mimemagic (0.3.10)
      nokogiri (~> 1)
      rake
    mini_mime (1.1.2)
    minitar (0.9)
    minitest (5.18.0)
    mixlib-cli (1.7.0)
    mixlib-log (3.0.9)
    mobile-fu (1.4.0)
      rack-mobile-detect
      rails
    mobileesp_converted (0.3.0)
    mocha (1.16.1)
    modware (0.1.3)
      key_struct (~> 0.4)
    molinillo (0.8.0)
    mongo (2.18.2)
      bson (>= 4.14.1, < 5.0.0)
    mongo_session_store (3.2.1)
      actionpack (>= 4.0)
      mongo (~> 2.0)
    mongoid (5.4.1)
      activemodel (~> 4.0)
      mongo (>= 2.5.1, < 3.0.0)
      origin (~> 2.3)
      tzinfo (>= 0.3.37)
    mongoid-active_merchant (0.2.3)
      activemerchant (>= 1.52)
      mongoid (>= 4.0.0)
    mono_logger (1.1.2)
    ms_rest (0.2.1)
      concurrent-ruby (~> 1.0)
      faraday (~> 0.9)
      json (~> 1.7)
      timeliness (~> 0.3)
    ms_rest_azure (0.2.3)
      concurrent-ruby (~> 1.0)
      faraday (~> 0.9)
      faraday-cookie_jar (~> 0.0.6)
      json (~> 1.7)
      ms_rest (~> 0.2.1)
    msfrpc-client (1.1.2)
      msgpack (~> 1)
    msgpack (1.7.1)
    multi_json (1.15.0)
    multi_xml (0.6.0)
    multipart-post (2.3.0)
    mustache (1.1.1)
    mustermann (3.0.0)
      ruby2_keywords (~> 0.0.1)
    mustermann-grape (1.0.2)
      mustermann (>= 1.0.0)
    mutant (0.11.20)
      diff-lcs (~> 1.3)
      parser (~> 3.2.2)
      regexp_parser (~> 2.6.1)
      sorbet-runtime (~> 0.5.0)
      unparser (~> 0.6.7)
    mutant-rspec (0.11.20)
      mutant (= 0.11.20)
      rspec-core (>= 3.8.0, < 4.0.0)
    mymedia_ftp (0.3.3)
    mysql2 (0.3.21)
    n_plus_one_control (0.7.1)
    namae (1.1.1)
    nap (1.1.0)
    native-package-installer (1.1.5)
    necromancer (0.5.1)
    nest (3.2.0)
      redic
    net-http-digest_auth (1.4.1)
    net-http-persistent (2.9.4)
    net-imap (0.3.4)
      date
      net-protocol
    net-pop (0.1.2)
      net-protocol
    net-protocol (0.2.1)
      timeout
    net-scp (4.0.0)
      net-ssh (>= 2.6.5, < 8.0.0)
    net-smtp (0.3.3)
      net-protocol
    net-ssh (7.1.0)
    netrc (0.11.0)
    newrelic-infinite_tracing (9.2.2)
      grpc (~> 1.34)
      newrelic_rpm (= 9.2.2)
    newrelic_rpm (9.2.2)
    no_proxy_fix (0.1.2)
    nokogiri (1.15.1-arm64-darwin)
      racc (~> 1.4)
    nokogiri-diff (0.2.0)
      nokogiri (~> 1.5)
      tdiff (~> 0.3, >= 0.3.2)
    nokogiri-xmlsec-instructure (0.10.2)
      nokogiri (>= 1.11.2)
    nori (2.6.0)
    ntlm-http (0.1.1)
    oauth (0.5.14)
    oauth2 (2.0.9)
      faraday (>= 0.17.3, < 3.0)
      jwt (>= 1.0, < 3.0)
      multi_xml (~> 0.5)
      rack (>= 1.2, < 4)
      snaky_hash (~> 2.0)
      version_gem (~> 1.1)
    octokit (4.22.0)
      faraday (>= 0.9)
      sawyer (~> 0.8.0, >= 0.5.3)
    ohm (3.1.1)
      nest (~> 3)
      redic (~> 1.5.0)
      stal
    ohm-contrib (3.0.0)
      ohm (~> 3.0)
    omniauth (2.0.4)
      hashie (>= 3.4.6)
      rack (>= 1.6.2, < 3)
      rack-protection
    omniauth-microsoft-office365 (0.0.8)
      omniauth
      omniauth-oauth2
    omniauth-oauth2 (1.8.0)
      oauth2 (>= 1.4, < 3)
      omniauth (~> 2.0)
    omniauth-okta (2.0.0)
      omniauth (~> 2.0)
      omniauth-oauth2 (~> 1.7, >= 1.7.1)
    once-ler (0.1.4)
      activerecord (>= 4.0)
      rspec (>= 3.0)
    onceover (3.20.0)
      backticks (>= 1.0.2)
      colored (~> 1.2)
      cri (>= 2.6)
      deep_merge (>= 1.0.0)
      git
      logging (>= 2.0.0)
      multi_json (~> 1.10)
      parallel_tests (>= 2.0.0)
      puppet (>= 4.0)
      puppetlabs_spec_helper (>= 0.4.0)
      r10k (>= 2.1.0)
      rake (>= 10.0.0)
      rspec (>= 3.0.0)
      rspec-puppet (>= 2.4.0)
      rspec_junit_formatter (>= 0.2.0)
      terminal-table (>= 1.8.0)
      versionomy (>= 0.5.0)
    open4 (1.3.4)
    opentracing (0.5.0)
    optimist (3.0.1)
    origin (2.3.1)
    os (1.1.4)
    ostruct (0.5.5)
    paint (2.3.0)
    pairing_heap (3.0.1)
    paper_trail (10.3.1)
      activerecord (>= 4.2)
      request_store (~> 1.1)
    paper_trail-globalid (0.2.0)
      globalid
      paper_trail (>= 3.0.0)
    paperclip (6.1.0)
      activemodel (>= 4.2.0)
      activesupport (>= 4.2.0)
      mime-types
      mimemagic (~> 0.3.0)
      terrapin (~> 0.6.0)
    paperclip-meta (3.1.0)
      paperclip (>= 5.0)
    parallel (1.23.0)
    parallel_tests (4.2.1)
      parallel
    parser (3.2.2.1)
      ast (~> 2.4.1)
    parslet (2.0.0)
    parsley-rails (2.8.1.0)
      railties (>= 3.0.0)
    pastel (0.7.4)
      equatable (~> 0.6)
      tty-color (~> 0.5)
    pathspec (1.1.3)
    pathutil (0.16.2)
      forwardable-extended (~> 2.6)
    paypal-express (0.8.1)
      activesupport (>= 2.3)
      attr_required (>= 0.0.5)
      rest-client
    pdf-core (0.9.0)
    pdf-reader (2.2.1)
      Ascii85 (~> 1.0.0)
      afm (~> 0.2.1)
      hashery (~> 2.0)
      ruby-rc4
      ttfunk
    pdf-writer (1.1.8)
      color (>= 1.4.0)
      transaction-simple (~> 1.3)
    peach (0.5.1)
    peek (1.1.0)
      railties (>= 4.0.0)
    peek-performance_bar (1.3.1)
      peek (>= 0.1.0)
    peek-pg (1.3.0)
      concurrent-ruby
      concurrent-ruby-ext
      peek
      pg
    perf_check (0.10.5)
      colorize
      diffy
      rake
    pg (1.5.3)
    pg-hstore (1.2.0)
    php-serialize (1.3.0)
    picasawebalbums (1.4.5)
    pipetree (0.1.1)
    pkg-config (1.5.1)
    plivo (0.3.19)
      builder (>= 2.1.2)
      htmlentities (~> 4.3, >= 4.3.1)
      json (~> 1.6, >= 1.6.6)
      rest-client (~> 1.6, >= 1.6.7)
    polyamorous (1.3.3)
      activerecord (>= 3.0)
    prawn (2.4.0)
      pdf-core (~> 0.9.0)
      ttfunk (~> 1.7)
    prawn-core (0.8.4)
    prawn-format (0.2.3)
      prawn-core
    prawn-labels (1.2.6)
      prawn (>= 1.0.0, < 3.0.0)
    prawn-qrcode (0.5.2)
      prawn (>= 1)
      rqrcode (>= 1.0.0)
    protocol-hpack (1.4.2)
    protocol-http (0.24.1)
    protocol-http1 (0.15.0)
      protocol-http (~> 0.22)
    protocol-http2 (0.15.1)
      protocol-hpack (~> 1.4)
      protocol-http (~> 0.18)
    pry (0.13.1)
      coderay (~> 1.1)
      method_source (~> 1.0)
    public_suffix (5.0.1)
    puppet (7.21.0-universal-darwin)
      CFPropertyList (~> 2.2)
      concurrent-ruby (~> 1.0)
      deep_merge (~> 1.0)
      facter (> 2.0.1, < 5)
      fast_gettext (>= 1.1, < 3)
      hiera (>= 3.2.1, < 4)
      locale (~> 2.1)
      multi_json (~> 1.10)
      puppet-resource_api (~> 1.5)
      scanf (~> 1.0)
      semantic_puppet (~> 1.0)
    puppet-lint (4.0.0)
    puppet-lint-strict_indent-check (3.0.0)
      puppet-lint (>= 3, < 5)
    puppet-module-posix-default-r2.4 (1.1.1)
    puppet-module-posix-default-r2.5 (1.1.1)
    puppet-resource_api (1.8.14)
      hocon (>= 1.0)
    puppet-syntax (3.3.0)
      puppet (>= 5)
      rake
    puppet_forge (2.3.4)
      faraday (>= 0.9.0, < 0.18.0, != 0.13.1)
      faraday_middleware (>= 0.9.0, < 0.15.0)
      gettext-setup (~> 0.11)
      minitar
      semantic_puppet (~> 1.0)
    puppetlabs_spec_helper (6.0.1)
      mocha (~> 1.0)
      pathspec (>= 0.2, < 2.0.0)
      puppet-lint (>= 3.0.0)
      puppet-syntax (~> 3.0)
      rspec-github (~> 2.0)
      rspec-puppet (>= 2.0)
    pycall (1.4.2)
    qbo_api (2.0.2)
      faraday
      faraday-detailed_logger
      faraday_middleware
      nokogiri
    r10k (3.8.0)
      colored2 (= 3.1.2)
      cri (>= 2.15.10, < 3.0.0)
      fast_gettext (~> 1.1.0)
      gettext (>= 3.0.2, < 3.3.0)
      gettext-setup (~> 0.24)
      log4r (= 1.1.10)
      multi_json (~> 1.10)
      puppet_forge (~> 2.3.0)
    raabro (1.4.0)
    racc (1.6.2)
    rack (1.6.13)
    rack-accept (0.4.5)
      rack (>= 0.4)
    rack-mobile-detect (0.4.0)
      rack
    rack-protection (1.5.5)
      rack
    rack-test (0.6.3)
      rack (>= 1.0)
    rack-timeout (0.4.2)
    rack-tracer (0.9.0)
      opentracing (~> 0.4)
    rails (0.9.5)
      actionmailer (>= 0.6.1)
      actionpack (>= 1.4.0)
      activerecord (>= 1.6.0)
      rake (>= 0.4.15)
    rails-deprecated_sanitizer (1.0.4)
      activesupport (>= 4.2.0.alpha)
    rails-dev-tweaks (1.2.0)
      actionpack (>= 3.1)
      railties (>= 3.1)
    rails-dom-testing (1.0.9)
      activesupport (>= 4.2.0, < 5.0)
      nokogiri (~> 1.6)
      rails-deprecated_sanitizer (>= 1.0.1)
    rails-footnotes (3.6.7)
    rails-html-sanitizer (1.5.0)
      loofah (~> 2.19, >= 2.19.1)
    rails-i18n (4.0.9)
      i18n (~> 0.7)
      railties (~> 4.0)
    rails-sass-images (2.0.0)
      dimensions (> 0)
      mime-types (> 0)
      sassc (> 0)
    railties (4.2.11.3)
      actionpack (= 4.2.11.3)
      activesupport (= 4.2.11.3)
      rake (>= 0.8.7)
      thor (>= 0.18.1, < 2.0)
    rainbow (3.1.1)
    rake (13.0.6)
    rb-fsevent (0.11.2)
    rb-inotify (0.10.1)
      ffi (~> 1.0)
    rbtree (0.4.6)
    rbvmomi (2.4.1)
      builder (~> 3.0)
      json (>= 1.8)
      nokogiri (~> 1.5)
      optimist (~> 3.0)
    rchardet (1.8.0)
    rcsv (0.3.1)
    rdiscount (2.2.7)
    recordx (0.5.5)
      rexle (~> 1.5, >= 1.5.6)
    red-colors (0.3.0)
      matrix
    redcarpet (3.6.0)
    redic (1.5.3)
      hiredis
    redis (4.8.1)
    redis-elasticache (0.2.0)
      redis (>= 3.0.0)
    redis-namespace (1.10.0)
      redis (>= 4)
    redis-scripting (1.0.1)
      redis (>= 3.0)
    regexp_parser (2.6.2)
    remote_dwsregistry (0.4.1)
      gpd-request (~> 0.3, >= 0.3.0)
      requestor (~> 0.2, >= 0.2.1)
      rexle (~> 1.4, >= 1.4.13)
    representable (3.2.0)
      declarative (< 0.1.0)
      trailblazer-option (>= 0.1.1, < 0.2.0)
      uber (< 0.2.0)
    request_store (1.5.1)
      rack (>= 1.4)
    requestor (0.4.1)
    resque (1.27.4)
      mono_logger (~> 1.0)
      multi_json (~> 1.0)
      redis-namespace (~> 1.3)
      sinatra (>= 0.9.2)
      vegas (~> 0.1.2)
    resque-dynamic-queues (0.8.1)
      resque (~> 1.10)
    resque-lock (1.1.0)
    resque-scheduler (4.8.0)
      mono_logger (~> 1.0)
      redis (>= 3.3)
      resque (>= 1.27)
      rufus-scheduler (~> 3.2, != 3.3)
    resque-scheduler-web (1.1.0)
      resque-scheduler (~> 4.0)
      resque-web (~> 0.0.8)
    resque-web (0.0.12)
      coffee-rails
      font-awesome-sass
      jquery-rails
      resque
      sass-rails
      twitter-bootstrap-rails
    rest (3.0.8)
      net-http-persistent (>= 2.9.1, < 3)
      netrc
    rest-client (1.6.14)
      mime-types (~> 1.16)
    retriable (3.1.2)
    rexle (1.6.0)
      backtrack-xpath (~> 0.2, >= 0.2.2)
      c32 (~> 0.3, >= 0.3.0)
      rexle-builder (~> 1.0, >= 1.0.8)
      rexle-css (~> 0.2, >= 0.2.0)
      rexleparser (~> 1.0, >= 1.0.0)
    rexle-builder (1.0.8)
    rexle-css (0.2.0)
    rexleparser (1.0.1)
    rexml (3.2.5)
    rexslt (0.7.0)
      rexle (~> 1.4, >= 1.4.12)
      rxfhelper (~> 1.0, >= 1.0.0)
    rforce (0.15)
      builder (~> 3.0)
      oauth (~> 0.5.5)
    rgl (0.5.10)
      pairing_heap (>= 0.3.0)
      rexml (~> 3.2, >= 3.2.4)
      stream (~> 0.5.3)
    rinku (2.0.6)
    rkelly-remix (0.0.7)
    rly (0.2.3)
    robotex (1.0.0)
    rodf (1.2.0)
      builder (>= 3.0)
      rubyzip (>= 1.0)
    rom (5.3.0)
      rom-changeset (~> 5.3, >= 5.3.0)
      rom-core (~> 5.3, >= 5.3.0)
      rom-repository (~> 5.3, >= 5.3.0)
    rom-changeset (5.3.0)
      dry-core (~> 1.0)
      rom-core (~> 5.3)
      transproc (~> 1.0, >= 1.1.0)
    rom-core (5.3.0)
      concurrent-ruby (~> 1.1)
      dry-configurable (~> 1.0)
      dry-core (~> 1.0)
      dry-inflector (~> 1.0)
      dry-initializer (~> 3.0, >= 3.0.1)
      dry-struct (~> 1.0)
      dry-types (~> 1.6)
      transproc (~> 1.0, >= 1.1.0)
    rom-repository (5.3.0)
      dry-core (~> 1.0)
      dry-initializer (~> 3.0, >= 3.0.1)
      rom-core (~> 5.3, >= 5.3.0)
    rom-sql (3.6.1)
      dry-core (~> 1.0)
      dry-types (~> 1.0)
      rom (~> 5.2, >= 5.2.1)
      sequel (>= 4.49)
    rotp (6.2.2)
    rouge (3.30.0)
    rowx (0.8.0)
      line-tree (~> 0.9, >= 0.9.3)
    rpm_contrib (2.2.0)
      newrelic_rpm (>= 3.1.1)
    rqrcode (2.2.0)
      chunky_png (~> 1.0)
      rqrcode_core (~> 1.0)
    rqrcode_core (1.2.0)
    rsc (0.5.0)
      rexle (~> 1.5, >= 1.5.14)
    rserve-client (0.3.5)
    rspec (3.12.0)
      rspec-core (~> 3.12.0)
      rspec-expectations (~> 3.12.0)
      rspec-mocks (~> 3.12.0)
    rspec-core (3.12.2)
      rspec-support (~> 3.12.0)
    rspec-expectations (3.12.3)
      diff-lcs (>= 1.2.0, < 2.0)
      rspec-support (~> 3.12.0)
    rspec-github (2.4.0)
      rspec-core (~> 3.0)
    rspec-mocks (3.12.5)
      diff-lcs (>= 1.2.0, < 2.0)
      rspec-support (~> 3.12.0)
    rspec-prof (0.0.7)
      rspec (~> 3.0)
      ruby-prof
    rspec-puppet (3.0.0)
      rspec
    rspec-support (3.12.0)
    rspec_junit_formatter (0.6.0)
      rspec-core (>= 2, < 4, != 2.12.0)
    rubinius-actor (0.0.2)
      rubinius-core-api
    rubinius-core-api (0.0.1)
    rubocop (1.31.0)
      parallel (~> 1.10)
      parser (>= 3.1.0.0)
      rainbow (>= 2.2.2, < 4.0)
      regexp_parser (>= 1.8, < 3.0)
      rexml (>= 3.2.5, < 4.0)
      rubocop-ast (>= 1.18.0, < 2.0)
      ruby-progressbar (~> 1.7)
      unicode-display_width (>= 1.4.0, < 3.0)
    rubocop-ast (1.28.1)
      parser (>= 3.2.1.0)
    rubocop-sequel (0.3.4)
      rubocop (~> 1.0)
    ruby-debug-base19 (0.11.25)
      columnize (>= 0.3.1)
      linecache19 (>= 0.5.11)
      ruby_core_source (>= 0.1.4)
    ruby-handlebars (0.0.1)
      colorize (~> 0.7, >= 0.7.5)
      parslet
    ruby-hl7 (1.3.3)
    ruby-libvirt (0.4.0)
    ruby-mcrypt (0.2.0)
    ruby-next-core (0.15.3)
    ruby-ntlm (0.0.4)
    ruby-prof (1.6.3)
    ruby-progressbar (1.13.0)
    ruby-rc4 (0.1.5)
    ruby2_keywords (0.0.5)
    ruby_core_source (0.1.5)
      archive-tar-minitar (>= 0.5.2)
    ruby_jard (0.3.1)
      byebug (>= 9.1, < 12.0)
      pry (~> 0.13.0)
      tty-screen (~> 0.8.1)
    rubyzip (2.3.2)
    rufus-scheduler (3.8.2)
      fugit (~> 1.1, >= 1.1.6)
    rvm (1.11.3.9)
    rxfhelper (1.1.4)
      drb_fileclient (~> 0.6, >= 0.6.1)
      drb_reg_client (~> 0.2, >= 0.2.0)
      mymedia_ftp (~> 0.3, >= 0.3.3)
      remote_dwsregistry (~> 0.4, >= 0.4.1)
      rsc (~> 0.4, >= 0.4.5)
    rxraw-lineparser (0.2.0)
    safe_yaml (1.0.5)
    saml2 (3.1.2)
      activesupport (>= 3.2, < 7.1)
      nokogiri (>= 1.5.8, < 2.0)
      nokogiri-xmlsec-instructure (~> 0.9, >= 0.9.5)
    sass (3.7.4)
      sass-listen (~> 4.0.0)
    sass-embedded (1.62.1-arm64-darwin)
      google-protobuf (~> 3.21)
    sass-listen (4.0.0)
      rb-fsevent (~> 0.9, >= 0.9.4)
      rb-inotify (~> 0.9, >= 0.9.7)
    sass-rails (6.0.0)
      sassc-rails (~> 2.1, >= 2.1.1)
    sassc (2.4.0)
      ffi (~> 1.9)
    sassc-rails (2.1.2)
      railties (>= 4.0.0)
      sassc (>= 2.0)
      sprockets (> 3.0)
      sprockets-rails
      tilt
    savon (2.14.0)
      akami (~> 1.2)
      builder (>= 2.1.2)
      gyoku (~> 1.2)
      httpi (>= 2.4.5)
      mail (~> 2.5)
      nokogiri (>= 1.8.1)
      nori (~> 2.4)
      wasabi (~> 3.4)
    sawyer (0.8.2)
      addressable (>= 2.3.5)
      faraday (> 0.8, < 2.0)
    scanf (1.0.0)
    schema_auto_foreign_keys (0.1.3)
      its-it (~> 1.2)
      schema_plus_foreign_keys (~> 0.1)
      schema_plus_indexes (~> 0.2)
    schema_monkey (2.1.6)
      activerecord (>= 4.2)
      modware (~> 0.1.0)
    schema_plus (2.0.1)
      activerecord (~> 4.2)
      schema_auto_foreign_keys (~> 0.1)
      schema_monkey (~> 2.1)
      schema_plus_columns (~> 0.1)
      schema_plus_core (~> 1.0)
      schema_plus_db_default (~> 0.1)
      schema_plus_default_expr (~> 0.1)
      schema_plus_enums (~> 0.1)
      schema_plus_foreign_keys (~> 0.1)
      schema_plus_indexes (~> 0.1, >= 0.1.3)
      schema_plus_pg_indexes (~> 0.1, >= 0.1.3)
      schema_plus_tables (~> 0.1)
      schema_plus_views (~> 0.1)
    schema_plus_columns (0.3.0)
      activerecord (>= 4.2, < 5.3)
      its-it (~> 1.2)
      schema_plus_core
      schema_plus_indexes (~> 0.2)
    schema_plus_compatibility (0.4.0)
      activerecord (>= 4.2, < 5.3)
      schema_monkey (~> 2.1)
    schema_plus_core (1.0.2)
      activerecord (~> 4.2)
      its-it (~> 1.2)
      schema_monkey (~> 2.1)
    schema_plus_db_default (0.1.1)
      activerecord (~> 4.2)
      schema_plus_core (~> 1.0)
    schema_plus_default_expr (0.1.5)
      activerecord (>= 4.2, < 6.0)
      its-it (~> 1.2)
      schema_plus_core
    schema_plus_enums (0.1.8)
      activerecord (>= 4.2, < 5.3)
      its-it (~> 1.2)
      schema_plus_core
    schema_plus_foreign_keys (0.1.8)
      activerecord (>= 4.2, < 5.3)
      its-it (~> 1.2)
      schema_plus_compatibility (~> 0.2)
      schema_plus_core
      valuable
    schema_plus_indexes (0.3.1)
      activerecord (>= 4.2, < 5.3)
      its-it (~> 1.2)
      schema_plus_core
    schema_plus_pg_indexes (0.1.12)
      activerecord (~> 4.2)
      its-it (~> 1.2)
      schema_plus_core (~> 1.0)
      schema_plus_indexes (~> 0.1, >= 0.1.3)
    schema_plus_tables (0.1.1)
      activerecord (~> 4.2)
      schema_plus_core (~> 1.0)
    schema_plus_views (0.3.1)
      activerecord (~> 4.2)
      schema_plus_core (~> 1.0)
    schmooze (0.1.6)
    semantic_puppet (1.1.0)
    semi_semantic (1.2.0)
    semver2 (3.4.2)
    semverse (3.0.2)
    sensu-plugin (4.0.0)
      json (< 3.0.0)
      mixlib-cli (~> 1.5)
    sensu-plugins-logs (4.1.1)
      sensu-plugin (~> 4.0)
    sensu-plugins-redis (5.0.0)
      redis (>= 3.3, < 5.0)
      sensu-plugin (~> 4.0)
    sequel (5.68.0)
    serverengine (2.3.2)
      sigdump (~> 0.2.2)
    shopify-money (1.1.2)
    sidekiq (5.2.8)
      connection_pool (~> 2.2, >= 2.2.2)
      rack (< 2.1.0)
      rack-protection (>= 1.5.0)
      redis (>= 3.3.5, < 5)
    sidekiq-worker-killer (1.1.0)
      get_process_mem (~> 0.2.1)
      sidekiq (>= 5)
    sigdump (0.2.4)
    signet (0.17.0)
      addressable (~> 2.8)
      faraday (>= 0.17.5, < 3.a)
      jwt (>= 1.5, < 3.0)
      multi_json (~> 1.10)
    sim_launcher (0.5.0)
      sinatra
    simple_oauth (0.3.1)
    simpleconfig (2.0.1)
    sinatra (1.4.8)
      rack (~> 1.5)
      rack-protection (~> 1.4)
      tilt (>= 1.3, < 3)
    sinatra-contrib (1.4.7)
      backports (>= 2.0)
      multi_json
      rack-protection
      rack-test
      sinatra (~> 1.4.0)
      tilt (>= 1.3, < 3)
    sinatra-reloader (1.0)
      sinatra-contrib
    slowpoke (0.2.1)
      actionpack
      rack-timeout (>= 0.3.0, < 0.5.0)
      railties
    snaky_hash (2.0.1)
      hashie
      version_gem (~> 1.1, >= 1.1.1)
    socksify (1.7.1)
    solve (4.0.4)
      molinillo (~> 0.6)
      semverse (>= 1.1, < 4.0)
    sorbet-runtime (0.5.10840)
    sorbet-struct-comparable (1.3.0)
      sorbet-runtime (>= 0.5)
    spectrum-rails (1.8.1)
      railties (>= 3.1)
    spreadsheet_architect (5.0.0)
      caxlsx (>= 3.3.0, < 4)
      rodf (>= 1.0.0, < 2)
    sprockets (4.1.1)
      concurrent-ruby (~> 1.0)
      rack (> 1, < 3)
    sprockets-commoner (0.6.5)
      schmooze (~> 0.1.6)
      sprockets (>= 3, < 5)
    sprockets-rails (3.2.2)
      actionpack (>= 4.0)
      activesupport (>= 4.0)
      sprockets (>= 3.0.0)
    sqlite3 (1.6.3-arm64-darwin)
    sqlite_magic (0.0.6)
      sqlite3
    sshkit (1.21.4)
      net-scp (>= 1.1.2)
      net-ssh (>= 2.8.0)
    stackdriver-core (1.5.0)
      google-cloud-core (~> 1.2)
    stal (0.3.0)
      redic (~> 1.5)
    state_machines (0.5.0)
    state_machines-activemodel (0.7.1)
      activemodel (>= 4.1)
      state_machines (>= 0.5.0)
    state_machines-mongoid (0.2.0)
      mongoid (>= 4.0.0)
      state_machines-activemodel (>= 0.5.0)
    store_base_sti_class (2.0.3)
      activerecord (>= 4.0)
    stream (0.5.5)
    strftime-rails (0.9.2)
    stronger_parameters (2.14.1.1)
      actionpack (>= 4.2, < 6.2)
    strptime (0.2.5)
    subcontractor (0.9.0)
    sync (0.5.0)
    table-formatter (0.7.1)
      c32 (~> 0.2, >= 0.2.0)
      rdiscount (~> 2.2, >= 2.2.0.1)
    tabs_on_rails (3.0.0)
    tddium_client (0.6.5)
      httpclient (>= 2.2.5)
      json
    tdiff (0.3.4)
    term-ansicolor (1.7.1)
      tins (~> 1.0)
    terminal-table (3.0.2)
      unicode-display_width (>= 1.1.1, < 3)
    terrapin (0.6.0)
      climate_control (>= 0.0.3, < 1.0)
    testrail-ruby (0.1.02)
    text (1.3.1)
    thin (1.8.2)
      daemons (~> 1.0, >= 1.0.9)
      eventmachine (~> 1.0, >= 1.0.4)
      rack (>= 1, < 3)
    thor (1.2.2)
    thread_safe (0.3.6)
    tilt (2.1.0)
    timecop (0.9.6)
    timeliness (0.4.5)
    timeout (0.3.2)
    timers (4.3.5)
    tins (1.32.1)
      sync
    traces (0.9.1)
    trailblazer-activity (0.16.0)
      trailblazer-context (~> 0.5.0)
      trailblazer-option (~> 0.1.0)
    trailblazer-activity-dsl-linear (1.2.1)
      trailblazer-activity (>= 0.16.0, < 0.17.0)
      trailblazer-declarative (>= 0.0.1, < 0.1.0)
    trailblazer-context (0.5.1)
      hashie (>= 3.0.0)
    trailblazer-declarative (0.0.2)
    trailblazer-option (0.1.2)
    transaction-simple (1.4.0.2)
    transproc (1.1.1)
    ttfunk (1.7.0)
    tty-color (0.5.2)
    tty-cursor (0.7.1)
    tty-prompt (0.21.0)
      necromancer (~> 0.5.0)
      pastel (~> 0.7.0)
      tty-reader (~> 0.7.0)
    tty-reader (0.7.0)
      tty-cursor (~> 0.7)
      tty-screen (~> 0.7)
      wisper (~> 2.0.0)
    tty-screen (0.8.1)
    tty-spinner (0.9.3)
      tty-cursor (~> 0.7)
    tunemygc (1.0.71)
    twitter-bootstrap-rails (3.2.2)
      actionpack (>= 3.1)
      execjs (>= 2.2.2, >= 2.2)
      less-rails (>= 2.5.0)
      railties (>= 3.1)
    tzinfo (1.2.11)
      thread_safe (~> 0.1)
    tzinfo-data (1.2023.3)
      tzinfo (>= 1.0.0)
    uber (0.1.0)
    uk_postcode (2.1.8)
    ultrahook (1.0.1)
      json (>= 1.8.0)
    unf (0.1.4)
      unf_ext
    unf_ext (0.0.8.2)
    unicode-display_width (1.8.0)
    unparser (0.6.7)
      diff-lcs (~> 1.3)
      parser (>= 3.2.0)
    utilrb (3.0.1)
      facets (>= 2.4.0)
      rake (>= 0.9)
    vagrant-hostmanager (1.8.9)
    vagrant-libvirt (0.0.20)
      fog (~> 1.15)
      nokogiri (~> 1.6)
      ruby-libvirt (~> 0.4.0)
    validation_hints (0.2.3)
    valuable (0.9.14)
    vegas (0.1.11)
      rack (>= 1.0.0)
    veracode (1.1.5)
      rubyzip (>= 1.3)
    verbal_expressions (0.1.5)
    version_gem (1.1.2)
    versionomy (0.5.0)
      blockenspiel (~> 0.5)
    vuejs-rails (2.5.13)
    wasabi (3.7.0)
      addressable
      httpi (~> 2.0)
      nokogiri (>= 1.4.2)
    waypoints_rails (4.0.1)
    webcomponentsjs-rails (0.7.12)
    webrick (1.8.1)
    webrobots (0.1.2)
    will_paginate (3.3.1)
    will_paginate-bootstrap4 (0.2.2)
      will_paginate (~> 3.0, >= 3.0.0)
    win32-api (1.10.1)
    win32-security (0.5.0)
      ffi
      ffi-win32-extensions
    windows-api (0.4.5)
      win32-api (>= 1.4.5)
    wisper (2.0.1)
    xdg (2.2.5)
    xml-simple (1.1.9)
      rexml
    xmlrpc (0.3.2)
      webrick
    xpath (3.2.0)
      nokogiri (~> 1.8)
    yabeda (0.11.0)
      anyway_config (>= 1.0, < 3)
      concurrent-ruby
      dry-initializer
    yabeda-sidekiq (0.10.0)
      anyway_config (>= 1.3, < 3)
      sidekiq
      yabeda (~> 0.6)
    yajl-ruby (1.4.3)
    yelp (2.1.5)
      faraday (~> 0.8, >= 0.8.0)
      faraday_middleware (~> 0.8, >= 0.8.0)
      simple_oauth (~> 0.3.1)
    zeitwerk (2.6.8)
    zip (2.0.2)
    zonefile (1.06)

PLATFORMS
  arm64-darwin-22

DEPENDENCIES
  pkg26!

BUNDLED WITH
   2.4.13
