PATH
  remote: .
  specs:
    pkg36 (0.0.1)
      PlayRockPaperScissorsGame
      PriorityQueue
      active_mocker
      active_remote
      activerecord-hierarchical_query
      anchored
      annex_29
      apcera-stager-api
      aptible-billing
      atlas_assets
      attached
      awesome_rails_console
      aws-flow-core
      azure_key_vault
      balanced
      bastion
      bddfire
      bigquery
      bonethug
      bootstrap_tokenfield_rails
      boson
      braintreehttp
      breadcrumbs
      bxslider-rails
      cal-heatmap-rails
      capistrano-measure
      capistrano-safe-deploy-to
      capistrano-scm-copy
      capybara-webmock
      centrifuge
      chai-jquery-rails
      cistern
      civo
      clam_scan
      cloudconvert-ruby
      compass-validator
      console_table
      cppjieba_rb
      crowdin-cli
      csv-importer
      cucumber-api-steps
      curb-fu
      curl
      danger-regexp
      danger-slack
      days360
      debugger-xml
      diskcached
      docker-fluent-logger
      docx_replace
      dpl-cloud_foundry
      dpl-gae
      dpl-packagecloud
      dsl_evaluator
      dtk_crd_parser
      dust-deploy
      dynect_rest
      e164
      e20_ops_middleware
      ean
      ec2-metadata
      engine_cart
      eycap
      fastest-csv
      fastlane-plugin-property_file_read
      fastlane-plugin-synx
      ffi-hunspell
      firebase_id_token
      flights_gui_henry_tests
      fluent-plugin-numeric-monitor
      foundation-datepicker-rails
      fudge
      furi
      fusion_tables
      gem-open
      gemdiff
      git-up
      github-authentication
      gnista
      google-cloud-bigtable-admin-v2
      google-cloud-bigtable-v2
      google-cloud-scheduler
      grizzly_ber
      gtksourceview2
      guard-unicorn
      hammerspace
      has_permalink
      hipchat-api
      html2doc
      hydra-editor
      hydra-file_characterization
      i18n-inflector
      icu_tournament
      jekyll-admin
      jekyll-compose
      jekyll-menus
      jettywrapper
      jira4r
      jist
      jit_preloader
      jquery-hotkeys-rails
      jquery_pwstrength_bootstrap_4
      json-schema_builder
      katello
      kensa
      knife-reporting
      lamian
      le1t0-deprec
      letter_avatar
      lightbox2-rails
      log_buddy
      lono
      lorem_ipsum_amet
      macros4cuke
      mail-notify
      markaby
      marked-rails
      maskedinput-rails
      middleman-more
      minfraud
      minitest-power_assert
      mjml-ruby
      mm_eager_includer
      monkey-patch
      mortar
      msgr
      mumboe-soap4r
      mushin
      net-hippie
      netzke-core
      newrelic_api
      nom-xml
      noodall-ui
      normailize
      notes
      octopress-hooks
      openseadragon
      osm
      outrigger
      ovirt_metrics
      packagecloud-ruby
      pathname
      percy-cli
      permalink_fu
      pikaday-gem
      pingpp
      postgresql
      praxis-blueprints
      procore
      puppet-lint-template_file_extension-check
      puppet-parse
      puppetdb-ruby
      qa
      random_bell
      rconf
      recipiez
      relaton-iso
      relaton-itu
      relaton-nist
      remove_bg
      requestanimationframe_polyfill-rails
      responds_to_parent
      rets
      rsence-pre
      rspec-deep-ignore-order-matcher
      rspec-dns
      rspec-rails-mocha
      rspec-steps
      rubocop-packs
      ruby-imagespec
      ruby-jss
      ruby-recaptcha
      ruby2js
      rucaptcha
      runit-man
      schema_validations
      scim-query-filter-parser
      scrivener
      scrivito
      scrivito_content_browser
      self_data
      sensu-plugins-uchiwa
      sessionm-cassandra_object
      simple-spreadsheet
      simple_worker
      smbhash
      smt_rails
      sorbet-progress
      sorted
      splunk-client
      spyke
      sqsrun
      state_machine-audit_trail
      statesman-events
      status-page
      str_enum
      stylus-source
      sunspot-rails-tester
      support
      swagger_yard
      talkable
      tanker-core
      text_helpers
      theme-juice
      thread-parent
      timerange
      to_xls-rails
      token_phrase
      tramway-core
      ts-delayed-delta
      turbulence
      uk_account_validator
      user_mgmt
      vagrant-scp
      validation_reflection
      varint
      vx-builder
      watir-classic
      watobo
      wavefront-client
      weekdays
      words_counted
      xero_gateway
      ymdp
      zbar
      zxcvbn

GEM
  remote: https://rubygems.org/
  specs:
    CFPropertyList (3.0.6)
      rexml
    PlayRockPaperScissorsGame (0.0.9)
      bundler (>= 1.14.6)
      rake (>= 12.0.0)
    PriorityQueue (0.1.2)
    abstract_type (0.0.7)
    actioncable (5.2.8.1)
      actionpack (= 5.2.8.1)
      nio4r (~> 2.0)
      websocket-driver (>= 0.6.1)
    actionmailer (5.2.8.1)
      actionpack (= 5.2.8.1)
      actionview (= 5.2.8.1)
      activejob (= 5.2.8.1)
      mail (~> 2.5, >= 2.5.4)
      rails-dom-testing (~> 2.0)
    actionpack (5.2.8.1)
      actionview (= 5.2.8.1)
      activesupport (= 5.2.8.1)
      rack (~> 2.0, >= 2.0.8)
      rack-test (>= 0.6.3)
      rails-dom-testing (~> 2.0)
      rails-html-sanitizer (~> 1.0, >= 1.0.2)
    actionview (5.2.8.1)
      activesupport (= 5.2.8.1)
      builder (~> 3.1)
      erubi (~> 1.4)
      rails-dom-testing (~> 2.0)
      rails-html-sanitizer (~> 1.0, >= 1.0.3)
    active-fedora (14.0.1)
      active-triples (>= 0.11.0, < 2.0.0)
      activemodel (>= 5.1)
      activesupport (>= 5.1)
      deprecation
      faraday (>= 1.0)
      faraday-encoding (>= 0.0.5)
      ldp (>= 0.7.0, < 2)
      rsolr (>= 1.1.2, < 3)
      ruby-progressbar (~> 1.0)
    active-triples (1.2.0)
      activemodel (>= 3.0.0)
      activesupport (>= 3.0.0)
      rdf (>= 2.0.2, < 4.0)
      rdf-vocab (>= 2.0, < 4.0)
    active_attr (0.15.4)
      actionpack (>= 3.0.2, < 7.1)
      activemodel (>= 3.0.2, < 7.1)
      activesupport (>= 3.0.2, < 7.1)
    active_mocker (2.6.2)
      active_record_schema_scrapper (~> 0.8)
      activesupport (>= 4.2)
      colorize (~> 0.7, >= 0.7)
      dissociated_introspection (~> 0.8, >= 0.8.4)
      rake (>= 10.0)
      reverse_parameters (~> 1.1, >= 1.1.1)
      ruby-progressbar (~> 1.7)
      virtus (~> 1.0)
    active_record_schema_scrapper (0.9.0)
      activerecord (>= 4.2, <= 6.9)
      virtus (~> 1.0)
    active_remote (5.2.0)
      activemodel (~> 5.2)
      activesupport (~> 5.2)
      protobuf (>= 3.0)
    activejob (5.2.8.1)
      activesupport (= 5.2.8.1)
      globalid (>= 0.3.6)
    activemodel (5.2.8.1)
      activesupport (= 5.2.8.1)
    activerecord (5.2.8.1)
      activemodel (= 5.2.8.1)
      activesupport (= 5.2.8.1)
      arel (>= 9.0)
    activerecord-hierarchical_query (1.4.3)
      activerecord (>= 5.0, < 7.1)
      pg (>= 0.21, < 1.5)
    activerecord-import (1.4.1)
      activerecord (>= 4.2)
    activestorage (5.2.8.1)
      actionpack (= 5.2.8.1)
      activerecord (= 5.2.8.1)
      marcel (~> 1.0.0)
    activesupport (5.2.8.1)
      concurrent-ruby (~> 1.0, >= 1.0.2)
      i18n (>= 0.7, < 2)
      minitest (~> 5.1)
      tzinfo (~> 1.1)
    adamantium (0.2.0)
      ice_nine (~> 0.11.0)
      memoizable (~> 0.4.0)
    addressable (2.8.4)
      public_suffix (>= 2.0.2, < 6.0)
    airbrake (3.1.17)
      builder
      multi_json
    airbrussh (1.4.1)
      sshkit (>= 1.6.1, != 1.7.0)
    algebrick (0.7.5)
    algolia (2.3.1)
      faraday (>= 0.15, < 3)
      faraday-net_http_persistent (>= 0.15, < 3)
      multi_json (~> 1.0)
      net-http-persistent
    almond-rails (0.3.0)
      rails (>= 4.2)
    amq-protocol (2.3.2)
    anchored (1.1.0)
    anemone (0.7.2)
      nokogiri (>= 1.3.0)
      robotex (>= 1.0.0)
    angular-rails-templates (1.0.2)
      railties (>= 4.2, < 6)
      sprockets (>= 3.0, < 5)
      tilt
    anima (0.3.2)
      abstract_type (~> 0.0.7)
      adamantium (~> 0.2)
      equalizer (~> 0.0.11)
    annex_29 (0.1.1)
    ansi (1.5.0)
    apcera-stager-api (0.3.2)
      json
      rest-client
    apipie-params (0.0.5)
    apipie-rails (1.1.0)
      actionpack (>= 5.0)
      activesupport (>= 5.0)
    aptible-billing (1.0.1)
      activesupport (>= 4.0, < 6.0)
      aptible-resource (~> 1.0)
      stripe (>= 1.13.0)
    aptible-resource (1.1.1)
      activesupport
      fridge
      gem_config (~> 0.3.1)
      httpclient (~> 2.8)
      json
      uri_template (>= 0.5.2)
    archive-tar-minitar (0.8)
      minitar (~> 0.8)
      minitar-cli (~> 0.8)
    archive-zip (0.12.0)
      io-like (~> 0.3.0)
    arel (9.0.0)
    ast (2.4.2)
    astrails-safe (0.3.1)
      aws-s3
      cloudfiles
      net-sftp
    atk (3.4.3)
      glib2 (= 3.4.3)
    atlas_assets (0.8.13)
      handlebars_assets (= 0.17.1)
    atomos (0.1.3)
    attached (1.0.7)
      fog
      identifier
      rails (> 3.0.0)
    attributor (7.0)
      activesupport (>= 3)
      hashie (~> 3)
      randexp (~> 0)
    autoparse (0.3.3)
      addressable (>= 2.3.1)
      extlib (>= 0.9.15)
      multi_json (>= 1.0.0)
    autoprefixer-rails (10.4.13.0)
      execjs (~> 2)
    awesome_print (1.9.2)
    awesome_rails_console (0.4.5)
      awesome_print
      pry-rails
      railties
    aws-eventstream (1.2.0)
    aws-flow-core (1.0.1)
    aws-mfa-secure (0.4.4)
      activesupport
      aws-sdk-core
      aws_config
      memoist
      rainbow
      thor
      zeitwerk
    aws-partitions (1.772.0)
    aws-s3 (0.6.3)
      builder
      mime-types
      xml-simple
    aws-sdk-cloudformation (1.77.0)
      aws-sdk-core (~> 3, >= 3.165.0)
      aws-sigv4 (~> 1.1)
    aws-sdk-core (3.173.1)
      aws-eventstream (~> 1, >= 1.0.2)
      aws-partitions (~> 1, >= 1.651.0)
      aws-sigv4 (~> 1.5)
      jmespath (~> 1, >= 1.6.1)
    aws-sdk-ec2 (1.380.0)
      aws-sdk-core (~> 3, >= 3.165.0)
      aws-sigv4 (~> 1.1)
    aws-sdk-iam (1.77.0)
      aws-sdk-core (~> 3, >= 3.165.0)
      aws-sigv4 (~> 1.1)
    aws-sdk-kms (1.64.0)
      aws-sdk-core (~> 3, >= 3.165.0)
      aws-sigv4 (~> 1.1)
    aws-sdk-s3 (1.122.0)
      aws-sdk-core (~> 3, >= 3.165.0)
      aws-sdk-kms (~> 1)
      aws-sigv4 (~> 1.4)
    aws-sdk-ssm (1.150.0)
      aws-sdk-core (~> 3, >= 3.165.0)
      aws-sigv4 (~> 1.1)
    aws-sigv4 (1.5.2)
      aws-eventstream (~> 1, >= 1.0.2)
    aws_config (0.1.0)
    aws_data (0.1.1)
      aws-sdk-core
      memoist
    axe-matchers (2.6.1)
      dumb_delegator (~> 0.8)
      virtus (~> 1.0)
    axiom-types (0.1.1)
      descendants_tracker (~> 0.0.4)
      ice_nine (~> 0.11.0)
      thread_safe (~> 0.3, >= 0.3.1)
    azure_key_vault (0.19.1)
      ms_rest_azure (~> 0.12.0)
    babel-source (5.8.35)
    babel-transpiler (0.7.0)
      babel-source (>= 4.0, < 6)
      execjs (~> 2.0)
    backports (3.24.1)
    balanced (0.2.0)
    bastion (6.1.23)
      angular-rails-templates (~> 1.0.2)
    bddfire (2.0.5)
      axe-matchers
      be_valid_asset
      bundler
      capybara
      chromedriver-helper
      cucumber
      cuke_sniffer
      json
      magic_encoding
      nokogiri
      poltergeist
      rake
      redcarpet
      relish
      require_all (~> 1.3.1, >= 1.3.0)
      rest-client
      rspec
      rubocop
      rubocop-checkstyle_formatter
      selenium-webdriver
      site_prism
      yard-cucumber
    be_valid_asset (1.3.1)
      rspec
    beefcake (0.5.0)
    bibtex-ruby (6.0.0)
      latex-decode (~> 0.0)
    bigquery (0.5.0)
      google-api-client (~> 0.7.1)
      retriable (~> 1.4)
    bonethug (0.0.99)
      astrails-safe
      coffee-rails
      coffee-script
      guard (>= 2.5.1)
      guard-coffeescript
      guard-concat
      guard-erb
      guard-livereload
      guard-sass
      guard-slim
      guard-sprockets
      guard-uglify
      listen (>= 2.6.2)
      mina
      rake
      rubygems-bundler
      sass
      sass-rails
      uglifier
      whenever
    bootstrap-sass (3.4.1)
      autoprefixer-rails (>= 5.2.1)
      sassc (>= 2.0.0)
    bootstrap_tokenfield_rails (0.12.1)
    boson (1.3.0)
    braintreehttp (0.5.0)
    breadcrumbs (0.3.0)
      actionview
      activesupport
      i18n
    bson (1.12.5)
    builder (3.2.4)
    bundler-unload (1.0.2)
    bunny (2.20.3)
      amq-protocol (~> 2.3, >= 2.3.1)
      sorted_set (~> 1, >= 1.0.2)
    bxslider-rails (4.2.5.1)
    byebug (11.1.3)
    cairo (1.17.8)
      native-package-installer (>= 1.0.3)
      pkg-config (>= 1.2.2)
      red-colors
    cairo-gobject (3.4.3)
      cairo (>= 1.16.2)
      glib2 (= 3.4.3)
    cal-heatmap-rails (3.6.2)
    canable (0.1.1)
    cancancan (3.5.0)
    capistrano (3.17.3)
      airbrussh (>= 1.0.0)
      i18n
      rake (>= 10.0.0)
      sshkit (>= 1.9.0)
    capistrano-measure (0.10.0)
      capistrano (>= 2, < 4)
      colorize (>= 0.8.1)
    capistrano-safe-deploy-to (1.1.1)
      capistrano (>= 3.0)
    capistrano-scm-copy (0.7.0)
      capistrano (~> 3.0)
    capybara (3.39.1)
      addressable
      matrix
      mini_mime (>= 0.1.3)
      nokogiri (~> 1.8)
      rack (>= 1.6.0)
      rack-test (>= 0.6.3)
      regexp_parser (>= 1.5, < 3.0)
      xpath (~> 3.2)
    capybara-webmock (0.1.0)
    centrifuge (1.2.0)
      httpclient
      multi_json
    cfn_camelizer (0.4.9)
      activesupport
      memoist
      rainbow
    chai-jquery-rails (2.0.1)
      railties (>= 3.1)
      sprockets
    childprocess (4.1.0)
    chromedriver-helper (2.1.1)
      archive-zip (~> 0.10)
      nokogiri (~> 1.8)
    chronic (0.10.2)
    cistern (2.8.2)
    civo (1.5.22)
      commander
      flexirest (>= 1.10.8)
      toml
    claide (1.1.0)
    claide-plugins (0.9.2)
      cork
      nap
      open4 (~> 1.3)
    clam_scan (0.0.2)
    clamp (0.6.5)
    cli-format (0.2.2)
      activesupport
      text-table
      zeitwerk
    cliver (0.3.2)
    cloudconvert-ruby (0.2.0)
      httmultiparty (~> 0.3.15)
    cloudfiles (1.5.0.3)
      json
    coderay (1.1.3)
    coercible (1.0.0)
      descendants_tracker (~> 0.0.1)
    coffee-rails (5.0.0)
      coffee-script (>= 2.2.0)
      railties (>= 5.2.0)
    coffee-script (2.4.1)
      coffee-script-source
      execjs
    coffee-script-source (1.12.2)
    colorator (1.1.0)
    colored (1.2)
    colored2 (3.1.2)
    colorize (0.8.1)
    columnize (0.9.0)
    commander (4.6.0)
      highline (~> 2.0.0)
    compass-validator (3.0.1)
    concord (0.1.6)
      adamantium (~> 0.2.0)
      equalizer (~> 0.0.9)
    concurrent-ruby (1.2.2)
    concurrent-ruby-edge (0.7.0)
      concurrent-ruby (~> 1.2.0)
    connection_pool (2.4.1)
    console_table (0.3.1)
    cool.io (1.7.1)
    cork (0.3.0)
      colored2 (~> 3.1)
    cppjieba_rb (0.4.2)
    crack (0.4.5)
      rexml
    crass (1.0.6)
    crowdin-api (0.4.0)
      rest-client
    crowdin-cli (0.3.6)
      crowdin-api (~> 0.2, >= 0.2.0)
      gli (~> 2.9)
      i18n (>= 0.6.9)
      rubyzip (~> 1.0)
    cssmin (1.0.3)
    csv-importer (0.8.2)
      virtus
    cucumber (8.0.0)
      builder (~> 3.2, >= 3.2.4)
      cucumber-ci-environment (~> 9.0, >= 9.0.4)
      cucumber-core (~> 11.0, >= 11.0.0)
      cucumber-cucumber-expressions (~> 15.1, >= 15.1.1)
      cucumber-gherkin (~> 23.0, >= 23.0.1)
      cucumber-html-formatter (~> 19.1, >= 19.1.0)
      cucumber-messages (~> 18.0, >= 18.0.0)
      diff-lcs (~> 1.5, >= 1.5.0)
      mime-types (~> 3.4, >= 3.4.1)
      multi_test (~> 1.1, >= 1.1.0)
      sys-uname (~> 1.2, >= 1.2.2)
    cucumber-api-steps (0.14.0)
      cucumber (>= 2.0.2)
      jsonpath (>= 0.1.2)
    cucumber-ci-environment (9.2.0)
    cucumber-core (11.0.0)
      cucumber-gherkin (~> 23.0, >= 23.0.1)
      cucumber-messages (~> 18.0, >= 18.0.0)
      cucumber-tag-expressions (~> 4.1, >= 4.1.0)
    cucumber-cucumber-expressions (15.2.0)
    cucumber-gherkin (23.0.1)
      cucumber-messages (~> 18.0, >= 18.0.0)
    cucumber-html-formatter (19.2.0)
      cucumber-messages (~> 18.0, >= 18.0.0)
    cucumber-messages (18.0.0)
    cucumber-tag-expressions (4.1.0)
    cuke_sniffer (1.1.0)
      nokogiri (~> 1.6, >= 1.6.8)
      roxml (~> 3.3, >= 3.3.1)
    curb (1.0.5)
    curb-fu (0.6.2)
      curb (>= 0.5.4.0)
      rack-test (>= 0.2.0)
    curl (0.0.9)
      awesome_print (>= 0.2.1)
      unidecoder (>= 1.1.1)
    daemons (1.4.1)
    danger (8.6.1)
      claide (~> 1.0)
      claide-plugins (>= 0.9.2)
      colored2 (~> 3.1)
      cork (~> 0.1)
      faraday (>= 0.9.0, < 2.0)
      faraday-http-cache (~> 2.0)
      git (~> 1.7)
      kramdown (~> 2.3)
      kramdown-parser-gfm (~> 1.0)
      no_proxy_fix
      octokit (~> 4.7)
      terminal-table (>= 1, < 4)
    danger-plugin-api (1.0.0)
      danger (> 2.0)
    danger-regexp (1.1.0)
      danger
      git_diff_parser (~> 3.1)
    danger-slack (0.0.3)
      danger-plugin-api (~> 1.0)
    date (3.3.3)
    days360 (0.3.2)
    dbf (2.0.13)
      fastercsv (~> 1.5)
    debugger (1.6.8)
      columnize (>= 0.3.1)
      debugger-linecache (~> 1.2.0)
      debugger-ruby_core_source (~> 1.3.5)
    debugger-linecache (1.2.0)
    debugger-ruby_core_source (1.3.8)
    debugger-xml (0.4.1)
      builder (>= 2.0.0)
      byebug
    deface (1.9.0)
      actionview (>= 5.2)
      nokogiri (>= 1.6)
      polyglot
      railties (>= 5.2)
      rainbow (>= 2.1.0)
    delayed_job (4.1.11)
      activesupport (>= 3.0, < 8.0)
    deprecation (1.1.0)
      activesupport
    descendants_tracker (0.0.4)
      thread_safe (~> 0.3, >= 0.3.1)
    diff-lcs (1.5.0)
    dirty_hashy (0.2.1)
      activesupport
    diskcached (1.1.3)
    dissociated_introspection (0.13.0)
      parser (>= 3.1.2.0)
      unparser (~> 0.4.9)
    dnsruby (1.70.0)
      simpleidn (~> 0.2.1)
    docker-api (1.34.2)
      excon (>= 0.47.0)
      multi_json
    docker-fluent-logger (1.0.2)
      activesupport (>= 5.0.0)
      lograge (~> 0.5)
      oj (~> 3.10.0)
      thor (~> 1.0)
    docopt (0.5.0)
    docx_replace (1.2.1)
      rubyzip (~> 1.2, >= 1.2.1)
    domain_name (0.5.20190701)
      unf (>= 0.0.5, < 1.0.0)
    dpl (1.10.16)
    dpl-cloud_foundry (1.10.16)
      dpl (= 1.10.16)
    dpl-gae (1.10.16)
      dpl (= 1.10.16)
    dpl-packagecloud (1.10.16)
      dpl (= 1.10.16)
      packagecloud-ruby (= 1.0.8)
    dsl_evaluator (0.3.1)
      activesupport
      memoist
      rainbow
      zeitwerk
    dtk_crd_parser (0.1.0)
    dumb_delegator (0.8.1)
    dust-deploy (0.16.6)
      colorize
      ipaddress
      json
      net-scp
      net-sftp
      net-ssh
      thor
    dynamic_form (1.2.0)
    dynect_rest (0.4.6)
      rest-client
    dynflow (0.8.17)
      algebrick (~> 0.7.0)
      apipie-params
      concurrent-ruby (~> 1.0)
      concurrent-ruby-edge (~> 0.2)
      multi_json
      sequel
    e164 (0.3.2)
    e20_ops_middleware (2.1.1)
      uuidtools (~> 2.1)
    ean (0.2.0)
    ebnf (2.3.2)
      htmlentities (~> 4.3)
      rdf (~> 3.2)
      scanf (~> 1.0)
      sxp (~> 1.2)
      unicode-types (~> 1.8)
    ec2-metadata (0.2.2)
    em-websocket (0.5.3)
      eventmachine (>= 0.12.9)
      http_parser.rb (~> 0)
    engine_cart (2.5.0)
      rails (>= 5.0)
    epic (0.0.4)
      progressions-g
      w3c_validators
    equalizer (0.0.11)
    erubi (1.12.0)
    eventmachine (1.2.7)
    excon (0.99.0)
    execjs (2.8.1)
    executable-hooks (1.6.1)
    extlib (0.9.16)
    eycap (0.6.12)
      capistrano (>= 2.2.0)
    f (0.1.0)
    facter (4.4.0)
      hocon (~> 1.3)
      thor (>= 1.0.1, < 2.0)
    faker (3.2.0)
      i18n (>= 1.8.11, < 2)
    faraday (1.10.3)
      faraday-em_http (~> 1.0)
      faraday-em_synchrony (~> 1.0)
      faraday-excon (~> 1.1)
      faraday-httpclient (~> 1.0)
      faraday-multipart (~> 1.0)
      faraday-net_http (~> 1.0)
      faraday-net_http_persistent (~> 1.0)
      faraday-patron (~> 1.0)
      faraday-rack (~> 1.0)
      faraday-retry (~> 1.0)
      ruby2_keywords (>= 0.0.4)
    faraday-cookie_jar (0.0.7)
      faraday (>= 0.8.0)
      http-cookie (~> 1.0.0)
    faraday-em_http (1.0.0)
    faraday-em_synchrony (1.0.0)
    faraday-encoding (0.0.5)
      faraday
    faraday-excon (1.1.0)
    faraday-http-cache (2.5.0)
      faraday (>= 0.8)
    faraday-httpclient (1.0.1)
    faraday-multipart (1.0.4)
      multipart-post (~> 2)
    faraday-net_http (1.0.1)
    faraday-net_http_persistent (1.2.0)
    faraday-patron (1.0.0)
    faraday-rack (1.0.0)
    faraday-retry (1.0.3)
    faraday_middleware (1.2.0)
      faraday (~> 1.0)
    fast_gettext (2.3.0)
    fastercsv (1.5.5)
    fastest-csv (0.0.4)
    fastlane-plugin-property_file_read (1.0.1)
    fastlane-plugin-synx (0.1.4)
      synx
    ffi (1.15.5)
    ffi-compiler (1.0.1)
      ffi (>= 1.0.0)
      rake
    ffi-hunspell (0.6.1)
      ffi (~> 1.0)
    file-tail (1.2.0)
      tins (~> 1.0)
    filesize (0.2.0)
    firebase_id_token (2.5.2)
      httparty (~> 0.21, >= 0.16.2)
      jwt (~> 2.1, >= 2.1.0)
      redis (~> 4.0, >= 4.0.1)
      redis-namespace (~> 1.6, >= 1.6.0)
    flexirest (1.10.12)
      activesupport
      crack
      faraday (~> 1.0)
      mime-types
      multi_json
    flights_gui_henry_tests (2.5.2)
      cucumber
      debugger
      henry-container (>= 0.1.39)
      hpricot
      httparty
      mock_search
      rspec
      sanitize
      sixarm_ruby_unaccent
      watir-webdriver
    flog (4.6.6)
      path_expander (~> 1.0)
      ruby_parser (~> 3.1, > 3.1.0)
      sexp_processor (~> 4.8)
    fluent-plugin-numeric-monitor (1.0.3)
      fluentd (>= 0.14.0)
    fluentd (1.16.1)
      bundler
      cool.io (>= 1.4.5, < 2.0.0)
      http_parser.rb (>= 0.5.1, < 0.9.0)
      msgpack (>= 1.3.1, < 2.0.0)
      serverengine (>= 2.3.2, < 3.0.0)
      sigdump (~> 0.2.2)
      strptime (>= 0.2.4, < 1.0.0)
      tzinfo (>= 1.0, < 3.0)
      tzinfo-data (~> 1.0)
      webrick (~> 1.4)
      yajl-ruby (~> 1.0)
    fog (0.7.2)
      builder
      excon (>= 0.6.1)
      formatador (>= 0.1.3)
      json
      mime-types
      net-ssh (>= 2.1.3)
      nokogiri (>= 1.4.4)
      ruby-hmac
    foreman-tasks (0.8.6)
      daemons
      dynflow (~> 0.8.17)
      foreman-tasks-core
      parse-cron (~> 0.1.4)
      sequel
      sinatra
    foreman-tasks-core (0.2.6)
    foreman_docker (3.2.1)
      deface (< 2.0)
      docker-api (~> 1.18)
      excon (~> 0.46)
      wicked (~> 1.1)
    formatador (1.1.0)
    forwardable-extended (2.6.0)
    foundation-datepicker-rails (0.0.3)
    fridge (0.2.2)
      gem_config
      jwt
    fudge (0.6.4)
      json
      thor
    furi (0.2.3)
    fusion_tables (0.4.1)
      gdata_19 (>= 1.1.2)
      json (>= 1.7.6)
    fxruby (1.6.46)
      mini_portile2 (~> 2.1)
    gapic-common (0.19.1)
      faraday (>= 1.9, < 3.a)
      faraday-retry (>= 1.0, < 3.a)
      google-protobuf (~> 3.14)
      googleapis-common-protos (>= 1.3.12, < 2.a)
      googleapis-common-protos-types (>= 1.3.1, < 2.a)
      googleauth (~> 1.0)
      grpc (~> 1.36)
    gdata_19 (1.1.5)
    gdk_pixbuf2 (3.4.3)
      gio2 (= 3.4.3)
    gem-open (0.1.8)
    gem_config (0.3.2)
    gemdiff (4.1.0)
      launchy (~> 2.4)
      octokit (~> 4.0)
      thor (~> 1.0)
    geocoder (1.8.1)
    gettext_i18n_rails (1.10.1)
      fast_gettext (>= 0.9.0)
    gherkin (5.1.0)
    gio2 (3.4.3)
      gobject-introspection (= 3.4.3)
    git (1.13.2)
      addressable (~> 2.8)
      rchardet (~> 1.8)
    git-up (0.5.12)
      colored (>= 1.2)
      grit
    git_diff_parser (3.2.0)
    github-authentication (1.0.2)
      jwt (~> 2.2)
    gli (2.21.0)
    glib2 (3.4.3)
      native-package-installer (>= 1.0.3)
      pkg-config (>= 1.3.5)
    globalid (1.1.0)
      activesupport (>= 5.0)
    gnista (1.0.1)
    gobject-introspection (3.4.3)
      glib2 (= 3.4.3)
    google-api-client (0.7.1)
      addressable (>= 2.3.2)
      autoparse (>= 0.3.3)
      extlib (>= 0.9.15)
      faraday (>= 0.9.0)
      jwt (>= 0.1.5)
      launchy (>= 2.1.1)
      multi_json (>= 1.0.0)
      retriable (>= 1.4)
      signet (>= 0.5.0)
      uuidtools (>= 2.1.0)
    google-cloud-bigtable-admin-v2 (0.15.0)
      gapic-common (>= 0.10, < 2.a)
      google-cloud-errors (~> 1.0)
      grpc-google-iam-v1 (~> 1.1)
    google-cloud-bigtable-v2 (0.10.0)
      gapic-common (>= 0.18.0, < 2.a)
      google-cloud-errors (~> 1.0)
    google-cloud-core (1.6.0)
      google-cloud-env (~> 1.0)
      google-cloud-errors (~> 1.0)
    google-cloud-env (1.6.0)
      faraday (>= 0.17.3, < 3.0)
    google-cloud-errors (1.3.1)
    google-cloud-location (0.4.0)
      gapic-common (>= 0.17.1, < 2.a)
      google-cloud-errors (~> 1.0)
    google-cloud-scheduler (2.4.0)
      google-cloud-core (~> 1.6)
      google-cloud-scheduler-v1 (>= 0.7, < 2.a)
      google-cloud-scheduler-v1beta1 (>= 0.7, < 2.a)
    google-cloud-scheduler-v1 (0.7.0)
      gapic-common (>= 0.18.0, < 2.a)
      google-cloud-errors (~> 1.0)
      google-cloud-location (>= 0.4, < 2.a)
    google-cloud-scheduler-v1beta1 (0.7.0)
      gapic-common (>= 0.18.0, < 2.a)
      google-cloud-errors (~> 1.0)
      google-cloud-location (>= 0.4, < 2.a)
    google-protobuf (3.23.2-arm64-darwin)
    googleapis-common-protos (1.4.0)
      google-protobuf (~> 3.14)
      googleapis-common-protos-types (~> 1.2)
      grpc (~> 1.27)
    googleapis-common-protos-types (1.6.0)
      google-protobuf (~> 3.14)
    googleauth (1.5.2)
      faraday (>= 0.17.3, < 3.a)
      jwt (>= 1.4, < 3.0)
      memoist (~> 0.16)
      multi_json (~> 1.11)
      os (>= 0.9, < 2.0)
      signet (>= 0.16, < 2.a)
    graph (2.11.0)
    grit (2.0.0)
      diff-lcs (>= 1.1.2)
      mime-types (>= 1.15)
    grizzly_ber (1.1.0)
    grpc (1.55.0)
      google-protobuf (~> 3.23)
      googleapis-common-protos-types (~> 1.0)
    grpc-google-iam-v1 (1.2.0)
      google-protobuf (~> 3.14)
      googleapis-common-protos (>= 1.3.12, < 2.0)
      grpc (~> 1.27)
    gtk2 (3.4.3)
      atk (= 3.4.3)
      gdk_pixbuf2 (= 3.4.3)
      pango (= 3.4.3)
    gtksourceview2 (3.4.3)
      gtk2 (= 3.4.3)
    guard (2.18.0)
      formatador (>= 0.2.4)
      listen (>= 2.7, < 4.0)
      lumberjack (>= 1.0.12, < 2.0)
      nenv (~> 0.1)
      notiffany (~> 0.0)
      pry (>= 0.13.0)
      shellany (~> 0.0)
      thor (>= 0.18.1)
    guard-coffeescript (2.0.1)
      coffee-script (>= 2.2.0)
      guard (>= 2.1.0)
      guard-compat (~> 1.1)
    guard-compat (1.2.1)
    guard-concat (0.8.1)
      guard (~> 2.0)
    guard-erb (0.0.2)
      guard (>= 0.2.2)
    guard-livereload (2.5.2)
      em-websocket (~> 0.5)
      guard (~> 2.8)
      guard-compat (~> 1.0)
      multi_json (~> 1.8)
    guard-sass (1.6.1)
      guard (>= 2.8.0)
      sass (>= 3.1)
    guard-slim (0.0.1)
      guard (>= 0.4.0)
      slim
    guard-sprockets (0.1.4)
      guard (>= 0.2.2)
      sprockets
    guard-uglify (1.0.0)
      guard (>= 0.2.2)
      uglifier
    guard-unicorn (0.2.0)
      guard (>= 1.1)
    haml (6.1.1)
      temple (>= 0.8.2)
      thor
      tilt
    haml-rails (2.1.0)
      actionpack (>= 5.1)
      activesupport (>= 5.1)
      haml (>= 4.0.6)
      railties (>= 5.1)
    hammerspace (0.1.7)
      gnista (~> 1.0.1)
    handlebars_assets (0.17.1)
      execjs (>= 1.2.9)
      multi_json
      sprockets (>= 2.0.3)
      tilt
    has_permalink (0.1.7)
    hashie (3.6.0)
    hashr (2.0.1)
    henry-container (0.1.73)
      colorize
      cucumber
      mail
      minitest-reporters
      rake
      rspec (~> 2)
      trollop
    highline (2.0.3)
    hipchat-api (1.0.6)
      httparty
    hocon (1.4.0)
    hpricot (0.8.6)
    html2doc (1.5.4)
      htmlentities (~> 4.3.4)
      image_size (>= 3.2.0)
      mime-types
      nokogiri (~> 1.14)
      plane1converter (~> 0.0.1)
      plurimath
      thread_safe
      uuidtools
    html_min (0.1.4)
    htmlentities (4.3.4)
    httmultiparty (0.3.16)
      httparty (>= 0.7.3)
      mimemagic
      multipart-post
    http (5.1.1)
      addressable (~> 2.8)
      http-cookie (~> 1.0)
      http-form_data (~> 2.2)
      llhttp-ffi (~> 0.4.0)
    http-cookie (1.0.5)
      domain_name (~> 0.5)
    http-form_data (2.3.0)
    http_logger (0.7.0)
    http_parser.rb (0.8.0)
    httparty (0.21.0)
      mini_mime (>= 1.0.0)
      multi_xml (>= 0.5.2)
    httpclient (2.8.3)
    hydra-editor (6.2.0)
      active-fedora (>= 9.0.0)
      activerecord (>= 5.2, < 7.1)
      almond-rails (~> 0.1)
      cancancan
      psych (~> 3.3, < 4)
      rails (>= 5.2, < 7.1)
      simple_form (>= 4.1.0, < 5.2)
      sprockets (>= 3.7)
      sprockets-es6
    hydra-file_characterization (1.2.0)
      activesupport (>= 3.0.0)
    hyp_diff (0.0.6)
      diff-lcs (>= 1.2, < 2.0)
      nokogiri (>= 1.6, < 2.0)
    i18n (1.13.0)
      concurrent-ruby (~> 1.0)
    i18n-inflector (2.6.7)
      i18n (>= 0.4.1)
    ibsciss-middleware (0.4.2)
    ice_nine (0.11.2)
    icu_name (1.4.0)
    icu_tournament (1.12.1)
      dbf (~> 2.0)
      icu_name (~> 1.2)
      icu_utils (~> 1.3, >= 1.3.2)
      rubyzip (~> 1.1)
    icu_utils (1.3.3)
    identifier (1.1.9)
    idiom (0.7.3)
      activesupport
      activesupport (>= 2.2.2)
      natural_time
      rspec
      sishen-rtranslate
      sishen-rtranslate (>= 1.2.9)
      timer
      yrb
    image_size (3.3.0)
    immutable-struct (2.4.1)
    inifile (3.0.0)
    innertube (1.1.0)
    io-like (0.3.1)
    ipaddress (0.8.3)
    iso639 (1.3.2)
    isoics (0.1.11)
    jbuilder (2.11.5)
      actionview (>= 5.0.0)
      activesupport (>= 5.0.0)
    jekyll (4.3.2)
      addressable (~> 2.4)
      colorator (~> 1.0)
      em-websocket (~> 0.5)
      i18n (~> 1.0)
      jekyll-sass-converter (>= 2.0, < 4.0)
      jekyll-watch (~> 2.0)
      kramdown (~> 2.3, >= 2.3.1)
      kramdown-parser-gfm (~> 1.0)
      liquid (~> 4.0)
      mercenary (>= 0.3.6, < 0.5)
      pathutil (~> 0.9)
      rouge (>= 3.0, < 5.0)
      safe_yaml (~> 1.0)
      terminal-table (>= 1.8, < 4.0)
      webrick (~> 1.7)
    jekyll-admin (0.11.1)
      jekyll (>= 3.7, < 5.0)
      sinatra (>= 1.4)
      sinatra-contrib (>= 1.4)
    jekyll-compose (0.12.0)
      jekyll (>= 3.7, < 5.0)
    jekyll-menus (0.6.1)
      jekyll (>= 3.6, < 5.0)
    jekyll-sass-converter (3.0.0)
      sass-embedded (~> 1.54)
    jekyll-watch (2.2.1)
      listen (~> 3.0)
    jettywrapper (2.0.5)
      activesupport (>= 3.0.0)
      childprocess
      i18n
      rubyzip (~> 1.0)
    jira4r (1.3.0)
      soap4r-ng (~> 2.0)
    jist (1.5.1)
      json
    jit_preloader (1.0.4)
      activerecord (>= 5.2, < 7)
      activesupport
    jmespath (1.6.2)
    jnunemaker-validatable (1.8.4)
      activesupport (>= 2.3.4)
    joiner (0.4.2)
      activerecord (>= 5.2.beta1)
    jquery-hotkeys-rails (0.7.9.1)
      railties (>= 3.1)
    jquery-rails (4.5.1)
      rails-dom-testing (>= 1, < 3)
      railties (>= 4.2.0)
      thor (>= 0.14, < 2.0)
    jquery-ui-rails (6.0.1)
      railties (>= 3.2.16)
    jquery_pwstrength_bootstrap_4 (1.2.2)
      railties (>= 3.1)
    jscompress (1.1.3)
    jsmin_c (1.0.5)
    json (2.6.3)
    json-canonicalization (0.3.2)
    json-ld (3.2.5)
      htmlentities (~> 4.3)
      json-canonicalization (~> 0.3, >= 0.3.2)
      link_header (~> 0.0, >= 0.0.8)
      multi_json (~> 1.15)
      rack (>= 2.2, < 4)
      rdf (~> 3.2, >= 3.2.10)
    json-schema (4.0.0)
      addressable (>= 2.8)
    json-schema_builder (0.8.2)
      activesupport (>= 4.0)
      json-schema (>= 2.1)
    json_pure (1.8.6)
    jsonpath (1.1.3)
      multi_json
    jwt (2.7.0)
    katello (3.5.2)
      anemone
      apipie-rails (>= 0.5.4)
      bastion (>= 6.0.0, < 7.0.0)
      deface (>= 1.0.2, < 2.0.0)
      foreman-tasks (< 0.11)
      foreman_docker (< 4)
      gettext_i18n_rails
      json
      oauth
      qpid_messaging (< 1.0.0)
      rabl
      rails
      rest-client
      runcible (>= 2.5.0, < 3.0.0)
    kensa (1.4.1)
      launchy (>= 0.3.2)
      mechanize (~> 1.0.0)
      rest-client (>= 1.4.0, < 1.7.0)
      term-ansicolor (~> 1.0)
    knife-reporting (0.5.0)
      mixlib-cli (~> 1.5)
    kramdown (2.4.0)
      rexml
    kramdown-parser-gfm (1.1.0)
      kramdown (~> 2.0)
    lamian (1.7.0)
      rails (>= 4.2)
    latex-decode (0.4.0)
    launchy (2.5.2)
      addressable (~> 2.8)
    ldp (1.2.0)
      deprecation
      faraday (>= 1)
      http_logger
      json-ld (~> 3.2)
      rdf (~> 3.2)
      rdf-isomorphic
      rdf-ldp
      rdf-turtle
      rdf-vocab (>= 0.8)
      slop
    ldpath (1.2.0)
      nokogiri (~> 1.8)
      parslet
      rdf (~> 3.0)
      rdf-vocab (~> 3.0)
    le1t0-capistrano (2.5.18.024)
      highline
      net-scp (>= 1.0.0)
      net-sftp (>= 2.0.0)
      net-ssh (>= 2.0.14)
      net-ssh-gateway (>= 1.0.0)
    le1t0-deprec (2.1.6.088)
      le1t0-capistrano (= 2.5.18.024)
    letter_avatar (0.3.9)
    lightbox2-rails (2.8.2.1)
      railties (>= 3.1)
    link_header (0.0.8)
    liquid (4.0.4)
    listen (3.8.0)
      rb-fsevent (~> 0.10, >= 0.10.3)
      rb-inotify (~> 0.9, >= 0.9.10)
    llhttp-ffi (0.4.0)
      ffi-compiler (~> 1.0)
      rake (~> 13.0)
    log4r (1.1.10)
    log_buddy (0.7.0)
    lograge (0.12.0)
      actionpack (>= 4)
      activesupport (>= 4)
      railties (>= 4)
      request_store (~> 1.0)
    lono (7.5.2)
      activesupport
      aws-mfa-secure
      aws-sdk-cloudformation
      aws-sdk-ec2
      aws-sdk-iam
      aws-sdk-s3
      aws-sdk-ssm
      aws_data
      bundler (~> 2)
      cfn_camelizer
      cli-format
      filesize
      graph
      hashie
      json
      memoist
      parslet
      plissken
      rainbow
      rb-fsevent
      render_me_pretty
      rexml
      text-table
      thor
      zeitwerk
    loofah (2.21.3)
      crass (~> 1.0.2)
      nokogiri (>= 1.12.0)
    lorem_ipsum_amet (0.6.2)
    lumberjack (1.2.8)
    macaddr (1.7.2)
      systemu (~> 2.6.5)
    macros4cuke (0.5.17)
      cucumber (>= 3.0)
    magic_encoding (0.0.2)
    mail (2.8.1)
      mini_mime (>= 0.1.1)
      net-imap
      net-pop
      net-smtp
    mail-notify (1.1.0)
      actionmailer (>= 5.2.4.6)
      actionpack (>= 5.2.7.1)
      actionview (>= 5.2.7.1)
      activesupport (>= 5.2.4.6)
      notifications-ruby-client (~> 5.1)
      rack (>= 2.1.4.1)
    marcel (1.0.2)
    markaby (0.9.0)
      builder
    marked-rails (0.3.2.0)
    maskedinput-rails (1.4.1.0)
    matrix (0.4.2)
    maxmind-db (1.1.1)
    maxmind-geoip2 (1.1.0)
      connection_pool (~> 2.2)
      http (>= 4.3, < 6.0)
      maxmind-db (~> 1.1)
    mechanize (1.0.0)
      nokogiri (>= 1.2.1)
    memoist (0.16.2)
    memoizable (0.4.2)
      thread_safe (~> 0.3, >= 0.3.1)
    mercenary (0.4.0)
    method_source (1.0.0)
    middleman-more (3.1.6)
    middleware (0.1.0)
    mime (0.4.4)
    mime-types (3.4.1)
      mime-types-data (~> 3.2015)
    mime-types-data (3.2023.0218.1)
    mimemagic (0.4.3)
      nokogiri (~> 1)
      rake
    mina (1.2.4)
      open4 (~> 1.3.4)
      rake
    minfraud (2.2.0)
      connection_pool (~> 2.2)
      http (>= 4.3, < 6.0)
      maxmind-geoip2 (~> 1.1)
      simpleidn (~> 0.1, >= 0.1.1)
    mini_magick (3.5.0)
      subexec (~> 0.2.1)
    mini_mime (1.1.2)
    mini_portile2 (2.8.2)
    minitar (0.8)
    minitar-cli (0.8)
      minitar (~> 0.8.0)
      powerbar (~> 1.0)
    minitest (5.18.0)
    minitest-power_assert (0.3.1)
      minitest
      power_assert (>= 1.1)
    minitest-reporters (1.6.0)
      ansi
      builder
      minitest (>= 5.0)
      ruby-progressbar
    mixlib-cli (1.7.0)
    mjml-ruby (0.4.1)
    mm-multi-parameter-attributes (0.1.1)
      mongo_mapper
    mm_eager_includer (0.0.5)
    mocha (2.0.2)
      ruby2_keywords (>= 0.0.5)
    mock_search (1.2.6)
      httparty
      ruby-des
    modware (1.0.2)
    mongo (1.12.5)
      bson (= 1.12.5)
    mongo_mapper (0.8.6)
      activesupport (>= 2.3.4)
      jnunemaker-validatable (~> 1.8.4)
      plucky (~> 0.3.6)
    monkey-patch (0.1.0)
      activesupport
    mortar (0.15.4)
      launchy (~> 2.1)
      mortar-api-ruby (~> 0.8.0)
      netrc (~> 0.7)
      parseconfig (~> 1.0.2)
      rdoc (>= 4.0.0)
    mortar-api-ruby (0.8.16)
      excon (~> 0.28)
    mprelude (0.1.0)
      abstract_type (~> 0.0.7)
      adamantium (~> 0.2.0)
      concord (~> 0.1.5)
      equalizer (~> 0.0.9)
      ice_nine (~> 0.11.1)
      procto (~> 0.0.2)
    ms_rest (0.7.6)
      concurrent-ruby (~> 1.0)
      faraday (>= 0.9, < 2.0.0)
      timeliness (~> 0.3.10)
    ms_rest_azure (0.12.0)
      concurrent-ruby (~> 1.0)
      faraday (>= 0.9, < 2.0.0)
      faraday-cookie_jar (~> 0.0.6)
      ms_rest (~> 0.7.6)
    msgpack (1.7.1)
    msgr (1.4.0)
      activesupport
      bunny (>= 1.4, < 3.0)
    multi_json (1.15.0)
    multi_test (1.1.0)
    multi_xml (0.6.0)
    multipart (0.2.1)
    multipart-post (2.3.0)
    mumboe-soap4r (1.5.8.7)
      httpclient (>= 2.1.1)
    mushin (0.62.0)
      ibsciss-middleware (~> 0.3)
      ssd
      thor
    mustache (1.1.1)
    mustermann (3.0.0)
      ruby2_keywords (~> 0.0.1)
    nanaimo (0.3.0)
    nap (1.1.0)
    native-package-installer (1.1.5)
    natural_time (0.2.1)
      activesupport
    nenv (0.3.0)
    net-hippie (1.1.1)
    net-http-persistent (4.0.2)
      connection_pool (~> 2.2)
    net-imap (0.3.4)
      date
      net-protocol
    net-pop (0.1.2)
      net-protocol
    net-protocol (0.2.1)
      timeout
    net-scp (4.0.0)
      net-ssh (>= 2.6.5, < 8.0.0)
    net-sftp (2.1.2)
      net-ssh (>= 2.6.5)
    net-smtp (0.3.3)
      net-protocol
    net-ssh (2.9.4)
    net-ssh-gateway (1.3.0)
      net-ssh (>= 2.6.5)
    netrc (0.11.0)
    netzke-core (1.0.0.0)
      execjs
      uglifier
    newrelic_api (1.2.4)
    nio4r (2.5.9)
    no_proxy_fix (0.1.2)
    nokogiri (1.15.2-arm64-darwin)
      racc (~> 1.4)
    nom-xml (1.2.0)
      i18n
      nokogiri
    noodall-core (0.6.3)
      canable (= 0.1.1)
      mm-multi-parameter-attributes (~> 0.1.1)
      mongo_mapper (~> 0.8.6)
      ramdiv-mongo_mapper_acts_as_tree (~> 0.1.1)
      ruby-stemmer
    noodall-ui (0.3.20)
      dynamic_form
      noodall-core (>= 0.6.0)
      thoughtbot-sortable_table (>= 0.0.6)
      will_paginate (~> 3.0.pre2)
    normailize (0.0.1)
    notes (0.1.2)
      paint (>= 0.8.4)
    notiffany (0.1.3)
      nenv (~> 0.1)
      shellany (~> 0.0)
    notifications-ruby-client (5.4.0)
      jwt (>= 1.5, < 3)
    oauth (1.1.0)
      oauth-tty (~> 1.0, >= 1.0.1)
      snaky_hash (~> 2.0)
      version_gem (~> 1.1)
    oauth-tty (1.0.5)
      version_gem (~> 1.1, >= 1.1.1)
    oauth2 (1.4.11)
      faraday (>= 0.17.3, < 3.0)
      jwt (>= 1.0, < 3.0)
      multi_json (~> 1.3)
      multi_xml (~> 0.5)
      rack (>= 1.2, < 4)
    octokit (4.25.1)
      faraday (>= 1, < 3)
      sawyer (~> 0.9)
    octopress-hooks (2.6.2)
      jekyll (>= 2.0)
    oj (3.10.18)
    omniauth (2.1.1)
      hashie (>= 3.4.6)
      rack (>= 2.2.3)
      rack-protection
    omniauth-facebook (9.0.0)
      omniauth-oauth2 (~> 1.2)
    omniauth-google-oauth2 (0.8.1)
      jwt (>= 2.0)
      oauth2 (~> 1.1)
      omniauth (>= 1.1.1)
      omniauth-oauth2 (>= 1.6)
    omniauth-linkedin (0.2.0)
      omniauth-oauth (~> 1.0)
    omniauth-oauth (1.2.0)
      oauth
      omniauth (>= 1.0, < 3)
    omniauth-oauth2 (1.8.0)
      oauth2 (>= 1.4, < 3)
      omniauth (~> 2.0)
    omniauth-twitter (1.4.0)
      omniauth-oauth (~> 1.1)
      rack
    omniauth-windowslive (0.0.12)
      multi_json (~> 1.12)
      omniauth-oauth2 (~> 1.4)
    omniauth-yahoo (0.0.8)
      omniauth-oauth (~> 1.0)
    open4 (1.3.4)
    openseadragon (0.6.0)
      rails (> 3.2.0)
    os (1.1.4)
    osm (1.3.6)
      active_attr (~> 0.8)
      activemodel (>= 3.2, < 6)
      activesupport (>= 3.2, < 6)
      dirty_hashy (~> 0.2.1)
      httparty (~> 0.10)
    outrigger (2.1.1)
      activerecord (>= 5.0, < 6.2)
    ovirt_metrics (3.1.0)
      activerecord (>= 5.0, < 7.0)
      pg
    ox (2.14.16)
    packagecloud-ruby (1.0.8)
      excon (~> 0.40)
      json_pure (~> 1)
      mime (~> 0.4)
      multi_json (~> 1.0)
    packs (0.0.6)
      sorbet-runtime
    paint (2.3.0)
    pango (3.4.3)
      cairo-gobject (= 3.4.3)
      gobject-introspection (= 3.4.3)
    parallel (1.23.0)
    parse-cron (0.1.4)
    parse_packwerk (0.19.3)
      sorbet-runtime
    parseconfig (1.0.8)
    parser (3.2.2.1)
      ast (~> 2.4.1)
    parslet (2.0.0)
    path_expander (1.1.1)
    pathname (0.2.1)
    pathutil (0.16.2)
      forwardable-extended (~> 2.6)
    percy-cli (1.4.0)
      addressable (~> 2)
      commander (~> 4.3)
      percy-client (~> 2.0)
      thread (~> 0.2)
    percy-client (2.0.5)
      addressable
      excon
      faraday (>= 0.9)
    permalink_fu (1.0.0)
    pg (1.4.6)
    pikaday-gem (1.4.0)
      railties (>= 3.1)
    pingpp (2.2.4)
      rest-client (>= 1.4, < 4.0)
    pkg-config (1.5.1)
    plane1converter (0.0.1)
    plissken (2.0.1)
    plucky (0.3.8)
      mongo (~> 1.3)
    plurimath (0.3.2)
      ox
      parslet
    poltergeist (1.18.1)
      capybara (>= 2.1, < 4)
      cliver (~> 0.3.1)
      websocket-driver (>= 0.2.0)
    polyglot (0.3.5)
    postgresql (1.0.0)
      pg
    power_assert (2.0.3)
    powerbar (1.0.18)
      hashie (>= 1.1.0)
    pr_geohash (1.0.0)
    praxis-blueprints (3.5)
      activesupport (>= 3)
      attributor (>= 5.5)
      randexp (~> 0)
    procore (0.6.9)
      httparty (~> 0.16)
      oauth2 (~> 1.4)
    procto (0.0.3)
    progressions-basepath (0.3.0.2)
    progressions-g (1.3.1)
      ruby-growl (>= 1.0.1)
    protobuf (3.10.7)
      activesupport (>= 3.2)
      middleware
      thor
      thread_safe
    pry (0.14.2)
      coderay (~> 1.1)
      method_source (~> 1.0)
    pry-rails (0.3.9)
      pry (>= 0.10.4)
    psych (3.3.4)
    public_suffix (5.0.1)
    puma (6.2.2)
      nio4r (~> 2.0)
    puppet-lint (2.5.2)
    puppet-lint-template_file_extension-check (0.1.3)
      puppet-lint (>= 1.1, < 3.0)
    puppet-parse (0.0.2)
      facter
      rdoc
    puppetdb-ruby (1.2.0)
      httparty
    qa (5.10.0)
      activerecord-import
      deprecation
      faraday (< 3.0, != 2.0.0)
      geocoder
      ldpath
      nokogiri (~> 1.6)
      rails (>= 5.0, < 7.1)
      rdf
    qpid_messaging (0.34.1)
    rabl (0.16.1)
      activesupport (>= 2.3.14)
    racc (1.6.2)
    rack (2.2.7)
    rack-protection (3.0.6)
      rack
    rack-test (2.1.0)
      rack (>= 1.3)
    rails (5.2.8.1)
      actioncable (= 5.2.8.1)
      actionmailer (= 5.2.8.1)
      actionpack (= 5.2.8.1)
      actionview (= 5.2.8.1)
      activejob (= 5.2.8.1)
      activemodel (= 5.2.8.1)
      activerecord (= 5.2.8.1)
      activestorage (= 5.2.8.1)
      activesupport (= 5.2.8.1)
      bundler (>= 1.3.0)
      railties (= 5.2.8.1)
      sprockets-rails (>= 2.0.0)
    rails-dom-testing (2.0.3)
      activesupport (>= 4.2.0)
      nokogiri (>= 1.6)
    rails-html-sanitizer (1.6.0)
      loofah (~> 2.21)
      nokogiri (~> 1.14)
    railties (5.2.8.1)
      actionpack (= 5.2.8.1)
      activesupport (= 5.2.8.1)
      method_source
      rake (>= 0.8.7)
      thor (>= 0.19.0, < 2.0)
    rainbow (3.1.1)
    rake (13.0.6)
    ramdiv-mongo_mapper_acts_as_tree (0.1.2)
      mongo_mapper (>= 0.6.8)
    randexp (0.1.7)
    randgen (1.0.5)
    random_bell (0.2.0)
    rautomation (0.14.0)
      ffi
    rb-fsevent (0.11.2)
    rb-inotify (0.10.1)
      ffi (~> 1.0)
    rb_sys (0.9.78)
    rbtree (0.4.6)
    rchardet (1.8.0)
    rconf (1.0.13)
    rdf (3.2.10)
      link_header (~> 0.0, >= 0.0.8)
    rdf-isomorphic (3.2.1)
      rdf (~> 3.2)
    rdf-ldp (0.1.0)
      deprecation
      rdf
    rdf-turtle (3.2.1)
      ebnf (~> 2.3)
      rdf (~> 3.2)
    rdf-vocab (3.2.6)
      rdf (~> 3.2, >= 3.2.4)
    rdoc (6.3.3)
    recipiez (1.0.3)
    red-colors (0.3.0)
      matrix
    redcarpet (3.6.0)
    redis (4.8.1)
    redis-namespace (1.10.0)
      redis (>= 4)
    regexp_parser (2.8.0)
    relaton-bib (1.9.17)
      addressable
      bibtex-ruby
      iso639
      nokogiri
    relaton-iso (1.9.1)
      algolia
      relaton-iso-bib (~> 1.9.0)
    relaton-iso-bib (1.9.0)
      isoics (~> 0.1.6)
      relaton-bib (~> 1.9.0)
    relaton-itu (1.6.0)
      relaton-bib (~> 1.6.pre)
    relaton-nist (1.9.3)
      relaton-bib (~> 1.9.0)
      rubyzip
    relish (0.7)
      archive-tar-minitar (>= 0.5.2)
      json (>= 1.4.6)
      rest-client (>= 1.6.1)
    remove_bg (1.3.0)
      faraday (>= 0.15, < 2)
    render_me_pretty (0.8.4)
      activesupport
      rainbow
      tilt
    request_store (1.5.1)
      rack (>= 1.4)
    requestanimationframe_polyfill-rails (1.0.0)
    require_all (1.3.3)
    responds_to_parent (2.0.0)
      actionpack (>= 3.2.22, < 6.0)
    rest-client (1.6.7)
      mime-types (>= 1.16)
    retriable (1.4.1)
    rets (0.11.2)
      http-cookie (~> 1.0.0)
      httpclient (~> 2.7)
      nokogiri (~> 1.5)
    reverse_parameters (1.1.1)
    rexml (3.2.5)
    riddle (2.4.3)
    right_aws (2.1.0)
      right_http_connection (>= 1.2.5)
    right_http_connection (1.5.1)
    robotex (1.0.0)
    roo (2.10.0)
      nokogiri (~> 1)
      rubyzip (>= 1.3.0, < 3.0.0)
    roo-xls (1.2.0)
      nokogiri
      roo (>= 2.0.0, < 3)
      spreadsheet (> 0.9.0)
    rouge (4.1.1)
    roxml (3.3.1)
      activesupport (>= 2.3.0)
      nokogiri (>= 1.3.3)
    rsence-deps (971)
      coffee-script (>= 2.2.0)
      cssmin (>= 1.0.2)
      highline (>= 1.6.2)
      html_min (>= 0.1.4)
      jscompress (>= 1.1.3)
      jsmin_c (>= 1.0.5)
      json (>= 1.5.3)
      multipart (>= 0.2.1)
      puma (>= 1.2.2)
      rack (>= 1.3.2)
      rake (>= 0.9.2)
      randgen (>= 1.0.5)
      sequel (>= 3.25.0)
    rsence-pre (3.0.0.16)
      rsence-deps (= 971)
    rsolr (2.5.0)
      builder (>= 2.1.2)
      faraday (>= 0.9, < 3, != 2.0.0)
    rspec (2.99.0)
      rspec-core (~> 2.99.0)
      rspec-expectations (~> 2.99.0)
      rspec-mocks (~> 2.99.0)
    rspec-collection_matchers (1.2.0)
      rspec-expectations (>= 2.99.0.beta1)
    rspec-core (2.99.2)
    rspec-deep-ignore-order-matcher (0.0.4)
      rspec (~> 2.6)
    rspec-dns (0.1.8)
      dnsruby (~> 1.54)
      rake
      rspec (>= 2.9)
    rspec-expectations (2.99.2)
      diff-lcs (>= 1.1.3, < 2.0)
    rspec-mocks (2.99.4)
    rspec-rails (2.99.0)
      actionpack (>= 3.0)
      activemodel (>= 3.0)
      activesupport (>= 3.0)
      railties (>= 3.0)
      rspec-collection_matchers
      rspec-core (~> 2.99.0)
      rspec-expectations (~> 2.99.0)
      rspec-mocks (~> 2.99.0)
    rspec-rails-mocha (0.3.2)
      mocha (>= 0.9.8)
      rspec-rails (>= 2.0.0)
    rspec-steps (0.0.9)
      rspec (>= 2.6)
    rubocop (1.51.0)
      json (~> 2.3)
      parallel (~> 1.10)
      parser (>= 3.2.0.0)
      rainbow (>= 2.2.2, < 4.0)
      regexp_parser (>= 1.8, < 3.0)
      rexml (>= 3.2.5, < 4.0)
      rubocop-ast (>= 1.28.0, < 2.0)
      ruby-progressbar (~> 1.7)
      unicode-display_width (>= 2.4.0, < 3.0)
    rubocop-ast (1.28.1)
      parser (>= 3.2.1.0)
    rubocop-checkstyle_formatter (0.6.0)
      rubocop (>= 1.14.0)
    rubocop-packs (0.0.39)
      activesupport
      packs
      parse_packwerk
      rubocop
      rubocop-sorbet
      sorbet-runtime
    rubocop-sorbet (0.7.0)
      rubocop (>= 0.90.0)
    ruby-des (1.0)
    ruby-growl (4.1)
      uuid (~> 2.3, >= 2.3.5)
    ruby-hmac (0.4.0)
    ruby-imagespec (0.4.1)
    ruby-jss (3.0.0)
      CFPropertyList (~> 3.0)
      concurrent-ruby (~> 1.1)
      faraday (~> 1.0)
      faraday_middleware (~> 1.0)
      immutable-struct (~> 2.3)
      rexml (~> 3.1, >= 3.1.9)
      ruby-mysql (~> 2.9, >= 2.9.12)
      zeitwerk (~> 2.5, >= 2.5.4)
    ruby-mysql (2.11.1)
    ruby-ole (1.2.12.2)
    ruby-progressbar (1.13.0)
    ruby-recaptcha (1.0.5)
    ruby-stemmer (3.0.0)
    ruby2_keywords (0.0.5)
    ruby2js (4.0.0)
      parser
      regexp_parser
    ruby_parser (3.20.1)
      sexp_processor (~> 4.16)
    rubygems-bundler (1.4.5)
      bundler-unload (>= 1.0.2)
      executable-hooks (>= 1.5.0)
    rubyzip (1.3.0)
    rucaptcha (3.1.4-arm64-darwin)
      railties (>= 3.2)
      rb_sys (>= 0.9.18)
    runcible (2.13.1)
      activesupport (>= 3.0.10)
      i18n (>= 0.5.0)
      json
      oauth
      rest-client (>= 1.6.1, < 3.0.0)
    runit-man (2.3.9)
      file-tail (>= 1.0.5)
      haml (>= 3.0)
      i18n (>= 0.5.0)
      sinatra (>= 1.1)
      sinatra-content-for2 (>= 0.2.4)
      yajl-ruby (>= 0.7.8)
    safe_yaml (1.0.5)
    sanitize (6.0.1)
      crass (~> 1.0.2)
      nokogiri (>= 1.12.0)
    sass (3.7.4)
      sass-listen (~> 4.0.0)
    sass-embedded (1.62.1-arm64-darwin)
      google-protobuf (~> 3.21)
    sass-listen (4.0.0)
      rb-fsevent (~> 0.9, >= 0.9.4)
      rb-inotify (~> 0.9, >= 0.9.7)
    sass-rails (6.0.0)
      sassc-rails (~> 2.1, >= 2.1.1)
    sassc (2.4.0)
      ffi (~> 1.9)
    sassc-rails (2.1.2)
      railties (>= 4.0.0)
      sassc (>= 2.0)
      sprockets (> 3.0)
      sprockets-rails
      tilt
    sawyer (0.9.2)
      addressable (>= 2.3.5)
      faraday (>= 0.17.3, < 3)
    scanf (1.0.0)
    schema_monkey (3.0.2)
      activerecord (>= 5.2)
      modware (~> 1.0.2)
    schema_plus_columns (1.0.1)
      activerecord (>= 5.2, < 7.1)
      schema_plus_core (~> 3.1.0)
      schema_plus_indexes (~> 1.0.1)
    schema_plus_core (3.1.0)
      activerecord (>= 5.2, < 7.1)
      schema_monkey (~> 3.0.2)
    schema_plus_indexes (1.0.1)
      activerecord (>= 5.2, < 7.1)
      schema_plus_core (~> 3.1.0)
    schema_validations (2.4.1)
      activerecord (>= 5.2, < 7.1)
      schema_plus_columns (~> 1.0.1)
      valuable
    scim-query-filter-parser (0.0.4)
    scrivener (1.1.1)
    scrivito (1.17.0)
      scrivito_content_browser (= 1.17.0)
      scrivito_editors (= 1.17.0)
      scrivito_sdk (= 1.17.0)
      scrivito_ui (= 1.17.0)
    scrivito_content_browser (1.17.0)
      railties
      scrivito_sdk (= 1.17.0)
    scrivito_editors (1.17.0)
      jquery-ui-rails (>= 5.0.0, < 7.0.0)
      railties
      scrivito_content_browser (= 1.17.0)
      scrivito_sdk (= 1.17.0)
    scrivito_sdk (1.17.0)
      addressable (~> 2.3)
      connection_pool (~> 2.2)
      diff-lcs (~> 1.3)
      hyp_diff (~> 0.0.4)
      jbuilder (~> 2.10)
      jquery-rails (~> 4.1)
      json (>= 2.0.0)
      memoist (>= 0.12.0)
      multipart-post (~> 2.0)
      nokogiri (~> 1.7)
      rails (~> 5.2.0)
    scrivito_ui (1.17.0)
      railties
    selenium-webdriver (4.9.1)
      rexml (~> 3.2, >= 3.2.5)
      rubyzip (>= 1.2.2, < 3.0)
      websocket (~> 1.0)
    self_data (1.3.0)
    sensu-plugin (1.3.0)
      json
      mixlib-cli (>= 1.5.0)
    sensu-plugins-uchiwa (1.0.0)
      sensu-plugin (~> 1.2)
    sequel (5.68.0)
    serenity (0.0.2)
    serverengine (2.3.2)
      sigdump (~> 0.2.2)
    sessionm-cassandra_object (4.0.32)
    set (1.0.3)
    sexp_processor (4.17.0)
    shellany (0.0.1)
    sigdump (0.2.4)
    signet (0.17.0)
      addressable (~> 2.8)
      faraday (>= 0.17.5, < 3.a)
      jwt (>= 1.5, < 3.0)
      multi_json (~> 1.10)
    simple-spreadsheet (0.5.0)
      roo (~> 2.4)
      roo-xls (~> 1.0)
    simple_form (5.1.0)
      actionpack (>= 5.2)
      activemodel (>= 5.2)
    simple_worker (3.0.0)
      rest-client
      zip
    simpleidn (0.2.1)
      unf (~> 0.1.4)
    sinatra (3.0.6)
      mustermann (~> 3.0)
      rack (~> 2.2, >= 2.2.4)
      rack-protection (= 3.0.6)
      tilt (~> 2.0)
    sinatra-content-for2 (0.3)
      sinatra
    sinatra-contrib (3.0.6)
      multi_json
      mustermann (~> 3.0)
      rack-protection (= 3.0.6)
      sinatra (= 3.0.6)
      tilt (~> 2.0)
    sishen-rtranslate (1.5)
      activesupport (>= 2.2.0)
      json (>= 1.1.3)
    site_prism (4.0.2)
      addressable (~> 2.8)
      capybara (~> 3.27)
      site_prism-all_there (~> 2.0)
    site_prism-all_there (2.0)
    sixarm_ruby_unaccent (1.2.2)
    slim (5.1.1)
      temple (~> 0.10.0)
      tilt (>= 2.1.0)
    slop (4.10.1)
    smbhash (1.1.0)
    smt_rails (0.3.0)
      mustache (>= 0.99.4)
      rails (>= 3.1.0)
      sprockets (>= 2.0.3)
      tilt (>= 1.3.3)
    snaky_hash (2.0.1)
      hashie
      version_gem (~> 1.1, >= 1.1.1)
    soap4r-ng (2.0.4)
    sorbet (0.5.10847)
      sorbet-static (= 0.5.10847)
    sorbet-progress (0.2.5)
      sorbet (>= 0.4.4314)
      sorbet-runtime (>= 0.4.4314)
    sorbet-runtime (0.5.10847)
    sorbet-static (0.5.10847-universal-darwin-22)
    sorted (2.2.0)
    sorted_set (1.0.3)
      rbtree
      set (~> 1.0)
    splunk-client (0.10.0)
      nokogiri
    spreadsheet (1.3.0)
      ruby-ole
    sprockets (4.2.0)
      concurrent-ruby (~> 1.0)
      rack (>= 2.2.4, < 4)
    sprockets-es6 (0.9.2)
      babel-source (>= 5.8.11)
      babel-transpiler
      sprockets (>= 3.0.0)
    sprockets-rails (3.4.2)
      actionpack (>= 5.2)
      activesupport (>= 5.2)
      sprockets (>= 3.0.0)
    spyke (7.0.0)
      activemodel (>= 4.0.0)
      activesupport (>= 4.0.0)
      addressable (>= 2.5.2)
      faraday (>= 1.0.0, < 3.0)
      faraday-multipart (~> 1.0)
    sqsrun (0.6.1)
      right_aws (~> 2.1.0)
    ssd (1.0.1)
    sshkit (1.21.4)
      net-scp (>= 1.1.2)
      net-ssh (>= 2.8.0)
    state_machine (1.2.0)
    state_machine-audit_trail (0.1.9)
      state_machine
    statesman (10.2.2)
    statesman-events (1.0.0)
      statesman (>= 1.3)
    status-page (0.1.5)
      rails (>= 4.2)
    str_enum (0.3.0)
      activesupport (>= 5.2)
    string_masker (0.0.1)
    stripe (8.5.0)
    strptime (0.2.5)
    stylus-source (0.54.5)
    subexec (0.2.3)
    sunspot (2.6.0)
      pr_geohash (~> 1.0)
      rsolr (>= 1.1.1, < 3)
    sunspot-rails-tester (1.0.0)
      sunspot_rails (>= 1.2)
      sunspot_solr (>= 1.2)
    sunspot_rails (2.6.0)
      rails (>= 3)
      sunspot (= 2.6.0)
    sunspot_solr (2.6.0)
    support (0.18)
    swagger_yard (1.1.1)
      parslet
      yard
    sxp (1.2.4)
      matrix (~> 0.4)
      rdf (~> 3.2)
    sync (0.5.0)
    synx (0.2.1)
      clamp (~> 0.6)
      colorize (~> 0.7)
      xcodeproj (~> 1.0)
    sys-uname (1.2.3)
      ffi (~> 1.1)
    systemu (2.6.5)
    talkable (1.0.6)
      furi (~> 0.2)
      hashie (~> 3.4)
      rack (>= 1.6.1)
    tanker-core (2.31.1)
      ffi (~> 1.13)
    temple (0.10.2)
    term-ansicolor (1.7.1)
      tins (~> 1.0)
    terminal-table (3.0.2)
      unicode-display_width (>= 1.1.1, < 3)
    text-table (1.2.4)
    text_helpers (1.2.0)
      activesupport
      i18n (>= 0.6.8)
      redcarpet (>= 3.5.1)
    theme-juice (0.6.18)
      faker
      thor
    thinking-sphinx (5.5.1)
      activerecord (>= 4.2.0)
      builder (>= 2.1.2)
      innertube (>= 1.0.2)
      joiner (>= 0.3.4)
      middleware (>= 0.1.0)
      riddle (~> 2.3)
    thor (1.1.0)
    thoughtbot-sortable_table (0.0.6)
    thread (0.2.2)
    thread-parent (1.0.4)
    thread_safe (0.3.6)
    tilt (2.1.0)
    timeliness (0.3.10)
    timeout (0.3.2)
    timer (0.2)
      activesupport
      natural_time
    timerange (0.0.4)
      activesupport
      tzinfo
    tins (1.32.1)
      sync
    to_xls-rails (1.3.1)
      spreadsheet (>= 0.8.5)
    token_phrase (1.0.6)
      backports
    toml (0.3.0)
      parslet (>= 1.8.0, < 3.0.0)
    tramway-core (1.0.1)
    treetop (1.6.12)
      polyglot (~> 0.3)
    trollop (2.9.10)
    ts-delayed-delta (2.1.0)
      activerecord (>= 2.0)
      delayed_job
      thinking-sphinx (>= 1.5.0)
    turbulence (1.2.4)
      flog (~> 4.1)
      json (>= 1.4.6)
      launchy (>= 2.0.0)
    tzinfo (1.2.11)
      thread_safe (~> 0.1)
    tzinfo-data (1.2023.3)
      tzinfo (>= 1.0.0)
    uglifier (4.2.0)
      execjs (>= 0.3.0, < 3)
    uk_account_validator (0.0.11)
    unf (0.1.4)
      unf_ext
    unf_ext (0.0.8.2)
    unicode-display_width (2.4.2)
    unicode-types (1.8.0)
    unidecoder (1.1.2)
    unparser (0.4.9)
      abstract_type (~> 0.0.7)
      adamantium (~> 0.2.0)
      anima (~> 0.3.1)
      concord (~> 0.1.5)
      diff-lcs (~> 1.3)
      equalizer (~> 0.0.9)
      mprelude (~> 0.1.0)
      parser (>= 2.6.5)
      procto (~> 0.0.2)
    uri_template (0.7.0)
    user_mgmt (2.1.5)
      bootstrap-sass
      haml
      haml-rails
      omniauth
      omniauth-facebook
      omniauth-google-oauth2
      omniauth-linkedin
      omniauth-twitter
      omniauth-windowslive
      omniauth-yahoo
      rails
      sass-rails
    uuid (2.3.9)
      macaddr (~> 1.0)
    uuidtools (2.2.0)
    vagrant-scp (0.5.9)
      log4r (~> 1.1)
      net-scp (>= 1.1)
    validation_reflection (1.0.0)
    valuable (0.9.14)
    varint (0.1.1)
    version_gem (1.1.2)
    virtus (1.0.5)
      axiom-types (~> 0.1)
      coercible (~> 1.0)
      descendants_tracker (~> 0.0, >= 0.0.3)
      equalizer (~> 0.0, >= 0.0.9)
    vx-builder (0.6.14)
      hashr
      vx-common (= 0.4.0)
      vx-message (= 0.6.2)
    vx-common (0.4.0)
      airbrake (~> 3.1.14)
      vx-common-rack-builder (= 0.0.2)
      vx-common-spawn (> 0.0.7)
    vx-common-rack-builder (0.0.2)
    vx-common-spawn (0.0.8)
      net-ssh (~> 2.6)
    vx-message (0.6.2)
      beefcake (= 0.5.0)
    w3c_validators (1.3.7)
      json (>= 1.8)
      nokogiri (~> 1.6)
      rexml (~> 3.2)
    watir-classic (4.1.0)
      ffi (~> 1.0)
      multi_json
      nokogiri (>= 1.5.7.rc3)
      rautomation (~> 0.7)
      win32-process (>= 0.5.5)
      win32screenshot (~> 1.0.9)
      windows-pr (>= 0.6.6)
    watir-webdriver (0.9.9)
      selenium-webdriver (>= 2.46.2)
    watobo (0.9.21)
      fxruby
      json
      mechanize
      nokogiri
    wavefront-client (3.6.2)
      docopt (~> 0.5.0)
      inifile (= 3.0.0)
      rest-client (>= 1.6.7, < 1.8)
    webrick (1.8.1)
    websocket (1.2.9)
    websocket-driver (0.7.5)
      websocket-extensions (>= 0.1.0)
    websocket-extensions (0.1.5)
    weekdays (1.0.2)
    whenever (1.0.0)
      chronic (>= 0.6.3)
    wicked (1.4.0)
      railties (>= 3.0.7)
    will_paginate (3.3.1)
    win32-api (1.10.1)
    win32-process (0.10.0)
      ffi (>= 1.0.0)
    win32screenshot (1.0.10)
      ffi (~> 1.0)
      mini_magick (~> 3.5.0)
      rautomation (~> 0.7)
    windows-api (0.4.5)
      win32-api (>= 1.4.5)
    windows-pr (1.2.6)
      win32-api (>= 1.4.5)
      windows-api (>= 0.4.0)
    words_counted (1.0.3)
    xcodeproj (1.22.0)
      CFPropertyList (>= 2.3.3, < 4.0)
      atomos (~> 0.1.3)
      claide (>= 1.0.2, < 2.0)
      colored2 (~> 3.1)
      nanaimo (~> 0.3.0)
      rexml (~> 3.2.4)
    xero_gateway (2.7.0)
      activesupport
      builder (>= 3.2.2)
      oauth (>= 0.3.6)
    xml-simple (1.1.9)
      rexml
    xpath (3.2.0)
      nokogiri (~> 1.8)
    yajl-ruby (1.4.3)
    yard (0.9.34)
    yard-cucumber (2.2.3)
      cucumber (>= 0.7.5)
      gherkin (>= 2.2.9)
      yard (>= 0.8.1)
    ymdp (1.4.7)
      activesupport
      activesupport (>= 3.0.0)
      bundler
      cucumber
      epic
      grit
      haml
      hpricot
      idiom
      json
      mime-types
      natural_time
      polyglot
      progressions-basepath
      progressions-g
      rspec (>= 1.2.6)
      ruby-growl
      sass
      serenity
      sishen-rtranslate
      timer
      treetop
      ymdp_generator
      ymdt
      yrb
    ymdp_generator (0.0.4)
      f
    ymdt (0.1.0)
      string_masker
    yrb (0.0.1)
    zbar (0.3.0)
      ffi (~> 1.0)
    zeitwerk (2.6.8)
    zip (2.0.2)
    zxcvbn (0.1.9)

PLATFORMS
  arm64-darwin-22

DEPENDENCIES
  pkg36!

BUNDLED WITH
   2.4.13
