PATH
  remote: .
  specs:
    pkg33 (0.0.1)
      ParseTree
      Text
      abstract_class
      accountingjs-rails
      action_mailer_cache_delivery
      active_admin_role
      activerecord-cockroachdb-adapter
      activerecord-cte
      activerecord-redshift-adapter
      aftership
      amountable
      appbundle-updater
      auto-session-timeout
      aweber
      awesome_nested_fields
      azure-armrest
      bh
      blade-qunit_adapter
      blade-sauce_labs_plugin
      brcep
      brcpfcnpj
      brnumeros
      button
      c21e
      c_geohash
      cacheflow
      candy_check
      canvas_statsd
      capistrano-multiconfig
      capistrano-rbenv-install
      capitalize-names
      capybara-lockstep
      carrierwave-processing
      carrierwave-video-thumbnailer
      chef-helpers
      circuit_breaker
      cloudsponge
      clowne
      code-formatter
      codeclimate
      consistency_fail
      constant_table_saver
      cowsay
      credit_card_sanitizer
      cucumber_characteristics
      cukeforker
      custom_configuration
      custom_error_message
      dashing
      data_miner
      datamapper
      deacon
      dejunk
      dress_code
      dry-initializer-rails
      ecdsa
      effective_resources
      em-http-server
      email_data
      embulk-output-s3
      espeak-ruby
      evalhook
      facebook-messenger
      fake_braintree
      fastlane-plugin-upload_symbols_to_new_relic
      faye-redis
      ffi-aspell
      fhir_dstu2_models
      flores
      fluent-plugin-datacounter
      fluent-plugin-mutate_filter
      fluent-plugin-statsd
      friendly_id-globalize
      fun_sftp
      gc_ruboconfig
      gdata_19
      geo_point
      geordi
      get
      gitlab_meta
      google-cloud-dialogflow-v2
      gotime-cassandra_object
      govuk_design_system_formbuilder
      graphite-api
      graphql_schema
      gritter
      groonga-client
      groonga-command
      guard-reek
      hanami-assets
      hanami-helpers
      heroku_san
      home_run
      hooker
      horza
      hypershield
      ibm_cloud_sdk_core
      icheck-rails
      image_info
      image_voodoo
      imperium
      inst-jobs-autoscaling
      instrumental_agent
      jasminerice
      js_assets
      json-schema-rspec
      jsonschema
      just-the-docs
      kakurenbo-puti
      km
      knife-lastrun
      knockoutjs-rails
      lhs
      linux_admin
      lita-karma
      localized_country_select
      luhnacy
      mail_interceptor
      mailosaur
      measured-rails
      minitest-bang
      mix_tape
      mothership
      mysql_import
      naether
      namecase
      nbtfile
      netsoft-danger
      nido
      nokogiri-plist
      omniauth-keycloak
      onering-client
      ooxml_parser
      open_gem
      owlcarousel-rails
      packnga
      pay
      payment_icons
      pdk
      pg_ltree
      pgslice
      phaxio
      placeholder-gem
      plek
      pocketsphinx-ruby
      prawn-fast-png
      prawn-grouping
      prawn-markup
      prawn_shapes
      prop
      puppet-lint-alias-check
      query_diet
      quilt_rails
      r2
      rack-statsd
      rails_db
      rails_pwnerer
      rails_weak_etags
      random_data
      rapporteur
      rdf-reasoner
      rectify
      redactor-rails
      remote_lock
      request_exception_handler
      requests
      resolv-srv
      resque-delayed
      resque-throttler
      rinruby
      ripper-tags
      rltk
      rspec-http
      rspec_around_all
      ruby
      ruby-box
      runeblog
      rusage
      safer_rails_console
      schema_plus_default_expr
      sensu-cli
      sensu-json
      sensu-plugins-consul
      sensu-plugins-pagerduty
      sensu-plugins-slack
      sentry-resque
      sidekiq-client-cli
      simplycop
      slack-ruby-bot
      smart_todo
      solrizer
      sparsify
      sprockets-export
      square_connect
      sshkit-sudo
      static_model
      steak
      stellar-base
      storable
      sup
      surus
      syntax_tree-haml
      syntax_tree-rbs
      templater
      test-helpers
      textutils
      thinreports-rails
      time_zone_ext
      totp
      tradesman
      translate_enum
      translit
      transloadit
      travis_dedup
      tribute
      trinidad_jars
      tty-editor
      twine
      twine-rails
      unicode_scanner
      us_bank_holidays
      uservoice-ruby
      vagrant-omnibus
      vagrant-vsphere
      vertica
      vin_bank
      vinbot
      vonage
      webshims-rails
      websocket-native
      whiny_validation
      wistia-api
      wtf_lang
      yard-sinatra
      youtube_it
      zoom_rb

GEM
  remote: https://rubygems.org/
  specs:
    ParseTree (3.0.8)
      RubyInline (>= 3.7.0)
      sexp_processor (>= 3.0.0)
    RubyInline (3.13.0)
      ZenTest (~> 4.3)
    Text (1.1.3)
      text (>= 1.2.0)
    ZenTest (4.12.1)
    aasm (5.5.0)
      concurrent-ruby (~> 1.0)
    abstract_class (1.0.1)
    accountingjs-rails (0.0.4)
    action_mailer_cache_delivery (0.4.0)
      actionmailer (>= 3.0)
    actioncable (7.0.5)
      actionpack (= 7.0.5)
      activesupport (= 7.0.5)
      nio4r (~> 2.0)
      websocket-driver (>= 0.6.1)
    actionmailbox (7.0.5)
      actionpack (= 7.0.5)
      activejob (= 7.0.5)
      activerecord (= 7.0.5)
      activestorage (= 7.0.5)
      activesupport (= 7.0.5)
      mail (>= 2.7.1)
      net-imap
      net-pop
      net-smtp
    actionmailer (7.0.5)
      actionpack (= 7.0.5)
      actionview (= 7.0.5)
      activejob (= 7.0.5)
      activesupport (= 7.0.5)
      mail (~> 2.5, >= 2.5.4)
      net-imap
      net-pop
      net-smtp
      rails-dom-testing (~> 2.0)
    actionpack (7.0.5)
      actionview (= 7.0.5)
      activesupport (= 7.0.5)
      rack (~> 2.0, >= 2.2.4)
      rack-test (>= 0.6.3)
      rails-dom-testing (~> 2.0)
      rails-html-sanitizer (~> 1.0, >= 1.2.0)
    actiontext (7.0.5)
      actionpack (= 7.0.5)
      activerecord (= 7.0.5)
      activestorage (= 7.0.5)
      activesupport (= 7.0.5)
      globalid (>= 0.6.0)
      nokogiri (>= 1.8.5)
    actionview (7.0.5)
      activesupport (= 7.0.5)
      builder (~> 3.1)
      erubi (~> 1.4)
      rails-dom-testing (~> 2.0)
      rails-html-sanitizer (~> 1.1, >= 1.2.0)
    active_admin_role (0.2.2)
      activeadmin (>= 1.2.0)
      cancancan (>= 1.15.0)
      railties (>= 5.0.0)
    activeadmin (2.13.1)
      arbre (~> 1.2, >= 1.2.1)
      formtastic (>= 3.1, < 5.0)
      formtastic_i18n (~> 0.4)
      inherited_resources (~> 1.7)
      jquery-rails (~> 4.2)
      kaminari (~> 1.0, >= 1.2.1)
      railties (>= 6.1, < 7.1)
      ransack (>= 2.1.1, < 4)
    activejob (7.0.5)
      activesupport (= 7.0.5)
      globalid (>= 0.3.6)
    activemodel (7.0.5)
      activesupport (= 7.0.5)
    activemodel-serializers-xml (1.0.2)
      activemodel (> 5.x)
      activesupport (> 5.x)
      builder (~> 3.1)
    activerecord (7.0.5)
      activemodel (= 7.0.5)
      activesupport (= 7.0.5)
    activerecord-cockroachdb-adapter (7.0.1)
      activerecord (~> 7.0.3)
      pg (~> 1.2)
      rgeo-activerecord (~> 7.0.0)
    activerecord-cte (0.3.0)
      activerecord
    activerecord-import (1.4.1)
      activerecord (>= 4.2)
    activerecord-pg-extensions (0.4.4)
      activerecord (>= 6.0, < 7.1)
      railties (>= 6.0, < 7.1)
    activerecord-redshift-adapter (0.9.12)
      activerecord (>= 3.0.0)
      activesupport (>= 3.0.0)
      arel (>= 3.0.0)
      pg
    activeresource (6.0.0)
      activemodel (>= 6.0)
      activemodel-serializers-xml (~> 1.0)
      activesupport (>= 6.0)
    activestorage (7.0.5)
      actionpack (= 7.0.5)
      activejob (= 7.0.5)
      activerecord (= 7.0.5)
      activesupport (= 7.0.5)
      marcel (~> 1.0)
      mini_mime (>= 1.1.0)
    activesupport (7.0.5)
      concurrent-ruby (~> 1.0, >= 1.0.2)
      i18n (>= 1.6, < 2)
      minitest (>= 5.1)
      tzinfo (~> 2.0)
    addressable (2.8.4)
      public_suffix (>= 2.0.2, < 6.0)
    aes_key_wrap (1.1.0)
    after_transaction_commit (2.2.2)
      activerecord (>= 5.2)
    aftership (4.0.0)
      httpi (~> 2.2.7)
      rubyntlm (~> 0.4.0)
    airbrussh (1.4.1)
      sshkit (>= 1.6.1, != 1.7.0)
    amountable (0.5.0)
      activerecord (>= 5.2, < 8)
      activerecord-import (>= 0.19.1)
      monetize
      money-rails (>= 1.7.0)
    appbundle-updater (1.0.36)
    arbre (1.5.0)
      activesupport (>= 3.0.0, < 7.1)
      ruby2_keywords (>= 0.0.2, < 1.0)
    arel (9.0.0)
    aroi (0.0.7)
      rails (>= 3.2)
    ast (2.4.2)
    auto-session-timeout (1.0)
      actionpack (>= 3.2, < 7.1)
    aweber (1.6.1)
      json
      oauth
    awesome_nested_fields (0.6.4)
      rails (>= 3.0.0)
    awesome_spawn (1.5.0)
    aws-eventstream (1.2.0)
    aws-partitions (1.771.0)
    aws-sdk-autoscaling (1.89.0)
      aws-sdk-core (~> 3, >= 3.165.0)
      aws-sigv4 (~> 1.1)
    aws-sdk-core (3.173.1)
      aws-eventstream (~> 1, >= 1.0.2)
      aws-partitions (~> 1, >= 1.651.0)
      aws-sigv4 (~> 1.5)
      jmespath (~> 1, >= 1.6.1)
    aws-sigv4 (1.5.2)
      aws-eventstream (~> 1, >= 1.0.2)
    axiom-types (0.1.1)
      descendants_tracker (~> 0.0.4)
      ice_nine (~> 0.11.0)
      thread_safe (~> 0.3, >= 0.3.1)
    azure-armrest (0.0.3)
      cache_method (~> 0.2.7)
      json
      rest-client
    base32 (0.3.4)
    bcp47 (0.3.3)
      i18n
    bcrypt (3.1.18)
    bcrypt-ruby (3.1.5)
      bcrypt (>= 3.1.3)
    bh (1.3.6)
      actionpack
      activesupport
    bindata (2.4.15)
    blade-qunit_adapter (2.0.1)
    blade-sauce_labs_plugin (0.7.3)
      childprocess
      faraday
      selenium-webdriver
    braintree (2.104.1)
      builder (>= 2.0.0)
    brcep (3.3.0)
    brcpfcnpj (3.3.0)
      actionpack (>= 3.0.0)
      activesupport (>= 3.0.0)
    brnumeros (3.3.0)
    builder (3.2.4)
    button (2.5.0)
    c21e (2.0.0)
    c_geohash (1.1.2)
    cache (0.4.1)
    cache_method (0.2.7)
      cache (>= 0.2.1)
    cacheflow (0.3.1)
      activesupport (>= 6)
    cancancan (3.5.0)
    candy_check (0.0.1)
      google-api-client (~> 0.8)
      multi_json (~> 1.10)
    canvas_statsd (2.0.4)
      aroi (~> 0.0.4)
      statsd-ruby (~> 1.0)
    capistrano (3.17.3)
      airbrussh (>= 1.0.0)
      i18n
      rake (>= 10.0.0)
      sshkit (>= 1.9.0)
    capistrano-multiconfig (3.1.0)
      capistrano (>= 3.7.0)
    capistrano-rbenv (2.2.0)
      capistrano (~> 3.1)
      sshkit (~> 1.3)
    capistrano-rbenv-install (1.2.0)
      capistrano (>= 3.0)
      capistrano-rbenv (>= 2.0)
    capitalize-names (1.2.0)
    capybara (3.39.1)
      addressable
      matrix
      mini_mime (>= 0.1.3)
      nokogiri (~> 1.8)
      rack (>= 1.6.0)
      rack-test (>= 0.6.3)
      regexp_parser (>= 1.5, < 3.0)
      xpath (~> 3.2)
    capybara-lockstep (1.3.0)
      activesupport (>= 3.2)
      capybara (>= 2.0)
      ruby2_keywords
      selenium-webdriver (>= 3)
    carrierwave (2.2.3)
      activemodel (>= 5.0.0)
      activesupport (>= 5.0.0)
      addressable (~> 2.6)
      image_processing (~> 1.1)
      marcel (~> 1.0.0)
      mini_mime (>= 0.1.3)
      ssrf_filter (~> 1.0)
    carrierwave-processing (1.1.0)
      carrierwave
    carrierwave-video-thumbnailer (0.1.4)
      carrierwave
    cassandra-cql (1.1.4)
      simple_uuid (>= 0.2.0)
      thrift_client (>= 0.7.1)
    chef-helpers (0.1.1)
      jsonpath
    childprocess (4.1.0)
    chronic (0.10.2)
    circuit_breaker (1.1.2)
      aasm
    claide (1.1.0)
    claide-plugins (0.9.2)
      cork
      nap
      open4 (~> 1.3)
    cli (1.4.0)
    cloudsponge (0.10.0)
      json (>= 1.6.1)
    clowne (1.4.0)
    code-formatter (1.1.5)
      thor
    codeclimate (0.0.0)
    coercible (1.0.0)
      descendants_tracker (~> 0.0.1)
    coffee-rails (5.0.0)
      coffee-script (>= 2.2.0)
      railties (>= 5.2.0)
    coffee-script (2.4.1)
      coffee-script-source
      execjs
    coffee-script-source (1.12.2)
    colorator (1.1.0)
    colored (1.2)
    colored2 (3.1.2)
    concurrent-ruby (1.2.2)
    connection_pool (2.4.1)
    consistency_fail (0.3.7)
    constant_table_saver (6.1.0)
      activerecord
    cool.io (1.7.1)
    cork (0.3.0)
      colored2 (~> 3.1)
    cowsay (0.3.0)
    crass (1.0.6)
    credit_card_sanitizer (0.7.0)
      luhn_checksum (~> 0.1)
      tracking_number (~> 0.10.3)
    cucumber (5.3.0)
      builder (~> 3.2, >= 3.2.4)
      cucumber-core (~> 8.0, >= 8.0.1)
      cucumber-create-meta (~> 2.0, >= 2.0.2)
      cucumber-cucumber-expressions (~> 10.3, >= 10.3.0)
      cucumber-gherkin (~> 15.0, >= 15.0.2)
      cucumber-html-formatter (~> 9.0, >= 9.0.0)
      cucumber-messages (~> 13.1, >= 13.1.0)
      cucumber-wire (~> 4.0, >= 4.0.1)
      diff-lcs (~> 1.4, >= 1.4.4)
      multi_test (~> 0.1, >= 0.1.2)
      sys-uname (~> 1.2, >= 1.2.1)
    cucumber-core (8.0.1)
      cucumber-gherkin (~> 15.0, >= 15.0.2)
      cucumber-messages (~> 13.0, >= 13.0.1)
      cucumber-tag-expressions (~> 2.0, >= 2.0.4)
    cucumber-create-meta (2.0.4)
      cucumber-messages (~> 13.1, >= 13.1.0)
      sys-uname (~> 1.2, >= 1.2.1)
    cucumber-cucumber-expressions (10.3.0)
    cucumber-gherkin (15.0.2)
      cucumber-messages (~> 13.0, >= 13.0.1)
    cucumber-html-formatter (9.0.0)
      cucumber-messages (~> 13.0, >= 13.0.1)
    cucumber-messages (13.2.1)
      protobuf-cucumber (~> 3.10, >= 3.10.8)
    cucumber-tag-expressions (2.0.4)
    cucumber-wire (4.0.1)
      cucumber-core (~> 8.0, >= 8.0.1)
      cucumber-cucumber-expressions (~> 10.3, >= 10.3.0)
      cucumber-messages (~> 13.0, >= 13.0.1)
    cucumber_characteristics (0.0.5)
      cucumber (>= 1.3.5)
      haml
    cukeforker (2.1.1)
      cucumber (>= 3.0.0)
      vnctools (>= 0.0.5)
    curses (1.3.2)
    custom_configuration (0.0.2)
      railties (> 3.0)
    custom_error_message (1.1.1)
    daemons (1.4.1)
    danger (8.6.1)
      claide (~> 1.0)
      claide-plugins (>= 0.9.2)
      colored2 (~> 3.1)
      cork (~> 0.1)
      faraday (>= 0.9.0, < 2.0)
      faraday-http-cache (~> 2.0)
      git (~> 1.7)
      kramdown (~> 2.3)
      kramdown-parser-gfm (~> 1.0)
      no_proxy_fix
      octokit (~> 4.7)
      terminal-table (>= 1, < 4)
    dashing (1.3.2)
      coffee-script (>= 1.6.2)
      execjs (>= 2.0.0)
      rack
      rufus-scheduler (~> 2.0)
      sass
      sinatra
      sinatra-contrib
      sprockets
      thin
      thor
    data_miner (3.0.0)
      activerecord (> 3)
      activesupport (> 3)
      errata (>= 1.0.1)
      posix-spawn
      remote_table (>= 2.0.2)
      roo (>= 1.10.3)
      rspec-expectations
      unix_utils
      upsert (>= 0.3.1)
    datamapper (1.2.0)
      dm-aggregates (~> 1.2.0)
      dm-constraints (~> 1.2.0)
      dm-core (~> 1.2.0)
      dm-migrations (~> 1.2.0)
      dm-serializer (~> 1.2.0)
      dm-timestamps (~> 1.2.0)
      dm-transactions (~> 1.2.0)
      dm-types (~> 1.2.0)
      dm-validations (~> 1.2.0)
    date (3.3.3)
    date_time_precision (0.8.1)
    deacon (1.0.0)
    debug_inspector (1.1.0)
    declarative (0.0.20)
    deep_merge (1.2.2)
    dejunk (0.5.0)
      activesupport
    descendants_tracker (0.0.4)
      thread_safe (~> 0.3, >= 0.3.1)
    devise (4.9.2)
      bcrypt (~> 3.0)
      orm_adapter (~> 0.1)
      railties (>= 4.1.0)
      responders
      warden (~> 1.2.3)
    diff-lcs (1.5.0)
    digest-crc (0.6.4)
      rake (>= 12.0.0, < 14.0.0)
    diplomat (0.14.0)
      faraday (~> 0.9)
      json (~> 1.8)
    dm-aggregates (1.2.0)
      dm-core (~> 1.2.0)
    dm-constraints (1.2.0)
      dm-core (~> 1.2.0)
    dm-core (1.2.1)
      addressable (~> 2.3)
    dm-migrations (1.2.0)
      dm-core (~> 1.2.0)
    dm-serializer (1.2.2)
      dm-core (~> 1.2.0)
      fastercsv (~> 1.5)
      json (~> 1.6)
      json_pure (~> 1.6)
      multi_json (~> 1.0)
    dm-timestamps (1.2.0)
      dm-core (~> 1.2.0)
    dm-transactions (1.2.0)
      dm-core (~> 1.2.0)
    dm-types (1.2.2)
      bcrypt-ruby (~> 3.0)
      dm-core (~> 1.2.0)
      fastercsv (~> 1.5)
      json (~> 1.6)
      multi_json (~> 1.0)
      stringex (~> 1.4)
      uuidtools (~> 2.1)
    dm-validations (1.2.0)
      dm-core (~> 1.2.0)
    docile (1.4.0)
    domain_name (0.5.20190701)
      unf (>= 0.0.5, < 1.0.0)
    dress_code (1.2.1)
      colored
      mustache
      pygments.rb
      redcarpet
    dry-initializer (3.1.1)
    dry-initializer-rails (3.1.1)
      dry-initializer (>= 2.4, < 4)
      rails (> 3.0)
    ecdsa (1.2.0)
    effective_resources (2.7.12)
      rails (>= 4.0.0)
    em-hiredis (0.3.1)
      eventmachine (~> 1.0)
      hiredis (~> 0.6.0)
    em-http-server (0.1.8)
      eventmachine
    em-websocket (0.5.3)
      eventmachine (>= 0.12.9)
      http_parser.rb (~> 0)
    email_data (1685233635.0.0)
    embulk-output-s3 (1.5.0)
    equalizer (0.0.11)
    errata (1.1.1)
      activesupport (>= 2.3.4)
      remote_table (>= 1.1.7)
      to_regexp (>= 0.0.2)
    erubi (1.12.0)
    erubis (2.7.0)
    espeak-ruby (1.1.0)
    et-orbi (1.2.7)
      tzinfo
    ethon (0.16.0)
      ffi (>= 1.15.0)
    evalhook (0.6.0)
      partialruby (~> 0.3)
      sexp_processor (~> 4.0)
    eventmachine (1.2.7)
    excon (0.99.0)
    execjs (2.8.1)
    extlib (0.9.16)
    ezcrypto (0.7.2)
    facebook-messenger (2.0.1)
      httparty (~> 0.13, >= 0.13.7)
      rack (>= 1.4.5)
    facter (4.4.0)
      hocon (~> 1.3)
      thor (>= 1.0.1, < 2.0)
    fake_braintree (0.8.0)
      activesupport
      braintree (~> 2.32)
      capybara (>= 2.2.0)
      sinatra
    faraday (0.17.6)
      multipart-post (>= 1.2, < 3)
    faraday-http-cache (2.5.0)
      faraday (>= 0.8)
    faraday_middleware (0.14.0)
      faraday (>= 0.7.4, < 1.0)
    fastercsv (1.5.5)
    fastlane-plugin-upload_symbols_to_new_relic (0.1.1)
    faye-redis (0.2.0)
      em-hiredis (>= 0.2.0)
      eventmachine (>= 0.12.0)
      multi_json (>= 1.0.0)
    ffi (1.15.5)
    ffi-aspell (1.1.0)
      ffi
    ffi-compiler (1.0.1)
      ffi (>= 1.0.0)
      rake
    fhir_dstu2_models (1.0.8)
      bcp47 (>= 0.3)
      date_time_precision (>= 0.8)
      mime-types (>= 1.16, < 3)
      nokogiri (>= 1.8.2)
    filigree (0.4.1)
    fixed_width-multibyte (0.2.3)
      activesupport
    flores (0.0.8)
    fluent-plugin-datacounter (1.0.0)
      fluentd (>= 0.14.8, < 2)
    fluent-plugin-mutate_filter (1.0.7)
      fluentd (>= 0.14.10, < 2)
    fluent-plugin-statsd (1.0.3)
      fluentd (>= 0.10.8)
    fluentd (1.16.1)
      bundler
      cool.io (>= 1.4.5, < 2.0.0)
      http_parser.rb (>= 0.5.1, < 0.9.0)
      msgpack (>= 1.3.1, < 2.0.0)
      serverengine (>= 2.3.2, < 3.0.0)
      sigdump (~> 0.2.2)
      strptime (>= 0.2.4, < 1.0.0)
      tzinfo (>= 1.0, < 3.0)
      tzinfo-data (~> 1.0)
      webrick (~> 1.4)
      yajl-ruby (~> 1.0)
    formtastic (4.0.0)
      actionpack (>= 5.2.0)
    formtastic_i18n (0.7.0)
    forwardable (1.3.3)
    forwardable-extended (2.6.0)
    friendly_id (5.5.0)
      activerecord (>= 4.0.0)
    friendly_id-globalize (1.0.0.alpha3)
      friendly_id (>= 5.2.0, < 6.0)
    frozen_record (0.27.0)
      activemodel
    fugit (1.8.1)
      et-orbi (~> 1, >= 1.2.7)
      raabro (~> 1.4)
    fun_sftp (1.1.3)
      net-sftp
    gapic-common (0.3.4)
      google-protobuf (~> 3.12, >= 3.12.2)
      googleapis-common-protos (>= 1.3.9, < 2.0)
      googleapis-common-protos-types (>= 1.0.4, < 2.0)
      googleauth (~> 0.9)
      grpc (~> 1.25)
    gc_ruboconfig (2.25.0)
      rubocop (>= 1.11)
      rubocop-performance (~> 1.10)
      rubocop-rspec (>= 2.2.0)
    gdata_19 (1.1.5)
    gems (1.2.0)
    geo_calc (0.7.8)
      activesupport (>= 3.0.1)
      geo_units (~> 0.3.2)
      i18n (>= 0.5)
      require_all (>= 1.2.0)
      sugar-high (~> 0.7.2)
      sweetloader
    geo_point (0.2.6)
      geo_calc (>= 0.7.7.1)
    geo_units (0.3.4)
      activesupport (>= 4)
      i18n (>= 0.8)
      sugar-high (~> 0.7.2)
      sweetloader (~> 0.1.6)
    geordi (9.5.1)
      thor (~> 1)
    get (1.0.1)
      horza (~> 1.0, >= 1.0.3)
    gettext (3.4.3)
      erubi
      locale (>= 2.0.5)
      prime
      text (>= 1.3.0)
    git (1.18.0)
      addressable (~> 2.8)
      rchardet (~> 1.8)
    gitlab_meta (7.0)
    gli (2.21.0)
    globalid (1.1.0)
      activesupport (>= 5.0)
    google-api-client (0.53.0)
      google-apis-core (~> 0.1)
      google-apis-generator (~> 0.1)
    google-apis-core (0.11.0)
      addressable (~> 2.5, >= 2.5.1)
      googleauth (>= 0.16.2, < 2.a)
      httpclient (>= 2.8.1, < 3.a)
      mini_mime (~> 1.0)
      representable (~> 3.0)
      retriable (>= 2.0, < 4.a)
      rexml
      webrick
    google-apis-discovery_v1 (0.14.0)
      google-apis-core (>= 0.11.0, < 2.a)
    google-apis-generator (0.12.0)
      activesupport (>= 5.0)
      gems (~> 1.2)
      google-apis-core (>= 0.11.0, < 2.a)
      google-apis-discovery_v1 (~> 0.5)
      thor (>= 0.20, < 2.a)
    google-cloud-dialogflow-v2 (0.6.4)
      gapic-common (~> 0.3)
      google-cloud-errors (~> 1.0)
    google-cloud-errors (1.3.1)
    google-protobuf (3.23.2-arm64-darwin)
    googleapis-common-protos (1.4.0)
      google-protobuf (~> 3.14)
      googleapis-common-protos-types (~> 1.2)
      grpc (~> 1.27)
    googleapis-common-protos-types (1.6.0)
      google-protobuf (~> 3.14)
    googleauth (0.17.1)
      faraday (>= 0.17.3, < 2.0)
      jwt (>= 1.4, < 3.0)
      memoist (~> 0.16)
      multi_json (~> 1.11)
      os (>= 0.9, < 2.0)
      signet (~> 0.15)
    gotime-cassandra_object (4.12.2)
      activemodel (>= 3.0)
      cassandra-cql
      thrift_client (~> 0.9.0)
    govuk_design_system_formbuilder (4.0.0)
      actionview (>= 6.1)
      activemodel (>= 6.1)
      activesupport (>= 6.1)
      html-attributes-utils (~> 1)
    gqtp (1.0.7)
    graphite-api (1.1.1)
      timers (~> 4.3)
    graphql_schema (0.1.8)
    gritter (1.2.0)
    groonga-client (0.6.7)
      gqtp (>= 1.0.4)
      groonga-command (>= 1.4.7)
      groonga-command-parser (>= 1.1.0)
      hashie
      rexml
    groonga-command (1.5.2)
      json
    groonga-command-parser (1.1.4)
      groonga-command (>= 1.4.0)
      json-stream
    grpc (1.55.0)
      google-protobuf (~> 3.23)
      googleapis-common-protos-types (~> 1.0)
    guard-compat (1.2.1)
    guard-reek (1.2.0)
      guard-compat (~> 1.1)
      reek
    haml (6.1.1)
      temple (>= 0.8.2)
      thor
      tilt
    hanami-assets (1.3.5)
      hanami-helpers (~> 1.3)
      hanami-utils (~> 1.3)
      tilt (~> 2.0, >= 2.0.2)
    hanami-helpers (1.3.3)
      hanami-utils (~> 1.3)
    hanami-utils (1.3.8)
      concurrent-ruby (~> 1.0)
      transproc (~> 1.0)
    has_scope (0.8.1)
      actionpack (>= 5.2)
      activesupport (>= 5.2)
    hash_digest (1.1.3)
      murmurhash3
    hashie (5.0.0)
    hashlib (0.0.35)
    heroku-api (0.4.3)
      excon (~> 0.45)
      multi_json (~> 1.8)
    heroku_san (4.4.0)
      heroku-api (>= 0.1.2)
      json
      rake
    highline (2.1.0)
    hirb (0.7.3)
    hiredis (0.6.3)
    hocon (1.4.0)
    home_run (1.0.9)
    hooker (1.1.0)
    horza (1.0.3)
      activesupport (>= 3.2)
      hashie (>= 3.4.0)
    html-attributes-utils (1.0.0)
      activesupport (>= 6.1.4.4)
    httmultiparty (0.3.16)
      httparty (>= 0.7.3)
      mimemagic
      multipart-post
    http (4.4.1)
      addressable (~> 2.3)
      http-cookie (~> 1.0)
      http-form_data (~> 2.2)
      http-parser (~> 1.2.0)
    http-cookie (1.0.5)
      domain_name (~> 0.5)
    http-form_data (2.3.0)
    http-parser (1.2.3)
      ffi-compiler (>= 1.0, < 2.0)
    http_parser.rb (0.8.0)
    http_router (0.11.2)
      rack (>= 1.0.0)
      url_mount (~> 0.2.1)
    httparty (0.21.0)
      mini_mime (>= 1.0.0)
      multi_xml (>= 0.5.2)
    httpclient (2.8.3)
    httpi (2.2.7)
      rack
    hypershield (0.3.1)
      activerecord (>= 6)
    i18n (1.13.0)
      concurrent-ruby (~> 1.0)
    ibm_cloud_sdk_core (1.1.3)
      concurrent-ruby (~> 1.0)
      http (~> 4.4.0)
      jwt (~> 2.2.1)
    ice_nine (0.11.2)
    icheck-rails (1.0.2.2)
      jquery-rails
      rails (>= 3.1.0)
      sass-rails
    image_info (1.2.2)
      addressable (~> 2.0)
      image_size (~> 2.0)
      typhoeus (~> 1.0)
    image_processing (1.12.2)
      mini_magick (>= 4.9.5, < 5)
      ruby-vips (>= 2.0.17, < 3)
    image_size (2.1.2)
    image_voodoo (0.9.3)
    imperium (0.5.2)
      addressable (~> 2.5)
      httpclient (~> 2.8)
    inherited_resources (1.13.1)
      actionpack (>= 5.2, < 7.1)
      has_scope (~> 0.6)
      railties (>= 5.2, < 7.1)
      responders (>= 2, < 4)
    inifile (3.0.0)
    iniparser (1.0.1)
    inst-jobs (3.1.10)
      activerecord (>= 6.0)
      activerecord-pg-extensions (~> 0.4.4)
      activesupport (>= 6.0)
      after_transaction_commit (>= 1.0, < 3)
      debug_inspector (~> 1.0)
      fugit (~> 1.3)
      railties (>= 6.0)
    inst-jobs-autoscaling (2.1.1)
      aws-sdk-autoscaling
      inst-jobs (> 1.0, < 4.0)
    instrumental_agent (3.0.0)
      metrician
    jasminerice (0.0.10)
      coffee-rails
      haml
    jekyll (4.3.2)
      addressable (~> 2.4)
      colorator (~> 1.0)
      em-websocket (~> 0.5)
      i18n (~> 1.0)
      jekyll-sass-converter (>= 2.0, < 4.0)
      jekyll-watch (~> 2.0)
      kramdown (~> 2.3, >= 2.3.1)
      kramdown-parser-gfm (~> 1.0)
      liquid (~> 4.0)
      mercenary (>= 0.3.6, < 0.5)
      pathutil (~> 0.9)
      rouge (>= 3.0, < 5.0)
      safe_yaml (~> 1.0)
      terminal-table (>= 1.8, < 4.0)
      webrick (~> 1.7)
    jekyll-sass-converter (3.0.0)
      sass-embedded (~> 1.54)
    jekyll-seo-tag (2.8.0)
      jekyll (>= 3.8, < 5.0)
    jekyll-watch (2.2.1)
      listen (~> 3.0)
    jmespath (1.6.2)
    jquery-rails (4.5.1)
      rails-dom-testing (>= 1, < 3)
      railties (>= 4.2.0)
      thor (>= 0.14, < 2.0)
    js_assets (0.1.2)
      rails
      sprockets (>= 3.0)
    json (1.8.6)
    json-jwt (1.15.3)
      activesupport (>= 4.2)
      aes_key_wrap
      bindata
      httpclient
    json-schema (2.8.1)
      addressable (>= 2.4)
    json-schema-rspec (0.0.4)
      json-schema (~> 2.5)
      rspec
    json-stream (0.2.1)
    json_pure (1.8.6)
    jsonpath (1.1.3)
      multi_json
    jsonschema (2.0.2)
    just-the-docs (0.5.1)
      jekyll (>= 3.8.5)
      jekyll-seo-tag (>= 2.0)
      rake (>= 12.3.1)
    jwt (2.2.3)
    kakurenbo-puti (0.5.0)
      activerecord (>= 4.1.0)
    kaminari (1.2.2)
      activesupport (>= 4.1.0)
      kaminari-actionview (= 1.2.2)
      kaminari-activerecord (= 1.2.2)
      kaminari-core (= 1.2.2)
    kaminari-actionview (1.2.2)
      actionview
      kaminari-core (= 1.2.2)
    kaminari-activerecord (1.2.2)
      activerecord
      kaminari-core (= 1.2.2)
    kaminari-core (1.2.2)
    km (1.3.0)
    knife-lastrun (0.0.8)
    knockoutjs-rails (3.5.1.1)
      railties (>= 3.1)
    kramdown (2.4.0)
      rexml
    kramdown-parser-gfm (1.1.0)
      kramdown (~> 2.0)
    kwalify (0.7.2)
    launchy (2.5.2)
      addressable (~> 2.8)
    lhc (15.2.1)
      activesupport (>= 5.2)
      addressable
      local_uri
      typhoeus (>= 0.11)
    lhs (26.2.0)
      activemodel
      activesupport (>= 4.2.11)
      lhc (>= 12.1.1, < 16)
      local_uri
    link_header (0.0.8)
    linux_admin (0.17.0)
      awesome_spawn (~> 1.3)
      inifile
      more_core_extensions (~> 3.0)
      nokogiri
      openscap
    liquid (4.0.4)
    listen (3.8.0)
      rb-fsevent (~> 0.10, >= 0.10.3)
      rb-inotify (~> 0.9, >= 0.9.10)
    lita (4.7.0)
      bundler (>= 1.3)
      faraday (>= 0.8.7)
      http_router (>= 0.11.2)
      i18n (>= 0.6.9)
      ice_nine (>= 0.11.0)
      multi_json (>= 1.7.7)
      puma (>= 2.7.1)
      rack (>= 1.5.2)
      rb-readline (>= 0.5.1)
      redis-namespace (>= 1.3.0)
      thor (>= 0.18.1)
    lita-karma (3.0.2)
      lita (>= 4.0)
    livetext (0.9.38)
    load_data_infile2 (0.2.4)
      mysql2 (~> 0.4)
    local_uri (1.2.0)
      activesupport
      rack
    locale (2.1.3)
    localized_country_select (0.10.2)
      actionpack (>= 5.0)
    lockfile (2.1.3)
    logutils (0.6.1)
    loofah (2.21.3)
      crass (~> 1.0.2)
      nokogiri (>= 1.12.0)
    luhn_checksum (0.1.2)
    luhnacy (0.2.2)
    mail (2.8.1)
      mini_mime (>= 0.1.1)
      net-imap
      net-pop
      net-smtp
    mail_interceptor (0.0.7)
      activesupport
    mailosaur (7.8.0)
      faraday (>= 0.9, < 2)
      json (>= 1.7.5, < 4)
    marcel (1.0.2)
    matrix (0.4.2)
    measured (2.8.2)
      activesupport (>= 5.2)
    measured-rails (2.8.2)
      activemodel (>= 5.2)
      activerecord (>= 5.2)
      measured (= 2.8.2)
      railties (>= 5.2)
    memoist (0.16.2)
    mercenary (0.4.0)
    method_source (1.0.0)
    metrician (0.1.0)
    middleware (0.1.0)
    mime-types (2.99.3)
    mimemagic (0.4.3)
      nokogiri (~> 1)
      rake
    mini_magick (4.12.0)
    mini_mime (1.1.2)
    minitest (5.18.0)
    minitest-bang (1.0.4)
      minitest (>= 4.7.5)
    mix_tape (0.0.6)
      mixpanel-ruby
    mixlib-cli (1.7.0)
    mixlib-config (2.2.18)
      tomlrb
    mixpanel-ruby (2.3.0)
    modware (1.0.2)
    monetize (1.12.0)
      money (~> 6.12)
    money (6.16.0)
      i18n (>= 0.6.4, <= 2)
    money-rails (1.15.0)
      activesupport (>= 3.0)
      monetize (~> 1.9)
      money (~> 6.13)
      railties (>= 3.0)
    mono_logger (1.1.2)
    more_core_extensions (3.8.0)
      activesupport
    mothership (0.5.1)
    msgpack (1.7.1)
    multi_json (1.15.0)
    multi_test (0.1.2)
    multi_xml (0.6.0)
    multipart-post (2.3.0)
    murmurhash3 (0.1.7)
    mustache (1.1.1)
    mustermann (3.0.0)
      ruby2_keywords (~> 0.0.1)
    mysql2 (0.5.5)
    mysql_import (0.5.5)
      connection_pool
      load_data_infile2 (~> 0.2)
      parallel
    naether (0.15.10)
      httpclient
      rake (>= 12.3.3)
      rjb (= 1.6.2)
    namecase (2.0.0)
    nap (1.1.0)
    nbtfile (0.2.0)
    ncursesw (1.4.10)
    net-imap (0.3.4)
      date
      net-protocol
    net-pop (0.1.2)
      net-protocol
    net-protocol (0.2.1)
      timeout
    net-scp (4.0.0)
      net-ssh (>= 2.6.5, < 8.0.0)
    net-sftp (4.0.0)
      net-ssh (>= 5.0.0, < 8.0.0)
    net-smtp (0.3.3)
      net-protocol
    net-ssh (7.1.0)
    netrc (0.11.0)
    netsoft-danger (0.7.0)
      danger (~> 8.0)
      faraday
      simplecov (~> 0.20.0)
      thor
    nido (1.0.0)
    nio4r (2.5.9)
    no_proxy_fix (0.1.2)
    nokogiri (1.15.2-arm64-darwin)
      racc (~> 1.4)
    nokogiri-plist (0.5.0)
      nokogiri
    oauth (1.1.0)
      oauth-tty (~> 1.0, >= 1.0.1)
      snaky_hash (~> 2.0)
      version_gem (~> 1.1)
    oauth-tty (1.0.5)
      version_gem (~> 1.1, >= 1.1.1)
    oauth2 (2.0.9)
      faraday (>= 0.17.3, < 3.0)
      jwt (>= 1.0, < 3.0)
      multi_xml (~> 0.5)
      rack (>= 1.2, < 4)
      snaky_hash (~> 2.0)
      version_gem (~> 1.1)
    octokit (4.22.0)
      faraday (>= 0.9)
      sawyer (~> 0.8.0, >= 0.5.3)
    oj (2.18.1)
    omniauth (2.1.1)
      hashie (>= 3.4.6)
      rack (>= 2.2.3)
      rack-protection
    omniauth-keycloak (1.5.1)
      faraday
      json-jwt (> 1.13.0)
      omniauth (>= 2.0)
      omniauth-oauth2 (~> 1.7.1)
    omniauth-oauth2 (1.7.3)
      oauth2 (>= 1.4, < 3)
      omniauth (>= 1.9, < 3)
    onering-client (0.0.81)
      addressable
      deep_merge
      facter (>= 1.7.2)
      hashlib (>= 0.0.19)
      httparty
      multi_json
      rainbow
      trollop
      xml-simple
    ooxml_decrypt (1.0.0)
      nokogiri (~> 1.10)
      ruby-ole (~> 1.2)
    ooxml_parser (0.36.1)
      nokogiri (~> 1)
      ooxml_decrypt (~> 1)
      rubyzip (~> 2)
    open4 (1.3.4)
    open_gem (1.5.0)
      launchy (~> 2.0)
    openscap (0.4.9)
      ffi (>= 1.0.9)
    optimist (3.0.1)
    orm_adapter (0.5.0)
    os (1.1.4)
    owlcarousel-rails (2.2.3.5)
    packnga (1.0.4)
      gettext (>= 3.1.3)
      rake
      yard (>= 0.9)
    pagerduty (2.1.2)
      json (>= 1.7.7)
    parallel (1.23.0)
    parser (3.2.2.1)
      ast (~> 2.4.1)
    partialruby (0.3.0)
      ruby2ruby (~> 2)
      ruby_parser (~> 3)
    pastel (0.8.0)
      tty-color (~> 0.5)
    pathutil (0.16.2)
      forwardable-extended (~> 2.6)
    pay (6.5.0)
      rails (>= 6.0.0)
    payment_icons (1.7.25)
      frozen_record
      railties (>= 5.0)
      sassc-rails
    pdf-core (0.9.0)
    pdk (0.0.1)
    pg (1.5.3)
    pg_ltree (1.2.1)
      activerecord (>= 5.2, < 8.0)
      pg (>= 0.19, < 2)
    pgslice (0.6.1)
      pg (>= 1)
      thor
    phaxio (0.5.0)
      httmultiparty
    phonelib (0.8.1)
    pkg-config (1.5.1)
    placeholder-gem (3.0.2)
      railties (>= 3.1)
    plek (5.0.0)
    pocketsphinx-ruby (0.4.0)
      ffi (>= 1.9)
    posix-spawn (0.3.15)
    prawn (2.4.0)
      pdf-core (~> 0.9.0)
      ttfunk (~> 1.7)
    prawn-fast-png (0.2.3)
      prawn
      rmagick
    prawn-grouping (0.2.0)
      prawn (>= 2.0.0)
    prawn-markup (0.3.7)
      nokogiri
      prawn
      prawn-table
    prawn-table (0.2.2)
      prawn (>= 1.3.0, < 3.0.0)
    prawn_shapes (1.2.1)
    prettier_print (1.2.1)
    prime (0.1.2)
      forwardable
      singleton
    prop (2.8.0)
    props (1.2.0)
      iniparser (>= 0.1.0)
    protobuf-cucumber (3.10.8)
      activesupport (>= 3.2)
      middleware
      thor
      thread_safe
    public_suffix (5.0.1)
    puma (6.2.2)
      nio4r (~> 2.0)
    puppet-lint (4.0.0)
    puppet-lint-alias-check (0.1.1)
      puppet-lint (>= 1.0)
    pygments.rb (2.4.0)
    query_diet (0.7.1)
    quilt_rails (3.5.6)
      activesupport (>= 3.2.0)
      rails-reverse-proxy (~> 0.9.0)
      railties (>= 3.2.0)
      statsd-instrument (>= 2.8.0)
    r2 (0.2.7)
    raabro (1.4.0)
    racc (1.6.2)
    rack (2.2.7)
    rack-protection (3.0.6)
      rack
    rack-proxy (0.7.6)
      rack
    rack-statsd (0.2.1)
    rack-test (2.1.0)
      rack (>= 1.3)
    rails (7.0.5)
      actioncable (= 7.0.5)
      actionmailbox (= 7.0.5)
      actionmailer (= 7.0.5)
      actionpack (= 7.0.5)
      actiontext (= 7.0.5)
      actionview (= 7.0.5)
      activejob (= 7.0.5)
      activemodel (= 7.0.5)
      activerecord (= 7.0.5)
      activestorage (= 7.0.5)
      activesupport (= 7.0.5)
      bundler (>= 1.15.0)
      railties (= 7.0.5)
    rails-dom-testing (2.0.3)
      activesupport (>= 4.2.0)
      nokogiri (>= 1.6)
    rails-html-sanitizer (1.6.0)
      loofah (~> 2.21)
      nokogiri (~> 1.14)
    rails-reverse-proxy (0.9.1)
      addressable
      rack
      rack-proxy
      rails
    rails_db (2.4.2)
      activerecord
      kaminari
      rails (>= 5.0.0)
      ransack (>= 2.3.2)
      simple_form (>= 5.0.1)
      terminal-table
    rails_pwnerer (0.7.12)
      zerg_support
    rails_weak_etags (0.0.2)
      rails (> 3.1)
    railties (7.0.5)
      actionpack (= 7.0.5)
      activesupport (= 7.0.5)
      method_source
      rake (>= 12.2)
      thor (~> 1.0)
      zeitwerk (~> 2.5)
    rainbow (2.2.2)
      rake
    rake (13.0.6)
    random_data (1.6.0)
    ransack (3.2.1)
      activerecord (>= 6.1.5)
      activesupport (>= 6.1.5)
      i18n
    rapporteur (3.8.0)
      i18n (>= 0.6, < 2)
    rb-fsevent (0.11.2)
    rb-inotify (0.10.1)
      ffi (~> 1.0)
    rb-readline (0.5.5)
    rbnacl (7.1.1)
      ffi
    rbs (3.1.0)
    rbvmomi (1.13.0)
      builder (~> 3.0)
      json (>= 1.8)
      nokogiri (~> 1.5)
      trollop (~> 2.1)
    rchardet (1.8.0)
    rdf (3.2.10)
      link_header (~> 0.0, >= 0.0.8)
    rdf-reasoner (0.8.0)
      rdf (~> 3.2)
      rdf-xsd (~> 3.2)
    rdf-xsd (3.2.1)
      rdf (~> 3.2)
      rexml (~> 3.2)
    rectify (0.13.0)
      activemodel (>= 4.1.0)
      activerecord (>= 4.1.0)
      activesupport (>= 4.1.0)
      virtus (~> 1.0.5)
      wisper (>= 1.6.1)
    redactor-rails (0.5.0)
      devise
      mime-types
      orm_adapter
    redcarpet (3.6.0)
    redis (5.0.6)
      redis-client (>= 0.9.0)
    redis-client (0.14.1)
      connection_pool
    redis-namespace (1.10.0)
      redis (>= 4)
    reek (6.1.4)
      kwalify (~> 0.7.0)
      parser (~> 3.2.0)
      rainbow (>= 2.0, < 4.0)
    regexp_parser (2.8.0)
    remote_lock (1.1.0)
    remote_table (3.3.3)
      activesupport (>= 2.3.4)
      fastercsv (>= 1.5.0)
      fixed_width-multibyte (>= 0.2.3)
      hash_digest (>= 1.1.3)
      i18n
      roo (>= 1.11)
      unix_utils (>= 0.0.8)
    representable (3.2.0)
      declarative (< 0.1.0)
      trailblazer-option (>= 0.1.1, < 0.2.0)
      uber (< 0.2.0)
    request_exception_handler (0.5.0)
      actionpack (>= 2.1)
    requests (1.0.2)
    require_all (3.0.0)
    resolv-srv (0.0.2)
    responders (3.1.0)
      actionpack (>= 5.2)
      railties (>= 5.2)
    resque (1.27.4)
      mono_logger (~> 1.0)
      multi_json (~> 1.0)
      redis-namespace (~> 1.3)
      sinatra (>= 0.9.2)
      vegas (~> 0.1.2)
    resque-delayed (1.3.0)
      resque (~> 1.0, >= 1.18.0)
      uuidtools (~> 2.1, >= 2.1.2)
    resque-throttler (0.1.5)
      resque (~> 1.25)
    rest-client (1.8.0)
      http-cookie (>= 1.0.2, < 2.0)
      mime-types (>= 1.16, < 3.0)
      netrc (~> 0.7)
    retriable (3.1.2)
    rexml (3.2.5)
    rgeo (3.0.0)
    rgeo-activerecord (7.0.1)
      activerecord (>= 5.0)
      rgeo (>= 1.0.0)
    rinruby (2.1.0)
    ripper-tags (1.0.0)
    rjb (1.6.2)
    rltk (3.0.1)
      ffi (>= 1.0.0)
      filigree (>= 0.2.0)
    rmagick (5.2.0)
      pkg-config (~> 1.4)
    rmail (1.1.4)
    roo (2.10.0)
      nokogiri (~> 1)
      rubyzip (>= 1.3.0, < 3.0.0)
    rouge (4.1.1)
    rspec (2.99.0)
      rspec-core (~> 2.99.0)
      rspec-expectations (~> 2.99.0)
      rspec-mocks (~> 2.99.0)
    rspec-collection_matchers (1.2.0)
      rspec-expectations (>= 2.99.0.beta1)
    rspec-core (2.99.2)
    rspec-expectations (2.99.2)
      diff-lcs (>= 1.1.3, < 2.0)
    rspec-http (0.10.0)
      rspec (~> 2.0)
    rspec-mocks (2.99.4)
    rspec-rails (2.99.0)
      actionpack (>= 3.0)
      activemodel (>= 3.0)
      activesupport (>= 3.0)
      railties (>= 3.0)
      rspec-collection_matchers
      rspec-core (~> 2.99.0)
      rspec-expectations (~> 2.99.0)
      rspec-mocks (~> 2.99.0)
    rspec_around_all (0.2.0)
      rspec (>= 2.0)
    rubocop (1.12.1)
      parallel (~> 1.10)
      parser (>= 3.0.0.0)
      rainbow (>= 2.2.2, < 4.0)
      regexp_parser (>= 1.8, < 3.0)
      rexml
      rubocop-ast (>= 1.2.0, < 2.0)
      ruby-progressbar (~> 1.7)
      unicode-display_width (>= 1.4.0, < 3.0)
    rubocop-ast (1.28.1)
      parser (>= 3.2.1.0)
    rubocop-performance (1.18.0)
      rubocop (>= 1.7.0, < 2.0)
      rubocop-ast (>= 0.4.0)
    rubocop-rails (2.9.1)
      activesupport (>= 4.2.0)
      rack (>= 1.1)
      rubocop (>= 0.90.0, < 2.0)
    rubocop-rspec (2.2.0)
      rubocop (~> 1.0)
      rubocop-ast (>= 1.1.0)
    ruby (0.1.0)
    ruby-box (1.15.0)
      addressable
      json
      multipart-post
      oauth2
    ruby-ole (1.2.12.2)
    ruby-progressbar (1.13.0)
    ruby-vips (2.1.4)
      ffi (~> 1.12)
    ruby2_keywords (0.0.5)
    ruby2ruby (2.5.0)
      ruby_parser (~> 3.1)
      sexp_processor (~> 4.6)
    ruby_parser (3.20.1)
      sexp_processor (~> 4.16)
    rubyntlm (0.4.0)
    rubytext (0.1.26)
      curses (~> 1.3.2)
    rubyzip (2.3.2)
    rufus-scheduler (2.0.24)
      tzinfo (>= 0.3.22)
    runeblog (0.3.23)
      livetext (~> 0.9, >= 0.9.09)
      rubytext (~> 0.1, >= 0.1.23)
    rusage (0.2.0)
    safe_yaml (1.0.5)
    safer_rails_console (0.6.0)
      rails (>= 6.0, < 7.1)
    sass (3.7.4)
      sass-listen (~> 4.0.0)
    sass-embedded (1.62.1-arm64-darwin)
      google-protobuf (~> 3.21)
    sass-listen (4.0.0)
      rb-fsevent (~> 0.9, >= 0.9.4)
      rb-inotify (~> 0.9, >= 0.9.7)
    sass-rails (6.0.0)
      sassc-rails (~> 2.1, >= 2.1.1)
    sassc (2.4.0)
      ffi (~> 1.9)
    sassc-rails (2.1.2)
      railties (>= 4.0.0)
      sassc (>= 2.0)
      sprockets (> 3.0)
      sprockets-rails
      tilt
    sawyer (0.8.2)
      addressable (>= 2.3.5)
      faraday (> 0.8, < 2.0)
    schema_monkey (3.0.2)
      activerecord (>= 5.2)
      modware (~> 1.0.2)
    schema_plus_core (3.1.0)
      activerecord (>= 5.2, < 7.1)
      schema_monkey (~> 3.0.2)
    schema_plus_default_expr (1.0.1)
      activerecord (>= 5.2, < 7.1)
      schema_plus_core (~> 3.1.0)
    selenium-webdriver (4.9.1)
      rexml (~> 3.2, >= 3.2.5)
      rubyzip (>= 1.2.2, < 3.0)
      websocket (~> 1.0)
    sensu-cli (0.11.0)
      erubis (~> 2.7)
      hirb (~> 0.7)
      mixlib-config (~> 2.1)
      optimist (~> 3.0)
      rainbow (~> 2.0)
    sensu-json (2.1.1)
      oj (= 2.18.1)
    sensu-plugin (4.0.0)
      json (< 3.0.0)
      mixlib-cli (~> 1.5)
    sensu-plugins-consul (3.0.0)
      diplomat (= 0.14.0)
      rest-client (= 1.8.0)
      sensu-plugin (~> 4.0)
    sensu-plugins-pagerduty (5.0.0)
      pagerduty (= 2.1.2)
      sensu-plugin (~> 4.0)
    sensu-plugins-slack (4.1.0)
      erubis (= 2.7.0)
      sensu-plugin (~> 4.0)
    sentry-resque (5.9.0)
      resque (>= 1.24)
      sentry-ruby (~> 5.9.0)
    sentry-ruby (5.9.0)
      concurrent-ruby (~> 1.0, >= 1.0.2)
    sequel (5.68.0)
    serverengine (2.3.2)
      sigdump (~> 0.2.2)
    sexp_processor (4.17.0)
    sidekiq (7.1.1)
      concurrent-ruby (< 2)
      connection_pool (>= 2.3.0)
      rack (>= 2.2.4)
      redis-client (>= 0.14.0)
    sidekiq-client-cli (0.1.7)
      cli
      sidekiq (>= 2.15)
    sigdump (0.2.4)
    signet (0.17.0)
      addressable (~> 2.8)
      faraday (>= 0.17.5, < 3.a)
      jwt (>= 1.5, < 3.0)
      multi_json (~> 1.10)
    simple_form (5.2.0)
      actionpack (>= 5.2)
      activemodel (>= 5.2)
    simple_oauth (0.3.1)
    simple_uuid (0.4.0)
    simplecov (0.20.0)
      docile (~> 1.1)
      simplecov-html (~> 0.11)
      simplecov_json_formatter (~> 0.1)
    simplecov-html (0.12.3)
    simplecov_json_formatter (0.1.4)
    simplycop (1.10.0)
      rubocop (~> 1.12.1)
      rubocop-rails (~> 2.9.0)
      rubocop-rspec (~> 2.2.0)
    sinatra (3.0.6)
      mustermann (~> 3.0)
      rack (~> 2.2, >= 2.2.4)
      rack-protection (= 3.0.6)
      tilt (~> 2.0)
    sinatra-contrib (3.0.6)
      multi_json
      mustermann (~> 3.0)
      rack-protection (= 3.0.6)
      sinatra (= 3.0.6)
      tilt (~> 2.0)
    singleton (0.1.1)
    slack-ruby-bot (0.16.1)
      activesupport
      hashie
      slack-ruby-client (>= 0.14.0)
    slack-ruby-client (0.14.6)
      activesupport
      faraday (>= 0.9)
      faraday_middleware
      gli
      hashie
      websocket-driver
    smart_todo (1.4.3)
      rexml
    snaky_hash (2.0.1)
      hashie
      version_gem (~> 1.1, >= 1.1.1)
    solrizer (4.1.0)
      activesupport
      nokogiri
      xml-simple
    sorbet-runtime (0.5.10847)
    sparsify (1.1.0)
    sprockets (4.2.0)
      concurrent-ruby (~> 1.0)
      rack (>= 2.2.4, < 4)
    sprockets-export (1.0.0)
    sprockets-rails (3.4.2)
      actionpack (>= 5.2)
      activesupport (>= 5.2)
      sprockets (>= 3.0.0)
    sqlite3 (1.6.3-arm64-darwin)
    square_connect (2.20180918.0.244)
      json (~> 1.8, >= 1.8.3)
      typhoeus (~> 1.0, >= 1.0.1)
    sshkit (1.21.4)
      net-scp (>= 1.1.2)
      net-ssh (>= 2.8.0)
    sshkit-sudo (0.1.0)
      sshkit (~> 1.8)
    ssrf_filter (1.1.1)
    static_model (1.1.0)
    statsd-instrument (3.5.9)
    statsd-ruby (1.5.0)
    steak (2.0.0)
      capybara (>= 1.0.0)
      rspec-rails (>= 2.5.0)
    stellar-base (0.32.0)
      activesupport (>= 5.0.0, < 8.0)
      base32 (>= 0.3.0, < 1.0)
      digest-crc (>= 0.5.0, < 1.0)
      rbnacl (>= 6.0.0, < 8.0)
      xdr (>= 3.0.3, < 4.0)
    storable (0.8.9)
    stringex (1.5.1)
    strptime (0.2.5)
    sugar-high (0.7.3)
    sup (1.1)
      chronic
      highline
      locale (~> 2.0)
      lockfile
      mime-types (> 2.0)
      ncursesw (~> 1.4.0)
      optimist
      rmail (>= 1.1.2, < 2)
      unicode (~> 0.4.4)
      unicode-display_width
    surus (0.7.1)
      activerecord (> 4.2)
    sweetloader (0.1.6)
      activesupport (>= 3.0.1)
      i18n
    syntax_tree (6.1.1)
      prettier_print (>= 1.2.0)
    syntax_tree-haml (4.0.3)
      haml (>= 5.2)
      prettier_print (>= 1.2.1)
      syntax_tree (>= 6.0.0)
    syntax_tree-rbs (1.0.0)
      prettier_print
      rbs
      syntax_tree (>= 2.0.1)
    sys-uname (1.2.3)
      ffi (~> 1.1)
    templater (1.0.0)
      diff-lcs (>= 1.1.2)
      extlib (>= 0.9.5)
      highline (>= 1.4.0)
    temple (0.10.2)
    terminal-table (3.0.2)
      unicode-display_width (>= 1.1.1, < 3)
    test-helpers (2.0.5)
    text (1.3.1)
    textutils (1.4.0)
      activesupport
      logutils (>= 0.6.1)
      props (>= 1.1.2)
      rubyzip (>= 1.0.0)
    thin (1.8.2)
      daemons (~> 1.0, >= 1.0.9)
      eventmachine (~> 1.0, >= 1.0.4)
      rack (>= 1, < 3)
    thinreports (0.12.1)
      prawn (~> 2.2)
      rexml
    thinreports-rails (0.5.0)
      thinreports (>= 0.10)
    thor (1.2.2)
    thread_safe (0.3.6)
    thrift (0.9.3.0)
    thrift_client (0.9.3)
      thrift (~> 0.9.0)
    tilt (2.1.0)
    time_zone_ext (0.0.3)
      activesupport
      tzinfo
    timeout (0.3.2)
    timers (4.3.5)
    to_regexp (0.2.1)
    tomlrb (2.0.3)
    totp (1.0.0)
      base32
    tracking_number (0.10.5)
    tradesman (2.0.1)
      horza (~> 1.0, >= 1.0.3)
      tzu (~> 0.1)
    trailblazer-option (0.1.2)
    translate_enum (0.2.0)
      activesupport
    translit (0.1.5)
    transloadit (2.0.1)
      mime-types
      multi_json
      rest-client
    transproc (1.1.1)
    travis_dedup (0.6.0)
      faraday
      json
    tribute (3.6.0.0)
    trinidad_jars (1.5.1)
    trollop (2.9.10)
    ttfunk (1.7.0)
    tty-color (0.6.0)
    tty-cursor (0.7.1)
    tty-editor (0.7.0)
      tty-prompt (~> 0.22)
    tty-prompt (0.23.1)
      pastel (~> 0.8)
      tty-reader (~> 0.8)
    tty-reader (0.9.0)
      tty-cursor (~> 0.7)
      tty-screen (~> 0.8)
      wisper (~> 2.0)
    tty-screen (0.8.1)
    twine (1.1.2)
      rexml (~> 3.2)
      rubyzip (~> 2.0)
      safe_yaml (~> 1.0)
    twine-rails (2.0.0)
      coffee-rails
      railties
    typhoeus (1.4.0)
      ethon (>= 0.9.0)
    tzinfo (2.0.6)
      concurrent-ruby (~> 1.0)
    tzinfo-data (1.2023.3)
      tzinfo (>= 1.0.0)
    tzu (0.1.2.0)
    uber (0.1.0)
    unf (0.1.4)
      unf_ext
    unf_ext (0.0.8.2)
    unicode (0.4.4.4)
    unicode-display_width (2.4.2)
    unicode_scanner (1.0.1)
    unix_utils (0.0.15)
    upsert (2.9.10)
    url_mount (0.2.1)
      rack
    us_bank_holidays (0.2.1)
    uservoice-ruby (0.0.11)
      ezcrypto (>= 0.7.2)
      json (>= 1.7.5)
      oauth (>= 0.4.7)
    uuidtools (2.2.0)
    vagrant-omnibus (1.5.0)
    vagrant-vsphere (1.13.4)
      i18n (>= 0.6.4)
      nokogiri (~> 1.5)
      rbvmomi (>= 1.11.5, < 2.0.0)
    vegas (0.1.11)
      rack (>= 1.0.0)
    version_gem (1.1.2)
    vertica (1.0.3)
    vin_bank (3.1.0)
    vinbot (2.0.4)
      sequel
      sqlite3
      vin_bank (>= 3.1.0)
    virtus (1.0.5)
      axiom-types (~> 0.1)
      coercible (~> 1.0)
      descendants_tracker (~> 0.0, >= 0.0.3)
      equalizer (~> 0.0, >= 0.0.9)
    vnctools (0.1.1)
      childprocess
    vonage (7.9.0)
      phonelib
      rexml
      sorbet-runtime (~> 0.5)
      vonage-jwt (~> 0.1.0)
      zeitwerk (~> 2, >= 2.2)
    vonage-jwt (0.1.2)
      jwt (~> 2)
    warden (1.2.9)
      rack (>= 2.0.9)
    webrick (1.8.1)
    webshims-rails (1.16.0)
      rails (> 3.1.0)
    websocket (1.2.9)
    websocket-driver (0.7.5)
      websocket-extensions (>= 0.1.0)
    websocket-extensions (0.1.5)
    websocket-native (1.0.0)
    whiny_validation (1.0)
      activemodel
      activesupport
    wisper (2.0.1)
    wistia-api (0.2.3)
      activeresource (>= 2.3.8)
    wtf_lang (0.4.0)
      json
    xdr (3.0.3)
      activemodel (>= 4.2, < 8.0)
      activesupport (>= 4.2, < 8.0)
    xml-simple (1.1.9)
      rexml
    xpath (3.2.0)
      nokogiri (~> 1.8)
    yajl-ruby (1.4.3)
    yard (0.9.34)
    yard-sinatra (1.0.0)
      yard (~> 0.7)
    youtube_it (2.1.1)
      builder
      faraday
      faraday (>= 0.7.3)
      nokogiri
      oauth
      oauth (>= 0.4.4)
      simple_oauth
      simple_oauth (>= 0.1.5)
    zeitwerk (2.6.8)
    zerg_support (0.1.6)
    zoom_rb (1.1.8)
      httparty (>= 0.13)
      json (>= 1.8)
      jwt

PLATFORMS
  arm64-darwin-22

DEPENDENCIES
  pkg33!

BUNDLED WITH
   2.4.13
