PATH
  remote: .
  specs:
    pkg27 (0.0.1)
      active_data
      active_record_migrations
      active_zuora
      acts_as_api
      adyen-ruby-api-library
      aerospike
      albacore
      alias_scope
      appoptics_apm
      artii
      async-rest
      autonumeric-rails
      autotest-rails
      avalanche-rails
      avatax-ruby
      azure-storage-table
      bitters
      bogo-config
      bogo-ui
      bootstrap4-kaminari-views
      bosh-core
      bounce_email
      braid
      cache_digests
      capistrano-rake
      capybara-chromedriver-logger
      capybara-slow_finder_errors
      castle-rb
      ceedling
      celerity
      cells-haml
      cequel
      chartjs-ror
      chef-handler-mail
      chinese_pinyin
      choria-mcorpc-support
      ckeditor_rails
      classy_hash
      cocoapods-acknowledgements
      columns_on_demand
      crummy
      cucumber_factory
      currency
      danger-kotlin_detekt
      dapp
      database_consistency
      delayed_job_recurring
      deprecation
      devise-pwned_password
      devise_zxcvbn
      dkim
      dlegr250_material_design
      dwradcliffe_test_gem_push
      elastic-app-search
      em_aws
      embulk-output-bigquery
      engineyard-serverside-adapter
      erb
      exiftool_vendored
      fake_ftp
      faraday-conductivity
      faraday-gzip
      fastlane-plugin-emerge
      fastlane-plugin-xchtmlreport
      featurejs_rails
      fedex
      ffi-icu
      ffprober
      field_test
      firebase_token_generator
      flickraw
      flipflop
      flot-rails
      fluent-plugin-beats
      fluent-plugin-serialize-nested-json
      fluent-plugin-splunkhec
      fullcontact
      gc_tracer
      gctime
      gem_publisher
      gender_detector
      gepub
      globby
      goodcheck
      google-cloud-container
      google-cloud-tasks
      graphql_playground-rails
      graphviz
      griddler-mailgun
      guard-zeus
      guess_html_encoding
      hanami-router
      handlebars
      hansi
      hotwire-rails
      htransform
      i18n-debug
      intl-tel-input-rails
      iso
      iterable-api-client
      jazz_fingers
      join_dependency
      jquery-unique-clone-rails
      jquery_mobile_rails
      jruby-pageant
      kiba
      krane
      ladle
      liner
      localeapp
      log_formatter
      logify
      luhn_checksum
      mailhandler
      memery
      message_format
      metamagic
      middleman-blog
      milia
      minitest-fail-fast
      mixpanel
      mobvious
      mongoid-document_path
      mongoid-encrypted-fields
      mongoid-locker
      mongoid-sample
      montrose
      moodle2cc
      mprelude
      mrkt
      mustermann-contrib
      nanoc
      natto
      naughty_or_nice
      neo4j-core
      nested-hstore
      net
      newrelic-grape
      nfe-paulistana
      open-uri
      packable
      patchelf
      peek-host
      people
      percy-client
      permessage_deflate
      picky
      pivotal-tracker
      pivotal_git_scripts
      plupload-rails
      pokitdok-ruby
      poppler
      powder
      power_enum
      pqueue
      process-group
      produce
      prosopite
      pulp_npm_client
      puppet-lint-legacy_facts-check
      puppet-lint-spaceship_operator_without_tag-check
      rack-jsonp
      rack-timeout-puma
      rack-tracker
      rails-ujs
      rake-progressbar
      rantly
      rash
      rb_sys
      react-source
      redis_rate_limiter
      redshift-client
      remove_emoji
      resque-multi-job-forks
      restore_bundled_with
      retina_tag
      rhc
      rsa-pem-from-mod-exp
      rspec-graphql_matchers
      rspec-instrumentation-matcher
      rtesseract
      ruby-lokalise-api
      ruby-pg-extras
      ruby-terraform
      ruby_version
      safemode
      scruffy
      semver
      sensu-plugins-rabbitmq
      sepa_king
      service
      sidekiq-prometheus-exporter
      signed_multiset
      simplecov-csv
      socket.io-emitter
      spawnling
      sprout
      statemachine
      steep
      stemmer
      stream-ruby
      string_undump
      strongdm
      stub_env
      subprocess
      sweet_notifications
      swot
      telegram-bot-ruby
      text-hyphen
      trailblazer-cells
      trailblazer-developer
      translation
      travis-artifacts
      trix-rails
      unitwise
      vacuum
      verbs
      viewpoint
      vmail
      workflow-activerecord
      xmlcanonicalizer
      yamllint
      yard-activerecord
      yardstick
      yomu
      zuora_connect

GEM
  remote: https://rubygems.org/
  specs:
    CFPropertyList (3.0.6)
      rexml
    ZenTest (4.12.1)
    abstract_type (0.0.7)
    actioncable (7.0.4.3)
      actionpack (= 7.0.4.3)
      activesupport (= 7.0.4.3)
      nio4r (~> 2.0)
      websocket-driver (>= 0.6.1)
    actionmailbox (7.0.4.3)
      actionpack (= 7.0.4.3)
      activejob (= 7.0.4.3)
      activerecord (= 7.0.4.3)
      activestorage (= 7.0.4.3)
      activesupport (= 7.0.4.3)
      mail (>= 2.7.1)
      net-imap
      net-pop
      net-smtp
    actionmailer (7.0.4.3)
      actionpack (= 7.0.4.3)
      actionview (= 7.0.4.3)
      activejob (= 7.0.4.3)
      activesupport (= 7.0.4.3)
      mail (~> 2.5, >= 2.5.4)
      net-imap
      net-pop
      net-smtp
      rails-dom-testing (~> 2.0)
    actionpack (7.0.4.3)
      actionview (= 7.0.4.3)
      activesupport (= 7.0.4.3)
      rack (~> 2.0, >= 2.2.0)
      rack-test (>= 0.6.3)
      rails-dom-testing (~> 2.0)
      rails-html-sanitizer (~> 1.0, >= 1.2.0)
    actiontext (7.0.4.3)
      actionpack (= 7.0.4.3)
      activerecord (= 7.0.4.3)
      activestorage (= 7.0.4.3)
      activesupport (= 7.0.4.3)
      globalid (>= 0.6.0)
      nokogiri (>= 1.8.5)
    actionview (7.0.4.3)
      activesupport (= 7.0.4.3)
      builder (~> 3.1)
      erubi (~> 1.4)
      rails-dom-testing (~> 2.0)
      rails-html-sanitizer (~> 1.1, >= 1.2.0)
    active_data (1.2.0)
      activemodel (>= 4.0)
      activesupport (>= 4.0)
      tzinfo
    active_record_migrations (6.1.1.4)
      activerecord (>= 6.1.1)
      railties (>= 6.1.1)
      rake
    active_zuora (1.5.2)
      soap4r-ng
    activejob (7.0.4.3)
      activesupport (= 7.0.4.3)
      globalid (>= 0.3.6)
    activemodel (7.0.4.3)
      activesupport (= 7.0.4.3)
    activerecord (7.0.4.3)
      activemodel (= 7.0.4.3)
      activesupport (= 7.0.4.3)
    activestorage (7.0.4.3)
      actionpack (= 7.0.4.3)
      activejob (= 7.0.4.3)
      activerecord (= 7.0.4.3)
      activesupport (= 7.0.4.3)
      marcel (~> 1.0)
      mini_mime (>= 1.1.0)
    activesupport (7.0.4.3)
      concurrent-ruby (~> 1.0, >= 1.0.2)
      i18n (>= 1.6, < 2)
      minitest (>= 5.1)
      tzinfo (~> 2.0)
    acts_as_api (1.0.1)
      activemodel (>= 3.0.0)
      activesupport (>= 3.0.0)
      rack (>= 1.1.0)
    adamantium (0.2.0)
      ice_nine (~> 0.11.0)
      memoizable (~> 0.4.0)
    addressable (2.8.4)
      public_suffix (>= 2.0.2, < 6.0)
    adyen-ruby-api-library (7.0.1)
      faraday
    aerospike (2.27.0)
      bcrypt (~> 3.1)
      msgpack (~> 1.0)
    airbrussh (1.4.1)
      sshkit (>= 1.6.1, != 1.7.0)
    akami (1.3.1)
      gyoku (>= 0.4.0)
      nokogiri
    albacore (2.0.4)
      map (~> 6.5)
      nokogiri (~> 1.5)
      rake (> 10)
      semver2 (~> 3.4)
    alias_scope (0.0.1)
      activerecord (>= 3)
    amazing_print (1.4.0)
    amq-protocol (2.0.1)
    apartment (0.24.3)
      activerecord (>= 3.1.2)
      rack (>= 1.3.6)
    appoptics_apm (4.13.0)
      json (~> 2.0)
      no_proxy_fix (~> 0.1.2, >= 0.1.2)
    archive-tar-minitar (0.8)
      minitar (~> 0.8)
      minitar-cli (~> 0.8)
    arrayfields (4.9.2)
    artifactory (3.0.15)
    artii (2.1.2)
    ast (2.4.2)
    ast_utils (0.4.0)
      parser (>= 2.7.0)
    async (2.5.1)
      console (~> 1.10)
      io-event (~> 1.1)
      timers (~> 4.1)
    async-http (0.60.1)
      async (>= 1.25)
      async-io (>= 1.28)
      async-pool (>= 0.2)
      protocol-http (~> 0.24.0)
      protocol-http1 (~> 0.15.0)
      protocol-http2 (~> 0.15.0)
      traces (>= 0.8.0)
    async-io (1.34.3)
      async
    async-pool (0.4.0)
      async (>= 1.25)
    async-rest (0.12.4)
      async-http (~> 0.42)
      protocol-http (~> 0.7)
    atomos (0.1.3)
    attribute_struct (0.5.1)
      bogo (>= 0.1.31, < 0.3.0)
    autonumeric-rails (2.0.0.1)
      jquery-rails (>= 2.0.2)
    autotest-rails (4.2.1)
      ZenTest (~> 4.5)
    avalanche-rails (1.2.0)
    avatax-ruby (0.1.0)
      activesupport
      faraday
      faraday_middleware
    awesome_print (1.9.2)
    aws-eventstream (1.2.0)
    aws-partitions (1.767.0)
    aws-record (2.10.1)
      aws-sdk-dynamodb (~> 1.18)
    aws-sdk (3.1.0)
      aws-sdk-resources (~> 3)
    aws-sdk-accessanalyzer (1.34.0)
      aws-sdk-core (~> 3, >= 3.165.0)
      aws-sigv4 (~> 1.1)
    aws-sdk-account (1.11.0)
      aws-sdk-core (~> 3, >= 3.165.0)
      aws-sigv4 (~> 1.1)
    aws-sdk-acm (1.55.0)
      aws-sdk-core (~> 3, >= 3.165.0)
      aws-sigv4 (~> 1.1)
    aws-sdk-acmpca (1.53.0)
      aws-sdk-core (~> 3, >= 3.165.0)
      aws-sigv4 (~> 1.1)
    aws-sdk-alexaforbusiness (1.58.0)
      aws-sdk-core (~> 3, >= 3.165.0)
      aws-sigv4 (~> 1.1)
    aws-sdk-amplify (1.44.0)
      aws-sdk-core (~> 3, >= 3.165.0)
      aws-sigv4 (~> 1.1)
    aws-sdk-amplifybackend (1.20.0)
      aws-sdk-core (~> 3, >= 3.165.0)
      aws-sigv4 (~> 1.1)
    aws-sdk-amplifyuibuilder (1.11.0)
      aws-sdk-core (~> 3, >= 3.165.0)
      aws-sigv4 (~> 1.1)
    aws-sdk-apigateway (1.81.0)
      aws-sdk-core (~> 3, >= 3.165.0)
      aws-sigv4 (~> 1.1)
    aws-sdk-apigatewaymanagementapi (1.32.0)
      aws-sdk-core (~> 3, >= 3.165.0)
      aws-sigv4 (~> 1.1)
    aws-sdk-apigatewayv2 (1.44.0)
      aws-sdk-core (~> 3, >= 3.165.0)
      aws-sigv4 (~> 1.1)
    aws-sdk-appconfig (1.30.0)
      aws-sdk-core (~> 3, >= 3.165.0)
      aws-sigv4 (~> 1.1)
    aws-sdk-appconfigdata (1.8.0)
      aws-sdk-core (~> 3, >= 3.165.0)
      aws-sigv4 (~> 1.1)
    aws-sdk-appflow (1.40.0)
      aws-sdk-core (~> 3, >= 3.165.0)
      aws-sigv4 (~> 1.1)
    aws-sdk-appintegrationsservice (1.16.0)
      aws-sdk-core (~> 3, >= 3.165.0)
      aws-sigv4 (~> 1.1)
    aws-sdk-applicationautoscaling (1.69.0)
      aws-sdk-core (~> 3, >= 3.165.0)
      aws-sigv4 (~> 1.1)
    aws-sdk-applicationcostprofiler (1.11.0)
      aws-sdk-core (~> 3, >= 3.165.0)
      aws-sigv4 (~> 1.1)
    aws-sdk-applicationdiscoveryservice (1.49.0)
      aws-sdk-core (~> 3, >= 3.165.0)
      aws-sigv4 (~> 1.1)
    aws-sdk-applicationinsights (1.33.0)
      aws-sdk-core (~> 3, >= 3.165.0)
      aws-sigv4 (~> 1.1)
    aws-sdk-appmesh (1.49.0)
      aws-sdk-core (~> 3, >= 3.165.0)
      aws-sigv4 (~> 1.1)
    aws-sdk-appregistry (1.20.0)
      aws-sdk-core (~> 3, >= 3.165.0)
      aws-sigv4 (~> 1.1)
    aws-sdk-apprunner (1.22.0)
      aws-sdk-core (~> 3, >= 3.165.0)
      aws-sigv4 (~> 1.1)
    aws-sdk-appstream (1.70.0)
      aws-sdk-core (~> 3, >= 3.165.0)
      aws-sigv4 (~> 1.1)
    aws-sdk-appsync (1.59.0)
      aws-sdk-core (~> 3, >= 3.165.0)
      aws-sigv4 (~> 1.1)
    aws-sdk-arczonalshift (1.1.0)
      aws-sdk-core (~> 3, >= 3.165.0)
      aws-sigv4 (~> 1.1)
    aws-sdk-athena (1.67.0)
      aws-sdk-core (~> 3, >= 3.165.0)
      aws-sigv4 (~> 1.1)
    aws-sdk-auditmanager (1.31.0)
      aws-sdk-core (~> 3, >= 3.165.0)
      aws-sigv4 (~> 1.1)
    aws-sdk-augmentedairuntime (1.25.0)
      aws-sdk-core (~> 3, >= 3.165.0)
      aws-sigv4 (~> 1.1)
    aws-sdk-autoscaling (1.89.0)
      aws-sdk-core (~> 3, >= 3.165.0)
      aws-sigv4 (~> 1.1)
    aws-sdk-autoscalingplans (1.42.0)
      aws-sdk-core (~> 3, >= 3.165.0)
      aws-sigv4 (~> 1.1)
    aws-sdk-backup (1.51.0)
      aws-sdk-core (~> 3, >= 3.165.0)
      aws-sigv4 (~> 1.1)
    aws-sdk-backupgateway (1.8.0)
      aws-sdk-core (~> 3, >= 3.165.0)
      aws-sigv4 (~> 1.1)
    aws-sdk-backupstorage (1.2.0)
      aws-sdk-core (~> 3, >= 3.165.0)
      aws-sigv4 (~> 1.1)
    aws-sdk-batch (1.69.0)
      aws-sdk-core (~> 3, >= 3.165.0)
      aws-sigv4 (~> 1.1)
    aws-sdk-billingconductor (1.7.0)
      aws-sdk-core (~> 3, >= 3.165.0)
      aws-sigv4 (~> 1.1)
    aws-sdk-braket (1.21.0)
      aws-sdk-core (~> 3, >= 3.165.0)
      aws-sigv4 (~> 1.1)
    aws-sdk-budgets (1.52.0)
      aws-sdk-core (~> 3, >= 3.165.0)
      aws-sigv4 (~> 1.1)
    aws-sdk-chime (1.71.0)
      aws-sdk-core (~> 3, >= 3.165.0)
      aws-sigv4 (~> 1.1)
    aws-sdk-chimesdkidentity (1.12.0)
      aws-sdk-core (~> 3, >= 3.165.0)
      aws-sigv4 (~> 1.1)
    aws-sdk-chimesdkmediapipelines (1.5.0)
      aws-sdk-core (~> 3, >= 3.165.0)
      aws-sigv4 (~> 1.1)
    aws-sdk-chimesdkmeetings (1.18.0)
      aws-sdk-core (~> 3, >= 3.165.0)
      aws-sigv4 (~> 1.1)
    aws-sdk-chimesdkmessaging (1.18.0)
      aws-sdk-core (~> 3, >= 3.165.0)
      aws-sigv4 (~> 1.1)
    aws-sdk-chimesdkvoice (1.5.0)
      aws-sdk-core (~> 3, >= 3.165.0)
      aws-sigv4 (~> 1.1)
    aws-sdk-cleanrooms (1.2.0)
      aws-sdk-core (~> 3, >= 3.165.0)
      aws-sigv4 (~> 1.1)
    aws-sdk-cloud9 (1.49.0)
      aws-sdk-core (~> 3, >= 3.165.0)
      aws-sigv4 (~> 1.1)
    aws-sdk-cloudcontrolapi (1.10.0)
      aws-sdk-core (~> 3, >= 3.165.0)
      aws-sigv4 (~> 1.1)
    aws-sdk-clouddirectory (1.44.0)
      aws-sdk-core (~> 3, >= 3.165.0)
      aws-sigv4 (~> 1.1)
    aws-sdk-cloudformation (1.77.0)
      aws-sdk-core (~> 3, >= 3.165.0)
      aws-sigv4 (~> 1.1)
    aws-sdk-cloudfront (1.76.0)
      aws-sdk-core (~> 3, >= 3.165.0)
      aws-sigv4 (~> 1.1)
    aws-sdk-cloudhsm (1.41.0)
      aws-sdk-core (~> 3, >= 3.165.0)
      aws-sigv4 (~> 1.1)
    aws-sdk-cloudhsmv2 (1.44.0)
      aws-sdk-core (~> 3, >= 3.165.0)
      aws-sigv4 (~> 1.1)
    aws-sdk-cloudsearch (1.42.0)
      aws-sdk-core (~> 3, >= 3.165.0)
      aws-sigv4 (~> 1.1)
    aws-sdk-cloudsearchdomain (1.34.1)
      aws-sdk-core (~> 3, >= 3.165.0)
      aws-sigv4 (~> 1.1)
    aws-sdk-cloudtrail (1.59.0)
      aws-sdk-core (~> 3, >= 3.165.0)
      aws-sigv4 (~> 1.1)
    aws-sdk-cloudtraildata (1.0.0)
      aws-sdk-core (~> 3, >= 3.165.0)
      aws-sigv4 (~> 1.1)
    aws-sdk-cloudwatch (1.73.0)
      aws-sdk-core (~> 3, >= 3.165.0)
      aws-sigv4 (~> 1.1)
    aws-sdk-cloudwatchevents (1.59.0)
      aws-sdk-core (~> 3, >= 3.165.0)
      aws-sigv4 (~> 1.1)
    aws-sdk-cloudwatchevidently (1.12.0)
      aws-sdk-core (~> 3, >= 3.165.0)
      aws-sigv4 (~> 1.1)
    aws-sdk-cloudwatchlogs (1.62.0)
      aws-sdk-core (~> 3, >= 3.165.0)
      aws-sigv4 (~> 1.1)
    aws-sdk-cloudwatchrum (1.9.0)
      aws-sdk-core (~> 3, >= 3.165.0)
      aws-sigv4 (~> 1.1)
    aws-sdk-codeartifact (1.27.0)
      aws-sdk-core (~> 3, >= 3.165.0)
      aws-sigv4 (~> 1.1)
    aws-sdk-codebuild (1.90.0)
      aws-sdk-core (~> 3, >= 3.165.0)
      aws-sigv4 (~> 1.1)
    aws-sdk-codecatalyst (1.4.0)
      aws-sdk-core (~> 3, >= 3.165.0)
    aws-sdk-codecommit (1.53.0)
      aws-sdk-core (~> 3, >= 3.165.0)
      aws-sigv4 (~> 1.1)
    aws-sdk-codedeploy (1.52.0)
      aws-sdk-core (~> 3, >= 3.165.0)
      aws-sigv4 (~> 1.1)
    aws-sdk-codeguruprofiler (1.26.0)
      aws-sdk-core (~> 3, >= 3.165.0)
      aws-sigv4 (~> 1.1)
    aws-sdk-codegurureviewer (1.35.0)
      aws-sdk-core (~> 3, >= 3.165.0)
      aws-sigv4 (~> 1.1)
    aws-sdk-codepipeline (1.55.0)
      aws-sdk-core (~> 3, >= 3.165.0)
      aws-sigv4 (~> 1.1)
    aws-sdk-codestar (1.40.0)
      aws-sdk-core (~> 3, >= 3.165.0)
      aws-sigv4 (~> 1.1)
    aws-sdk-codestarconnections (1.26.0)
      aws-sdk-core (~> 3, >= 3.165.0)
      aws-sigv4 (~> 1.1)
    aws-sdk-codestarnotifications (1.22.0)
      aws-sdk-core (~> 3, >= 3.165.0)
      aws-sigv4 (~> 1.1)
    aws-sdk-cognitoidentity (1.42.0)
      aws-sdk-core (~> 3, >= 3.165.0)
      aws-sigv4 (~> 1.1)
    aws-sdk-cognitoidentityprovider (1.73.0)
      aws-sdk-core (~> 3, >= 3.165.0)
      aws-sigv4 (~> 1.1)
    aws-sdk-cognitosync (1.38.0)
      aws-sdk-core (~> 3, >= 3.165.0)
      aws-sigv4 (~> 1.1)
    aws-sdk-comprehend (1.68.0)
      aws-sdk-core (~> 3, >= 3.165.0)
      aws-sigv4 (~> 1.1)
    aws-sdk-comprehendmedical (1.39.0)
      aws-sdk-core (~> 3, >= 3.165.0)
      aws-sigv4 (~> 1.1)
    aws-sdk-computeoptimizer (1.41.0)
      aws-sdk-core (~> 3, >= 3.165.0)
      aws-sigv4 (~> 1.1)
    aws-sdk-configservice (1.90.0)
      aws-sdk-core (~> 3, >= 3.165.0)
      aws-sigv4 (~> 1.1)
    aws-sdk-connect (1.107.0)
      aws-sdk-core (~> 3, >= 3.165.0)
      aws-sigv4 (~> 1.1)
    aws-sdk-connectcampaignservice (1.3.0)
      aws-sdk-core (~> 3, >= 3.165.0)
      aws-sigv4 (~> 1.1)
    aws-sdk-connectcases (1.5.0)
      aws-sdk-core (~> 3, >= 3.165.0)
      aws-sigv4 (~> 1.1)
    aws-sdk-connectcontactlens (1.13.0)
      aws-sdk-core (~> 3, >= 3.165.0)
      aws-sigv4 (~> 1.1)
    aws-sdk-connectparticipant (1.29.0)
      aws-sdk-core (~> 3, >= 3.165.0)
      aws-sigv4 (~> 1.1)
    aws-sdk-connectwisdomservice (1.13.0)
      aws-sdk-core (~> 3, >= 3.165.0)
      aws-sigv4 (~> 1.1)
    aws-sdk-controltower (1.2.0)
      aws-sdk-core (~> 3, >= 3.165.0)
      aws-sigv4 (~> 1.1)
    aws-sdk-core (3.173.0)
      aws-eventstream (~> 1, >= 1.0.2)
      aws-partitions (~> 1, >= 1.651.0)
      aws-sigv4 (~> 1.5)
      jmespath (~> 1, >= 1.6.1)
    aws-sdk-costandusagereportservice (1.43.0)
      aws-sdk-core (~> 3, >= 3.165.0)
      aws-sigv4 (~> 1.1)
    aws-sdk-costexplorer (1.83.0)
      aws-sdk-core (~> 3, >= 3.165.0)
      aws-sigv4 (~> 1.1)
    aws-sdk-customerprofiles (1.27.0)
      aws-sdk-core (~> 3, >= 3.165.0)
      aws-sigv4 (~> 1.1)
    aws-sdk-databasemigrationservice (1.77.0)
      aws-sdk-core (~> 3, >= 3.165.0)
      aws-sigv4 (~> 1.1)
    aws-sdk-dataexchange (1.33.0)
      aws-sdk-core (~> 3, >= 3.165.0)
      aws-sigv4 (~> 1.1)
    aws-sdk-datapipeline (1.38.0)
      aws-sdk-core (~> 3, >= 3.165.0)
      aws-sigv4 (~> 1.1)
    aws-sdk-datasync (1.56.0)
      aws-sdk-core (~> 3, >= 3.165.0)
      aws-sigv4 (~> 1.1)
    aws-sdk-dax (1.41.0)
      aws-sdk-core (~> 3, >= 3.165.0)
      aws-sigv4 (~> 1.1)
    aws-sdk-detective (1.33.0)
      aws-sdk-core (~> 3, >= 3.165.0)
      aws-sigv4 (~> 1.1)
    aws-sdk-devicefarm (1.54.0)
      aws-sdk-core (~> 3, >= 3.165.0)
      aws-sigv4 (~> 1.1)
    aws-sdk-devopsguru (1.30.0)
      aws-sdk-core (~> 3, >= 3.165.0)
      aws-sigv4 (~> 1.1)
    aws-sdk-directconnect (1.59.0)
      aws-sdk-core (~> 3, >= 3.165.0)
      aws-sigv4 (~> 1.1)
    aws-sdk-directoryservice (1.54.0)
      aws-sdk-core (~> 3, >= 3.165.0)
      aws-sigv4 (~> 1.1)
    aws-sdk-dlm (1.56.0)
      aws-sdk-core (~> 3, >= 3.165.0)
      aws-sigv4 (~> 1.1)
    aws-sdk-docdb (1.47.0)
      aws-sdk-core (~> 3, >= 3.165.0)
      aws-sigv4 (~> 1.1)
    aws-sdk-docdbelastic (1.1.0)
      aws-sdk-core (~> 3, >= 3.165.0)
      aws-sigv4 (~> 1.1)
    aws-sdk-drs (1.13.0)
      aws-sdk-core (~> 3, >= 3.165.0)
      aws-sigv4 (~> 1.1)
    aws-sdk-dynamodb (1.84.0)
      aws-sdk-core (~> 3, >= 3.165.0)
      aws-sigv4 (~> 1.1)
    aws-sdk-dynamodbstreams (1.43.0)
      aws-sdk-core (~> 3, >= 3.165.0)
      aws-sigv4 (~> 1.1)
    aws-sdk-ebs (1.28.0)
      aws-sdk-core (~> 3, >= 3.165.0)
      aws-sigv4 (~> 1.1)
    aws-sdk-ec2 (1.380.0)
      aws-sdk-core (~> 3, >= 3.165.0)
      aws-sigv4 (~> 1.1)
    aws-sdk-ec2instanceconnect (1.27.0)
      aws-sdk-core (~> 3, >= 3.165.0)
      aws-sigv4 (~> 1.1)
    aws-sdk-ecr (1.58.0)
      aws-sdk-core (~> 3, >= 3.165.0)
      aws-sigv4 (~> 1.1)
    aws-sdk-ecrpublic (1.16.0)
      aws-sdk-core (~> 3, >= 3.165.0)
      aws-sigv4 (~> 1.1)
    aws-sdk-ecs (1.119.0)
      aws-sdk-core (~> 3, >= 3.165.0)
      aws-sigv4 (~> 1.1)
    aws-sdk-efs (1.60.0)
      aws-sdk-core (~> 3, >= 3.165.0)
      aws-sigv4 (~> 1.1)
    aws-sdk-eks (1.83.0)
      aws-sdk-core (~> 3, >= 3.165.0)
      aws-sigv4 (~> 1.1)
    aws-sdk-elasticache (1.85.0)
      aws-sdk-core (~> 3, >= 3.165.0)
      aws-sigv4 (~> 1.1)
    aws-sdk-elasticbeanstalk (1.54.0)
      aws-sdk-core (~> 3, >= 3.165.0)
      aws-sigv4 (~> 1.1)
    aws-sdk-elasticinference (1.25.0)
      aws-sdk-core (~> 3, >= 3.165.0)
      aws-sigv4 (~> 1.1)
    aws-sdk-elasticloadbalancing (1.42.0)
      aws-sdk-core (~> 3, >= 3.165.0)
      aws-sigv4 (~> 1.1)
    aws-sdk-elasticloadbalancingv2 (1.84.0)
      aws-sdk-core (~> 3, >= 3.165.0)
      aws-sigv4 (~> 1.1)
    aws-sdk-elasticsearchservice (1.70.0)
      aws-sdk-core (~> 3, >= 3.165.0)
      aws-sigv4 (~> 1.1)
    aws-sdk-elastictranscoder (1.40.0)
      aws-sdk-core (~> 3, >= 3.165.0)
      aws-sigv4 (~> 1.1)
    aws-sdk-emr (1.68.0)
      aws-sdk-core (~> 3, >= 3.165.0)
      aws-sigv4 (~> 1.1)
    aws-sdk-emrcontainers (1.20.0)
      aws-sdk-core (~> 3, >= 3.165.0)
      aws-sigv4 (~> 1.1)
    aws-sdk-emrserverless (1.7.0)
      aws-sdk-core (~> 3, >= 3.165.0)
      aws-sigv4 (~> 1.1)
    aws-sdk-eventbridge (1.43.0)
      aws-sdk-core (~> 3, >= 3.165.0)
      aws-sigv4 (~> 1.1)
    aws-sdk-finspace (1.13.0)
      aws-sdk-core (~> 3, >= 3.165.0)
      aws-sigv4 (~> 1.1)
    aws-sdk-finspacedata (1.19.0)
      aws-sdk-core (~> 3, >= 3.165.0)
      aws-sigv4 (~> 1.1)
    aws-sdk-firehose (1.51.0)
      aws-sdk-core (~> 3, >= 3.165.0)
      aws-sigv4 (~> 1.1)
    aws-sdk-fis (1.16.0)
      aws-sdk-core (~> 3, >= 3.165.0)
      aws-sigv4 (~> 1.1)
    aws-sdk-fms (1.56.0)
      aws-sdk-core (~> 3, >= 3.165.0)
      aws-sigv4 (~> 1.1)
    aws-sdk-forecastqueryservice (1.24.0)
      aws-sdk-core (~> 3, >= 3.165.0)
      aws-sigv4 (~> 1.1)
    aws-sdk-forecastservice (1.40.0)
      aws-sdk-core (~> 3, >= 3.165.0)
      aws-sigv4 (~> 1.1)
    aws-sdk-frauddetector (1.39.0)
      aws-sdk-core (~> 3, >= 3.165.0)
      aws-sigv4 (~> 1.1)
    aws-sdk-fsx (1.65.0)
      aws-sdk-core (~> 3, >= 3.165.0)
      aws-sigv4 (~> 1.1)
    aws-sdk-gamelift (1.62.0)
      aws-sdk-core (~> 3, >= 3.165.0)
      aws-sigv4 (~> 1.1)
    aws-sdk-gamesparks (1.4.0)
      aws-sdk-core (~> 3, >= 3.165.0)
      aws-sigv4 (~> 1.1)
    aws-sdk-glacier (1.49.0)
      aws-sdk-core (~> 3, >= 3.165.0)
      aws-sigv4 (~> 1.1)
    aws-sdk-globalaccelerator (1.43.0)
      aws-sdk-core (~> 3, >= 3.165.0)
      aws-sigv4 (~> 1.1)
    aws-sdk-glue (1.137.0)
      aws-sdk-core (~> 3, >= 3.165.0)
      aws-sigv4 (~> 1.1)
    aws-sdk-gluedatabrew (1.25.0)
      aws-sdk-core (~> 3, >= 3.165.0)
      aws-sigv4 (~> 1.1)
    aws-sdk-greengrass (1.53.0)
      aws-sdk-core (~> 3, >= 3.165.0)
      aws-sigv4 (~> 1.1)
    aws-sdk-greengrassv2 (1.25.0)
      aws-sdk-core (~> 3, >= 3.165.0)
      aws-sigv4 (~> 1.1)
    aws-sdk-groundstation (1.33.0)
      aws-sdk-core (~> 3, >= 3.165.0)
      aws-sigv4 (~> 1.1)
    aws-sdk-guardduty (1.70.0)
      aws-sdk-core (~> 3, >= 3.165.0)
      aws-sigv4 (~> 1.1)
    aws-sdk-health (1.50.0)
      aws-sdk-core (~> 3, >= 3.165.0)
      aws-sigv4 (~> 1.1)
    aws-sdk-healthlake (1.15.0)
      aws-sdk-core (~> 3, >= 3.165.0)
      aws-sigv4 (~> 1.1)
    aws-sdk-honeycode (1.19.0)
      aws-sdk-core (~> 3, >= 3.165.0)
      aws-sigv4 (~> 1.1)
    aws-sdk-iam (1.77.0)
      aws-sdk-core (~> 3, >= 3.165.0)
      aws-sigv4 (~> 1.1)
    aws-sdk-identitystore (1.24.0)
      aws-sdk-core (~> 3, >= 3.165.0)
      aws-sigv4 (~> 1.1)
    aws-sdk-imagebuilder (1.45.0)
      aws-sdk-core (~> 3, >= 3.165.0)
      aws-sigv4 (~> 1.1)
    aws-sdk-importexport (1.36.1)
      aws-sdk-core (~> 3, >= 3.165.0)
      aws-sigv2 (~> 1.0)
    aws-sdk-inspector (1.45.0)
      aws-sdk-core (~> 3, >= 3.165.0)
      aws-sigv4 (~> 1.1)
    aws-sdk-inspector2 (1.12.0)
      aws-sdk-core (~> 3, >= 3.165.0)
      aws-sigv4 (~> 1.1)
    aws-sdk-internetmonitor (1.2.0)
      aws-sdk-core (~> 3, >= 3.165.0)
      aws-sigv4 (~> 1.1)
    aws-sdk-iot (1.104.0)
      aws-sdk-core (~> 3, >= 3.165.0)
      aws-sigv4 (~> 1.1)
    aws-sdk-iot1clickdevicesservice (1.39.0)
      aws-sdk-core (~> 3, >= 3.165.0)
      aws-sigv4 (~> 1.1)
    aws-sdk-iot1clickprojects (1.39.0)
      aws-sdk-core (~> 3, >= 3.165.0)
      aws-sigv4 (~> 1.1)
    aws-sdk-iotanalytics (1.51.0)
      aws-sdk-core (~> 3, >= 3.165.0)
      aws-sigv4 (~> 1.1)
    aws-sdk-iotdataplane (1.44.0)
      aws-sdk-core (~> 3, >= 3.165.0)
      aws-sigv4 (~> 1.1)
    aws-sdk-iotdeviceadvisor (1.19.0)
      aws-sdk-core (~> 3, >= 3.165.0)
      aws-sigv4 (~> 1.1)
    aws-sdk-iotevents (1.35.0)
      aws-sdk-core (~> 3, >= 3.165.0)
      aws-sigv4 (~> 1.1)
    aws-sdk-ioteventsdata (1.29.0)
      aws-sdk-core (~> 3, >= 3.165.0)
      aws-sigv4 (~> 1.1)
    aws-sdk-iotfleethub (1.13.0)
      aws-sdk-core (~> 3, >= 3.165.0)
      aws-sigv4 (~> 1.1)
    aws-sdk-iotfleetwise (1.7.0)
      aws-sdk-core (~> 3, >= 3.165.0)
      aws-sigv4 (~> 1.1)
    aws-sdk-iotjobsdataplane (1.38.0)
      aws-sdk-core (~> 3, >= 3.165.0)
      aws-sigv4 (~> 1.1)
    aws-sdk-iotroborunner (1.1.0)
      aws-sdk-core (~> 3, >= 3.165.0)
      aws-sigv4 (~> 1.1)
    aws-sdk-iotsecuretunneling (1.23.0)
      aws-sdk-core (~> 3, >= 3.165.0)
      aws-sigv4 (~> 1.1)
    aws-sdk-iotsitewise (1.50.0)
      aws-sdk-core (~> 3, >= 3.165.0)
      aws-sigv4 (~> 1.1)
    aws-sdk-iotthingsgraph (1.26.0)
      aws-sdk-core (~> 3, >= 3.165.0)
      aws-sigv4 (~> 1.1)
    aws-sdk-iottwinmaker (1.11.0)
      aws-sdk-core (~> 3, >= 3.165.0)
      aws-sigv4 (~> 1.1)
    aws-sdk-iotwireless (1.32.0)
      aws-sdk-core (~> 3, >= 3.165.0)
      aws-sigv4 (~> 1.1)
    aws-sdk-ivs (1.29.0)
      aws-sdk-core (~> 3, >= 3.165.0)
      aws-sigv4 (~> 1.1)
    aws-sdk-ivschat (1.9.0)
      aws-sdk-core (~> 3, >= 3.165.0)
      aws-sigv4 (~> 1.1)
    aws-sdk-ivsrealtime (1.2.0)
      aws-sdk-core (~> 3, >= 3.165.0)
      aws-sigv4 (~> 1.1)
    aws-sdk-kafka (1.56.0)
      aws-sdk-core (~> 3, >= 3.165.0)
      aws-sigv4 (~> 1.1)
    aws-sdk-kafkaconnect (1.9.0)
      aws-sdk-core (~> 3, >= 3.165.0)
      aws-sigv4 (~> 1.1)
    aws-sdk-kendra (1.65.0)
      aws-sdk-core (~> 3, >= 3.165.0)
      aws-sigv4 (~> 1.1)
    aws-sdk-kendraranking (1.1.0)
      aws-sdk-core (~> 3, >= 3.165.0)
      aws-sigv4 (~> 1.1)
    aws-sdk-keyspaces (1.6.0)
      aws-sdk-core (~> 3, >= 3.165.0)
      aws-sigv4 (~> 1.1)
    aws-sdk-kinesis (1.45.0)
      aws-sdk-core (~> 3, >= 3.165.0)
      aws-sigv4 (~> 1.1)
    aws-sdk-kinesisanalytics (1.42.0)
      aws-sdk-core (~> 3, >= 3.165.0)
      aws-sigv4 (~> 1.1)
    aws-sdk-kinesisanalyticsv2 (1.43.0)
      aws-sdk-core (~> 3, >= 3.165.0)
      aws-sigv4 (~> 1.1)
    aws-sdk-kinesisvideo (1.46.0)
      aws-sdk-core (~> 3, >= 3.165.0)
      aws-sigv4 (~> 1.1)
    aws-sdk-kinesisvideoarchivedmedia (1.46.0)
      aws-sdk-core (~> 3, >= 3.165.0)
      aws-sigv4 (~> 1.1)
    aws-sdk-kinesisvideomedia (1.39.0)
      aws-sdk-core (~> 3, >= 3.165.0)
      aws-sigv4 (~> 1.1)
    aws-sdk-kinesisvideosignalingchannels (1.21.0)
      aws-sdk-core (~> 3, >= 3.165.0)
      aws-sigv4 (~> 1.1)
    aws-sdk-kinesisvideowebrtcstorage (1.2.0)
      aws-sdk-core (~> 3, >= 3.165.0)
      aws-sigv4 (~> 1.1)
    aws-sdk-kms (1.64.0)
      aws-sdk-core (~> 3, >= 3.165.0)
      aws-sigv4 (~> 1.1)
    aws-sdk-lakeformation (1.34.0)
      aws-sdk-core (~> 3, >= 3.165.0)
      aws-sigv4 (~> 1.1)
    aws-sdk-lambda (1.96.0)
      aws-sdk-core (~> 3, >= 3.165.0)
      aws-sigv4 (~> 1.1)
    aws-sdk-lambdapreview (1.36.1)
      aws-sdk-core (~> 3, >= 3.165.0)
      aws-sigv4 (~> 1.1)
    aws-sdk-lex (1.47.0)
      aws-sdk-core (~> 3, >= 3.165.0)
      aws-sigv4 (~> 1.1)
    aws-sdk-lexmodelbuildingservice (1.59.0)
      aws-sdk-core (~> 3, >= 3.165.0)
      aws-sigv4 (~> 1.1)
    aws-sdk-lexmodelsv2 (1.32.0)
      aws-sdk-core (~> 3, >= 3.165.0)
      aws-sigv4 (~> 1.1)
    aws-sdk-lexruntimev2 (1.19.0)
      aws-sdk-core (~> 3, >= 3.165.0)
      aws-sigv4 (~> 1.1)
    aws-sdk-licensemanager (1.44.0)
      aws-sdk-core (~> 3, >= 3.165.0)
      aws-sigv4 (~> 1.1)
    aws-sdk-licensemanagerlinuxsubscriptions (1.1.0)
      aws-sdk-core (~> 3, >= 3.165.0)
      aws-sigv4 (~> 1.1)
    aws-sdk-licensemanagerusersubscriptions (1.3.0)
      aws-sdk-core (~> 3, >= 3.165.0)
      aws-sigv4 (~> 1.1)
    aws-sdk-lightsail (1.75.0)
      aws-sdk-core (~> 3, >= 3.165.0)
      aws-sigv4 (~> 1.1)
    aws-sdk-locationservice (1.30.0)
      aws-sdk-core (~> 3, >= 3.165.0)
      aws-sigv4 (~> 1.1)
    aws-sdk-lookoutequipment (1.16.0)
      aws-sdk-core (~> 3, >= 3.165.0)
      aws-sigv4 (~> 1.1)
    aws-sdk-lookoutforvision (1.19.0)
      aws-sdk-core (~> 3, >= 3.165.0)
      aws-sigv4 (~> 1.1)
    aws-sdk-lookoutmetrics (1.24.0)
      aws-sdk-core (~> 3, >= 3.165.0)
      aws-sigv4 (~> 1.1)
    aws-sdk-machinelearning (1.39.0)
      aws-sdk-core (~> 3, >= 3.165.0)
      aws-sigv4 (~> 1.1)
    aws-sdk-macie (1.40.0)
      aws-sdk-core (~> 3, >= 3.165.0)
      aws-sigv4 (~> 1.1)
    aws-sdk-macie2 (1.53.0)
      aws-sdk-core (~> 3, >= 3.165.0)
      aws-sigv4 (~> 1.1)
    aws-sdk-mainframemodernization (1.4.0)
      aws-sdk-core (~> 3, >= 3.165.0)
      aws-sigv4 (~> 1.1)
    aws-sdk-managedblockchain (1.38.0)
      aws-sdk-core (~> 3, >= 3.165.0)
      aws-sigv4 (~> 1.1)
    aws-sdk-managedgrafana (1.14.0)
      aws-sdk-core (~> 3, >= 3.165.0)
      aws-sigv4 (~> 1.1)
    aws-sdk-marketplacecatalog (1.27.0)
      aws-sdk-core (~> 3, >= 3.165.0)
      aws-sigv4 (~> 1.1)
    aws-sdk-marketplacecommerceanalytics (1.43.0)
      aws-sdk-core (~> 3, >= 3.165.0)
      aws-sigv4 (~> 1.1)
    aws-sdk-marketplaceentitlementservice (1.37.0)
      aws-sdk-core (~> 3, >= 3.165.0)
      aws-sigv4 (~> 1.1)
    aws-sdk-marketplacemetering (1.46.0)
      aws-sdk-core (~> 3, >= 3.165.0)
      aws-sigv4 (~> 1.1)
    aws-sdk-mediaconnect (1.48.0)
      aws-sdk-core (~> 3, >= 3.165.0)
      aws-sigv4 (~> 1.1)
    aws-sdk-mediaconvert (1.106.0)
      aws-sdk-core (~> 3, >= 3.165.0)
      aws-sigv4 (~> 1.1)
    aws-sdk-medialive (1.98.0)
      aws-sdk-core (~> 3, >= 3.165.0)
      aws-sigv4 (~> 1.1)
    aws-sdk-mediapackage (1.59.0)
      aws-sdk-core (~> 3, >= 3.165.0)
      aws-sigv4 (~> 1.1)
    aws-sdk-mediapackagev2 (1.0.0)
      aws-sdk-core (~> 3, >= 3.165.0)
      aws-sigv4 (~> 1.1)
    aws-sdk-mediapackagevod (1.42.0)
      aws-sdk-core (~> 3, >= 3.165.0)
      aws-sigv4 (~> 1.1)
    aws-sdk-mediastore (1.43.0)
      aws-sdk-core (~> 3, >= 3.165.0)
      aws-sigv4 (~> 1.1)
    aws-sdk-mediastoredata (1.40.0)
      aws-sdk-core (~> 3, >= 3.165.0)
      aws-sigv4 (~> 1.1)
    aws-sdk-mediatailor (1.61.0)
      aws-sdk-core (~> 3, >= 3.165.0)
      aws-sigv4 (~> 1.1)
    aws-sdk-memorydb (1.12.0)
      aws-sdk-core (~> 3, >= 3.165.0)
      aws-sigv4 (~> 1.1)
    aws-sdk-mgn (1.18.0)
      aws-sdk-core (~> 3, >= 3.165.0)
      aws-sigv4 (~> 1.1)
    aws-sdk-migrationhub (1.42.0)
      aws-sdk-core (~> 3, >= 3.165.0)
      aws-sigv4 (~> 1.1)
    aws-sdk-migrationhubconfig (1.22.0)
      aws-sdk-core (~> 3, >= 3.165.0)
      aws-sigv4 (~> 1.1)
    aws-sdk-migrationhuborchestrator (1.2.0)
      aws-sdk-core (~> 3, >= 3.165.0)
      aws-sigv4 (~> 1.1)
    aws-sdk-migrationhubrefactorspaces (1.12.0)
      aws-sdk-core (~> 3, >= 3.165.0)
      aws-sigv4 (~> 1.1)
    aws-sdk-migrationhubstrategyrecommendations (1.9.0)
      aws-sdk-core (~> 3, >= 3.165.0)
      aws-sigv4 (~> 1.1)
    aws-sdk-mobile (1.37.0)
      aws-sdk-core (~> 3, >= 3.165.0)
      aws-sigv4 (~> 1.1)
    aws-sdk-mq (1.49.0)
      aws-sdk-core (~> 3, >= 3.165.0)
      aws-sigv4 (~> 1.1)
    aws-sdk-mturk (1.42.0)
      aws-sdk-core (~> 3, >= 3.165.0)
      aws-sigv4 (~> 1.1)
    aws-sdk-mwaa (1.20.0)
      aws-sdk-core (~> 3, >= 3.165.0)
      aws-sigv4 (~> 1.1)
    aws-sdk-neptune (1.50.0)
      aws-sdk-core (~> 3, >= 3.165.0)
      aws-sigv4 (~> 1.1)
    aws-sdk-networkfirewall (1.28.0)
      aws-sdk-core (~> 3, >= 3.165.0)
      aws-sigv4 (~> 1.1)
    aws-sdk-networkmanager (1.30.0)
      aws-sdk-core (~> 3, >= 3.165.0)
      aws-sigv4 (~> 1.1)
    aws-sdk-nimblestudio (1.18.0)
      aws-sdk-core (~> 3, >= 3.165.0)
      aws-sigv4 (~> 1.1)
    aws-sdk-oam (1.1.0)
      aws-sdk-core (~> 3, >= 3.165.0)
      aws-sigv4 (~> 1.1)
    aws-sdk-omics (1.4.0)
      aws-sdk-core (~> 3, >= 3.165.0)
      aws-sigv4 (~> 1.1)
    aws-sdk-opensearchserverless (1.2.0)
      aws-sdk-core (~> 3, >= 3.165.0)
      aws-sigv4 (~> 1.1)
    aws-sdk-opensearchservice (1.20.0)
      aws-sdk-core (~> 3, >= 3.165.0)
      aws-sigv4 (~> 1.1)
    aws-sdk-opsworks (1.43.0)
      aws-sdk-core (~> 3, >= 3.165.0)
      aws-sigv4 (~> 1.1)
    aws-sdk-opsworkscm (1.54.0)
      aws-sdk-core (~> 3, >= 3.165.0)
      aws-sigv4 (~> 1.1)
    aws-sdk-organizations (1.74.0)
      aws-sdk-core (~> 3, >= 3.165.0)
      aws-sigv4 (~> 1.1)
    aws-sdk-osis (1.1.0)
      aws-sdk-core (~> 3, >= 3.165.0)
      aws-sigv4 (~> 1.1)
    aws-sdk-outposts (1.42.0)
      aws-sdk-core (~> 3, >= 3.165.0)
      aws-sigv4 (~> 1.1)
    aws-sdk-panorama (1.12.0)
      aws-sdk-core (~> 3, >= 3.165.0)
      aws-sigv4 (~> 1.1)
    aws-sdk-personalize (1.46.0)
      aws-sdk-core (~> 3, >= 3.165.0)
      aws-sigv4 (~> 1.1)
    aws-sdk-personalizeevents (1.30.0)
      aws-sdk-core (~> 3, >= 3.165.0)
      aws-sigv4 (~> 1.1)
    aws-sdk-personalizeruntime (1.35.0)
      aws-sdk-core (~> 3, >= 3.165.0)
      aws-sigv4 (~> 1.1)
    aws-sdk-pi (1.43.0)
      aws-sdk-core (~> 3, >= 3.165.0)
      aws-sigv4 (~> 1.1)
    aws-sdk-pinpoint (1.72.0)
      aws-sdk-core (~> 3, >= 3.165.0)
      aws-sigv4 (~> 1.1)
    aws-sdk-pinpointemail (1.37.0)
      aws-sdk-core (~> 3, >= 3.165.0)
      aws-sigv4 (~> 1.1)
    aws-sdk-pinpointsmsvoice (1.34.0)
      aws-sdk-core (~> 3, >= 3.165.0)
      aws-sigv4 (~> 1.1)
    aws-sdk-pinpointsmsvoicev2 (1.2.0)
      aws-sdk-core (~> 3, >= 3.165.0)
      aws-sigv4 (~> 1.1)
    aws-sdk-pipes (1.3.0)
      aws-sdk-core (~> 3, >= 3.165.0)
      aws-sigv4 (~> 1.1)
    aws-sdk-polly (1.66.0)
      aws-sdk-core (~> 3, >= 3.165.0)
      aws-sigv4 (~> 1.1)
    aws-sdk-pricing (1.43.0)
      aws-sdk-core (~> 3, >= 3.165.0)
      aws-sigv4 (~> 1.1)
    aws-sdk-privatenetworks (1.4.0)
      aws-sdk-core (~> 3, >= 3.165.0)
      aws-sigv4 (~> 1.1)
    aws-sdk-prometheusservice (1.17.0)
      aws-sdk-core (~> 3, >= 3.165.0)
      aws-sigv4 (~> 1.1)
    aws-sdk-proton (1.24.0)
      aws-sdk-core (~> 3, >= 3.165.0)
      aws-sigv4 (~> 1.1)
    aws-sdk-qldb (1.28.0)
      aws-sdk-core (~> 3, >= 3.165.0)
      aws-sigv4 (~> 1.1)
    aws-sdk-qldbsession (1.24.0)
      aws-sdk-core (~> 3, >= 3.165.0)
      aws-sigv4 (~> 1.1)
    aws-sdk-quicksight (1.80.0)
      aws-sdk-core (~> 3, >= 3.165.0)
      aws-sigv4 (~> 1.1)
    aws-sdk-rails (3.7.1)
      aws-record (~> 2)
      aws-sdk-ses (~> 1)
      aws-sdk-sesv2 (~> 1)
      aws-sdk-sqs (~> 1)
      aws-sessionstore-dynamodb (~> 2)
      concurrent-ruby (~> 1)
      railties (>= 5.2.0)
    aws-sdk-ram (1.43.0)
      aws-sdk-core (~> 3, >= 3.165.0)
      aws-sigv4 (~> 1.1)
    aws-sdk-rds (1.179.0)
      aws-sdk-core (~> 3, >= 3.165.0)
      aws-sigv4 (~> 1.1)
    aws-sdk-rdsdataservice (1.40.0)
      aws-sdk-core (~> 3, >= 3.165.0)
      aws-sigv4 (~> 1.1)
    aws-sdk-recyclebin (1.8.0)
      aws-sdk-core (~> 3, >= 3.165.0)
      aws-sigv4 (~> 1.1)
    aws-sdk-redshift (1.91.0)
      aws-sdk-core (~> 3, >= 3.165.0)
      aws-sigv4 (~> 1.1)
    aws-sdk-redshiftdataapiservice (1.26.0)
      aws-sdk-core (~> 3, >= 3.165.0)
      aws-sigv4 (~> 1.1)
    aws-sdk-redshiftserverless (1.7.0)
      aws-sdk-core (~> 3, >= 3.165.0)
      aws-sigv4 (~> 1.1)
    aws-sdk-rekognition (1.79.0)
      aws-sdk-core (~> 3, >= 3.165.0)
      aws-sigv4 (~> 1.1)
    aws-sdk-resiliencehub (1.13.0)
      aws-sdk-core (~> 3, >= 3.165.0)
      aws-sigv4 (~> 1.1)
    aws-sdk-resourceexplorer2 (1.4.0)
      aws-sdk-core (~> 3, >= 3.165.0)
      aws-sigv4 (~> 1.1)
    aws-sdk-resourcegroups (1.48.0)
      aws-sdk-core (~> 3, >= 3.165.0)
      aws-sigv4 (~> 1.1)
    aws-sdk-resourcegroupstaggingapi (1.49.0)
      aws-sdk-core (~> 3, >= 3.165.0)
      aws-sigv4 (~> 1.1)
    aws-sdk-resources (3.164.0)
      aws-sdk-accessanalyzer (~> 1)
      aws-sdk-account (~> 1)
      aws-sdk-acm (~> 1)
      aws-sdk-acmpca (~> 1)
      aws-sdk-alexaforbusiness (~> 1)
      aws-sdk-amplify (~> 1)
      aws-sdk-amplifybackend (~> 1)
      aws-sdk-amplifyuibuilder (~> 1)
      aws-sdk-apigateway (~> 1)
      aws-sdk-apigatewaymanagementapi (~> 1)
      aws-sdk-apigatewayv2 (~> 1)
      aws-sdk-appconfig (~> 1)
      aws-sdk-appconfigdata (~> 1)
      aws-sdk-appflow (~> 1)
      aws-sdk-appintegrationsservice (~> 1)
      aws-sdk-applicationautoscaling (~> 1)
      aws-sdk-applicationcostprofiler (~> 1)
      aws-sdk-applicationdiscoveryservice (~> 1)
      aws-sdk-applicationinsights (~> 1)
      aws-sdk-appmesh (~> 1)
      aws-sdk-appregistry (~> 1)
      aws-sdk-apprunner (~> 1)
      aws-sdk-appstream (~> 1)
      aws-sdk-appsync (~> 1)
      aws-sdk-arczonalshift (~> 1)
      aws-sdk-athena (~> 1)
      aws-sdk-auditmanager (~> 1)
      aws-sdk-augmentedairuntime (~> 1)
      aws-sdk-autoscaling (~> 1)
      aws-sdk-autoscalingplans (~> 1)
      aws-sdk-backup (~> 1)
      aws-sdk-backupgateway (~> 1)
      aws-sdk-backupstorage (~> 1)
      aws-sdk-batch (~> 1)
      aws-sdk-billingconductor (~> 1)
      aws-sdk-braket (~> 1)
      aws-sdk-budgets (~> 1)
      aws-sdk-chime (~> 1)
      aws-sdk-chimesdkidentity (~> 1)
      aws-sdk-chimesdkmediapipelines (~> 1)
      aws-sdk-chimesdkmeetings (~> 1)
      aws-sdk-chimesdkmessaging (~> 1)
      aws-sdk-chimesdkvoice (~> 1)
      aws-sdk-cleanrooms (~> 1)
      aws-sdk-cloud9 (~> 1)
      aws-sdk-cloudcontrolapi (~> 1)
      aws-sdk-clouddirectory (~> 1)
      aws-sdk-cloudformation (~> 1)
      aws-sdk-cloudfront (~> 1)
      aws-sdk-cloudhsm (~> 1)
      aws-sdk-cloudhsmv2 (~> 1)
      aws-sdk-cloudsearch (~> 1)
      aws-sdk-cloudsearchdomain (~> 1)
      aws-sdk-cloudtrail (~> 1)
      aws-sdk-cloudtraildata (~> 1)
      aws-sdk-cloudwatch (~> 1)
      aws-sdk-cloudwatchevents (~> 1)
      aws-sdk-cloudwatchevidently (~> 1)
      aws-sdk-cloudwatchlogs (~> 1)
      aws-sdk-cloudwatchrum (~> 1)
      aws-sdk-codeartifact (~> 1)
      aws-sdk-codebuild (~> 1)
      aws-sdk-codecatalyst (~> 1)
      aws-sdk-codecommit (~> 1)
      aws-sdk-codedeploy (~> 1)
      aws-sdk-codeguruprofiler (~> 1)
      aws-sdk-codegurureviewer (~> 1)
      aws-sdk-codepipeline (~> 1)
      aws-sdk-codestar (~> 1)
      aws-sdk-codestarconnections (~> 1)
      aws-sdk-codestarnotifications (~> 1)
      aws-sdk-cognitoidentity (~> 1)
      aws-sdk-cognitoidentityprovider (~> 1)
      aws-sdk-cognitosync (~> 1)
      aws-sdk-comprehend (~> 1)
      aws-sdk-comprehendmedical (~> 1)
      aws-sdk-computeoptimizer (~> 1)
      aws-sdk-configservice (~> 1)
      aws-sdk-connect (~> 1)
      aws-sdk-connectcampaignservice (~> 1)
      aws-sdk-connectcases (~> 1)
      aws-sdk-connectcontactlens (~> 1)
      aws-sdk-connectparticipant (~> 1)
      aws-sdk-connectwisdomservice (~> 1)
      aws-sdk-controltower (~> 1)
      aws-sdk-costandusagereportservice (~> 1)
      aws-sdk-costexplorer (~> 1)
      aws-sdk-customerprofiles (~> 1)
      aws-sdk-databasemigrationservice (~> 1)
      aws-sdk-dataexchange (~> 1)
      aws-sdk-datapipeline (~> 1)
      aws-sdk-datasync (~> 1)
      aws-sdk-dax (~> 1)
      aws-sdk-detective (~> 1)
      aws-sdk-devicefarm (~> 1)
      aws-sdk-devopsguru (~> 1)
      aws-sdk-directconnect (~> 1)
      aws-sdk-directoryservice (~> 1)
      aws-sdk-dlm (~> 1)
      aws-sdk-docdb (~> 1)
      aws-sdk-docdbelastic (~> 1)
      aws-sdk-drs (~> 1)
      aws-sdk-dynamodb (~> 1)
      aws-sdk-dynamodbstreams (~> 1)
      aws-sdk-ebs (~> 1)
      aws-sdk-ec2 (~> 1)
      aws-sdk-ec2instanceconnect (~> 1)
      aws-sdk-ecr (~> 1)
      aws-sdk-ecrpublic (~> 1)
      aws-sdk-ecs (~> 1)
      aws-sdk-efs (~> 1)
      aws-sdk-eks (~> 1)
      aws-sdk-elasticache (~> 1)
      aws-sdk-elasticbeanstalk (~> 1)
      aws-sdk-elasticinference (~> 1)
      aws-sdk-elasticloadbalancing (~> 1)
      aws-sdk-elasticloadbalancingv2 (~> 1)
      aws-sdk-elasticsearchservice (~> 1)
      aws-sdk-elastictranscoder (~> 1)
      aws-sdk-emr (~> 1)
      aws-sdk-emrcontainers (~> 1)
      aws-sdk-emrserverless (~> 1)
      aws-sdk-eventbridge (~> 1)
      aws-sdk-finspace (~> 1)
      aws-sdk-finspacedata (~> 1)
      aws-sdk-firehose (~> 1)
      aws-sdk-fis (~> 1)
      aws-sdk-fms (~> 1)
      aws-sdk-forecastqueryservice (~> 1)
      aws-sdk-forecastservice (~> 1)
      aws-sdk-frauddetector (~> 1)
      aws-sdk-fsx (~> 1)
      aws-sdk-gamelift (~> 1)
      aws-sdk-gamesparks (~> 1)
      aws-sdk-glacier (~> 1)
      aws-sdk-globalaccelerator (~> 1)
      aws-sdk-glue (~> 1)
      aws-sdk-gluedatabrew (~> 1)
      aws-sdk-greengrass (~> 1)
      aws-sdk-greengrassv2 (~> 1)
      aws-sdk-groundstation (~> 1)
      aws-sdk-guardduty (~> 1)
      aws-sdk-health (~> 1)
      aws-sdk-healthlake (~> 1)
      aws-sdk-honeycode (~> 1)
      aws-sdk-iam (~> 1)
      aws-sdk-identitystore (~> 1)
      aws-sdk-imagebuilder (~> 1)
      aws-sdk-importexport (~> 1)
      aws-sdk-inspector (~> 1)
      aws-sdk-inspector2 (~> 1)
      aws-sdk-internetmonitor (~> 1)
      aws-sdk-iot (~> 1)
      aws-sdk-iot1clickdevicesservice (~> 1)
      aws-sdk-iot1clickprojects (~> 1)
      aws-sdk-iotanalytics (~> 1)
      aws-sdk-iotdataplane (~> 1)
      aws-sdk-iotdeviceadvisor (~> 1)
      aws-sdk-iotevents (~> 1)
      aws-sdk-ioteventsdata (~> 1)
      aws-sdk-iotfleethub (~> 1)
      aws-sdk-iotfleetwise (~> 1)
      aws-sdk-iotjobsdataplane (~> 1)
      aws-sdk-iotroborunner (~> 1)
      aws-sdk-iotsecuretunneling (~> 1)
      aws-sdk-iotsitewise (~> 1)
      aws-sdk-iotthingsgraph (~> 1)
      aws-sdk-iottwinmaker (~> 1)
      aws-sdk-iotwireless (~> 1)
      aws-sdk-ivs (~> 1)
      aws-sdk-ivschat (~> 1)
      aws-sdk-ivsrealtime (~> 1)
      aws-sdk-kafka (~> 1)
      aws-sdk-kafkaconnect (~> 1)
      aws-sdk-kendra (~> 1)
      aws-sdk-kendraranking (~> 1)
      aws-sdk-keyspaces (~> 1)
      aws-sdk-kinesis (~> 1)
      aws-sdk-kinesisanalytics (~> 1)
      aws-sdk-kinesisanalyticsv2 (~> 1)
      aws-sdk-kinesisvideo (~> 1)
      aws-sdk-kinesisvideoarchivedmedia (~> 1)
      aws-sdk-kinesisvideomedia (~> 1)
      aws-sdk-kinesisvideosignalingchannels (~> 1)
      aws-sdk-kinesisvideowebrtcstorage (~> 1)
      aws-sdk-kms (~> 1)
      aws-sdk-lakeformation (~> 1)
      aws-sdk-lambda (~> 1)
      aws-sdk-lambdapreview (~> 1)
      aws-sdk-lex (~> 1)
      aws-sdk-lexmodelbuildingservice (~> 1)
      aws-sdk-lexmodelsv2 (~> 1)
      aws-sdk-lexruntimev2 (~> 1)
      aws-sdk-licensemanager (~> 1)
      aws-sdk-licensemanagerlinuxsubscriptions (~> 1)
      aws-sdk-licensemanagerusersubscriptions (~> 1)
      aws-sdk-lightsail (~> 1)
      aws-sdk-locationservice (~> 1)
      aws-sdk-lookoutequipment (~> 1)
      aws-sdk-lookoutforvision (~> 1)
      aws-sdk-lookoutmetrics (~> 1)
      aws-sdk-machinelearning (~> 1)
      aws-sdk-macie (~> 1)
      aws-sdk-macie2 (~> 1)
      aws-sdk-mainframemodernization (~> 1)
      aws-sdk-managedblockchain (~> 1)
      aws-sdk-managedgrafana (~> 1)
      aws-sdk-marketplacecatalog (~> 1)
      aws-sdk-marketplacecommerceanalytics (~> 1)
      aws-sdk-marketplaceentitlementservice (~> 1)
      aws-sdk-marketplacemetering (~> 1)
      aws-sdk-mediaconnect (~> 1)
      aws-sdk-mediaconvert (~> 1)
      aws-sdk-medialive (~> 1)
      aws-sdk-mediapackage (~> 1)
      aws-sdk-mediapackagev2 (~> 1)
      aws-sdk-mediapackagevod (~> 1)
      aws-sdk-mediastore (~> 1)
      aws-sdk-mediastoredata (~> 1)
      aws-sdk-mediatailor (~> 1)
      aws-sdk-memorydb (~> 1)
      aws-sdk-mgn (~> 1)
      aws-sdk-migrationhub (~> 1)
      aws-sdk-migrationhubconfig (~> 1)
      aws-sdk-migrationhuborchestrator (~> 1)
      aws-sdk-migrationhubrefactorspaces (~> 1)
      aws-sdk-migrationhubstrategyrecommendations (~> 1)
      aws-sdk-mobile (~> 1)
      aws-sdk-mq (~> 1)
      aws-sdk-mturk (~> 1)
      aws-sdk-mwaa (~> 1)
      aws-sdk-neptune (~> 1)
      aws-sdk-networkfirewall (~> 1)
      aws-sdk-networkmanager (~> 1)
      aws-sdk-nimblestudio (~> 1)
      aws-sdk-oam (~> 1)
      aws-sdk-omics (~> 1)
      aws-sdk-opensearchserverless (~> 1)
      aws-sdk-opensearchservice (~> 1)
      aws-sdk-opsworks (~> 1)
      aws-sdk-opsworkscm (~> 1)
      aws-sdk-organizations (~> 1)
      aws-sdk-osis (~> 1)
      aws-sdk-outposts (~> 1)
      aws-sdk-panorama (~> 1)
      aws-sdk-personalize (~> 1)
      aws-sdk-personalizeevents (~> 1)
      aws-sdk-personalizeruntime (~> 1)
      aws-sdk-pi (~> 1)
      aws-sdk-pinpoint (~> 1)
      aws-sdk-pinpointemail (~> 1)
      aws-sdk-pinpointsmsvoice (~> 1)
      aws-sdk-pinpointsmsvoicev2 (~> 1)
      aws-sdk-pipes (~> 1)
      aws-sdk-polly (~> 1)
      aws-sdk-pricing (~> 1)
      aws-sdk-privatenetworks (~> 1)
      aws-sdk-prometheusservice (~> 1)
      aws-sdk-proton (~> 1)
      aws-sdk-qldb (~> 1)
      aws-sdk-qldbsession (~> 1)
      aws-sdk-quicksight (~> 1)
      aws-sdk-ram (~> 1)
      aws-sdk-rds (~> 1)
      aws-sdk-rdsdataservice (~> 1)
      aws-sdk-recyclebin (~> 1)
      aws-sdk-redshift (~> 1)
      aws-sdk-redshiftdataapiservice (~> 1)
      aws-sdk-redshiftserverless (~> 1)
      aws-sdk-rekognition (~> 1)
      aws-sdk-resiliencehub (~> 1)
      aws-sdk-resourceexplorer2 (~> 1)
      aws-sdk-resourcegroups (~> 1)
      aws-sdk-resourcegroupstaggingapi (~> 1)
      aws-sdk-robomaker (~> 1)
      aws-sdk-rolesanywhere (~> 1)
      aws-sdk-route53 (~> 1)
      aws-sdk-route53domains (~> 1)
      aws-sdk-route53recoverycluster (~> 1)
      aws-sdk-route53recoverycontrolconfig (~> 1)
      aws-sdk-route53recoveryreadiness (~> 1)
      aws-sdk-route53resolver (~> 1)
      aws-sdk-s3 (~> 1)
      aws-sdk-s3control (~> 1)
      aws-sdk-s3outposts (~> 1)
      aws-sdk-sagemaker (~> 1)
      aws-sdk-sagemakeredgemanager (~> 1)
      aws-sdk-sagemakerfeaturestoreruntime (~> 1)
      aws-sdk-sagemakergeospatial (~> 1)
      aws-sdk-sagemakermetrics (~> 1)
      aws-sdk-sagemakerruntime (~> 1)
      aws-sdk-savingsplans (~> 1)
      aws-sdk-scheduler (~> 1)
      aws-sdk-schemas (~> 1)
      aws-sdk-secretsmanager (~> 1)
      aws-sdk-securityhub (~> 1)
      aws-sdk-securitylake (~> 1)
      aws-sdk-serverlessapplicationrepository (~> 1)
      aws-sdk-servicecatalog (~> 1)
      aws-sdk-servicediscovery (~> 1)
      aws-sdk-servicequotas (~> 1)
      aws-sdk-ses (~> 1)
      aws-sdk-sesv2 (~> 1)
      aws-sdk-shield (~> 1)
      aws-sdk-signer (~> 1)
      aws-sdk-simpledb (~> 1)
      aws-sdk-simspaceweaver (~> 1)
      aws-sdk-sms (~> 1)
      aws-sdk-snowball (~> 1)
      aws-sdk-snowdevicemanagement (~> 1)
      aws-sdk-sns (~> 1)
      aws-sdk-sqs (~> 1)
      aws-sdk-ssm (~> 1)
      aws-sdk-ssmcontacts (~> 1)
      aws-sdk-ssmincidents (~> 1)
      aws-sdk-ssmsap (~> 1)
      aws-sdk-ssoadmin (~> 1)
      aws-sdk-states (~> 1)
      aws-sdk-storagegateway (~> 1)
      aws-sdk-support (~> 1)
      aws-sdk-supportapp (~> 1)
      aws-sdk-swf (~> 1)
      aws-sdk-synthetics (~> 1)
      aws-sdk-textract (~> 1)
      aws-sdk-timestreamquery (~> 1)
      aws-sdk-timestreamwrite (~> 1)
      aws-sdk-tnb (~> 1)
      aws-sdk-transcribeservice (~> 1)
      aws-sdk-transcribestreamingservice (~> 1)
      aws-sdk-transfer (~> 1)
      aws-sdk-translate (~> 1)
      aws-sdk-voiceid (~> 1)
      aws-sdk-vpclattice (~> 1)
      aws-sdk-waf (~> 1)
      aws-sdk-wafregional (~> 1)
      aws-sdk-wafv2 (~> 1)
      aws-sdk-wellarchitected (~> 1)
      aws-sdk-workdocs (~> 1)
      aws-sdk-worklink (~> 1)
      aws-sdk-workmail (~> 1)
      aws-sdk-workmailmessageflow (~> 1)
      aws-sdk-workspaces (~> 1)
      aws-sdk-workspacesweb (~> 1)
      aws-sdk-xray (~> 1)
    aws-sdk-robomaker (1.53.0)
      aws-sdk-core (~> 3, >= 3.165.0)
      aws-sigv4 (~> 1.1)
    aws-sdk-rolesanywhere (1.3.0)
      aws-sdk-core (~> 3, >= 3.165.0)
      aws-sigv4 (~> 1.1)
    aws-sdk-route53 (1.71.0)
      aws-sdk-core (~> 3, >= 3.165.0)
      aws-sigv4 (~> 1.1)
    aws-sdk-route53domains (1.43.0)
      aws-sdk-core (~> 3, >= 3.165.0)
      aws-sigv4 (~> 1.1)
    aws-sdk-route53recoverycluster (1.13.0)
      aws-sdk-core (~> 3, >= 3.165.0)
      aws-sigv4 (~> 1.1)
    aws-sdk-route53recoverycontrolconfig (1.13.0)
      aws-sdk-core (~> 3, >= 3.165.0)
      aws-sigv4 (~> 1.1)
    aws-sdk-route53recoveryreadiness (1.12.0)
      aws-sdk-core (~> 3, >= 3.165.0)
      aws-sigv4 (~> 1.1)
    aws-sdk-route53resolver (1.41.0)
      aws-sdk-core (~> 3, >= 3.165.0)
      aws-sigv4 (~> 1.1)
    aws-sdk-s3 (1.122.0)
      aws-sdk-core (~> 3, >= 3.165.0)
      aws-sdk-kms (~> 1)
      aws-sigv4 (~> 1.4)
    aws-sdk-s3control (1.63.0)
      aws-sdk-core (~> 3, >= 3.165.0)
      aws-sigv4 (~> 1.1)
    aws-sdk-s3outposts (1.17.0)
      aws-sdk-core (~> 3, >= 3.165.0)
      aws-sigv4 (~> 1.1)
    aws-sdk-sagemaker (1.178.0)
      aws-sdk-core (~> 3, >= 3.165.0)
      aws-sigv4 (~> 1.1)
    aws-sdk-sagemakeredgemanager (1.14.0)
      aws-sdk-core (~> 3, >= 3.165.0)
      aws-sigv4 (~> 1.1)
    aws-sdk-sagemakerfeaturestoreruntime (1.16.0)
      aws-sdk-core (~> 3, >= 3.165.0)
      aws-sigv4 (~> 1.1)
    aws-sdk-sagemakergeospatial (1.3.0)
      aws-sdk-core (~> 3, >= 3.165.0)
      aws-sigv4 (~> 1.1)
    aws-sdk-sagemakermetrics (1.2.0)
      aws-sdk-core (~> 3, >= 3.165.0)
      aws-sigv4 (~> 1.1)
    aws-sdk-sagemakerruntime (1.49.0)
      aws-sdk-core (~> 3, >= 3.165.0)
      aws-sigv4 (~> 1.1)
    aws-sdk-savingsplans (1.28.0)
      aws-sdk-core (~> 3, >= 3.165.0)
      aws-sigv4 (~> 1.1)
    aws-sdk-scheduler (1.2.0)
      aws-sdk-core (~> 3, >= 3.165.0)
      aws-sigv4 (~> 1.1)
    aws-sdk-schemas (1.25.0)
      aws-sdk-core (~> 3, >= 3.165.0)
      aws-sigv4 (~> 1.1)
    aws-sdk-secretsmanager (1.75.0)
      aws-sdk-core (~> 3, >= 3.165.0)
      aws-sigv4 (~> 1.1)
    aws-sdk-securityhub (1.81.0)
      aws-sdk-core (~> 3, >= 3.165.0)
      aws-sigv4 (~> 1.1)
    aws-sdk-securitylake (1.3.0)
      aws-sdk-core (~> 3, >= 3.165.0)
      aws-sigv4 (~> 1.1)
    aws-sdk-serverlessapplicationrepository (1.46.0)
      aws-sdk-core (~> 3, >= 3.165.0)
      aws-sigv4 (~> 1.1)
    aws-sdk-servicecatalog (1.79.0)
      aws-sdk-core (~> 3, >= 3.165.0)
      aws-sigv4 (~> 1.1)
    aws-sdk-servicediscovery (1.51.0)
      aws-sdk-core (~> 3, >= 3.165.0)
      aws-sigv4 (~> 1.1)
    aws-sdk-servicequotas (1.25.0)
      aws-sdk-core (~> 3, >= 3.165.0)
      aws-sigv4 (~> 1.1)
    aws-sdk-ses (1.49.0)
      aws-sdk-core (~> 3, >= 3.165.0)
      aws-sigv4 (~> 1.1)
    aws-sdk-sesv2 (1.33.0)
      aws-sdk-core (~> 3, >= 3.165.0)
      aws-sigv4 (~> 1.1)
    aws-sdk-shield (1.51.0)
      aws-sdk-core (~> 3, >= 3.165.0)
      aws-sigv4 (~> 1.1)
    aws-sdk-signer (1.40.0)
      aws-sdk-core (~> 3, >= 3.165.0)
      aws-sigv4 (~> 1.1)
    aws-sdk-simpledb (1.36.1)
      aws-sdk-core (~> 3, >= 3.165.0)
      aws-sigv2 (~> 1.0)
    aws-sdk-simspaceweaver (1.2.0)
      aws-sdk-core (~> 3, >= 3.165.0)
      aws-sigv4 (~> 1.1)
    aws-sdk-sms (1.43.0)
      aws-sdk-core (~> 3, >= 3.165.0)
      aws-sigv4 (~> 1.1)
    aws-sdk-snowball (1.54.0)
      aws-sdk-core (~> 3, >= 3.165.0)
      aws-sigv4 (~> 1.1)
    aws-sdk-snowdevicemanagement (1.9.0)
      aws-sdk-core (~> 3, >= 3.165.0)
      aws-sigv4 (~> 1.1)
    aws-sdk-sns (1.60.0)
      aws-sdk-core (~> 3, >= 3.165.0)
      aws-sigv4 (~> 1.1)
    aws-sdk-sqs (1.55.0)
      aws-sdk-core (~> 3, >= 3.165.0)
      aws-sigv4 (~> 1.1)
    aws-sdk-ssm (1.150.0)
      aws-sdk-core (~> 3, >= 3.165.0)
      aws-sigv4 (~> 1.1)
    aws-sdk-ssmcontacts (1.17.0)
      aws-sdk-core (~> 3, >= 3.165.0)
      aws-sigv4 (~> 1.1)
    aws-sdk-ssmincidents (1.22.0)
      aws-sdk-core (~> 3, >= 3.165.0)
      aws-sigv4 (~> 1.1)
    aws-sdk-ssmsap (1.3.0)
      aws-sdk-core (~> 3, >= 3.165.0)
      aws-sigv4 (~> 1.1)
    aws-sdk-ssoadmin (1.23.0)
      aws-sdk-core (~> 3, >= 3.165.0)
      aws-sigv4 (~> 1.1)
    aws-sdk-states (1.52.0)
      aws-sdk-core (~> 3, >= 3.165.0)
      aws-sigv4 (~> 1.1)
    aws-sdk-storagegateway (1.70.0)
      aws-sdk-core (~> 3, >= 3.165.0)
      aws-sigv4 (~> 1.1)
    aws-sdk-support (1.46.0)
      aws-sdk-core (~> 3, >= 3.165.0)
      aws-sigv4 (~> 1.1)
    aws-sdk-supportapp (1.4.0)
      aws-sdk-core (~> 3, >= 3.165.0)
      aws-sigv4 (~> 1.1)
    aws-sdk-swf (1.40.0)
      aws-sdk-core (~> 3, >= 3.165.0)
      aws-sigv4 (~> 1.1)
    aws-sdk-synthetics (1.30.0)
      aws-sdk-core (~> 3, >= 3.165.0)
      aws-sigv4 (~> 1.1)
    aws-sdk-textract (1.45.0)
      aws-sdk-core (~> 3, >= 3.165.0)
      aws-sigv4 (~> 1.1)
    aws-sdk-timestreamquery (1.18.0)
      aws-sdk-core (~> 3, >= 3.165.0)
      aws-sigv4 (~> 1.1)
    aws-sdk-timestreamwrite (1.17.0)
      aws-sdk-core (~> 3, >= 3.165.0)
      aws-sigv4 (~> 1.1)
    aws-sdk-tnb (1.1.0)
      aws-sdk-core (~> 3, >= 3.165.0)
      aws-sigv4 (~> 1.1)
    aws-sdk-transcribeservice (1.82.0)
      aws-sdk-core (~> 3, >= 3.165.0)
      aws-sigv4 (~> 1.1)
    aws-sdk-transcribestreamingservice (1.46.0)
      aws-sdk-core (~> 3, >= 3.165.0)
      aws-sigv4 (~> 1.1)
    aws-sdk-transfer (1.68.0)
      aws-sdk-core (~> 3, >= 3.165.0)
      aws-sigv4 (~> 1.1)
    aws-sdk-translate (1.50.0)
      aws-sdk-core (~> 3, >= 3.165.0)
      aws-sigv4 (~> 1.1)
    aws-sdk-voiceid (1.12.0)
      aws-sdk-core (~> 3, >= 3.165.0)
      aws-sigv4 (~> 1.1)
    aws-sdk-vpclattice (1.1.0)
      aws-sdk-core (~> 3, >= 3.165.0)
      aws-sigv4 (~> 1.1)
    aws-sdk-waf (1.49.0)
      aws-sdk-core (~> 3, >= 3.165.0)
      aws-sigv4 (~> 1.1)
    aws-sdk-wafregional (1.50.0)
      aws-sdk-core (~> 3, >= 3.165.0)
      aws-sigv4 (~> 1.1)
    aws-sdk-wafv2 (1.57.0)
      aws-sdk-core (~> 3, >= 3.165.0)
      aws-sigv4 (~> 1.1)
    aws-sdk-wellarchitected (1.22.0)
      aws-sdk-core (~> 3, >= 3.165.0)
      aws-sigv4 (~> 1.1)
    aws-sdk-workdocs (1.44.0)
      aws-sdk-core (~> 3, >= 3.165.0)
      aws-sigv4 (~> 1.1)
    aws-sdk-worklink (1.35.0)
      aws-sdk-core (~> 3, >= 3.165.0)
      aws-sigv4 (~> 1.1)
    aws-sdk-workmail (1.53.0)
      aws-sdk-core (~> 3, >= 3.165.0)
      aws-sigv4 (~> 1.1)
    aws-sdk-workmailmessageflow (1.23.0)
      aws-sdk-core (~> 3, >= 3.165.0)
      aws-sigv4 (~> 1.1)
    aws-sdk-workspaces (1.80.0)
      aws-sdk-core (~> 3, >= 3.165.0)
      aws-sigv4 (~> 1.1)
    aws-sdk-workspacesweb (1.8.0)
      aws-sdk-core (~> 3, >= 3.165.0)
      aws-sigv4 (~> 1.1)
    aws-sdk-xray (1.52.0)
      aws-sdk-core (~> 3, >= 3.165.0)
      aws-sigv4 (~> 1.1)
    aws-sessionstore-dynamodb (2.0.1)
      aws-sdk-dynamodb (~> 1)
      rack (~> 2)
    aws-sigv2 (1.1.0)
    aws-sigv4 (1.5.2)
      aws-eventstream (~> 1, >= 1.0.2)
    axiom-types (0.1.1)
      descendants_tracker (~> 0.0.4)
      ice_nine (~> 0.11.0)
      thread_safe (~> 0.3, >= 0.3.1)
    azure-storage-common (2.0.4)
      faraday (~> 1.0)
      faraday_middleware (~> 1.0, >= 1.0.0.rc1)
      net-http-persistent (~> 4.0)
      nokogiri (~> 1, >= 1.10.8)
    azure-storage-table (2.0.4)
      azure-storage-common (~> 2.0)
      nokogiri (~> 1, >= 1.10.8)
    babosa (1.0.4)
    backports (3.24.1)
    bcrypt (3.1.18)
    bindata (2.4.15)
    bitters (2.0.4)
      thor (~> 1.0)
    blockenspiel (0.5.0)
    bogo (0.2.16)
      hashie
      multi_json
    bogo-config (0.3.1)
      attribute_struct
      bogo (>= 0.1.4, < 1.0)
      multi_json
      multi_xml
    bogo-ui (0.4.1)
      bogo (~> 0.2)
      command_line_reporter (~> 4.0)
      paint (~> 2.2)
    bootstrap4-kaminari-views (1.0.1)
      kaminari (>= 0.13)
      rails (>= 3.1)
    bosh-core (1.3262.24.0)
      gibberish (~> 1.4.0)
      yajl-ruby (~> 1.2.0)
    bounce_email (0.2.8)
      mail
    braid (1.1.9)
      json
      main (>= 4.7.3)
    browser (5.3.1)
    bson (4.15.0)
    builder (3.2.4)
    bunny (2.6.4)
      amq-protocol (>= 2.0.1)
    byebug (11.1.3)
    cache_digests (0.3.1)
      actionpack (>= 3.2)
      thread_safe
    cairo (1.17.8)
      native-package-installer (>= 1.0.3)
      pkg-config (>= 1.2.2)
      red-colors
    cairo-gobject (4.1.6)
      cairo (>= 1.16.2)
      glib2 (= 4.1.6)
    camertron-eprun (1.1.1)
    capistrano (3.17.2)
      airbrussh (>= 1.0.0)
      i18n
      rake (>= 10.0.0)
      sshkit (>= 1.9.0)
    capistrano-rake (0.2.0)
      capistrano (>= 3.0)
    capybara (3.39.1)
      addressable
      matrix
      mini_mime (>= 0.1.3)
      nokogiri (~> 1.8)
      rack (>= 1.6.0)
      rack-test (>= 0.6.3)
      regexp_parser (>= 1.5, < 3.0)
      xpath (~> 3.2)
    capybara-chromedriver-logger (0.3.0)
      capybara
      colorize
    capybara-slow_finder_errors (0.1.5)
      capybara (~> 3.0)
    carrot-top (0.0.7)
      json
    cassandra-driver (3.2.5)
      ione (~> 1.2)
    castle-rb (7.2.0)
    ceedling (0.30.0)
      constructor (>= 1.0.4)
      rake (>= 12.2.1)
      thor (>= 0.14.5)
    celerity (0.9.2)
    cells (4.1.7)
      declarative-builder (< 0.2.0)
      declarative-option (< 0.2.0)
      tilt (>= 1.4, < 3)
      uber (< 0.2.0)
    cells-haml (0.0.10)
      cells (>= 4.0.1, <= 6.0.0)
      haml (>= 4.1.0.beta.1)
    cequel (3.2.1)
      activemodel (>= 4.0)
      cassandra-driver (~> 3.0)
    cgi (0.3.6)
    chartjs-ror (3.7.0)
      rails (>= 3.1)
    chef-handler-mail (0.1.2)
      pony
    chinese_pinyin (1.1.0)
    choria-mcorpc-support (2.26.2)
      nats-pure (~> 0.6, < 0.7.0)
      systemu (~> 2.6, >= 2.6.4)
    chronic (0.10.2)
    ckeditor_rails (4.17.0)
      railties (>= 3.0)
    claide (1.1.0)
    claide-plugins (0.9.2)
      cork
      nap
      open4 (~> 1.3)
    classy_hash (1.0.0)
    cldr-plurals-runtime-rb (1.1.0)
    cocoapods (1.0.1)
      activesupport (>= 4.0.2)
      claide (>= 1.0.0, < 2.0)
      cocoapods-core (= 1.0.1)
      cocoapods-deintegrate (>= 1.0.0, < 2.0)
      cocoapods-downloader (>= 1.0.0, < 2.0)
      cocoapods-plugins (>= 1.0.0, < 2.0)
      cocoapods-search (>= 1.0.0, < 2.0)
      cocoapods-stats (>= 1.0.0, < 2.0)
      cocoapods-trunk (>= 1.0.0, < 2.0)
      cocoapods-try (>= 1.0.0, < 2.0)
      colored (~> 1.2)
      escape (~> 0.0.4)
      fourflusher (~> 0.3.0)
      molinillo (~> 0.4.5)
      nap (~> 1.0)
      xcodeproj (>= 1.1.0, < 2.0)
    cocoapods-acknowledgements (1.3.0)
      cocoapods
      redcarpet (~> 3.3)
      xcodeproj
    cocoapods-core (1.0.1)
      activesupport (>= 4.0.2)
      fuzzy_match (~> 2.0.4)
      nap (~> 1.0)
    cocoapods-deintegrate (1.0.5)
    cocoapods-downloader (1.6.3)
    cocoapods-plugins (1.0.0)
      nap
    cocoapods-search (1.0.1)
    cocoapods-stats (1.1.0)
    cocoapods-trunk (1.6.0)
      nap (>= 0.8, < 2.0)
      netrc (~> 0.11)
    cocoapods-try (1.2.0)
    coderay (1.1.3)
    coercible (1.0.0)
      descendants_tracker (~> 0.0.1)
    colored (1.2)
    colored2 (3.1.2)
    colorize (0.8.1)
    columns_on_demand (6.0.0)
      activerecord
    command_line_reporter (4.0.3)
      colored (>= 1.2)
    commander (4.6.0)
      highline (~> 2.0.0)
    concord (0.1.6)
      adamantium (~> 0.2.0)
      equalizer (~> 0.0.9)
    concurrent-ruby (1.2.2)
    connection_pool (2.4.1)
    console (1.16.2)
      fiber-local
    constructor (2.0.0)
    cookiejar (0.3.3)
    cool.io (1.7.1)
    coolline (0.5.0)
      unicode_utils (~> 1.4)
    cork (0.3.0)
      colored2 (~> 3.1)
    crack (0.4.5)
      rexml
    crass (1.0.6)
    cri (2.15.11)
    crummy (1.8.0)
    cucumber (8.0.0)
      builder (~> 3.2, >= 3.2.4)
      cucumber-ci-environment (~> 9.0, >= 9.0.4)
      cucumber-core (~> 11.0, >= 11.0.0)
      cucumber-cucumber-expressions (~> 15.1, >= 15.1.1)
      cucumber-gherkin (~> 23.0, >= 23.0.1)
      cucumber-html-formatter (~> 19.1, >= 19.1.0)
      cucumber-messages (~> 18.0, >= 18.0.0)
      diff-lcs (~> 1.5, >= 1.5.0)
      mime-types (~> 3.4, >= 3.4.1)
      multi_test (~> 1.1, >= 1.1.0)
      sys-uname (~> 1.2, >= 1.2.2)
    cucumber-ci-environment (9.2.0)
    cucumber-core (11.0.0)
      cucumber-gherkin (~> 23.0, >= 23.0.1)
      cucumber-messages (~> 18.0, >= 18.0.0)
      cucumber-tag-expressions (~> 4.1, >= 4.1.0)
    cucumber-cucumber-expressions (15.2.0)
    cucumber-gherkin (23.0.1)
      cucumber-messages (~> 18.0, >= 18.0.0)
    cucumber-html-formatter (19.2.0)
      cucumber-messages (~> 18.0, >= 18.0.0)
    cucumber-messages (18.0.0)
    cucumber-tag-expressions (4.1.0)
    cucumber_factory (2.5.0)
      activerecord
      activesupport
      cucumber
      cucumber_priority (>= 0.2.0)
    cucumber_priority (0.3.3)
      cucumber
    currency (0.4.11)
      hoe (>= 1.3.0)
    danger (9.2.0)
      claide (~> 1.0)
      claide-plugins (>= 0.9.2)
      colored2 (~> 3.1)
      cork (~> 0.1)
      faraday (>= 0.9.0, < 3.0)
      faraday-http-cache (~> 2.0)
      git (~> 1.7)
      kramdown (~> 2.3)
      kramdown-parser-gfm (~> 1.0)
      no_proxy_fix
      octokit (~> 5.0)
      terminal-table (>= 1, < 4)
    danger-kotlin_detekt (0.0.3)
      danger-plugin-api (~> 1.0)
    danger-plugin-api (1.0.0)
      danger (> 2.0)
    dapp (0.0.24)
      mixlib-cli (>= 1.0, < 3.0)
      mixlib-shellout (>= 1.0, < 3.0)
    database_consistency (1.7.8)
      activerecord (>= 3.2)
    date (3.3.3)
    ddmetrics (1.0.1)
    ddplugin (1.0.3)
    declarative (0.0.20)
    declarative-builder (0.1.0)
      declarative-option (< 0.2.0)
    declarative-option (0.1.0)
    delayed_job (4.1.11)
      activesupport (>= 3.0, < 8.0)
    delayed_job_active_record (4.1.7)
      activerecord (>= 3.0, < 8.0)
      delayed_job (>= 3.0, < 5)
    delayed_job_recurring (0.3.9)
      delayed_job (>= 3.0)
      delayed_job_active_record
    deprecation (1.1.0)
      activesupport
    descendants_tracker (0.0.4)
      thread_safe (~> 0.3, >= 0.3.1)
    devise (4.9.2)
      bcrypt (~> 3.0)
      orm_adapter (~> 0.1)
      railties (>= 4.1.0)
      responders
      warden (~> 1.2.3)
    devise-pwned_password (0.1.10)
      devise (~> 4)
      pwned (~> 2.0.0)
    devise_zxcvbn (6.0.0)
      devise
      zxcvbn (~> 0.1.7)
    diff-lcs (1.5.0)
    digest-crc (0.6.4)
      rake (>= 12.0.0, < 14.0.0)
    dkim (1.1.0)
    dlegr250_material_design (0.6.11)
    docile (1.4.0)
    domain_name (0.5.20190701)
      unf (>= 0.0.5, < 1.0.0)
    dotenv (2.8.1)
    dry-core (1.0.0)
      concurrent-ruby (~> 1.0)
      zeitwerk (~> 2.6)
    dry-inflector (1.0.0)
    dry-logic (1.5.0)
      concurrent-ruby (~> 1.0)
      dry-core (~> 1.0, < 2)
      zeitwerk (~> 2.6)
    dry-types (1.7.1)
      concurrent-ruby (~> 1.0)
      dry-core (~> 1.0)
      dry-inflector (~> 1.0)
      dry-logic (~> 1.4)
      zeitwerk (~> 2.6)
    dwradcliffe_test_gem_push (0.0.72)
    ejson (1.3.1)
    elastic-app-search (7.10.0)
      jwt (>= 1.5, < 3.0)
    elftools (1.2.0)
      bindata (~> 2)
    em-http-request (1.1.7)
      addressable (>= 2.3.4)
      cookiejar (!= 0.3.1)
      em-socksify (>= 0.3)
      eventmachine (>= 1.0.3)
      http_parser.rb (>= 0.6.0)
    em-socksify (0.3.2)
      eventmachine (>= 1.0.0.beta.4)
    em-synchrony (1.0.6)
      eventmachine (>= 1.0.0.beta.1)
    em_aws (0.3.2)
      aws-sdk (>= 1.9.3)
      em-http-request
      em-synchrony
      hot_tub (~> 0.2.4)
    embulk-output-bigquery (0.6.1)
      google-api-client
      time_with_zone
    emoji_regex (3.2.3)
    engineyard-serverside-adapter (2.5.0)
      escape (~> 0.0.4)
      multi_json (~> 1.6)
    equalizer (0.0.11)
    erb (4.0.2)
      cgi (>= 0.3.3)
    erubi (1.12.0)
    escape (0.0.4)
    ethon (0.16.0)
      ffi (>= 1.15.0)
    eventmachine (1.2.7)
    excon (0.99.0)
    exiftool (1.2.4)
      json
    exiftool_vendored (12.62.0)
      exiftool (>= 0.7.0)
    fake_ftp (0.3.0)
    faraday (1.10.3)
      faraday-em_http (~> 1.0)
      faraday-em_synchrony (~> 1.0)
      faraday-excon (~> 1.1)
      faraday-httpclient (~> 1.0)
      faraday-multipart (~> 1.0)
      faraday-net_http (~> 1.0)
      faraday-net_http_persistent (~> 1.0)
      faraday-patron (~> 1.0)
      faraday-rack (~> 1.0)
      faraday-retry (~> 1.0)
      ruby2_keywords (>= 0.0.4)
    faraday-conductivity (1.0.1)
      faraday (~> 1.0)
    faraday-cookie_jar (0.0.7)
      faraday (>= 0.8.0)
      http-cookie (~> 1.0.0)
    faraday-em_http (1.0.0)
    faraday-em_synchrony (1.0.0)
    faraday-excon (1.1.0)
    faraday-gzip (1.0.0)
      faraday (>= 1.0)
      zlib (~> 2.1)
    faraday-http-cache (2.5.0)
      faraday (>= 0.8)
    faraday-httpclient (1.0.1)
    faraday-multipart (1.0.4)
      multipart-post (~> 2)
    faraday-net_http (1.0.1)
    faraday-net_http_persistent (1.2.0)
    faraday-patron (1.0.0)
    faraday-rack (1.0.0)
    faraday-retry (1.0.3)
    faraday_middleware (1.2.0)
      faraday (~> 1.0)
    faraday_middleware-multi_json (0.0.6)
      faraday_middleware
      multi_json
    fastimage (2.2.6)
    fastlane (2.212.2)
      CFPropertyList (>= 2.3, < 4.0.0)
      addressable (>= 2.8, < 3.0.0)
      artifactory (~> 3.0)
      aws-sdk-s3 (~> 1.0)
      babosa (>= 1.0.3, < 2.0.0)
      bundler (>= 1.12.0, < 3.0.0)
      colored
      commander (~> 4.6)
      dotenv (>= 2.1.1, < 3.0.0)
      emoji_regex (>= 0.1, < 4.0)
      excon (>= 0.71.0, < 1.0.0)
      faraday (~> 1.0)
      faraday-cookie_jar (~> 0.0.6)
      faraday_middleware (~> 1.0)
      fastimage (>= 2.1.0, < 3.0.0)
      gh_inspector (>= 1.1.2, < 2.0.0)
      google-apis-androidpublisher_v3 (~> 0.3)
      google-apis-playcustomapp_v1 (~> 0.1)
      google-cloud-storage (~> 1.31)
      highline (~> 2.0)
      json (< 3.0.0)
      jwt (>= 2.1.0, < 3)
      mini_magick (>= 4.9.4, < 5.0.0)
      multipart-post (~> 2.0.0)
      naturally (~> 2.2)
      optparse (~> 0.1.1)
      plist (>= 3.1.0, < 4.0.0)
      rubyzip (>= 2.0.0, < 3.0.0)
      security (= 0.1.3)
      simctl (~> 1.6.3)
      terminal-notifier (>= 2.0.0, < 3.0.0)
      terminal-table (>= 1.4.5, < 2.0.0)
      tty-screen (>= 0.6.3, < 1.0.0)
      tty-spinner (>= 0.8.0, < 1.0.0)
      word_wrap (~> 1.0.0)
      xcodeproj (>= 1.13.0, < 2.0.0)
      xcpretty (~> 0.3.0)
      xcpretty-travis-formatter (>= 0.0.3)
    fastlane-plugin-emerge (0.5.1)
      faraday (~> 1.1)
    fastlane-plugin-xchtmlreport (0.1.1)
    fattr (2.4.0)
    featurejs_rails (1.0.1.1)
    fedex (3.10.11)
      httparty (>= 0.14.0)
      nokogiri (>= 1.5.6)
    ffi (1.15.5)
    ffi-compiler (1.0.1)
      ffi (>= 1.0.0)
      rake
    ffi-icu (0.5.0)
      ffi (~> 1.0, >= 1.0.9)
    ffprober (1.0)
      sorbet-runtime
    fiber-local (1.0.0)
    fiddle (1.1.1)
    field_test (0.5.5)
      activerecord (>= 5.2)
      browser (>= 2.0)
      railties (>= 5.2)
      rice (>= 4.0.2)
    firebase_token_generator (2.0.0)
    flickraw (0.9.10)
    flipflop (2.7.1)
      activesupport (>= 4.0)
      terminal-table (>= 1.8)
    flot-rails (0.0.7)
      jquery-rails
    fluent-plugin-beats (1.1.0)
      concurrent-ruby (>= 0.9.2, < 2)
      fluentd (>= 0.10.58, < 2)
    fluent-plugin-serialize-nested-json (0.0.4)
      fluentd (>= 0.14.0, < 2)
      yajl-ruby (~> 1.0)
    fluent-plugin-splunkhec (1.4)
      fluentd (>= 0.10.58, < 2)
      yajl (>= 0.3)
    fluentd (1.16.1)
      bundler
      cool.io (>= 1.4.5, < 2.0.0)
      http_parser.rb (>= 0.5.1, < 0.9.0)
      msgpack (>= 1.3.1, < 2.0.0)
      serverengine (>= 2.3.2, < 3.0.0)
      sigdump (~> 0.2.2)
      strptime (>= 0.2.4, < 1.0.0)
      tzinfo (>= 1.0, < 3.0)
      tzinfo-data (~> 1.0)
      webrick (~> 1.4)
      yajl-ruby (~> 1.0)
    fog (0.7.2)
      builder
      excon (>= 0.6.1)
      formatador (>= 0.1.3)
      json
      mime-types
      net-ssh (>= 2.1.3)
      nokogiri (>= 1.4.4)
      ruby-hmac
    formatador (1.1.0)
    forwardable (1.3.3)
    fourflusher (0.3.2)
    fullcontact (0.6.0)
      faraday (>= 0.8)
      faraday_middleware (>= 0.9)
      hashie (>= 2.0)
      multi_xml (>= 0.5)
      rash (>= 0.4)
    fuzzy_match (2.0.4)
    gapic-common (0.18.0)
      faraday (>= 1.9, < 3.a)
      faraday-retry (>= 1.0, < 3.a)
      google-protobuf (~> 3.14)
      googleapis-common-protos (>= 1.3.12, < 2.a)
      googleapis-common-protos-types (>= 1.3.1, < 2.a)
      googleauth (~> 1.0)
      grpc (~> 1.36)
    gc_tracer (1.5.1)
    gctime (1.0.1)
    gem_publisher (1.5.0)
    gems (1.2.0)
    gender_detector (2.0.0)
    gepub (1.0.15)
      nokogiri (>= 1.8.2, < 2.0)
      rubyzip (> 1.1.1, < 2.4)
    gettext (3.4.3)
      erubi
      locale (>= 2.0.5)
      prime
      text (>= 1.3.0)
    gh_inspector (1.1.3)
    gibberish (1.4.0)
    gio2 (4.1.6)
      fiddle
      gobject-introspection (= 4.1.6)
    git (1.18.0)
      addressable (~> 2.8)
      rchardet (~> 1.8)
    gli (2.21.0)
    glib2 (4.1.6)
      native-package-installer (>= 1.0.3)
      pkg-config (>= 1.3.5)
    globalid (1.1.0)
      activesupport (>= 5.0)
    globby (0.1.2)
    gobject-introspection (4.1.6)
      glib2 (= 4.1.6)
    goodcheck (3.1.0)
      marcel (>= 1.0, < 2.0)
      psych (>= 3.1, < 5.0)
      rainbow (>= 3.0, < 4.0)
      strong_json (>= 1.1, < 2.2)
    google-api-client (0.53.0)
      google-apis-core (~> 0.1)
      google-apis-generator (~> 0.1)
    google-apis-androidpublisher_v3 (0.42.0)
      google-apis-core (>= 0.11.0, < 2.a)
    google-apis-core (0.11.0)
      addressable (~> 2.5, >= 2.5.1)
      googleauth (>= 0.16.2, < 2.a)
      httpclient (>= 2.8.1, < 3.a)
      mini_mime (~> 1.0)
      representable (~> 3.0)
      retriable (>= 2.0, < 4.a)
      rexml
      webrick
    google-apis-discovery_v1 (0.14.0)
      google-apis-core (>= 0.11.0, < 2.a)
    google-apis-generator (0.12.0)
      activesupport (>= 5.0)
      gems (~> 1.2)
      google-apis-core (>= 0.11.0, < 2.a)
      google-apis-discovery_v1 (~> 0.5)
      thor (>= 0.20, < 2.a)
    google-apis-iamcredentials_v1 (0.17.0)
      google-apis-core (>= 0.11.0, < 2.a)
    google-apis-playcustomapp_v1 (0.13.0)
      google-apis-core (>= 0.11.0, < 2.a)
    google-apis-storage_v1 (0.19.0)
      google-apis-core (>= 0.9.0, < 2.a)
    google-cloud-container (1.3.0)
      google-cloud-container-v1 (>= 0.0, < 2.a)
      google-cloud-container-v1beta1 (>= 0.0, < 2.a)
      google-cloud-core (~> 1.6)
    google-cloud-container-v1 (0.21.1)
      gapic-common (>= 0.18.0, < 2.a)
      google-cloud-errors (~> 1.0)
    google-cloud-container-v1beta1 (0.21.1)
      gapic-common (>= 0.18.0, < 2.a)
      google-cloud-errors (~> 1.0)
    google-cloud-core (1.6.0)
      google-cloud-env (~> 1.0)
      google-cloud-errors (~> 1.0)
    google-cloud-env (1.6.0)
      faraday (>= 0.17.3, < 3.0)
    google-cloud-errors (1.3.1)
    google-cloud-storage (1.44.0)
      addressable (~> 2.8)
      digest-crc (~> 0.4)
      google-apis-iamcredentials_v1 (~> 0.1)
      google-apis-storage_v1 (~> 0.19.0)
      google-cloud-core (~> 1.6)
      googleauth (>= 0.16.2, < 2.a)
      mini_mime (~> 1.0)
    google-cloud-tasks (2.4.0)
      google-cloud-core (~> 1.6)
      google-cloud-tasks-v2 (>= 0.7, < 2.a)
      google-cloud-tasks-v2beta2 (>= 0.8, < 2.a)
      google-cloud-tasks-v2beta3 (>= 0.9, < 2.a)
    google-cloud-tasks-v2 (0.7.0)
      gapic-common (>= 0.18.0, < 2.a)
      google-cloud-errors (~> 1.0)
      grpc-google-iam-v1 (~> 1.1)
    google-cloud-tasks-v2beta2 (0.8.0)
      gapic-common (>= 0.18.0, < 2.a)
      google-cloud-errors (~> 1.0)
      grpc-google-iam-v1 (~> 1.1)
    google-cloud-tasks-v2beta3 (0.9.0)
      gapic-common (>= 0.18.0, < 2.a)
      google-cloud-errors (~> 1.0)
      grpc-google-iam-v1 (~> 1.1)
    google-protobuf (3.23.1-arm64-darwin)
    googleapis-common-protos (1.4.0)
      google-protobuf (~> 3.14)
      googleapis-common-protos-types (~> 1.2)
      grpc (~> 1.27)
    googleapis-common-protos-types (1.6.0)
      google-protobuf (~> 3.14)
    googleauth (1.5.2)
      faraday (>= 0.17.3, < 3.a)
      jwt (>= 1.4, < 3.0)
      memoist (~> 0.16)
      multi_json (~> 1.11)
      os (>= 0.9, < 2.0)
      signet (>= 0.16, < 2.a)
    grape (1.7.1)
      activesupport
      builder
      dry-types (>= 1.1)
      mustermann-grape (~> 1.0.0)
      rack (>= 1.3.0, < 3)
      rack-accept
    graphql (1.13.19)
    graphql_playground-rails (2.1.0)
      rails (>= 5.1.0)
    graphviz (1.2.1)
      process-pipeline
    griddler (1.5.2)
      htmlentities
      rails (>= 3.2.0)
    griddler-mailgun (1.1.1)
      griddler
    grpc (1.55.0)
      google-protobuf (~> 3.23)
      googleapis-common-protos-types (~> 1.0)
    grpc-google-iam-v1 (1.2.0)
      google-protobuf (~> 3.14)
      googleapis-common-protos (>= 1.3.12, < 2.0)
      grpc (~> 1.27)
    grpc-tools (1.55.0)
    guard (2.18.0)
      formatador (>= 0.2.4)
      listen (>= 2.7, < 4.0)
      lumberjack (>= 1.0.12, < 2.0)
      nenv (~> 0.1)
      notiffany (~> 0.0)
      pry (>= 0.13.0)
      shellany (~> 0.0)
      thor (>= 0.18.1)
    guard-compat (1.2.1)
    guard-zeus (2.0.1)
      guard (~> 2.0)
      guard-compat (~> 1.1)
      zeus (~> 0)
    guess_html_encoding (0.0.11)
    gyoku (1.4.0)
      builder (>= 2.1.2)
      rexml (~> 3.0)
    haml (6.1.1)
      temple (>= 0.8.2)
      thor
      tilt
    hamster (3.0.0)
      concurrent-ruby (~> 1.0)
    hanami-router (2.0.2)
      mustermann (~> 3.0)
      mustermann-contrib (~> 3.0)
      rack (~> 2.0)
    handlebars (0.8.0)
      handlebars-source (~> 4.0.5)
      therubyracer (~> 0.12.1)
    handlebars-source (4.0.14)
    hansi (0.2.1)
    hashie (2.0.5)
    highline (2.0.3)
    hirb (0.7.3)
    hoe (4.0.3)
      rake (>= 0.8, < 15.0)
    hot_tub (0.2.6)
    hotwire-rails (0.1.3)
      rails (>= 6.0.0)
      stimulus-rails
      turbo-rails
    htmlentities (4.3.4)
    htransform (0.9.0)
    http (5.1.1)
      addressable (~> 2.8)
      http-cookie (~> 1.0)
      http-form_data (~> 2.2)
      llhttp-ffi (~> 0.4.0)
    http-cookie (1.0.5)
      domain_name (~> 0.5)
    http-form_data (2.3.0)
    http_parser.rb (0.8.0)
    httparty (0.16.4)
      mime-types (~> 3.0)
      multi_xml (>= 0.5.2)
    httpclient (2.8.3)
    httpi (3.0.1)
      rack
    i18n (1.13.0)
      concurrent-ruby (~> 1.0)
    i18n-debug (1.2.0)
      i18n (< 2)
    iban-tools (1.1.0)
    ice_nine (0.11.2)
    immutable-struct (2.4.1)
    inifile (3.0.0)
    instructure-happymapper (0.5.10)
      nokogiri (~> 1.5)
    intl-tel-input-rails (12.3.0)
      railties (>= 3.1)
      sass-rails
    io-event (1.2.2)
    ione (1.2.5)
    ipaddr (1.2.5)
    iso (0.4.0)
      i18n
    iterable-api-client (0.5.0)
      multi_json (>= 1.12.0)
    jazz_fingers (6.2.0)
      amazing_print (~> 1.3)
      pry (~> 0.10)
      pry-byebug (~> 3.9)
      pry-coolline (~> 0.2)
    jmespath (1.6.2)
    join_dependency (0.1.4)
      activerecord (>= 4.2.0)
    jquery-rails (4.5.1)
      rails-dom-testing (>= 1, < 3)
      railties (>= 4.2.0)
      thor (>= 0.14, < 2.0)
    jquery-unique-clone-rails (1.0.0)
    jquery_mobile_rails (1.4.5)
      railties (>= 3.1.0)
    jruby-pageant (1.1.1)
    json (2.6.3)
    json_schema (0.21.0)
    jsonpath (1.1.3)
      multi_json
    jwt (2.7.0)
    kaminari (1.2.2)
      activesupport (>= 4.1.0)
      kaminari-actionview (= 1.2.2)
      kaminari-activerecord (= 1.2.2)
      kaminari-core (= 1.2.2)
    kaminari-actionview (1.2.2)
      actionview
      kaminari-core (= 1.2.2)
    kaminari-activerecord (1.2.2)
      activerecord
      kaminari-core (= 1.2.2)
    kaminari-core (1.2.2)
    kiba (4.0.0)
    kramdown (2.4.0)
      rexml
    kramdown-parser-gfm (1.1.0)
      kramdown (~> 2.0)
    krane (3.1.0)
      activesupport (>= 5.0)
      colorize (~> 0.8)
      concurrent-ruby (~> 1.1)
      ejson (~> 1.0)
      googleauth (~> 1.2)
      jsonpath (~> 1.0)
      kubeclient (~> 4.9)
      oj (~> 3.0)
      statsd-instrument (>= 2.8, < 4)
      thor (>= 1.0, < 2.0)
    kubeclient (4.11.0)
      http (>= 3.0, < 6.0)
      jsonpath (~> 1.0)
      recursive-open-struct (~> 1.1, >= 1.1.1)
      rest-client (~> 2.0)
    ladle (1.0.1)
      open4 (~> 1.0)
    language_server-protocol (3.15.0.2)
    libv8 (3.16.14.19)
    liner (0.2.4)
    lino (3.1.0)
      hamster (~> 3.0)
      open4 (~> 1.3)
    listen (3.8.0)
      rb-fsevent (~> 0.10, >= 0.10.3)
      rb-inotify (~> 0.9, >= 0.9.10)
    little-plugger (1.1.4)
    llhttp-ffi (0.4.0)
      ffi-compiler (~> 1.0)
      rake (~> 13.0)
    locale (2.1.3)
    localeapp (3.3.0)
      gli
      i18n (>= 0.7, < 2)
      json (>= 1.7.7)
      rest-client (>= 1.8.0)
    log_formatter (0.8.2)
    logging (2.3.1)
      little-plugger (~> 1.1)
      multi_json (~> 1.14)
    logify (0.2.0)
    lograge (0.12.0)
      actionpack (>= 4)
      activesupport (>= 4)
      railties (>= 4)
      request_store (~> 1.0)
    loofah (2.21.3)
      crass (~> 1.0.2)
      nokogiri (>= 1.12.0)
    luhn_checksum (0.1.2)
    lumberjack (1.2.8)
    mail (2.8.1)
      mini_mime (>= 0.1.1)
      net-imap
      net-pop
      net-smtp
    mailhandler (1.0.61)
      mail
      postmark (>= 1.7.0)
    main (6.3.0)
      arrayfields (~> 4.9, >= 4.9.2)
      chronic (~> 0.10, >= 0.10.2)
      fattr (~> 2.4, >= 2.4.0)
      map (~> 6.6, >= 6.6.0)
    map (6.6.0)
    marcel (1.0.2)
    matrix (0.4.2)
    memery (1.4.1)
      ruby2_keywords (~> 0.0.2)
    memo_wise (1.7.0)
    memoist (0.16.2)
    memoizable (0.4.2)
      thread_safe (~> 0.3, >= 0.3.1)
    message_format (0.0.8)
      twitter_cldr (~> 6.0)
    metamagic (3.1.7)
      rails (>= 3.0.0)
    method_source (1.0.0)
    middleman-blog (0.1.5)
    milia (0.3.30)
      devise (>= 1.4.8)
      rails (>= 3.1)
    mime-types (3.4.1)
      mime-types-data (~> 3.2015)
    mime-types-data (3.2023.0218.1)
    mini_magick (4.12.0)
    mini_mime (1.1.2)
    minitar (0.8)
    minitar-cli (0.8)
      minitar (~> 0.8.0)
      powerbar (~> 1.0)
    minitest (5.18.0)
    minitest-fail-fast (0.1.0)
      minitest (~> 5)
    mixlib-cli (1.7.0)
    mixlib-shellout (2.4.4)
    mixpanel (4.1.1)
      escape
      json
      rack
    mobileesp_converted (0.2.3)
    mobvious (0.3.2)
      mobileesp_converted (~> 0.2.0)
      rack (>= 1.1.0)
    molinillo (0.4.5)
    mongo (2.18.2)
      bson (>= 4.14.1, < 5.0.0)
    mongoid (8.0.3)
      activemodel (>= 5.1, < 7.1, != 7.0.0)
      mongo (>= 2.18.0, < 3.0.0)
      ruby2_keywords (~> 0.0.5)
    mongoid-document_path (0.2.0)
      mongoid (>= 7.0)
    mongoid-encrypted-fields (2.0.0)
      mongoid (>= 5)
    mongoid-locker (2.0.2)
      mongoid (>= 5.0, < 9)
    mongoid-sample (0.1.0)
      mongoid (>= 4.0)
    mono_logger (1.1.2)
    montrose (0.13.0)
      activesupport (>= 5.2, < 7.1)
    moodle2cc (0.2.41)
      builder
      instructure-happymapper (~> 0.5.10)
      nokogiri
      rdiscount
      rubyzip (>= 1.0.0)
      thor
    mprelude (0.1.0)
      abstract_type (~> 0.0.7)
      adamantium (~> 0.2.0)
      concord (~> 0.1.5)
      equalizer (~> 0.0.9)
      ice_nine (~> 0.11.1)
      procto (~> 0.0.2)
    mrkt (1.2.2)
      faraday (>= 1.10, < 3)
      faraday-multipart
    msgpack (1.7.1)
    multi_json (1.15.0)
    multi_test (1.1.0)
    multi_xml (0.6.0)
    multipart-post (2.0.0)
    mustermann (3.0.0)
      ruby2_keywords (~> 0.0.1)
    mustermann-contrib (3.0.0)
      hansi (~> 0.2.0)
      mustermann (= 3.0.0)
    mustermann-grape (1.0.2)
      mustermann (>= 1.0.0)
    nanaimo (0.3.0)
    nanoc (4.12.15)
      addressable (~> 2.5)
      colored (~> 1.2)
      nanoc-checking (~> 1.0, >= 1.0.2)
      nanoc-cli (= 4.12.15)
      nanoc-core (= 4.12.15)
      nanoc-deploying (~> 1.0)
      parallel (~> 1.12)
      tty-command (~> 0.8)
      tty-which (~> 0.4)
    nanoc-checking (1.0.2)
      nanoc-cli (~> 4.12, >= 4.12.4)
      nanoc-core (~> 4.12, >= 4.12.4)
    nanoc-cli (4.12.15)
      cri (~> 2.15)
      diff-lcs (~> 1.3)
      nanoc-core (= 4.12.15)
      zeitwerk (~> 2.1)
    nanoc-core (4.12.15)
      concurrent-ruby (~> 1.1)
      ddmetrics (~> 1.0)
      ddplugin (~> 1.0)
      hamster (~> 3.0)
      json_schema (~> 0.19)
      memo_wise (~> 1.5)
      psych (~> 4.0)
      slow_enumerator_tools (~> 1.0)
      tty-platform (~> 0.2)
      zeitwerk (~> 2.1)
    nanoc-deploying (1.0.2)
      nanoc-checking (~> 1.0)
      nanoc-cli (~> 4.11, >= 4.11.15)
      nanoc-core (~> 4.11, >= 4.11.15)
    nap (1.1.0)
    native-package-installer (1.1.5)
    nats-pure (0.6.2)
    natto (1.2.0)
      ffi (>= 1.9.0)
    naturally (2.2.1)
    naughty_or_nice (2.1.2)
      addressable (~> 2.3)
      public_suffix (>= 3.0)
    nenv (0.3.0)
    neo4j-core (9.0.0)
      activesupport (>= 4.0)
      faraday (>= 0.9.0)
      faraday_middleware (>= 0.10.0)
      faraday_middleware-multi_json
      httpclient
      json
      multi_json
      net_tcp_client (>= 2.0.1)
      typhoeus (>= 1.1.2)
    nested-hstore (0.1.2)
      activerecord
      activesupport
    net (0.3.3)
      activesupport
    net-http-persistent (4.0.2)
      connection_pool (~> 2.2)
    net-imap (0.3.4)
      date
      net-protocol
    net-ldap (0.18.0)
    net-pop (0.1.2)
      net-protocol
    net-protocol (0.2.1)
      timeout
    net-scp (4.0.0)
      net-ssh (>= 2.6.5, < 8.0.0)
    net-sftp (4.0.0)
      net-ssh (>= 5.0.0, < 8.0.0)
    net-smtp (0.3.3)
      net-protocol
    net-ssh (7.1.0)
    net_tcp_client (2.2.1)
    netrc (0.11.0)
    newrelic-grape (2.1.0)
      grape
      newrelic_rpm
    newrelic_rpm (9.2.2)
    nfe-paulistana (1.0.5)
      nokogiri (>= 1.9.1)
      savon (>= 2.12)
      signer
    nio4r (2.5.9)
    no_proxy_fix (0.1.2)
    nokogiri (1.15.1-arm64-darwin)
      racc (~> 1.4)
    nokogiri-happymapper (0.9.0)
      nokogiri (~> 1.5)
    nori (2.6.0)
    notiffany (0.1.3)
      nenv (~> 0.1)
      shellany (~> 0.0)
    oauth2 (1.4.11)
      faraday (>= 0.17.3, < 3.0)
      jwt (>= 1.0, < 3.0)
      multi_json (~> 1.3)
      multi_xml (~> 0.5)
      rack (>= 1.2, < 4)
    octokit (5.6.1)
      faraday (>= 1, < 3)
      sawyer (~> 0.9)
    oj (3.14.3)
    open-uri (0.3.0)
      stringio
      time
      uri
    open4 (1.3.4)
    openssl (2.1.4)
      ipaddr
    optparse (0.1.1)
    orm_adapter (0.5.0)
    os (1.1.4)
    ougai (1.9.1)
      oj (~> 3.10)
    ougai-formatters-customizable (1.0.0)
      awesome_print (~> 1.8, >= 1.8.0)
      ougai (~> 1.7, >= 1.7.0)
    packable (1.3.17)
      backports
    paint (2.3.0)
    parallel (1.23.0)
    parser (3.2.2.1)
      ast (~> 2.4.1)
    parslet (2.0.0)
    pastel (0.8.0)
      tty-color (~> 0.5)
    patchelf (1.4.0)
      elftools (>= 1.2)
    peek (1.1.0)
      railties (>= 4.0.0)
    peek-host (1.0.0)
      peek
    people (0.2.1)
    percy-client (2.0.5)
      addressable
      excon
      faraday (>= 0.9)
    permessage_deflate (0.1.4)
    pg (1.5.3)
    picky (4.31.3)
      activesupport
      multi_json (~> 1.3)
      rack_fast_escape (~> 2009.0)
    pivotal-tracker (0.5.13)
      builder
      crack
      nokogiri (>= 1.5.5)
      nokogiri-happymapper (>= 0.5.4)
      rest-client (>= 1.8.0)
    pivotal_git_scripts (1.4.0)
    pkg-config (1.5.1)
    plist (3.7.0)
    plupload-rails (1.2.1)
      rails (>= 3.1)
    pokitdok-ruby (0.9.2)
      multipart-post (~> 2.0)
      oauth2 (~> 1.0)
    pony (1.13.1)
      mail (>= 2.0)
    poppler (4.1.6)
      cairo-gobject (= 4.1.6)
      gio2 (= 4.1.6)
    postmark (1.24.0)
      json
    powder (0.4.0)
      thor (>= 0.11.5)
    power_enum (4.0.1)
      activerecord (>= 6.0, < 8)
      railties (>= 6.0, < 8)
    powerbar (1.0.18)
      hashie (>= 1.1.0)
    pqueue (2.1.0)
    prime (0.1.2)
      forwardable
      singleton
    process-group (1.2.4)
      process-terminal (~> 0.2.0)
    process-pipeline (1.0.2)
      process-group
    process-terminal (0.2.0)
      ffi
    procto (0.0.3)
    produce (2.0.0)
      fastlane (>= 2.0.0, < 3.0.0)
    prosopite (1.3.1)
    protocol-hpack (1.4.2)
    protocol-http (0.24.1)
    protocol-http1 (0.15.0)
      protocol-http (~> 0.22)
    protocol-http2 (0.15.1)
      protocol-hpack (~> 1.4)
      protocol-http (~> 0.18)
    pry (0.14.2)
      coderay (~> 1.1)
      method_source (~> 1.0)
    pry-byebug (3.10.1)
      byebug (~> 11.0)
      pry (>= 0.13, < 0.15)
    pry-coolline (0.2.6)
      coolline (~> 0.5)
      pry (~> 0.13)
    psych (4.0.6)
      stringio
    public_suffix (5.0.1)
    pulp_npm_client (0.1.0a5.dev1676862967)
      faraday (>= 1.0.1, < 2.0)
      json (~> 2.1, >= 2.1.0)
    puppet-lint (2.5.2)
    puppet-lint-legacy_facts-check (1.0.4)
      puppet-lint (~> 2.4)
    puppet-lint-spaceship_operator_without_tag-check (0.1.1)
      puppet-lint (>= 1.0, < 3.0)
    pwned (2.0.2)
    racc (1.6.2)
    rack (2.2.7)
    rack-accept (0.4.5)
      rack (>= 0.4)
    rack-jsonp (1.3.1)
      rack
    rack-protection (3.0.6)
      rack
    rack-test (2.1.0)
      rack (>= 1.3)
    rack-timeout (0.6.3)
    rack-timeout-puma (0.0.1)
      rack-timeout (~> 0.2, >= 0.2.0)
    rack-tracker (1.13.0)
      activesupport (>= 3.0)
      rack (>= 1.4)
      tilt (>= 1.4)
    rack_fast_escape (2009.06.24)
      url_escape
    rails (7.0.4.3)
      actioncable (= 7.0.4.3)
      actionmailbox (= 7.0.4.3)
      actionmailer (= 7.0.4.3)
      actionpack (= 7.0.4.3)
      actiontext (= 7.0.4.3)
      actionview (= 7.0.4.3)
      activejob (= 7.0.4.3)
      activemodel (= 7.0.4.3)
      activerecord (= 7.0.4.3)
      activestorage (= 7.0.4.3)
      activesupport (= 7.0.4.3)
      bundler (>= 1.15.0)
      railties (= 7.0.4.3)
    rails-dom-testing (2.0.3)
      activesupport (>= 4.2.0)
      nokogiri (>= 1.6)
    rails-html-sanitizer (1.5.0)
      loofah (~> 2.19, >= 2.19.1)
    rails-ujs (0.1.0)
      railties (>= 3.1)
    railties (7.0.4.3)
      actionpack (= 7.0.4.3)
      activesupport (= 7.0.4.3)
      method_source
      rake (>= 12.2)
      thor (~> 1.0)
      zeitwerk (~> 2.5)
    rainbow (3.1.1)
    raindrops (0.20.1)
    rake (13.0.6)
    rake-progressbar (0.0.5)
    rantly (2.0.0)
    rash (0.4.0)
      hashie (~> 2.0.0)
    rb-fsevent (0.11.2)
    rb-inotify (0.10.1)
      ffi (~> 1.0)
    rb_sys (0.9.78)
    rbs (1.1.1)
    rchardet (1.8.0)
    rdiscount (2.2.7)
    react-source (0.13.3)
    recursive-open-struct (1.1.3)
    red-colors (0.3.0)
      matrix
    redcarpet (3.6.0)
    redis (5.0.6)
      redis-client (>= 0.9.0)
    redis-client (0.14.1)
      connection_pool
    redis-namespace (1.10.0)
      redis (>= 4)
    redis_rate_limiter (0.2.0)
      redis (>= 4.6.0)
    redshift-client (0.3.0)
      activesupport (>= 4)
      pg
    ref (2.0.0)
    regexp_parser (2.8.0)
    remove_emoji (3.0.1)
    representable (3.2.0)
      declarative (< 0.1.0)
      trailblazer-option (>= 0.1.1, < 0.2.0)
      uber (< 0.2.0)
    request_store (1.5.1)
      rack (>= 1.4)
    responders (3.1.0)
      actionpack (>= 5.2)
      railties (>= 5.2)
    resque (2.4.0)
      mono_logger (~> 1.0)
      multi_json (~> 1.0)
      redis-namespace (~> 1.6)
      sinatra (>= 0.9.2)
    resque-multi-job-forks (0.5.6)
      json
      resque (>= 1.27.0, < 2.5)
    rest-client (2.0.2)
      http-cookie (>= 1.0.2, < 2.0)
      mime-types (>= 1.16, < 4.0)
      netrc (~> 0.8)
    restore_bundled_with (1.0.0)
      git
      thor
    retina_tag (1.4.1)
      rails (>= 3.1)
    retriable (3.1.2)
    rexml (3.2.5)
    rhc (1.6.8)
      archive-tar-minitar
      commander (>= 4.0)
      highline (>= 1.5.1)
      httpclient (>= 2.2)
      net-ssh (>= 2.0.11)
      open4
    rice (4.1.0)
    rouge (2.0.7)
    rsa-pem-from-mod-exp (0.1.0)
    rspec (3.12.0)
      rspec-core (~> 3.12.0)
      rspec-expectations (~> 3.12.0)
      rspec-mocks (~> 3.12.0)
    rspec-core (3.12.2)
      rspec-support (~> 3.12.0)
    rspec-expectations (3.12.3)
      diff-lcs (>= 1.2.0, < 2.0)
      rspec-support (~> 3.12.0)
    rspec-graphql_matchers (1.4.0)
      graphql (>= 1.10.12, < 2.0)
      rspec (~> 3.0)
    rspec-instrumentation-matcher (0.0.9)
      activesupport
      rspec-expectations
    rspec-mocks (3.12.5)
      diff-lcs (>= 1.2.0, < 2.0)
      rspec-support (~> 3.12.0)
    rspec-support (3.12.0)
    rtesseract (3.1.2)
    rubigen (1.5.2)
      activesupport (>= 2.2.2)
    ruby-hmac (0.4.0)
    ruby-lokalise-api (4.5.1)
      addressable (~> 2.5)
      faraday (~> 1.0)
      faraday_middleware (~> 1.0)
      json (>= 1.8.0)
    ruby-pg-extras (5.2.2)
      pg
      terminal-table
    ruby-terraform (1.7.0)
      immutable-struct (~> 2.4)
      lino (~> 3.0)
    ruby2_keywords (0.0.5)
    ruby2ruby (2.5.0)
      ruby_parser (~> 3.1)
      sexp_processor (~> 4.6)
    ruby_dig (0.0.2)
    ruby_parser (3.20.1)
      sexp_processor (~> 4.16)
    ruby_version (1.0.3)
    rubyntlm (0.6.3)
    rubyzip (2.3.2)
    safemode (1.3.7)
      ruby2ruby (>= 2.4.0)
      ruby_parser (>= 3.10.1)
      sexp_processor (>= 4.10.0)
    sass-rails (6.0.0)
      sassc-rails (~> 2.1, >= 2.1.1)
    sassc (2.4.0)
      ffi (~> 1.9)
    sassc-rails (2.1.2)
      railties (>= 4.0.0)
      sassc (>= 2.0)
      sprockets (> 3.0)
      sprockets-rails
      tilt
    savon (2.14.0)
      akami (~> 1.2)
      builder (>= 2.1.2)
      gyoku (~> 1.2)
      httpi (>= 2.4.5)
      mail (~> 2.5)
      nokogiri (>= 1.8.1)
      nori (~> 2.4)
      wasabi (~> 3.4)
    sawyer (0.9.2)
      addressable (>= 2.3.5)
      faraday (>= 0.17.3, < 3)
    scruffy (0.2.6)
    security (0.1.3)
    semver (1.0.1)
    semver2 (3.4.2)
    sensu-plugin (4.0.0)
      json (< 3.0.0)
      mixlib-cli (~> 1.5)
    sensu-plugins-rabbitmq (8.1.0)
      amq-protocol (= 2.0.1)
      bunny (= 2.6.4)
      carrot-top (= 0.0.7)
      inifile (= 3.0.0)
      rest-client (= 2.0.2)
      ruby_dig (= 0.0.2)
      sensu-plugin (~> 4.0)
      stomp (= 1.4.7)
    sepa_king (0.14.0)
      activemodel (>= 4.2)
      iban-tools
      nokogiri
    sequel (5.68.0)
    serverengine (2.3.2)
      sigdump (~> 0.2.2)
    service (2.0.0)
    sexp_processor (4.17.0)
    shellany (0.0.1)
    sidekiq (7.1.0)
      concurrent-ruby (< 2)
      connection_pool (>= 2.3.0)
      rack (>= 2.2.4)
      redis-client (>= 0.14.0)
    sidekiq-prometheus-exporter (0.2.0)
      rack (>= 1.6.0)
      sidekiq (>= 4.1.0)
    sigdump (0.2.4)
    signed_multiset (0.2.1)
    signer (1.10.0)
      nokogiri (>= 1.5.1, != 1.12.3, != 1.12.2, != 1.12.1, != 1.12.0)
    signet (0.17.0)
      addressable (~> 2.8)
      faraday (>= 0.17.5, < 3.a)
      jwt (>= 1.5, < 3.0)
      multi_json (~> 1.10)
    simctl (1.6.10)
      CFPropertyList
      naturally
    simplecov (0.22.0)
      docile (~> 1.1)
      simplecov-html (~> 0.11)
      simplecov_json_formatter (~> 0.1)
    simplecov-csv (0.1.3)
      simplecov
    simplecov-html (0.12.3)
    simplecov_json_formatter (0.1.4)
    sinatra (3.0.6)
      mustermann (~> 3.0)
      rack (~> 2.2, >= 2.2.4)
      rack-protection (= 3.0.6)
      tilt (~> 2.0)
    singleton (0.1.1)
    slow_enumerator_tools (1.1.0)
    soap4r-ng (2.0.4)
    socket.io-emitter (1.0.0)
      msgpack
      redis
    sorbet-runtime (0.5.10840)
    spawnling (2.1.6)
    sprockets (4.2.0)
      concurrent-ruby (~> 1.0)
      rack (>= 2.2.4, < 4)
    sprockets-rails (3.4.2)
      actionpack (>= 5.2)
      activesupport (>= 5.2)
      sprockets (>= 3.0.0)
    sprout (0.7.234-darwin)
      archive-tar-minitar (>= 0.5.1)
      net-sftp (>= 2.0.4)
      net-ssh (>= 2.0.19)
      open4 (>= 0.9.6)
      rake
      rubigen (= 1.5.2)
      rubyzip (>= 0.9.1)
    sqlite3 (1.6.3-arm64-darwin)
    sshkit (1.21.4)
      net-scp (>= 1.1.2)
      net-ssh (>= 2.8.0)
    statemachine (2.3.0)
    statsd-instrument (3.5.9)
    steep (0.42.0)
      activesupport (>= 5.1)
      ast_utils (>= 0.4.0)
      language_server-protocol (~> 3.15.0.1)
      listen (~> 3.0)
      parallel (>= 1.0.0)
      parser (>= 2.7)
      rainbow (>= 2.2.2, < 4.0)
      rbs (~> 1.1.0)
    stemmer (1.0.1)
    stimulus-rails (1.2.1)
      railties (>= 6.0.0)
    stomp (1.4.7)
    stream-ruby (5.0.0)
      faraday
      faraday-net_http_persistent
      jwt
      net-http-persistent
    string_undump (0.1.1)
    stringio (3.0.6)
    strong_json (2.1.2)
    strongdm (3.14.2)
      grpc (~> 1.36)
      grpc-tools (~> 1.36)
      openssl (~> 2.1.2)
    strptime (0.2.5)
    stub_env (1.0.4)
      rspec (>= 2.0, < 4.0)
    subprocess (1.5.6)
    sweet_notifications (1.1.1)
      activesupport (>= 5.2)
      railties (>= 5.2)
      request_store (~> 1.0)
    swot (1.0.0)
      naughty_or_nice (~> 2.0)
      public_suffix
    sys-uname (1.2.3)
      ffi (~> 1.1)
    systemu (2.6.5)
    telegram-bot-ruby (0.19.2)
      dry-inflector
      faraday (~> 1.0)
      virtus (~> 2.0)
    temple (0.10.1)
    terminal-notifier (2.0.0)
    terminal-table (1.8.0)
      unicode-display_width (~> 1.1, >= 1.1.1)
    text (1.3.1)
    text-hyphen (1.5.0)
    therubyracer (0.12.3)
      libv8 (~> 3.16.14.15)
      ref
    thor (1.2.2)
    thread_safe (0.3.6)
    tilt (2.1.0)
    time (0.2.2)
      date
    time_with_zone (0.3.1)
      tzinfo
    timeout (0.3.2)
    timers (4.3.5)
    traces (0.9.1)
    trailblazer-activity (0.11.0)
      trailblazer-context (>= 0.3.0, < 0.4.0)
    trailblazer-activity-dsl-linear (0.3.1)
      trailblazer-activity (>= 0.9.1, < 1.0.0)
    trailblazer-cells (0.0.3)
      cells (>= 4.1.0.rc1, < 5.0.0)
    trailblazer-context (0.3.0)
    trailblazer-developer (0.0.21)
      hirb
      representable
      trailblazer-activity (>= 0.11.0, < 1.0.0)
      trailblazer-activity-dsl-linear
    trailblazer-option (0.1.2)
    translation (1.36)
      gettext (~> 3.2, >= 3.2.5, <= 3.4.3)
    travis-artifacts (0.1.0)
      faraday
      faraday_middleware
      fog
    trix-rails (2.4.0)
      rails (> 4.1)
    trollop (2.9.10)
    tty-color (0.6.0)
    tty-command (0.10.1)
      pastel (~> 0.8)
    tty-cursor (0.7.1)
    tty-platform (0.3.0)
    tty-screen (0.8.1)
    tty-spinner (0.9.3)
      tty-cursor (~> 0.7)
    tty-which (0.5.0)
    turbo-rails (1.4.0)
      actionpack (>= 6.0.0)
      activejob (>= 6.0.0)
      railties (>= 6.0.0)
    twitter_cldr (6.11.5)
      camertron-eprun
      cldr-plurals-runtime-rb (~> 1.1)
      tzinfo
    typhoeus (1.4.0)
      ethon (>= 0.9.0)
    tzinfo (2.0.6)
      concurrent-ruby (~> 1.0)
    tzinfo-data (1.2023.3)
      tzinfo (>= 1.0.0)
    uber (0.1.0)
    unf (0.1.4)
      unf_ext
    unf_ext (0.0.8.2)
    unicode-display_width (1.8.0)
    unicode_utils (1.4.0)
    unitwise (2.3.0)
      liner (~> 0.2)
      memoizable (~> 0.4)
      parslet (~> 2.0)
      signed_multiset (~> 0.2)
    uri (0.12.1)
    url_escape (2009.06.24)
    vacuum (4.1.0)
      aws-sigv4 (~> 1.0)
      http (>= 4.0, < 6.0)
    verbs (3.1.0)
      activesupport (>= 2.3.4)
      i18n
    versionomy (0.5.0)
      blockenspiel (~> 0.5)
    viewpoint (1.1.1)
      httpclient
      logging
      nokogiri
      rubyntlm
    virtus (2.0.0)
      axiom-types (~> 0.1)
      coercible (~> 1.0)
      descendants_tracker (~> 0.0, >= 0.0.3)
    vmail (2.9.4)
      highline (>= 1.6.1)
      mail (>= 2.2.12)
      sequel (>= 3.24.1)
      sqlite3 (>= 1.3.3)
      versionomy (>= 0.4.4)
    warden (1.2.9)
      rack (>= 2.0.9)
    wasabi (3.8.0)
      addressable
      httpi (~> 3.0)
      nokogiri (>= 1.4.2)
    webrick (1.8.1)
    websocket-driver (0.7.5)
      websocket-extensions (>= 0.1.0)
    websocket-extensions (0.1.5)
    word_wrap (1.0.0)
    workflow (3.0.0)
    workflow-activerecord (6.0.0)
      activerecord (>= 6.0)
      workflow (~> 3.0)
    xcodeproj (1.22.0)
      CFPropertyList (>= 2.3.3, < 4.0)
      atomos (~> 0.1.3)
      claide (>= 1.0.2, < 2.0)
      colored2 (~> 3.1)
      nanaimo (~> 0.3.0)
      rexml (~> 3.2.4)
    xcpretty (0.3.0)
      rouge (~> 2.0.7)
    xcpretty-travis-formatter (1.0.1)
      xcpretty (~> 0.2, >= 0.0.7)
    xmlcanonicalizer (0.1.2)
    xpath (3.2.0)
      nokogiri (~> 1.8)
    yajl (0.3.4)
    yajl-ruby (1.2.3)
    yamllint (0.0.9)
      trollop (~> 2)
    yard (0.9.34)
    yard-activerecord (0.0.16)
      yard (>= 0.8.3)
    yardstick (0.9.9)
      yard (~> 0.8, >= 0.8.7.2)
    yomu (0.1.5)
    zeitwerk (2.6.8)
    zeus (0.15.14)
      method_source (>= 0.6.7)
    zlib (2.1.1)
    zuora_api (1.11.4)
      httparty
      nokogiri
      ougai
      railties (>= 4.1.0)
      rubyzip
    zuora_connect (3.2.2)
      apartment
      aws-sdk-rails
      aws-sdk-s3
      httparty (~> 0.16.4, >= 0.16.4)
      net-ldap
      ougai
      rack (>= 2.0.2)
      railties (>= 5.0)
      raindrops
      zuora_api (~> 1.7)
      zuora_observability (~> 0.1)
    zuora_observability (0.3.4)
      lograge
      mono_logger (~> 1.0)
      ougai
      ougai-formatters-customizable (= 1.0.0)
      rails (>= 5)
    zxcvbn (0.1.9)

PLATFORMS
  arm64-darwin-22

DEPENDENCIES
  pkg27!

BUNDLED WITH
   2.4.13
