PATH
  remote: .
  specs:
    pkg43 (0.0.1)
      access
      active_admin_editor
      active_cmis
      active_record-updated_at
      active_rest_client
      activeadmin-cancan
      activeadmin-mongoid
      activeadmin-xls
      acts-as-joinable
      admin_data
      ai4r
      alexa
      approximately
      arachni-reactor
      asetus
      assert
      atk_toolbox
      attr_vault
      atv
      awssume
      blacklight_advanced_search
      bootstrap-social-rails
      bootswatch_rails
      bummr
      cadenza
      cape
      capistrano-rails-tail-log
      cbeta
      cd
      ceaser-easing
      challah
      chandler
      chanko
      chef-handler-elapsed-time
      chingu
      cloud66_agent
      cmess
      cnccs
      code
      colorbox-rails
      colsole
      compath
      conekta
      configlet
      contacts
      crimp
      crossroads_capistrano
      cupertino
      danger-ktlint
      danger-xcodebuild
      dependabot-pub
      deputy
      detect_language
      devfile
      devise_uid
      dnsimple-ruby
      docman
      doing
      dot_hash
      dotgpg
      dpl-azure_webapps
      dpl-bluemix_cloud_foundry
      dryml
      earthquake
      edtf
      eldritch
      em-hot_tub
      email
      email_prefixer
      emblem-rails
      enju_message
      enju_ndl
      event_machine
      eventq_base
      facebooker
      factual-api
      fastlane-plugin-download_file
      fastlane-plugin-gradle_properties
      fdoc
      filigree
      flexyear
      fluent-plugin-config-expander
      fluent-plugin-file-alternative
      foreman_remote_execution
      fuubar-cucumber
      gb-agencies
      gcal4ruby
      gce-metadata
      google-apis-people_v1
      google-cloud-security_center
      google-cloud-talent
      goran
      haml2slim
      hammer_cli_foreman
      hcl-checker
      hiredis-client
      holder_rails
      html_press
      i18n-inflector-rails
      idiom
      image_science
      iobuffer
      ish_models
      jqtools-rails
      jquery-monthpicker-rails
      jsonapi_spec_helpers
      jstree-rails-4
      kitchen-digitalocean
      knife
      lita-default-handlers
      luban
      madmimi
      maxmind
      merb-haml
      merb_datamapper
      meterpreter_bins
      migration_tools
      minisyntax
      minitest-optional_retry
      morlock
      motor-admin
      ncursesw
      omniauth-bigcommerce
      omniauth-fitbit
      omniauth-orcid
      onlyoffice_logger_helper
      opentelemetry-propagator-b3
      page_title_helper
      panda_pal
      pebblebed
      pexels
      pg-dsn_parser
      pmd_translate_checkstyle_format
      polytexnic
      prawn-gmagick
      prefixed_ids
      premailer-rails3
      promiscuous
      propono
      puma-heroku
      puppet-lint-no_file_path_attribute-check
      qtip2-jquery-rails
      quokkadb
      rack-console
      rails_compatibility
      rainforest-cli
      rake-remote_task
      rdoc-data
      reality-core
      reconnect_ar_rails
      redirector
      reentrant_mutex
      render_parent
      renum
      request_profiler
      resolv-replace
      resque-heroku
      resque-mock
      rgviz-rails
      rmate
      rollout_ui
      rom-factory
      rspec-request_snapshot
      rspec_json_schema_matcher
      rubocop-require_tools
      ruby-jing
      ruby_speech
      ruby_vcloud_sdk
      rufus-treechecker
      s3-secure
      safe_redirect
      sandal
      sandi_meter
      sendgrid4r
      sensu-plugins-supervisor
      sequel_secure_password
      showoff
      shrine-url
      sidecloq
      sidekiq-instrument
      slack-ruby-block-kit
      slideshow
      softlayer_api
      speculation
      sqeduler
      steno
      stream_rails
      string-cases
      string-obfuscator
      structure
      synapse_pay_rest
      taskjuggler
      terraspace_plugin_aws
      thin-rails
      threaded_logging
      timecode
      tinnef
      tiny_segmenter
      towerdata_api
      trestle-active_storage
      ui_bibz
      unbutton
      uri-js-rails
      veewee
      vsphere-automation-cis
      vsphere-automation-runtime
      vsphere-automation-vcenter
      webfontloader
      webmachine
      webvtt-ruby
      wedge
      wheels
      xmlhasher
      xsys
      zabbix_manager
      zaif
      zebra-zpl
      zencoder-fetcher

GEM
  remote: https://rubygems.org/
  specs:
    CFPropertyList (2.3.6)
    Platform (0.4.2)
    RubyInline (3.13.0)
      ZenTest (~> 4.3)
    ZenTest (4.12.1)
    absolute_time (1.0.0)
    access (2.3.0.pre.rc2)
      hashie
      httparty
    actioncable (6.0.6.1)
      actionpack (= 6.0.6.1)
      nio4r (~> 2.0)
      websocket-driver (>= 0.6.1)
    actionmailbox (6.0.6.1)
      actionpack (= 6.0.6.1)
      activejob (= 6.0.6.1)
      activerecord (= 6.0.6.1)
      activestorage (= 6.0.6.1)
      activesupport (= 6.0.6.1)
      mail (>= 2.7.1)
    actionmailer (6.0.6.1)
      actionpack (= 6.0.6.1)
      actionview (= 6.0.6.1)
      activejob (= 6.0.6.1)
      mail (~> 2.5, >= 2.5.4)
      rails-dom-testing (~> 2.0)
    actionpack (6.0.6.1)
      actionview (= 6.0.6.1)
      activesupport (= 6.0.6.1)
      rack (~> 2.0, >= 2.0.8)
      rack-test (>= 0.6.3)
      rails-dom-testing (~> 2.0)
      rails-html-sanitizer (~> 1.0, >= 1.2.0)
    actiontext (6.0.6.1)
      actionpack (= 6.0.6.1)
      activerecord (= 6.0.6.1)
      activestorage (= 6.0.6.1)
      activesupport (= 6.0.6.1)
      nokogiri (>= 1.8.5)
    actionview (6.0.6.1)
      activesupport (= 6.0.6.1)
      builder (~> 3.1)
      erubi (~> 1.4)
      rails-dom-testing (~> 2.0)
      rails-html-sanitizer (~> 1.1, >= 1.2.0)
    active_admin_editor (1.1.0)
      activeadmin (>= 0.4.0)
      ejs
      rails (>= 3.0.0)
    active_cmis (0.3.6)
      nokogiri (>= 1.4.1)
      ntlm-http (~> 0.1, >= 0.1.1)
      require_relative (~> 1.0, >= 1.0.2)
    active_model_serializers (0.10.13)
      actionpack (>= 4.1, < 7.1)
      activemodel (>= 4.1, < 7.1)
      case_transform (>= 0.2)
      jsonapi-renderer (>= 0.1.1.beta1, < 0.3)
    active_record-updated_at (0.0.2)
      activerecord
    active_rest_client (1.2.0)
      activesupport
      crack
      faraday
      multi_json
    activeadmin (2.12.0)
      arbre (~> 1.2, >= 1.2.1)
      formtastic (>= 3.1, < 5.0)
      formtastic_i18n (~> 0.4)
      inherited_resources (~> 1.7)
      jquery-rails (~> 4.2)
      kaminari (~> 1.0, >= 1.2.1)
      railties (>= 6.0, < 7.1)
      ransack (>= 2.1.1, < 4)
    activeadmin-cancan (0.1.4)
      activeadmin (>= 0.4.0)
      cancan (>= 1.6.2)
      rails (>= 3.0)
    activeadmin-mongoid (1.0.0)
      activeadmin (>= 1.4.3)
      jquery-rails
      kaminari-mongoid
      mongoid (>= 6.0, < 8.a)
      sass-rails (>= 3.1.4)
    activeadmin-xls (2.0.3)
      activeadmin (>= 1.0.0)
      spreadsheet (~> 1.0)
    activejob (6.0.6.1)
      activesupport (= 6.0.6.1)
      globalid (>= 0.3.6)
    activemodel (6.0.6.1)
      activesupport (= 6.0.6.1)
    activerecord (6.0.6.1)
      activemodel (= 6.0.6.1)
      activesupport (= 6.0.6.1)
    activestorage (6.0.6.1)
      actionpack (= 6.0.6.1)
      activejob (= 6.0.6.1)
      activerecord (= 6.0.6.1)
      marcel (~> 1.0)
    activesupport (6.0.6.1)
      concurrent-ruby (~> 1.0, >= 1.0.2)
      i18n (>= 0.7, < 2)
      minitest (~> 5.1)
      tzinfo (~> 1.1)
      zeitwerk (~> 2.2, >= 2.2.2)
    acts-as-joinable (0.2.6)
    addressable (2.8.4)
      public_suffix (>= 2.0.2, < 6.0)
    admin_data (1.1.16)
      will_paginate (>= 3.0.0)
    aes_key_wrap (1.1.0)
    ai4r (1.13)
    airbrussh (1.4.1)
      sshkit (>= 1.6.1, != 1.7.0)
    alexa (0.7.0)
      aws-sigv4
      multi_xml (>= 0.5.0)
    algebrick (0.7.5)
    aliyun-sdk (0.8.0)
      nokogiri (~> 1.6)
      rest-client (~> 2.0)
    amazing_print (1.5.0)
    amq-protocol (2.3.2)
    amqp (1.8.0)
      amq-protocol (>= 2.2.0)
      eventmachine
    ansi (1.3.0)
    apipie-bindings (0.6.0)
      gssapi
      json (>= 1.2.1)
      oauth
      rest-client (>= 1.6.5, < 3.0.0)
    apipie-params (0.0.5)
    approximately (1.1.0)
    ar_lazy_preload (1.1.2)
      rails (>= 5.2)
    arachni-reactor (0.1.3.2)
    arbre (1.5.0)
      activesupport (>= 3.0.0, < 7.1)
      ruby2_keywords (>= 0.0.2, < 1.0)
    as-notifications (1.0.2)
    asetus (0.4.0)
    assert (2.19.8)
      much-factory (~> 0.2.3)
      much-not-given (~> 0.1.3)
      much-stub (~> 0.1.10)
    ast (2.4.2)
    atk_toolbox (0.0.9)
      zip (~> 2.0, >= 2.0.2)
    attr_encrypted (4.0.0)
      encryptor (~> 3.0.0)
    attr_vault (2.1.2)
      pg (>= 0.18)
      sequel (>= 4.13, < 6.0)
    atv (1.0.1)
    audited (5.3.3)
      activerecord (>= 5.0, < 7.1)
      request_store (~> 1.2)
    autoprefixer-rails (10.4.13.0)
      execjs (~> 2)
    awesome_nested_set (3.5.0)
      activerecord (>= 4.0.0, < 7.1)
    awesome_print (1.7.0)
    aws-eventstream (1.2.0)
    aws-partitions (1.774.0)
    aws-sdk-codecommit (1.54.0)
      aws-sdk-core (~> 3, >= 3.174.0)
      aws-sigv4 (~> 1.1)
    aws-sdk-core (3.174.0)
      aws-eventstream (~> 1, >= 1.0.2)
      aws-partitions (~> 1, >= 1.651.0)
      aws-sigv4 (~> 1.5)
      jmespath (~> 1, >= 1.6.1)
    aws-sdk-dynamodb (1.85.0)
      aws-sdk-core (~> 3, >= 3.174.0)
      aws-sigv4 (~> 1.1)
    aws-sdk-ecr (1.59.0)
      aws-sdk-core (~> 3, >= 3.174.0)
      aws-sigv4 (~> 1.1)
    aws-sdk-kms (1.65.0)
      aws-sdk-core (~> 3, >= 3.174.0)
      aws-sigv4 (~> 1.1)
    aws-sdk-s3 (1.123.1)
      aws-sdk-core (~> 3, >= 3.174.0)
      aws-sdk-kms (~> 1)
      aws-sigv4 (~> 1.4)
    aws-sdk-secretsmanager (1.76.0)
      aws-sdk-core (~> 3, >= 3.174.0)
      aws-sigv4 (~> 1.1)
    aws-sdk-sns (1.61.0)
      aws-sdk-core (~> 3, >= 3.174.0)
      aws-sigv4 (~> 1.1)
    aws-sdk-sqs (1.56.0)
      aws-sdk-core (~> 3, >= 3.174.0)
      aws-sigv4 (~> 1.1)
    aws-sdk-ssm (1.151.0)
      aws-sdk-core (~> 3, >= 3.174.0)
      aws-sigv4 (~> 1.1)
    aws-sigv4 (1.5.2)
      aws-eventstream (~> 1, >= 1.0.2)
    aws_data (0.1.1)
      aws-sdk-core
      memoist
    awssume (1.0.1)
      aws-sdk-core
    axiom-types (0.1.1)
      descendants_tracker (~> 0.0.4)
      ice_nine (~> 0.11.0)
      thread_safe (~> 0.3, >= 0.3.1)
    backports (3.24.1)
    barber (0.12.2)
      ember-source (>= 1.0, < 3.1)
      execjs (>= 1.2, < 3)
    barber-emblem (0.1.2)
      barber (>= 0.4.1)
      emblem-source
    bcrypt (3.1.18)
    bcrypt_pbkdf (1.1.0)
    bindata (2.4.15)
    blacklight (7.33.1)
      deprecation
      globalid
      hashdiff
      i18n (>= 1.7.0)
      jbuilder (~> 2.7)
      kaminari (>= 0.15)
      ostruct (>= 0.3.2)
      rails (>= 5.1, < 7.1)
      view_component (~> 2.66)
    blacklight_advanced_search (7.0.0)
      blacklight (~> 7.0)
      parslet
    bluecloth (2.2.0)
    bootstrap-sass (3.4.1)
      autoprefixer-rails (>= 5.2.1)
      sassc (>= 2.0.0)
    bootstrap-social-rails (4.12.0)
      railties (>= 3.1)
    bootswatch_rails (3.3.7.8)
      bootstrap-sass (~> 3.1)
      enumerize (~> 2.0)
      railties (>= 4.0)
    browser (2.5.0)
    bson (4.15.0)
    builder (3.2.4)
    bummr (0.6.0)
      rainbow
      thor
    bunny (2.20.3)
      amq-protocol (~> 2.3, >= 2.3.1)
      sorted_set (~> 1, >= 1.0.2)
    cadenza (0.8.0)
      multi_json (>= 1.3.0)
    cancan (1.6.10)
    cancancan (3.5.0)
    cape (1.8.0)
    capistrano (3.17.3)
      airbrussh (>= 1.0.0)
      i18n
      rake (>= 10.0.0)
      sshkit (>= 1.9.0)
    capistrano-bundler (2.1.0)
      capistrano (~> 3.1)
    capistrano-ext (1.2.1)
      capistrano (>= 1.0.0)
    capistrano-rails (1.6.2)
      capistrano (~> 3.1)
      capistrano-bundler (>= 1.1, < 3)
    capistrano-rails-tail-log (0.1.0)
      capistrano (>= 3.0)
      capistrano-rails
    capistrano_colors (0.5.5)
    case_transform (0.2)
      activesupport
    cbeta (2.7.15)
    cd (1.0.1)
    ceaser-easing (0.7)
      compass (>= 0.12.2)
      rake
    certified (1.0.0)
    challah (1.6.1)
      bcrypt (~> 3.1)
      highline (~> 1.7, >= 1.7.1)
      rails (>= 4.2.0)
      rake (>= 10.3)
    chandler (0.9.0)
      netrc
      octokit (>= 2.2.0)
    chanko (2.2.1)
      rails (>= 4.0.0)
    chef (18.2.7)
      addressable
      aws-sdk-s3 (~> 1.91)
      aws-sdk-secretsmanager (~> 1.46)
      chef-config (= 18.2.7)
      chef-utils (= 18.2.7)
      chef-vault
      chef-zero (>= 14.0.11)
      corefoundation (~> 0.3.4)
      diff-lcs (>= 1.2.4, < 1.6.0, != 1.4.0)
      erubis (~> 2.7)
      ffi (>= 1.15.5)
      ffi-libarchive (~> 1.0, >= 1.0.3)
      ffi-yajl (~> 2.2)
      iniparse (~> 1.4)
      inspec-core (>= 5)
      license-acceptance (>= 1.0.5, < 3)
      mixlib-archive (>= 0.4, < 2.0)
      mixlib-authentication (>= 2.1, < 4)
      mixlib-cli (>= 2.1.1, < 3.0)
      mixlib-log (>= 2.0.3, < 4.0)
      mixlib-shellout (>= 3.1.1, < 4.0)
      net-ftp
      net-sftp (>= 2.1.2, < 5.0)
      ohai (~> 18.0)
      plist (~> 3.2)
      proxifier2 (~> 1.1)
      syslog-logger (~> 1.6)
      train-core (~> 3.10)
      train-rest (>= 0.4.1)
      train-winrm (>= 0.2.5)
      unf_ext (>= 0.0.8.2)
      uuidtools (>= 2.1.5, < 3.0)
      vault (~> 0.16)
    chef-config (18.2.7)
      addressable
      chef-utils (= 18.2.7)
      fuzzyurl
      mixlib-config (>= 2.2.12, < 4.0)
      mixlib-shellout (>= 2.0, < 4.0)
      tomlrb (~> 1.2)
    chef-handler-elapsed-time (0.1.4)
    chef-telemetry (1.1.1)
      chef-config
      concurrent-ruby (~> 1.0)
    chef-utils (18.2.7)
      concurrent-ruby
    chef-vault (4.1.11)
    chef-zero (15.0.11)
      ffi-yajl (~> 2.2)
      hashie (>= 2.0, < 5.0)
      mixlib-log (>= 2.0, < 4.0)
      rack (~> 2.0, >= 2.0.6)
      uuidtools (~> 2.1)
      webrick
    childprocess (4.1.0)
    chingu (0.8.1)
      crack
      gosu (>= 0.7.25)
      rest-client
    chronic (0.10.2)
    chunky_png (1.4.0)
    citrus (3.0.2)
    claide (1.1.0)
    claide-plugins (0.9.2)
      cork
      nap
      open4 (~> 1.3)
    clamp (1.3.2)
    class_kit (0.8.0)
      hash_kit
      json
    cli-format (0.2.2)
      activesupport
      text-table
      zeitwerk
    cloud66_agent (1.0.0)
      httparty (>= 0.8.1)
      sys-filesystem (~> 1.0.0)
    cmess (0.5.1)
      htmlentities (~> 4.3)
      nuggets (~> 1.5)
      safe_yaml (~> 1.0)
    cnccs (0.1.6)
    code (0.9.4)
      coderay (~> 1.1)
      method_source (>= 0.9, < 2.0)
    coderay (1.1.3)
    coercible (1.0.0)
      descendants_tracker (~> 0.0.1)
    colorbox-rails (0.1.2)
      jquery-rails
      rails (>= 3.1.1)
    colored2 (3.1.2)
    colsole (1.0.0)
    commander (4.4.6)
      highline (~> 1.7.2)
    commonmarker (0.23.9)
    compass (1.0.3)
      chunky_png (~> 1.2)
      compass-core (~> 1.0.2)
      compass-import-once (~> 1.0.5)
      rb-fsevent (>= 0.9.3)
      rb-inotify (>= 0.9)
      sass (>= 3.3.13, < 3.5)
    compass-core (1.0.3)
      multi_json (~> 1.0)
      sass (>= 3.3.0, < 3.5)
    compass-import-once (1.0.5)
      sass (>= 3.2, < 3.5)
    compath (0.1.9)
    concurrent-ruby (1.2.2)
    concurrent-ruby-edge (0.7.0)
      concurrent-ruby (~> 1.2.0)
    conekta (2.6.0)
      bundler (>= 1.3)
      faraday
      i18n
      json
      rake
      sys-uname
    configlet (2.1.1)
    configparser (0.1.7)
    connection_pool (2.4.1)
    contacts (1.2.4)
      gdata (= 1.1.1)
      json (>= 0.4.1)
    content_disposition (1.0.0)
    cool.io (1.7.1)
    corefoundation (0.3.13)
      ffi (>= 1.15.0)
    cork (0.3.0)
      colored2 (~> 3.1)
    crack (0.4.5)
      rexml
    crass (1.0.6)
    crimp (1.0.0)
      deepsort
    crossroads_capistrano (1.4.50)
      capistrano (>= 2.6.0)
      capistrano-ext (>= 1.2.1)
      capistrano_colors (>= 0.5.4)
      rvm-capistrano (>= 1.2.7)
    css_parser (1.14.0)
      addressable
    css_press (0.3.2)
      csspool-st (= 3.1.2)
      json
    csspool-st (3.1.2)
    cucumber (3.2.0)
      builder (>= 2.1.2)
      cucumber-core (~> 3.2.0)
      cucumber-expressions (~> 6.0.1)
      cucumber-wire (~> 0.0.1)
      diff-lcs (~> 1.3)
      gherkin (~> 5.1.0)
      multi_json (>= 1.7.5, < 2.0)
      multi_test (>= 0.1.2)
    cucumber-core (3.2.1)
      backports (>= 3.8.0)
      cucumber-tag_expressions (~> 1.1.0)
      gherkin (~> 5.0)
    cucumber-expressions (6.0.1)
    cucumber-tag_expressions (1.1.1)
    cucumber-wire (0.0.1)
    cupertino (1.4.0)
      certified (~> 1.0)
      commander (~> 4.4)
      highline (~> 1.7)
      mechanize (~> 2.7)
      nokogiri (~> 1.8)
      security (~> 0.1)
      term-ansicolor (~> 1.4)
      terminal-table (~> 1.8)
    daemons (1.4.1)
    danger (9.3.0)
      claide (~> 1.0)
      claide-plugins (>= 0.9.2)
      colored2 (~> 3.1)
      cork (~> 0.1)
      faraday (>= 0.9.0, < 3.0)
      faraday-http-cache (~> 2.0)
      git (~> 1.13.0)
      kramdown (~> 2.3)
      kramdown-parser-gfm (~> 1.0)
      no_proxy_fix
      octokit (~> 5.0)
      terminal-table (>= 1, < 4)
    danger-ktlint (0.0.7)
      danger-plugin-api (~> 1.0)
    danger-plugin-api (1.0.0)
      danger (> 2.0)
    danger-xcodebuild (0.0.6)
      danger-plugin-api (~> 1.0)
    date (3.3.3)
    declarative (0.0.20)
    deep_merge (1.2.2)
    deepsort (0.4.5)
    deepstruct (0.0.7)
    deface (1.9.0)
      actionview (>= 5.2)
      nokogiri (>= 1.6)
      polyglot
      railties (>= 5.2)
      rainbow (>= 2.1.0)
    dependabot-common (0.218.0)
      aws-sdk-codecommit (~> 1.28)
      aws-sdk-ecr (~> 1.5)
      bundler (>= 1.16, < 3.0.0)
      commonmarker (>= 0.20.1, < 0.24.0)
      docker_registry2 (~> 1.14.0)
      excon (~> 0.96, < 0.100)
      faraday (= 2.7.4)
      faraday-retry (= 2.1.0)
      gitlab (= 4.19.0)
      nokogiri (~> 1.8)
      octokit (>= 4.6, < 7.0)
      parser (>= 2.5, < 4.0)
      psych (~> 5.0)
      toml-rb (>= 1.1.2, < 3.0)
    dependabot-pub (0.218.0)
      dependabot-common (= 0.218.0)
    deprecation (1.1.0)
      activesupport
    deputy (0.1.58)
    descendants_tracker (0.0.4)
      thread_safe (~> 0.3, >= 0.3.1)
    detect_language (1.1.2)
    devfile (0.0.18.pre.alpha1-arm64-darwin)
    devise (4.9.2)
      bcrypt (~> 3.0)
      orm_adapter (~> 0.1)
      railties (>= 4.1.0)
      responders
      warden (~> 1.2.3)
    devise_uid (0.1.1)
      devise (>= 3.0.0)
      railties (>= 3.0)
    diff-lcs (1.5.0)
    diffy (3.4.2)
    dig_rb (1.0.1)
    dm-core (1.2.1)
      addressable (~> 2.3)
    dm-migrations (1.2.0)
      dm-core (~> 1.2.0)
    dnsimple (8.3.1)
      httparty
    dnsimple-ruby (2.0.0)
      dnsimple (>= 2.0)
    docker_registry2 (1.14.0)
      rest-client (>= 1.8.0)
    docman (0.0.107)
      diffy
      etc
      hash-deep-merge
      hooks
      io-console
      json
      net-sftp
      thor
    dogstatsd-ruby (5.5.0)
    doing (1.0.35)
      chronic (~> 0.10, >= 0.10.2)
      deep_merge (~> 1.2, >= 1.2.1)
      gli (~> 2.19, >= 2.19.2)
      haml (~> 5.1.2, >= 5.1.2)
      json (~> 2.3.1, >= 1.8.1)
    domain_name (0.5.20190701)
      unf (>= 0.0.5, < 1.0.0)
    dot_hash (1.1.8)
    dotgpg (0.7.0)
      gpgme
      thor
    down (5.4.1)
      addressable (~> 2.8)
    dpl (1.10.16)
    dpl-azure_webapps (1.10.16)
      dpl (= 1.10.16)
    dpl-bluemix_cloud_foundry (1.10.16)
      dpl (= 1.10.16)
    droplet_kit (3.19.0)
      faraday (>= 0.15)
      kartograph (~> 0.2.8)
      resource_kit (~> 0.1.5)
      virtus (>= 1.0.3, <= 3)
    dry-configurable (1.0.1)
      dry-core (~> 1.0, < 2)
      zeitwerk (~> 2.6)
    dry-core (1.0.0)
      concurrent-ruby (~> 1.0)
      zeitwerk (~> 2.6)
    dry-inflector (1.0.0)
    dry-initializer (3.1.1)
    dry-logic (1.5.0)
      concurrent-ruby (~> 1.0)
      dry-core (~> 1.0, < 2)
      zeitwerk (~> 2.6)
    dry-struct (1.6.0)
      dry-core (~> 1.0, < 2)
      dry-types (>= 1.7, < 2)
      ice_nine (~> 0.11)
      zeitwerk (~> 2.6)
    dry-types (1.7.1)
      concurrent-ruby (~> 1.0)
      dry-core (~> 1.0)
      dry-inflector (~> 1.0)
      dry-logic (~> 1.4)
      zeitwerk (~> 2.6)
    dryml (2.2.0)
      actionpack
      hobo_support (= 2.2.0)
    dynflow (0.8.17)
      algebrick (~> 0.7.0)
      apipie-params
      concurrent-ruby (~> 1.0)
      concurrent-ruby-edge (~> 0.2)
      multi_json
      sequel
    earthquake (0.9.4)
      activesupport
      awesome_print
      i18n
      launchy
      notify
      oauth
      slop (~> 3.0)
      twitter-stream
      twitter_oauth (= 0.4.3)
    ec2-metadata (0.2.2)
    ed25519 (1.3.0)
    edtf (3.1.1)
      activesupport (>= 3.0, < 8.0)
    ejs (1.1.1)
    eldritch (1.1.3)
      reentrant_mutex (~> 1.1.0)
    em-hot_tub (1.1.0)
      em-synchrony
      hot_tub (~> 1.0.0)
    em-synchrony (0.2.0)
      eventmachine (>= 0.12.9)
    email (0.1.0)
      public_suffix
    email_prefixer (1.2.0)
      rails (>= 4.0)
    ember-data-source (3.0.2)
      ember-source (>= 2, < 3.0)
    ember-rails (0.17.0)
      active_model_serializers
      barber (>= 0.7.0)
      ember-data-source (>= 1.0.0.beta.5)
      ember-source (>= 1.1.0)
      execjs (>= 1.2)
      jquery-rails (>= 1.0.17)
      railties (>= 3.1)
    ember-source (2.18.2)
    emblem-rails (0.2.2)
      barber-emblem (~> 0.1.1)
      ember-rails (>= 0.14.0)
    emblem-source (0.4.0)
    encryptor (3.0.0)
    enju_message (0.1.16)
      awesome_nested_set
      rails_autolink
      resque_mailer
      simple_form
      statesman (~> 1.3)
    enju_ndl (0.2.0.beta.1)
      faraday
      library_stdnums
      lisbn
      nokogiri
    enumerize (2.6.1)
      activesupport (>= 3.2)
    erubi (1.12.0)
    erubis (2.7.0)
    escape_utils (1.3.0)
    et-orbi (1.2.7)
      tzinfo
    etc (1.4.2)
    event_machine (0.4.1)
      activesupport (>= 3.0.0)
      rails (>= 3.0.0)
    eventmachine (0.12.10)
    eventq_base (1.18.0)
      class_kit
      oj
      openssl
      redlock
    excon (0.99.0)
    execjs (2.8.1)
    extlib (0.9.16)
    facebooker (1.0.75)
      json_pure (>= 1.0.0)
    factual-api (1.3.20)
      json (~> 2.0, >= 2.0.0)
      oauth (~> 0.4.4, >= 0.4.4)
    faker (2.23.0)
      i18n (>= 1.8.11, < 2)
    faraday (2.7.4)
      faraday-net_http (>= 2.0, < 3.1)
      ruby2_keywords (>= 0.0.4)
    faraday-follow_redirects (0.3.0)
      faraday (>= 1, < 3)
    faraday-http-cache (2.5.0)
      faraday (>= 0.8)
    faraday-net_http (3.0.2)
    faraday-retry (2.1.0)
      faraday (~> 2.0)
    fast_gettext (2.3.0)
    fastlane-plugin-download_file (1.0.0)
    fastlane-plugin-gradle_properties (0.1.0)
      java-properties
    fdoc (0.3.1)
      json
      json-schema (>= 1.0.1)
      kramdown
      thor
    fetcher (0.4.5)
      logutils (>= 0.6)
    ffi (1.15.5)
    ffi-compiler (1.0.1)
      ffi (>= 1.0.0)
      rake
    ffi-libarchive (1.1.3)
      ffi (~> 1.0)
    ffi-yajl (2.4.0)
      libyajl2 (>= 1.2)
    filigree (0.4.1)
    fission (0.5.0)
      CFPropertyList (~> 2.2)
    flexyear (2.4.0)
    fluent-logger (0.9.0)
      msgpack (>= 1.0.0, < 2)
    fluent-mixin-plaintextformatter (0.2.6)
      fluentd
      ltsv
    fluent-plugin-config-expander (1.0.1)
      fluentd (>= 0.14.0)
    fluent-plugin-file-alternative (0.2.2)
      fluent-mixin-plaintextformatter
      fluentd (>= 0.10.39)
    fluentd (1.8.1)
      cool.io (>= 1.4.5, < 2.0.0)
      dig_rb (~> 1.0.0)
      http_parser.rb (>= 0.5.1, < 0.7.0)
      msgpack (>= 1.2.0, < 2.0.0)
      serverengine (>= 2.0.4, < 3.0.0)
      sigdump (~> 0.2.2)
      strptime (>= 0.2.2, < 1.0.0)
      tzinfo (>= 1.0, < 3.0)
      tzinfo-data (~> 1.0)
      yajl-ruby (~> 1.0)
    fog (1.42.1)
      fog-aliyun (>= 0.1.0)
      fog-atmos
      fog-aws (>= 0.6.0)
      fog-brightbox (~> 0.4)
      fog-cloudatcost (~> 0.1.0)
      fog-core (~> 1.45)
      fog-digitalocean (>= 0.3.0)
      fog-dnsimple (~> 1.0)
      fog-dynect (~> 0.0.2)
      fog-ecloud (~> 0.1)
      fog-google (<= 0.1.0)
      fog-internet-archive
      fog-joyent
      fog-json
      fog-local
      fog-openstack
      fog-ovirt
      fog-powerdns (>= 0.1.1)
      fog-profitbricks
      fog-rackspace
      fog-radosgw (>= 0.0.2)
      fog-riakcs
      fog-sakuracloud (>= 0.0.4)
      fog-serverlove
      fog-softlayer
      fog-storm_on_demand
      fog-terremark
      fog-vmfusion
      fog-voxel
      fog-vsphere (>= 0.4.0)
      fog-xenserver
      fog-xml (~> 0.1.1)
      ipaddress (~> 0.5)
      json (~> 2.0)
    fog-aliyun (0.4.0)
      addressable (~> 2.8.0)
      aliyun-sdk (~> 0.8.0)
      fog-core
      fog-json
      ipaddress (~> 0.8)
      xml-simple (~> 1.1)
    fog-atmos (0.1.0)
      fog-core
      fog-xml
    fog-aws (2.0.1)
      fog-core (~> 1.38)
      fog-json (~> 1.0)
      fog-xml (~> 0.1)
      ipaddress (~> 0.8)
    fog-brightbox (0.16.1)
      dry-inflector
      fog-core
      fog-json
      mime-types
    fog-cloudatcost (0.1.2)
      fog-core (~> 1.36)
      fog-json (~> 1.0)
      fog-xml (~> 0.1)
      ipaddress (~> 0.8)
    fog-core (1.45.0)
      builder
      excon (~> 0.58)
      formatador (~> 0.2)
    fog-digitalocean (0.4.0)
      fog-core
      fog-json
      fog-xml
      ipaddress (>= 0.5)
    fog-dnsimple (1.0.0)
      fog-core (~> 1.38)
      fog-json (~> 1.0)
    fog-dynect (0.0.3)
      fog-core
      fog-json
      fog-xml
    fog-ecloud (0.3.0)
      fog-core
      fog-xml
    fog-google (0.1.0)
      fog-core
      fog-json
      fog-xml
    fog-internet-archive (0.0.2)
      fog-core
      fog-json
      fog-xml
    fog-joyent (0.0.1)
      fog-core (~> 1.42)
      fog-json (>= 1.0)
    fog-json (1.2.0)
      fog-core
      multi_json (~> 1.10)
    fog-local (0.8.0)
      fog-core (>= 1.27, < 3.0)
    fog-openstack (0.3.10)
      fog-core (>= 1.45, <= 2.1.0)
      fog-json (>= 1.0)
      ipaddress (>= 0.8)
    fog-ovirt (2.0.2)
      activesupport
      fog-core
      fog-json
      fog-xml
      ovirt-engine-sdk (>= 4.3.1)
    fog-powerdns (0.2.0)
      fog-core
      fog-json
      fog-xml
    fog-profitbricks (4.1.1)
      fog-core (~> 1.42)
      fog-json (~> 1.0)
    fog-rackspace (0.1.6)
      fog-core (>= 1.35)
      fog-json (>= 1.0)
      fog-xml (>= 0.1)
      ipaddress (>= 0.8)
    fog-radosgw (0.0.5)
      fog-core (>= 1.21.0)
      fog-json
      fog-xml (>= 0.0.1)
    fog-riakcs (0.1.0)
      fog-core
      fog-json
      fog-xml
    fog-sakuracloud (1.7.5)
      fog-core
      fog-json
    fog-serverlove (0.1.2)
      fog-core
      fog-json
    fog-softlayer (1.1.4)
      fog-core
      fog-json
    fog-storm_on_demand (0.1.1)
      fog-core
      fog-json
    fog-terremark (0.1.0)
      fog-core
      fog-xml
    fog-vmfusion (0.1.0)
      fission
      fog-core
    fog-voxel (0.1.0)
      fog-core
      fog-xml
    fog-vsphere (3.6.0)
      fog-core
      rbvmomi2 (~> 3.0)
    fog-xenserver (1.0.0)
      fog-core
      fog-xml
      xmlrpc
    fog-xml (0.1.4)
      fog-core
      nokogiri (>= 1.5.11, < 2.0.0)
    foreman-tasks (0.8.6)
      daemons
      dynflow (~> 0.8.17)
      foreman-tasks-core
      parse-cron (~> 0.1.4)
      sequel
      sinatra
    foreman-tasks-core (0.2.6)
    foreman_remote_execution (1.2.2)
      deface
      dynflow (~> 0.8.10)
      foreman-tasks (~> 0.8.1)
      foreman_remote_execution_core
    foreman_remote_execution_core (1.1.5)
      foreman-tasks-core (>= 0.1.5)
      net-ssh
    formatador (0.3.0)
    formtastic (4.0.0)
      actionpack (>= 5.2.0)
    formtastic_i18n (0.7.0)
    fugit (1.8.1)
      et-orbi (~> 1, >= 1.2.7)
      raabro (~> 1.4)
    futurevalue (0.0.2)
    fuubar-cucumber (0.1.0)
      cucumber (>= 1, < 4)
      ruby-progressbar (~> 1.2)
    fuzzyurl (0.9.0)
    gapic-common (0.19.1)
      faraday (>= 1.9, < 3.a)
      faraday-retry (>= 1.0, < 3.a)
      google-protobuf (~> 3.14)
      googleapis-common-protos (>= 1.3.12, < 2.a)
      googleapis-common-protos-types (>= 1.3.1, < 2.a)
      googleauth (~> 1.0)
      grpc (~> 1.36)
    gb-agencies (0.0.7)
    gcal4ruby (0.5.5)
      gdata4ruby (>= 0.1.5)
    gce-metadata (0.2.4)
      awesome_print (>= 1.7.0, < 1.8)
      ec2-metadata (~> 0.2, >= 0.2.2)
    gdata (1.1.1)
    gdata4ruby (0.1.5)
    gherkin (5.1.0)
    git (1.13.2)
      addressable (~> 2.8)
      rchardet (~> 1.8)
    gitlab (4.19.0)
      httparty (~> 0.20)
      terminal-table (>= 1.5.1)
    gli (2.21.0)
    globalid (1.1.0)
      activesupport (>= 5.0)
    google-apis-core (0.11.0)
      addressable (~> 2.5, >= 2.5.1)
      googleauth (>= 0.16.2, < 2.a)
      httpclient (>= 2.8.1, < 3.a)
      mini_mime (~> 1.0)
      representable (~> 3.0)
      retriable (>= 2.0, < 4.a)
      rexml
      webrick
    google-apis-people_v1 (0.36.0)
      google-apis-core (>= 0.11.0, < 2.a)
    google-cloud-core (1.6.0)
      google-cloud-env (~> 1.0)
      google-cloud-errors (~> 1.0)
    google-cloud-env (1.6.0)
      faraday (>= 0.17.3, < 3.0)
    google-cloud-errors (1.3.1)
    google-cloud-security_center (1.4.0)
      google-cloud-core (~> 1.6)
      google-cloud-security_center-v1 (>= 0.26, < 2.a)
      google-cloud-security_center-v1p1beta1 (>= 0.10, < 2.a)
    google-cloud-security_center-v1 (0.29.0)
      gapic-common (>= 0.19.0, < 2.a)
      google-cloud-errors (~> 1.0)
      grpc-google-iam-v1 (~> 1.1)
    google-cloud-security_center-v1p1beta1 (0.11.0)
      gapic-common (>= 0.19.0, < 2.a)
      google-cloud-errors (~> 1.0)
      grpc-google-iam-v1 (~> 1.1)
    google-cloud-talent (1.3.0)
      google-cloud-core (~> 1.6)
      google-cloud-talent-v4 (>= 0.9, < 2.a)
      google-cloud-talent-v4beta1 (>= 0.7, < 2.a)
    google-cloud-talent-v4 (0.10.0)
      gapic-common (>= 0.19.0, < 2.a)
      google-cloud-errors (~> 1.0)
    google-cloud-talent-v4beta1 (0.8.0)
      gapic-common (>= 0.19.0, < 2.a)
      google-cloud-errors (~> 1.0)
    google-protobuf (3.23.2-arm64-darwin)
    googleapis-common-protos (1.4.0)
      google-protobuf (~> 3.14)
      googleapis-common-protos-types (~> 1.2)
      grpc (~> 1.27)
    googleapis-common-protos-types (1.6.0)
      google-protobuf (~> 3.14)
    googleauth (1.5.2)
      faraday (>= 0.17.3, < 3.a)
      jwt (>= 1.4, < 3.0)
      memoist (~> 0.16)
      multi_json (~> 1.11)
      os (>= 0.9, < 2.0)
      signet (>= 0.16, < 2.a)
    goran (0.6)
    gosu (1.4.6)
    gpgme (2.0.22)
      mini_portile2 (~> 2.7)
    grit (2.5.0)
      diff-lcs (~> 1.1)
      mime-types (~> 1.15)
      posix-spawn (~> 0.3.6)
    grpc (1.55.0)
      google-protobuf (~> 3.23)
      googleapis-common-protos-types (~> 1.0)
    grpc-google-iam-v1 (1.2.0)
      google-protobuf (~> 3.14)
      googleapis-common-protos (>= 1.3.12, < 2.0)
      grpc (~> 1.27)
    gssapi (1.3.1)
      ffi (>= 1.0.1)
    gyoku (1.4.0)
      builder (>= 2.1.2)
      rexml (~> 3.0)
    haml (5.1.2)
      temple (>= 0.8.0)
      tilt
    haml2slim (0.4.7)
      haml (>= 3.0)
      nokogiri
      ruby_parser
    hammer_cli (3.7.0)
      amazing_print
      apipie-bindings (>= 0.6.0)
      clamp (>= 1.3.1, < 2.0.0)
      fast_gettext
      highline
      locale (>= 2.0.6)
      logging
      unicode
      unicode-display_width
    hammer_cli_foreman (3.7.0)
      apipie-bindings (>= 0.6.0)
      hammer_cli (>= 3.7.0)
      jwt (>= 2.2.1)
      rest-client (>= 1.8.0, < 3.0.0)
    has_scope (0.8.1)
      actionpack (>= 5.2)
      activesupport (>= 5.2)
    hash-deep-merge (0.1.1)
    hash_kit (0.6.0)
    hashdiff (1.0.1)
    hashids (1.0.6)
    hashie (4.1.0)
    hcl-checker (1.6.3)
    highline (1.7.10)
    hiredis-client (0.14.1)
      redis-client (= 0.14.1)
    hobo_support (2.2.0)
      rails
    holder_rails (2.9.3.1)
      railties (>= 3.1.0)
    hooks (0.4.1)
      uber (~> 0.0.14)
    hot_tub (1.0.0)
    html_press (0.8.2)
      htmlentities
      multi_css (>= 0.1.0)
      multi_js (>= 0.1.0)
    htmlentities (4.3.4)
    http (5.1.1)
      addressable (~> 2.8)
      http-cookie (~> 1.0)
      http-form_data (~> 2.2)
      llhttp-ffi (~> 0.4.0)
    http-accept (1.7.0)
    http-cookie (1.0.5)
      domain_name (~> 0.5)
    http-form_data (2.3.0)
    http_parser.rb (0.6.0)
    httparty (0.21.0)
      mini_mime (>= 1.0.0)
      multi_xml (>= 0.5.2)
    httpclient (2.8.3)
    i18n (1.14.0)
      concurrent-ruby (~> 1.0)
    i18n-inflector (2.6.7)
      i18n (>= 0.4.1)
    i18n-inflector-rails (1.0.7)
      actionpack (>= 3.0.0)
      i18n-inflector (~> 2.6)
      railties (>= 3.0.0)
    ice_nine (0.11.2)
    idiom (0.7.3)
      activesupport
      activesupport (>= 2.2.2)
      natural_time
      rspec
      sishen-rtranslate
      sishen-rtranslate (>= 1.2.9)
      timer
      yrb
    image_science (1.3.2)
      RubyInline (~> 3.9)
    img2zpl (1.0.1)
      mini_magick (~> 4.9)
    ims-lti (1.2.9)
      builder (>= 1.0, < 4.0)
      oauth (>= 0.4.5)
      rexml
    inherited_resources (1.13.1)
      actionpack (>= 5.2, < 7.1)
      has_scope (~> 0.6)
      railties (>= 5.2, < 7.1)
      responders (>= 2, < 4)
    iniparse (1.5.0)
    iniparser (1.0.1)
    inspec-core (5.22.3)
      addressable (~> 2.4)
      chef-telemetry (~> 1.0, >= 1.0.8)
      faraday (>= 1, < 3)
      faraday-follow_redirects (~> 0.3)
      hashie (>= 3.4, < 5.0)
      license-acceptance (>= 0.2.13, < 3.0)
      method_source (>= 0.8, < 2.0)
      mixlib-log (~> 3.0)
      multipart-post (~> 2.0)
      parallel (~> 1.9)
      parslet (>= 1.5, < 2.0)
      pry (~> 0.13)
      rspec (>= 3.9, <= 3.11)
      rspec-its (~> 1.2)
      rubyzip (>= 1.2.2, < 3.0)
      semverse (~> 3.0)
      sslshake (~> 1.2)
      thor (>= 0.20, < 2.0)
      tomlrb (>= 1.2, < 2.1)
      train-core (~> 3.10)
      tty-prompt (~> 0.17)
      tty-table (~> 0.10)
    io-console (0.6.0)
    iobuffer (1.1.2)
    ipaddress (0.8.3)
    ish_models (0.0.3)
    java-properties (0.3.0)
    jbuilder (2.11.5)
      actionview (>= 5.0.0)
      activesupport (>= 5.0.0)
    jmespath (1.6.2)
    jqtools-rails (0.1.3)
    jquery-monthpicker-rails (1.0.1)
      jquery-ui-rails (>= 3.0)
      railties (>= 3.1.0)
    jquery-rails (4.5.1)
      rails-dom-testing (>= 1, < 3)
      railties (>= 4.2.0)
      thor (>= 0.14, < 2.0)
    jquery-ui-rails (6.0.1)
      railties (>= 3.2.16)
    json (2.3.1)
    json-jwt (1.16.3)
      activesupport (>= 4.2)
      aes_key_wrap
      bindata
      faraday (~> 2.0)
      faraday-follow_redirects
    json-schema (2.8.1)
      addressable (>= 2.4)
    json_pure (2.6.3)
    jsonapi-renderer (0.2.2)
    jsonapi_spec_helpers (0.4.10)
      rspec (~> 3.0)
    jstree-rails-4 (3.3.8)
    jwt (2.7.0)
    kaminari (1.2.2)
      activesupport (>= 4.1.0)
      kaminari-actionview (= 1.2.2)
      kaminari-activerecord (= 1.2.2)
      kaminari-core (= 1.2.2)
    kaminari-actionview (1.2.2)
      actionview
      kaminari-core (= 1.2.2)
    kaminari-activerecord (1.2.2)
      activerecord
      kaminari-core (= 1.2.2)
    kaminari-core (1.2.2)
    kaminari-mongoid (1.0.2)
      kaminari-core (~> 1.0)
      mongoid
    kartograph (0.2.8)
    kitchen-digitalocean (0.14.2)
      droplet_kit (>= 3.7, < 4.0)
      test-kitchen (>= 1.17, < 4)
    knife (18.2.7)
      bcrypt_pbkdf (~> 1.1)
      chef (>= 18)
      chef-config (>= 18)
      chef-utils (>= 18)
      chef-vault
      erubis (~> 2.7)
      ffi (>= 1.15)
      ffi-yajl (~> 2.2)
      highline (>= 1.6.9, < 3)
      license-acceptance (>= 1.0.5, < 3)
      mixlib-archive (>= 0.4, < 2.0)
      mixlib-cli (>= 2.1.1, < 3.0)
      net-ssh (>= 5.1, < 8)
      net-ssh-multi (~> 1.2, >= 1.2.1)
      ohai (~> 18.0)
      pastel
      proxifier2 (~> 1.1)
      train-core (~> 3.10)
      train-winrm (>= 0.2.5)
      tty-prompt (~> 0.21)
      tty-screen (~> 0.6)
      tty-table (~> 0.11)
    kramdown (2.4.0)
      rexml
    kramdown-parser-gfm (1.1.0)
      kramdown (~> 2.0)
    launchy (2.5.2)
      addressable (~> 2.8)
    library_stdnums (1.6.0)
    libyajl2 (2.1.0)
    license-acceptance (2.1.13)
      pastel (~> 0.7)
      tomlrb (>= 1.2, < 3.0)
      tty-box (~> 0.6)
      tty-prompt (~> 0.20)
    liquid (5.4.0)
    lisbn (0.3.2)
      nokogiri
      nori (~> 2.0)
    lita-default-handlers (0.1.0)
    little-plugger (1.1.4)
    llhttp-ffi (0.4.0)
      ffi-compiler (~> 1.0)
      rake (~> 13.0)
    locale (2.1.3)
    logging (2.3.1)
      little-plugger (~> 1.1)
      multi_json (~> 1.14)
    logutils (0.6.1)
    loofah (2.21.3)
      crass (~> 1.0.2)
      nokogiri (>= 1.12.0)
    ltsv (0.1.2)
    luban (0.12.14)
      luban-cli (>= 0.4.9)
      sshkit
    luban-cli (0.4.9)
    madmimi (1.1.2)
      activesupport (> 3.0.0)
      crack (> 0.1.7)
      httparty (>= 0.13.1)
    mail (2.8.1)
      mini_mime (>= 0.1.1)
      net-imap
      net-pop
      net-smtp
    marcel (1.0.2)
    maxmind (0.4.7)
    mechanize (2.7.7)
      domain_name (~> 0.5, >= 0.5.1)
      http-cookie (~> 1.0)
      mime-types (>= 1.17.2)
      net-http-digest_auth (~> 1.1, >= 1.1.1)
      net-http-persistent (>= 2.5.2)
      nokogiri (~> 1.6)
      ntlm-http (~> 0.1, >= 0.1.1)
      webrick (~> 1.7)
      webrobots (>= 0.0.9, < 0.2)
    memoist (0.16.2)
    merb-core (1.1.3)
      bundler
      erubis (>= 2.6.2)
      extlib (>= 0.9.13)
      mime-types (>= 1.16)
      rack
      rake
    merb-haml (1.1.3)
      haml (>= 2.0.3)
      merb-core (~> 1.1.3)
    merb_datamapper (1.1.3)
      dm-core (>= 1.0)
      dm-migrations (>= 1.0)
      merb-core (~> 1.1)
    meterpreter_bins (0.0.22)
    method_source (1.0.0)
    migration_tools (1.8.0)
      activerecord (>= 4.2.0, < 7.1)
    mime-types (1.25.1)
    mini_magick (4.12.0)
    mini_mime (1.1.2)
    mini_portile2 (2.8.2)
    minisyntax (0.2.5)
    minitest (5.18.0)
    minitest-optional_retry (0.0.2)
      minitest (~> 5.0)
    mixlib-archive (1.1.7)
      mixlib-log
    mixlib-authentication (3.0.10)
    mixlib-cli (2.1.8)
    mixlib-config (3.0.27)
      tomlrb
    mixlib-install (3.12.27)
      mixlib-shellout
      mixlib-versioning
      thor
    mixlib-log (3.0.9)
    mixlib-shellout (3.2.7)
      chef-utils
    mixlib-versioning (1.2.12)
    mongo (2.18.2)
      bson (>= 4.14.1, < 5.0.0)
    mongoid (7.5.2)
      activemodel (>= 5.1, < 7.1, != 7.0.0)
      mongo (>= 2.10.5, < 3.0.0)
      ruby2_keywords (~> 0.0.5)
    mono_logger (1.1.2)
    morlock (0.0.7)
    motor-admin (0.4.17)
      ar_lazy_preload (~> 1.0)
      audited (~> 5.0)
      cancancan (~> 3.0)
      fugit (~> 1.0)
      rails (>= 5.2)
    msgpack (1.2.10)
    much-factory (0.2.3)
    much-mixin (0.2.5)
    much-not-given (0.1.3)
      much-mixin (~> 0.2.4)
    much-stub (0.1.10)
    multi_css (0.1.0)
      css_press
    multi_js (0.1.0)
      uglifier (~> 2)
    multi_json (1.15.0)
    multi_test (1.1.0)
    multi_xml (0.6.0)
    multipart-post (2.3.0)
    mustermann (3.0.0)
      ruby2_keywords (~> 0.0.1)
    nap (1.1.0)
    natural_time (0.2.1)
      activesupport
    ncursesw (1.4.10)
    net-ftp (0.2.0)
      net-protocol
      time
    net-http-digest_auth (1.4.1)
    net-http-persistent (4.0.2)
      connection_pool (~> 2.2)
    net-imap (0.3.4)
      date
      net-protocol
    net-pop (0.1.2)
      net-protocol
    net-protocol (0.2.1)
      timeout
    net-scp (4.0.0)
      net-ssh (>= 2.6.5, < 8.0.0)
    net-sftp (4.0.0)
      net-ssh (>= 5.0.0, < 8.0.0)
    net-smtp (0.3.3)
      net-protocol
    net-ssh (7.1.0)
    net-ssh-gateway (2.0.0)
      net-ssh (>= 4.0.0)
    net-ssh-multi (1.2.1)
      net-ssh (>= 2.6.5)
      net-ssh-gateway (>= 1.2.0)
    netaddr (2.0.6)
    netrc (0.11.0)
    nio4r (2.5.9)
    no_proxy_fix (0.1.2)
    nokogiri (1.15.2-arm64-darwin)
      racc (~> 1.4)
    nori (2.6.0)
    notify (0.5.2)
    ntlm-http (0.1.1)
    nuggets (1.6.1)
    oauth (0.4.7)
    oauth2 (2.0.9)
      faraday (>= 0.17.3, < 3.0)
      jwt (>= 1.0, < 3.0)
      multi_xml (~> 0.5)
      rack (>= 1.2, < 4)
      snaky_hash (~> 2.0)
      version_gem (~> 1.1)
    octokit (5.6.1)
      faraday (>= 1, < 3)
      sawyer (~> 0.9)
    ohai (18.1.3)
      chef-config (>= 14.12, < 19)
      chef-utils (>= 16.0, < 19)
      ffi (~> 1.9)
      ffi-yajl (~> 2.2)
      ipaddress
      mixlib-cli (>= 1.7.0)
      mixlib-config (>= 2.0, < 4.0)
      mixlib-log (>= 2.0.1, < 4.0)
      mixlib-shellout (~> 3.2, >= 3.2.5)
      plist (~> 3.1)
      train-core
      wmi-lite (~> 1.0)
    oj (3.15.0)
    omniauth (2.1.1)
      hashie (>= 3.4.6)
      rack (>= 2.2.3)
      rack-protection
    omniauth-bigcommerce (0.4.0)
      oauth2 (>= 1.4.4)
      omniauth
      omniauth-oauth2 (>= 1.5)
    omniauth-fitbit (2.0.0)
      multi_xml
      omniauth-oauth2 (~> 1.4)
    omniauth-oauth2 (1.8.0)
      oauth2 (>= 1.4, < 3)
      omniauth (~> 2.0)
    omniauth-orcid (2.1.1)
      omniauth-oauth2 (~> 1.3)
      ruby_dig (~> 0.0.2)
    onlyoffice_logger_helper (1.3.0)
    opal (1.7.3)
      ast (>= 2.3.0)
      parser (~> 3.0, >= 3.0.3.2)
    opal-jquery (0.4.6)
      opal (>= 0.10.0, < 2.0)
    open4 (1.3.4)
    openssl (3.1.0)
    opentelemetry-api (1.1.0)
    opentelemetry-propagator-b3 (0.20.0)
      opentelemetry-api (~> 1.0)
    optimist (3.0.1)
    optout (0.0.2)
    orm_adapter (0.5.0)
    os (0.9.6)
    ostruct (0.5.5)
    ovirt-engine-sdk (4.4.1)
      json (>= 1, < 3)
    ox (2.14.16)
    page_title_helper (6.0.0)
      rails (>= 5.2.0, < 7.1)
    pakman (1.1.0)
      fetcher (>= 0.4.5)
      liquid (>= 4.0.0)
      logutils (>= 0.6.1)
    panda_pal (5.6.12)
      attr_encrypted (~> 4.0.0)
      browser (= 2.5.0)
      httparty
      ims-lti (~> 1.2.4)
      json-jwt
      jwt
      rails (>= 4.2)
      ros-apartment (~> 2.2)
      secure_headers (~> 6.1)
    parallel (1.23.0)
    parse-cron (0.1.4)
    parser (3.2.2.1)
      ast (~> 2.4.1)
    parslet (1.8.2)
    pastel (0.8.0)
      tty-color (~> 0.5)
    pathbuilder (0.0.2)
    pdf-core (0.9.0)
    pebblebed (0.4.11)
      absolute_time
      activesupport
      addressable
      bunny
      deepstruct (>= 0.0.4)
      excon (>= 0.52.0)
      futurevalue
      nokogiri
      pathbuilder
      queryparams
      yajl-ruby
    pexels (0.5.0)
      requests (~> 1.0.2)
    pg (1.5.3)
    pg-dsn_parser (0.1.1)
    plist (3.7.0)
    pmd_translate_checkstyle_format (0.3.0)
      nori
      thor
    polyglot (0.3.5)
    polytexnic (1.8.0)
      json (~> 2.3.0)
      kramdown (>= 2.0, < 3.0)
      msgpack (~> 1.2.0)
      nokogiri (>= 1.6.0, < 2.0)
      pygments.rb (~> 2.1)
    popen4 (0.1.2)
      Platform (>= 0.4.0)
      open4 (>= 0.4.0)
    posix-spawn (0.3.15)
    prawn (2.4.0)
      pdf-core (~> 0.9.0)
      ttfunk (~> 1.7)
    prawn-gmagick (0.0.9)
      prawn (>= 0.15, < 3.0)
    prefixed_ids (1.6.0)
      hashids (>= 1.0.0, < 2.0.0)
      rails (>= 6.0.0)
    premailer (1.21.0)
      addressable
      css_parser (>= 1.12.0)
      htmlentities (>= 4.0.0)
    premailer-rails3 (1.3.2)
      premailer (~> 1.7)
      rails (>= 3)
    progressbar (1.13.0)
    promiscuous (0.25)
      activemodel
      activesupport
      amqp
      bunny
      em-synchrony
      ruby-progressbar
    propono (3.0.0)
      aws-sdk-sns
      aws-sdk-sqs
    props (1.2.0)
      iniparser (>= 0.1.0)
    proxifier2 (1.1.0)
    pry (0.14.2)
      coderay (~> 1.1)
      method_source (~> 1.0)
    psych (5.1.0)
      stringio
    public_suffix (5.0.1)
    puma (5.6.5)
      nio4r (~> 2.0)
    puma-heroku (2.0.0)
      puma (>= 5.0, < 6.0)
    puppet-lint (2.5.2)
    puppet-lint-no_file_path_attribute-check (0.1.1)
      puppet-lint (>= 1.1, < 3.0)
    pygments.rb (2.4.0)
    qtip2-jquery-rails (2.2.100)
      railties (>= 3.1)
    queryparams (0.0.3)
    quokkadb (1.2.0)
    raabro (1.4.0)
    racc (1.6.2)
    rack (2.2.7)
    rack-console (1.3.1)
      rack (>= 1.1)
      rack-test
    rack-protection (3.0.6)
      rack
    rack-test (2.1.0)
      rack (>= 1.3)
    rails (6.0.6.1)
      actioncable (= 6.0.6.1)
      actionmailbox (= 6.0.6.1)
      actionmailer (= 6.0.6.1)
      actionpack (= 6.0.6.1)
      actiontext (= 6.0.6.1)
      actionview (= 6.0.6.1)
      activejob (= 6.0.6.1)
      activemodel (= 6.0.6.1)
      activerecord (= 6.0.6.1)
      activestorage (= 6.0.6.1)
      activesupport (= 6.0.6.1)
      bundler (>= 1.3.0)
      railties (= 6.0.6.1)
      sprockets-rails (>= 2.0.0)
    rails-dom-testing (2.0.3)
      activesupport (>= 4.2.0)
      nokogiri (>= 1.6)
    rails-html-sanitizer (1.6.0)
      loofah (~> 2.21)
      nokogiri (~> 1.14)
    rails_autolink (1.1.8)
      actionview (> 3.1)
      activesupport (> 3.1)
      railties (> 3.1)
    rails_compatibility (0.0.8)
      activerecord (>= 3)
    railties (6.0.6.1)
      actionpack (= 6.0.6.1)
      activesupport (= 6.0.6.1)
      method_source
      rake (>= 0.8.7)
      thor (>= 0.20.3, < 2.0)
    rainbow (3.1.1)
    rainforest-cli (1.0.6)
      httparty
      parallel
      ruby-progressbar
    rake (13.0.6)
    rake-remote_task (2.4.4)
      open4 (~> 1.0)
      rake (>= 0.8, < 15.0)
    ransack (3.1.0)
      activerecord (>= 6.0.4)
      activesupport (>= 6.0.4)
      i18n
    rantly (1.2.0)
    rb-fsevent (0.11.2)
    rb-inotify (0.10.1)
      ffi (~> 1.0)
    rbtree (0.4.6)
    rbvmomi2 (3.6.1)
      builder (~> 3.2)
      json (~> 2.3)
      nokogiri (~> 1.12, >= 1.12.5)
      optimist (~> 3.0)
    rchardet (1.8.0)
    rdoc (4.3.0)
    rdoc-data (4.1.0)
      rdoc (~> 4.0)
    reality-core (1.8.0)
    reconnect_ar_rails (0.1.1)
    redirector (1.1.7)
      rails (>= 3.1)
    redis (5.0.6)
      redis-client (>= 0.9.0)
    redis-client (0.14.1)
      connection_pool
    redis-namespace (1.10.0)
      redis (>= 4)
    redlock (1.3.2)
      redis (>= 3.0.0, < 6.0)
    reentrant_mutex (1.1.1)
    regexp_parser (2.8.0)
    render_parent (0.1.0)
      rails (>= 2.3.0)
    renum (1.4.0)
    representable (3.2.0)
      declarative (< 0.1.0)
      trailblazer-option (>= 0.1.1, < 0.2.0)
      uber (< 0.2.0)
    request_profiler (0.0.4)
      ruby-prof
    request_store (1.5.1)
      rack (>= 1.4)
    requests (1.0.2)
    require_relative (1.0.3)
    resolv (0.2.2)
    resolv-replace (0.1.1)
      resolv
    resource_kit (0.1.8)
      addressable (>= 2.3.6, < 3.0.0)
    responders (3.1.0)
      actionpack (>= 5.2)
      railties (>= 5.2)
    resque (2.5.0)
      mono_logger (~> 1.0)
      multi_json (~> 1.0)
      redis-namespace (~> 1.6)
      sinatra (>= 0.9.2)
    resque-heroku (0.1.0)
    resque-mock (0.1.1)
      resque
    resque_mailer (2.4.3)
      actionmailer (>= 3.0)
      activesupport (>= 3.0)
    rest-client (2.1.0)
      http-accept (>= 1.7.0, < 2.0)
      http-cookie (>= 1.0.2, < 2.0)
      mime-types (>= 1.16, < 4.0)
      netrc (~> 0.8)
    retriable (3.1.2)
    rexml (3.2.5)
    rgviz (0.51)
    rgviz-rails (1.0.0)
      rails
      rgviz (>= 0.50)
    rmate (1.5.9)
    rollout (2.4.3)
    rollout_ui (0.3.0)
      rollout
    rom-core (5.3.0)
      concurrent-ruby (~> 1.1)
      dry-configurable (~> 1.0)
      dry-core (~> 1.0)
      dry-inflector (~> 1.0)
      dry-initializer (~> 3.0, >= 3.0.1)
      dry-struct (~> 1.0)
      dry-types (~> 1.6)
      transproc (~> 1.0, >= 1.1.0)
    rom-factory (0.11.0)
      dry-configurable (~> 1.0)
      dry-core (~> 1.0)
      dry-struct (~> 1.6)
      faker (>= 2.0, < 3.0)
      rom-core (~> 5.3)
    ros-apartment (2.3.0)
      activerecord (>= 3.1.2, < 6.1)
      parallel (>= 0.7.1)
      public_suffix (>= 2)
      rack (>= 1.3.6)
    rspec (3.11.0)
      rspec-core (~> 3.11.0)
      rspec-expectations (~> 3.11.0)
      rspec-mocks (~> 3.11.0)
    rspec-core (3.11.0)
      rspec-support (~> 3.11.0)
    rspec-expectations (3.11.1)
      diff-lcs (>= 1.2.0, < 2.0)
      rspec-support (~> 3.11.0)
    rspec-its (1.3.0)
      rspec-core (>= 3.0.0)
      rspec-expectations (>= 3.0.0)
    rspec-mocks (3.11.2)
      diff-lcs (>= 1.2.0, < 2.0)
      rspec-support (~> 3.11.0)
    rspec-request_snapshot (0.7.3)
      rspec (~> 3.0)
    rspec-support (3.11.1)
    rspec_json_schema_matcher (0.1.1)
      json-schema (~> 2.5)
      rspec (~> 3.0)
    rubocop (1.42.0)
      json (~> 2.3)
      parallel (~> 1.10)
      parser (>= 3.1.2.1)
      rainbow (>= 2.2.2, < 4.0)
      regexp_parser (>= 1.8, < 3.0)
      rexml (>= 3.2.5, < 4.0)
      rubocop-ast (>= 1.24.1, < 2.0)
      ruby-progressbar (~> 1.7)
      unicode-display_width (>= 1.4.0, < 3.0)
    rubocop-ast (1.29.0)
      parser (>= 3.2.1.0)
    rubocop-require_tools (0.1.2)
      rubocop (>= 0.49.1)
    ruby-jing (0.0.3)
      optout (>= 0.0.2)
    ruby-ole (1.2.12.2)
    ruby-prof (1.6.3)
    ruby-progressbar (1.13.0)
    ruby-supervisor (0.0.2)
    ruby-vnc (1.0.1)
    ruby2_keywords (0.0.5)
    ruby_dig (0.0.2)
    ruby_parser (3.20.1)
      sexp_processor (~> 4.16)
    ruby_speech (3.0.1)
      activesupport (>= 3.0.7)
      nokogiri (~> 1.8, >= 1.8.3)
    ruby_vcloud_sdk (0.7.4)
      builder (>= 3.1)
      httpclient (>= 2.4.0)
      netaddr
      nokogiri (>= 1.5.6)
      rest-client (>= 1.6.7)
    rubyntlm (0.6.3)
    rubyzip (2.3.2)
    rufus-scheduler (3.9.0)
      fugit (~> 1.1, >= 1.1.6)
    rufus-treechecker (1.0.8)
      ruby_parser (>= 2.0.5)
    rvm-capistrano (1.5.0)
      capistrano (>= 2.15.4)
    s3-secure (0.6.1)
      activesupport
      aws-sdk-s3
      cli-format
      memoist
      rainbow
      rexml
      text-table
      thor
      zeitwerk
    safe_redirect (0.2.6)
    safe_yaml (1.0.5)
    sandal (0.6.0)
    sandi_meter (1.2.0)
      json
      launchy
      mixlib-cli
    sass (3.4.25)
    sass-rails (6.0.0)
      sassc-rails (~> 2.1, >= 2.1.1)
    sassc (2.4.0)
      ffi (~> 1.9)
    sassc-rails (2.1.2)
      railties (>= 4.0.0)
      sassc (>= 2.0)
      sprockets (> 3.0)
      sprockets-rails
      tilt
    sawyer (0.9.2)
      addressable (>= 2.3.5)
      faraday (>= 0.17.3, < 3)
    secure_headers (6.5.0)
    security (0.1.5)
    semverse (3.0.2)
    sendgrid4r (1.15.0)
      rest-client (>= 1.8.0, < 3.0)
    sensu-plugin (1.3.0)
      json
      mixlib-cli (>= 1.5.0)
    sensu-plugins-supervisor (1.0.2)
      ruby-supervisor (= 0.0.2)
      sensu-plugin (~> 1.2)
      xmlparser (~> 0.7.2)
    sequel (5.69.0)
    sequel_secure_password (0.2.15)
      bcrypt (>= 3.1, < 4.0)
      sequel (>= 4.1.0, < 6.0)
    serverengine (2.3.2)
      sigdump (~> 0.2.2)
    set (1.0.3)
    sexp_processor (4.17.0)
    showoff (0.7.0)
      bluecloth
      gli (>= 1.3.2)
      json
      nokogiri
      parslet
      sinatra
    shrine (3.4.0)
      content_disposition (~> 1.0)
      down (~> 5.1)
    shrine-url (2.4.1)
      down (~> 5.0)
      http (>= 3.2, < 6)
      shrine (>= 3.0.0.rc, < 4)
    sidecloq (0.4.8)
      concurrent-ruby
      redlock (>= 0.2.0, < 2)
      rufus-scheduler (~> 3.1, >= 3.1.10)
      sidekiq (>= 3.5.4, < 7)
    sidekiq (6.5.5)
      connection_pool (>= 2.2.2)
      rack (~> 2.0)
      redis (>= 4.5.0)
    sidekiq-instrument (0.6.1)
      activesupport (>= 5.1, < 7)
      dogstatsd-ruby (~> 5.5)
      redis-client (>= 0.14.1)
      sidekiq (>= 4.2, < 7)
      statsd-instrument (>= 2.0.4)
    sidekiq-scheduler (5.0.3)
      rufus-scheduler (~> 3.2)
      sidekiq (>= 6, < 8)
      tilt (>= 1.4.0)
    sigdump (0.2.4)
    signet (0.17.0)
      addressable (~> 2.8)
      faraday (>= 0.17.5, < 3.a)
      jwt (>= 1.5, < 3.0)
      multi_json (~> 1.10)
    simple_form (5.2.0)
      actionpack (>= 5.2)
      activemodel (>= 5.2)
    simple_oauth (0.1.9)
    sinatra (3.0.6)
      mustermann (~> 3.0)
      rack (~> 2.2, >= 2.2.4)
      rack-protection (= 3.0.6)
      tilt (~> 2.0)
    sishen-rtranslate (1.5)
      activesupport (>= 2.2.0)
      json (>= 1.1.3)
    slack-ruby-block-kit (0.21.0)
      zeitwerk (~> 2.6)
    slideshow (4.1.0)
      gli (>= 2.13.4)
      slideshow-models (>= 4.1.0)
    slideshow-models (4.1.0)
      activesupport
      kramdown (>= 2.1.0)
      kramdown-parser-gfm (>= 1.0.1)
      logutils (>= 0.6.1)
      pakman (>= 1.1.0)
      props (>= 1.2.0)
      textutils (>= 1.4.0)
    slop (3.6.0)
    snaky_hash (2.0.1)
      hashie
      version_gem (~> 1.1, >= 1.1.1)
    softlayer_api (3.2.3)
      configparser (~> 0.1.2)
    sorted_set (1.0.3)
      rbtree
      set (~> 1.0)
    speculation (0.4.2)
      concurrent-ruby (~> 1.0)
      rantly (~> 1.0)
    spreadsheet (1.3.0)
      ruby-ole
    sprockets (4.2.0)
      concurrent-ruby (~> 1.0)
      rack (>= 2.2.4, < 4)
    sprockets-rails (3.4.2)
      actionpack (>= 5.2)
      activesupport (>= 5.2)
      sprockets (>= 3.0.0)
    sqeduler (0.2.0)
      activesupport
      sidekiq
      sidekiq-scheduler
    sshkit (1.21.4)
      net-scp (>= 1.1.2)
      net-ssh (>= 2.8.0)
    sslshake (1.3.1)
    statesman (1.3.1)
    statsd-instrument (3.5.9)
    steno (1.3.4)
      fluent-logger
      yajl-ruby (~> 1.0)
    stream-ruby (4.1.0)
      faraday
      jwt
    stream_rails (3.1.0)
      actionpack (>= 5.0.0)
      activerecord (>= 5.0.0)
      railties (>= 5.0.0)
      stream-ruby (~> 4.1.0)
    string-cases (0.0.4)
    string-obfuscator (0.1.3)
    stringio (3.0.7)
    strings (0.2.1)
      strings-ansi (~> 0.2)
      unicode-display_width (>= 1.5, < 3.0)
      unicode_utils (~> 1.4)
    strings-ansi (0.2.0)
    strptime (0.2.5)
    structure (2.3.0)
    synapse_pay_rest (3.4.5)
      rest-client (~> 2.0)
    sync (0.5.0)
    sys-filesystem (1.0.0)
      ffi (>= 1.0.0)
    sys-uname (1.2.3)
      ffi (~> 1.1)
    syslog-logger (1.6.8)
    taskjuggler (3.7.2)
      mail (~> 2.7, >= 2.7.1)
      term-ansicolor (~> 1.7, >= 1.7.1)
    temple (0.10.2)
    term-ansicolor (1.7.1)
      tins (~> 1.0)
    terminal-table (1.8.0)
      unicode-display_width (~> 1.1, >= 1.1.1)
    terraspace_plugin_aws (0.5.1)
      aws-sdk-dynamodb
      aws-sdk-s3
      aws-sdk-secretsmanager
      aws-sdk-ssm
      aws_data
      memoist
      s3-secure (~> 0.6.1)
      zeitwerk
    test-kitchen (3.5.0)
      bcrypt_pbkdf (~> 1.0)
      chef-utils (>= 16.4.35)
      ed25519 (~> 1.2)
      license-acceptance (>= 1.0.11, < 3.0)
      mixlib-install (~> 3.6)
      mixlib-shellout (>= 1.2, < 4.0)
      net-scp (>= 1.1, < 5.0)
      net-ssh (>= 2.9, < 8.0)
      net-ssh-gateway (>= 1.2, < 3.0)
      thor (>= 0.19, < 2.0)
      winrm (~> 2.0)
      winrm-elevated (~> 1.0)
      winrm-fs (~> 1.1)
    text-table (1.2.4)
    textutils (1.4.0)
      activesupport
      logutils (>= 0.6.1)
      props (>= 1.1.2)
      rubyzip (>= 1.0.0)
    thin (1.5.1)
      daemons (>= 1.0.9)
      eventmachine (>= 0.12.6)
      rack (>= 1.0.0)
    thin-rails (1.0.1)
      rack
      thin
    thor (0.20.3)
    thread_safe (0.3.6)
    threaded_logging (1.0.1)
    tilt (2.1.0)
    time (0.2.2)
      date
    timecode (2.2.2)
      approximately (~> 1.1)
    timeout (0.3.2)
    timer (0.2)
      activesupport
      natural_time
    tinnef (0.3.1)
    tins (1.32.1)
      sync
    tiny_segmenter (0.0.6)
    to_slug (1.0.8)
    toml-rb (2.2.0)
      citrus (~> 3.0, > 3.0)
    tomlrb (1.3.0)
    towerdata_api (1.3.1)
    trailblazer-option (0.1.2)
    train-core (3.10.7)
      addressable (~> 2.5)
      ffi (!= 1.13.0)
      json (>= 1.8, < 3.0)
      mixlib-shellout (>= 2.0, < 4.0)
      net-scp (>= 1.2, < 5.0)
      net-ssh (>= 2.9, < 8.0)
    train-rest (0.5.0)
      aws-sigv4 (~> 1.5)
      rest-client (~> 2.1)
      train-core (~> 3.0)
    train-winrm (0.2.13)
      winrm (>= 2.3.6, < 3.0)
      winrm-elevated (~> 1.2.2)
      winrm-fs (~> 1.0)
    transproc (1.1.1)
    trestle (0.9.8)
      activemodel (>= 4.2.0)
      kaminari (>= 1.1.0)
      railties (>= 4.2.0)
      sprockets-rails (>= 2.0.0)
    trestle-active_storage (3.0.1)
      rails (>= 5.2, < 7)
      trestle (~> 0.9.0, >= 0.9.3)
    trollop (2.9.10)
    ttfunk (1.7.0)
    tty-box (0.7.0)
      pastel (~> 0.8)
      strings (~> 0.2.0)
      tty-cursor (~> 0.7)
    tty-color (0.6.0)
    tty-cursor (0.7.1)
    tty-prompt (0.23.1)
      pastel (~> 0.8)
      tty-reader (~> 0.8)
    tty-reader (0.9.0)
      tty-cursor (~> 0.7)
      tty-screen (~> 0.8)
      wisper (~> 2.0)
    tty-screen (0.8.1)
    tty-table (0.12.0)
      pastel (~> 0.8)
      strings (~> 0.2.0)
      tty-screen (~> 0.8)
    twitter-stream (0.1.13)
      eventmachine (~> 0.12.8)
      simple_oauth (~> 0.1.4)
    twitter_oauth (0.4.3)
      json (>= 1.1.9)
      mime-types (>= 1.16)
      oauth (>= 0.4.1)
    tzinfo (1.2.11)
      thread_safe (~> 0.1)
    tzinfo-data (1.2023.3)
      tzinfo (>= 1.0.0)
    uber (0.0.15)
    uglifier (2.7.2)
      execjs (>= 0.3.0)
      json (>= 1.8.0)
    ui_bibz (3.0.13)
      will-paginate-i18n
      will_paginate (~> 3.3.0)
      will_paginate-bootstrap4
    unbutton (0.2)
    unf (0.1.4)
      unf_ext
    unf_ext (0.0.8.2)
    unicode (0.4.4.4)
    unicode-display_width (1.8.0)
    unicode_utils (1.4.0)
    uri-js-rails (1.15.2)
    uuidtools (2.2.0)
    vault (0.17.0)
      aws-sigv4
    veewee (0.4.5.1)
      ansi (~> 1.3.0)
      childprocess
      fission (= 0.5.0)
      fog (~> 1.8)
      grit
      highline
      i18n
      json
      mime-types (~> 1.16)
      net-ssh (>= 2.2.0)
      os (~> 0.9.6)
      popen4 (~> 0.1.2)
      progressbar
      ruby-vnc (~> 1.0.0)
      thor (~> 0.15)
      to_slug
    version_gem (1.1.2)
    view_component (2.82.0)
      activesupport (>= 5.2.0, < 8.0)
      concurrent-ruby (~> 1.0)
      method_source (~> 1.0)
    virtus (2.0.0)
      axiom-types (~> 0.1)
      coercible (~> 1.0)
      descendants_tracker (~> 0.0, >= 0.0.3)
    vsphere-automation-cis (0.4.7)
      vsphere-automation-runtime (~> 0.4.6)
    vsphere-automation-runtime (0.4.7)
    vsphere-automation-vcenter (0.4.7)
      vsphere-automation-cis (~> 0.4.6)
      vsphere-automation-runtime (~> 0.4.6)
    warden (1.2.9)
      rack (>= 2.0.9)
    webfontloader (1.6.28)
    webmachine (2.0.0)
      as-notifications (>= 1.0.2, < 2.0)
      i18n (>= 0.4.0)
      multi_json
    webrick (1.8.1)
    webrobots (0.1.2)
    websocket-driver (0.7.5)
      websocket-extensions (>= 0.1.0)
    websocket-extensions (0.1.5)
    webvtt-ruby (0.4.0)
    wedge (0.2.8)
      nokogiri
      opal-jquery (~> 0.4.1)
    wheels (0.1.30)
    will-paginate-i18n (0.1.15)
    will_paginate (3.3.1)
    will_paginate-bootstrap4 (0.2.2)
      will_paginate (~> 3.0, >= 3.0.0)
    winrm (2.3.6)
      builder (>= 2.1.2)
      erubi (~> 1.8)
      gssapi (~> 1.2)
      gyoku (~> 1.0)
      httpclient (~> 2.2, >= 2.2.0.2)
      logging (>= 1.6.1, < 3.0)
      nori (~> 2.0)
      rubyntlm (~> 0.6.0, >= 0.6.3)
    winrm-elevated (1.2.3)
      erubi (~> 1.8)
      winrm (~> 2.0)
      winrm-fs (~> 1.0)
    winrm-fs (1.3.5)
      erubi (~> 1.8)
      logging (>= 1.6.1, < 3.0)
      rubyzip (~> 2.0)
      winrm (~> 2.0)
    wisper (2.0.1)
    wmi-lite (1.0.7)
    xml-simple (1.1.9)
      rexml
    xmlhasher (1.0.7)
      escape_utils (~> 1.2)
      ox (~> 2.11)
    xmlparser (0.7.2.1)
    xmlrpc (0.3.2)
      webrick
    xsys (0.47.0)
      rest-client (>= 1.6.7)
    yajl-ruby (1.4.3)
    yrb (0.0.1)
    zabbix_manager (5.1.3)
      activesupport
      http
      json
    zaif (0.0.2)
    zebra-zpl (1.1.4)
      img2zpl (~> 1.0.0)
    zeitwerk (2.6.8)
    zencoder-fetcher (0.2.8)
      activesupport
      httparty
      i18n
      json
      trollop
    zip (2.0.2)

PLATFORMS
  arm64-darwin-22

DEPENDENCIES
  pkg43!

BUNDLED WITH
   2.4.13
