PATH
  remote: .
  specs:
    pkg22 (0.0.1)
      .cat
      ImageResize
      SystemTimer
      active-fedora
      active_median
      activerecord-jdbcpostgresql-adapter
      activerecord-jdbcsqlite3-adapter
      after_commit
      alpha_omega
      amplitude-api
      apartment-sidekiq
      ar_outer_joins
      asciidoctor-diagram
      aspector
      aws-kclrb
      aws-sdk-cleanrooms
      aws-sdk-kendraranking
      aws_config
      azure_mgmt_dns
      azure_mgmt_sql
      azure_mgmt_traffic_manager
      barber
      base58
      beaker-puppet
      bibtex-ruby
      bitfields
      bolt
      bootstrap-daterangepicker-rails
      bootstrap-select-rails
      bouncy-castle-java
      bourne
      buildr
      cairo
      calabash-android
      capistrano-npm
      capistrano_colors
      carrierwave-bombshelter
      city-state
      classifier-reborn
      client_side_validations-simple_form
      cocoapods-whitelist
      code_owners
      comfortable_mexican_sofa
      consistent-hashing
      consul-rb
      cookstyle
      credentials_manager
      credit_card_validator
      cucumber_priority
      daemons-rails
      data_mapper
      dev
      devise_ldap_authenticatable
      digest-sha3
      dm-sqlite-adapter
      do_postgres
      dpl-releases
      dry-system
      ember-data-source
      erd
      etc
      ey_config
      fastlane-plugin-browserstack
      feature
      ffi-libc
      flexmock
      fluent-plugin-flatten-hash
      fluent-plugin-mongo
      fluent-plugin-remote_syslog
      fluent-plugin-sampling-filter
      fog-libvirt
      geckodriver-bin
      gemcutter
      gergich
      github-markdown
      gitlab-fog-google
      go-duration
      gocardless_pro
      google-apis-container_v1
      google-apis-container_v1beta1
      google-apis-iam_v1
      google-apis-serviceusage_v1
      google-cloud-logging-v2
      googlecharts
      graphql-errors
      graphql-guard
      gravtastic
      haversine
      holiday_japan
      http_logger
      idn-ruby
      imgix-rails
      jdbc-sqlite3
      jeweler
      jmx4r
      job-iteration
      jquery-tablesorter
      json-ld
      kaminari-i18n
      karafka-testing
      language_list
      librarian
      librex
      linkedin
      logglier
      logstop
      mailgun_rails
      message_bus
      methadone
      minitest-metadata
      mojinizer
      mongoid-tree
      net-http
      nylas
      oauth-tty
      offsite_payments
      omniauth-stripe-connect
      one_signal
      opentok
      order_as_specified
      origami
      osx_keychain
      package_cloud
      padrino-core
      paperclip-optimizer
      pg_party
      pre-commit
      prettier
      proxycrawl
      puppet-modulebuilder
      rails-timeago
      rails3-jquery-autocomplete
      rbpdf
      remote_syslog
      request_store_rails
      resque-workers-lock
      rfc
      rgl
      roar-rails
      rspec-cells
      rspec-given
      rspec-set
      rubocop-rails_config
      ruby-limiter
      ruby-units
      ruby_powerpoint
      sanitize_email
      search_object
      selenium-client
      sensu-plugins-snmp
      shopify_app
      sidekiq-batch
      simple_segment
      sinatra-partial
      slack-api
      solidus
      solidus_auth_devise
      solidus_frontend
      spaceship
      spinach-rerun-reporter
      spree_frontend
      spy
      sshkit-interactive
      stream
      symbolize
      tailwindcss-rails
      test-queue
      theme-check
      tidy
      trailblazer-rails
      unidecoder
      uri-ssh_git
      usagewatch
      vagrant
      validates_zipcode
      values
      vhd
      warbler
      watir-scroll
      webpacker-react
      will_paginate_mongoid
      win32-api
      wisper-sidekiq
      writeexcel
      xml-object
      xray-rails
      yabeda
      yt
      zip-codes
      zipkin-tracer
      zipline
      zxcvbn-js

GEM
  remote: https://rubygems.org/
  specs:
    .cat (0.0.1)
    Antwrap (0.7.0)
      hoe (>= 1.3.0)
      rjb (>= 1.0.3)
    ImageResize (0.0.5)
    RubyInline (3.13.0)
      ZenTest (~> 4.3)
    SystemTimer (1.2.3)
    ZenTest (4.12.1)
    actioncable (7.0.4.3)
      actionpack (= 7.0.4.3)
      activesupport (= 7.0.4.3)
      nio4r (~> 2.0)
      websocket-driver (>= 0.6.1)
    actionmailbox (7.0.4.3)
      actionpack (= 7.0.4.3)
      activejob (= 7.0.4.3)
      activerecord (= 7.0.4.3)
      activestorage (= 7.0.4.3)
      activesupport (= 7.0.4.3)
      mail (>= 2.7.1)
      net-imap
      net-pop
      net-smtp
    actionmailer (7.0.4.3)
      actionpack (= 7.0.4.3)
      actionview (= 7.0.4.3)
      activejob (= 7.0.4.3)
      activesupport (= 7.0.4.3)
      mail (~> 2.5, >= 2.5.4)
      net-imap
      net-pop
      net-smtp
      rails-dom-testing (~> 2.0)
    actionpack (7.0.4.3)
      actionview (= 7.0.4.3)
      activesupport (= 7.0.4.3)
      rack (~> 2.0, >= 2.2.0)
      rack-test (>= 0.6.3)
      rails-dom-testing (~> 2.0)
      rails-html-sanitizer (~> 1.0, >= 1.2.0)
    actiontext (7.0.4.3)
      actionpack (= 7.0.4.3)
      activerecord (= 7.0.4.3)
      activestorage (= 7.0.4.3)
      activesupport (= 7.0.4.3)
      globalid (>= 0.6.0)
      nokogiri (>= 1.8.5)
    actionview (7.0.4.3)
      activesupport (= 7.0.4.3)
      builder (~> 3.1)
      erubi (~> 1.4)
      rails-dom-testing (~> 2.0)
      rails-html-sanitizer (~> 1.1, >= 1.2.0)
    active-fedora (9.9.1)
      active-triples (~> 0.7.1)
      activesupport (>= 4.1.0)
      deprecation
      ldp (~> 0.4.0)
      linkeddata
      nom-xml (>= 0.5.1)
      om (~> 3.1)
      rdf-rdfxml (~> 1.1)
      rsolr (~> 1.0.10)
    active-triples (0.7.6)
      activemodel (>= 3.0.0)
      activesupport (>= 3.0.0)
      deprecation (~> 1.0)
      linkeddata (~> 1.1)
      rdf (~> 1.1)
    active_link_to (1.0.5)
      actionpack
      addressable
    active_median (0.3.3)
      activesupport (>= 5.2)
    active_storage_validations (0.9.5)
      rails (>= 5.2.0)
    active_utils (3.3.19)
      activesupport (>= 4.2)
      i18n
    activejob (7.0.4.3)
      activesupport (= 7.0.4.3)
      globalid (>= 0.3.6)
    activemerchant (1.129.0)
      activesupport (>= 4.2)
      builder (>= 2.1.2, < 4.0.0)
      i18n (>= 0.6.9)
      nokogiri (~> 1.4)
      rexml (~> 3.2.5)
    activemodel (7.0.4.3)
      activesupport (= 7.0.4.3)
    activemodel-serializers-xml (1.0.2)
      activemodel (> 5.x)
      activesupport (> 5.x)
      builder (~> 3.1)
    activerecord (7.0.4.3)
      activemodel (= 7.0.4.3)
      activesupport (= 7.0.4.3)
    activerecord-jdbc-adapter (1.3.22)
      activerecord (>= 2.2)
    activerecord-jdbcpostgresql-adapter (1.3.22)
      activerecord-jdbc-adapter (~> 1.3.22)
      jdbc-postgres (>= 9.1)
    activerecord-jdbcsqlite3-adapter (0.8.2)
      activerecord-jdbc-adapter (>= 0.8.2)
      jdbc-sqlite3 (>= 3.5.8)
    activerecord-typedstore (1.5.1)
      activerecord (>= 6.1)
    activeresource (6.0.0)
      activemodel (>= 6.0)
      activemodel-serializers-xml (~> 1.0)
      activesupport (>= 6.0)
    activestorage (7.0.4.3)
      actionpack (= 7.0.4.3)
      activejob (= 7.0.4.3)
      activerecord (= 7.0.4.3)
      activesupport (= 7.0.4.3)
      marcel (~> 1.0)
      mini_mime (>= 1.1.0)
    activesupport (7.0.4.3)
      concurrent-ruby (~> 1.0, >= 1.0.2)
      i18n (>= 1.6, < 2)
      minitest (>= 5.1)
      tzinfo (~> 2.0)
    acts_as_list (1.1.0)
      activerecord (>= 4.2)
    addressable (2.8.4)
      public_suffix (>= 2.0.2, < 6.0)
    after_commit (1.0.7)
      activerecord
    airbrussh (1.4.1)
      sshkit (>= 1.6.1, != 1.7.0)
    alpha_omega (1.5.15)
      capistrano
      capistrano-log_with_awesome
      capistrano_colors
      deep_merge
      json
    amplitude-api (0.0.1)
      typhoeus (~> 0.7.1)
    ansi (1.5.0)
    anyway_config (2.4.1)
      ruby-next-core (>= 0.14.0)
    apartment (0.24.3)
      activerecord (>= 3.1.2)
      rack (>= 1.3.6)
    apartment-sidekiq (0.0.5)
      apartment (>= 0.19)
      sidekiq (>= 2.11)
    ar_outer_joins (0.2.0)
      activerecord (>= 3.2)
    archive-zip (0.12.0)
      io-like (~> 0.3.0)
    asciidoctor (2.0.20)
    asciidoctor-diagram (2.2.8)
      asciidoctor (>= 1.5.7, < 3.x)
      asciidoctor-diagram-ditaamini (~> 1.0)
      asciidoctor-diagram-plantuml (~> 1.2021)
      rexml
    asciidoctor-diagram-ditaamini (1.0.3)
    asciidoctor-diagram-plantuml (1.2023.5)
    aspector (0.14.0)
    ast (2.4.2)
    atomic (1.1.101)
    auto_strip_attributes (2.6.0)
      activerecord (>= 4.0)
    autoprefixer-rails (10.4.13.0)
      execjs (~> 2)
    avl_tree (1.2.1)
      atomic (~> 1.1)
    awesome_nested_set (3.5.0)
      activerecord (>= 4.0.0, < 7.1)
    awesome_print (1.9.2)
    aws-eventstream (1.2.0)
    aws-kclrb (2.1.1)
      multi_json (~> 1.0)
    aws-partitions (1.767.0)
    aws-sdk-cleanrooms (1.2.0)
      aws-sdk-core (~> 3, >= 3.165.0)
      aws-sigv4 (~> 1.1)
    aws-sdk-core (3.173.0)
      aws-eventstream (~> 1, >= 1.0.2)
      aws-partitions (~> 1, >= 1.651.0)
      aws-sigv4 (~> 1.5)
      jmespath (~> 1, >= 1.6.1)
    aws-sdk-kendraranking (1.1.0)
      aws-sdk-core (~> 3, >= 3.165.0)
      aws-sigv4 (~> 1.1)
    aws-sigv4 (1.5.2)
      aws-eventstream (~> 1, >= 1.0.2)
    aws_config (0.1.0)
    azure_mgmt_dns (0.17.5)
      ms_rest_azure (~> 0.12.0)
    azure_mgmt_sql (0.19.1)
      ms_rest_azure (~> 0.12.0)
    azure_mgmt_traffic_manager (0.17.4)
      ms_rest_azure (~> 0.12.0)
    babel-source (5.8.35)
    babel-transpiler (0.7.0)
      babel-source (>= 4.0, < 6)
      execjs (~> 2.0)
    barber (0.12.2)
      ember-source (>= 1.0, < 3.1)
      execjs (>= 1.2, < 3)
    base58 (0.2.3)
    base_app (1.0.6)
    bcp47 (0.3.3)
      i18n
    bcrypt (3.1.18)
    bcrypt-ruby (3.1.5)
      bcrypt (>= 3.1.3)
    beaker (4.40.1)
      beaker-hostgenerator
      ed25519 (~> 1.0)
      hocon (~> 1.0)
      in-parallel (>= 0.1, < 2)
      inifile (~> 3.0)
      minitar (~> 0.6)
      minitest (~> 5.4)
      net-scp (>= 1.2, < 5.0)
      net-ssh (>= 5.0)
      rexml
      rsync (~> 1.0.9)
      stringify-hash (~> 0.0)
      thor (>= 1.0.1, < 2.0)
    beaker-hostgenerator (2.2.0)
      deep_merge (~> 1.0)
    beaker-puppet (2.0.0)
      beaker (~> 4.1)
      oga (~> 3.4)
    bibtex-ruby (6.0.0)
      latex-decode (~> 0.0)
    bit-struct (0.17)
    bitfields (0.14.0)
      activerecord (>= 5.1)
    bolt (0.0.1)
    bootstrap (4.6.2)
      autoprefixer-rails (>= 9.1.0)
      popper_js (>= 1.16.1, < 2)
      sassc-rails (>= 2.0.0)
    bootstrap-daterangepicker-rails (3.0.4)
      railties (>= 4.0)
    bootstrap-select-rails (1.13.8)
    bouncy-castle-java (1.5.0147)
    bourne (1.6.0)
      mocha (~> 1.1)
    browser_sniffer (2.2.0)
    bson (4.15.0)
    builder (3.2.4)
    buildr (0.22.0)
      Antwrap (>= 0.5.0)
      builder (>= 2.0.0)
      facets (>= 1.8.0)
      highline (>= 1.2.7)
      net-sftp (>= 1.1.0)
      net-ssh (>= 1.0.0)
      rake (>= 0.7.3)
      rjb (>= 1.0.3)
      rubyzip (>= 0.9.0)
    cairo (1.17.8)
      native-package-installer (>= 1.0.3)
      pkg-config (>= 1.2.2)
      red-colors
    calabash-android (0.9.29)
      awesome_print (~> 1.2)
      cucumber
      escape (~> 0.0.4)
      httpclient (>= 2.7.1, < 3.0)
      json
      rubyzip (= 1.3.0)
      slowhandcuke (~> 0.0.3)
    cancancan (3.5.0)
    canonical-rails (0.2.14)
      rails (>= 4.1, <= 7.1)
    capistrano (3.17.2)
      airbrussh (>= 1.0.0)
      i18n
      rake (>= 10.0.0)
      sshkit (>= 1.9.0)
    capistrano-log_with_awesome (0.0.2)
      capistrano (>= 2.5.14)
    capistrano-npm (1.0.3)
      capistrano (>= 3.0.0)
    capistrano_colors (0.5.5)
    carmen (1.1.3)
      activesupport (>= 3.0.0)
    carrierwave (2.2.3)
      activemodel (>= 5.0.0)
      activesupport (>= 5.0.0)
      addressable (~> 2.6)
      image_processing (~> 1.1)
      marcel (~> 1.0.0)
      mini_mime (>= 0.1.3)
      ssrf_filter (~> 1.0)
    carrierwave-bombshelter (0.2.2)
      activesupport (>= 3.2.0)
      carrierwave
      fastimage
    cells (4.1.7)
      declarative-builder (< 0.2.0)
      declarative-option (< 0.2.0)
      tilt (>= 1.4, < 3)
      uber (< 0.2.0)
    character_set (1.7.0)
    city-state (0.1.0)
      rubyzip (>= 1.1)
    classifier-reborn (2.3.0)
      fast-stemmer (~> 1.0)
      matrix (~> 0.4)
    client_side_validations (21.0.0)
      js_regex (~> 3.7)
      rails (>= 5.2, < 7.1)
    client_side_validations-simple_form (15.0.0)
      client_side_validations (~> 21.0)
      simple_form (~> 5.0)
    climate_control (0.2.0)
    cocoapods-whitelist (0.3.0)
    code_owners (2.0.1)
      pathspec
      rake
    colored (1.2)
    colorize (0.8.1)
    comfortable_mexican_sofa (2.0.19)
      active_link_to (>= 1.0.0)
      comfy_bootstrap_form (>= 4.0.0)
      haml-rails (>= 1.0.0)
      jquery-rails (>= 4.3.1)
      kramdown (>= 1.0.0)
      mimemagic (>= 0.3.2)
      mini_magick (>= 4.8.0)
      rails (>= 5.2.0)
      rails-i18n (>= 5.0.0)
      sassc-rails (>= 2.0.0)
    comfy_bootstrap_form (4.0.9)
      rails (>= 5.0.0)
    concurrent-ruby (1.2.2)
    connection_pool (2.4.1)
    consistent-hashing (2.0.0)
      avl_tree (>= 1.1.3)
    consul-rb (0.0.10)
    content_disposition (1.0.0)
    cookstyle (7.32.2)
      rubocop (= 1.25.1)
    cool.io (1.7.1)
    crack (0.1.8)
    crass (1.0.6)
    credentials_manager (0.13.0)
      colored
      highline (>= 1.7.1)
      security
    credit_card_validator (1.3.2)
      base_app (>= 1.0.5)
    cucumber (8.0.0)
      builder (~> 3.2, >= 3.2.4)
      cucumber-ci-environment (~> 9.0, >= 9.0.4)
      cucumber-core (~> 11.0, >= 11.0.0)
      cucumber-cucumber-expressions (~> 15.1, >= 15.1.1)
      cucumber-gherkin (~> 23.0, >= 23.0.1)
      cucumber-html-formatter (~> 19.1, >= 19.1.0)
      cucumber-messages (~> 18.0, >= 18.0.0)
      diff-lcs (~> 1.5, >= 1.5.0)
      mime-types (~> 3.4, >= 3.4.1)
      multi_test (~> 1.1, >= 1.1.0)
      sys-uname (~> 1.2, >= 1.2.2)
    cucumber-ci-environment (9.2.0)
    cucumber-core (11.0.0)
      cucumber-gherkin (~> 23.0, >= 23.0.1)
      cucumber-messages (~> 18.0, >= 18.0.0)
      cucumber-tag-expressions (~> 4.1, >= 4.1.0)
    cucumber-cucumber-expressions (15.2.0)
    cucumber-gherkin (23.0.1)
      cucumber-messages (~> 18.0, >= 18.0.0)
    cucumber-html-formatter (19.2.0)
      cucumber-messages (~> 18.0, >= 18.0.0)
    cucumber-messages (18.0.0)
    cucumber-tag-expressions (4.1.0)
    cucumber_priority (0.3.3)
      cucumber
    daemons (1.4.1)
    daemons-rails (1.2.1)
      daemons
      multi_json (~> 1.0)
    data_mapper (0.9.2)
      dm-aggregates (>= 0.9.2)
      dm-cli (>= 0.9.2)
      dm-core (>= 0.9.2)
      dm-is-tree (>= 0.9.2)
      dm-migrations (>= 0.9.2)
      dm-observer (>= 0.9.2)
      dm-serializer (>= 0.9.2)
      dm-timestamps (>= 0.9.2)
      dm-types (>= 0.9.2)
      dm-validations (>= 0.9.2)
    data_objects (0.10.17)
      addressable (~> 2.1)
    date (3.3.3)
    declarative (0.0.20)
    declarative-builder (0.1.0)
      declarative-option (< 0.2.0)
    declarative-option (0.1.0)
    deep_merge (1.2.2)
    deface (1.9.0)
      actionview (>= 5.2)
      nokogiri (>= 1.6)
      polyglot
      railties (>= 5.2)
      rainbow (>= 2.1.0)
    deprecation (1.1.0)
      activesupport
    dev (2.1.154)
      rspec (~> 3.8)
      rubyzip (>= 1.2, < 3.0)
    devise (4.9.2)
      bcrypt (~> 3.0)
      orm_adapter (~> 0.1)
      railties (>= 4.1.0)
      responders
      warden (~> 1.2.3)
    devise-encryptable (0.2.0)
      devise (>= 2.1.0)
    devise_ldap_authenticatable (0.8.7)
      devise (>= 3.4.1)
      net-ldap (>= 0.16.0)
    diff-lcs (1.5.0)
    diffy (3.4.2)
    digest-sha3 (1.0.2)
    discard (1.2.1)
      activerecord (>= 4.2, < 8)
    disposable (0.6.3)
      declarative (>= 0.0.9, < 1.0.0)
      representable (>= 3.1.1, < 4)
    dm-aggregates (1.2.0)
      dm-core (~> 1.2.0)
    dm-cli (1.2.0)
      dm-core (~> 1.2.0)
    dm-core (1.2.1)
      addressable (~> 2.3)
    dm-do-adapter (1.2.0)
      data_objects (~> 0.10.6)
      dm-core (~> 1.2.0)
    dm-is-tree (1.2.0)
      dm-core (~> 1.2.0)
    dm-migrations (1.2.0)
      dm-core (~> 1.2.0)
    dm-observer (1.2.0)
      dm-core (~> 1.2.0)
    dm-serializer (0.10.0)
    dm-sqlite-adapter (1.2.0)
      dm-do-adapter (~> 1.2.0)
      do_sqlite3 (~> 0.10.6)
    dm-timestamps (1.2.0)
      dm-core (~> 1.2.0)
    dm-types (1.2.2)
      bcrypt-ruby (~> 3.0)
      dm-core (~> 1.2.0)
      fastercsv (~> 1.5)
      json (~> 1.6)
      multi_json (~> 1.0)
      stringex (~> 1.4)
      uuidtools (~> 2.1)
    dm-validations (1.2.0)
      dm-core (~> 1.2.0)
    do_postgres (0.10.17)
      data_objects (= 0.10.17)
    do_sqlite3 (0.10.17)
      data_objects (= 0.10.17)
    domain_name (0.5.20190701)
      unf (>= 0.0.5, < 1.0.0)
    doorkeeper (5.6.6)
      railties (>= 5)
    dpl (1.10.10)
    dpl-releases (1.10.10)
      dpl (= 1.10.10)
      mime-types (~> 3.0)
      octokit (~> 4.6.2)
    dry-auto_inject (1.0.1)
      dry-core (~> 1.0)
      zeitwerk (~> 2.6)
    dry-configurable (1.0.1)
      dry-core (~> 1.0, < 2)
      zeitwerk (~> 2.6)
    dry-core (1.0.0)
      concurrent-ruby (~> 1.0)
      zeitwerk (~> 2.6)
    dry-inflector (1.0.0)
    dry-initializer (3.1.1)
    dry-system (1.0.1)
      dry-auto_inject (~> 1.0, < 2)
      dry-configurable (~> 1.0, < 2)
      dry-core (~> 1.0, < 2)
      dry-inflector (~> 1.0, < 2)
    ebnf (1.0.0)
      rdf (~> 1.1)
      sxp (~> 0.1, >= 0.1.3)
    ed25519 (1.3.0)
    em-resolv-replace (1.1.3)
    ember-data-source (3.0.2)
      ember-source (>= 2, < 3.0)
    ember-source (2.18.2)
    equivalent-xml (0.6.0)
      nokogiri (>= 1.4.3)
    erd (0.8.1)
      nokogiri
      ruby-graphviz
    erubi (1.12.0)
    escape (0.0.4)
    etc (1.4.2)
    ethon (0.16.0)
      ffi (>= 1.15.0)
    eventmachine (1.2.7)
    eventmachine-tail (0.6.5)
      eventmachine
    excon (0.99.0)
    execjs (2.8.1)
    exifr (1.3.10)
    ey_config (0.0.7)
    facets (3.1.0)
    faraday (0.17.6)
      multipart-post (>= 1.2, < 3)
    faraday-cookie_jar (0.0.7)
      faraday (>= 0.8.0)
      http-cookie (~> 1.0.0)
    faraday_middleware (0.10.1)
      faraday (>= 0.7.4, < 1.0)
    fast-stemmer (1.0.2)
    fastercsv (1.5.5)
    fastimage (2.2.6)
    fastlane-plugin-browserstack (0.3.2)
      rest-client (~> 2.0, >= 2.0.2)
    faye-websocket (0.10.9)
      eventmachine (>= 0.12.0)
      websocket-driver (>= 0.5.1)
    feature (1.4.0)
    ffi (1.15.5)
    ffi-libc (0.1.1)
      ffi (~> 1.0)
    flexmock (2.3.6)
    fluent-plugin-flatten-hash (0.5.1)
      fluentd (>= 0.14.12, < 2)
    fluent-plugin-mongo (1.6.0)
      fluentd (>= 0.14.22, < 2)
      mongo (>= 2.15.0, < 2.19.0)
    fluent-plugin-remote_syslog (1.1.0)
      fluentd
      remote_syslog_sender (>= 1.1.1)
    fluent-plugin-sampling-filter (1.2.0)
      fluentd (>= 0.14.12, < 2)
      test-unit (~> 3.1.0)
    fluentd (1.16.1)
      bundler
      cool.io (>= 1.4.5, < 2.0.0)
      http_parser.rb (>= 0.5.1, < 0.9.0)
      msgpack (>= 1.3.1, < 2.0.0)
      serverengine (>= 2.3.2, < 3.0.0)
      sigdump (~> 0.2.2)
      strptime (>= 0.2.4, < 1.0.0)
      tzinfo (>= 1.0, < 3.0)
      tzinfo-data (~> 1.0)
      webrick (~> 1.4)
      yajl-ruby (~> 1.0)
    fog-core (2.1.0)
      builder
      excon (~> 0.58)
      formatador (~> 0.2)
      mime-types
    fog-json (1.2.0)
      fog-core
      multi_json (~> 1.10)
    fog-libvirt (0.11.0)
      fog-core (>= 1.27.4)
      fog-json
      fog-xml (~> 0.1.1)
      json
      ruby-libvirt (>= 0.7.0)
    fog-xml (0.1.4)
      fog-core
      nokogiri (>= 1.5.11, < 2.0.0)
    font-awesome-rails (4.7.0.8)
      railties (>= 3.2, < 8.0)
    formatador (0.3.0)
    friendly_id (5.5.0)
      activerecord (>= 4.0.0)
    fspath (3.1.2)
    gapic-common (0.3.4)
      google-protobuf (~> 3.12, >= 3.12.2)
      googleapis-common-protos (>= 1.3.9, < 2.0)
      googleapis-common-protos-types (>= 1.0.4, < 2.0)
      googleauth (~> 0.9)
      grpc (~> 1.25)
    geckodriver-bin (0.28.0)
      archive-zip (~> 0.7)
    gemcutter (0.7.1)
    gergich (2.1.1)
      httparty (~> 0.17)
      sqlite3 (~> 1.4)
    gherkin-ruby (0.3.2)
    git (1.18.0)
      addressable (~> 2.8)
      rchardet (~> 1.8)
    github-markdown (0.6.9)
    gitlab-fog-google (1.14.0)
      addressable (>= 2.7.0)
      fog-core (<= 2.1.0)
      fog-json (~> 1.2)
      fog-xml (~> 0.1.0)
      google-api-client (>= 0.44.2, < 0.51)
      google-cloud-env (~> 1.2)
    given_core (3.8.2)
      sorcerer (>= 0.3.7)
    globalid (1.1.0)
      activesupport (>= 5.0)
    glyphicons (1.0.2)
    go-duration (0.1.4)
    gocardless_pro (2.34.0)
      faraday (>= 0.9.2, < 2)
    google-api-client (0.50.0)
      addressable (~> 2.5, >= 2.5.1)
      googleauth (~> 0.9)
      httpclient (>= 2.8.1, < 3.0)
      mini_mime (~> 1.0)
      representable (~> 3.0)
      retriable (>= 2.0, < 4.0)
      rexml
      signet (~> 0.12)
    google-apis-container_v1 (0.50.0)
      google-apis-core (>= 0.11.0, < 2.a)
    google-apis-container_v1beta1 (0.49.0)
      google-apis-core (>= 0.11.0, < 2.a)
    google-apis-core (0.11.0)
      addressable (~> 2.5, >= 2.5.1)
      googleauth (>= 0.16.2, < 2.a)
      httpclient (>= 2.8.1, < 3.a)
      mini_mime (~> 1.0)
      representable (~> 3.0)
      retriable (>= 2.0, < 4.a)
      rexml
      webrick
    google-apis-iam_v1 (0.43.0)
      google-apis-core (>= 0.11.0, < 2.a)
    google-apis-serviceusage_v1 (0.36.0)
      google-apis-core (>= 0.11.0, < 2.a)
    google-cloud-env (1.6.0)
      faraday (>= 0.17.3, < 3.0)
    google-cloud-errors (1.3.1)
    google-cloud-logging-v2 (0.5.0)
      gapic-common (~> 0.3)
      google-cloud-errors (~> 1.0)
    google-protobuf (3.23.1-arm64-darwin)
    googleapis-common-protos (1.4.0)
      google-protobuf (~> 3.14)
      googleapis-common-protos-types (~> 1.2)
      grpc (~> 1.27)
    googleapis-common-protos-types (1.6.0)
      google-protobuf (~> 3.14)
    googleauth (0.17.1)
      faraday (>= 0.17.3, < 2.0)
      jwt (>= 1.4, < 3.0)
      memoist (~> 0.16)
      multi_json (~> 1.11)
      os (>= 0.9, < 2.0)
      signet (~> 0.15)
    googlecharts (1.6.12)
    graphql (1.13.19)
    graphql-errors (0.4.0)
      graphql (>= 1.6.0, < 2)
    graphql-guard (2.0.0)
      graphql (>= 1.10.0, < 2)
    gravtastic (3.2.6)
    grpc (1.55.0)
      google-protobuf (~> 3.23)
      googleapis-common-protos-types (~> 1.0)
    haml (5.2.2)
      temple (>= 0.8.0)
      tilt
    haml-rails (2.1.0)
      actionpack (>= 5.1)
      activesupport (>= 5.1)
      haml (>= 4.0.6)
      railties (>= 5.1)
    handlebars_assets (0.23.9)
      execjs (~> 2.0)
      sprockets (>= 2.0.0)
      tilt (>= 1.2)
    hash_diff (1.1.1)
    hashie (5.0.0)
    haversine (0.3.2)
    highline (2.0.3)
    hirb (0.7.3)
    hocon (1.4.0)
    hoe (4.0.3)
      rake (>= 0.8, < 15.0)
    holiday_japan (1.4.4)
    htmlentities (4.3.4)
    http-accept (1.7.0)
    http-cookie (1.0.5)
      domain_name (~> 0.5)
    http_logger (0.7.0)
    http_parser.rb (0.8.0)
    httparty (0.21.0)
      mini_mime (>= 1.0.0)
      multi_xml (>= 0.5.2)
    httpclient (2.8.3)
    i18n (1.13.0)
      concurrent-ruby (~> 1.0)
    idn-ruby (0.1.5)
    image_optim (0.31.3)
      exifr (~> 1.2, >= 1.2.2)
      fspath (~> 3.0)
      image_size (>= 1.5, < 4)
      in_threads (~> 1.3)
      progress (~> 3.0, >= 3.0.1)
    image_processing (1.12.2)
      mini_magick (>= 4.9.5, < 5)
      ruby-vips (>= 2.0.17, < 3)
    image_size (3.2.0)
    imgix (4.1.0)
    imgix-rails (4.3.1)
      imgix (>= 3.0)
    in-parallel (1.0.0)
    in_threads (1.6.0)
    inifile (3.0.0)
    inline_svg (1.9.0)
      activesupport (>= 3.0)
      nokogiri (>= 1.6)
    io-like (0.3.1)
    jbuilder (2.11.5)
      actionview (>= 5.0.0)
      activesupport (>= 5.0.0)
    jdbc-postgres (42.2.25)
    jdbc-sqlite3 (3.32.3.3)
    jeweler (1.4.0)
      gemcutter (>= 0.1.0)
      git (>= 1.2.5)
      rubyforge (>= 2.0.0)
    jmespath (1.6.2)
    jmx4r (0.1.4)
    job-iteration (1.3.6)
      activejob (>= 5.2)
    jquery-rails (4.5.1)
      rails-dom-testing (>= 1, < 3)
      railties (>= 4.2.0)
      thor (>= 0.14, < 2.0)
    jquery-tablesorter (1.27.2)
      railties (>= 3.2)
    jruby-jars (9.4.2.0)
    jruby-rack (1.1.22)
    js_regex (3.11.0)
      character_set (~> 1.4)
      regexp_parser (>= 2.6.2, < 3.0.0)
      regexp_property_values (~> 1.0)
    jsbundling-rails (1.1.1)
      railties (>= 6.0.0)
    json (1.8.6)
    json-ld (1.99.2)
      multi_json (~> 1.11)
      rdf (~> 1.99)
    json_pure (2.3.1)
    jsonapi-serializer (2.2.0)
      activesupport (>= 4.2)
    jwt (2.7.0)
    kaminari (1.2.2)
      activesupport (>= 4.1.0)
      kaminari-actionview (= 1.2.2)
      kaminari-activerecord (= 1.2.2)
      kaminari-core (= 1.2.2)
    kaminari-actionview (1.2.2)
      actionview
      kaminari-core (= 1.2.2)
    kaminari-activerecord (1.2.2)
      activerecord
      kaminari-core (= 1.2.2)
    kaminari-core (1.2.2)
    kaminari-i18n (0.5.0)
      kaminari
      rails
    karafka (2.1.0)
      karafka-core (>= 2.0.12, < 3.0.0)
      thor (>= 0.20)
      waterdrop (>= 2.4.10, < 3.0.0)
      zeitwerk (~> 2.3)
    karafka-core (2.0.12)
      concurrent-ruby (>= 1.1)
      karafka-rdkafka (>= 0.12.1)
    karafka-rdkafka (0.12.1)
      ffi (~> 1.15)
      mini_portile2 (~> 2.6)
      rake (> 12)
    karafka-testing (2.1.0)
      karafka (>= 2.1.0, < 3.0.0)
    kramdown (2.4.0)
      rexml
    kt-paperclip (7.1.1)
      activemodel (>= 4.2.0)
      activesupport (>= 4.2.0)
      marcel (~> 1.0.1)
      mime-types
      terrapin (~> 0.6.0)
    language_list (1.2.1)
    latex-decode (0.4.0)
    ldp (0.4.1)
      faraday
      http_logger
      linkeddata (>= 1.1)
      slop
    librarian (0.0.4)
      thor
    librex (0.0.999)
    link_header (0.0.8)
    linkeddata (1.99.0)
      equivalent-xml (~> 0.6)
      json-ld (~> 1.99)
      nokogiri (~> 1.6)
      rdf (~> 1.99)
      rdf-aggregate-repo (~> 1.99)
      rdf-isomorphic (~> 1.99)
      rdf-json (~> 1.1, >= 1.1.2)
      rdf-microdata (~> 2.0, >= 2.0.2)
      rdf-n3 (~> 1.99)
      rdf-rdfa (~> 1.99)
      rdf-rdfxml (~> 1.1, >= 1.1.5)
      rdf-reasoner (~> 0.3)
      rdf-tabular (~> 0.3)
      rdf-trig (~> 1.99, >= 1.99.0.1)
      rdf-trix (~> 1.99)
      rdf-turtle (~> 1.99)
      rdf-vocab (~> 0.8, >= 0.8.6)
      rdf-xsd (~> 1.1, >= 1.1.5)
      sparql (~> 1.99)
      sparql-client (~> 1.99)
    linkedin (0.1.7)
      crack (~> 0.1.4)
      oauth (~> 0.3.5)
      roxml (~> 3.1.3)
    liquid (5.4.0)
    logglier (0.5.0)
      multi_json (~> 1)
    logstop (0.3.0)
    loofah (2.21.3)
      crass (~> 1.0.2)
      nokogiri (>= 1.12.0)
    mail (2.8.1)
      mini_mime (>= 0.1.1)
      net-imap
      net-pop
      net-smtp
    mailgun_rails (0.9.0)
      actionmailer (>= 3.2.13)
      json (>= 1.7.7)
      rest-client (>= 1.6.7)
    marcel (1.0.2)
    matrix (0.4.2)
    memoist (0.16.2)
    message_bus (4.3.2)
      rack (>= 1.1.3)
    methadone (2.0.2)
      bundler
    method_source (1.0.0)
    mime-types (3.4.1)
      mime-types-data (~> 3.2015)
    mime-types-data (3.2023.0218.1)
    mimemagic (0.3.10)
      nokogiri (~> 1)
      rake
    mini_magick (4.12.0)
    mini_mime (1.1.2)
    mini_portile2 (2.8.2)
    minitar (0.9)
    minitest (5.18.0)
    minitest-metadata (0.6.0)
      minitest (>= 4.7, < 6.0)
    mixlib-cli (1.7.0)
    mocha (1.16.1)
    moji (1.6)
    mojinizer (0.2.2)
      moji (~> 1.6)
    monetize (1.12.0)
      money (~> 6.12)
    money (6.16.0)
      i18n (>= 0.6.4, <= 2)
    mongo (2.18.2)
      bson (>= 4.14.1, < 5.0.0)
    mongoid (8.0.3)
      activemodel (>= 5.1, < 7.1, != 7.0.0)
      mongo (>= 2.18.0, < 3.0.0)
      ruby2_keywords (~> 0.0.5)
    mongoid-tree (2.2.0)
      mongoid (>= 4.0, < 9)
    mono_logger (1.1.2)
    ms_rest (0.7.6)
      concurrent-ruby (~> 1.0)
      faraday (>= 0.9, < 2.0.0)
      timeliness (~> 0.3.10)
    ms_rest_azure (0.12.0)
      concurrent-ruby (~> 1.0)
      faraday (>= 0.9, < 2.0.0)
      faraday-cookie_jar (~> 0.0.6)
      ms_rest (~> 0.7.6)
    msgpack (1.7.1)
    multi_json (1.15.0)
    multi_test (1.1.0)
    multi_xml (0.6.0)
    multipart-post (2.3.0)
    mustermann (3.0.0)
      ruby2_keywords (~> 0.0.1)
    native-package-installer (1.1.5)
    net-http (0.3.2)
      uri
    net-http-persistent (2.9.4)
    net-imap (0.3.4)
      date
      net-protocol
    net-ldap (0.18.0)
    net-pop (0.1.2)
      net-protocol
    net-protocol (0.2.1)
      timeout
    net-scp (4.0.0)
      net-ssh (>= 2.6.5, < 8.0.0)
    net-sftp (4.0.0)
      net-ssh (>= 5.0.0, < 8.0.0)
    net-smtp (0.3.3)
      net-protocol
    net-ssh (7.1.0)
    netrc (0.11.0)
    nio4r (2.5.9)
    nokogiri (1.15.1-arm64-darwin)
      racc (~> 1.4)
    nom-xml (1.2.0)
      i18n
      nokogiri
    nylas (5.14.0)
      rest-client (>= 2.0, < 3.0)
      yajl-ruby (~> 1.2, >= 1.2.1)
    oauth (0.3.6)
      ruby-hmac (>= 0.3.1)
    oauth-tty (1.0.5)
      version_gem (~> 1.1, >= 1.1.1)
    oauth2 (2.0.9)
      faraday (>= 0.17.3, < 3.0)
      jwt (>= 1.0, < 3.0)
      multi_xml (~> 0.5)
      rack (>= 1.2, < 4)
      snaky_hash (~> 2.0)
      version_gem (~> 1.1)
    octokit (4.6.2)
      sawyer (~> 0.8.0, >= 0.5.3)
    offsite_payments (2.7.28)
      actionpack (>= 5.2.3)
      actionview (>= 5.1.6.2)
      active_utils (~> 3.3.0)
      activesupport (>= 5.2.3)
      builder (>= 2.1.2, < 4.0.0)
      i18n (>= 0.6.6)
      nokogiri (>= 1.8.5)
    oga (3.4)
      ast
      ruby-ll (~> 2.1)
    oj (3.14.3)
    om (3.1.1)
      activemodel
      activesupport
      nokogiri (>= 1.4.2)
      solrizer (~> 3.3)
    omnes (0.2.2)
    omniauth (1.9.2)
      hashie (>= 3.4.6)
      rack (>= 1.6.2, < 3)
    omniauth-oauth2 (1.7.3)
      oauth2 (>= 1.4, < 3)
      omniauth (>= 1.9, < 3)
    omniauth-stripe-connect (2.10.1)
      omniauth (~> 1.3)
      omniauth-oauth2 (~> 1.4)
    one_signal (1.2.2)
    openssl (3.1.0)
    opentok (4.6.0)
      activesupport (>= 2.0)
      addressable (~> 2.3)
      httparty (>= 0.18.0)
      jwt (>= 1.5.6)
    order_as_specified (1.7)
      activerecord (>= 5.0.0)
    origami (2.1.0)
      colorize (~> 0.7)
    orm_adapter (0.5.0)
    os (1.1.4)
    osx_keychain (1.0.2)
      RubyInline (~> 3)
    package_cloud (0.3.12)
      highline (~> 2.0.0)
      json_pure (~> 2.3.0)
      rainbow (= 2.2.2)
      rest-client (~> 2.0)
      thor (~> 1.2)
    padrino-core (0.15.3)
      padrino-support (= 0.15.3)
      sinatra (>= 2.2.4)
      thor (~> 1.0)
    padrino-support (0.15.3)
    pairing_heap (3.0.1)
    paperclip (6.1.0)
      activemodel (>= 4.2.0)
      activesupport (>= 4.2.0)
      mime-types
      mimemagic (~> 0.3.0)
      terrapin (~> 0.6.0)
    paperclip-optimizer (2.0.0)
      image_optim (~> 0.19)
      paperclip (>= 3.4)
    parallel (1.23.0)
    paranoia (2.6.1)
      activerecord (>= 5.1, < 7.1)
    parser (3.2.2.1)
      ast (~> 2.4.1)
    pathspec (1.1.3)
    pg_party (1.6.0)
      activerecord (>= 5.2, < 7.1)
      parallel (~> 1.0)
      ruby2_keywords (~> 0.0.2)
    pkg-config (1.5.1)
    pluginator (1.5.0)
    polyglot (0.3.5)
    popper_js (1.16.1)
    power_assert (2.0.3)
    pre-commit (0.39.0)
      pluginator (~> 1.5)
    prettier (3.2.2)
      syntax_tree (>= 2.7.1)
      syntax_tree-haml (>= 1.1.0)
      syntax_tree-rbs (>= 0.2.0)
    prettier_print (1.2.1)
    progress (3.6.0)
    proxycrawl (1.0.0)
    psych (4.0.6)
      stringio
    public_suffix (5.0.1)
    puppet-modulebuilder (1.0.0)
      minitar (~> 0.9)
      pathspec (>= 0.2.1, < 2.0.0)
    racc (1.6.2)
    rack (2.2.7)
    rack-protection (3.0.6)
      rack
    rack-proxy (0.7.6)
      rack
    rack-test (2.1.0)
      rack (>= 1.3)
    rails (7.0.4.3)
      actioncable (= 7.0.4.3)
      actionmailbox (= 7.0.4.3)
      actionmailer (= 7.0.4.3)
      actionpack (= 7.0.4.3)
      actiontext (= 7.0.4.3)
      actionview (= 7.0.4.3)
      activejob (= 7.0.4.3)
      activemodel (= 7.0.4.3)
      activerecord (= 7.0.4.3)
      activestorage (= 7.0.4.3)
      activesupport (= 7.0.4.3)
      bundler (>= 1.15.0)
      railties (= 7.0.4.3)
    rails-dom-testing (2.0.3)
      activesupport (>= 4.2.0)
      nokogiri (>= 1.6)
    rails-html-sanitizer (1.5.0)
      loofah (~> 2.19, >= 2.19.1)
    rails-i18n (7.0.7)
      i18n (>= 0.7, < 2)
      railties (>= 6.0.0, < 8)
    rails-timeago (2.20.0)
      actionpack (>= 5.2)
      activesupport (>= 5.2)
    rails3-jquery-autocomplete (1.0.15)
      rails (>= 3.2)
    railties (7.0.4.3)
      actionpack (= 7.0.4.3)
      activesupport (= 7.0.4.3)
      method_source
      rake (>= 12.2)
      thor (~> 1.0)
      zeitwerk (~> 2.5)
    rainbow (2.2.2)
      rake
    rake (13.0.6)
    ransack (2.6.0)
      activerecord (>= 6.0.4)
      activesupport (>= 6.0.4)
      i18n
    rbpdf (1.21.1)
      htmlentities
      rbpdf-font (~> 1.19.0)
    rbpdf-font (1.19.1)
    rbs (3.1.0)
    rchardet (1.8.0)
    rdf (1.99.1)
      link_header (~> 0.0, >= 0.0.8)
    rdf-aggregate-repo (1.99.0)
      rdf (~> 1.99)
    rdf-isomorphic (1.99.0)
      rdf (~> 1.99)
    rdf-json (1.99.0)
      rdf (~> 1.99)
    rdf-microdata (2.0.2)
      htmlentities (~> 4.3)
      nokogiri (~> 1.6)
      rdf (~> 1.1)
      rdf-xsd (~> 1.1)
    rdf-n3 (1.99.0)
      rdf (~> 1.99)
    rdf-rdfa (1.99.3)
      haml (>= 4.0, < 6.0)
      htmlentities (~> 4.3)
      rdf (~> 1.99)
      rdf-aggregate-repo (~> 1.1)
      rdf-xsd (~> 1.1)
    rdf-rdfxml (1.99.1)
      htmlentities (~> 4.3)
      rdf (~> 1.99)
      rdf-rdfa (~> 1.99)
      rdf-xsd (~> 1.99)
    rdf-reasoner (0.3.0)
      rdf (~> 1.1, >= 1.1.4.2)
      rdf-turtle (~> 1.1)
      rdf-vocab (~> 0.8)
      rdf-xsd (~> 1.1)
    rdf-tabular (0.3.0)
      addressable (~> 2.3)
      bcp47 (~> 0.3, >= 0.3.3)
      json-ld (~> 1.1)
      rdf (~> 1.1, >= 1.1.7)
      rdf-vocab (~> 0.8)
      rdf-xsd (~> 1.1)
    rdf-trig (1.99.0.1)
      ebnf (~> 1.0)
      rdf (~> 1.99)
      rdf-turtle (~> 1.99)
    rdf-trix (1.99.0)
      rdf (~> 1.1)
    rdf-turtle (1.99.0)
      ebnf (~> 1.0)
      rdf (~> 1.99)
    rdf-vocab (0.8.8)
      rdf (~> 1.1, >= 1.1.10)
    rdf-xsd (1.99.0)
      rdf (~> 1.99)
    red-colors (0.3.0)
      matrix
    redirect_safely (1.0.0)
      activemodel
    redis (5.0.6)
      redis-client (>= 0.9.0)
    redis-client (0.14.1)
      connection_pool
    redis-namespace (1.10.0)
      redis (>= 4)
    reform (2.6.2)
      disposable (>= 0.5.0, < 1.0.0)
      representable (>= 3.1.1, < 4)
      uber (< 0.2.0)
    regexp_parser (2.8.0)
    regexp_property_values (1.3.0)
    remote_syslog (1.1.0)
      daemons
      em-resolv-replace
      eventmachine
      eventmachine-tail
      syslog_protocol
    remote_syslog_sender (1.2.2)
      syslog_protocol
    representable (3.2.0)
      declarative (< 0.1.0)
      trailblazer-option (>= 0.1.1, < 0.2.0)
      uber (< 0.2.0)
    request_store_rails (2.0.0)
      concurrent-ruby (~> 1.0)
    responders (3.1.0)
      actionpack (>= 5.2)
      railties (>= 5.2)
    resque (2.5.0)
      mono_logger (~> 1.0)
      multi_json (~> 1.0)
      redis-namespace (~> 1.6)
      sinatra (>= 0.9.2)
    resque-workers-lock (2.0.1)
      resque
    rest-client (2.1.0)
      http-accept (>= 1.7.0, < 2.0)
      http-cookie (>= 1.0.2, < 2.0)
      mime-types (>= 1.16, < 4.0)
      netrc (~> 0.8)
    retriable (3.1.2)
    rexml (3.2.5)
    rfc (0.2.0)
      rspec-core (~> 3.0)
    rgl (0.6.3)
      pairing_heap (>= 0.3.0)
      rexml (~> 3.2, >= 3.2.4)
      stream (~> 0.5.3)
    rjb (1.6.7)
    roar (1.2.0)
      representable (~> 3.1)
    roar-rails (1.2.0)
      actionpack
      railties (>= 3.0.0)
      responders
      roar (~> 1.2)
      test_xml (>= 0.1.6)
      uber (< 0.2.0)
    roxml (3.1.6)
      activesupport (>= 2.3.0)
      nokogiri (>= 1.3.3)
    rsolr (1.0.13)
      builder (>= 2.1.2)
    rspec (3.12.0)
      rspec-core (~> 3.12.0)
      rspec-expectations (~> 3.12.0)
      rspec-mocks (~> 3.12.0)
    rspec-cells (0.3.8)
      cells (>= 4.0.0, < 6.0.0)
      rspec-rails (>= 3.0.0, < 6.1.0)
    rspec-core (3.12.2)
      rspec-support (~> 3.12.0)
    rspec-expectations (3.12.3)
      diff-lcs (>= 1.2.0, < 2.0)
      rspec-support (~> 3.12.0)
    rspec-given (3.8.2)
      given_core (= 3.8.2)
      rspec (>= 2.14.0)
    rspec-mocks (3.12.5)
      diff-lcs (>= 1.2.0, < 2.0)
      rspec-support (~> 3.12.0)
    rspec-rails (6.0.2)
      actionpack (>= 6.1)
      activesupport (>= 6.1)
      railties (>= 6.1)
      rspec-core (~> 3.12)
      rspec-expectations (~> 3.12)
      rspec-mocks (~> 3.12)
      rspec-support (~> 3.12)
    rspec-set (0.1.3)
    rspec-support (3.12.0)
    rsync (1.0.9)
    rubocop (1.25.1)
      parallel (~> 1.10)
      parser (>= 3.1.0.0)
      rainbow (>= 2.2.2, < 4.0)
      regexp_parser (>= 1.8, < 3.0)
      rexml
      rubocop-ast (>= 1.15.1, < 2.0)
      ruby-progressbar (~> 1.7)
      unicode-display_width (>= 1.4.0, < 3.0)
    rubocop-ast (1.28.1)
      parser (>= 3.2.1.0)
    rubocop-minitest (0.27.0)
      rubocop (>= 0.90, < 2.0)
    rubocop-packaging (0.5.1)
      rubocop (>= 0.89, < 2.0)
    rubocop-performance (1.18.0)
      rubocop (>= 1.7.0, < 2.0)
      rubocop-ast (>= 0.4.0)
    rubocop-rails (2.15.2)
      activesupport (>= 4.2.0)
      rack (>= 1.1)
      rubocop (>= 1.7.0, < 2.0)
    rubocop-rails_config (1.9.3)
      railties (>= 5.0)
      rubocop (>= 1.25.1)
      rubocop-ast (>= 1.0.1)
      rubocop-minitest (~> 0.15)
      rubocop-packaging (~> 0.5)
      rubocop-performance (~> 1.11)
      rubocop-rails (~> 2.0)
    ruby-graphviz (1.2.5)
      rexml
    ruby-hmac (0.4.0)
    ruby-libvirt (0.8.0)
    ruby-limiter (2.2.2)
    ruby-ll (2.1.2)
      ansi
      ast
    ruby-next-core (0.15.3)
    ruby-progressbar (1.13.0)
    ruby-units (3.0.0)
    ruby-vips (2.1.4)
      ffi (~> 1.12)
    ruby2_keywords (0.0.5)
    ruby_powerpoint (1.4.4)
      nokogiri (~> 1.6)
      rubyzip (~> 1.0)
    rubyforge (2.0.4)
      json_pure (>= 1.1.7)
    rubyzip (1.3.0)
    sanitize_email (2.0.3)
    sass-rails (6.0.0)
      sassc-rails (~> 2.1, >= 2.1.1)
    sassc (2.4.0)
      ffi (~> 1.9)
    sassc-rails (2.1.2)
      railties (>= 4.0.0)
      sassc (>= 2.0)
      sprockets (> 3.0)
      sprockets-rails
      tilt
    sawyer (0.8.2)
      addressable (>= 2.3.5)
      faraday (> 0.8, < 2.0)
    search_object (1.2.5)
    securerandom (0.2.2)
    security (0.1.5)
    selenium-client (1.2.18)
    selenium-webdriver (4.9.1)
      rexml (~> 3.2, >= 3.2.5)
      rubyzip (>= 1.2.2, < 3.0)
      websocket (~> 1.0)
    semantic_range (3.0.0)
    sensu-plugin (4.0.0)
      json (< 3.0.0)
      mixlib-cli (~> 1.5)
    sensu-plugins-snmp (3.0.0)
      sensu-plugin (~> 4.0)
      snmp (= 1.3.2)
    serverengine (2.3.2)
      sigdump (~> 0.2.2)
    shopify_api (12.2.1)
      concurrent-ruby
      hash_diff
      httparty
      jwt
      oj
      openssl
      securerandom
      sorbet-runtime
      zeitwerk (~> 2.5)
    shopify_app (21.2.0)
      activeresource
      browser_sniffer (~> 2.0)
      jwt (>= 2.2.3)
      rails (> 5.2.1)
      redirect_safely (~> 1.0)
      shopify_api (~> 12.2)
      sprockets-rails (>= 2.0.0)
    sidekiq (7.1.0)
      concurrent-ruby (< 2)
      connection_pool (>= 2.3.0)
      rack (>= 2.2.4)
      redis-client (>= 0.14.0)
    sidekiq-batch (0.1.9)
      sidekiq (>= 3)
    sigdump (0.2.4)
    signet (0.17.0)
      addressable (~> 2.8)
      faraday (>= 0.17.5, < 3.a)
      jwt (>= 1.5, < 3.0)
      multi_json (~> 1.10)
    simple_form (5.2.0)
      actionpack (>= 5.2)
      activemodel (>= 5.2)
    simple_segment (1.5.0)
    sinatra (3.0.6)
      mustermann (~> 3.0)
      rack (~> 2.2, >= 2.2.4)
      rack-protection (= 3.0.6)
      tilt (~> 2.0)
    sinatra-partial (1.0.1)
      sinatra (>= 1.4)
    slack-api (1.6.1)
      faraday (~> 0.11)
      faraday_middleware (~> 0.10.0)
      faye-websocket (~> 0.10.6)
      multi_json (~> 1.0, >= 1.0.3)
    slop (4.10.1)
    slowhandcuke (0.0.3)
      cucumber
    snaky_hash (2.0.1)
      hashie
      version_gem (~> 1.1, >= 1.1.1)
    snmp (1.3.2)
    solidus (4.0.0)
      solidus_api (= 4.0.0)
      solidus_backend (= 4.0.0)
      solidus_core (= 4.0.0)
      solidus_sample (= 4.0.0)
    solidus_api (4.0.0)
      jbuilder (~> 2.8)
      kaminari-activerecord (~> 1.1)
      responders
      solidus_core (= 4.0.0)
    solidus_auth_devise (2.5.8)
      deface (~> 1.0)
      devise (~> 4.1)
      devise-encryptable (= 0.2.0)
      solidus_core (>= 3, < 5)
      solidus_support (~> 0.5)
    solidus_backend (4.0.0)
      autoprefixer-rails (~> 10.2, >= 10.2.5.1)
      font-awesome-rails (~> 4.0)
      handlebars_assets (~> 0.23)
      jbuilder (~> 2.8)
      jquery-rails
      kaminari (~> 1.1)
      responders
      sassc-rails
      solidus_api (= 4.0.0)
      solidus_core (= 4.0.0)
    solidus_core (4.0.0)
      actionmailer (>= 7.0, < 7.1)
      actionpack (>= 7.0, < 7.1)
      actionview (>= 7.0, < 7.1)
      activejob (>= 7.0, < 7.1)
      activemerchant (~> 1.66)
      activemodel (>= 7.0, < 7.1)
      activerecord (>= 7.0, < 7.1)
      activesupport (>= 7.0, < 7.1)
      acts_as_list (< 2.0)
      awesome_nested_set (~> 3.3)
      cancancan (>= 2.2, < 4.0)
      carmen (~> 1.1.0)
      discard (~> 1.0)
      friendly_id (~> 5.0)
      image_processing (~> 1.10)
      kaminari-activerecord (~> 1.1)
      kt-paperclip (>= 6.3, < 8)
      mini_magick (~> 4.10)
      monetize (~> 1.8)
      omnes (~> 0.2.2)
      psych (>= 3.1.0, < 5.0)
      railties (>= 7.0, < 7.1)
      ransack (~> 2.0)
      sprockets-rails
      state_machines-activerecord (~> 0.6)
    solidus_frontend (3.4.0)
      canonical-rails (~> 0.2.10)
      font-awesome-rails (~> 4.0)
      jquery-rails
      kaminari (~> 1.1)
      responders
      sassc-rails
      solidus_api (>= 3.2.0.alpha)
      solidus_core (>= 3.2.0.alpha)
      truncate_html (~> 0.9, >= 0.9.2)
    solidus_sample (4.0.0)
      solidus_core (= 4.0.0)
    solidus_support (0.9.1)
    solrizer (3.4.1)
      activesupport
      daemons
      nokogiri
      stomp
      xml-simple
    sorbet-runtime (0.5.10840)
    sorcerer (2.0.1)
    spaceship (0.0.1)
    sparql (1.99.1)
      builder (~> 3.2)
      ebnf (~> 1.0)
      rdf (~> 1.99)
      rdf-aggregate-repo (~> 1.99)
      rdf-xsd (~> 1.1)
      sparql-client (~> 1.1)
      sxp (~> 0.1)
    sparql-client (1.99.1)
      json (~> 1.8)
      net-http-persistent (~> 2.9)
      rdf (>= 1.99, < 3)
      tins (= 1.6.0)
    spinach (0.12.0)
      colorize
      gherkin-ruby (>= 0.3.2)
    spinach-rerun-reporter (1.0.1)
      spinach (~> 0.10, > 0.10)
    spree_api (4.5.3)
      bcrypt (~> 3.1)
      doorkeeper (~> 5.3)
      jsonapi-serializer (~> 2.1)
      spree_core (= 4.5.3)
    spree_core (4.5.3)
      actionpack (>= 6.1)
      actionview (>= 6.1)
      active_storage_validations (~> 0.9, <= 0.9.5)
      activejob (>= 6.1)
      activemerchant (~> 1.67)
      activemodel (>= 6.1)
      activerecord (>= 6.1)
      activerecord-typedstore
      activestorage (>= 6.1)
      activesupport (>= 6.1)
      acts_as_list (>= 0.8)
      auto_strip_attributes (~> 2.6)
      awesome_nested_set (~> 3.3, >= 3.3.1)
      cancancan (~> 3.2)
      carmen (>= 1.0)
      friendly_id (~> 5.2, >= 5.2.1)
      highline (~> 2.0)
      image_processing (~> 1.2)
      kaminari (~> 1.2)
      monetize (~> 1.9)
      money (~> 6.13)
      paranoia (~> 2.4)
      railties (>= 6.1)
      ransack (>= 2.3, < 3.0)
      rexml
      state_machines-activemodel (~> 0.7)
      state_machines-activerecord (~> 0.6)
      stringex
      validates_zipcode
    spree_frontend (4.5.0)
      babel-transpiler (~> 0.7)
      bootstrap (~> 4.0)
      canonical-rails (~> 0.2, >= 0.2.10)
      glyphicons (~> 1.0)
      inline_svg (~> 1.5)
      jquery-rails (~> 4.3)
      jsbundling-rails
      responders
      sass-rails (>= 5)
      spree_api (>= 4.5.0)
      spree_core (>= 4.5.0)
      sprockets (~> 4.0)
      turbo-rails
    sprockets (4.2.0)
      concurrent-ruby (~> 1.0)
      rack (>= 2.2.4, < 4)
    sprockets-rails (3.4.2)
      actionpack (>= 5.2)
      activesupport (>= 5.2)
      sprockets (>= 3.0.0)
    spy (1.0.5)
    sqlite3 (1.6.3-arm64-darwin)
    sshkit (1.21.4)
      net-scp (>= 1.1.2)
      net-ssh (>= 2.8.0)
    sshkit-interactive (0.3.0)
      sshkit (~> 1.12)
    ssrf_filter (1.1.1)
    state_machines (0.5.0)
    state_machines-activemodel (0.8.0)
      activemodel (>= 5.1)
      state_machines (>= 0.5.0)
    state_machines-activerecord (0.8.0)
      activerecord (>= 5.1)
      state_machines-activemodel (>= 0.8.0)
    stomp (1.4.10)
    stream (0.5.5)
    stringex (1.5.1)
    stringify-hash (0.0.2)
    stringio (3.0.6)
    strptime (0.2.5)
    sucker_punch (2.1.2)
      concurrent-ruby (~> 1.0)
    sxp (0.1.5)
    symbolize (4.3.4)
    syntax_tree (6.1.1)
      prettier_print (>= 1.2.0)
    syntax_tree-haml (4.0.3)
      haml (>= 5.2)
      prettier_print (>= 1.2.1)
      syntax_tree (>= 6.0.0)
    syntax_tree-rbs (1.0.0)
      prettier_print
      rbs
      syntax_tree (>= 2.0.1)
    sys-uname (1.2.3)
      ffi (~> 1.1)
    syslog_protocol (0.9.2)
    tailwindcss-rails (2.0.29-arm64-darwin)
      railties (>= 6.0.0)
    temple (0.10.1)
    terrapin (0.6.0)
      climate_control (>= 0.0.3, < 1.0)
    test-queue (0.9.0)
    test-unit (3.1.9)
      power_assert
    test_xml (0.1.8)
      diffy (~> 3.0)
      nokogiri (>= 1.3.2)
    theme-check (1.15.0)
      liquid (>= 5.4.0)
      nokogiri (>= 1.12)
      parser (~> 3)
    thor (1.2.2)
    tidy (1.1.2)
    tilt (2.1.0)
    timeliness (0.3.10)
    timeout (0.3.2)
    tins (1.6.0)
    trailblazer (2.1.2)
      trailblazer-macro (>= 2.1.12, < 2.2.0)
      trailblazer-macro-contract (>= 2.1.4, < 2.2.0)
      trailblazer-operation (>= 0.9.0, < 1.0.0)
    trailblazer-activity (0.16.0)
      trailblazer-context (~> 0.5.0)
      trailblazer-option (~> 0.1.0)
    trailblazer-activity-dsl-linear (1.2.1)
      trailblazer-activity (>= 0.16.0, < 0.17.0)
      trailblazer-declarative (>= 0.0.1, < 0.1.0)
    trailblazer-context (0.5.1)
      hashie (>= 3.0.0)
    trailblazer-declarative (0.0.2)
    trailblazer-developer (0.0.28)
      hirb
      trailblazer-activity-dsl-linear (>= 1.2.0, < 1.3.0)
    trailblazer-macro (2.1.14)
      trailblazer-activity-dsl-linear (>= 1.2.0, < 1.3.0)
      trailblazer-operation (>= 0.10.0)
    trailblazer-macro-contract (2.1.5)
      reform (>= 2.2.0, < 3.0.0)
      trailblazer-activity-dsl-linear (>= 1.2.0, < 1.3.0)
    trailblazer-operation (0.10.0)
      trailblazer-activity-dsl-linear (>= 1.2.0, < 1.4.0)
      trailblazer-developer
    trailblazer-option (0.1.2)
    trailblazer-rails (2.4.3)
      railties (>= 5.2.0)
      trailblazer (>= 2.1.0, < 2.2.0)
    truncate_html (0.9.3)
    turbo-rails (1.4.0)
      actionpack (>= 6.0.0)
      activejob (>= 6.0.0)
      railties (>= 6.0.0)
    typhoeus (0.7.3)
      ethon (>= 0.7.4)
    tzinfo (2.0.6)
      concurrent-ruby (~> 1.0)
    tzinfo-data (1.2023.3)
      tzinfo (>= 1.0.0)
    uber (0.1.0)
    unf (0.1.4)
      unf_ext
    unf_ext (0.0.8.2)
    unicode-display_width (2.4.2)
    unidecoder (1.1.2)
    uri (0.12.1)
    uri-ssh_git (2.0.0)
    usagewatch (0.0.7)
    uuidtools (2.2.0)
    vagrant (1.5.0)
    validates_zipcode (0.5.2)
      activemodel (>= 4.2.0)
    values (1.8.0)
    version_gem (1.1.2)
    vhd (0.0.4)
      bit-struct
    warbler (2.0.5)
      jruby-jars (>= 9.0.0.0)
      jruby-rack (>= 1.1.1, < 1.3)
      rake (>= 10.1.0)
      rubyzip (~> 1.0, < 1.4)
    warden (1.2.9)
      rack (>= 2.0.9)
    waterdrop (2.5.2)
      karafka-core (>= 2.0.12, < 3.0.0)
      zeitwerk (~> 2.3)
    watir (7.2.2)
      regexp_parser (>= 1.2, < 3)
      selenium-webdriver (~> 4.2)
    watir-scroll (0.4.0)
      watir (>= 6.0)
    webpacker (5.4.4)
      activesupport (>= 5.2)
      rack-proxy (>= 0.6.1)
      railties (>= 5.2)
      semantic_range (>= 2.3.0)
    webpacker-react (0.3.2)
      webpacker
    webrick (1.8.1)
    websocket (1.2.9)
    websocket-driver (0.7.5)
      websocket-extensions (>= 0.1.0)
    websocket-extensions (0.1.5)
    will_paginate (3.3.1)
    will_paginate_mongoid (2.0.1)
      mongoid
      will_paginate (~> 3.0)
    win32-api (1.10.1)
    wisper (2.0.1)
    wisper-sidekiq (1.3.0)
      sidekiq (>= 4.1)
      wisper
    writeexcel (1.0.5)
    xml-object (1.0.0)
      activesupport
    xml-simple (1.1.9)
      rexml
    xray-rails (0.3.2)
      rails (>= 3.1.0)
    yabeda (0.11.0)
      anyway_config (>= 1.0, < 3)
      concurrent-ruby
      dry-initializer
    yajl-ruby (1.4.3)
    yt (0.33.4)
      activesupport
    zeitwerk (2.6.8)
    zip-codes (0.3.0)
    zip_tricks (5.6.0)
    zipkin-tracer (0.48.0)
      faraday (>= 0.13, < 3.0)
      rack (>= 1.0)
      sucker_punch (~> 2.0)
    zipline (1.5.0)
      actionpack (>= 6.0, < 8.0)
      content_disposition (~> 1.0)
      zip_tricks (>= 4.2.1, < 6.0)
    zxcvbn-js (4.4.3)
      execjs

PLATFORMS
  arm64-darwin-22

DEPENDENCIES
  pkg22!

BUNDLED WITH
   2.4.13
