PATH
  remote: .
  specs:
    pkg25 (0.0.1)
      accentless
      action_args
      action_policy-graphql
      actionmailer-text
      active_admin_theme
      active_record-acts_as
      activerecord-typedstore
      aescrypt
      airrecord
      amazon-ec2
      animate-rails
      approvals
      atoulme-Antwrap
      attribute_struct
      authtrail
      barkick
      basecrm
      bcp47
      beaker-vagrant
      bloomfilter-rb
      bogo
      bootscale
      break
      buildkite-test_collector
      cached_resource
      capistrano-locally
      capybara-select-2
      carrierwave-imageoptimizer
      chargify_api_ares
      chef-api
      circleci
      citeproc-ruby
      classifier
      cnpj_validator
      cocoapods-disable-podfile-validations
      coffee-rails-source-maps
      commonthread-rails
      configure-s3-website
      coveralls_reborn
      csl
      csvlint
      cucumber-timecop
      d2l-valence
      daemon-spawn
      daru
      datagrid
      daybreak
      dbi
      deadlock_retry
      dep-selector-libgecode
      deprecated
      dm-postgres-adapter
      docker-sync
      docsplit
      dpl-elastic_beanstalk
      echoe
      elastic-enterprise-search
      em-proxy
      enumerable-lazy
      erb2haml
      etcd-rb
      exponent-server-sdk
      eyes_core
      fancybox-rails
      fast_trie
      file-dependencies
      filewatcher
      fingerprintjs-rails
      flipper-dalli
      fluent-plugin-rabbitmq
      fluent-plugin-splunk-enterprise
      fluent-plugin-suppress
      fork_break
      formulaic
      fxruby
      global
      google-apis-calendar_v3
      google-cloud-debugger
      google-cloud-dns
      google-cloud-resource_manager
      google-cloud-spanner
      google-cloud-video_intelligence
      google-cloud-vision-v1
      google-cloud-vision-v1p3beta1
      gosu
      govuk_publishing_components
      grape-route-helpers
      grape-swagger-representable
      graphql-rails_logger
      grover
      guard-sidekiq
      hash_diff
      html_page
      influxdb-client
      jquery-datatables
      jquery-placeholder-rails
      jquery_mask_rails
      json-canonicalization
      json-streamer
      json_logic
      kapnismology
      kitchen-dokken
      kitchen-sync
      launchdarkly_api
      legato
      libreconv
      lorekeeper
      m3u8
      mandrill-api-json
      mangopay
      marco-polo
      miasma
      miasma-aws
      migration-lock-timeout
      minitest-tagz
      modis
      modulejs-rails
      mongoid-audit_log
      mustermann19
      mysql-binuuid-rails
      neo4j
      nested_form_fields
      net_http_ssl_fix
      newrelic_moped
      nifty-generators
      nilio
      nokogiri-styles
      noticed
      oat
      olive_branch
      omniauth-mailchimp
      omniauth-slack
      open-uri-cached
      opentelemetry-exporter-jaeger
      opentelemetry-resource_detectors
      orchestrator_client
      padrino-cache
      paranoia_uniqueness_validator
      patternfly-sass
      peddler
      peek-gc
      peek-redis
      persistent_httparty
      pg_lock
      phonie
      pilot
      polaris_tokens
      prawn_rails
      predictor
      prerender_rails
      prmd
      pronto-coffeelint
      pronto-stylelint
      pulp_ansible_client
      puppet-debugger
      puppet-lint-absolute_template_path
      puppet-lint-classes_and_types_beginning_with_digits-check
      puppet-lint-resource_reference_syntax
      puppet-lint-trailing_newline-check
      quantified
      query_reviewer
      rack-heartbeat
      raddocs
      rails_warden
      railsless-deploy
      rambulance
      request-log-analyzer
      resque-heroku-signals
      resque_solo
      rest
      rodf
      rom
      route_downcaser
      rspec-request_describer
      rtf
      rubocop-packaging
      ruby-openai
      ruby-plsql
      ruby-terminfo
      ruby_protobuf
      sablon
      scan
      scatter_swap
      schmooze
      scout
      screw_driver
      sentry-delayed_job
      sequel-rails
      sequenced
      sfn
      sidekiq-middleware
      sigh
      slack-notify
      sneaky-save
      soap4r
      solargraph-rails
      spree_auth_devise
      sprockets-svg
      sqreen-backport
      stamp
      stateful_enum
      string-similarity
      stupidedi
      synx
      td
      td-logger
      tdiff
      tilt-jbuilder
      to-bool
      to_words
      tooltipster-rails
      traces
      tracker_api
      trailblazer-macro
      trailblazer-macro-contract
      transitions
      unirest
      where-or
      wheretz
      workers
      yabeda-rails
      yamler
      yard-activesupport-concern
      zabbixapi
      zonebie

GEM
  remote: https://rubygems.org/
  specs:
    CFPropertyList (2.3.6)
    accentless (1.0.0)
    action_args (2.7.2)
    action_policy (0.6.5)
      ruby-next-core (>= 0.14.0)
    action_policy-graphql (0.5.3)
      action_policy (>= 0.5.0)
      graphql (>= 1.9.3)
      ruby-next-core (>= 0.10.0)
    actioncable (7.0.4.3)
      actionpack (= 7.0.4.3)
      activesupport (= 7.0.4.3)
      nio4r (~> 2.0)
      websocket-driver (>= 0.6.1)
    actionmailbox (7.0.4.3)
      actionpack (= 7.0.4.3)
      activejob (= 7.0.4.3)
      activerecord (= 7.0.4.3)
      activestorage (= 7.0.4.3)
      activesupport (= 7.0.4.3)
      mail (>= 2.7.1)
      net-imap
      net-pop
      net-smtp
    actionmailer (7.0.4.3)
      actionpack (= 7.0.4.3)
      actionview (= 7.0.4.3)
      activejob (= 7.0.4.3)
      activesupport (= 7.0.4.3)
      mail (~> 2.5, >= 2.5.4)
      net-imap
      net-pop
      net-smtp
      rails-dom-testing (~> 2.0)
    actionmailer-text (0.1.1)
      actionmailer
      htmlentities
    actionpack (7.0.4.3)
      actionview (= 7.0.4.3)
      activesupport (= 7.0.4.3)
      rack (~> 2.0, >= 2.2.0)
      rack-test (>= 0.6.3)
      rails-dom-testing (~> 2.0)
      rails-html-sanitizer (~> 1.0, >= 1.2.0)
    actiontext (7.0.4.3)
      actionpack (= 7.0.4.3)
      activerecord (= 7.0.4.3)
      activestorage (= 7.0.4.3)
      activesupport (= 7.0.4.3)
      globalid (>= 0.6.0)
      nokogiri (>= 1.8.5)
    actionview (7.0.4.3)
      activesupport (= 7.0.4.3)
      builder (~> 3.1)
      erubi (~> 1.4)
      rails-dom-testing (~> 2.0)
      rails-html-sanitizer (~> 1.1, >= 1.2.0)
    active_admin_theme (1.1.4)
    active_record-acts_as (5.0.3)
      activerecord (>= 6.0)
      activesupport (>= 6.0)
      ruby2_keywords
    active_storage_validations (0.9.5)
      rails (>= 5.2.0)
    activejob (7.0.4.3)
      activesupport (= 7.0.4.3)
      globalid (>= 0.3.6)
    activemerchant (1.129.0)
      activesupport (>= 4.2)
      builder (>= 2.1.2, < 4.0.0)
      i18n (>= 0.6.9)
      nokogiri (~> 1.4)
      rexml (~> 3.2.5)
    activemodel (7.0.4.3)
      activesupport (= 7.0.4.3)
    activemodel-serializers-xml (1.0.2)
      activemodel (> 5.x)
      activesupport (> 5.x)
      builder (~> 3.1)
    activerecord (7.0.4.3)
      activemodel (= 7.0.4.3)
      activesupport (= 7.0.4.3)
    activerecord-typedstore (1.5.1)
      activerecord (>= 6.1)
    activeresource (6.0.0)
      activemodel (>= 6.0)
      activemodel-serializers-xml (~> 1.0)
      activesupport (>= 6.0)
    activestorage (7.0.4.3)
      actionpack (= 7.0.4.3)
      activejob (= 7.0.4.3)
      activerecord (= 7.0.4.3)
      activesupport (= 7.0.4.3)
      marcel (~> 1.0)
      mini_mime (>= 1.1.0)
    activesupport (7.0.4.3)
      concurrent-ruby (~> 1.0, >= 1.0.2)
      i18n (>= 1.6, < 2)
      minitest (>= 5.1)
      tzinfo (~> 2.0)
    acts_as_list (1.1.0)
      activerecord (>= 4.2)
    addressable (2.8.4)
      public_suffix (>= 2.0.2, < 6.0)
    aescrypt (1.0.0)
    airbrussh (1.4.1)
      sshkit (>= 1.6.1, != 1.7.0)
    airrecord (1.0.12)
      faraday (>= 1.0, < 3.0)
      faraday-net_http_persistent
      net-http-persistent
    allison (2.0.3)
    amazon-ec2 (0.9.17)
      xml-simple (>= 1.0.12)
    amq-protocol (2.3.2)
    animate-rails (1.0.10)
      rails
    anyway_config (2.4.1)
      ruby-next-core (>= 0.14.0)
    api_client (0.5.21)
      faraday (>= 0.8.1)
      hashie (>= 2.0.5)
      multi_json (>= 1.6.1)
      yajl-ruby
    approvals (0.0.26)
      json (~> 2.0)
      nokogiri (~> 1.8)
      thor (~> 1.0)
    ast (2.4.2)
    atomic (1.1.101)
    atomos (0.1.3)
    atoulme-Antwrap (0.7.5)
      rjb (>= 1.0.3)
    attribute_struct (0.4.4)
      bogo (>= 0.1.31, < 0.3.0)
    authtrail (0.4.3)
      activerecord (>= 5.2)
      railties (>= 5.2)
      warden
    auto_strip_attributes (2.6.0)
      activerecord (>= 4.0)
    autoprefixer-rails (10.4.13.0)
      execjs (~> 2)
    awesome_nested_set (3.5.0)
      activerecord (>= 4.0.0, < 7.1)
    awesome_print (1.9.2)
    aws-eventstream (1.2.0)
    aws-sdk (2.11.632)
      aws-sdk-resources (= 2.11.632)
    aws-sdk-core (2.11.632)
      aws-sigv4 (~> 1.0)
      jmespath (~> 1.0)
    aws-sdk-resources (2.11.632)
      aws-sdk-core (= 2.11.632)
    aws-sigv4 (1.5.2)
      aws-eventstream (~> 1, >= 1.0.2)
    axiom-types (0.1.1)
      descendants_tracker (~> 0.0.4)
      ice_nine (~> 0.11.0)
      thread_safe (~> 0.3, >= 0.3.1)
    babosa (2.0.0)
    backport (1.2.0)
    backports (3.24.1)
    barkick (0.2.0)
    basecrm (0.1.2)
      api_client (>= 0.4.2)
    bcp47 (0.3.3)
      i18n
    bcrypt (3.1.18)
    bcrypt_pbkdf (1.1.0)
    beaker (5.2.0)
      beaker-hostgenerator
      ed25519 (~> 1.0)
      hocon (~> 1.0)
      in-parallel (>= 0.1, < 2.0)
      inifile (~> 3.0)
      minitar (~> 0.6)
      minitest (~> 5.4)
      net-scp (>= 1.2, < 5.0)
      net-ssh (>= 5.0)
      rexml
      rsync (~> 1.0.9)
      stringify-hash (~> 0.0)
      thor (>= 1.0.1, < 2.0)
    beaker-hostgenerator (2.2.0)
      deep_merge (~> 1.0)
    beaker-vagrant (1.2.0)
      beaker (>= 4, < 6)
    benchmark (0.2.1)
    binding_of_caller (0.8.0)
      debug_inspector (>= 0.0.1)
    bloomfilter-rb (2.1.2)
    bogo (0.2.16)
      hashie
      multi_json
    bogo-cli (0.3.2)
      bogo (>= 0.2.14, < 0.6)
      bogo-config (>= 0.1.15, < 0.5)
      bogo-ui
    bogo-config (0.3.1)
      attribute_struct
      bogo (>= 0.1.4, < 1.0)
      multi_json
      multi_xml
    bogo-ui (0.1.28)
      bogo
      command_line_reporter
      paint
    bootscale (0.7.0)
    bootstrap-sass (3.4.1)
      autoprefixer-rails (>= 5.2.1)
      sassc (>= 2.0.0)
    break (0.40.0)
    bson (4.15.0)
    builder (3.2.4)
    buildkite-test_collector (2.2.0)
      activesupport (>= 4.2)
    bunny (2.14.4)
      amq-protocol (~> 2.3, >= 2.3.0)
    cached_resource (7.0.0)
      activeresource (>= 4.0)
      activesupport (>= 4.0)
      nilio (>= 1.0)
    cancancan (3.5.0)
    cantor (1.2.1)
    capistrano (3.17.2)
      airbrussh (>= 1.0.0)
      i18n
      rake (>= 10.0.0)
      sshkit (>= 1.9.0)
    capistrano-locally (0.3.0)
      capistrano (~> 3.0)
    capybara (2.4.4)
      mime-types (>= 1.16)
      nokogiri (>= 1.3.3)
      rack (>= 1.0.0)
      rack-test (>= 0.5.4)
      xpath (~> 2.0)
    capybara-select-2 (0.5.1)
    carmen (1.1.3)
      activesupport (>= 3.0.0)
    carrierwave (2.2.3)
      activemodel (>= 5.0.0)
      activesupport (>= 5.0.0)
      addressable (~> 2.6)
      image_processing (~> 1.1)
      marcel (~> 1.0.0)
      mini_mime (>= 0.1.3)
      ssrf_filter (~> 1.0)
    carrierwave-imageoptimizer (1.6.0)
      carrierwave (>= 0.8, < 3.0)
      image_optimizer (~> 1.6)
    chargify_api_ares (1.4.15)
      activeresource (>= 3.2.16)
    chef-api (0.10.10)
      mime-types
      mixlib-log (>= 1, < 4)
    chef-utils (18.2.7)
      concurrent-ruby
    chronic (0.10.2)
    chunky_png (1.3.6)
    circleci (2.1.0)
    citeproc (1.0.10)
      namae (~> 1.0)
    citeproc-ruby (2.0.0)
      citeproc (~> 1.0, >= 1.0.9)
      csl (~> 2.0)
    claide (1.1.0)
    clamp (0.6.5)
    classifier (1.3.5)
      fast-stemmer (~> 1.0.0)
      mathn
      rake
    cliver (0.3.2)
    cnpj_validator (0.3.2)
      activemodel (>= 3.0)
    cocoapods-disable-podfile-validations (0.2.0)
    coderay (1.1.3)
    coercible (1.0.0)
      descendants_tracker (~> 0.0.1)
    coffee-rails (5.0.0)
      coffee-script (>= 2.2.0)
      railties (>= 5.2.0)
    coffee-rails-source-maps (1.4.0)
      coffee-script-source (>= 1.6.1)
    coffee-script (2.4.1)
      coffee-script-source
      execjs
    coffee-script-source (1.12.2)
    coffeelint (1.16.1)
      coffee-script
      execjs
      json
    colored (1.2)
    colored2 (3.1.2)
    colorize (0.8.1)
    combine_pdf (1.0.23)
      matrix
      ruby-rc4 (>= 0.1.5)
    command_line_reporter (4.0.3)
      colored (>= 1.2)
    commander (4.6.0)
      highline (~> 2.0.0)
    commonthread-rails (0.4.2)
      otherinbox-crypt19
    concurrent-ruby (1.1.10)
    configure-s3-website (1.3.0)
    connection_pool (2.4.1)
    cool.io (1.7.1)
    coveralls_reborn (0.27.0)
      simplecov (~> 0.22.0)
      term-ansicolor (~> 1.7)
      thor (~> 1.2)
      tins (~> 1.32)
    crass (1.0.6)
    credentials_manager (0.16.4)
      colored
      commander (>= 4.3.5)
      highline (>= 1.7.1)
      security
    csl (2.0.0)
      namae (~> 1.0)
      rexml
    csvlint (1.2.0)
      activesupport
      addressable
      escape_utils
      net-http-persistent
      open_uri_redirections
      rack
      rainbow
      thor
      typhoeus
      uri_template
    cucumber (8.0.0)
      builder (~> 3.2, >= 3.2.4)
      cucumber-ci-environment (~> 9.0, >= 9.0.4)
      cucumber-core (~> 11.0, >= 11.0.0)
      cucumber-cucumber-expressions (~> 15.1, >= 15.1.1)
      cucumber-gherkin (~> 23.0, >= 23.0.1)
      cucumber-html-formatter (~> 19.1, >= 19.1.0)
      cucumber-messages (~> 18.0, >= 18.0.0)
      diff-lcs (~> 1.5, >= 1.5.0)
      mime-types (~> 3.4, >= 3.4.1)
      multi_test (~> 1.1, >= 1.1.0)
      sys-uname (~> 1.2, >= 1.2.2)
    cucumber-ci-environment (9.2.0)
    cucumber-core (11.0.0)
      cucumber-gherkin (~> 23.0, >= 23.0.1)
      cucumber-messages (~> 18.0, >= 18.0.0)
      cucumber-tag-expressions (~> 4.1, >= 4.1.0)
    cucumber-cucumber-expressions (15.2.0)
    cucumber-gherkin (23.0.1)
      cucumber-messages (~> 18.0, >= 18.0.0)
    cucumber-html-formatter (19.2.0)
      cucumber-messages (~> 18.0, >= 18.0.0)
    cucumber-messages (18.0.0)
    cucumber-tag-expressions (4.1.0)
    cucumber-timecop (0.0.6)
      chronic
      cucumber
      timecop
    d2l-valence (0.0.1)
      rest-client (~> 2.0.0)
    daemon-spawn (0.4.2)
    daemons (1.4.1)
    dalli (3.2.4)
    daru (0.3)
      packable (~> 1.3.13)
    data_objects (0.10.17)
      addressable (~> 2.1)
    datagrid (1.7.0)
      railties (>= 6.0)
    date (3.3.3)
    daybreak (0.3.0)
    dbi (0.4.3)
      deprecated (>= 2.0.0)
    deadlock_retry (1.2.0)
    debug_inspector (1.1.0)
    declarative (0.0.20)
    deep_merge (1.2.2)
    delayed_job (4.1.11)
      activesupport (>= 3.0, < 8.0)
    dep-selector-libgecode (1.3.5)
    deprecated (3.0.1)
    descendants_tracker (0.0.4)
      thread_safe (~> 0.3, >= 0.3.1)
    devise (4.9.2)
      bcrypt (~> 3.0)
      orm_adapter (~> 0.1)
      railties (>= 4.1.0)
      responders
      warden (~> 1.2.3)
    devise-encryptable (0.2.0)
      devise (>= 2.1.0)
    diff-lcs (1.5.0)
    disposable (0.6.3)
      declarative (>= 0.0.9, < 1.0.0)
      representable (>= 3.1.1, < 4)
    dm-core (1.2.1)
      addressable (~> 2.3)
    dm-do-adapter (1.2.0)
      data_objects (~> 0.10.6)
      dm-core (~> 1.2.0)
    dm-postgres-adapter (1.2.0)
      dm-do-adapter (~> 1.2.0)
      do_postgres (~> 0.10.6)
    do_postgres (0.10.17)
      data_objects (= 0.10.17)
    docile (1.4.0)
    docker-api (1.33.6)
      excon (>= 0.38.0)
      json
    docker-sync (1.0.5)
      daemons (~> 1.4, >= 1.4.1)
      dotenv (~> 2.8, >= 2.8.1)
      gem_update_checker (~> 0.2.0, >= 0.2.0)
      os (>= 1.0.0)
      terminal-notifier (= 2.0.0)
      thor (~> 1.2, >= 1.2.1)
    docsplit (0.7.6)
    domain_name (0.5.20190701)
      unf (>= 0.0.5, < 1.0.0)
    dotenv (2.8.1)
    dpl (1.10.16)
    dpl-elastic_beanstalk (1.10.16)
      aws-sdk (~> 2.0)
      dpl (= 1.10.16)
      rubyzip (~> 1.0)
    dry-configurable (1.0.1)
      dry-core (~> 1.0, < 2)
      zeitwerk (~> 2.6)
    dry-core (1.0.0)
      concurrent-ruby (~> 1.0)
      zeitwerk (~> 2.6)
    dry-inflector (1.0.0)
    dry-initializer (3.1.1)
    dry-logic (1.5.0)
      concurrent-ruby (~> 1.0)
      dry-core (~> 1.0, < 2)
      zeitwerk (~> 2.6)
    dry-struct (1.6.0)
      dry-core (~> 1.0, < 2)
      dry-types (>= 1.7, < 2)
      ice_nine (~> 0.11)
      zeitwerk (~> 2.6)
    dry-types (1.7.1)
      concurrent-ruby (~> 1.0)
      dry-core (~> 1.0)
      dry-inflector (~> 1.0)
      dry-logic (~> 1.4)
      zeitwerk (~> 2.6)
    e2mmap (0.1.0)
    echoe (4.6.6)
      allison (>= 2.0.3)
      rake (>= 0.9.2)
      rdoc (>= 2.5.11)
      rubyforge (>= 2.0.4)
    ed25519 (1.3.0)
    elastic-enterprise-search (8.7.0)
      elastic-transport (~> 8.1)
      jwt (>= 1.5, < 3.0)
    elastic-transport (8.2.1)
      faraday (< 3)
      multi_json
    elif (0.1.0)
    em-proxy (0.1.9)
      eventmachine
    enumerable-lazy (0.0.2)
    equalizer (0.0.11)
    erb2haml (0.1.5)
      html2haml
    erubi (1.12.0)
    erubis (2.7.0)
    escape_utils (1.3.0)
    etcd-rb (1.0.0.pre0)
    ethon (0.16.0)
      ffi (>= 1.15.0)
    eventmachine (1.2.7)
    excon (0.45.4)
    execjs (2.8.1)
    exponent-server-sdk (0.1.0)
      typhoeus
    eyes_core (3.16.9)
      chunky_png (= 1.3.6)
      faraday
      oily_png (~> 1.2)
      oj
    facter (4.4.0)
      hocon (~> 1.3)
      thor (>= 1.0.1, < 2.0)
    facterdb (1.21.0)
      facter (< 5.0.0)
      jgrep
    fancybox-rails (0.3.1)
      railties (>= 3.1.0)
    faraday (2.7.4)
      faraday-net_http (>= 2.0, < 3.1)
      ruby2_keywords (>= 0.0.4)
    faraday-multipart (1.0.4)
      multipart-post (~> 2)
    faraday-net_http (3.0.2)
    faraday-net_http_persistent (1.2.0)
    faraday-retry (2.1.0)
      faraday (~> 2.0)
    fast-stemmer (1.0.2)
    fast_gettext (2.3.0)
    fast_trie (0.5.1)
    fastlane_core (0.9.2)
      babosa
      capybara (~> 2.4.3)
      colored
      commander (>= 4.3.4)
      credentials_manager (>= 0.6.0)
      excon (~> 0.45.0)
      highline (>= 1.7.2)
      json
      multi_json
      phantomjs (~> 1.9.8)
      poltergeist (~> 1.5.1)
    ffi (1.15.5)
    file-dependencies (0.1.7)
      minitar
    filewatcher (2.1.0)
      module_methods (~> 0.1.0)
    fingerprintjs-rails (0.5.5)
    flipper (0.28.0)
      concurrent-ruby (< 2)
    flipper-dalli (0.28.0)
      dalli (>= 2.0, < 4)
      flipper (~> 0.28.0)
    fluent-logger (0.9.0)
      msgpack (>= 1.0.0, < 2)
    fluent-plugin-rabbitmq (0.0.9)
      bunny (~> 2.14.4)
      fluentd (>= 0.14.0)
    fluent-plugin-splunk-enterprise (0.10.2)
      fluentd (>= 0.12.0)
      httpclient
      json
    fluent-plugin-suppress (1.1.0)
      fluentd (>= 0.14.8, < 2)
    fluentd (1.16.1)
      bundler
      cool.io (>= 1.4.5, < 2.0.0)
      http_parser.rb (>= 0.5.1, < 0.9.0)
      msgpack (>= 1.3.1, < 2.0.0)
      serverengine (>= 2.3.2, < 3.0.0)
      sigdump (~> 0.2.2)
      strptime (>= 0.2.4, < 1.0.0)
      tzinfo (>= 1.0, < 3.0)
      tzinfo-data (~> 1.0)
      webrick (~> 1.4)
      yajl-ruby (~> 1.0)
    font-awesome-sass (4.6.2)
      sass (>= 3.2)
    fork (1.0.1)
    fork_break (0.1.4)
      fork (= 1.0.1)
    formatador (1.1.0)
    formulaic (0.4.1)
      activesupport
      capybara
      i18n
    friendly_id (5.5.0)
      activerecord (>= 4.0.0)
    fxruby (1.6.46)
      mini_portile2 (~> 2.1)
    gapic-common (0.18.0)
      faraday (>= 1.9, < 3.a)
      faraday-retry (>= 1.0, < 3.a)
      google-protobuf (~> 3.14)
      googleapis-common-protos (>= 1.3.12, < 2.a)
      googleapis-common-protos-types (>= 1.3.1, < 2.a)
      googleauth (~> 1.0)
      grpc (~> 1.36)
    gem_update_checker (0.2.0)
    gene_pool (1.5.0)
      concurrent-ruby (>= 1.0)
    gitlab (4.19.0)
      httparty (~> 0.20)
      terminal-table (>= 1.5.1)
    global (2.1.0)
      activesupport (>= 2.0)
    globalid (1.1.0)
      activesupport (>= 5.0)
    google-apis-calendar_v3 (0.28.0)
      google-apis-core (>= 0.11.0, < 2.a)
    google-apis-cloudresourcemanager_v1 (0.33.0)
      google-apis-core (>= 0.11.0, < 2.a)
    google-apis-core (0.11.0)
      addressable (~> 2.5, >= 2.5.1)
      googleauth (>= 0.16.2, < 2.a)
      httpclient (>= 2.8.1, < 3.a)
      mini_mime (~> 1.0)
      representable (~> 3.0)
      retriable (>= 2.0, < 4.a)
      rexml
      webrick
    google-apis-dns_v1 (0.32.0)
      google-apis-core (>= 0.11.0, < 2.a)
    google-cloud-core (1.6.0)
      google-cloud-env (~> 1.0)
      google-cloud-errors (~> 1.0)
    google-cloud-debugger (0.41.0)
      binding_of_caller (~> 0.7)
      concurrent-ruby (~> 1.1)
      google-cloud-core (~> 1.5)
      google-cloud-debugger-v2 (~> 0.0)
      google-cloud-logging (~> 2.0)
      stackdriver-core (~> 1.3)
    google-cloud-debugger-v2 (0.5.0)
      gapic-common (>= 0.18.0, < 2.a)
      google-cloud-errors (~> 1.0)
    google-cloud-dns (0.36.1)
      google-apis-dns_v1 (~> 0.1)
      google-cloud-core (~> 1.6)
      googleauth (>= 0.16.2, < 2.a)
      zonefile (~> 1.04)
    google-cloud-env (1.6.0)
      faraday (>= 0.17.3, < 3.0)
    google-cloud-errors (1.3.1)
    google-cloud-logging (2.3.3)
      concurrent-ruby (~> 1.1)
      google-cloud-core (~> 1.5)
      google-cloud-logging-v2 (~> 0.0)
      stackdriver-core (~> 1.3)
    google-cloud-logging-v2 (0.9.0)
      gapic-common (>= 0.18.0, < 2.a)
      google-cloud-errors (~> 1.0)
    google-cloud-resource_manager (0.37.0)
      google-apis-cloudresourcemanager_v1 (~> 0.1)
      google-cloud-core (~> 1.6)
      googleauth (>= 0.16.2, < 2.a)
    google-cloud-spanner (2.16.1)
      concurrent-ruby (~> 1.0)
      google-cloud-core (~> 1.5)
      google-cloud-spanner-admin-database-v1 (~> 0.1)
      google-cloud-spanner-admin-instance-v1 (~> 0.1)
      google-cloud-spanner-v1 (~> 0.2)
    google-cloud-spanner-admin-database-v1 (0.13.0)
      gapic-common (>= 0.18.0, < 2.a)
      google-cloud-errors (~> 1.0)
      grpc-google-iam-v1 (~> 1.1)
    google-cloud-spanner-admin-instance-v1 (0.9.0)
      gapic-common (>= 0.18.0, < 2.a)
      google-cloud-errors (~> 1.0)
      grpc-google-iam-v1 (~> 1.1)
    google-cloud-spanner-v1 (0.14.1)
      gapic-common (>= 0.18.0, < 2.a)
      google-cloud-errors (~> 1.0)
    google-cloud-video_intelligence (3.3.0)
      google-cloud-core (~> 1.6)
      google-cloud-video_intelligence-v1 (>= 0.8, < 2.a)
      google-cloud-video_intelligence-v1beta2 (>= 0.6, < 2.a)
      google-cloud-video_intelligence-v1p1beta1 (>= 0.6, < 2.a)
      google-cloud-video_intelligence-v1p2beta1 (>= 0.7, < 2.a)
    google-cloud-video_intelligence-v1 (0.8.0)
      gapic-common (>= 0.17.1, < 2.a)
      google-cloud-errors (~> 1.0)
    google-cloud-video_intelligence-v1beta2 (0.6.0)
      gapic-common (>= 0.17.1, < 2.a)
      google-cloud-errors (~> 1.0)
    google-cloud-video_intelligence-v1p1beta1 (0.6.0)
      gapic-common (>= 0.17.1, < 2.a)
      google-cloud-errors (~> 1.0)
    google-cloud-video_intelligence-v1p2beta1 (0.7.0)
      gapic-common (>= 0.17.1, < 2.a)
      google-cloud-errors (~> 1.0)
    google-cloud-vision-v1 (0.10.0)
      gapic-common (>= 0.17.1, < 2.a)
      google-cloud-errors (~> 1.0)
    google-cloud-vision-v1p3beta1 (0.9.0)
      gapic-common (>= 0.17.1, < 2.a)
      google-cloud-errors (~> 1.0)
    google-protobuf (3.23.1-arm64-darwin)
    googleapis-common-protos (1.4.0)
      google-protobuf (~> 3.14)
      googleapis-common-protos-types (~> 1.2)
      grpc (~> 1.27)
    googleapis-common-protos-types (1.6.0)
      google-protobuf (~> 3.14)
    googleauth (1.5.2)
      faraday (>= 0.17.3, < 3.a)
      jwt (>= 1.4, < 3.0)
      memoist (~> 0.16)
      multi_json (~> 1.11)
      os (>= 0.9, < 2.0)
      signet (>= 0.16, < 2.a)
    gosu (1.4.6)
    govuk_app_config (7.2.1)
      logstasher (~> 2.1)
      plek (>= 4, < 6)
      prometheus_exporter (~> 2.0)
      puma (>= 5.6, < 7.0)
      rack-proxy (~> 0.7)
      sentry-rails (~> 5.3)
      sentry-ruby (~> 5.3)
      statsd-ruby (~> 1.5)
    govuk_personalisation (0.13.0)
      plek (>= 1.9.0)
      rails (>= 6, < 8)
    govuk_publishing_components (35.4.0)
      govuk_app_config
      govuk_personalisation (>= 0.7.0)
      kramdown
      plek
      rails (>= 6)
      rouge
      sprockets (>= 3)
    grape (1.7.1)
      activesupport
      builder
      dry-types (>= 1.1)
      mustermann-grape (~> 1.0.0)
      rack (>= 1.3.0, < 3)
      rack-accept
    grape-route-helpers (2.1.0)
      activesupport
      grape (>= 0.16.0)
      rake
    grape-swagger (1.6.1)
      grape (~> 1.3)
    grape-swagger-representable (0.2.2)
      grape-swagger (>= 0.31.0)
      representable
    graph (2.8.2)
    graphql (2.0.22)
    graphql-rails_logger (1.2.4)
      actionpack (> 5.0)
      activesupport (> 5.0)
      railties (> 5.0)
      rouge (~> 3.0)
    grover (1.1.5)
      combine_pdf (~> 1.0)
      nokogiri (~> 1.0)
    grpc (1.55.0)
      google-protobuf (~> 3.23)
      googleapis-common-protos-types (~> 1.0)
    grpc-google-iam-v1 (1.2.0)
      google-protobuf (~> 3.14)
      googleapis-common-protos (>= 1.3.12, < 2.0)
      grpc (~> 1.27)
    gssapi (1.3.1)
      ffi (>= 1.0.1)
    guard (2.18.0)
      formatador (>= 0.2.4)
      listen (>= 2.7, < 4.0)
      lumberjack (>= 1.0.12, < 2.0)
      nenv (~> 0.1)
      notiffany (~> 0.0)
      pry (>= 0.13.0)
      shellany (~> 0.0)
      thor (>= 0.18.1)
    guard-sidekiq (0.1.0)
      guard (>= 2)
      sidekiq
    gyoku (1.4.0)
      builder (>= 2.1.2)
      rexml (~> 3.0)
    haml (6.1.1)
      temple (>= 0.8.2)
      thor
      tilt
    hash_diff (1.1.1)
    hashdiff (0.2.3)
    hashie (5.0.0)
    highline (2.0.3)
    hirb (0.7.3)
    hocon (1.4.0)
    html2haml (2.3.0)
      erubis (~> 2.7.0)
      haml (>= 4.0)
      nokogiri (>= 1.6.0)
      ruby_parser (~> 3.5)
    html_page (0.1.0)
    htmlentities (4.3.4)
    http (3.3.0)
      addressable (~> 2.3)
      http-cookie (~> 1.0)
      http-form_data (~> 2.0)
      http_parser.rb (~> 0.6.0)
    http-cookie (1.0.5)
      domain_name (~> 0.5)
    http-form_data (2.3.0)
    http_parser.rb (0.6.0)
    httparty (0.21.0)
      mini_mime (>= 1.0.0)
      multi_xml (>= 0.5.2)
    httpclient (2.8.3)
    i18n (1.13.0)
      concurrent-ruby (~> 1.0)
    ice_nine (0.11.2)
    image_optimizer (1.9.0)
    image_processing (1.12.2)
      mini_magick (>= 4.9.5, < 5)
      ruby-vips (>= 2.0.17, < 3)
    in-parallel (1.0.0)
    influxdb-client (2.9.0)
    inifile (3.0.0)
    jaro_winkler (1.5.5)
    jbuilder (2.11.5)
      actionview (>= 5.0.0)
      activesupport (>= 5.0.0)
    jgrep (1.5.4)
    jmespath (1.6.2)
    jquery-datatables (1.10.20)
    jquery-placeholder-rails (2.1.2)
    jquery-rails (4.5.1)
      rails-dom-testing (>= 1, < 3)
      railties (>= 4.2.0)
      thor (>= 0.14, < 2.0)
    jquery_mask_rails (0.1.0)
    json (2.6.3)
    json-canonicalization (0.3.2)
    json-stream (0.2.1)
    json-streamer (2.1.0)
      json-stream
    json_logic (0.4.7)
    json_pure (2.6.3)
    json_schema (0.21.0)
    jwt (2.7.0)
    kaminari (1.2.2)
      activesupport (>= 4.1.0)
      kaminari-actionview (= 1.2.2)
      kaminari-activerecord (= 1.2.2)
      kaminari-core (= 1.2.2)
    kaminari-actionview (1.2.2)
      actionview
      kaminari-core (= 1.2.2)
    kaminari-activerecord (1.2.2)
      activerecord
      kaminari-core (= 1.2.2)
    kaminari-core (1.2.2)
    kapnismology (2.4.1)
    kitchen-dokken (2.19.1)
      docker-api (>= 1.33, < 3)
      lockfile (~> 2.1)
      test-kitchen (>= 1.15, < 4)
    kitchen-sync (2.2.1)
      net-sftp
      test-kitchen (>= 1.0.0)
    kramdown (2.4.0)
      rexml
    kramdown-parser-gfm (1.1.0)
      kramdown (~> 2.0)
    launchdarkly_api (13.0.0)
      typhoeus (~> 1.0, >= 1.0.1)
    legato (0.7.0)
      multi_json
    libreconv (0.9.5)
    license-acceptance (2.1.13)
      pastel (~> 0.7)
      tomlrb (>= 1.2, < 3.0)
      tty-box (~> 0.6)
      tty-prompt (~> 0.20)
    listen (3.8.0)
      rb-fsevent (~> 0.10, >= 0.10.3)
      rb-inotify (~> 0.9, >= 0.9.10)
    little-plugger (1.1.4)
    locale (2.1.3)
    lockfile (2.1.3)
    logging (2.3.1)
      little-plugger (~> 1.1)
      multi_json (~> 1.14)
    logstasher (2.1.5)
      activesupport (>= 5.2)
      request_store
    loofah (2.21.3)
      crass (~> 1.0.2)
      nokogiri (>= 1.12.0)
    lorekeeper (2.6.1)
      oj (>= 3.12, < 4.0)
    lumberjack (1.2.8)
    m3u8 (0.8.2)
    mail (2.8.1)
      mini_mime (>= 0.1.1)
      net-imap
      net-pop
      net-smtp
    mandrill-api-json (1.0.56)
      excon (>= 0.16.0, < 1.0)
      json (>= 1.7.7, < 3)
    mangopay (3.13.2)
      multi_json (>= 1.7.7)
    marcel (1.0.2)
    marco-polo (2.0.1)
      railties (>= 6)
    mathn (0.1.0)
    matrix (0.4.2)
    memoist (0.16.2)
    method_source (1.0.0)
    miasma (0.3.8)
      bogo (>= 0.2.12, < 1.0)
      http (>= 0.8.12, < 4.0)
      multi_json
      multi_xml
      xml-simple
    miasma-aws (0.3.30)
      miasma (>= 0.3.5, < 0.5)
    miasma-azure (0.1.4)
    miasma-google (0.1.0)
      miasma (>= 0.2.12)
      mime-types
    miasma-open-stack (0.1.4)
    miasma-rackspace (0.1.2)
      miasma-open-stack
    miasma-terraform (0.1.2)
    migration-lock-timeout (1.4.0)
      activerecord (>= 4.0, < 8.0)
    mime-types (3.4.1)
      mime-types-data (~> 3.2015)
    mime-types-data (3.2023.0218.1)
    mini_magick (4.12.0)
    mini_mime (1.1.2)
    mini_portile2 (2.8.2)
    minitar (0.9)
    minitest (5.18.0)
    minitest-tagz (1.7.0)
      minitest (~> 5)
    mixlib-install (3.12.27)
      mixlib-shellout
      mixlib-versioning
      thor
    mixlib-log (3.0.9)
    mixlib-shellout (3.2.7)
      chef-utils
    mixlib-versioning (1.2.12)
    modis (4.0.1)
      activemodel (>= 5.2)
      activesupport (>= 5.2)
      connection_pool (>= 2)
      msgpack (>= 0.5)
      redis (>= 3.0)
    module_methods (0.1.0)
    modulejs-rails (2.2.0.0)
      railties (>= 4.0)
    moneta (1.1.1)
    monetize (1.12.0)
      money (~> 6.12)
    money (6.16.0)
      i18n (>= 0.6.4, <= 2)
    mongo (2.18.2)
      bson (>= 4.14.1, < 5.0.0)
    mongoid (8.0.3)
      activemodel (>= 5.1, < 7.1, != 7.0.0)
      mongo (>= 2.18.0, < 3.0.0)
      ruby2_keywords (~> 0.0.5)
    mongoid-audit_log (0.6.1)
      mongoid (>= 7.0)
    mono_logger (1.1.2)
    moped (1.5.3)
    msgpack (1.7.1)
    multi_json (1.15.0)
    multi_test (1.1.0)
    multi_xml (0.6.0)
    multipart-post (2.3.0)
    mustermann (3.0.0)
      ruby2_keywords (~> 0.0.1)
    mustermann-grape (1.0.2)
      mustermann (>= 1.0.0)
    mustermann19 (0.4.4)
      enumerable-lazy
    mysql-binuuid-rails (1.3.0)
      activerecord (>= 5)
    namae (1.1.1)
    nanaimo (0.3.0)
    nenv (0.3.0)
    neo4j (10.0.0.pre.alpha.5)
      activemodel (>= 4.0)
      activesupport (>= 4.0)
      i18n (!= 1.3.0)
      orm_adapter (~> 0.5.0)
    nested_form_fields (0.8.4)
      coffee-rails (>= 3.2.1)
      jquery-rails
      rails (>= 3.2.0)
    net-http-persistent (2.9.4)
    net-imap (0.3.4)
      date
      net-protocol
    net-pop (0.1.2)
      net-protocol
    net-protocol (0.2.1)
      timeout
    net-scp (4.0.0)
      net-ssh (>= 2.6.5, < 8.0.0)
    net-sftp (4.0.0)
      net-ssh (>= 5.0.0, < 8.0.0)
    net-smtp (0.3.3)
      net-protocol
    net-ssh (7.1.0)
    net-ssh-gateway (2.0.0)
      net-ssh (>= 4.0.0)
    net_http_ssl_fix (0.0.10)
    netrc (0.11.0)
    newrelic_moped (1.0.1)
      moped
      newrelic_rpm (~> 3.11)
    newrelic_rpm (3.18.1.330)
    nifty-generators (0.4.6)
    nilio (1.0.0)
    nio4r (2.5.9)
    nokogiri (1.15.1-arm64-darwin)
      racc (~> 1.4)
    nokogiri-styles (0.1.2)
      nokogiri
    nori (2.6.0)
    noticed (0.1.0)
      rails (>= 6.0.0)
    notiffany (0.1.3)
      nenv (~> 0.1)
      shellany (~> 0.0)
    oat (0.6.0)
    oauth2 (1.4.11)
      faraday (>= 0.17.3, < 3.0)
      jwt (>= 1.0, < 3.0)
      multi_json (~> 1.3)
      multi_xml (~> 0.5)
      rack (>= 1.2, < 4)
    octokit (6.1.1)
      faraday (>= 1, < 3)
      sawyer (~> 0.9)
    oily_png (1.2.0)
      chunky_png (~> 1.3.1)
    oj (3.14.3)
    olive_branch (4.0.1)
      multi_json
      rails (>= 4.0)
    omniauth (1.9.2)
      hashie (>= 3.4.6)
      rack (>= 1.6.2, < 3)
    omniauth-mailchimp (2.3.0)
      omniauth (> 1.9.1, < 3)
      omniauth-oauth2
    omniauth-oauth2 (1.3.1)
      oauth2 (~> 1.0)
      omniauth (~> 1.2)
    omniauth-slack (2.3.0)
      omniauth-oauth2 (~> 1.3.1)
    open-uri-cached (1.0.0)
    open_uri_redirections (0.2.1)
    opentelemetry-api (1.1.0)
    opentelemetry-common (0.19.6)
      opentelemetry-api (~> 1.0)
    opentelemetry-exporter-jaeger (0.22.0)
      opentelemetry-api (~> 1.1)
      opentelemetry-common (~> 0.19.6)
      opentelemetry-sdk (~> 1.2)
      opentelemetry-semantic_conventions
      thrift
    opentelemetry-registry (0.2.0)
      opentelemetry-api (~> 1.1)
    opentelemetry-resource_detectors (0.23.0)
      google-cloud-env
      opentelemetry-sdk (~> 1.0)
    opentelemetry-sdk (1.2.0)
      opentelemetry-api (~> 1.1)
      opentelemetry-common (~> 0.19.3)
      opentelemetry-registry (~> 0.2)
      opentelemetry-semantic_conventions
    opentelemetry-semantic_conventions (1.8.0)
      opentelemetry-api (~> 1.0)
    orchestrator_client (0.5.3)
      faraday
      net-http-persistent
    orm_adapter (0.5.0)
    os (1.1.4)
    otherinbox-crypt19 (1.2.1)
    packable (1.3.17)
      backports
    padrino-cache (0.15.3)
      moneta (~> 1.1.0)
      padrino-core (= 0.15.3)
      padrino-helpers (= 0.15.3)
    padrino-core (0.15.3)
      padrino-support (= 0.15.3)
      sinatra (>= 2.2.4)
      thor (~> 1.0)
    padrino-helpers (0.15.3)
      i18n (>= 0.6.7, < 2)
      padrino-support (= 0.15.3)
      tilt (>= 1.4.1, < 3)
    padrino-support (0.15.3)
    paint (2.3.0)
    parallel (1.20.1)
    paranoia (2.6.1)
      activerecord (>= 5.1, < 7.1)
    paranoia_uniqueness_validator (3.4.0)
      activerecord (>= 5.2.0, < 7.1)
    parser (3.2.2.1)
      ast (~> 2.4.1)
    pastel (0.8.0)
      tty-color (~> 0.5)
    patternfly-sass (3.59.5)
      bootstrap-sass (~> 3.4.0)
      font-awesome-sass (~> 4.6.2)
      sassc (> 2.0.1, < 3.0)
    pdf-core (0.9.0)
    peddler (0.3.1)
      activesupport (>= 2.3.2)
    peek (1.1.0)
      railties (>= 4.0.0)
    peek-gc (0.0.2)
      peek
    peek-redis (1.2.0)
      atomic (>= 1.0.0)
      peek
      redis
    persistent_http (1.0.6)
      gene_pool (>= 1.3)
    persistent_httparty (0.1.2)
      httparty (~> 0.9)
      persistent_http (< 2)
    pg_lock (1.0.0)
    phantomjs (1.9.8.0)
    phonie (3.3.1)
    pilot (0.1.1)
      credentials_manager (>= 0.3.0)
      fastlane_core (>= 0.7.2)
    plek (5.0.0)
    plist (3.1.0)
    pluginator (1.5.0)
    polaris_tokens (4.0.0)
    poltergeist (1.5.1)
      capybara (~> 2.1)
      cliver (~> 0.3.1)
      multi_json (~> 1.0)
      websocket-driver (>= 0.2.0)
    prawn (2.4.0)
      pdf-core (~> 0.9.0)
      ttfunk (~> 1.7)
    prawn_rails (0.0.12)
      prawn (>= 0.11.1)
      railties (>= 3.0.0)
    predictor (2.3.1)
      redis (>= 3.0.0)
    prerender_rails (1.9.0)
      activesupport
      rack (~> 2.2.2)
    prmd (0.14.0)
      erubis (~> 2.7)
      json_schema (~> 0.3, >= 0.3.1)
    prometheus_exporter (2.0.8)
      webrick
    pronto (0.11.1)
      gitlab (>= 4.4.0, < 5.0)
      httparty (>= 0.13.7, < 1.0)
      octokit (>= 4.7.0, < 7.0)
      rainbow (>= 2.2, < 4.0)
      rexml (>= 3.2.5, < 4.0)
      rugged (>= 0.23.0, < 2.0)
      thor (>= 0.20.3, < 2.0)
    pronto-coffeelint (0.6.0)
      coffeelint (~> 1.14)
      pronto (~> 0.6)
    pronto-stylelint (0.10.2)
      pronto (>= 0.10, < 0.12)
      rugged (>= 0.24, < 2.0)
    pry (0.14.2)
      coderay (~> 1.1)
      method_source (~> 1.0)
    psych (5.1.0)
      stringio
    public_suffix (5.0.1)
    pulp_ansible_client (0.11.1)
      faraday (>= 0.14.0)
      json (~> 2.1, >= 2.1.0)
    puma (6.2.2)
      nio4r (~> 2.0)
    puppet (8.0.1-universal-darwin)
      CFPropertyList (~> 2.2)
      concurrent-ruby (~> 1.0, < 1.2.0)
      deep_merge (~> 1.0)
      facter (>= 4.3.0, < 5)
      fast_gettext (>= 2.1, < 3)
      locale (~> 2.1)
      multi_json (~> 1.13)
      puppet-resource_api (~> 1.5)
      scanf (~> 1.0)
      semantic_puppet (~> 1.0)
    puppet-debugger (1.3.0)
      awesome_print (~> 1.7)
      bundler
      facterdb (>= 0.4.0)
      pluginator (~> 1.5.0)
      puppet (>= 5.5)
      rb-readline (>= 0.5.5)
      table_print (>= 1.0.0)
      tty-pager (~> 0.13)
    puppet-lint (2.5.2)
    puppet-lint-absolute_template_path (1.0.1)
      puppet-lint (>= 1.1, < 3.0)
    puppet-lint-classes_and_types_beginning_with_digits-check (1.0.0)
      puppet-lint (>= 1.0, < 3.0)
    puppet-lint-resource_reference_syntax (1.2.0)
      puppet-lint (>= 1.0, < 4)
    puppet-lint-trailing_newline-check (1.1.0)
      puppet-lint (>= 1.0, < 3.0)
    puppet-resource_api (1.8.14)
      hocon (>= 1.0)
    quantified (1.1.0)
    query_reviewer (0.2.2)
    racc (1.6.2)
    rack (2.2.7)
    rack-accept (0.4.5)
      rack (>= 0.4)
    rack-heartbeat (1.1.0)
      rack
    rack-protection (3.0.6)
      rack
    rack-proxy (0.7.6)
      rack
    rack-test (2.1.0)
      rack (>= 1.3)
    raddocs (0.3.0)
      haml
      json
      sinatra
    rails (7.0.4.3)
      actioncable (= 7.0.4.3)
      actionmailbox (= 7.0.4.3)
      actionmailer (= 7.0.4.3)
      actionpack (= 7.0.4.3)
      actiontext (= 7.0.4.3)
      actionview (= 7.0.4.3)
      activejob (= 7.0.4.3)
      activemodel (= 7.0.4.3)
      activerecord (= 7.0.4.3)
      activestorage (= 7.0.4.3)
      activesupport (= 7.0.4.3)
      bundler (>= 1.15.0)
      railties (= 7.0.4.3)
    rails-dom-testing (2.0.3)
      activesupport (>= 4.2.0)
      nokogiri (>= 1.6)
    rails-html-sanitizer (1.5.0)
      loofah (~> 2.19, >= 2.19.1)
    rails_warden (0.6.0)
      warden (>= 1.2.0)
    railsless-deploy (1.1.3)
    railties (7.0.4.3)
      actionpack (= 7.0.4.3)
      activesupport (= 7.0.4.3)
      method_source
      rake (>= 12.2)
      thor (~> 1.0)
      zeitwerk (~> 2.5)
    rainbow (3.1.1)
    rake (13.0.6)
    rambulance (2.3.0)
      actionpack
      activesupport
      railties
    ransack (2.6.0)
      activerecord (>= 6.0.4)
      activesupport (>= 6.0.4)
      i18n
    rb-fsevent (0.11.2)
    rb-inotify (0.10.1)
      ffi (~> 1.0)
    rb-readline (0.5.5)
    rbs (2.8.4)
    rdoc (6.5.0)
      psych (>= 4.0.0)
    redis (5.0.6)
      redis-client (>= 0.9.0)
    redis-client (0.14.1)
      connection_pool
    redis-namespace (1.10.0)
      redis (>= 4)
    reform (2.6.2)
      disposable (>= 0.5.0, < 1.0.0)
      representable (>= 3.1.1, < 4)
      uber (< 0.2.0)
    regexp_parser (2.8.0)
    representable (3.2.0)
      declarative (< 0.1.0)
      trailblazer-option (>= 0.1.1, < 0.2.0)
      uber (< 0.2.0)
    request-log-analyzer (1.13.4)
    request_store (1.5.1)
      rack (>= 1.4)
    responders (3.1.0)
      actionpack (>= 5.2)
      railties (>= 5.2)
    resque (2.5.0)
      mono_logger (~> 1.0)
      multi_json (~> 1.0)
      redis-namespace (~> 1.6)
      sinatra (>= 0.9.2)
    resque-heroku-signals (2.5.0.1)
      resque (= 2.5.0)
    resque_solo (0.5.0)
      resque (>= 1.25.0)
    rest (3.0.8)
      net-http-persistent (>= 2.9.1, < 3)
      netrc
    rest-client (2.0.2)
      http-cookie (>= 1.0.2, < 2.0)
      mime-types (>= 1.16, < 4.0)
      netrc (~> 0.8)
    retriable (3.1.2)
    reverse_markdown (2.1.1)
      nokogiri
    rexml (3.2.5)
    rjb (1.6.7)
    rodf (1.2.0)
      builder (>= 3.0)
      rubyzip (>= 1.0)
    rom (5.3.0)
      rom-changeset (~> 5.3, >= 5.3.0)
      rom-core (~> 5.3, >= 5.3.0)
      rom-repository (~> 5.3, >= 5.3.0)
    rom-changeset (5.3.0)
      dry-core (~> 1.0)
      rom-core (~> 5.3)
      transproc (~> 1.0, >= 1.1.0)
    rom-core (5.3.0)
      concurrent-ruby (~> 1.1)
      dry-configurable (~> 1.0)
      dry-core (~> 1.0)
      dry-inflector (~> 1.0)
      dry-initializer (~> 3.0, >= 3.0.1)
      dry-struct (~> 1.0)
      dry-types (~> 1.6)
      transproc (~> 1.0, >= 1.1.0)
    rom-repository (5.3.0)
      dry-core (~> 1.0)
      dry-initializer (~> 3.0, >= 3.0.1)
      rom-core (~> 5.3, >= 5.3.0)
    rouge (3.30.0)
    route_downcaser (1.2.3)
      activesupport (>= 3.2)
    rspec-request_describer (0.3.2)
    rsync (1.0.9)
    rtf (0.3.3)
    rubocop (1.51.0)
      json (~> 2.3)
      parallel (~> 1.10)
      parser (>= 3.2.0.0)
      rainbow (>= 2.2.2, < 4.0)
      regexp_parser (>= 1.8, < 3.0)
      rexml (>= 3.2.5, < 4.0)
      rubocop-ast (>= 1.28.0, < 2.0)
      ruby-progressbar (~> 1.7)
      unicode-display_width (>= 2.4.0, < 3.0)
    rubocop-ast (1.28.1)
      parser (>= 3.2.1.0)
    rubocop-packaging (0.5.2)
      rubocop (>= 1.33, < 2.0)
    ruby-next-core (0.15.3)
    ruby-openai (4.1.0)
      faraday (>= 1)
      faraday-multipart (>= 1)
    ruby-plsql (0.8.0)
    ruby-progressbar (1.13.0)
    ruby-rc4 (0.1.5)
    ruby-terminfo (0.1.1)
    ruby-vips (2.1.4)
      ffi (~> 1.12)
    ruby2_keywords (0.0.5)
    ruby_parser (3.20.1)
      sexp_processor (~> 4.16)
    ruby_protobuf (0.4.11)
    rubyforge (2.0.4)
      json_pure (>= 1.1.7)
    rubyntlm (0.6.3)
    rubyzip (1.3.0)
    rugged (1.6.3)
    sablon (0.3.2)
      nokogiri (>= 1.8.5)
      rubyzip (>= 1.1.1)
    sass (3.7.4)
      sass-listen (~> 4.0.0)
    sass-listen (4.0.0)
      rb-fsevent (~> 0.9, >= 0.9.4)
      rb-inotify (~> 0.9, >= 0.9.7)
    sassc (2.4.0)
      ffi (~> 1.9)
    sawyer (0.9.2)
      addressable (>= 2.3.5)
      faraday (>= 0.17.3, < 3)
    scan (0.0.1)
    scanf (1.0.0)
    scatter_swap (0.0.3)
    schmooze (0.2.0)
    scout (5.9.13)
      elif
      server_metrics (>= 1.2.18)
    screw_driver (1.3.0)
    security (0.1.5)
    semantic_puppet (1.1.0)
    sentry-delayed_job (5.9.0)
      delayed_job (>= 4.0)
      sentry-ruby (~> 5.9.0)
    sentry-rails (5.9.0)
      railties (>= 5.0)
      sentry-ruby (~> 5.9.0)
    sentry-ruby (5.9.0)
      concurrent-ruby (~> 1.0, >= 1.0.2)
    sequel (5.68.0)
    sequel-rails (1.2.0)
      actionpack (>= 4.0.0)
      activemodel (>= 4.0.0)
      railties (>= 4.0.0)
      sequel (>= 3.28, < 6.0)
    sequenced (4.0.0)
      activerecord (>= 3.0)
      activesupport (>= 3.0)
    server_metrics (1.2.18)
    serverengine (2.3.2)
      sigdump (~> 0.2.2)
    sexp_processor (4.17.0)
    sfn (3.1.8)
      bogo-cli (>= 0.2.5, < 0.4)
      bogo-ui (>= 0.1.28, < 0.4)
      graph (~> 2.8.1)
      hashdiff (~> 0.2.2)
      jmespath
      miasma (>= 0.3.3, < 0.4)
      miasma-aws (>= 0.3.15, < 0.4)
      miasma-azure (>= 0.1.0, < 0.3)
      miasma-google (>= 0.1.0, < 0.3)
      miasma-open-stack (>= 0.1.0, < 0.3)
      miasma-rackspace (>= 0.1.0, < 0.3)
      miasma-terraform (>= 0.1.0, < 0.2.0)
      net-ssh
      sparkle_formation (>= 3.0.39, < 4)
    shellany (0.0.1)
    sidekiq (7.1.0)
      concurrent-ruby (< 2)
      connection_pool (>= 2.3.0)
      rack (>= 2.2.4)
      redis-client (>= 0.14.0)
    sidekiq-middleware (0.3.0)
      sidekiq (>= 2.12.4)
    sigdump (0.2.4)
    sigh (0.5.2)
      fastlane_core (>= 0.7.2)
      plist (~> 3.1.0)
    signet (0.17.0)
      addressable (~> 2.8)
      faraday (>= 0.17.5, < 3.a)
      jwt (>= 1.5, < 3.0)
      multi_json (~> 1.10)
    simplecov (0.22.0)
      docile (~> 1.1)
      simplecov-html (~> 0.11)
      simplecov_json_formatter (~> 0.1)
    simplecov-html (0.12.3)
    simplecov_json_formatter (0.1.4)
    sinatra (3.0.6)
      mustermann (~> 3.0)
      rack (~> 2.2, >= 2.2.4)
      rack-protection (= 3.0.6)
      tilt (~> 2.0)
    slack-notify (0.6.0)
      faraday (>= 0.9)
      json (>= 1.8)
    sneaky-save (0.1.3)
      activerecord (>= 3.2.0)
    soap4r (1.5.8)
      httpclient (>= 2.1.1)
    solargraph (0.49.0)
      backport (~> 1.2)
      benchmark
      bundler (~> 2.0)
      diff-lcs (~> 1.4)
      e2mmap
      jaro_winkler (~> 1.5)
      kramdown (~> 2.3)
      kramdown-parser-gfm (~> 1.1)
      parser (~> 3.0)
      rbs (~> 2.0)
      reverse_markdown (~> 2.0)
      rubocop (~> 1.38)
      thor (~> 1.0)
      tilt (~> 2.0)
      yard (~> 0.9, >= 0.9.24)
    solargraph-rails (1.1.0)
      activesupport
      solargraph
    sparkle_formation (3.0.40)
      attribute_struct (>= 0.4.3, < 0.5)
      bogo
      multi_json
    spree_auth_devise (4.5.0)
      devise (~> 4.7)
      devise-encryptable (= 0.2.0)
      spree_core (>= 4.5.0)
      spree_extension
    spree_core (4.5.3)
      actionpack (>= 6.1)
      actionview (>= 6.1)
      active_storage_validations (~> 0.9, <= 0.9.5)
      activejob (>= 6.1)
      activemerchant (~> 1.67)
      activemodel (>= 6.1)
      activerecord (>= 6.1)
      activerecord-typedstore
      activestorage (>= 6.1)
      activesupport (>= 6.1)
      acts_as_list (>= 0.8)
      auto_strip_attributes (~> 2.6)
      awesome_nested_set (~> 3.3, >= 3.3.1)
      cancancan (~> 3.2)
      carmen (>= 1.0)
      friendly_id (~> 5.2, >= 5.2.1)
      highline (~> 2.0)
      image_processing (~> 1.2)
      kaminari (~> 1.2)
      monetize (~> 1.9)
      money (~> 6.13)
      paranoia (~> 2.4)
      railties (>= 6.1)
      ransack (>= 2.3, < 3.0)
      rexml
      state_machines-activemodel (~> 0.7)
      state_machines-activerecord (~> 0.6)
      stringex
      validates_zipcode
    spree_extension (0.1.0)
      activerecord (>= 4.2)
      spree_core
    sprockets (4.2.0)
      concurrent-ruby (~> 1.0)
      rack (>= 2.2.4, < 4)
    sprockets-svg (1.3.0)
      chunky_png
      mini_magick
      nokogiri
      sprockets (>= 3)
    sqreen-backport (0.1.0)
    sshkit (1.21.4)
      net-scp (>= 1.1.2)
      net-ssh (>= 2.8.0)
    ssrf_filter (1.1.1)
    stackdriver-core (1.5.0)
      google-cloud-core (~> 1.2)
    stamp (0.6.0)
    state_machines (0.5.0)
    state_machines-activemodel (0.8.0)
      activemodel (>= 5.1)
      state_machines (>= 0.5.0)
    state_machines-activerecord (0.8.0)
      activerecord (>= 5.1)
      state_machines-activemodel (>= 0.8.0)
    stateful_enum (0.7.0)
    statsd-ruby (1.5.0)
    string-similarity (2.1.0)
    stringex (2.8.6)
    stringify-hash (0.0.2)
    stringio (3.0.6)
    strings (0.2.1)
      strings-ansi (~> 0.2)
      unicode-display_width (>= 1.5, < 3.0)
      unicode_utils (~> 1.4)
    strings-ansi (0.2.0)
    strptime (0.2.5)
    stupidedi (1.4.1)
      cantor (~> 1.2.1)
      term-ansicolor (~> 1.3)
    sync (0.5.0)
    synx (0.2.1)
      clamp (~> 0.6)
      colorize (~> 0.7)
      xcodeproj (~> 1.0)
    sys-uname (1.2.3)
      ffi (~> 1.1)
    table_print (1.5.7)
    td (0.17.1)
      hirb (>= 0.4.5)
      msgpack
      parallel (~> 1.20.0)
      rexml
      ruby-progressbar (~> 1.7)
      rubyzip (~> 1.3.0)
      td-client (>= 1.0.8, < 2)
      td-logger (>= 0.3.21, < 2)
      yajl-ruby (>= 1.3.1, < 2.0)
      zip-zip (~> 0.3)
    td-client (1.0.8)
      httpclient (>= 2.7)
      msgpack (>= 0.5.6, < 2)
    td-logger (0.3.28)
      fluent-logger (>= 0.5.0, < 2.0)
      msgpack (>= 0.5.6, < 2.0)
      td-client (>= 0.8.66, < 2.0)
    tdiff (0.3.4)
    temple (0.10.1)
    term-ansicolor (1.7.1)
      tins (~> 1.0)
    terminal-notifier (2.0.0)
    terminal-table (3.0.2)
      unicode-display_width (>= 1.1.1, < 3)
    test-kitchen (3.5.0)
      bcrypt_pbkdf (~> 1.0)
      chef-utils (>= 16.4.35)
      ed25519 (~> 1.2)
      license-acceptance (>= 1.0.11, < 3.0)
      mixlib-install (~> 3.6)
      mixlib-shellout (>= 1.2, < 4.0)
      net-scp (>= 1.1, < 5.0)
      net-ssh (>= 2.9, < 8.0)
      net-ssh-gateway (>= 1.2, < 3.0)
      thor (>= 0.19, < 2.0)
      winrm (~> 2.0)
      winrm-elevated (~> 1.0)
      winrm-fs (~> 1.1)
    thor (1.2.2)
    thread_safe (0.3.6)
    thrift (0.18.1)
    tilt (2.1.0)
    tilt-jbuilder (0.7.1)
      jbuilder
      tilt (>= 1.3.0, < 3)
    timecop (0.9.6)
    timeout (0.3.2)
    tins (1.32.1)
      sync
    to-bool (1.2.0)
    to_words (1.1.1)
    tomlrb (2.0.3)
    tooltipster-rails (4.2.7)
    traces (0.9.1)
    tracker_api (1.15.0)
      addressable
      equalizer
      faraday (>= 1.10, < 3.0)
      faraday-multipart
      mini_mime
      multi_json
      representable
      virtus
    trailblazer-activity (0.16.0)
      trailblazer-context (~> 0.5.0)
      trailblazer-option (~> 0.1.0)
    trailblazer-activity-dsl-linear (1.2.1)
      trailblazer-activity (>= 0.16.0, < 0.17.0)
      trailblazer-declarative (>= 0.0.1, < 0.1.0)
    trailblazer-context (0.5.1)
      hashie (>= 3.0.0)
    trailblazer-declarative (0.0.2)
    trailblazer-developer (0.0.28)
      hirb
      trailblazer-activity-dsl-linear (>= 1.2.0, < 1.3.0)
    trailblazer-macro (2.1.14)
      trailblazer-activity-dsl-linear (>= 1.2.0, < 1.3.0)
      trailblazer-operation (>= 0.10.0)
    trailblazer-macro-contract (2.1.5)
      reform (>= 2.2.0, < 3.0.0)
      trailblazer-activity-dsl-linear (>= 1.2.0, < 1.3.0)
    trailblazer-operation (0.10.0)
      trailblazer-activity-dsl-linear (>= 1.2.0, < 1.4.0)
      trailblazer-developer
    trailblazer-option (0.1.2)
    transitions (1.3.0)
    transproc (1.1.1)
    ttfunk (1.7.0)
    tty-box (0.7.0)
      pastel (~> 0.8)
      strings (~> 0.2.0)
      tty-cursor (~> 0.7)
    tty-color (0.6.0)
    tty-cursor (0.7.1)
    tty-pager (0.14.0)
      strings (~> 0.2.0)
      tty-screen (~> 0.8)
    tty-prompt (0.23.1)
      pastel (~> 0.8)
      tty-reader (~> 0.8)
    tty-reader (0.9.0)
      tty-cursor (~> 0.7)
      tty-screen (~> 0.8)
      wisper (~> 2.0)
    tty-screen (0.8.1)
    typhoeus (1.4.0)
      ethon (>= 0.9.0)
    tzinfo (2.0.6)
      concurrent-ruby (~> 1.0)
    tzinfo-data (1.2023.3)
      tzinfo (>= 1.0.0)
    uber (0.1.0)
    unf (0.1.4)
      unf_ext
    unf_ext (0.0.8.2)
    unicode-display_width (2.4.2)
    unicode_utils (1.4.0)
    unirest (1.0.8)
      addressable
      json
      rest-client
    uri_template (0.7.0)
    validates_zipcode (0.5.2)
      activemodel (>= 4.2.0)
    virtus (2.0.0)
      axiom-types (~> 0.1)
      coercible (~> 1.0)
      descendants_tracker (~> 0.0, >= 0.0.3)
    warden (1.2.9)
      rack (>= 2.0.9)
    webrick (1.8.1)
    websocket-driver (0.7.5)
      websocket-extensions (>= 0.1.0)
    websocket-extensions (0.1.5)
    where-or (0.1.6)
    wheretz (0.0.6)
    winrm (2.3.6)
      builder (>= 2.1.2)
      erubi (~> 1.8)
      gssapi (~> 1.2)
      gyoku (~> 1.0)
      httpclient (~> 2.2, >= 2.2.0.2)
      logging (>= 1.6.1, < 3.0)
      nori (~> 2.0)
      rubyntlm (~> 0.6.0, >= 0.6.3)
    winrm-elevated (1.2.3)
      erubi (~> 1.8)
      winrm (~> 2.0)
      winrm-fs (~> 1.0)
    winrm-fs (1.3.3)
      erubi (~> 1.8)
      logging (>= 1.6.1, < 3.0)
      rubyzip (~> 1.1)
      winrm (~> 2.0)
    wisper (2.0.1)
    workers (0.6.1)
    xcodeproj (1.22.0)
      CFPropertyList (>= 2.3.3, < 4.0)
      atomos (~> 0.1.3)
      claide (>= 1.0.2, < 2.0)
      colored2 (~> 3.1)
      nanaimo (~> 0.3.0)
      rexml (~> 3.2.4)
    xml-simple (1.1.9)
      rexml
    xpath (2.1.0)
      nokogiri (~> 1.3)
    yabeda (0.11.0)
      anyway_config (>= 1.0, < 3)
      concurrent-ruby
      dry-initializer
    yabeda-rails (0.8.1)
      activesupport
      anyway_config (>= 1.3, < 3)
      railties
      yabeda (~> 0.8)
    yajl-ruby (1.4.3)
    yamler (0.1.0)
    yard (0.9.34)
    yard-activesupport-concern (0.0.1)
      yard (>= 0.8)
    zabbixapi (3.1.0)
      json
    zeitwerk (2.6.8)
    zip-zip (0.3)
      rubyzip (>= 1.0.0)
    zonebie (0.6.1)
    zonefile (1.06)

PLATFORMS
  arm64-darwin-22

DEPENDENCIES
  pkg25!

BUNDLED WITH
   2.4.13
