PATH
  remote: .
  specs:
    pkg32 (0.0.1)
      Dutchie-Style
      XMLCanonicalizer
      academic_benchmarks
      active_enum
      active_fulfillment
      active_model_attributes
      activejob_arguments
      activejob_dj_overrides
      acts_as_favoritor
      acts_as_follower
      after_commit_exception_notification
      aitch
      allocation_tracer
      andpush
      apipie-params
      aptible-auth
      arel_extensions
      armor
      async-rack
      async_sinatra
      beanstalk-client
      beholder-fluentd-plugin
      bio
      blade
      bootstrap-generators
      business_calendar
      cache
      capistrano-log_with_awesome
      cheetah
      ci_reporter_test_unit
      cld3
      cloudfiles
      coerce
      coffee-react
      color-generator
      danger-jacoco
      danger-textlint
      database_cleaner-mongo
      dbm
      decorators
      dev_tasks
      distance_measures
      docraptor
      dpl-gcs
      dpl-npm
      drip-ruby
      dry-effects
      ejson-rails
      elastic-workplace-search
      em-worker
      embulk-filter-column
      encryption
      epitools
      es5-shim-rails
      exception_notification-rake
      faraday_hal_middleware
      fast_ignore
      fastlane-plugin-commit_android_version_bump
      fastlane-plugin-dropbox
      fastlane-plugin-semantic_release
      fastlane-plugin-update_project_codesigning
      fastlane-plugin-update_provisioning_profile_specifier
      fastlane-plugin-xcodegen
      fernet
      figgy
      finapps
      flipper-mongo
      fluent-plugin-dstat
      fluent-plugin-papertrail
      foreman-tasks
      fossil
      freemail
      ftpd
      full-name-splitter
      gemsurance
      geo-distance
      geo_calc
      geo_units
      google-apis-oauth2_v2
      google-cloud-text_to_speech
      google-spreadsheet-ruby
      govuk_frontend_toolkit
      grape-jbuilder
      grape-rails-cache
      graphiti
      gravatar-ultimate
      gsl
      guard-foodcritic
      gzip
      hanami-view
      hashugar
      hiera-eyaml-kms
      hiera-puppet-helper
      hijri
      hometown
      i18n-js-assets
      ibm_watson
      ipcat
      istox
      jade-rails
      jnunemaker-validatable
      job_notifier
      just-datetime-picker
      kcc-gem-theme
      kitchen-puppet
      knockoff
      kubernetes-io
      ld-celluloid-eventsource
      liquid-tag-parser
      litmus-instant
      log4r-gelf
      logjam_agent
      madison
      markerclustererplus-rails
      marky_markov
      mickey_goldmill
      mimetype-fu
      mina-sidekiq
      minitest-matchers
      minitest-vcr
      mobylette
      mojo_magick
      monads
      mongoid-geospatial
      mongoid_search
      more_core_extensions
      nanoid
      nayutaya-msgpack-pure
      neography
      net_dav
      ngrok-tunnel
      non-digest-assets
      notification_center
      nsq-ruby
      oa-openid
      oauth2-client
      omniauth-weibo-oauth2
      one_sky
      paypal-sdk-adaptivepayments
      paypal-sdk-permissions
      phcpresspro
      pickup
      picky-live
      piet-binary
      pinglish
      pluck_all
      pragmatic_segmenter
      princely
      private_attr
      profanity_filter
      pseudolocalization
      puppet-lint-top_scope_facts-check
      pusher-push-notifications
      pushmeup
      qr4r
      rack-attack-rate-limit
      rails_admin_import
      rails_apps_testing
      rails_event_store-rspec
      rails_select_on_includes
      range_operators
      raykit
      rbzip2
      rdf-json
      rdf-trig
      rdf-trix
      red-colors
      red-parquet
      redis-lock
      reentrant_flock
      refills
      refraction
      release-metrics
      representors
      retryable-rb
      rgeo-proj4
      rghost_barcode
      rhodes
      rice
      riemann-babbler
      roboto
      ros-apartment-sidekiq
      rroonga
      rspec-buildkite
      rspec-eventually
      rspec-logsplit
      rubocop-select
      ruby-mailchecker
      ruby-measurement
      ruby-msg
      ruby-pardot
      ruby-xslt
      ruby18_source_location
      rubyserial
      sassy-buttons
      sassy-math
      sekrets
      sensu-plugins-haproxy
      sensu-plugins-mysql
      sensu-plugins-puppet
      sfx-sidekiq-opentracing
      shog
      simplegeo
      sinatra-advanced-routes
      single_cov
      smock
      snail
      soap4r-ng
      solr_wrapper
      spec
      spreedly
      sql_queries_count
      stathat
      sunspot-queue
      sunspot_test
      support_table_cache
      system_timer
      tempfile
      test_track_rails_client
      tlb-core
      tlb-cucumber
      trestle
      tty-platform
      twilio
      unidecode
      unix_utils
      uppy-s3_multipart
      usagewatch_ext
      vericite_api
      vmc
      webdack-uuid_migration
      wice_grid
      win32api
      woocommerce_api
      work_queue
      workos
      wukong
      wwtd
      yaji

GEM
  remote: https://rubygems.org/
  specs:
    CFPropertyList (3.0.6)
      rexml
    Dutchie-Style (2.0.5)
      rubocop (~> 1.30.1)
      rubocop-rails
      rubocop-rspec
    XMLCanonicalizer (1.0.1)
      log4r (>= 1.0.4)
    abstract_method (1.2.1)
    academic_benchmarks (1.1.2)
      activesupport (>= 3.2.22, < 7.1)
      httparty (~> 0.13)
    actioncable (7.0.5)
      actionpack (= 7.0.5)
      activesupport (= 7.0.5)
      nio4r (~> 2.0)
      websocket-driver (>= 0.6.1)
    actionmailbox (7.0.5)
      actionpack (= 7.0.5)
      activejob (= 7.0.5)
      activerecord (= 7.0.5)
      activestorage (= 7.0.5)
      activesupport (= 7.0.5)
      mail (>= 2.7.1)
      net-imap
      net-pop
      net-smtp
    actionmailer (7.0.5)
      actionpack (= 7.0.5)
      actionview (= 7.0.5)
      activejob (= 7.0.5)
      activesupport (= 7.0.5)
      mail (~> 2.5, >= 2.5.4)
      net-imap
      net-pop
      net-smtp
      rails-dom-testing (~> 2.0)
    actionpack (7.0.5)
      actionview (= 7.0.5)
      activesupport (= 7.0.5)
      rack (~> 2.0, >= 2.2.4)
      rack-test (>= 0.6.3)
      rails-dom-testing (~> 2.0)
      rails-html-sanitizer (~> 1.0, >= 1.2.0)
    actiontext (7.0.5)
      actionpack (= 7.0.5)
      activerecord (= 7.0.5)
      activestorage (= 7.0.5)
      activesupport (= 7.0.5)
      globalid (>= 0.6.0)
      nokogiri (>= 1.8.5)
    actionview (7.0.5)
      activesupport (= 7.0.5)
      builder (~> 3.1)
      erubi (~> 1.4)
      rails-dom-testing (~> 2.0)
      rails-html-sanitizer (~> 1.1, >= 1.2.0)
    active_enum (1.1.0)
      activesupport (>= 3.0)
    active_fulfillment (3.2.11)
      active_utils (~> 3.3.1)
      activesupport (>= 4.2.0)
      builder (>= 2.0.0)
      nokogiri (>= 1.6.8)
    active_model_attributes (1.6.0)
      activemodel (>= 5.0)
      activesupport (>= 5.0)
    active_utils (3.3.19)
      activesupport (>= 4.2)
      i18n
    activeadmin (2.13.1)
      arbre (~> 1.2, >= 1.2.1)
      formtastic (>= 3.1, < 5.0)
      formtastic_i18n (~> 0.4)
      inherited_resources (~> 1.7)
      jquery-rails (~> 4.2)
      kaminari (~> 1.0, >= 1.2.1)
      railties (>= 6.1, < 7.1)
      ransack (>= 2.1.1, < 4)
    activejob (7.0.5)
      activesupport (= 7.0.5)
      globalid (>= 0.3.6)
    activejob_arguments (0.1.0)
      activejob
    activejob_dj_overrides (0.2.0)
      delayed_job
      rails (>= 4.2)
    activemodel (7.0.5)
      activesupport (= 7.0.5)
    activemodel-serializers-xml (1.0.2)
      activemodel (> 5.x)
      activesupport (> 5.x)
      builder (~> 3.1)
    activerecord (7.0.5)
      activemodel (= 7.0.5)
      activesupport (= 7.0.5)
    activestorage (7.0.5)
      actionpack (= 7.0.5)
      activejob (= 7.0.5)
      activerecord (= 7.0.5)
      activesupport (= 7.0.5)
      marcel (~> 1.0)
      mini_mime (>= 1.1.0)
    activesupport (7.0.5)
      concurrent-ruby (~> 1.0, >= 1.0.2)
      i18n (>= 1.6, < 2)
      minitest (>= 5.1)
      tzinfo (~> 2.0)
    acts_as_favoritor (6.0.0)
      activerecord (>= 5.0)
    acts_as_follower (0.2.1)
    addressable (2.8.4)
      public_suffix (>= 2.0.2, < 6.0)
    after_commit_exception_notification (0.2.0)
      activerecord
    airbrussh (1.4.1)
      sshkit (>= 1.6.1, != 1.7.0)
    aitch (1.2.2)
      nokogiri
    algebrick (0.7.5)
    allocation_tracer (0.6.3)
    amq-protocol (2.3.2)
    andpush (0.2.1)
      net-http-persistent (>= 3.0.0)
    apipie-params (0.0.5)
    aptible-auth (1.2.3)
      aptible-resource (~> 1.0)
      gem_config
      oauth2 (~> 1.4)
    aptible-resource (1.1.1)
      activesupport
      fridge
      gem_config (~> 0.3.1)
      httpclient (~> 2.8)
      json
      uri_template (>= 0.5.2)
    arbre (1.5.0)
      activesupport (>= 3.0.0, < 7.1)
      ruby2_keywords (>= 0.0.2, < 1.0)
    arel_extensions (2.1.7)
      activerecord (>= 6.0)
    armor (0.0.3)
    arrayfields (4.9.2)
    ast (2.4.2)
    async-rack (0.4.0.1)
      rack (>= 1.1.0)
    async_sinatra (0.5.0)
      rack (>= 1.2.1)
      sinatra (>= 1.0)
    atomos (0.1.3)
    autoprefixer-rails (10.4.13.0)
      execjs (~> 2)
    aws-eventstream (1.2.0)
    aws-partitions (1.771.0)
    aws-sdk-core (3.173.1)
      aws-eventstream (~> 1, >= 1.0.2)
      aws-partitions (~> 1, >= 1.651.0)
      aws-sigv4 (~> 1.5)
      jmespath (~> 1, >= 1.6.1)
    aws-sdk-kms (1.64.0)
      aws-sdk-core (~> 3, >= 3.165.0)
      aws-sigv4 (~> 1.1)
    aws-sdk-s3 (1.122.0)
      aws-sdk-core (~> 3, >= 3.165.0)
      aws-sdk-kms (~> 1)
      aws-sigv4 (~> 1.4)
    aws-sigv4 (1.5.2)
      aws-eventstream (~> 1, >= 1.0.2)
    bcrypt (3.1.18)
    bcrypt-ruby (3.1.5)
      bcrypt (>= 3.1.3)
    bcrypt_pbkdf (1.1.0)
    beanstalk-client (1.1.1)
    beefcake (1.2.0)
    beholder-fluentd-plugin (1.0.1)
      fluentd (>= 1.9.3, < 2)
    bigdecimal (3.1.4)
    bio (2.0.4)
    blade (0.7.3)
      activesupport (>= 3.0.0)
      blade-qunit_adapter (>= 2.0.1)
      coffee-script
      coffee-script-source
      curses (>= 1.4.0)
      eventmachine
      faye
      sprockets (>= 3.0)
      thin (>= 1.6.0)
      thor (>= 0.19.1)
      useragent (>= 0.16.7)
    blade-qunit_adapter (2.0.1)
    bootstrap (5.2.3)
      autoprefixer-rails (>= 9.1.0)
      popper_js (>= 2.11.6, < 3)
      sassc-rails (>= 2.0.0)
    bootstrap-generators (3.3.4)
      railties (>= 3.1.0)
    bson (4.15.0)
    builder (3.2.4)
    bunny (2.20.3)
      amq-protocol (~> 2.3, >= 2.3.1)
      sorted_set (~> 1, >= 1.0.2)
    business_calendar (3.0.1)
      faraday
      holidays (~> 1.0)
    cache (0.4.1)
    capistrano (3.17.3)
      airbrussh (>= 1.0.0)
      i18n
      rake (>= 10.0.0)
      sshkit (>= 1.9.0)
    capistrano-log_with_awesome (0.0.2)
      capistrano (>= 2.5.14)
    celluloid (0.18.0)
      timers (~> 4)
    celluloid-io (0.17.3)
      celluloid (>= 0.17.2)
      nio4r (>= 1.1)
      timers (>= 4.1.1)
    charlock_holmes (0.7.7)
    cheetah (1.0.0)
      abstract_method (~> 1.2)
    chef-utils (18.2.7)
      concurrent-ruby
    chronic (0.10.2)
    chronic_duration (0.10.6)
      numerizer (~> 0.1.1)
    chunky_png (1.4.0)
    ci_reporter (2.1.0)
      builder (>= 2.1.2)
      rexml
    ci_reporter_test_unit (1.0.1)
      ci_reporter (~> 2.0)
      test-unit (>= 2.5.5, < 4.0)
    claide (1.1.0)
    claide-plugins (0.9.2)
      cork
      nap
      open4 (~> 1.3)
    cld3 (3.5.3)
    cloudfiles (1.5.0.3)
      json
    coderay (1.1.3)
    coerce (0.0.8)
      chronic (>= 0.6.2)
    coffee-rails (5.0.0)
      coffee-script (>= 2.2.0)
      railties (>= 5.2.0)
    coffee-react (4.0.1)
      execjs
    coffee-script (2.4.1)
      coffee-script-source
      execjs
    coffee-script-source (1.12.2)
    color-generator (0.0.4)
    colorator (1.1.0)
    colored2 (3.1.2)
    colorize (0.8.1)
    compass (0.12.7)
      chunky_png (~> 1.2)
      fssm (>= 0.2.7)
      sass (~> 3.2.19)
    concurrent-ruby (1.2.2)
    concurrent-ruby-edge (0.7.0)
      concurrent-ruby (~> 1.2.0)
    configatron (4.5.1)
    configliere (0.4.18)
      highline (>= 1.5.2)
      multi_json (>= 1.1)
    connection_pool (2.4.1)
    content_disposition (1.0.0)
    cookiejar (0.3.3)
    cool.io (1.7.1)
    cork (0.3.0)
      colored2 (~> 3.1)
    crack (0.4.5)
      rexml
    crass (1.0.6)
    csv (3.2.6)
    cucumber (8.0.0)
      builder (~> 3.2, >= 3.2.4)
      cucumber-ci-environment (~> 9.0, >= 9.0.4)
      cucumber-core (~> 11.0, >= 11.0.0)
      cucumber-cucumber-expressions (~> 15.1, >= 15.1.1)
      cucumber-gherkin (~> 23.0, >= 23.0.1)
      cucumber-html-formatter (~> 19.1, >= 19.1.0)
      cucumber-messages (~> 18.0, >= 18.0.0)
      diff-lcs (~> 1.5, >= 1.5.0)
      mime-types (~> 3.4, >= 3.4.1)
      multi_test (~> 1.1, >= 1.1.0)
      sys-uname (~> 1.2, >= 1.2.2)
    cucumber-ci-environment (9.2.0)
    cucumber-core (11.0.0)
      cucumber-gherkin (~> 23.0, >= 23.0.1)
      cucumber-messages (~> 18.0, >= 18.0.0)
      cucumber-tag-expressions (~> 4.1, >= 4.1.0)
    cucumber-cucumber-expressions (15.2.0)
    cucumber-gherkin (23.0.1)
      cucumber-messages (~> 18.0, >= 18.0.0)
    cucumber-html-formatter (19.2.0)
      cucumber-messages (~> 18.0, >= 18.0.0)
    cucumber-messages (18.0.0)
    cucumber-tag-expressions (4.1.0)
    curses (1.4.4)
    daemons (1.4.1)
    danger (9.3.0)
      claide (~> 1.0)
      claide-plugins (>= 0.9.2)
      colored2 (~> 3.1)
      cork (~> 0.1)
      faraday (>= 0.9.0, < 3.0)
      faraday-http-cache (~> 2.0)
      git (~> 1.13.0)
      kramdown (~> 2.3)
      kramdown-parser-gfm (~> 1.0)
      no_proxy_fix
      octokit (~> 5.0)
      terminal-table (>= 1, < 4)
    danger-jacoco (0.1.8)
      danger-plugin-api (~> 1.0)
      nokogiri-happymapper (~> 0.6)
    danger-plugin-api (1.0.0)
      danger (> 2.0)
    danger-textlint (2.0.4)
      danger-plugin-api (~> 1.0)
    database_cleaner-core (2.0.1)
    database_cleaner-mongo (2.0.0)
      database_cleaner-core (~> 2.0.0)
      mongo (~> 2.0)
    date (3.3.3)
    dbm (1.1.0)
    declarative (0.0.20)
    decorators (1.0.5)
      railties (>= 3.0.19)
    delayed_job (4.1.11)
      activesupport (>= 3.0, < 8.0)
    dev_tasks (1.0.44)
      rspec (>= 0.0.13)
    diff-lcs (1.5.0)
    digest-crc (0.6.4)
      rake (>= 12.0.0, < 14.0.0)
    distance_measures (0.0.6)
    docopt (0.6.1)
    docraptor (3.0.0)
      typhoeus (~> 1.0, >= 1.0.1)
    domain_name (0.5.20190701)
      unf (>= 0.0.5, < 1.0.0)
    dpl (1.10.16)
    dpl-gcs (1.10.16)
      dpl (= 1.10.16)
      gstore
      mime-types (~> 3.0)
    dpl-npm (1.10.16)
      dpl (= 1.10.16)
    drip-ruby (3.4.2)
    dropbox_api (0.1.21)
      faraday (< 3.0)
      oauth2 (~> 1.1)
    dry-core (1.0.0)
      concurrent-ruby (~> 1.0)
      zeitwerk (~> 2.6)
    dry-effects (0.4.0)
      concurrent-ruby (~> 1.0)
      dry-core (~> 1.0)
      dry-inflector (~> 1.0)
      dry-initializer (~> 3.0)
      zeitwerk (~> 2.6)
    dry-inflector (1.0.0)
    dry-initializer (3.1.1)
    dry-logic (1.5.0)
      concurrent-ruby (~> 1.0)
      dry-core (~> 1.0, < 2)
      zeitwerk (~> 2.6)
    dry-types (1.7.1)
      concurrent-ruby (~> 1.0)
      dry-core (~> 1.0)
      dry-inflector (~> 1.0)
      dry-logic (~> 1.4)
      zeitwerk (~> 2.6)
    dynflow (0.8.17)
      algebrick (~> 0.7.0)
      apipie-params
      concurrent-ruby (~> 1.0)
      concurrent-ruby-edge (~> 0.2)
      multi_json
      sequel
    e2mmap (0.1.0)
    ebnf (2.3.2)
      htmlentities (~> 4.3)
      rdf (~> 3.2)
      scanf (~> 1.0)
      sxp (~> 1.2)
      unicode-types (~> 1.8)
    ed25519 (1.3.0)
    ejson (1.3.1)
    ejson-rails (0.1.1)
      ejson
      railties (>= 4.1)
    elastic-workplace-search (0.4.1)
    em-http-request (1.1.7)
      addressable (>= 2.3.4)
      cookiejar (!= 0.3.1)
      em-socksify (>= 0.3)
      eventmachine (>= 1.0.3)
      http_parser.rb (>= 0.6.0)
    em-socksify (0.3.2)
      eventmachine (>= 1.0.0.beta.4)
    em-websocket (0.5.3)
      eventmachine (>= 0.12.9)
      http_parser.rb (~> 0)
    em-worker (0.0.2)
      eventmachine
    embulk-filter-column (0.7.1)
    encryption (1.1.8)
    enumerize (2.6.1)
      activesupport (>= 3.2)
    epitools (0.5.136)
    erubi (1.12.0)
    erubis (2.7.0)
    es5-shim-rails (4.0.1)
      actionpack (>= 3.1)
      railties (>= 3.1)
    ethon (0.16.0)
      ffi (>= 1.15.0)
    eventmachine (1.2.7)
    exception_notification (4.5.0)
      actionmailer (>= 5.2, < 8)
      activesupport (>= 5.2, < 8)
    exception_notification-rake (0.3.1)
      exception_notification (~> 4.3)
      rake (>= 0.9.0)
    excon (0.99.0)
    execjs (2.8.1)
    extlib (0.9.16)
    extpp (0.1.1)
    extras (0.3.0)
      forwardable-extended (~> 2.5)
    faraday (1.10.3)
      faraday-em_http (~> 1.0)
      faraday-em_synchrony (~> 1.0)
      faraday-excon (~> 1.1)
      faraday-httpclient (~> 1.0)
      faraday-multipart (~> 1.0)
      faraday-net_http (~> 1.0)
      faraday-net_http_persistent (~> 1.0)
      faraday-patron (~> 1.0)
      faraday-rack (~> 1.0)
      faraday-retry (~> 1.0)
      ruby2_keywords (>= 0.0.4)
    faraday-em_http (1.0.0)
    faraday-em_synchrony (1.0.0)
    faraday-excon (1.1.0)
    faraday-http-cache (2.5.0)
      faraday (>= 0.8)
    faraday-httpclient (1.0.1)
    faraday-multipart (1.0.4)
      multipart-post (~> 2)
    faraday-net_http (1.0.1)
    faraday-net_http_persistent (1.2.0)
    faraday-patron (1.0.0)
    faraday-rack (1.0.0)
    faraday-retry (1.0.3)
    faraday_hal_middleware (0.1.1)
      faraday_middleware (>= 0.9)
    faraday_middleware (1.2.0)
      faraday (~> 1.0)
    fast-stemmer (1.0.2)
    fast_ignore (0.17.4)
    fastlane-plugin-brew (0.1.1)
    fastlane-plugin-commit_android_version_bump (0.2.0)
    fastlane-plugin-dropbox (0.3.0)
      dropbox_api
    fastlane-plugin-semantic_release (1.18.2)
    fastlane-plugin-update_project_codesigning (0.2.0)
      xcodeproj
    fastlane-plugin-update_provisioning_profile_specifier (1.3.1)
      xcodeproj (>= 1.3.3)
    fastlane-plugin-xcodegen (1.1.0)
      fastlane-plugin-brew (~> 0.1.1)
    fattr (2.4.0)
    faye (1.4.0)
      cookiejar (>= 0.3.0)
      em-http-request (>= 1.1.6)
      eventmachine (>= 0.12.0)
      faye-websocket (>= 0.11.0)
      multi_json (>= 1.0.0)
      rack (>= 1.0.0)
      websocket-driver (>= 0.5.1)
    faye-websocket (0.11.2)
      eventmachine (>= 0.12.0)
      websocket-driver (>= 0.5.1)
    fernet (2.3)
      valcro (~> 0.1)
    ffi (1.15.5)
    ffi-rzmq (2.0.7)
      ffi-rzmq-core (>= 1.0.7)
    ffi-rzmq-core (1.0.7)
      ffi
    ffi-yajl (2.4.0)
      libyajl2 (>= 1.2)
    fiddle (1.1.1)
    figgy (1.3.0)
      json
    file-tail (1.2.0)
      tins (~> 1.0)
    finapps (6.13.1)
      finapps_core (~> 6.0, >= 6.0.2)
    finapps_core (6.0.2)
      faraday (~> 1.4, >= 1.4.0)
      faraday_middleware (~> 1.0, >= 1.0.0)
    flipper (0.28.0)
      concurrent-ruby (< 2)
    flipper-mongo (0.28.0)
      flipper (~> 0.28.0)
      mongo (~> 2.0)
    fluent-mixin-config-placeholders (0.4.0)
      fluentd
      uuidtools (>= 2.1.5)
    fluent-plugin-dstat (1.0.0)
      fluentd (>= 0.14.0, < 2)
    fluent-plugin-papertrail (0.2.8)
      fluent-mixin-config-placeholders (~> 0.4.0)
      fluentd (>= 0.10, < 2)
    fluentd (1.16.1)
      bundler
      cool.io (>= 1.4.5, < 2.0.0)
      http_parser.rb (>= 0.5.1, < 0.9.0)
      msgpack (>= 1.3.1, < 2.0.0)
      serverengine (>= 2.3.2, < 3.0.0)
      sigdump (~> 0.2.2)
      strptime (>= 0.2.4, < 1.0.0)
      tzinfo (>= 1.0, < 3.0)
      tzinfo-data (~> 1.0)
      webrick (~> 1.4)
      yajl-ruby (~> 1.0)
    foodcritic (16.3.0)
      erubis
      ffi-yajl (~> 2.0)
      nokogiri (>= 1.5, < 2.0)
      rake
      rufus-lru (~> 1.0)
      treetop (~> 1.4)
    foreman-tasks (0.8.6)
      daemons
      dynflow (~> 0.8.17)
      foreman-tasks-core
      parse-cron (~> 0.1.4)
      sequel
      sinatra
    foreman-tasks-core (0.2.6)
    forgery (0.8.1)
    formatador (1.1.0)
    formtastic (4.0.0)
      actionpack (>= 5.2.0)
    formtastic_i18n (0.7.0)
    forwardable-extended (2.6.0)
    fossil (0.5.50)
      ruby-odbc
      sequel (= 3.21.0)
    freemail (0.6.1)
    fridge (0.2.2)
      gem_config
      jwt
    friendly_id (5.5.0)
      activerecord (>= 4.0.0)
    fssm (0.2.10)
    ftpd (2.1.0)
      memoizer (~> 1.0)
    full-name-splitter (0.1.2)
    gapic-common (0.9.0)
      faraday (~> 1.3)
      google-protobuf (~> 3.14)
      googleapis-common-protos (>= 1.3.11, < 2.a)
      googleapis-common-protos-types (>= 1.0.6, < 2.a)
      googleauth (>= 0.17.0, < 2.a)
      grpc (~> 1.36)
    gelf (3.1.0)
      json
    gem_config (0.3.2)
    gems (1.2.0)
    gemsurance (0.10.0)
      bundler (>= 1.2, < 3.0)
      gems (>= 0.8)
      git (~> 1.2)
    generated-assets (2.1.5)
      railties (>= 3.2)
      sprockets-rails
      tzinfo
    geo-distance (0.2.2)
      geo_point (~> 0.2.6)
      geo_units (~> 0.3.3)
    geo_calc (0.7.8)
      activesupport (>= 3.0.1)
      geo_units (~> 0.3.2)
      i18n (>= 0.5)
      require_all (>= 1.2.0)
      sugar-high (~> 0.7.2)
      sweetloader
    geo_point (0.2.6)
      geo_calc (>= 0.7.7.1)
    geo_units (0.3.4)
      activesupport (>= 4)
      i18n (>= 0.8)
      sugar-high (~> 0.7.2)
      sweetloader (~> 0.1.6)
    gio2 (4.1.6)
      fiddle
      gobject-introspection (= 4.1.6)
    git (1.13.2)
      addressable (~> 2.8)
      rchardet (~> 1.8)
    glib2 (4.1.6)
      native-package-installer (>= 1.0.3)
      pkg-config (>= 1.3.5)
    glob (0.4.0)
    globalid (1.1.0)
      activesupport (>= 5.0)
    gobject-introspection (4.1.6)
      glib2 (= 4.1.6)
    google-apis-core (0.11.0)
      addressable (~> 2.5, >= 2.5.1)
      googleauth (>= 0.16.2, < 2.a)
      httpclient (>= 2.8.1, < 3.a)
      mini_mime (~> 1.0)
      representable (~> 3.0)
      retriable (>= 2.0, < 4.a)
      rexml
      webrick
    google-apis-drive_v3 (0.39.0)
      google-apis-core (>= 0.11.0, < 2.a)
    google-apis-iamcredentials_v1 (0.17.0)
      google-apis-core (>= 0.11.0, < 2.a)
    google-apis-oauth2_v2 (0.15.0)
      google-apis-core (>= 0.11.0, < 2.a)
    google-apis-sheets_v4 (0.22.0)
      google-apis-core (>= 0.11.0, < 2.a)
    google-apis-storage_v1 (0.19.0)
      google-apis-core (>= 0.9.0, < 2.a)
    google-cloud-core (1.6.0)
      google-cloud-env (~> 1.0)
      google-cloud-errors (~> 1.0)
    google-cloud-env (1.6.0)
      faraday (>= 0.17.3, < 3.0)
    google-cloud-errors (1.3.1)
    google-cloud-storage (1.44.0)
      addressable (~> 2.8)
      digest-crc (~> 0.4)
      google-apis-iamcredentials_v1 (~> 0.1)
      google-apis-storage_v1 (~> 0.19.0)
      google-cloud-core (~> 1.6)
      googleauth (>= 0.16.2, < 2.a)
      mini_mime (~> 1.0)
    google-cloud-text_to_speech (1.3.0)
      google-cloud-core (~> 1.6)
      google-cloud-text_to_speech-v1 (>= 0.0, < 2.a)
      google-cloud-text_to_speech-v1beta1 (>= 0.0, < 2.a)
    google-cloud-text_to_speech-v1 (0.6.0)
      gapic-common (>= 0.7, < 2.a)
      google-cloud-errors (~> 1.0)
    google-cloud-text_to_speech-v1beta1 (0.7.1)
      gapic-common (>= 0.7, < 2.a)
      google-cloud-errors (~> 1.0)
    google-protobuf (3.23.2-arm64-darwin)
    google-spreadsheet-ruby (0.3.1)
      google_drive (>= 0.3.0)
    google_drive (3.0.7)
      google-apis-drive_v3 (>= 0.5.0, < 1.0.0)
      google-apis-sheets_v4 (>= 0.4.0, < 1.0.0)
      googleauth (>= 0.5.0, < 1.0.0)
      nokogiri (>= 1.5.3, < 2.0.0)
    googleapis-common-protos (1.4.0)
      google-protobuf (~> 3.14)
      googleapis-common-protos-types (~> 1.2)
      grpc (~> 1.27)
    googleapis-common-protos-types (1.6.0)
      google-protobuf (~> 3.14)
    googleauth (0.17.1)
      faraday (>= 0.17.3, < 2.0)
      jwt (>= 1.4, < 3.0)
      memoist (~> 0.16)
      multi_json (~> 1.11)
      os (>= 0.9, < 2.0)
      signet (~> 0.15)
    gorillib (0.6.0)
      configliere (>= 0.4.13)
      multi_json (>= 1.1)
    govuk_frontend_toolkit (9.0.1)
      railties (>= 3.1.0)
    gqtp (1.0.7)
    grape (1.7.1)
      activesupport
      builder
      dry-types (>= 1.1)
      mustermann-grape (~> 1.0.0)
      rack (>= 1.3.0, < 3)
      rack-accept
    grape-jbuilder (0.2.0)
      grape (>= 0.3)
      i18n
      jbuilder
      tilt
      tilt-jbuilder (>= 0.4.0)
    grape-rails-cache (0.1.2)
      activesupport
      grape
    graphiti (1.3.9)
      activesupport (>= 5.2)
      concurrent-ruby (~> 1.0)
      dry-types (>= 0.15.0, < 2.0)
      graphiti_errors (~> 1.1.0)
      jsonapi-renderer (~> 0.2, >= 0.2.2)
      jsonapi-serializable (~> 0.3.0)
    graphiti_errors (1.1.2)
      jsonapi-serializable (~> 0.1)
    graphlient (0.6.0)
      faraday (>= 1.0)
      faraday_middleware
      graphql-client
    graphql (2.0.22)
    graphql-client (0.18.0)
      activesupport (>= 3.0)
      graphql
    gravatar-ultimate (2.0.0)
      activesupport (>= 2.3.14)
      rack
    gravtastic (3.2.6)
    groonga-client (0.6.7)
      gqtp (>= 1.0.4)
      groonga-command (>= 1.4.7)
      groonga-command-parser (>= 1.1.0)
      hashie
      rexml
    groonga-command (1.5.2)
      json
    groonga-command-parser (1.1.4)
      groonga-command (>= 1.4.0)
      json-stream
    grpc (1.55.0)
      google-protobuf (~> 3.23)
      googleapis-common-protos-types (~> 1.0)
    grpc-tools (1.55.0)
    gruf (2.17.0)
      activesupport (> 4)
      concurrent-ruby (> 1)
      e2mmap (>= 0.1)
      grpc (~> 1.10)
      grpc-tools (~> 1.10)
      json (>= 2.3)
      slop (>= 4.6)
      thwait (>= 0.1)
      zeitwerk (>= 2)
    gserver (0.0.1)
    gsl (2.1.0.3)
    gssapi (1.3.1)
      ffi (>= 1.0.1)
    gstore (0.2.1)
    guard (2.18.0)
      formatador (>= 0.2.4)
      listen (>= 2.7, < 4.0)
      lumberjack (>= 1.0.12, < 2.0)
      nenv (~> 0.1)
      notiffany (~> 0.0)
      pry (>= 0.13.0)
      shellany (~> 0.0)
      thor (>= 0.18.1)
    guard-compat (1.2.1)
    guard-foodcritic (3.0.0)
      foodcritic (>= 8)
      guard (~> 2.12)
      guard-compat (~> 1.2)
    gyoku (1.4.0)
      builder (>= 2.1.2)
      rexml (~> 3.0)
    gzip (1.0)
    hanami-utils (1.3.8)
      concurrent-ruby (~> 1.0)
      transproc (~> 1.0)
    hanami-view (1.3.3)
      hanami-utils (~> 1.3)
      tilt (~> 2.0, >= 2.0.1)
    has_scope (0.8.1)
      actionpack (>= 5.2)
      activesupport (>= 5.2)
    hashie (5.0.0)
    hashugar (1.0.1)
    hiera-eyaml-kms (0.2)
      aws-sdk-kms
    hiera-puppet-helper (1.0.1)
    highline (2.1.0)
    hijri (0.6.0)
    holidays (1.2.0)
    hometown (0.2.5)
    htmlentities (4.3.4)
    http (4.1.1)
      addressable (~> 2.3)
      http-cookie (~> 1.0)
      http-form_data (~> 2.0)
      http_parser.rb (~> 0.6.0)
    http-accept (1.7.0)
    http-cookie (1.0.5)
      domain_name (~> 0.5)
    http-form_data (2.3.0)
    http_parser.rb (0.6.0)
    httparty (0.21.0)
      mini_mime (>= 1.0.0)
      multi_xml (>= 0.5.2)
    httpclient (2.8.3)
    i18n (1.13.0)
      concurrent-ruby (~> 1.0)
    i18n-js (4.2.3)
      glob (>= 0.4.0)
      i18n
    i18n-js-assets (2.2.0)
      generated-assets (~> 2.1)
      i18n-js
      railties (>= 3.2)
    ibm_cloud_sdk_core (0.2.0)
      concurrent-ruby (~> 1.0)
      http (~> 4.1.0)
    ibm_watson (0.17.0)
      concurrent-ruby (~> 1.0)
      eventmachine (~> 1.2)
      faye-websocket (~> 0.10)
      http (~> 4.1.0)
      ibm_cloud_sdk_core (~> 0.2.0)
    inherited_resources (1.13.1)
      actionpack (>= 5.2, < 7.1)
      has_scope (~> 0.6)
      railties (>= 5.2, < 7.1)
      responders (>= 2, < 4)
    inifile (3.0.0)
    inline_svg (1.9.0)
      activesupport (>= 3.0)
      nokogiri (>= 1.6)
    ipcat (2.0.22)
    istox (0.1.57)
      bunny (>= 2.12.0)
      graphlient
      gruf
      paranoia (~> 2.2)
      vault (~> 0.1)
    jade-rails (1.11.0.1)
      execjs
      tilt
    jbuilder (2.11.5)
      actionview (>= 5.0.0)
      activesupport (>= 5.0.0)
    jekyll (4.3.2)
      addressable (~> 2.4)
      colorator (~> 1.0)
      em-websocket (~> 0.5)
      i18n (~> 1.0)
      jekyll-sass-converter (>= 2.0, < 4.0)
      jekyll-watch (~> 2.0)
      kramdown (~> 2.3, >= 2.3.1)
      kramdown-parser-gfm (~> 1.0)
      liquid (~> 4.0)
      mercenary (>= 0.3.6, < 0.5)
      pathutil (~> 0.9)
      rouge (>= 3.0, < 5.0)
      safe_yaml (~> 1.0)
      terminal-table (>= 1.8, < 4.0)
      webrick (~> 1.7)
    jekyll-sass-converter (3.0.0)
      sass-embedded (~> 1.54)
    jekyll-watch (2.2.1)
      listen (~> 3.0)
    jmespath (1.6.2)
    jnunemaker-validatable (1.8.4)
      activesupport (>= 2.3.4)
    job_notifier (2.0.0)
      colorize (>= 0.7.7)
      enumerize (>= 1.0)
      rails (>= 6.0)
      silencer (= 1.0.0.rc3)
    jquery-rails (4.5.1)
      rails-dom-testing (>= 1, < 3)
      railties (>= 4.2.0)
      thor (>= 0.14, < 2.0)
    json (2.6.3)
    json-stream (0.2.1)
    json_pure (2.6.3)
    jsonapi-renderer (0.2.2)
    jsonapi-serializable (0.3.1)
      jsonapi-renderer (~> 0.2.0)
    just-datetime-picker (0.0.7)
      activeadmin (>= 0.4.4)
      formtastic (>= 2.0.0)
    jwt (2.7.0)
    kaminari (1.2.2)
      activesupport (>= 4.1.0)
      kaminari-actionview (= 1.2.2)
      kaminari-activerecord (= 1.2.2)
      kaminari-core (= 1.2.2)
    kaminari-actionview (1.2.2)
      actionview
      kaminari-core (= 1.2.2)
    kaminari-activerecord (1.2.2)
      activerecord
      kaminari-core (= 1.2.2)
    kaminari-core (1.2.2)
    kcc-gem-theme (2.20.2)
      jekyll (~> 4)
    kitchen-puppet (3.6.0)
      librarian-puppet (>= 3.0)
      net-ssh (>= 3)
      test-kitchen (>= 1.4)
    knockoff (1.2.0)
      activerecord (>= 4.0.0)
      activesupport (>= 4.0.0)
    kramdown (2.4.0)
      rexml
    kramdown-parser-gfm (1.1.0)
      kramdown (~> 2.0)
    kubernetes-io (1.0.0.pre.alpha2)
      json (~> 2.1, >= 2.1.0)
      typhoeus (~> 1.0, >= 1.0.1)
    ld-celluloid-eventsource (0.11.0)
      celluloid (~> 0.18.0.pre)
      celluloid-io (~> 0.17.3)
      http_parser.rb (~> 0.6.0)
      nio4r (>= 1.1)
    librarian-puppet (5.0.0)
      librarianp (>= 0.6.3)
      puppet_forge (>= 2.1, < 5)
      rsync
    librarianp (1.1.2)
      thor (~> 1.0)
    libyajl2 (2.1.0)
    license-acceptance (2.1.13)
      pastel (~> 0.7)
      tomlrb (>= 1.2, < 3.0)
      tty-box (~> 0.6)
      tty-prompt (~> 0.20)
    link_header (0.0.8)
    liquid (4.0.4)
    liquid-tag-parser (2.0.2)
      extras (~> 0.3)
      liquid (>= 3.0, < 5.0)
    listen (3.8.0)
      rb-fsevent (~> 0.10, >= 0.10.3)
      rb-inotify (~> 0.9, >= 0.9.10)
    litmus-instant (0.3.1)
      httparty (>= 0.13.5, < 1.0.0)
    little-plugger (1.1.4)
    log4r (1.1.10)
    log4r-gelf (1.1.0)
      gelf (>= 1.4.0)
      log4r (~> 1.1.10)
    logging (2.3.1)
      little-plugger (~> 1.1)
      multi_json (~> 1.14)
    logjam_agent (0.38.4)
      activesupport
      ffi-rzmq (>= 2.0.4)
      ffi-rzmq-core (>= 1.0.5)
      time_bandits (>= 0.12.2)
    loofah (2.21.3)
      crass (~> 1.0.2)
      nokogiri (>= 1.12.0)
    lumberjack (1.2.8)
    madison (0.5.0)
      json
    mail (2.8.1)
      mini_mime (>= 0.1.1)
      net-imap
      net-pop
      net-smtp
    mail_form (1.10.0)
      actionmailer (>= 5.2)
      activemodel (>= 5.2)
    main (6.3.0)
      arrayfields (~> 4.9, >= 4.9.2)
      chronic (~> 0.10, >= 0.10.2)
      fattr (~> 2.4, >= 2.4.0)
      map (~> 6.6, >= 6.6.0)
    map (6.6.0)
    marcel (1.0.2)
    markerclustererplus-rails (2.1.9)
    marky_markov (0.3.5)
      msgpack
    matrix (0.4.2)
    memoist (0.16.2)
    memoizer (1.0.3)
    mercenary (0.4.0)
    method_source (1.0.0)
    mickey_goldmill (0.1.41)
      rails (>= 3)
    mime-types (3.4.1)
      mime-types-data (~> 3.2015)
    mime-types-data (3.2023.0218.1)
    mimetype-fu (0.1.2)
    mina (1.2.4)
      open4 (~> 1.3.4)
      rake
    mina-sidekiq (1.1.0)
      mina (>= 1.0.2)
    mini_magick (4.12.0)
    mini_mime (1.1.2)
    minispec-metadata (2.0.0)
      minitest
    minitar (0.9)
    minitest (5.18.0)
    minitest-matchers (1.4.1)
      minitest (~> 5.0)
    minitest-vcr (1.4.0)
      minispec-metadata (~> 2.0)
      minitest (>= 4.7.5)
      vcr (>= 2.9)
    mixlib-cli (1.7.0)
    mixlib-install (3.12.27)
      mixlib-shellout
      mixlib-versioning
      thor
    mixlib-shellout (3.2.7)
      chef-utils
    mixlib-versioning (1.2.12)
    mixpanel-ruby (1.7.0)
    mobylette (3.5)
      actionpack (>= 3.0)
    mojo_magick (0.6.8)
    monads (0.1.0)
    mongo (2.18.2)
      bson (>= 4.14.1, < 5.0.0)
    mongoid (8.0.3)
      activemodel (>= 5.1, < 7.1, != 7.0.0)
      mongo (>= 2.18.0, < 3.0.0)
      ruby2_keywords (~> 0.0.5)
    mongoid-geospatial (5.1.0)
      mongoid (>= 4.0.0)
    mongoid_search (0.4.0)
      fast-stemmer (~> 1.0.0)
      mongoid (>= 5.0.0)
    more_core_extensions (4.4.0)
      activesupport
      sync
    msgpack (1.7.1)
    multi_json (1.15.0)
    multi_test (1.1.0)
    multi_xml (0.6.0)
    multipart-post (2.3.0)
    mustermann (3.0.0)
      ruby2_keywords (~> 0.0.1)
    mustermann-grape (1.0.2)
      mustermann (>= 1.0.0)
    nanaimo (0.3.0)
    nanoid (2.0.0)
    nap (1.1.0)
    native-package-installer (1.1.5)
    nayutaya-msgpack-pure (0.0.2)
    nenv (0.3.0)
    neography (1.8.0)
      excon (>= 0.33.0)
      json (>= 1.7.7)
      multi_json (>= 1.3.2)
      os (>= 0.9.6)
      rake (>= 0.8.7)
      rubyzip (>= 1.0.0)
    nested_form (0.3.2)
    net-http-persistent (4.0.2)
      connection_pool (~> 2.2)
    net-http-server (0.2.3)
      gserver (~> 0.0)
      parslet (~> 1.0)
    net-imap (0.3.4)
      date
      net-protocol
    net-ntp (2.1.3)
    net-ping (2.0.8)
    net-pop (0.1.2)
      net-protocol
    net-protocol (0.2.1)
      timeout
    net-scp (4.0.0)
      net-ssh (>= 2.6.5, < 8.0.0)
    net-smtp (0.3.3)
      net-protocol
    net-ssh (7.1.0)
    net-ssh-gateway (2.0.0)
      net-ssh (>= 4.0.0)
    net_dav (0.5.1)
      nokogiri
    netrc (0.11.0)
    ngrok-tunnel (2.1.1)
    nio4r (2.5.9)
    no_proxy_fix (0.1.2)
    nokogiri (1.15.2-arm64-darwin)
      racc (~> 1.4)
    nokogiri-happymapper (0.9.0)
      nokogiri (~> 1.5)
    non-digest-assets (2.2.0)
      activesupport (>= 5.2, < 7.1)
      sprockets (>= 2.0, < 5.0)
    nori (2.6.0)
    notiffany (0.1.3)
      nenv (~> 0.1)
      shellany (~> 0.0)
    notification_center (0.3.2)
    nsq-ruby (2.3.1)
    numerizer (0.1.1)
    oa-core (0.3.2)
    oa-openid (0.3.2)
      oa-core (= 0.3.2)
      rack-openid (~> 1.3.1)
      ruby-openid-apps-discovery (~> 1.2.0)
    oauth (1.1.0)
      oauth-tty (~> 1.0, >= 1.0.1)
      snaky_hash (~> 2.0)
      version_gem (~> 1.1)
    oauth-tty (1.0.5)
      version_gem (~> 1.1, >= 1.1.1)
    oauth2 (1.4.11)
      faraday (>= 0.17.3, < 3.0)
      jwt (>= 1.0, < 3.0)
      multi_json (~> 1.3)
      multi_xml (~> 0.5)
      rack (>= 1.2, < 4)
    oauth2-client (2.0.0)
      addressable (~> 2.3)
      bcrypt-ruby (~> 3.0)
    octokit (5.6.1)
      faraday (>= 1, < 3)
      sawyer (~> 0.9)
    omniauth (1.9.2)
      hashie (>= 3.4.6)
      rack (>= 1.6.2, < 3)
    omniauth-oauth2 (1.7.3)
      oauth2 (>= 1.4, < 3)
      omniauth (>= 1.9, < 3)
    omniauth-weibo-oauth2 (0.5.2)
      omniauth (~> 1.5)
      omniauth-oauth2 (>= 1.4.0)
    one_sky (2.1.0)
      json (>= 1.4.0)
      rest-client (>= 1.4.0)
    open4 (1.3.4)
    open5 (0.2)
      open4
    opentracing (0.5.0)
    os (0.9.6)
    paper_trail (12.3.0)
      activerecord (>= 5.2)
      request_store (~> 1.1)
    parallel (1.23.0)
    paranoia (2.6.1)
      activerecord (>= 5.1, < 7.1)
    parse-cron (0.1.4)
    parser (3.2.2.1)
      ast (~> 2.4.1)
    parslet (1.8.2)
    pastel (0.8.0)
      tty-color (~> 0.5)
    pathutil (0.16.2)
      forwardable-extended (~> 2.6)
    paypal-sdk-adaptivepayments (1.117.1)
      paypal-sdk-core (~> 0.3.0)
    paypal-sdk-core (0.3.4)
      multi_json (~> 1.0)
      xml-simple
    paypal-sdk-permissions (1.96.4)
      paypal-sdk-core (~> 0.3.0)
    phcdevworks_active_menus (3.0.1)
      phcthemes_admin_panel_pack (~> 5.1)
      phcthemes_web_theme_pack (~> 5.0)
      rails (~> 7.0)
    phcdevworks_core (4.0.2)
      phcthemes_admin_panel_pack (~> 5.1)
      phcthemes_web_theme_pack (~> 5.0)
      rails (~> 7.0)
    phcdevworks_notifications (3.1.1)
      phcthemes_admin_panel_pack (~> 5.1)
      phcthemes_web_theme_pack (~> 5.0)
      rails (~> 7.0)
    phcdevworks_titleseo (4.0.1)
      phcthemes_admin_panel_pack (~> 5.1)
      phcthemes_web_theme_pack (~> 5.0)
      rails (~> 7.0)
    phcpresspro (87.0.3)
      aws-sdk-s3 (~> 1.114)
      friendly_id (~> 5.4)
      google-cloud-storage (~> 1.37)
      jbuilder (~> 2.11)
      mail_form (~> 1.9)
      mini_magick (~> 4.11)
      paper_trail (~> 12.3)
      phcdevworks_active_menus (~> 3.0)
      phcdevworks_core (~> 4.0)
      phcdevworks_notifications (~> 3.1)
      phcdevworks_titleseo (~> 4.0)
      phcthemes_admin_panel_pack (~> 5.1)
      phcthemes_web_theme_pack (~> 5.0)
      rails (~> 7.0)
      wicked (~> 1.4)
    phcthemes_admin_panel_pack (5.1.6)
      gravtastic (~> 3.2)
      inline_svg (~> 1.8)
      rails (~> 7.0)
      sassc-rails (~> 2.1)
    phcthemes_web_theme_pack (5.0.13)
      bootstrap (~> 5.2)
      gravtastic (~> 3.2)
      inline_svg (~> 1.8)
      rails (~> 7.0)
      sassc-rails (~> 2.1)
    pickup (0.0.11)
    picky-live (4.31.3)
      sinatra (~> 1.0)
    piet (0.2.6)
      png_quantizator
    piet-binary (0.2.0)
      os (~> 0.9.6)
      piet (>= 0.2.0)
      png_quantizator
    pinglish (0.2.1)
      rack
    pkg-config (1.5.1)
    pluck_all (2.3.3)
      activesupport (>= 3.0.0)
      rails_compatibility (>= 0.0.7)
    png_quantizator (0.2.1)
    polyglot (0.3.5)
    popper_js (2.11.7)
    power_assert (2.0.3)
    pr_geohash (1.0.0)
    pragmatic_segmenter (0.3.23)
      unicode
    princely (2.1.0)
    private_attr (2.0.0)
    profanity_filter (0.1.1)
    pry (0.14.2)
      coderay (~> 1.1)
      method_source (~> 1.0)
    pseudolocalization (0.9.0)
    public_suffix (4.0.7)
    puppet-lint (2.5.2)
    puppet-lint-top_scope_facts-check (1.0.1)
      puppet-lint (~> 2.0)
    puppet_forge (3.2.0)
      faraday (~> 1.3)
      faraday_middleware (~> 1.0)
      minitar
      semantic_puppet (~> 1.0)
    pusher-push-notifications (2.0.2)
      jwt (~> 2.1, >= 2.1.0)
      rest-client (~> 2.0, >= 2.0.2)
    pushmeup (0.3.0)
      httparty
      json
    qr4r (0.6.2)
      mojo_magick (~> 0.6.5)
      rqrcode_core (~> 1.0)
    racc (1.6.2)
    rack (2.2.7)
    rack-accept (0.4.5)
      rack (>= 0.4)
    rack-attack-rate-limit (1.1.0)
      rack
    rack-openid (1.3.1)
      rack (>= 1.1.0)
      ruby-openid (>= 2.1.8)
    rack-test (2.1.0)
      rack (>= 1.3)
    rails (7.0.5)
      actioncable (= 7.0.5)
      actionmailbox (= 7.0.5)
      actionmailer (= 7.0.5)
      actionpack (= 7.0.5)
      actiontext (= 7.0.5)
      actionview (= 7.0.5)
      activejob (= 7.0.5)
      activemodel (= 7.0.5)
      activerecord (= 7.0.5)
      activestorage (= 7.0.5)
      activesupport (= 7.0.5)
      bundler (>= 1.15.0)
      railties (= 7.0.5)
    rails-dom-testing (2.0.3)
      activesupport (>= 4.2.0)
      nokogiri (>= 1.6)
    rails-html-sanitizer (1.6.0)
      loofah (~> 2.21)
      nokogiri (~> 1.14)
    rails_admin (3.1.2)
      activemodel-serializers-xml (>= 1.0)
      kaminari (>= 0.14, < 2.0)
      nested_form (~> 0.3)
      rails (>= 6.0, < 8)
      turbo-rails (~> 1.0)
    rails_admin_import (3.0.3)
      charlock_holmes (~> 0.7)
      rails (>= 3.2)
      rails_admin (>= 3.0.0.beta)
      simple_xlsx_reader (~> 1.0)
    rails_apps_testing (0.3.13)
    rails_compatibility (0.0.8)
      activerecord (>= 3)
    rails_event_store-rspec (2.0.1)
      rspec (~> 3.0)
      ruby_event_store-rspec (= 2.0.1)
    rails_select_on_includes (6.0.1)
      activerecord (>= 6)
    railties (7.0.5)
      actionpack (= 7.0.5)
      activesupport (= 7.0.5)
      method_source
      rake (>= 12.2)
      thor (~> 1.0)
      zeitwerk (~> 2.5)
    rainbow (3.1.1)
    rake (13.0.6)
    range_operators (0.1.1)
    ransack (3.2.1)
      activerecord (>= 6.1.5)
      activesupport (>= 6.1.5)
      i18n
    raykit (0.0.457)
      bundler (~> 2.0)
      rainbow (~> 3.0)
      rubyzip (~> 2.3)
      slop (~> 4.8)
      yard (~> 0.9)
    rb-fsevent (0.11.2)
    rb-inotify (0.10.1)
      ffi (~> 1.0)
    rbtree (0.4.6)
    rbzip2 (0.3.0)
    rchardet (1.8.0)
    rdf (3.2.10)
      link_header (~> 0.0, >= 0.0.8)
    rdf-json (3.2.0)
      rdf (~> 3.2)
    rdf-trig (3.2.0)
      ebnf (~> 2.2)
      rdf (~> 3.2)
      rdf-turtle (~> 3.2)
    rdf-trix (3.2.0)
      rdf (~> 3.2)
      rdf-xsd (~> 3.2)
    rdf-turtle (3.2.1)
      ebnf (~> 2.3)
      rdf (~> 3.2)
    rdf-xsd (3.2.1)
      rdf (~> 3.2)
      rexml (~> 3.2)
    red-arrow (12.0.0)
      bigdecimal (>= 3.1.0)
      extpp (>= 0.1.1)
      gio2 (>= 3.5.0)
      native-package-installer
      pkg-config
    red-colors (0.3.0)
      matrix
    red-parquet (12.0.0)
      red-arrow (= 12.0.0)
    redis (5.0.6)
      redis-client (>= 0.9.0)
    redis-client (0.14.1)
      connection_pool
    redis-lock (0.2.0)
      redis
    reentrant_flock (0.1.1)
    refills (0.2.0)
    refraction (0.2.0)
    regexp_parser (2.8.0)
    release-metrics (1.1.0)
      csv
      docopt
    representable (3.2.0)
      declarative (< 0.1.0)
      trailblazer-option (>= 0.1.1, < 0.2.0)
      uber (< 0.2.0)
    representors (0.0.5)
      addressable (~> 2.3)
      rake
    request_store (1.5.1)
      rack (>= 1.4)
    require_all (3.0.0)
    responders (3.1.0)
      actionpack (>= 5.2)
      railties (>= 5.2)
    rest-client (2.1.0)
      http-accept (>= 1.7.0, < 2.0)
      http-cookie (>= 1.0.2, < 2.0)
      mime-types (>= 1.16, < 4.0)
      netrc (~> 0.8)
    retriable (3.1.2)
    retryable-rb (1.1.0)
    rexml (3.2.5)
    rgeo (3.0.0)
    rgeo-proj4 (4.0.0)
      rgeo (~> 3.0.0)
    rghost_barcode (0.9)
    rhodes (1.5.5)
      activesupport (>= 2.3.5)
      diff-lcs (>= 1.1.2)
      rake (>= 0.8.7)
      templater (>= 0.5.0)
    rice (4.1.0)
    riemann-babbler (2.8.5)
      beefcake
      configatron
      file-tail
      net-http-server
      net-ntp
      net-ping
      sys-filesystem
      sys-proctable
      trollop
    roboto (1.0.1)
      rails (>= 4.2)
    roda (3.68.0)
      rack
    ros-apartment (2.11.0)
      activerecord (>= 5.0.0, < 7.1)
      parallel (< 2.0)
      public_suffix (>= 2.0.5, < 5.0)
      rack (>= 1.3.6, < 3.0)
    ros-apartment-sidekiq (1.2.0)
      ros-apartment (>= 1.0)
      sidekiq (>= 2.11)
    rouge (4.1.1)
    rqrcode_core (1.2.0)
    rroonga (12.1.0)
      groonga-client (>= 0.0.3)
      json
      native-package-installer
      pkg-config
    rsolr (2.5.0)
      builder (>= 2.1.2)
      faraday (>= 0.9, < 3, != 2.0.0)
    rspec (3.12.0)
      rspec-core (~> 3.12.0)
      rspec-expectations (~> 3.12.0)
      rspec-mocks (~> 3.12.0)
    rspec-buildkite (0.1.6)
      rspec-core (~> 3.0)
    rspec-core (3.12.2)
      rspec-support (~> 3.12.0)
    rspec-eventually (0.2.2)
    rspec-expectations (3.12.3)
      diff-lcs (>= 1.2.0, < 2.0)
      rspec-support (~> 3.12.0)
    rspec-logsplit (0.1.3)
    rspec-mocks (3.12.5)
      diff-lcs (>= 1.2.0, < 2.0)
      rspec-support (~> 3.12.0)
    rspec-support (3.12.0)
    rsync (1.0.9)
    rubocop (1.30.1)
      parallel (~> 1.10)
      parser (>= 3.1.0.0)
      rainbow (>= 2.2.2, < 4.0)
      regexp_parser (>= 1.8, < 3.0)
      rexml (>= 3.2.5, < 4.0)
      rubocop-ast (>= 1.18.0, < 2.0)
      ruby-progressbar (~> 1.7)
      unicode-display_width (>= 1.4.0, < 3.0)
    rubocop-ast (1.28.1)
      parser (>= 3.2.1.0)
    rubocop-rails (2.15.2)
      activesupport (>= 4.2.0)
      rack (>= 1.1)
      rubocop (>= 1.7.0, < 2.0)
    rubocop-rspec (2.11.1)
      rubocop (~> 1.19)
    rubocop-select (2.0.0)
      rubocop
    ruby-mailchecker (5.0.9)
    ruby-measurement (1.3.0)
    ruby-msg (1.5.2)
      ruby-ole (>= 1.2.8)
      vpim (>= 0.360)
    ruby-mysql (2.11.1)
    ruby-odbc (0.999991)
    ruby-ole (1.2.12.2)
    ruby-openid (2.9.2)
    ruby-openid-apps-discovery (1.2.0)
      ruby-openid (>= 2.1.7)
    ruby-pardot (1.4.3)
      crack (= 0.4.5)
      httparty (= 0.21.0)
    ruby-progressbar (1.13.0)
    ruby-xslt (0.9.10)
    ruby18_source_location (0.2)
    ruby2_keywords (0.0.5)
    ruby_event_store-rspec (2.0.1)
      rspec (~> 3.0)
    rubyntlm (0.6.3)
    rubyserial (0.6.0)
      ffi (~> 1.9, >= 1.9.3)
    rubyzip (2.3.2)
    rubyzip2 (2.0.2)
    rufus-lru (1.1.0)
    safe_yaml (1.0.5)
    sass (3.2.19)
    sass-embedded (1.62.1-arm64-darwin)
      google-protobuf (~> 3.21)
    sassc (2.4.0)
      ffi (~> 1.9)
    sassc-rails (2.1.2)
      railties (>= 4.0.0)
      sassc (>= 2.0)
      sprockets (> 3.0)
      sprockets-rails
      tilt
    sassy-buttons (0.2.6)
      compass (>= 0.12.2)
    sassy-math (1.5.1)
      compass (>= 0.11)
    sawyer (0.9.2)
      addressable (>= 2.3.5)
      faraday (>= 0.17.3, < 3)
    scanf (1.0.0)
    sekrets (1.9.1)
      coerce (>= 0.0.3)
      fattr (>= 2.2.1)
      highline (>= 1.6.15)
      main (>= 5.1.1)
      map (>= 6.3.0)
    semantic_puppet (1.1.0)
    sensu-plugin (4.0.0)
      json (< 3.0.0)
      mixlib-cli (~> 1.5)
    sensu-plugins-haproxy (2.0.3)
      sensu-plugin (~> 4.0)
    sensu-plugins-mysql (3.2.0)
      inifile (= 3.0.0)
      ruby-mysql (~> 2.9)
      sensu-plugin (~> 4.0)
    sensu-plugins-puppet (3.0.0)
      sensu-plugin (~> 4.0)
    sequel (3.21.0)
    serverengine (2.3.2)
      sigdump (~> 0.2.2)
    set (1.0.3)
    sfx-sidekiq-opentracing (0.0.4)
      opentracing (~> 0.4)
      sidekiq (>= 0.7.0)
    shellany (0.0.1)
    shog (0.2.1)
      colorize (>= 0.8)
      rails (>= 4)
    sidekiq (7.1.1)
      concurrent-ruby (< 2)
      connection_pool (>= 2.3.0)
      rack (>= 2.2.4)
      redis-client (>= 0.14.0)
    sigdump (0.2.4)
    signet (0.17.0)
      addressable (~> 2.8)
      faraday (>= 0.17.5, < 3.a)
      jwt (>= 1.5, < 3.0)
      multi_json (~> 1.10)
    silencer (1.0.0.rc3)
    simple_xlsx_reader (1.0.5)
      nokogiri
      rubyzip
    simplegeo (0.5.3)
      json_pure
      oauth (>= 0.4.0)
    sinatra (1.0)
      rack (>= 1.0)
    sinatra-advanced-routes (0.5.3)
      sinatra (~> 1.0)
    single_cov (1.10.0)
    slop (4.10.1)
    smock (0.1.13)
      sass (= 3.2.19)
    snail (2.2.3)
      activesupport
    snaky_hash (2.0.1)
      hashie
      version_gem (~> 1.1, >= 1.1.1)
    soap4r-ng (2.0.4)
    solr_wrapper (4.0.2)
      http
      minitar
      retriable
      ruby-progressbar
    sorbet-runtime (0.5.10847)
    sorted_set (1.0.3)
      rbtree
      set (~> 1.0)
    spec (5.3.4)
      chronic_duration (~> 0.10.2)
    spreedly (2.0.27)
      nokogiri
    sprockets (4.2.0)
      concurrent-ruby (~> 1.0)
      rack (>= 2.2.4, < 4)
    sprockets-rails (3.4.2)
      actionpack (>= 5.2)
      activesupport (>= 5.2)
      sprockets (>= 3.0.0)
    sql_queries_count (0.0.1)
      rails (> 3.0.0)
    sshkit (1.21.4)
      net-scp (>= 1.1.2)
      net-ssh (>= 2.8.0)
    stathat (0.1.7)
    strings (0.2.1)
      strings-ansi (~> 0.2)
      unicode-display_width (>= 1.5, < 3.0)
      unicode_utils (~> 1.4)
    strings-ansi (0.2.0)
    strptime (0.2.5)
    sugar-high (0.7.3)
    sunspot (2.6.0)
      pr_geohash (~> 1.0)
      rsolr (>= 1.1.1, < 3)
    sunspot-queue (0.10.3)
      sunspot_rails (>= 1.3.0)
    sunspot_rails (2.6.0)
      rails (>= 3)
      sunspot (= 2.6.0)
    sunspot_solr (2.6.0)
    sunspot_test (0.4.2)
      sunspot_rails (>= 2.1.1)
      sunspot_solr
    support_table_cache (1.1.3)
      activerecord
    sweetloader (0.1.6)
      activesupport (>= 3.0.1)
      i18n
    sxp (1.2.4)
      matrix (~> 0.4)
      rdf (~> 3.2)
    sync (0.5.0)
    sys-filesystem (1.4.3)
      ffi (~> 1.1)
    sys-proctable (1.3.0)
      ffi (~> 1.1)
    sys-uname (1.2.3)
      ffi (~> 1.1)
    system_timer (1.2.4)
    tempfile (0.1.3)
    templater (1.0.0)
      diff-lcs (>= 1.1.2)
      extlib (>= 0.9.5)
      highline (>= 1.4.0)
    terminal-table (3.0.2)
      unicode-display_width (>= 1.1.1, < 3)
    test-kitchen (3.5.0)
      bcrypt_pbkdf (~> 1.0)
      chef-utils (>= 16.4.35)
      ed25519 (~> 1.2)
      license-acceptance (>= 1.0.11, < 3.0)
      mixlib-install (~> 3.6)
      mixlib-shellout (>= 1.2, < 4.0)
      net-scp (>= 1.1, < 5.0)
      net-ssh (>= 2.9, < 8.0)
      net-ssh-gateway (>= 1.2, < 3.0)
      thor (>= 0.19, < 2.0)
      winrm (~> 2.0)
      winrm-elevated (~> 1.0)
      winrm-fs (~> 1.1)
    test-unit (3.5.9)
      power_assert
    test_track_rails_client (7.0.0)
      activejob (>= 6.0)
      activemodel (>= 6.0)
      faraday (>= 0.8)
      faraday_middleware
      mixpanel-ruby (~> 1.4)
      multi_json (~> 1.7)
      public_suffix (>= 2.0.0)
      railties (>= 5.1)
      request_store (~> 1.3)
      sprockets-rails
    thin (1.8.2)
      daemons (~> 1.0, >= 1.0.9)
      eventmachine (~> 1.0, >= 1.0.4)
      rack (>= 1, < 3)
    thor (1.2.2)
    thread_variables (0.2.0)
    thwait (0.2.0)
      e2mmap
    tilt (2.1.0)
    tilt-jbuilder (0.7.1)
      jbuilder
      tilt (>= 1.3.0, < 3)
    time_bandits (0.13.1)
      activesupport (>= 5.2.0)
      thread_variables
    timeout (0.3.2)
    timers (4.3.5)
    tins (1.32.1)
      sync
    tlb-core (0.3.3)
      open5 (>= 0.2)
      rake
    tlb-cucumber (0.3.3)
      cucumber (>= 0.10.2)
      rake
      tlb-core (= 0.3.3)
    tomlrb (2.0.3)
    trailblazer-option (0.1.2)
    transproc (1.1.1)
    treetop (1.6.12)
      polyglot (~> 0.3)
    trestle (0.9.8)
      activemodel (>= 4.2.0)
      kaminari (>= 1.1.0)
      railties (>= 4.2.0)
      sprockets-rails (>= 2.0.0)
    trollop (2.9.10)
    tty-box (0.7.0)
      pastel (~> 0.8)
      strings (~> 0.2.0)
      tty-cursor (~> 0.7)
    tty-color (0.6.0)
    tty-cursor (0.7.1)
    tty-platform (0.3.0)
    tty-prompt (0.23.1)
      pastel (~> 0.8)
      tty-reader (~> 0.8)
    tty-reader (0.9.0)
      tty-cursor (~> 0.7)
      tty-screen (~> 0.8)
      wisper (~> 2.0)
    tty-screen (0.8.1)
    turbo-rails (1.4.0)
      actionpack (>= 6.0.0)
      activejob (>= 6.0.0)
      railties (>= 6.0.0)
    twilio (3.1.1)
      builder (>= 2.1.2)
      httparty (>= 0.8)
    typhoeus (1.4.0)
      ethon (>= 0.9.0)
    tzinfo (2.0.6)
      concurrent-ruby (~> 1.0)
    tzinfo-data (1.2023.3)
      tzinfo (>= 1.0.0)
    uber (0.1.0)
    unf (0.1.4)
      unf_ext
    unf_ext (0.0.8.2)
    unicode (0.4.4.4)
    unicode-display_width (2.4.2)
    unicode-types (1.8.0)
    unicode_utils (1.4.0)
    unidecode (1.0.0)
    unix_utils (0.0.15)
    uppy-s3_multipart (1.2.1)
      aws-sdk-s3 (~> 1.0)
      content_disposition (~> 1.0)
      roda (>= 2.27, < 4)
    uri_template (0.7.0)
    usagewatch (0.0.7)
    usagewatch_ext (0.2.1)
      usagewatch (~> 0.0.6)
    useragent (0.16.10)
    uuidtools (2.2.0)
    valcro (0.2.1)
    vault (0.17.0)
      aws-sigv4
    vcr (6.1.0)
    vericite_api (1.5.3)
      json (>= 1.4.6)
    version_gem (1.1.2)
    vmc (0.0.5)
      arrayfields
      fattr
      highline
      json_pure
      main
      mime-types
      rubyzip2
    vpim (13.11.11)
    webdack-uuid_migration (1.4.0)
      activerecord (>= 4.0)
    webrick (1.8.1)
    websocket-driver (0.7.5)
      websocket-extensions (>= 0.1.0)
    websocket-extensions (0.1.5)
    wice_grid (3.4.14)
      coffee-rails
      kaminari (>= 0.13.0)
    wicked (1.4.0)
      railties (>= 3.0.7)
    win32api (0.1.0)
    winrm (2.3.6)
      builder (>= 2.1.2)
      erubi (~> 1.8)
      gssapi (~> 1.2)
      gyoku (~> 1.0)
      httpclient (~> 2.2, >= 2.2.0.2)
      logging (>= 1.6.1, < 3.0)
      nori (~> 2.0)
      rubyntlm (~> 0.6.0, >= 0.6.3)
    winrm-elevated (1.2.3)
      erubi (~> 1.8)
      winrm (~> 2.0)
      winrm-fs (~> 1.0)
    winrm-fs (1.3.5)
      erubi (~> 1.8)
      logging (>= 1.6.1, < 3.0)
      rubyzip (~> 2.0)
      winrm (~> 2.0)
    wisper (2.0.1)
    woocommerce_api (1.4.0)
      httparty (~> 0.14, >= 0.14.0)
      json (~> 2.0, >= 2.0.0)
    work_queue (2.5.4)
    workos (2.13.0)
      sorbet-runtime (~> 0.5)
    wukong (4.0.0)
      configliere (>= 0.4.18)
      eventmachine
      forgery
      gorillib (>= 0.4.2)
      log4r
      multi_json (>= 1.3.6)
      uuidtools
    wwtd (1.4.1)
    xcodeproj (1.22.0)
      CFPropertyList (>= 2.3.3, < 4.0)
      atomos (~> 0.1.3)
      claide (>= 1.0.2, < 2.0)
      colored2 (~> 3.1)
      nanaimo (~> 0.3.0)
      rexml (~> 3.2.4)
    xml-simple (1.1.9)
      rexml
    yaji (0.3.6)
    yajl-ruby (1.4.3)
    yard (0.9.34)
    zeitwerk (2.6.8)

PLATFORMS
  arm64-darwin-22

DEPENDENCIES
  pkg32!

BUNDLED WITH
   2.4.13
