PATH
  remote: .
  specs:
    pkg36 (0.0.1)
      access-granted
      acl9
      action_kit_api
      active_campaign
      active_flag
      active_scaffold_sortable
      activeadmin-select2
      activerecord-analyze
      activerecord-mysql2spatial-adapter
      acts_as_reportable
      adal
      administrate-field-nested_has_many
      airtable
      alba
      analytical
      api_cache
      apt-spy2
      ar_mailer
      archive
      aslakhellesoy-cucumber
      avo
      awestruct-ibeams
      base91
      bashcov
      beetle
      big-phoney
      binary_struct
      bindler
      blacklight-gallery
      bones
      browse-everything
      caldecott-client
      capify-ec2
      capistrano-scm-none
      caracal-rails
      cassandra
      clickhouse
      clickhouse-activerecord
      cocoapods-clean
      cocoapods-tdfire-binary
      compare-xml
      compass-960-plugin
      compass-colors
      concur
      contentful-scheduler-custom
      couchrest_model
      countdownlatch
      cowtech-rails
      da_funk
      daff
      danger-checkstyle_reports
      danger-simplecov_json
      dbd-odbc
      debouncer
      deject
      delegate
      discourse-ember-source
      dm-observer
      dpl-bintray
      dynarex-blog
      ebcdic_converter
      emblem-source
      encrypted_strings
      enum_attributes_validation
      evernote-thrift
      exif
      expressir
      factory_bot-preload
      fast_inserter
      fastlane-plugin-android_change_package_identifier
      fastlane-plugin-slack_bot
      finite_machine
      fir-cli
      fiscali
      flatpickr_rails
      flipper-rails
      fluent-mixin-plaintextformatter
      fluent-plugin-genhashvalue
      fluent-plugin-reemit
      fluent-plugin-rewrite
      fluent-plugin-timescaledb
      forestadmin-jsonapi-serializers
      forward
      frank-cucumber
      free_disk_space
      gdbm
      gem-path
      gindex
      global_uid
      google-cloud-location
      google_timezone
      grape-instrumentation
      guard-process
      has-bit-field
      http-parser-lite
      i18n_country_select
      ifttt-gdash
      interactor-contracts
      iodine
      itriagetestrail
      jamespath
      jcrop-rails-v2
      jsonrpc-client
      klaviyo
      knife-block
      knjrbfw
      komachi_heartbeat
      listjs-rails
      log_switch
      mailread
      mapping
      master_manipulator
      metanorma
      method_profiler
      methodfinder
      mina-puma
      minipack
      minitest-line
      nested_layouts
      net-http-spy
      netzke-basepack
      nfqueue
      noid
      normalizr
      null_logger
      omniauth-greenhouse
      opensrs
      pager
      paperclip-azure
      pdf417
      peek-git
      phoney
      pidfile
      pil
      plutus
      prawn-print
      praxis
      presto-metrics
      procore-sift
      progressrus
      props
      prowly
      pry-highlight
      puppet-lint-duplicate_class_parameters-check
      puppet-lint-manifest_whitespace-check
      r18n-desktop
      rack-fiber_pool
      rackup
      rails-bigint-primarykey
      rails-flog
      rails_failover
      rails_safe_tasks
      readline-ext
      redgreen
      regex
      rejectu
      request_id
      rescue_unique_constraint
      resque-batched-job
      rethinkdb
      rocksdb-ruby
      roman-numerals
      rscribd
      rspec-bash
      rspec-protobuf
      rspec-twirp
      ruby-freshbooks
      ruby-rtf
      rubydoctest
      rubydora
      s3_uploader
      sass-media_query_combiner
      schema_registry
      scraperwiki
      selenium-rc
      sensu-plugins-java
      shex
      shrine-google_cloud_storage
      simple-navigation-bootstrap
      simple_bdd
      simple_hl7
      simple_roles
      simple_xlsx_writer
      simplecov-rcov-text
      sixarm_ruby_secure_token
      sms-spec
      soap2r
      socialcast-git-extensions
      soda-ruby
      softcover
      solano
      sourcemap
      specgen
      spf-query
      spork-minitest
      spree_promo
      sprockets-coffee-react
      stack_master
      stackable_flash
      state_machine_rspec
      state_of_the_nation
      store_attribute
      tailor
      tbpgr_utils
      tencentcloud-sdk-common
      test-unit-context
      testlab
      texplay
      thread_variables
      time_bandits
      tmail
      torquebox-rake-support
      tracer
      transactional_capybara
      trocla
      tsort
      tty
      turbolinks_render
      vagrant-bindfs
      validates_formatting_of
      verse
      videojs_rails
      warden-github
      watir-rspec
      waz-storage
      websocket-eventmachine-client
      win32-event
      win32-taskscheduler
      wraith
      wunderbar
      xml-sitemap

GEM
  remote: https://rubygems.org/
  specs:
    CFPropertyList (3.0.6)
      rexml
    access-granted (1.3.3)
    acl9 (3.2.0)
      rails (>= 5.0, < 7.0)
    action_kit_api (0.4.8)
    actioncable (6.1.7.3)
      actionpack (= 6.1.7.3)
      activesupport (= 6.1.7.3)
      nio4r (~> 2.0)
      websocket-driver (>= 0.6.1)
    actionmailbox (6.1.7.3)
      actionpack (= 6.1.7.3)
      activejob (= 6.1.7.3)
      activerecord (= 6.1.7.3)
      activestorage (= 6.1.7.3)
      activesupport (= 6.1.7.3)
      mail (>= 2.7.1)
    actionmailer (6.1.7.3)
      actionpack (= 6.1.7.3)
      actionview (= 6.1.7.3)
      activejob (= 6.1.7.3)
      activesupport (= 6.1.7.3)
      mail (~> 2.5, >= 2.5.4)
      rails-dom-testing (~> 2.0)
    actionpack (6.1.7.3)
      actionview (= 6.1.7.3)
      activesupport (= 6.1.7.3)
      rack (~> 2.0, >= 2.0.9)
      rack-test (>= 0.6.3)
      rails-dom-testing (~> 2.0)
      rails-html-sanitizer (~> 1.0, >= 1.2.0)
    actiontext (6.1.7.3)
      actionpack (= 6.1.7.3)
      activerecord (= 6.1.7.3)
      activestorage (= 6.1.7.3)
      activesupport (= 6.1.7.3)
      nokogiri (>= 1.8.5)
    actionview (6.1.7.3)
      activesupport (= 6.1.7.3)
      builder (~> 3.1)
      erubi (~> 1.4)
      rails-dom-testing (~> 2.0)
      rails-html-sanitizer (~> 1.1, >= 1.2.0)
    active_campaign (0.1.16)
      httpi (>= 1.0, < 3.0)
      multi_json (>= 1.0, < 2)
    active_flag (1.6.0)
      activerecord (>= 5)
    active_link_to (1.0.5)
      actionpack
      addressable
    active_scaffold (3.6.17)
      cow_proxy (~> 0.3)
      ice_nine (~> 0.11)
      rails (>= 4.2.0, < 6.2)
      request_store (~> 1.3)
    active_scaffold_sortable (3.3.8)
      active_scaffold (>= 3.6.0.pre)
    activeadmin (2.13.1)
      arbre (~> 1.2, >= 1.2.1)
      formtastic (>= 3.1, < 5.0)
      formtastic_i18n (~> 0.4)
      inherited_resources (~> 1.7)
      jquery-rails (~> 4.2)
      kaminari (~> 1.0, >= 1.2.1)
      railties (>= 6.1, < 7.1)
      ransack (>= 2.1.1, < 4)
    activeadmin-select2 (0.1.8)
      activeadmin
      jquery-rails
      select2-rails
    activejob (6.1.7.3)
      activesupport (= 6.1.7.3)
      globalid (>= 0.3.6)
    activemerchant (1.129.0)
      activesupport (>= 4.2)
      builder (>= 2.1.2, < 4.0.0)
      i18n (>= 0.6.9)
      nokogiri (~> 1.4)
      rexml (~> 3.2.5)
    activemodel (6.1.7.3)
      activesupport (= 6.1.7.3)
    activemodel-serializers-xml (1.0.2)
      activemodel (> 5.x)
      activesupport (> 5.x)
      builder (~> 3.1)
    activerecord (6.1.7.3)
      activemodel (= 6.1.7.3)
      activesupport (= 6.1.7.3)
    activerecord-analyze (0.11.1)
      activerecord
      railties
    activerecord-mysql2spatial-adapter (0.4.3)
      mysql2 (>= 0.2.13)
      rgeo-activerecord (~> 0.4.5)
    activeresource (6.0.0)
      activemodel (>= 6.0)
      activemodel-serializers-xml (~> 1.0)
      activesupport (>= 6.0)
    activestorage (6.1.7.3)
      actionpack (= 6.1.7.3)
      activejob (= 6.1.7.3)
      activerecord (= 6.1.7.3)
      activesupport (= 6.1.7.3)
      marcel (~> 1.0)
      mini_mime (>= 1.1.0)
    activesupport (6.1.7.3)
      concurrent-ruby (~> 1.0, >= 1.0.2)
      i18n (>= 1.6, < 2)
      minitest (>= 5.1)
      tzinfo (~> 2.0)
      zeitwerk (~> 2.3)
    acts_as_list (1.1.0)
      activerecord (>= 4.2)
    acts_as_reportable (1.1.1)
      ruport (>= 1.6.0)
    adal (1.0.0)
      jwt (~> 1.5)
      nokogiri (~> 1.6)
      uri_template (~> 0.7)
    addressable (2.8.4)
      public_suffix (>= 2.0.2, < 6.0)
    administrate (0.18.0)
      actionpack (>= 5.0)
      actionview (>= 5.0)
      activerecord (>= 5.0)
      jquery-rails (>= 4.0)
      kaminari (>= 1.0)
      sassc-rails (~> 2.1)
      selectize-rails (~> 0.6)
    administrate-field-nested_has_many (1.3.0)
      administrate (> 0.8, < 1)
      cocoon (~> 1.2, >= 1.2.11)
    admqr_knife (0.2.0)
      api_tools
      thor
    airtable (0.0.9)
      httparty
    alba (2.3.0)
    algoliasearch (1.27.5)
      httpclient (~> 2.8, >= 2.8.3)
      json (>= 1.5.1)
    aliyun-sdk (0.8.0)
      nokogiri (~> 1.6)
      rest-client (~> 2.0)
    amazing_print (1.5.0)
    amq-protocol (2.3.2)
    amqp (1.8.0)
      amq-protocol (>= 2.2.0)
      eventmachine
    analytical (3.0.12)
    anbt-sql-formatter (0.1.0)
    anemone (0.7.2)
      nokogiri (>= 1.3.0)
      robotex (>= 1.0.0)
    ansi (1.5.0)
    api_cache (0.3.0)
    api_tools (0.1.1)
      multi_json
      rest-client (~> 2.0)
    apt-spy2 (0.4.0)
      colored (>= 1.2)
      json
      thor (>= 0.18.1)
    ar_mailer (1.5.1)
    arbre (1.5.0)
      activesupport (>= 3.0.0, < 7.1)
      ruby2_keywords (>= 0.0.2, < 1.0)
    archive (0.0.6)
      ffi (~> 1.9.3)
    archive-zip (0.12.0)
      io-like (~> 0.3.0)
    arel (9.0.0)
    asciidoctor (2.0.20)
    aslakhellesoy-cucumber (0.3.104)
      builder (>= 2.1.2)
      diff-lcs (>= 1.1.2)
      polyglot (>= 0.2.9)
      term-ansicolor (>= 1.0.3)
      treetop (>= 1.4.2)
    ast (2.4.2)
    atomos (0.1.3)
    attribute_struct (0.4.4)
      bogo (>= 0.1.31, < 0.3.0)
    attributor (7.0)
      activesupport (>= 3)
      hashie (~> 3)
      randexp (~> 0)
    avo (2.33.1)
      actionview (>= 6.0)
      active_link_to
      activerecord (>= 6.0)
      addressable
      docile
      dry-initializer
      httparty
      inline_svg
      meta-tags
      pagy
      turbo-rails
      view_component (>= 2.54.0)
      zeitwerk (>= 2.6.2)
    awestruct (0.6.6)
      asciidoctor (>= 1.5.2)
      git (~> 1.2, >= 1.2.6)
      guard (~> 2.0, >= 2.13.0)
      guard-livereload (~> 2.0, >= 2.1.2)
      haml (>= 4.0.5, < 6.0)
      listen (~> 3.1)
      logging (~> 2.2)
      mime-types (~> 3.0)
      oga (~> 2.0)
      parallel (~> 1.0, > 1.1.1)
      rack (~> 2.0)
      rest-client (~> 2.0)
      tilt (~> 2.0, >= 2.0.1)
    awestruct-ibeams (0.4.3)
      awestruct (>= 0.5.6, < 0.7.0)
      naturally (~> 2.1.0)
    aws-eventstream (1.2.0)
    aws-partitions (1.771.0)
    aws-sdk-acm (1.55.0)
      aws-sdk-core (~> 3, >= 3.165.0)
      aws-sigv4 (~> 1.1)
    aws-sdk-cloudformation (1.77.0)
      aws-sdk-core (~> 3, >= 3.165.0)
      aws-sigv4 (~> 1.1)
    aws-sdk-core (3.173.1)
      aws-eventstream (~> 1, >= 1.0.2)
      aws-partitions (~> 1, >= 1.651.0)
      aws-sigv4 (~> 1.5)
      jmespath (~> 1, >= 1.6.1)
    aws-sdk-ec2 (1.380.0)
      aws-sdk-core (~> 3, >= 3.165.0)
      aws-sigv4 (~> 1.1)
    aws-sdk-ecr (1.58.0)
      aws-sdk-core (~> 3, >= 3.165.0)
      aws-sigv4 (~> 1.1)
    aws-sdk-kms (1.64.0)
      aws-sdk-core (~> 3, >= 3.165.0)
      aws-sigv4 (~> 1.1)
    aws-sdk-s3 (1.122.0)
      aws-sdk-core (~> 3, >= 3.165.0)
      aws-sdk-kms (~> 1)
      aws-sigv4 (~> 1.4)
    aws-sdk-sns (1.60.0)
      aws-sdk-core (~> 3, >= 3.165.0)
      aws-sigv4 (~> 1.1)
    aws-sdk-ssm (1.150.0)
      aws-sdk-core (~> 3, >= 3.165.0)
      aws-sigv4 (~> 1.1)
    aws-sigv4 (1.5.2)
      aws-eventstream (~> 1, >= 1.0.2)
    azure (0.0.0)
    backtrack-xpath (0.2.2)
    base91 (0.0.1)
    bashcov (3.0.2)
      simplecov (~> 0.21.2)
    bcrypt (3.1.18)
    beaker (5.2.0)
      beaker-hostgenerator
      ed25519 (~> 1.0)
      hocon (~> 1.0)
      in-parallel (>= 0.1, < 2.0)
      inifile (~> 3.0)
      minitar (~> 0.6)
      minitest (~> 5.4)
      net-scp (>= 1.2, < 5.0)
      net-ssh (>= 5.0)
      rexml
      rsync (~> 1.0.9)
      stringify-hash (~> 0.0)
      thor (>= 1.0.1, < 2.0)
    beaker-hostgenerator (2.2.0)
      deep_merge (~> 1.0)
    beetle (0.2.5)
      activesupport (>= 2.3.4)
      amqp (>= 0.6.7)
      bunny (>= 0.6.0)
      daemons (>= 1.0.10)
      redis (>= 2.0.4)
      uuid4r (>= 0.1.1)
    big-phoney (0.1.4)
    binary_struct (2.1.0)
    bindler (0.1.4)
    blacklight (8.0.1)
      globalid
      i18n (>= 1.7.0)
      jbuilder (~> 2.7)
      kaminari (>= 0.15)
      ostruct (>= 0.3.2)
      rails (>= 6.1, < 8)
      view_component (>= 2.66, < 3.1)
    blacklight-gallery (4.3.0)
      blacklight (>= 7.17, < 9)
      rails (>= 6.1, < 8)
    bogo (0.2.16)
      hashie
      multi_json
    bones (3.9.0)
      little-plugger (~> 1.1)
      loquacious (~> 1.9)
      rake (~> 13.0)
      rdoc (~> 6.0)
    browse-everything (1.2.0)
      addressable (~> 2.5)
      aws-sdk-s3
      dropbox_api (>= 0.1.20)
      google-apis-drive_v3
      googleauth (>= 0.6.6, < 2.0)
      rails (>= 4.2, < 7.1)
      ruby-box
      signet (~> 0.8)
      typhoeus
    bson (4.15.0)
    bson_ext (1.5.1)
    builder (3.2.4)
    bunny (0.7.13)
    c32 (0.3.0)
    caldecott-client (0.0.2)
      multi_json (~> 1.3)
    capify-ec2 (1.7.0)
      capistrano (~> 2.14)
      colored (= 1.2)
      fog (>= 1.23.0)
    capistrano (2.15.10)
      highline
      net-scp (>= 1.0.0)
      net-sftp (>= 2.0.0)
      net-ssh (>= 2.0.14)
      net-ssh-gateway (>= 1.1.0)
    capistrano-scm-none (0.1.1)
    capybara (3.39.1)
      addressable
      matrix
      mini_mime (>= 0.1.3)
      nokogiri (~> 1.8)
      rack (>= 1.6.0)
      rack-test (>= 0.6.3)
      regexp_parser (>= 1.5, < 3.0)
      xpath (~> 3.2)
    caracal (1.4.1)
      nokogiri (~> 1.6)
      rubyzip (~> 1.1)
      tilt (>= 1.4)
    caracal-rails (1.0.2)
      caracal (~> 1.0)
      rails (>= 3.2)
    cassandra (0.23.0)
      json
      rake
      simple_uuid (~> 0.3)
      thrift_client (~> 0.7, < 0.9)
    cfndsl (0.15.0)
    childprocess (3.0.0)
    chromedriver-helper (1.2.0)
      archive-zip (~> 0.10)
      nokogiri (~> 1.8)
    chronic (0.10.2)
    chronic_duration (0.10.6)
      numerizer (~> 0.1.1)
    chunky_png (1.4.0)
    claide (1.1.0)
    claide-plugins (0.9.2)
      cork
      nap
      open4 (~> 1.3)
    clickhouse (0.1.10)
      activesupport (>= 4.1.8)
      bundler (>= 1.13.4)
      erubis
      faraday
      launchy
      pond
      sinatra
      thor
    clickhouse-activerecord (0.5.14)
      activerecord (>= 5.2)
      bundler (>= 1.13.4)
    climate_control (0.2.0)
    cloudwalk_handshake (1.22.1)
      funky-simplehttp (~> 0.6)
    cocoapods (1.12.1)
      addressable (~> 2.8)
      claide (>= 1.0.2, < 2.0)
      cocoapods-core (= 1.12.1)
      cocoapods-deintegrate (>= 1.0.3, < 2.0)
      cocoapods-downloader (>= 1.6.0, < 2.0)
      cocoapods-plugins (>= 1.0.0, < 2.0)
      cocoapods-search (>= 1.0.0, < 2.0)
      cocoapods-trunk (>= 1.6.0, < 2.0)
      cocoapods-try (>= 1.1.0, < 2.0)
      colored2 (~> 3.1)
      escape (~> 0.0.4)
      fourflusher (>= 2.3.0, < 3.0)
      gh_inspector (~> 1.0)
      molinillo (~> 0.8.0)
      nap (~> 1.0)
      ruby-macho (>= 2.3.0, < 3.0)
      xcodeproj (>= 1.21.0, < 2.0)
    cocoapods-bin (0.1.30)
      cocoapods (~> 1.4)
      cocoapods-generate (~> 1.4)
      parallel
    cocoapods-clean (0.0.1)
    cocoapods-core (1.12.1)
      activesupport (>= 5.0, < 8)
      addressable (~> 2.8)
      algoliasearch (~> 1.0)
      concurrent-ruby (~> 1.1)
      fuzzy_match (~> 2.0.4)
      nap (~> 1.0)
      netrc (~> 0.11)
      public_suffix (~> 4.0)
      typhoeus (~> 1.0)
    cocoapods-deintegrate (1.0.5)
    cocoapods-downloader (1.6.3)
    cocoapods-generate (1.4.1)
    cocoapods-packager-pro (1.5.4)
      cocoapods (>= 1.1.1, < 2.0)
    cocoapods-plugins (1.0.0)
      nap
    cocoapods-search (1.0.1)
    cocoapods-tdfire-binary (2.0.9)
      cocoapods (~> 1.2)
      cocoapods-bin
      cocoapods-packager-pro (~> 1.5.0)
    cocoapods-trunk (1.6.0)
      nap (>= 0.8, < 2.0)
      netrc (~> 0.11)
    cocoapods-try (1.2.0)
    cocoon (1.2.15)
    coderay (1.1.3)
    coffee-react (4.0.1)
      execjs
    coffee-script (2.4.1)
      coffee-script-source
      execjs
    coffee-script-source (1.12.2)
    colored (1.2)
    colored2 (3.1.2)
    colorize (0.8.1)
    commander (4.4.5)
      highline (~> 1.7.2)
    compare-xml (0.66)
      nokogiri (~> 1.8)
    compass (0.12.2)
      chunky_png (~> 1.2)
      fssm (>= 0.2.7)
      sass (~> 3.1)
    compass-960-plugin (0.10.4)
      compass (>= 0.10.0)
    compass-colors (0.9.0)
      compass (>= 0.8.7)
    concur (2.1.1)
    concurrent-ruby (1.2.2)
    connection_pool (2.4.1)
    content_disposition (1.0.0)
    contentful (2.11.1)
      http (> 0.8, < 4.0)
      multi_json (~> 1)
    contentful-management (1.10.1)
      http (> 1.0, < 3.0)
      json (~> 1.8)
      multi_json (~> 1)
    contentful-scheduler-custom (1.7.4)
      chronic (~> 0.10)
      contentful (~> 2.11.1)
      contentful-management (~> 1.8)
      contentful-webhook-listener (~> 0.2)
      redis (~> 4.0.1)
      resque (~> 1.27.4)
      resque-scheduler (~> 4.3.1)
    contentful-webhook-listener (0.3.0)
    cool.io (1.7.1)
    cork (0.3.0)
      colored2 (~> 3.1)
    couchrest (2.0.1)
      httpclient (~> 2.8)
      mime-types (>= 1.15)
      multi_json (~> 1.7)
    couchrest_model (2.0.3)
      activemodel (>= 4.0, >= 3.0)
      couchrest (>= 1.2)
      mime-types (>= 1.16)
      tzinfo (>= 0.3.22)
    countdownlatch (1.0.0)
    cow_proxy (0.3.3)
    cowtech-extensions (1.4.1)
      actionpack
      jeweler
    cowtech-rails (3.0.2)
      actionmailer (>= 3.2.0)
      actionpack (>= 3.2.0)
      activerecord (>= 3.2.0)
      bson_ext (>= 1.5.0)
      cowtech-extensions (>= 1.4.0)
      mongoid (>= 2.4.0)
      rake (>= 0.9.0)
    crass (1.0.6)
    cucumber (4.1.0)
      builder (~> 3.2, >= 3.2.3)
      cucumber-core (~> 7.1, >= 7.1.0)
      cucumber-create-meta (~> 1.0.0, >= 1.0.0)
      cucumber-cucumber-expressions (~> 10.1, >= 10.1.0)
      cucumber-gherkin (~> 14.0, >= 14.0.1)
      cucumber-html-formatter (~> 7.0, >= 7.0.0)
      cucumber-messages (~> 12.2, >= 12.2.0)
      cucumber-wire (~> 3.1, >= 3.1.0)
      diff-lcs (~> 1.3, >= 1.3, < 1.4)
      multi_test (~> 0.1, >= 0.1.2)
      sys-uname (~> 1.0, >= 1.0.2)
    cucumber-core (7.1.0)
      cucumber-gherkin (~> 14.0, >= 14.0.1)
      cucumber-messages (~> 12.2, >= 12.2.0)
      cucumber-tag-expressions (~> 2.0, >= 2.0.4)
    cucumber-create-meta (1.0.0)
      cucumber-messages (~> 12.2, >= 12.2.0)
      sys-uname (~> 1.2, >= 1.2.1)
    cucumber-cucumber-expressions (10.3.0)
    cucumber-gherkin (14.2.0)
      cucumber-messages (~> 12.4, >= 12.4.0)
    cucumber-html-formatter (7.2.0)
      cucumber-messages (~> 12.4, >= 12.4.0)
    cucumber-messages (12.4.0)
      protobuf-cucumber (~> 3.10, >= 3.10.8)
    cucumber-tag-expressions (2.0.4)
    cucumber-wire (3.1.0)
      cucumber-core (~> 7.1, >= 7.1.0)
      cucumber-cucumber-expressions (~> 10.1, >= 10.1.0)
      cucumber-messages (~> 12.2, >= 12.2.0)
    da_funk (3.34.1)
      archive-zip (~> 0.5)
      bundler
      cloudwalk_handshake
      funky-emv
      posxml_parser
      rake
    daemons (1.4.1)
    daff (1.3.27)
    danger (9.2.0)
      claide (~> 1.0)
      claide-plugins (>= 0.9.2)
      colored2 (~> 3.1)
      cork (~> 0.1)
      faraday (>= 0.9.0, < 3.0)
      faraday-http-cache (~> 2.0)
      git (~> 1.7)
      kramdown (~> 2.3)
      kramdown-parser-gfm (~> 1.0)
      no_proxy_fix
      octokit (~> 5.0)
      terminal-table (>= 1, < 4)
    danger-checkstyle_reports (0.1.0)
      danger-plugin-api (~> 1.0)
    danger-plugin-api (1.0.0)
      danger (> 2.0)
    danger-simplecov_json (0.3.0)
      danger-plugin-api (~> 1.0)
    date (3.3.3)
    datet (0.0.25)
    dbd-odbc (0.2.5)
      dbi (>= 0.4.0)
    dbi (0.4.5)
      deprecated (= 2.0.1)
    debouncer (0.2.2)
    declarative (0.0.20)
    deep_merge (1.2.2)
    deject (0.2.3)
    delegate (0.3.0)
    deprecated (2.0.1)
    deprecation (1.1.0)
      activesupport
    diff-lcs (1.3)
    diffy (3.4.2)
    digest-crc (0.6.4)
      rake (>= 12.0.0, < 14.0.0)
    discourse-ember-source (3.12.2.3)
    dm-core (1.2.1)
      addressable (~> 2.3)
    dm-observer (1.2.0)
      dm-core (~> 1.2.0)
    dnssd (3.0.2)
    docile (1.4.0)
    domain_name (0.5.20190701)
      unf (>= 0.0.5, < 1.0.0)
    down (5.4.1)
      addressable (~> 2.8)
    dpl (1.10.16)
    dpl-bintray (1.10.16)
      dpl (= 1.10.16)
    drb_fileclient-reader (0.2.0)
      c32 (~> 0.3, >= 0.3.0)
    drb_fileclient-readwrite (0.1.8)
      drb_fileclient-reader (~> 0.1, >= 0.1.6)
    dropbox_api (0.1.21)
      faraday (< 3.0)
      oauth2 (~> 1.1)
    dry-configurable (1.0.1)
      dry-core (~> 1.0, < 2)
      zeitwerk (~> 2.6)
    dry-core (1.0.0)
      concurrent-ruby (~> 1.0)
      zeitwerk (~> 2.6)
    dry-inflector (1.0.0)
    dry-initializer (3.1.1)
    dry-logic (1.5.0)
      concurrent-ruby (~> 1.0)
      dry-core (~> 1.0, < 2)
      zeitwerk (~> 2.6)
    dry-schema (1.13.1)
      concurrent-ruby (~> 1.0)
      dry-configurable (~> 1.0, >= 1.0.1)
      dry-core (~> 1.0, < 2)
      dry-initializer (~> 3.0)
      dry-logic (>= 1.4, < 2)
      dry-types (>= 1.7, < 2)
      zeitwerk (~> 2.6)
    dry-types (1.7.1)
      concurrent-ruby (~> 1.0)
      dry-core (~> 1.0)
      dry-inflector (~> 1.0)
      dry-logic (~> 1.4)
      zeitwerk (~> 2.6)
    dry-validation (1.10.0)
      concurrent-ruby (~> 1.0)
      dry-core (~> 1.0, < 2)
      dry-initializer (~> 3.0)
      dry-schema (>= 1.12, < 2)
      zeitwerk (~> 2.6)
    dynarex (1.10.0)
      dynarex-import (~> 0.2, >= 0.2.2)
      dynarex-xslt (~> 0.1, >= 0.1.7)
      recordx (~> 0.6, >= 0.6.0)
      rexslt (~> 0.8, >= 0.8.0)
      rowx (~> 0.8, >= 0.8.0)
      rxraw-lineparser (~> 0.2, >= 0.2.0)
      table-formatter (~> 0.7, >= 0.7.1)
    dynarex-blog (0.7.5)
      dynarex
      hashcache
      polyrex
    dynarex-import (0.2.2)
      rexslt
    dynarex-xslt (0.1.7)
    ebcdic_converter (1.2.1)
    ebnf (2.3.2)
      htmlentities (~> 4.3)
      rdf (~> 3.2)
      scanf (~> 1.0)
      sxp (~> 1.2)
      unicode-types (~> 1.8)
    ed25519 (1.3.0)
    ejson (1.3.1)
    ejson_wrapper (0.4.1)
      aws-sdk-kms
      ejson
    em-websocket (0.5.3)
      eventmachine (>= 0.12.9)
      http_parser.rb (~> 0)
    emblem-source (0.4.0)
    encrypted_strings (0.3.3)
    english (0.7.0)
    enum_attributes_validation (0.1.7)
      activerecord
      activesupport
    equatable (0.5.0)
    equivalent-xml (0.6.0)
      nokogiri (>= 1.4.3)
    erubi (1.12.0)
    erubis (2.7.0)
    escape (0.0.4)
    et-orbi (1.2.7)
      tzinfo
    ethon (0.12.0)
      ffi (>= 1.3.0)
    eventmachine (1.2.7)
    evernote-thrift (1.25.2)
    excon (0.99.0)
    execjs (2.8.1)
    exif (2.2.4)
    expressir (1.2.8)
      rice (~> 4.0.3)
      thor (~> 1.0)
    factory_bot (6.2.1)
      activesupport (>= 5.0.0)
    factory_bot-preload (0.3.1)
      activerecord
      factory_bot
    faker (3.2.0)
      i18n (>= 1.8.11, < 2)
    faraday (2.7.5)
      faraday-net_http (>= 2.0, < 3.1)
      ruby2_keywords (>= 0.0.4)
    faraday-http-cache (2.5.0)
      faraday (>= 0.8)
    faraday-net_http (3.0.2)
    faraday-retry (2.1.0)
      faraday (~> 2.0)
    fast_inserter (2.0.0)
      activerecord (>= 4.1.0)
    fast_xs (0.8.0)
    fastlane-plugin-android_change_package_identifier (0.1.0)
    fastlane-plugin-slack_bot (1.4.0)
    ffi (1.9.25)
    finite_machine (0.14.0)
      concurrent-ruby (~> 1.0)
      sync (~> 0.5)
    fir-cli (2.0.21)
      CFPropertyList
      admqr_knife (~> 0.2.0)
      api_tools (~> 0.1.1)
      rest-client (~> 2.0)
      rexml
      rqrcode (~> 0.7)
      ruby_android_apk (~> 0.7.7.1)
      thor (~> 1.2.1)
    fiscali (2.4.4)
      activesupport
    fission (0.2.0)
    flatpickr_rails (1.1.0)
      railties (>= 3.0)
    flipper (0.28.0)
      concurrent-ruby (< 2)
    flipper-rails (0.1.0)
      flipper
      railties
    fluent-mixin-plaintextformatter (0.2.6)
      fluentd
      ltsv
    fluent-plugin-genhashvalue (1.1)
      base91 (>= 0.0.1)
      fluentd (>= 0.14.0, < 2)
      murmurhash3 (>= 0.1.6)
    fluent-plugin-reemit (0.3.2)
      fluentd
    fluent-plugin-rewrite (0.1.1)
      fluentd (>= 0.14.8, < 2)
    fluent-plugin-timescaledb (1.0.1)
      pg (~> 1.1)
    fluentd (1.16.1)
      bundler
      cool.io (>= 1.4.5, < 2.0.0)
      http_parser.rb (>= 0.5.1, < 0.9.0)
      msgpack (>= 1.3.1, < 2.0.0)
      serverengine (>= 2.3.2, < 3.0.0)
      sigdump (~> 0.2.2)
      strptime (>= 0.2.4, < 1.0.0)
      tzinfo (>= 1.0, < 3.0)
      tzinfo-data (~> 1.0)
      webrick (~> 1.4)
      yajl-ruby (~> 1.0)
    fog (1.41.0)
      fog-aliyun (>= 0.1.0)
      fog-atmos
      fog-aws (>= 0.6.0)
      fog-brightbox (~> 0.4)
      fog-cloudatcost (~> 0.1.0)
      fog-core (~> 1.45)
      fog-digitalocean (>= 0.3.0)
      fog-dnsimple (~> 1.0)
      fog-dynect (~> 0.0.2)
      fog-ecloud (~> 0.1)
      fog-google (<= 0.1.0)
      fog-internet-archive
      fog-joyent
      fog-json
      fog-local
      fog-openstack
      fog-powerdns (>= 0.1.1)
      fog-profitbricks
      fog-rackspace
      fog-radosgw (>= 0.0.2)
      fog-riakcs
      fog-sakuracloud (>= 0.0.4)
      fog-serverlove
      fog-softlayer
      fog-storm_on_demand
      fog-terremark
      fog-vmfusion
      fog-voxel
      fog-vsphere (>= 0.4.0)
      fog-xenserver
      fog-xml (~> 0.1.1)
      ipaddress (~> 0.5)
      json (>= 1.8, < 2.0)
    fog-aliyun (0.4.0)
      addressable (~> 2.8.0)
      aliyun-sdk (~> 0.8.0)
      fog-core
      fog-json
      ipaddress (~> 0.8)
      xml-simple (~> 1.1)
    fog-atmos (0.1.0)
      fog-core
      fog-xml
    fog-aws (2.0.1)
      fog-core (~> 1.38)
      fog-json (~> 1.0)
      fog-xml (~> 0.1)
      ipaddress (~> 0.8)
    fog-brightbox (0.16.1)
      dry-inflector
      fog-core
      fog-json
      mime-types
    fog-cloudatcost (0.1.2)
      fog-core (~> 1.36)
      fog-json (~> 1.0)
      fog-xml (~> 0.1)
      ipaddress (~> 0.8)
    fog-core (1.45.0)
      builder
      excon (~> 0.58)
      formatador (~> 0.2)
    fog-digitalocean (0.4.0)
      fog-core
      fog-json
      fog-xml
      ipaddress (>= 0.5)
    fog-dnsimple (1.0.0)
      fog-core (~> 1.38)
      fog-json (~> 1.0)
    fog-dynect (0.0.3)
      fog-core
      fog-json
      fog-xml
    fog-ecloud (0.3.0)
      fog-core
      fog-xml
    fog-google (0.1.0)
      fog-core
      fog-json
      fog-xml
    fog-internet-archive (0.0.2)
      fog-core
      fog-json
      fog-xml
    fog-joyent (0.0.1)
      fog-core (~> 1.42)
      fog-json (>= 1.0)
    fog-json (1.2.0)
      fog-core
      multi_json (~> 1.10)
    fog-local (0.8.0)
      fog-core (>= 1.27, < 3.0)
    fog-openstack (0.3.10)
      fog-core (>= 1.45, <= 2.1.0)
      fog-json (>= 1.0)
      ipaddress (>= 0.8)
    fog-powerdns (0.2.0)
      fog-core
      fog-json
      fog-xml
    fog-profitbricks (4.1.1)
      fog-core (~> 1.42)
      fog-json (~> 1.0)
    fog-rackspace (0.1.6)
      fog-core (>= 1.35)
      fog-json (>= 1.0)
      fog-xml (>= 0.1)
      ipaddress (>= 0.8)
    fog-radosgw (0.0.5)
      fog-core (>= 1.21.0)
      fog-json
      fog-xml (>= 0.0.1)
    fog-riakcs (0.1.0)
      fog-core
      fog-json
      fog-xml
    fog-sakuracloud (1.7.5)
      fog-core
      fog-json
    fog-serverlove (0.1.2)
      fog-core
      fog-json
    fog-softlayer (1.1.4)
      fog-core
      fog-json
    fog-storm_on_demand (0.1.1)
      fog-core
      fog-json
    fog-terremark (0.1.0)
      fog-core
      fog-xml
    fog-vmfusion (0.1.0)
      fission
      fog-core
    fog-voxel (0.1.0)
      fog-core
      fog-xml
    fog-vsphere (3.5.3)
      fog-core
      rbvmomi (>= 1.9, < 3)
    fog-xenserver (1.0.0)
      fog-core
      fog-xml
      xmlrpc
    fog-xml (0.1.4)
      fog-core
      nokogiri (>= 1.5.11, < 2.0.0)
    forestadmin-jsonapi-serializers (2.0.0.pre.beta.2)
      activesupport
    formatador (0.3.0)
    formtastic (4.0.0)
      actionpack (>= 5.2.0)
    formtastic_i18n (0.7.0)
    forward (0.0.1)
    fourflusher (2.3.1)
    frank-cucumber (1.2.2)
      cucumber
      dnssd
      i18n
      json
      plist
      rspec (>= 2.0)
      sim_launcher (>= 0.4.6)
      thor
      xcodeproj (>= 0.5.3)
    free_disk_space (1.0.0)
      sys-filesystem
    fssm (0.2.10)
    fugit (1.8.1)
      et-orbi (~> 1, >= 1.2.7)
      raabro (~> 1.4)
    funky-emv (1.4.1)
      funky-tlv (~> 0.2)
    funky-simplehttp (0.6.0)
    funky-tlv (0.2.3)
    fuzzy_match (2.0.4)
    gapic-common (0.19.0)
      faraday (>= 1.9, < 3.a)
      faraday-retry (>= 1.0, < 3.a)
      google-protobuf (~> 3.14)
      googleapis-common-protos (>= 1.3.12, < 2.a)
      googleapis-common-protos-types (>= 1.3.1, < 2.a)
      googleauth (~> 1.0)
      grpc (~> 1.36)
    gdbm (2.1.0)
    gem-path (0.7.0)
    gemcutter (0.7.1)
    gh_inspector (1.1.3)
    gindex (0.3.0)
      railties (>= 5.2)
    git (1.18.0)
      addressable (~> 2.8)
      rchardet (~> 1.8)
    gli (2.21.0)
    global_uid (4.3.0)
      activerecord (>= 4.2.0, < 7.1)
      activesupport
      mysql2
    globalid (1.1.0)
      activesupport (>= 5.0)
    google-apis-core (0.11.0)
      addressable (~> 2.5, >= 2.5.1)
      googleauth (>= 0.16.2, < 2.a)
      httpclient (>= 2.8.1, < 3.a)
      mini_mime (~> 1.0)
      representable (~> 3.0)
      retriable (>= 2.0, < 4.a)
      rexml
      webrick
    google-apis-drive_v3 (0.40.0)
      google-apis-core (>= 0.11.0, < 2.a)
    google-apis-iamcredentials_v1 (0.17.0)
      google-apis-core (>= 0.11.0, < 2.a)
    google-apis-storage_v1 (0.19.0)
      google-apis-core (>= 0.9.0, < 2.a)
    google-cloud-core (1.6.0)
      google-cloud-env (~> 1.0)
      google-cloud-errors (~> 1.0)
    google-cloud-env (1.6.0)
      faraday (>= 0.17.3, < 3.0)
    google-cloud-errors (1.3.1)
    google-cloud-location (0.4.0)
      gapic-common (>= 0.17.1, < 2.a)
      google-cloud-errors (~> 1.0)
    google-cloud-storage (1.44.0)
      addressable (~> 2.8)
      digest-crc (~> 0.4)
      google-apis-iamcredentials_v1 (~> 0.1)
      google-apis-storage_v1 (~> 0.19.0)
      google-cloud-core (~> 1.6)
      googleauth (>= 0.16.2, < 2.a)
      mini_mime (~> 1.0)
    google-protobuf (3.23.2-arm64-darwin)
    google_timezone (0.0.6)
    googleapis-common-protos (1.4.0)
      google-protobuf (~> 3.14)
      googleapis-common-protos-types (~> 1.2)
      grpc (~> 1.27)
    googleapis-common-protos-types (1.6.0)
      google-protobuf (~> 3.14)
    googleauth (1.5.2)
      faraday (>= 0.17.3, < 3.a)
      jwt (>= 1.4, < 3.0)
      memoist (~> 0.16)
      multi_json (~> 1.11)
      os (>= 0.9, < 2.0)
      signet (>= 0.16, < 2.a)
    gosu (1.4.6)
    gpd-request (0.3.0)
    grape-instrumentation (0.2.0)
      opentracing (~> 0.3)
      sfx-rack-tracer (~> 0.10)
    graphite_graph (0.0.8)
    grit (2.0.0)
      diff-lcs (>= 1.1.2)
      mime-types (>= 1.15)
    grpc (1.55.0)
      google-protobuf (~> 3.23)
      googleapis-common-protos-types (~> 1.0)
    guard (2.18.0)
      formatador (>= 0.2.4)
      listen (>= 2.7, < 4.0)
      lumberjack (>= 1.0.12, < 2.0)
      nenv (~> 0.1)
      notiffany (~> 0.0)
      pry (>= 0.13.0)
      shellany (~> 0.0)
      thor (>= 0.18.1)
    guard-compat (1.2.1)
    guard-livereload (2.5.2)
      em-websocket (~> 0.5)
      guard (~> 2.8)
      guard-compat (~> 1.0)
      multi_json (~> 1.8)
    guard-process (1.2.1)
      guard-compat (~> 1.2, >= 1.2.1)
      spoon (~> 0.0.1)
    haml (5.2.2)
      temple (>= 0.8.0)
      tilt
    has-bit-field (2.0.0)
    has_scope (0.8.1)
      actionpack (>= 5.2)
      activesupport (>= 5.2)
    hashcache (0.2.10)
      chronic_duration
    hashdiff (1.0.1)
    hashie (3.6.0)
    highline (1.7.10)
    hirb (0.7.3)
    hocon (1.4.0)
    hooks (0.4.1)
      uber (~> 0.0.14)
    htmlentities (4.3.4)
    http (2.2.2)
      addressable (~> 2.3)
      http-cookie (~> 1.0)
      http-form_data (~> 1.0.1)
      http_parser.rb (~> 0.6.0)
    http-accept (1.7.0)
    http-cookie (1.0.5)
      domain_name (~> 0.5)
    http-form_data (1.0.3)
    http-parser-lite (0.6.0)
    http2 (0.0.36)
      string-cases (~> 0)
    http_parser.rb (0.6.0)
    httparty (0.21.0)
      mini_mime (>= 1.0.0)
      multi_xml (>= 0.5.2)
    httpclient (2.8.3)
    httpi (2.5.0)
      rack
      socksify
    i18n (1.13.0)
      concurrent-ruby (~> 1.0)
    i18n-country-translations (1.4.1)
      i18n (>= 0.9.3, < 2)
      railties (>= 5.0)
    i18n_country_select (1.0.4)
      i18n-country-translations (>= 0.0.1)
    ice_nine (0.11.2)
    ifttt-gdash (0.0.8)
      graphite_graph (~> 0.0.8)
      redcarpet
      sinatra
    image_size (3.3.0)
    in-parallel (1.0.0)
    inherited_resources (1.13.1)
      actionpack (>= 5.2, < 7.1)
      has_scope (~> 0.6)
      railties (>= 5.2, < 7.1)
      responders (>= 2, < 4)
    inifile (3.0.0)
    iniparser (1.0.1)
    inline_svg (1.9.0)
      activesupport (>= 3.0)
      nokogiri (>= 1.6)
    interactor (3.1.2)
    interactor-contracts (0.3.0)
      dry-validation (~> 1.0)
      interactor (~> 3)
    io-like (0.3.1)
    iodine (0.7.55)
    ipaddress (0.8.3)
    itriagetestrail (1.1.1)
      tzinfo
    jamespath (0.5.1)
    jbuilder (2.11.5)
      actionview (>= 5.0.0)
      activesupport (>= 5.0.0)
    jcrop-rails-v2 (0.9.12.3)
    jeweler (1.4.0)
      gemcutter (>= 0.1.0)
      git (>= 1.2.5)
      rubyforge (>= 2.0.0)
    jmespath (1.6.2)
    jquery-rails (4.5.1)
      rails-dom-testing (>= 1, < 3)
      railties (>= 4.2.0)
      thor (>= 0.14, < 2.0)
    json (1.8.6)
    json-canonicalization (0.3.2)
    json-ld (3.2.5)
      htmlentities (~> 4.3)
      json-canonicalization (~> 0.3, >= 0.3.2)
      link_header (~> 0.0, >= 0.0.8)
      multi_json (~> 1.15)
      rack (>= 2.2, < 4)
      rdf (~> 3.2, >= 3.2.10)
    json-ld-preloaded (3.2.2)
      json-ld (~> 3.2)
      rdf (~> 3.2)
    json_pure (2.6.3)
    jsonrpc-client (0.1.3)
      faraday
      multi_json (>= 1.1.0)
    jwt (1.5.6)
    kaminari (1.2.2)
      activesupport (>= 4.1.0)
      kaminari-actionview (= 1.2.2)
      kaminari-activerecord (= 1.2.2)
      kaminari-core (= 1.2.2)
    kaminari-actionview (1.2.2)
      actionview
      kaminari-core (= 1.2.2)
    kaminari-activerecord (1.2.2)
      activerecord
      kaminari-core (= 1.2.2)
    kaminari-core (1.2.2)
    klaviyo (2.4.0)
      escape
      faraday
      json
      rack
    knife-block (0.1.1)
    knjrbfw (0.0.115)
      datet
      http2
      php4r
      ruby_process
      tsafe
      wref (>= 0.0.8)
    komachi_heartbeat (2.5.0)
      rails (>= 4.1.0)
      redis
    kramdown (2.4.0)
      rexml
    kramdown-parser-gfm (1.1.0)
      kramdown (~> 2.0)
    kvx (1.1.3)
      line-tree (~> 0.9, >= 0.9.4)
      rxfreadwrite (~> 0.2, >= 0.2.6)
    launchy (2.5.2)
      addressable (~> 2.8)
    line-tree (0.9.4)
      rexle (~> 1.5, >= 1.5.14)
    link_header (0.0.8)
    listen (3.8.0)
      rb-fsevent (~> 0.10, >= 0.10.3)
      rb-inotify (~> 0.9, >= 0.9.10)
    listjs-rails (1.1.1)
      railties (>= 3.1.0)
    little-plugger (1.1.4)
    log4r (1.1.10)
    log_switch (0.3.0)
    logger (1.5.3)
    logging (2.3.1)
      little-plugger (~> 1.1)
      multi_json (~> 1.14)
    loofah (2.21.3)
      crass (~> 1.0.2)
      nokogiri (>= 1.12.0)
    loquacious (1.9.1)
    ltsv (0.1.2)
    lumberjack (1.2.8)
    lxc (0.6.0)
      ztk
    mail (2.8.1)
      mini_mime (>= 0.1.1)
      net-imap
      net-pop
      net-smtp
    mailread (0.9.2)
    mapping (1.1.1)
    marcel (1.0.2)
    master_manipulator (2.1.1)
      beaker (>= 2.7.0)
      multi_json
    matrix (0.4.2)
    memoist (0.16.2)
    meta-tags (2.18.0)
      actionpack (>= 3.2.0, < 7.1)
    metanorma (1.2.2)
      asciidoctor
      htmlentities
      mn2pdf (~> 1)
      nokogiri
      pry
    method_profiler (2.0.1)
      hirb (>= 0.6.0)
    method_source (1.0.0)
    methodfinder (2.2.5)
    middleware (0.1.0)
    mime (0.4.4)
    mime-types (3.4.1)
      mime-types-data (~> 3.2015)
    mime-types-data (3.2023.0218.1)
    mimemagic (0.3.10)
      nokogiri (~> 1)
      rake
    mina (1.2.4)
      open4 (~> 1.3.4)
      rake
    mina-puma (1.1.0)
      mina (~> 1.2.0)
      puma (>= 2.13)
    mini_magick (4.12.0)
    mini_mime (1.1.2)
    minipack (0.3.6)
      actionview
      railties (>= 4.2)
    minitar (0.9)
    minitest (5.18.0)
    minitest-line (0.6.5)
      minitest (~> 5.0)
    mixlib-cli (1.7.0)
    mn2pdf (1.70)
    molinillo (0.8.0)
    moneta (1.6.0)
    mongo (2.18.2)
      bson (>= 4.14.1, < 5.0.0)
    mongoid (8.0.3)
      activemodel (>= 5.1, < 7.1, != 7.0.0)
      mongo (>= 2.18.0, < 3.0.0)
      ruby2_keywords (~> 0.0.5)
    mono_logger (1.1.2)
    msgpack (1.7.1)
    multi_json (1.15.0)
    multi_test (0.1.2)
    multi_xml (0.6.0)
    multipart-post (2.3.0)
    murmurhash3 (0.1.7)
    mustermann (3.0.0)
      ruby2_keywords (~> 0.0.1)
    mysql2 (0.5.5)
    nanaimo (0.3.0)
    nap (1.1.0)
    naturally (2.1.0)
    nayutaya-msgpack-pure (0.0.2)
    necromancer (0.4.0)
    nenv (0.3.0)
    nested_layouts (0.1.3)
      actionpack (>= 2.3)
    net-http-persistent (4.0.2)
      connection_pool (~> 2.2)
    net-http-spy (0.2.1)
    net-imap (0.3.4)
      date
      net-protocol
    net-pop (0.1.2)
      net-protocol
    net-protocol (0.2.1)
      timeout
    net-scp (4.0.0)
      net-ssh (>= 2.6.5, < 8.0.0)
    net-sftp (4.0.0)
      net-ssh (>= 5.0.0, < 8.0.0)
    net-smtp (0.3.3)
      net-protocol
    net-ssh (7.1.0)
    net-ssh-gateway (2.0.0)
      net-ssh (>= 4.0.0)
    netrc (0.11.0)
    netzke-basepack (6.5.0.0)
    nfnetlink (1.0.2)
      ffi
    nfqueue (1.0.4)
      ffi
      nfnetlink
    nio4r (2.5.9)
    no_proxy_fix (0.1.2)
    noid (0.9.0)
    nokogiri (1.15.2-arm64-darwin)
      racc (~> 1.4)
    normalizr (0.6.1)
    notiffany (0.1.3)
      nenv (~> 0.1)
      shellany (~> 0.0)
    null_logger (0.0.1)
    numerizer (0.1.1)
    oauth2 (1.4.11)
      faraday (>= 0.17.3, < 3.0)
      jwt (>= 1.0, < 3.0)
      multi_json (~> 1.3)
      multi_xml (~> 0.5)
      rack (>= 1.2, < 4)
    octokit (5.6.1)
      faraday (>= 1, < 3)
      sawyer (~> 0.9)
    oga (2.15)
      ast
      ruby-ll (~> 2.1)
    omniauth (1.9.2)
      hashie (>= 3.4.6)
      rack (>= 1.6.2, < 3)
    omniauth-greenhouse (1.3.1)
      omniauth (>= 1.3.1, < 2)
      omniauth-oauth2 (~> 1)
    omniauth-oauth2 (1.7.3)
      oauth2 (>= 1.4, < 3)
      omniauth (>= 1.9, < 3)
    open4 (1.3.4)
    opensrs (0.4.2)
    opentracing (0.5.0)
    optimist (3.0.1)
    os (1.1.4)
    ostruct (0.5.5)
    pager (1.0.1)
    pagy (6.0.4)
    paperclip (6.1.0)
      activemodel (>= 4.2.0)
      activesupport (>= 4.2.0)
      mime-types
      mimemagic (~> 0.3.0)
      terrapin (~> 0.6.0)
    paperclip-azure (0.3.0)
      addressable
      azure
      hashie
    parallel (1.23.0)
    parslet (1.8.2)
    pastel (0.7.2)
      equatable (~> 0.5.0)
      tty-color (~> 0.4.0)
    pdf-core (0.9.0)
    pdf417 (1.0.0)
    peek (1.1.0)
      railties (>= 4.0.0)
    peek-git (1.0.2)
      peek
    pg (1.5.3)
    phoney (0.2.1)
    php4r (0.0.4)
      datet
      http2
      string-strtr
    pidfile (0.3.0)
    pil (0.4.0)
    plist (3.7.0)
    plutus (0.17)
      kaminari (~> 1.2)
      rails (> 6.0)
    polyglot (0.3.5)
    polyrex (1.4.2)
      dynarex (~> 1.10, >= 1.10.0)
      polyrex-object-methods (~> 0.2, >= 0.2.2)
      polyrex-objects (~> 1.0, >= 1.0.3)
      recordx-xslt (~> 0.2, >= 0.2.2)
    polyrex-createobject (0.8.0)
      polyrex-schema (~> 0.5, >= 0.5.1)
    polyrex-object-methods (0.2.2)
    polyrex-objects (1.0.3)
      polyrex-createobject (~> 0.8, >= 0.8.0)
    polyrex-schema (0.5.3)
      rexle (~> 1.5, >= 1.5.7)
      rexle-builder (~> 1.0, >= 1.0.2)
    pond (0.5.0)
    posxml_parser (2.26.0)
      funky-emv (~> 1)
    power_assert (2.0.3)
    prawn (2.4.0)
      pdf-core (~> 0.9.0)
      ttfunk (~> 1.7)
    prawn-print (0.0.4)
      prawn (>= 0.12.0)
    prawn-table (0.2.2)
      prawn (>= 1.3.0, < 3.0.0)
    praxis (2.0.pre.33)
      activesupport (>= 3)
      attributor (>= 7.0)
      mime (~> 0)
      mustermann (>= 1.1)
      rack (>= 1)
      terminal-table (~> 1.4)
      thor
    presto-metrics (0.5.0)
      httparty
    procore-sift (1.0.0)
      activerecord (>= 6.1)
    progressrus (1.0.3)
      redis (>= 3.0)
      ruby-progressbar (~> 1.0)
    props (1.2.0)
      iniparser (>= 0.1.0)
    protobuf-cucumber (3.10.8)
      activesupport (>= 3.2)
      middleware
      thor
      thread_safe
    prowly (0.3.0)
    pry (0.14.2)
      coderay (~> 1.1)
      method_source (~> 1.0)
    pry-highlight (0.1.0)
      coderay
      json
      nokogiri
      pry
    psych (5.1.0)
      stringio
    public_suffix (4.0.7)
    puma (6.2.2)
      nio4r (~> 2.0)
    puppet-lint (2.5.2)
    puppet-lint-duplicate_class_parameters-check (1.0.5)
      puppet-lint (>= 1.1, < 3.0)
    puppet-lint-manifest_whitespace-check (0.3.0)
      puppet-lint (>= 1.0, < 5)
    r18n-core (5.0.1)
    r18n-desktop (5.0.1)
      r18n-core (~> 5.0)
    raabro (1.4.0)
    racc (1.6.2)
    rack (2.2.7)
    rack-fiber_pool (0.9.3)
    rack-protection (3.0.6)
      rack
    rack-test (2.1.0)
      rack (>= 1.3)
    rackup (1.0.0)
      rack (< 3)
      webrick
    rails (6.1.7.3)
      actioncable (= 6.1.7.3)
      actionmailbox (= 6.1.7.3)
      actionmailer (= 6.1.7.3)
      actionpack (= 6.1.7.3)
      actiontext (= 6.1.7.3)
      actionview (= 6.1.7.3)
      activejob (= 6.1.7.3)
      activemodel (= 6.1.7.3)
      activerecord (= 6.1.7.3)
      activestorage (= 6.1.7.3)
      activesupport (= 6.1.7.3)
      bundler (>= 1.15.0)
      railties (= 6.1.7.3)
      sprockets-rails (>= 2.0.0)
    rails-bigint-primarykey (2.0.0)
      activerecord (>= 4.2)
      railties (>= 4.2)
    rails-dom-testing (2.0.3)
      activesupport (>= 4.2.0)
      nokogiri (>= 1.6)
    rails-flog (1.6.1)
      amazing_print
      anbt-sql-formatter (>= 0.0.7)
      rails (>= 4.2.0)
    rails-html-sanitizer (1.6.0)
      loofah (~> 2.21)
      nokogiri (~> 1.14)
    rails_failover (2.0.1)
      activerecord (>= 6.1, <= 7.1)
      concurrent-ruby
      railties (>= 6.1, <= 7.1)
    rails_safe_tasks (1.0.0)
    railties (6.1.7.3)
      actionpack (= 6.1.7.3)
      activesupport (= 6.1.7.3)
      method_source
      rake (>= 12.2)
      thor (~> 1.0)
    rake (13.0.6)
    randexp (0.1.7)
    ransack (3.2.1)
      activerecord (>= 6.1.5)
      activesupport (>= 6.1.5)
      i18n
    rb-fsevent (0.11.2)
    rb-inotify (0.10.1)
      ffi (~> 1.0)
    rbvmomi (2.4.1)
      builder (~> 3.0)
      json (>= 1.8)
      nokogiri (~> 1.5)
      optimist (~> 3.0)
    rchardet (1.8.0)
    rd_awesome_nested_set (1.4.4)
      activerecord (>= 1.1)
    rd_resource_controller (1.0.1)
    rd_searchlogic (3.0.1)
      activerecord (>= 3.0.0)
    rd_unobtrusive_date_picker (0.1.0)
    rdf (3.2.10)
      link_header (~> 0.0, >= 0.0.8)
    rdf-aggregate-repo (3.2.1)
      rdf (~> 3.2)
    rdf-xsd (3.2.1)
      rdf (~> 3.2)
      rexml (~> 3.2)
    rdiscount (2.2.7)
    rdoc (6.5.0)
      psych (>= 4.0.0)
    readline-ext (0.1.5)
    recordx (0.6.0)
      kvx (~> 1.1, >= 1.1.0)
    recordx-xslt (0.2.2)
      c32 (~> 0.2, >= 0.2.0)
    redcarpet (3.6.0)
    redgreen (1.2.2)
    redis (4.0.3)
    redis-namespace (1.10.0)
      redis (>= 4)
    regex (1.1.1)
    regexp_parser (2.8.0)
    rejectu (0.1.0)
    representable (3.2.0)
      declarative (< 0.1.0)
      trailblazer-option (>= 0.1.1, < 0.2.0)
      uber (< 0.2.0)
    request_id (0.4.3)
    request_store (1.5.1)
      rack (>= 1.4)
    rescue_unique_constraint (1.6.0)
      activerecord (>= 3.2, < 7)
    responders (3.1.0)
      actionpack (>= 5.2)
      railties (>= 5.2)
    resque (1.27.4)
      mono_logger (~> 1.0)
      multi_json (~> 1.0)
      redis-namespace (~> 1.3)
      sinatra (>= 0.9.2)
      vegas (~> 0.1.2)
    resque-batched-job (1.9.0)
      resque (>= 1.25.0)
    resque-scheduler (4.3.1)
      mono_logger (~> 1.0)
      redis (>= 3.3, < 5)
      resque (~> 1.26)
      rufus-scheduler (~> 3.2)
    rest-client (2.1.0)
      http-accept (>= 1.7.0, < 2.0)
      http-cookie (>= 1.0.2, < 2.0)
      mime-types (>= 1.16, < 4.0)
      netrc (~> 0.8)
    rethinkdb (2.4.0.0)
    retriable (3.1.2)
    rexle (1.6.0)
      backtrack-xpath (~> 0.2, >= 0.2.2)
      c32 (~> 0.3, >= 0.3.0)
      rexle-builder (~> 1.0, >= 1.0.8)
      rexle-css (~> 0.2, >= 0.2.0)
      rexleparser (~> 1.0, >= 1.0.0)
    rexle-builder (1.0.8)
    rexle-css (0.2.0)
    rexleparser (1.0.1)
    rexml (3.2.5)
    rexslt (0.8.0)
      rexle (~> 1.5, >= 1.5.14)
      rxfreader (~> 0.2, >= 0.2.1)
    rgeo (3.0.0)
    rgeo-activerecord (0.4.6)
      activerecord (>= 3.0.3)
      arel (>= 2.0.6)
      rgeo (>= 0.3.20)
    rice (4.0.4)
    robotex (1.0.0)
    rocksdb-ruby (1.0.4)
    roman-numerals (0.3.0)
    rowx (0.8.0)
      line-tree (~> 0.9, >= 0.9.3)
    rqrcode (0.10.1)
      chunky_png (~> 1.0)
    rscribd (1.3.0)
      mime-types
    rspec (3.12.0)
      rspec-core (~> 3.12.0)
      rspec-expectations (~> 3.12.0)
      rspec-mocks (~> 3.12.0)
    rspec-bash (0.3.0)
      sparsify (~> 1.1)
    rspec-core (3.12.2)
      rspec-support (~> 3.12.0)
    rspec-expectations (3.12.3)
      diff-lcs (>= 1.2.0, < 2.0)
      rspec-support (~> 3.12.0)
    rspec-mocks (3.12.5)
      diff-lcs (>= 1.2.0, < 2.0)
      rspec-support (~> 3.12.0)
    rspec-protobuf (0.3.1)
      google-protobuf (>= 3)
      rspec-expectations (>= 3)
    rspec-support (3.12.0)
    rspec-twirp (0.4.1)
      rspec-expectations (>= 3)
      rspec-protobuf (>= 0.3)
      twirp (>= 1)
    rsync (1.0.9)
    ruby-box (1.15.0)
      addressable
      json
      multipart-post
      oauth2
    ruby-freshbooks (0.4.1)
      builder (>= 2.1.2)
      httparty (>= 0.5.0)
    ruby-hmac (0.4.0)
    ruby-ll (2.1.2)
      ansi
      ast
    ruby-macho (2.5.1)
    ruby-progressbar (1.13.0)
    ruby-rtf (0.0.5)
    ruby2_keywords (0.0.5)
    ruby_android_apk (0.7.7.1)
      rubyzip (>= 1.1.6)
    ruby_process (0.0.13)
      string-cases
      tsafe
      wref
    rubydoctest (1.1.5)
    rubydora (2.2.0)
      activemodel (>= 4.2.10)
      activesupport
      deprecation
      equivalent-xml
      hooks (~> 0.3)
      mime-types
      nokogiri
      rest-client
    rubyforge (2.0.4)
      json_pure (>= 1.1.7)
    rubyzip (1.3.0)
    rufus-scheduler (3.8.2)
      fugit (~> 1.1, >= 1.1.6)
    ruport (1.8.0)
      prawn (~> 2.4.0)
      prawn-table (~> 0.2.0)
    rxfreader (0.3.6)
      drb_fileclient-reader (~> 0.2, >= 0.2.0)
      gpd-request (~> 0.3, >= 0.3.0)
      rest-client (~> 2.1, >= 2.1.0)
    rxfreadwrite (0.2.7)
      drb_fileclient-readwrite (~> 0.1, >= 0.1.6)
      rxfreader (~> 0.3, >= 0.3.3)
    rxraw-lineparser (0.2.0)
    s3_uploader (0.2.3)
      fog-aws (>= 0.9.4)
      mime-types
    sass (3.7.4)
      sass-listen (~> 4.0.0)
    sass-listen (4.0.0)
      rb-fsevent (~> 0.9, >= 0.9.4)
      rb-inotify (~> 0.9, >= 0.9.7)
    sass-media_query_combiner (0.0.7)
      sass (>= 3.2.0)
    sassc (2.4.0)
      ffi (~> 1.9)
    sassc-rails (2.1.2)
      railties (>= 4.0.0)
      sassc (>= 2.0)
      sprockets (> 3.0)
      sprockets-rails
      tilt
    sawyer (0.9.2)
      addressable (>= 2.3.5)
      faraday (>= 0.17.3, < 3)
    scanf (1.0.0)
    schema_registry (0.1.1)
    scraperwiki (3.0.2)
      httpclient
      sqlite_magic
    select2-rails (4.0.13)
    selectize-rails (0.12.6)
    selenium-client (1.2.18)
    selenium-rc (2.20.0)
      selenium-client (>= 1.2.18)
    selenium-webdriver (3.142.7)
      childprocess (>= 0.5, < 4.0)
      rubyzip (>= 1.2.2)
    sensu-plugin (4.0.0)
      json (< 3.0.0)
      mixlib-cli (~> 1.5)
    sensu-plugins-java (3.0.0)
      english (= 0.7.0)
      rest-client (~> 2.0)
      sensu-plugin (~> 4.0)
    serverengine (2.3.2)
      sigdump (~> 0.2.2)
    sfx-rack-tracer (0.10.0)
      opentracing (~> 0.4)
    shellany (0.0.1)
    shex (0.7.1)
      ebnf (~> 2.2)
      htmlentities (~> 4.3)
      json-ld (~> 3.2)
      json-ld-preloaded (~> 3.2)
      rdf (~> 3.2)
      rdf-xsd (~> 3.2)
      sparql (~> 3.2)
      sxp (~> 1.2)
    shrine (3.4.0)
      content_disposition (~> 1.0)
      down (~> 5.1)
    shrine-google_cloud_storage (3.3.0)
      addressable
      google-cloud-storage (~> 1.6)
      shrine (~> 3.0)
    sigdump (0.2.4)
    signet (0.17.0)
      addressable (~> 2.8)
      faraday (>= 0.17.5, < 3.a)
      jwt (>= 1.5, < 3.0)
      multi_json (~> 1.10)
    sim_launcher (0.5.0)
      sinatra
    simple-navigation (3.14.0)
      activesupport (>= 2.3.2)
    simple-navigation-bootstrap (1.0.2)
      railties (>= 3.1)
      simple-navigation (>= 3.7.0, < 4.0.0)
    simple_bdd (0.1.0)
    simple_hl7 (1.0.2)
    simple_roles (0.0.12)
      activerecord (>= 3.1.0)
    simple_uuid (0.4.0)
    simple_xlsx_writer (0.5.3)
      fast_xs (>= 0.7.3)
      rubyzip (>= 0.9.4)
    simplecov (0.21.2)
      docile (~> 1.1)
      simplecov-html (~> 0.11)
      simplecov_json_formatter (~> 0.1)
    simplecov-html (0.12.3)
    simplecov-rcov-text (0.0.3)
    simplecov_json_formatter (0.1.4)
    sinatra (3.0.6)
      mustermann (~> 3.0)
      rack (~> 2.2, >= 2.2.4)
      rack-protection (= 3.0.6)
      tilt (~> 2.0)
    sixarm_ruby_secure_token (1.4.0)
    sms-spec (0.2.0)
      rspec (~> 3.1)
    soap2r (1.5.8)
      httpclient (>= 2.1.1)
    socialcast (1.2.3)
      activeresource (>= 2.3.11)
      highline (>= 1.6.2)
      json (>= 1.4.6)
      rest-client (>= 1.4.0)
      socialcast-net-ldap (>= 0.1.6)
      thor (>= 0.14.6)
    socialcast-git-extensions (3.1.12)
      grit
      json_pure
      rest-client (>= 1.4.0)
      socialcast (>= 1.1.4)
      thor
    socialcast-net-ldap (0.1.8)
    socksify (1.7.1)
    soda-ruby (0.2.15)
      hashie
      multipart-post
      sys-uname
    softcover (0.0.1)
    solano (1.31.3)
      addressable (~> 2.3)
      highline (~> 1.7.3)
      json (~> 1.8.3)
      launchy (~> 2.4)
      nayutaya-msgpack-pure (~> 0.0, >= 0.0.2)
      tddium_client (~> 0.6, >= 0.6.0)
      thor
    sourcemap (0.1.1)
    sparkle_formation (3.0.40)
      attribute_struct (>= 0.4.3, < 0.5)
      bogo
      multi_json
    sparql (3.2.5)
      builder (~> 3.2)
      ebnf (~> 2.2, >= 2.3.1)
      logger (~> 1.5)
      rdf (~> 3.2, >= 3.2.8)
      rdf-aggregate-repo (~> 3.2)
      rdf-xsd (~> 3.2)
      sparql-client (~> 3.2, >= 3.2.1)
      sxp (~> 1.2, >= 1.2.2)
    sparql-client (3.2.1)
      net-http-persistent (~> 4.0, >= 4.0.1)
      rdf (~> 3.2, >= 3.2.6)
    sparsify (1.1.0)
    specgen (2.1.2134)
      os
    spf-query (0.1.5)
      parslet (~> 1.0)
    spoon (0.0.6)
      ffi
    spork (0.9.2)
    spork-minitest (0.0.3)
      spork
    spree_core (0.40.0)
      activemerchant (>= 1.7.1)
      acts_as_list (>= 0.1.2)
      faker (>= 0.3.1)
      highline (>= 1.5.1)
      jquery-rails (>= 0.2.2)
      paperclip (>= 2.3.1.1)
      rails (>= 3.0.3)
      rd_awesome_nested_set (>= 1.4.4)
      rd_resource_controller
      rd_searchlogic (>= 3.0.0)
      rd_unobtrusive_date_picker (>= 0.1.0)
      state_machine (>= 0.9.4)
      stringex (>= 1.0.3)
      will_paginate (>= 3.0.pre2)
    spree_promo (0.40.0)
      spree_core (= 0.40.0)
    sprockets (4.2.0)
      concurrent-ruby (~> 1.0)
      rack (>= 2.2.4, < 4)
    sprockets-coffee-react (4.0.1)
      coffee-react (>= 3.4.0)
      coffee-script
      sprockets
      tilt
    sprockets-rails (3.4.2)
      actionpack (>= 5.2)
      activesupport (>= 5.2)
      sprockets (>= 3.0.0)
    sqlite3 (1.6.3-arm64-darwin)
    sqlite_magic (0.0.6)
      sqlite3
    stack_master (2.1.0)
      activesupport (>= 4)
      aws-sdk-acm (~> 1)
      aws-sdk-cloudformation (~> 1)
      aws-sdk-ec2 (~> 1)
      aws-sdk-ecr (~> 1)
      aws-sdk-s3 (~> 1)
      aws-sdk-sns (~> 1)
      aws-sdk-ssm (~> 1)
      cfndsl (< 1.0)
      colorize
      commander (<= 4.4.5)
      deep_merge
      diff-lcs
      diffy
      ejson_wrapper
      erubis
      hashdiff (~> 1)
      multi_json
      os
      ruby-progressbar
      sparkle_formation (~> 3)
      table_print
    stackable_flash (0.1.1)
    state_machine (1.2.0)
    state_machine_rspec (0.2.0)
      activesupport
      rspec (>= 3.0.0.rc1)
      state_machine (>= 1.1.0)
    state_of_the_nation (2.0.1)
      activerecord (>= 4.0.0)
      activesupport (>= 4.0.0)
    store_attribute (1.1.0)
      activerecord (>= 6.0)
    string-cases (0.0.4)
    string-strtr (0.0.3)
    stringex (2.8.6)
    stringify-hash (0.0.2)
    stringio (3.0.6)
    strptime (0.2.5)
    structured_warnings (0.4.0)
    sxp (1.2.4)
      matrix (~> 0.4)
      rdf (~> 3.2)
    sync (0.5.0)
    sys-filesystem (1.4.3)
      ffi (~> 1.1)
    sys-uname (1.2.3)
      ffi (~> 1.1)
    table-formatter (0.7.1)
      c32 (~> 0.2, >= 0.2.0)
      rdiscount (~> 2.2, >= 2.2.0.1)
    table_print (1.5.7)
    tailor (1.4.1)
      log_switch (~> 0.3.0)
      nokogiri (>= 1.6.0)
      term-ansicolor (>= 1.0.5)
      text-table (>= 1.2.2)
    tbpgr_utils (0.0.3)
    tddium_client (0.6.5)
      httpclient (>= 2.2.5)
      json
    temple (0.10.2)
    tencentcloud-sdk-common (3.0.580)
    term-ansicolor (1.7.1)
      tins (~> 1.0)
    terminal-table (1.8.0)
      unicode-display_width (~> 1.1, >= 1.1.1)
    terrapin (0.6.0)
      climate_control (>= 0.0.3, < 1.0)
    test-unit (3.5.9)
      power_assert
    test-unit-context (0.5.1)
      test-unit (>= 2.4.0)
    testlab (1.22.4)
      activesupport
      gli
      lxc
      ztk
    texplay (0.4.3)
      gosu (>= 0.7.25)
    text-table (1.2.4)
    thor (1.2.2)
    thread_safe (0.3.6)
    thread_variables (0.2.0)
    thrift (0.8.0)
    thrift_client (0.8.4)
      thrift (~> 0.8.0)
    tilt (2.1.0)
    time_bandits (0.13.1)
      activesupport (>= 5.2.0)
      thread_variables
    timeout (0.3.2)
    tins (1.32.1)
      sync
    tmail (1.2.7.1)
    torquebox-rake-support (3.2.0)
      rake (>= 0.8.7)
    tracer (0.2.2)
    trailblazer-option (0.1.2)
    transactional_capybara (0.2.0)
      capybara
    treetop (1.6.12)
      polyglot (~> 0.3)
    trocla (0.3.0)
      bcrypt
      highline
      moneta
    tsafe (0.0.12)
    tsort (0.1.1)
    ttfunk (1.7.0)
    tty (0.7.0)
      equatable (~> 0.5.0)
      pastel (~> 0.7.0)
      tty-color (~> 0.4.0)
      tty-command (~> 0.4.0)
      tty-cursor (~> 0.4.0)
      tty-editor (~> 0.2.0)
      tty-file (~> 0.3.0)
      tty-pager (~> 0.7.0)
      tty-platform (~> 0.1.0)
      tty-progressbar (~> 0.10.0)
      tty-prompt (~> 0.12.0)
      tty-screen (~> 0.5.0)
      tty-spinner (~> 0.4.0)
      tty-table (~> 0.8.0)
      tty-which (~> 0.3.0)
    tty-color (0.4.3)
    tty-command (0.4.0)
      pastel (~> 0.7.0)
    tty-cursor (0.4.0)
    tty-editor (0.2.0)
      tty-prompt (~> 0.12.0)
      tty-which (~> 0.3.0)
    tty-file (0.3.0)
      diff-lcs (~> 1.3.0)
      pastel (~> 0.7.0)
      tty-prompt (~> 0.12.0)
    tty-pager (0.7.1)
      tty-screen (~> 0.5.0)
      tty-which (~> 0.3.0)
      verse (~> 0.5.0)
    tty-platform (0.1.0)
    tty-progressbar (0.10.1)
      tty-screen (~> 0.5.0)
    tty-prompt (0.12.0)
      necromancer (~> 0.4.0)
      pastel (~> 0.7.0)
      tty-cursor (~> 0.4.0)
      wisper (~> 1.6.1)
    tty-screen (0.5.1)
    tty-spinner (0.4.1)
    tty-table (0.8.0)
      equatable (~> 0.5.0)
      necromancer (~> 0.4.0)
      pastel (~> 0.7.0)
      tty-screen (~> 0.5.0)
      unicode-display_width (~> 1.1.0)
      verse (~> 0.5.0)
    tty-which (0.3.0)
    turbo-rails (1.4.0)
      actionpack (>= 6.0.0)
      activejob (>= 6.0.0)
      railties (>= 6.0.0)
    turbolinks-source (5.2.0)
    turbolinks_render (0.9.21)
      actionpack (>= 5.2.0)
      activesupport (>= 5.2.0)
      railties (>= 5.2.0)
      turbolinks-source (~> 5.1)
    twirp (1.10.0)
      faraday (< 3)
      google-protobuf (~> 3.0, >= 3.7.0)
    typhoeus (1.4.0)
      ethon (>= 0.9.0)
    tzinfo (2.0.6)
      concurrent-ruby (~> 1.0)
    tzinfo-data (1.2023.3)
      tzinfo (>= 1.0.0)
    uber (0.0.15)
    unf (0.1.4)
      unf_ext
    unf_ext (0.0.8.2)
    unicode-display_width (1.1.3)
    unicode-types (1.8.0)
    unicode_utils (1.4.0)
    uri_template (0.7.0)
    uuid4r (0.2.0)
    vagrant-bindfs (1.2.0)
    validates_formatting_of (0.9.0)
      activemodel
    vegas (0.1.11)
      rack (>= 1.0.0)
    verse (0.5.0)
      unicode-display_width (~> 1.1.0)
      unicode_utils (~> 1.4.0)
    videojs_rails (4.12.15)
    view_component (3.0.0)
      activesupport (>= 5.2.0, < 8.0)
      concurrent-ruby (~> 1.0)
      method_source (~> 1.0)
    warden (1.2.9)
      rack (>= 2.0.9)
    warden-github (1.3.2)
      activesupport (> 3.0)
      octokit (> 2.1.0)
      warden (> 1.0)
    watir (6.19.1)
      regexp_parser (>= 1.2, < 3)
      selenium-webdriver (>= 3.142.7)
    watir-rspec (3.0.0)
      rspec (~> 3.0)
      watir (>= 6.0.0.beta4)
    waz-storage (1.3.6)
      rest-client
      ruby-hmac
    webrick (1.8.1)
    websocket (1.2.9)
    websocket-driver (0.7.5)
      websocket-extensions (>= 0.1.0)
    websocket-eventmachine-base (1.2.0)
      eventmachine (~> 1.0)
      websocket (~> 1.0)
      websocket-native (~> 1.0)
    websocket-eventmachine-client (1.3.0)
      websocket-eventmachine-base (~> 1.0)
    websocket-extensions (0.1.5)
    websocket-native (1.0.0)
    will_paginate (4.0.0)
    win32-event (0.6.3)
      win32-ipc (>= 0.6.0)
    win32-ipc (0.7.0)
      ffi
    win32-taskscheduler (2.0.4)
      ffi
      structured_warnings
    wisper (1.6.1)
    wraith (4.2.4)
      anemone
      chromedriver-helper (~> 1.1)
      image_size
      log4r
      mini_magick (~> 4.8)
      parallel
      rake
      robotex
      selenium-webdriver (~> 3.5)
      thor
    wref (0.0.8)
    wunderbar (1.6.0)
      json
    xcodeproj (1.22.0)
      CFPropertyList (>= 2.3.3, < 4.0)
      atomos (~> 0.1.3)
      claide (>= 1.0.2, < 2.0)
      colored2 (~> 3.1)
      nanaimo (~> 0.3.0)
      rexml (~> 3.2.4)
    xml-simple (1.1.9)
      rexml
    xml-sitemap (1.3.3)
      builder (>= 2.0)
    xmlrpc (0.3.2)
      webrick
    xpath (3.2.0)
      nokogiri (~> 1.8)
    yajl-ruby (1.4.3)
    zeitwerk (2.6.8)
    ztk (3.3.2)
      activesupport
      erubis
      net-scp
      net-sftp
      net-ssh
      net-ssh-gateway

PLATFORMS
  arm64-darwin-22

DEPENDENCIES
  pkg36!

BUNDLED WITH
   2.4.13
