PATH
  remote: .
  specs:
    pkg41 (0.0.1)
      3scale_client
      FakeWeb
      MovableInkAWS
      TimezoneParser
      active_record_encryption
      activeadmin-ajax_filter
      activejob_backport
      activerecord-clean-db-structure
      activerecord_null_object
      acts_as_ferret
      acts_as_fu
      ampex
      apollo-crawler
      apotomo
      appmake
      avm-tools
      aws_lambda_ric
      baja
      basicjrpc
      bb-ruby
      bibliothecary
      bookyt_salary
      boolean
      bootstrap-navbar
      bootstrap_forms
      bootsy
      build-environment
      bumbleworks
      capistrano-upload
      capistrano-upload-config
      capng_c
      capper
      carrierwave-ftp
      carrierwave-magic
      caze
      centurion
      clogger
      cmxl
      cobra_commander
      cocoapods-user-defined-build-types
      codeclimate_circle_ci_coverage
      coder
      color-schemer
      color_diff
      commands
      community_cookbook_releaser
      consent
      copy_tuner_client
      css-class-string
      czmq-ffi-gen
      db_schema_checker
      debugging
      deep_pluck
      delayed_job_heartbeat_plugin
      delayed_job_worker_pool
      discourse-fonts
      dpl-surge
      druuid
      dry-config
      dry-rails
      earlgrey
      elastic_whenever
      ember-cli-assets
      embulk-output-td
      emoji
      encryptor2
      ende
      eventq_aws
      evil-winrm
      exvo-auth
      eyes_images
      faktory_worker_ruby
      fanforce
      fastlane-plugin-google_cloud_storage
      fastlane-plugin-google_drive
      fastlane-plugin-tpa
      fastlane-plugin-unzip
      fluent-plugin-dd
      fluent_command_builder
      fog-azure
      fukuzatsu
      getopt
      gnip-rule
      google-cloud-recaptcha_enterprise-v1
      google-tag-manager-rails
      govuk_template
      graphql-pagination
      grid_table
      hcl_parser
      heroic-sns
      hosted_graphite
      http_accept
      imgproxy
      ios-devices
      jekyll-attendease
      jekyll-contentblocks
      jquery-timepicker-addon-rails
      jquery.fileupload-rails
      json2table
      judge
      katex
      kiji
      killbill-client
      knife-art
      layer-ruby
      libshadow
      linkedin-v2
      linkscape
      linode
      logutils
      magento_client
      mailgunner
      material_raingular
      mdb
      merb-assets
      message_block
      mini_suffix
      minitest-distributed
      mirage
      miro
      modalibrary
      mongoid-embedded-errors
      mongoid-scroll
      neighbor
      occams-record
      ocra
      omniauth-douban-oauth2
      omniauth-intercom
      omniauth-lightspeed
      omniauth-qq-connect
      onering-report-plugins
      opendelivery
      openid-redis-store
      pairing_heap
      paperclip-aws
      pay_with_amazon
      perfectqueue
      petrovich
      piggybak
      pivot_table
      planout
      prius
      pry-twitter
      public_uid
      pullreview-coverage
      puma-cloudwatch
      punchblock
      qbxml
      qiita-markdown
      qtbindings
      rabbit_jobs
      rack-accept-default
      rack-active_record_status
      rack-client
      rack-iframe
      rack-jekyll
      rack-unreloader
      rack-zippy
      rails-env-credentials
      railslts-version
      rakuten_web_service
      record_with_operator
      redcar
      reel
      relaton-gb
      remarkable_activerecord
      rename
      rest-ftp-daemon
      rfauxfactory
      rkelly
      rodauth
      rox-rollout
      rspec-autotest
      rspec-fire
      rspec-terraspace
      rspec-testrail
      rubocop-betterment
      ruby-termios
      ruby_engine
      ruby_flipper
      rubyfish
      rubysl-base64
      rumbster
      second_level_cache
      selenium-devtools
      sensible-cinema
      sensu-plugins-cassandra
      sensu-plugins-entropy-checks
      sequel-batches
      sham
      shareable
      shorturl
      sidekiq-skylight
      simplecov-teamcity-summary
      sinatra_more
      six-rsync
      smusher
      soywiki
      sql-logging
      sql-maker
      sql_query
      stackup
      stator
      surrealist
      sym
      tabulo
      taglib-ruby
      tee
      telegram-bot
      the_sortable_tree
      thumbs_up
      tty-config
      tty-logger
      uber_config
      umbrellio-sequel-plugins
      update
      urlcrypt
      validation_profiler
      vandamme
      vanilla-ujs
      victor
      washout_builder
      wayback_machine_downloader
      we-call
      wepay
      win32-mutex
      zendesk2
      zerobounce

GEM
  remote: https://rubygems.org/
  specs:
    3scale_client (2.11.0)
      nokogiri
    CFPropertyList (3.0.6)
      rexml
    FakeWeb (1.1.2)
      rake (> 0.0.0)
      rcov (> 0.0.0)
    MovableInkAWS (2.8.4)
      aws-sdk-athena (~> 1)
      aws-sdk-autoscaling (~> 1)
      aws-sdk-cloudwatch (~> 1)
      aws-sdk-core (~> 3)
      aws-sdk-ec2 (~> 1)
      aws-sdk-eks (~> 1)
      aws-sdk-elasticache (~> 1)
      aws-sdk-iam (~> 1)
      aws-sdk-rds (~> 1)
      aws-sdk-route53 (~> 1)
      aws-sdk-s3 (~> 1)
      aws-sdk-sns (~> 1)
      aws-sdk-ssm (~> 1)
      aws-sigv4 (~> 1.1)
      diplomat (= 2.6.4)
      httparty (~> 0.21)
    TimezoneParser (1.0.0)
      insensitive_hash
      sqlite3
      tzinfo
    actioncable (7.0.5)
      actionpack (= 7.0.5)
      activesupport (= 7.0.5)
      nio4r (~> 2.0)
      websocket-driver (>= 0.6.1)
    actionmailbox (7.0.5)
      actionpack (= 7.0.5)
      activejob (= 7.0.5)
      activerecord (= 7.0.5)
      activestorage (= 7.0.5)
      activesupport (= 7.0.5)
      mail (>= 2.7.1)
      net-imap
      net-pop
      net-smtp
    actionmailer (7.0.5)
      actionpack (= 7.0.5)
      actionview (= 7.0.5)
      activejob (= 7.0.5)
      activesupport (= 7.0.5)
      mail (~> 2.5, >= 2.5.4)
      net-imap
      net-pop
      net-smtp
      rails-dom-testing (~> 2.0)
    actionpack (7.0.5)
      actionview (= 7.0.5)
      activesupport (= 7.0.5)
      rack (~> 2.0, >= 2.2.4)
      rack-test (>= 0.6.3)
      rails-dom-testing (~> 2.0)
      rails-html-sanitizer (~> 1.0, >= 1.2.0)
    actiontext (7.0.5)
      actionpack (= 7.0.5)
      activerecord (= 7.0.5)
      activestorage (= 7.0.5)
      activesupport (= 7.0.5)
      globalid (>= 0.6.0)
      nokogiri (>= 1.8.5)
    actionview (7.0.5)
      activesupport (= 7.0.5)
      builder (~> 3.1)
      erubi (~> 1.4)
      rails-dom-testing (~> 2.0)
      rails-html-sanitizer (~> 1.1, >= 1.2.0)
    active_record_encryption (0.3.0)
      activerecord (>= 5.0)
    activeadmin (2.13.1)
      arbre (~> 1.2, >= 1.2.1)
      formtastic (>= 3.1, < 5.0)
      formtastic_i18n (~> 0.4)
      inherited_resources (~> 1.7)
      jquery-rails (~> 4.2)
      kaminari (~> 1.0, >= 1.2.1)
      railties (>= 6.1, < 7.1)
      ransack (>= 2.1.1, < 4)
    activeadmin-ajax_filter (0.7.0)
      activeadmin (>= 1.0)
      coffee-rails (>= 4.1.0)
      rails (>= 7.0)
      selectize-rails (>= 0.12.6)
    activejob (7.0.5)
      activesupport (= 7.0.5)
      globalid (>= 0.3.6)
    activejob_backport (0.0.3)
      activesupport (>= 4.0.0)
    activemerchant (1.129.0)
      activesupport (>= 4.2)
      builder (>= 2.1.2, < 4.0.0)
      i18n (>= 0.6.9)
      nokogiri (~> 1.4)
      rexml (~> 3.2.5)
    activemodel (7.0.5)
      activesupport (= 7.0.5)
    activemodel-serializers-xml (1.0.2)
      activemodel (> 5.x)
      activesupport (> 5.x)
      builder (~> 3.1)
    activerecord (7.0.5)
      activemodel (= 7.0.5)
      activesupport (= 7.0.5)
    activerecord-clean-db-structure (0.4.0)
      activerecord (>= 4.2)
    activerecord_null_object (0.8.0)
      activerecord (>= 6.0, < 8)
      activesupport (>= 6.0, < 8)
    activestorage (7.0.5)
      actionpack (= 7.0.5)
      activejob (= 7.0.5)
      activerecord (= 7.0.5)
      activesupport (= 7.0.5)
      marcel (~> 1.0)
      mini_mime (>= 1.1.0)
    activesupport (7.0.5)
      concurrent-ruby (~> 1.0, >= 1.0.2)
      i18n (>= 1.6, < 2)
      minitest (>= 5.1)
      tzinfo (~> 2.0)
    acts_as_ferret (0.5.4)
      ferret (>= 0.11.8)
      rails (>= 3.0)
    acts_as_fu (0.0.9)
      activerecord
      sqlite3
    addressable (2.8.4)
      public_suffix (>= 2.0.2, < 6.0)
    airbrussh (1.4.1)
      sshkit (>= 1.6.1, != 1.7.0)
    algoliasearch (1.27.5)
      httpclient (~> 2.8, >= 2.8.3)
      json (>= 1.5.1)
    ampex (3.0.0)
      blankslate
    amq-client (0.9.12)
      amq-protocol (>= 1.2.0)
      eventmachine
    amq-protocol (1.2.0)
    amqp (0.9.10)
      amq-client (~> 0.9.12)
      amq-protocol (~> 1.2.0)
      eventmachine
    analyst (1.2.4)
      haml
      parser
      thor
    anyway_config (2.4.1)
      ruby-next-core (>= 0.14.0)
    apollo-crawler (0.0.33)
      iconv
      json
      nokogiri
      thor
    apotomo (1.3.2)
      cells (>= 3.6.7, < 4.0.0)
      hooks (~> 0.4.0)
      onfire (~> 0.2.0)
    appmake (0.2.2)
      listen
      rb-fsevent
      sass
      thor
    aranha-parsers (0.11.0)
      activesupport (>= 4.0.0)
      addressable (~> 2.7)
      curb (~> 0.9.10)
      eac_ruby_utils (~> 0.74)
      faraday_middleware
      httpclient (~> 2.8, >= 2.8.3)
      nokogiri (~> 1.12, >= 1.12.4)
      ofx-parser (~> 1.1.0)
    arbre (1.5.0)
      activesupport (>= 3.0.0, < 7.1)
      ruby2_keywords (>= 0.0.2, < 1.0)
    ast (2.4.2)
    atomos (0.1.3)
    avm-tools (0.37.0)
      aranha-parsers (~> 0.4)
      clipboard (~> 1.3, >= 1.3.3)
      eac_launcher (~> 0.6, >= 0.6.1)
      eac_ruby_gems_utils (~> 0.2)
      eac_ruby_utils (~> 0.22)
      filesize
      minitar
    aws-eventstream (1.2.0)
    aws-partitions (1.773.0)
    aws-sdk (3.1.0)
      aws-sdk-resources (~> 3)
    aws-sdk-accessanalyzer (1.35.0)
      aws-sdk-core (~> 3, >= 3.174.0)
      aws-sigv4 (~> 1.1)
    aws-sdk-account (1.12.0)
      aws-sdk-core (~> 3, >= 3.174.0)
      aws-sigv4 (~> 1.1)
    aws-sdk-acm (1.56.0)
      aws-sdk-core (~> 3, >= 3.174.0)
      aws-sigv4 (~> 1.1)
    aws-sdk-acmpca (1.54.0)
      aws-sdk-core (~> 3, >= 3.174.0)
      aws-sigv4 (~> 1.1)
    aws-sdk-alexaforbusiness (1.60.0)
      aws-sdk-core (~> 3, >= 3.174.0)
      aws-sigv4 (~> 1.1)
    aws-sdk-amplify (1.45.0)
      aws-sdk-core (~> 3, >= 3.174.0)
      aws-sigv4 (~> 1.1)
    aws-sdk-amplifybackend (1.21.0)
      aws-sdk-core (~> 3, >= 3.174.0)
      aws-sigv4 (~> 1.1)
    aws-sdk-amplifyuibuilder (1.12.0)
      aws-sdk-core (~> 3, >= 3.174.0)
      aws-sigv4 (~> 1.1)
    aws-sdk-apigateway (1.82.0)
      aws-sdk-core (~> 3, >= 3.174.0)
      aws-sigv4 (~> 1.1)
    aws-sdk-apigatewaymanagementapi (1.33.0)
      aws-sdk-core (~> 3, >= 3.174.0)
      aws-sigv4 (~> 1.1)
    aws-sdk-apigatewayv2 (1.45.0)
      aws-sdk-core (~> 3, >= 3.174.0)
      aws-sigv4 (~> 1.1)
    aws-sdk-appconfig (1.31.0)
      aws-sdk-core (~> 3, >= 3.174.0)
      aws-sigv4 (~> 1.1)
    aws-sdk-appconfigdata (1.9.0)
      aws-sdk-core (~> 3, >= 3.174.0)
      aws-sigv4 (~> 1.1)
    aws-sdk-appflow (1.42.0)
      aws-sdk-core (~> 3, >= 3.174.0)
      aws-sigv4 (~> 1.1)
    aws-sdk-appintegrationsservice (1.17.0)
      aws-sdk-core (~> 3, >= 3.174.0)
      aws-sigv4 (~> 1.1)
    aws-sdk-applicationautoscaling (1.71.0)
      aws-sdk-core (~> 3, >= 3.174.0)
      aws-sigv4 (~> 1.1)
    aws-sdk-applicationcostprofiler (1.12.0)
      aws-sdk-core (~> 3, >= 3.174.0)
      aws-sigv4 (~> 1.1)
    aws-sdk-applicationdiscoveryservice (1.50.0)
      aws-sdk-core (~> 3, >= 3.174.0)
      aws-sigv4 (~> 1.1)
    aws-sdk-applicationinsights (1.34.0)
      aws-sdk-core (~> 3, >= 3.174.0)
      aws-sigv4 (~> 1.1)
    aws-sdk-appmesh (1.50.0)
      aws-sdk-core (~> 3, >= 3.174.0)
      aws-sigv4 (~> 1.1)
    aws-sdk-appregistry (1.21.0)
      aws-sdk-core (~> 3, >= 3.174.0)
      aws-sigv4 (~> 1.1)
    aws-sdk-apprunner (1.23.0)
      aws-sdk-core (~> 3, >= 3.174.0)
      aws-sigv4 (~> 1.1)
    aws-sdk-appstream (1.71.0)
      aws-sdk-core (~> 3, >= 3.174.0)
      aws-sigv4 (~> 1.1)
    aws-sdk-appsync (1.61.0)
      aws-sdk-core (~> 3, >= 3.174.0)
      aws-sigv4 (~> 1.1)
    aws-sdk-arczonalshift (1.2.0)
      aws-sdk-core (~> 3, >= 3.174.0)
      aws-sigv4 (~> 1.1)
    aws-sdk-athena (1.68.0)
      aws-sdk-core (~> 3, >= 3.174.0)
      aws-sigv4 (~> 1.1)
    aws-sdk-auditmanager (1.32.0)
      aws-sdk-core (~> 3, >= 3.174.0)
      aws-sigv4 (~> 1.1)
    aws-sdk-augmentedairuntime (1.26.0)
      aws-sdk-core (~> 3, >= 3.174.0)
      aws-sigv4 (~> 1.1)
    aws-sdk-autoscaling (1.90.0)
      aws-sdk-core (~> 3, >= 3.174.0)
      aws-sigv4 (~> 1.1)
    aws-sdk-autoscalingplans (1.43.0)
      aws-sdk-core (~> 3, >= 3.174.0)
      aws-sigv4 (~> 1.1)
    aws-sdk-backup (1.52.0)
      aws-sdk-core (~> 3, >= 3.174.0)
      aws-sigv4 (~> 1.1)
    aws-sdk-backupgateway (1.9.0)
      aws-sdk-core (~> 3, >= 3.174.0)
      aws-sigv4 (~> 1.1)
    aws-sdk-backupstorage (1.3.0)
      aws-sdk-core (~> 3, >= 3.174.0)
      aws-sigv4 (~> 1.1)
    aws-sdk-batch (1.70.0)
      aws-sdk-core (~> 3, >= 3.174.0)
      aws-sigv4 (~> 1.1)
    aws-sdk-billingconductor (1.8.0)
      aws-sdk-core (~> 3, >= 3.174.0)
      aws-sigv4 (~> 1.1)
    aws-sdk-braket (1.22.0)
      aws-sdk-core (~> 3, >= 3.174.0)
      aws-sigv4 (~> 1.1)
    aws-sdk-budgets (1.53.0)
      aws-sdk-core (~> 3, >= 3.174.0)
      aws-sigv4 (~> 1.1)
    aws-sdk-chime (1.72.0)
      aws-sdk-core (~> 3, >= 3.174.0)
      aws-sigv4 (~> 1.1)
    aws-sdk-chimesdkidentity (1.13.0)
      aws-sdk-core (~> 3, >= 3.174.0)
      aws-sigv4 (~> 1.1)
    aws-sdk-chimesdkmediapipelines (1.6.0)
      aws-sdk-core (~> 3, >= 3.174.0)
      aws-sigv4 (~> 1.1)
    aws-sdk-chimesdkmeetings (1.19.0)
      aws-sdk-core (~> 3, >= 3.174.0)
      aws-sigv4 (~> 1.1)
    aws-sdk-chimesdkmessaging (1.19.0)
      aws-sdk-core (~> 3, >= 3.174.0)
      aws-sigv4 (~> 1.1)
    aws-sdk-chimesdkvoice (1.7.0)
      aws-sdk-core (~> 3, >= 3.174.0)
      aws-sigv4 (~> 1.1)
    aws-sdk-cleanrooms (1.3.0)
      aws-sdk-core (~> 3, >= 3.174.0)
      aws-sigv4 (~> 1.1)
    aws-sdk-cloud9 (1.50.0)
      aws-sdk-core (~> 3, >= 3.174.0)
      aws-sigv4 (~> 1.1)
    aws-sdk-cloudcontrolapi (1.11.0)
      aws-sdk-core (~> 3, >= 3.174.0)
      aws-sigv4 (~> 1.1)
    aws-sdk-clouddirectory (1.45.0)
      aws-sdk-core (~> 3, >= 3.174.0)
      aws-sigv4 (~> 1.1)
    aws-sdk-cloudformation (1.78.0)
      aws-sdk-core (~> 3, >= 3.174.0)
      aws-sigv4 (~> 1.1)
    aws-sdk-cloudfront (1.77.0)
      aws-sdk-core (~> 3, >= 3.174.0)
      aws-sigv4 (~> 1.1)
    aws-sdk-cloudhsm (1.42.0)
      aws-sdk-core (~> 3, >= 3.174.0)
      aws-sigv4 (~> 1.1)
    aws-sdk-cloudhsmv2 (1.45.0)
      aws-sdk-core (~> 3, >= 3.174.0)
      aws-sigv4 (~> 1.1)
    aws-sdk-cloudsearch (1.43.0)
      aws-sdk-core (~> 3, >= 3.174.0)
      aws-sigv4 (~> 1.1)
    aws-sdk-cloudsearchdomain (1.35.0)
      aws-sdk-core (~> 3, >= 3.174.0)
      aws-sigv4 (~> 1.1)
    aws-sdk-cloudtrail (1.60.0)
      aws-sdk-core (~> 3, >= 3.174.0)
      aws-sigv4 (~> 1.1)
    aws-sdk-cloudtraildata (1.1.0)
      aws-sdk-core (~> 3, >= 3.174.0)
      aws-sigv4 (~> 1.1)
    aws-sdk-cloudwatch (1.74.0)
      aws-sdk-core (~> 3, >= 3.174.0)
      aws-sigv4 (~> 1.1)
    aws-sdk-cloudwatchevents (1.60.0)
      aws-sdk-core (~> 3, >= 3.174.0)
      aws-sigv4 (~> 1.1)
    aws-sdk-cloudwatchevidently (1.13.0)
      aws-sdk-core (~> 3, >= 3.174.0)
      aws-sigv4 (~> 1.1)
    aws-sdk-cloudwatchlogs (1.63.0)
      aws-sdk-core (~> 3, >= 3.174.0)
      aws-sigv4 (~> 1.1)
    aws-sdk-cloudwatchrum (1.10.0)
      aws-sdk-core (~> 3, >= 3.174.0)
      aws-sigv4 (~> 1.1)
    aws-sdk-codeartifact (1.28.0)
      aws-sdk-core (~> 3, >= 3.174.0)
      aws-sigv4 (~> 1.1)
    aws-sdk-codebuild (1.91.0)
      aws-sdk-core (~> 3, >= 3.174.0)
      aws-sigv4 (~> 1.1)
    aws-sdk-codecatalyst (1.5.0)
      aws-sdk-core (~> 3, >= 3.174.0)
    aws-sdk-codecommit (1.54.0)
      aws-sdk-core (~> 3, >= 3.174.0)
      aws-sigv4 (~> 1.1)
    aws-sdk-codedeploy (1.53.0)
      aws-sdk-core (~> 3, >= 3.174.0)
      aws-sigv4 (~> 1.1)
    aws-sdk-codeguruprofiler (1.27.0)
      aws-sdk-core (~> 3, >= 3.174.0)
      aws-sigv4 (~> 1.1)
    aws-sdk-codegurureviewer (1.36.0)
      aws-sdk-core (~> 3, >= 3.174.0)
      aws-sigv4 (~> 1.1)
    aws-sdk-codepipeline (1.57.0)
      aws-sdk-core (~> 3, >= 3.174.0)
      aws-sigv4 (~> 1.1)
    aws-sdk-codestar (1.41.0)
      aws-sdk-core (~> 3, >= 3.174.0)
      aws-sigv4 (~> 1.1)
    aws-sdk-codestarconnections (1.27.0)
      aws-sdk-core (~> 3, >= 3.174.0)
      aws-sigv4 (~> 1.1)
    aws-sdk-codestarnotifications (1.23.0)
      aws-sdk-core (~> 3, >= 3.174.0)
      aws-sigv4 (~> 1.1)
    aws-sdk-cognitoidentity (1.43.0)
      aws-sdk-core (~> 3, >= 3.174.0)
      aws-sigv4 (~> 1.1)
    aws-sdk-cognitoidentityprovider (1.74.0)
      aws-sdk-core (~> 3, >= 3.174.0)
      aws-sigv4 (~> 1.1)
    aws-sdk-cognitosync (1.39.0)
      aws-sdk-core (~> 3, >= 3.174.0)
      aws-sigv4 (~> 1.1)
    aws-sdk-comprehend (1.69.0)
      aws-sdk-core (~> 3, >= 3.174.0)
      aws-sigv4 (~> 1.1)
    aws-sdk-comprehendmedical (1.40.0)
      aws-sdk-core (~> 3, >= 3.174.0)
      aws-sigv4 (~> 1.1)
    aws-sdk-computeoptimizer (1.42.0)
      aws-sdk-core (~> 3, >= 3.174.0)
      aws-sigv4 (~> 1.1)
    aws-sdk-configservice (1.91.0)
      aws-sdk-core (~> 3, >= 3.174.0)
      aws-sigv4 (~> 1.1)
    aws-sdk-connect (1.110.0)
      aws-sdk-core (~> 3, >= 3.174.0)
      aws-sigv4 (~> 1.1)
    aws-sdk-connectcampaignservice (1.4.0)
      aws-sdk-core (~> 3, >= 3.174.0)
      aws-sigv4 (~> 1.1)
    aws-sdk-connectcases (1.6.0)
      aws-sdk-core (~> 3, >= 3.174.0)
      aws-sigv4 (~> 1.1)
    aws-sdk-connectcontactlens (1.14.0)
      aws-sdk-core (~> 3, >= 3.174.0)
      aws-sigv4 (~> 1.1)
    aws-sdk-connectparticipant (1.30.0)
      aws-sdk-core (~> 3, >= 3.174.0)
      aws-sigv4 (~> 1.1)
    aws-sdk-connectwisdomservice (1.14.0)
      aws-sdk-core (~> 3, >= 3.174.0)
      aws-sigv4 (~> 1.1)
    aws-sdk-controltower (1.3.0)
      aws-sdk-core (~> 3, >= 3.174.0)
      aws-sigv4 (~> 1.1)
    aws-sdk-core (3.174.0)
      aws-eventstream (~> 1, >= 1.0.2)
      aws-partitions (~> 1, >= 1.651.0)
      aws-sigv4 (~> 1.5)
      jmespath (~> 1, >= 1.6.1)
    aws-sdk-costandusagereportservice (1.45.0)
      aws-sdk-core (~> 3, >= 3.174.0)
      aws-sigv4 (~> 1.1)
    aws-sdk-costexplorer (1.84.0)
      aws-sdk-core (~> 3, >= 3.174.0)
      aws-sigv4 (~> 1.1)
    aws-sdk-customerprofiles (1.29.0)
      aws-sdk-core (~> 3, >= 3.174.0)
      aws-sigv4 (~> 1.1)
    aws-sdk-databasemigrationservice (1.78.0)
      aws-sdk-core (~> 3, >= 3.174.0)
      aws-sigv4 (~> 1.1)
    aws-sdk-dataexchange (1.34.0)
      aws-sdk-core (~> 3, >= 3.174.0)
      aws-sigv4 (~> 1.1)
    aws-sdk-datapipeline (1.39.0)
      aws-sdk-core (~> 3, >= 3.174.0)
      aws-sigv4 (~> 1.1)
    aws-sdk-datasync (1.57.0)
      aws-sdk-core (~> 3, >= 3.174.0)
      aws-sigv4 (~> 1.1)
    aws-sdk-dax (1.42.0)
      aws-sdk-core (~> 3, >= 3.174.0)
      aws-sigv4 (~> 1.1)
    aws-sdk-detective (1.34.0)
      aws-sdk-core (~> 3, >= 3.174.0)
      aws-sigv4 (~> 1.1)
    aws-sdk-devicefarm (1.55.0)
      aws-sdk-core (~> 3, >= 3.174.0)
      aws-sigv4 (~> 1.1)
    aws-sdk-devopsguru (1.31.0)
      aws-sdk-core (~> 3, >= 3.174.0)
      aws-sigv4 (~> 1.1)
    aws-sdk-directconnect (1.60.0)
      aws-sdk-core (~> 3, >= 3.174.0)
      aws-sigv4 (~> 1.1)
    aws-sdk-directoryservice (1.55.0)
      aws-sdk-core (~> 3, >= 3.174.0)
      aws-sigv4 (~> 1.1)
    aws-sdk-dlm (1.57.0)
      aws-sdk-core (~> 3, >= 3.174.0)
      aws-sigv4 (~> 1.1)
    aws-sdk-docdb (1.48.0)
      aws-sdk-core (~> 3, >= 3.174.0)
      aws-sigv4 (~> 1.1)
    aws-sdk-docdbelastic (1.2.0)
      aws-sdk-core (~> 3, >= 3.174.0)
      aws-sigv4 (~> 1.1)
    aws-sdk-drs (1.14.0)
      aws-sdk-core (~> 3, >= 3.174.0)
      aws-sigv4 (~> 1.1)
    aws-sdk-dynamodb (1.85.0)
      aws-sdk-core (~> 3, >= 3.174.0)
      aws-sigv4 (~> 1.1)
    aws-sdk-dynamodbstreams (1.44.0)
      aws-sdk-core (~> 3, >= 3.174.0)
      aws-sigv4 (~> 1.1)
    aws-sdk-ebs (1.29.0)
      aws-sdk-core (~> 3, >= 3.174.0)
      aws-sigv4 (~> 1.1)
    aws-sdk-ec2 (1.381.0)
      aws-sdk-core (~> 3, >= 3.174.0)
      aws-sigv4 (~> 1.1)
    aws-sdk-ec2instanceconnect (1.28.0)
      aws-sdk-core (~> 3, >= 3.174.0)
      aws-sigv4 (~> 1.1)
    aws-sdk-ecr (1.59.0)
      aws-sdk-core (~> 3, >= 3.174.0)
      aws-sigv4 (~> 1.1)
    aws-sdk-ecrpublic (1.17.0)
      aws-sdk-core (~> 3, >= 3.174.0)
      aws-sigv4 (~> 1.1)
    aws-sdk-ecs (1.120.0)
      aws-sdk-core (~> 3, >= 3.174.0)
      aws-sigv4 (~> 1.1)
    aws-sdk-efs (1.61.0)
      aws-sdk-core (~> 3, >= 3.174.0)
      aws-sigv4 (~> 1.1)
    aws-sdk-eks (1.84.0)
      aws-sdk-core (~> 3, >= 3.174.0)
      aws-sigv4 (~> 1.1)
    aws-sdk-elasticache (1.86.0)
      aws-sdk-core (~> 3, >= 3.174.0)
      aws-sigv4 (~> 1.1)
    aws-sdk-elasticbeanstalk (1.55.0)
      aws-sdk-core (~> 3, >= 3.174.0)
      aws-sigv4 (~> 1.1)
    aws-sdk-elasticinference (1.26.0)
      aws-sdk-core (~> 3, >= 3.174.0)
      aws-sigv4 (~> 1.1)
    aws-sdk-elasticloadbalancing (1.43.0)
      aws-sdk-core (~> 3, >= 3.174.0)
      aws-sigv4 (~> 1.1)
    aws-sdk-elasticloadbalancingv2 (1.85.0)
      aws-sdk-core (~> 3, >= 3.174.0)
      aws-sigv4 (~> 1.1)
    aws-sdk-elasticsearchservice (1.71.0)
      aws-sdk-core (~> 3, >= 3.174.0)
      aws-sigv4 (~> 1.1)
    aws-sdk-elastictranscoder (1.41.0)
      aws-sdk-core (~> 3, >= 3.174.0)
      aws-sigv4 (~> 1.1)
    aws-sdk-emr (1.69.0)
      aws-sdk-core (~> 3, >= 3.174.0)
      aws-sigv4 (~> 1.1)
    aws-sdk-emrcontainers (1.21.0)
      aws-sdk-core (~> 3, >= 3.174.0)
      aws-sigv4 (~> 1.1)
    aws-sdk-emrserverless (1.8.0)
      aws-sdk-core (~> 3, >= 3.174.0)
      aws-sigv4 (~> 1.1)
    aws-sdk-eventbridge (1.44.0)
      aws-sdk-core (~> 3, >= 3.174.0)
      aws-sigv4 (~> 1.1)
    aws-sdk-finspace (1.14.0)
      aws-sdk-core (~> 3, >= 3.174.0)
      aws-sigv4 (~> 1.1)
    aws-sdk-finspacedata (1.20.0)
      aws-sdk-core (~> 3, >= 3.174.0)
      aws-sigv4 (~> 1.1)
    aws-sdk-firehose (1.52.0)
      aws-sdk-core (~> 3, >= 3.174.0)
      aws-sigv4 (~> 1.1)
    aws-sdk-fis (1.17.0)
      aws-sdk-core (~> 3, >= 3.174.0)
      aws-sigv4 (~> 1.1)
    aws-sdk-fms (1.58.0)
      aws-sdk-core (~> 3, >= 3.174.0)
      aws-sigv4 (~> 1.1)
    aws-sdk-forecastqueryservice (1.25.0)
      aws-sdk-core (~> 3, >= 3.174.0)
      aws-sigv4 (~> 1.1)
    aws-sdk-forecastservice (1.41.0)
      aws-sdk-core (~> 3, >= 3.174.0)
      aws-sigv4 (~> 1.1)
    aws-sdk-frauddetector (1.40.0)
      aws-sdk-core (~> 3, >= 3.174.0)
      aws-sigv4 (~> 1.1)
    aws-sdk-fsx (1.66.0)
      aws-sdk-core (~> 3, >= 3.174.0)
      aws-sigv4 (~> 1.1)
    aws-sdk-gamelift (1.64.0)
      aws-sdk-core (~> 3, >= 3.174.0)
      aws-sigv4 (~> 1.1)
    aws-sdk-gamesparks (1.5.0)
      aws-sdk-core (~> 3, >= 3.174.0)
      aws-sigv4 (~> 1.1)
    aws-sdk-glacier (1.50.0)
      aws-sdk-core (~> 3, >= 3.174.0)
      aws-sigv4 (~> 1.1)
    aws-sdk-globalaccelerator (1.44.0)
      aws-sdk-core (~> 3, >= 3.174.0)
      aws-sigv4 (~> 1.1)
    aws-sdk-glue (1.140.0)
      aws-sdk-core (~> 3, >= 3.174.0)
      aws-sigv4 (~> 1.1)
    aws-sdk-gluedatabrew (1.26.0)
      aws-sdk-core (~> 3, >= 3.174.0)
      aws-sigv4 (~> 1.1)
    aws-sdk-greengrass (1.54.0)
      aws-sdk-core (~> 3, >= 3.174.0)
      aws-sigv4 (~> 1.1)
    aws-sdk-greengrassv2 (1.26.0)
      aws-sdk-core (~> 3, >= 3.174.0)
      aws-sigv4 (~> 1.1)
    aws-sdk-groundstation (1.35.0)
      aws-sdk-core (~> 3, >= 3.174.0)
      aws-sigv4 (~> 1.1)
    aws-sdk-guardduty (1.71.0)
      aws-sdk-core (~> 3, >= 3.174.0)
      aws-sigv4 (~> 1.1)
    aws-sdk-health (1.51.0)
      aws-sdk-core (~> 3, >= 3.174.0)
      aws-sigv4 (~> 1.1)
    aws-sdk-healthlake (1.16.0)
      aws-sdk-core (~> 3, >= 3.174.0)
      aws-sigv4 (~> 1.1)
    aws-sdk-honeycode (1.20.0)
      aws-sdk-core (~> 3, >= 3.174.0)
      aws-sigv4 (~> 1.1)
    aws-sdk-iam (1.78.0)
      aws-sdk-core (~> 3, >= 3.174.0)
      aws-sigv4 (~> 1.1)
    aws-sdk-identitystore (1.25.0)
      aws-sdk-core (~> 3, >= 3.174.0)
      aws-sigv4 (~> 1.1)
    aws-sdk-imagebuilder (1.46.0)
      aws-sdk-core (~> 3, >= 3.174.0)
      aws-sigv4 (~> 1.1)
    aws-sdk-importexport (1.37.0)
      aws-sdk-core (~> 3, >= 3.174.0)
      aws-sigv2 (~> 1.0)
    aws-sdk-inspector (1.46.0)
      aws-sdk-core (~> 3, >= 3.174.0)
      aws-sigv4 (~> 1.1)
    aws-sdk-inspector2 (1.13.0)
      aws-sdk-core (~> 3, >= 3.174.0)
      aws-sigv4 (~> 1.1)
    aws-sdk-internetmonitor (1.3.0)
      aws-sdk-core (~> 3, >= 3.174.0)
      aws-sigv4 (~> 1.1)
    aws-sdk-iot (1.105.0)
      aws-sdk-core (~> 3, >= 3.174.0)
      aws-sigv4 (~> 1.1)
    aws-sdk-iot1clickdevicesservice (1.40.0)
      aws-sdk-core (~> 3, >= 3.174.0)
      aws-sigv4 (~> 1.1)
    aws-sdk-iot1clickprojects (1.40.0)
      aws-sdk-core (~> 3, >= 3.174.0)
      aws-sigv4 (~> 1.1)
    aws-sdk-iotanalytics (1.52.0)
      aws-sdk-core (~> 3, >= 3.174.0)
      aws-sigv4 (~> 1.1)
    aws-sdk-iotdataplane (1.45.0)
      aws-sdk-core (~> 3, >= 3.174.0)
      aws-sigv4 (~> 1.1)
    aws-sdk-iotdeviceadvisor (1.20.0)
      aws-sdk-core (~> 3, >= 3.174.0)
      aws-sigv4 (~> 1.1)
    aws-sdk-iotevents (1.36.0)
      aws-sdk-core (~> 3, >= 3.174.0)
      aws-sigv4 (~> 1.1)
    aws-sdk-ioteventsdata (1.30.0)
      aws-sdk-core (~> 3, >= 3.174.0)
      aws-sigv4 (~> 1.1)
    aws-sdk-iotfleethub (1.14.0)
      aws-sdk-core (~> 3, >= 3.174.0)
      aws-sigv4 (~> 1.1)
    aws-sdk-iotfleetwise (1.9.0)
      aws-sdk-core (~> 3, >= 3.174.0)
      aws-sigv4 (~> 1.1)
    aws-sdk-iotjobsdataplane (1.39.0)
      aws-sdk-core (~> 3, >= 3.174.0)
      aws-sigv4 (~> 1.1)
    aws-sdk-iotroborunner (1.2.0)
      aws-sdk-core (~> 3, >= 3.174.0)
      aws-sigv4 (~> 1.1)
    aws-sdk-iotsecuretunneling (1.24.0)
      aws-sdk-core (~> 3, >= 3.174.0)
      aws-sigv4 (~> 1.1)
    aws-sdk-iotsitewise (1.51.0)
      aws-sdk-core (~> 3, >= 3.174.0)
      aws-sigv4 (~> 1.1)
    aws-sdk-iotthingsgraph (1.27.0)
      aws-sdk-core (~> 3, >= 3.174.0)
      aws-sigv4 (~> 1.1)
    aws-sdk-iottwinmaker (1.12.0)
      aws-sdk-core (~> 3, >= 3.174.0)
      aws-sigv4 (~> 1.1)
    aws-sdk-iotwireless (1.34.0)
      aws-sdk-core (~> 3, >= 3.174.0)
      aws-sigv4 (~> 1.1)
    aws-sdk-ivs (1.31.0)
      aws-sdk-core (~> 3, >= 3.174.0)
      aws-sigv4 (~> 1.1)
    aws-sdk-ivschat (1.10.0)
      aws-sdk-core (~> 3, >= 3.174.0)
      aws-sigv4 (~> 1.1)
    aws-sdk-ivsrealtime (1.3.0)
      aws-sdk-core (~> 3, >= 3.174.0)
      aws-sigv4 (~> 1.1)
    aws-sdk-kafka (1.57.0)
      aws-sdk-core (~> 3, >= 3.174.0)
      aws-sigv4 (~> 1.1)
    aws-sdk-kafkaconnect (1.10.0)
      aws-sdk-core (~> 3, >= 3.174.0)
      aws-sigv4 (~> 1.1)
    aws-sdk-kendra (1.66.0)
      aws-sdk-core (~> 3, >= 3.174.0)
      aws-sigv4 (~> 1.1)
    aws-sdk-kendraranking (1.2.0)
      aws-sdk-core (~> 3, >= 3.174.0)
      aws-sigv4 (~> 1.1)
    aws-sdk-keyspaces (1.7.0)
      aws-sdk-core (~> 3, >= 3.174.0)
      aws-sigv4 (~> 1.1)
    aws-sdk-kinesis (1.46.0)
      aws-sdk-core (~> 3, >= 3.174.0)
      aws-sigv4 (~> 1.1)
    aws-sdk-kinesisanalytics (1.43.0)
      aws-sdk-core (~> 3, >= 3.174.0)
      aws-sigv4 (~> 1.1)
    aws-sdk-kinesisanalyticsv2 (1.44.0)
      aws-sdk-core (~> 3, >= 3.174.0)
      aws-sigv4 (~> 1.1)
    aws-sdk-kinesisvideo (1.47.0)
      aws-sdk-core (~> 3, >= 3.174.0)
      aws-sigv4 (~> 1.1)
    aws-sdk-kinesisvideoarchivedmedia (1.47.0)
      aws-sdk-core (~> 3, >= 3.174.0)
      aws-sigv4 (~> 1.1)
    aws-sdk-kinesisvideomedia (1.40.0)
      aws-sdk-core (~> 3, >= 3.174.0)
      aws-sigv4 (~> 1.1)
    aws-sdk-kinesisvideosignalingchannels (1.22.0)
      aws-sdk-core (~> 3, >= 3.174.0)
      aws-sigv4 (~> 1.1)
    aws-sdk-kinesisvideowebrtcstorage (1.3.0)
      aws-sdk-core (~> 3, >= 3.174.0)
      aws-sigv4 (~> 1.1)
    aws-sdk-kms (1.65.0)
      aws-sdk-core (~> 3, >= 3.174.0)
      aws-sigv4 (~> 1.1)
    aws-sdk-lakeformation (1.35.0)
      aws-sdk-core (~> 3, >= 3.174.0)
      aws-sigv4 (~> 1.1)
    aws-sdk-lambda (1.97.0)
      aws-sdk-core (~> 3, >= 3.174.0)
      aws-sigv4 (~> 1.1)
    aws-sdk-lambdapreview (1.37.0)
      aws-sdk-core (~> 3, >= 3.174.0)
      aws-sigv4 (~> 1.1)
    aws-sdk-lex (1.48.0)
      aws-sdk-core (~> 3, >= 3.174.0)
      aws-sigv4 (~> 1.1)
    aws-sdk-lexmodelbuildingservice (1.60.0)
      aws-sdk-core (~> 3, >= 3.174.0)
      aws-sigv4 (~> 1.1)
    aws-sdk-lexmodelsv2 (1.33.0)
      aws-sdk-core (~> 3, >= 3.174.0)
      aws-sigv4 (~> 1.1)
    aws-sdk-lexruntimev2 (1.20.0)
      aws-sdk-core (~> 3, >= 3.174.0)
      aws-sigv4 (~> 1.1)
    aws-sdk-licensemanager (1.45.0)
      aws-sdk-core (~> 3, >= 3.174.0)
      aws-sigv4 (~> 1.1)
    aws-sdk-licensemanagerlinuxsubscriptions (1.2.0)
      aws-sdk-core (~> 3, >= 3.174.0)
      aws-sigv4 (~> 1.1)
    aws-sdk-licensemanagerusersubscriptions (1.4.0)
      aws-sdk-core (~> 3, >= 3.174.0)
      aws-sigv4 (~> 1.1)
    aws-sdk-lightsail (1.76.0)
      aws-sdk-core (~> 3, >= 3.174.0)
      aws-sigv4 (~> 1.1)
    aws-sdk-locationservice (1.32.0)
      aws-sdk-core (~> 3, >= 3.174.0)
      aws-sigv4 (~> 1.1)
    aws-sdk-lookoutequipment (1.17.0)
      aws-sdk-core (~> 3, >= 3.174.0)
      aws-sigv4 (~> 1.1)
    aws-sdk-lookoutforvision (1.20.0)
      aws-sdk-core (~> 3, >= 3.174.0)
      aws-sigv4 (~> 1.1)
    aws-sdk-lookoutmetrics (1.25.0)
      aws-sdk-core (~> 3, >= 3.174.0)
      aws-sigv4 (~> 1.1)
    aws-sdk-machinelearning (1.40.0)
      aws-sdk-core (~> 3, >= 3.174.0)
      aws-sigv4 (~> 1.1)
    aws-sdk-macie (1.41.0)
      aws-sdk-core (~> 3, >= 3.174.0)
      aws-sigv4 (~> 1.1)
    aws-sdk-macie2 (1.54.0)
      aws-sdk-core (~> 3, >= 3.174.0)
      aws-sigv4 (~> 1.1)
    aws-sdk-mainframemodernization (1.5.0)
      aws-sdk-core (~> 3, >= 3.174.0)
      aws-sigv4 (~> 1.1)
    aws-sdk-managedblockchain (1.39.0)
      aws-sdk-core (~> 3, >= 3.174.0)
      aws-sigv4 (~> 1.1)
    aws-sdk-managedgrafana (1.15.0)
      aws-sdk-core (~> 3, >= 3.174.0)
      aws-sigv4 (~> 1.1)
    aws-sdk-marketplacecatalog (1.28.0)
      aws-sdk-core (~> 3, >= 3.174.0)
      aws-sigv4 (~> 1.1)
    aws-sdk-marketplacecommerceanalytics (1.44.0)
      aws-sdk-core (~> 3, >= 3.174.0)
      aws-sigv4 (~> 1.1)
    aws-sdk-marketplaceentitlementservice (1.38.0)
      aws-sdk-core (~> 3, >= 3.174.0)
      aws-sigv4 (~> 1.1)
    aws-sdk-marketplacemetering (1.47.0)
      aws-sdk-core (~> 3, >= 3.174.0)
      aws-sigv4 (~> 1.1)
    aws-sdk-mediaconnect (1.49.0)
      aws-sdk-core (~> 3, >= 3.174.0)
      aws-sigv4 (~> 1.1)
    aws-sdk-mediaconvert (1.107.0)
      aws-sdk-core (~> 3, >= 3.174.0)
      aws-sigv4 (~> 1.1)
    aws-sdk-medialive (1.99.0)
      aws-sdk-core (~> 3, >= 3.174.0)
      aws-sigv4 (~> 1.1)
    aws-sdk-mediapackage (1.60.0)
      aws-sdk-core (~> 3, >= 3.174.0)
      aws-sigv4 (~> 1.1)
    aws-sdk-mediapackagev2 (1.1.0)
      aws-sdk-core (~> 3, >= 3.174.0)
      aws-sigv4 (~> 1.1)
    aws-sdk-mediapackagevod (1.43.0)
      aws-sdk-core (~> 3, >= 3.174.0)
      aws-sigv4 (~> 1.1)
    aws-sdk-mediastore (1.44.0)
      aws-sdk-core (~> 3, >= 3.174.0)
      aws-sigv4 (~> 1.1)
    aws-sdk-mediastoredata (1.41.0)
      aws-sdk-core (~> 3, >= 3.174.0)
      aws-sigv4 (~> 1.1)
    aws-sdk-mediatailor (1.62.0)
      aws-sdk-core (~> 3, >= 3.174.0)
      aws-sigv4 (~> 1.1)
    aws-sdk-memorydb (1.14.0)
      aws-sdk-core (~> 3, >= 3.174.0)
      aws-sigv4 (~> 1.1)
    aws-sdk-mgn (1.19.0)
      aws-sdk-core (~> 3, >= 3.174.0)
      aws-sigv4 (~> 1.1)
    aws-sdk-migrationhub (1.43.0)
      aws-sdk-core (~> 3, >= 3.174.0)
      aws-sigv4 (~> 1.1)
    aws-sdk-migrationhubconfig (1.23.0)
      aws-sdk-core (~> 3, >= 3.174.0)
      aws-sigv4 (~> 1.1)
    aws-sdk-migrationhuborchestrator (1.3.0)
      aws-sdk-core (~> 3, >= 3.174.0)
      aws-sigv4 (~> 1.1)
    aws-sdk-migrationhubrefactorspaces (1.14.0)
      aws-sdk-core (~> 3, >= 3.174.0)
      aws-sigv4 (~> 1.1)
    aws-sdk-migrationhubstrategyrecommendations (1.10.0)
      aws-sdk-core (~> 3, >= 3.174.0)
      aws-sigv4 (~> 1.1)
    aws-sdk-mobile (1.38.0)
      aws-sdk-core (~> 3, >= 3.174.0)
      aws-sigv4 (~> 1.1)
    aws-sdk-mq (1.50.0)
      aws-sdk-core (~> 3, >= 3.174.0)
      aws-sigv4 (~> 1.1)
    aws-sdk-mturk (1.43.0)
      aws-sdk-core (~> 3, >= 3.174.0)
      aws-sigv4 (~> 1.1)
    aws-sdk-mwaa (1.21.0)
      aws-sdk-core (~> 3, >= 3.174.0)
      aws-sigv4 (~> 1.1)
    aws-sdk-neptune (1.51.0)
      aws-sdk-core (~> 3, >= 3.174.0)
      aws-sigv4 (~> 1.1)
    aws-sdk-networkfirewall (1.29.0)
      aws-sdk-core (~> 3, >= 3.174.0)
      aws-sigv4 (~> 1.1)
    aws-sdk-networkmanager (1.31.0)
      aws-sdk-core (~> 3, >= 3.174.0)
      aws-sigv4 (~> 1.1)
    aws-sdk-nimblestudio (1.19.0)
      aws-sdk-core (~> 3, >= 3.174.0)
      aws-sigv4 (~> 1.1)
    aws-sdk-oam (1.2.0)
      aws-sdk-core (~> 3, >= 3.174.0)
      aws-sigv4 (~> 1.1)
    aws-sdk-omics (1.5.0)
      aws-sdk-core (~> 3, >= 3.174.0)
      aws-sigv4 (~> 1.1)
    aws-sdk-opensearchserverless (1.3.0)
      aws-sdk-core (~> 3, >= 3.174.0)
      aws-sigv4 (~> 1.1)
    aws-sdk-opensearchservice (1.21.0)
      aws-sdk-core (~> 3, >= 3.174.0)
      aws-sigv4 (~> 1.1)
    aws-sdk-opsworks (1.44.0)
      aws-sdk-core (~> 3, >= 3.174.0)
      aws-sigv4 (~> 1.1)
    aws-sdk-opsworkscm (1.55.0)
      aws-sdk-core (~> 3, >= 3.174.0)
      aws-sigv4 (~> 1.1)
    aws-sdk-organizations (1.75.0)
      aws-sdk-core (~> 3, >= 3.174.0)
      aws-sigv4 (~> 1.1)
    aws-sdk-osis (1.2.0)
      aws-sdk-core (~> 3, >= 3.174.0)
      aws-sigv4 (~> 1.1)
    aws-sdk-outposts (1.43.0)
      aws-sdk-core (~> 3, >= 3.174.0)
      aws-sigv4 (~> 1.1)
    aws-sdk-panorama (1.13.0)
      aws-sdk-core (~> 3, >= 3.174.0)
      aws-sigv4 (~> 1.1)
    aws-sdk-personalize (1.48.0)
      aws-sdk-core (~> 3, >= 3.174.0)
      aws-sigv4 (~> 1.1)
    aws-sdk-personalizeevents (1.31.0)
      aws-sdk-core (~> 3, >= 3.174.0)
      aws-sigv4 (~> 1.1)
    aws-sdk-personalizeruntime (1.36.0)
      aws-sdk-core (~> 3, >= 3.174.0)
      aws-sigv4 (~> 1.1)
    aws-sdk-pi (1.44.0)
      aws-sdk-core (~> 3, >= 3.174.0)
      aws-sigv4 (~> 1.1)
    aws-sdk-pinpoint (1.73.0)
      aws-sdk-core (~> 3, >= 3.174.0)
      aws-sigv4 (~> 1.1)
    aws-sdk-pinpointemail (1.38.0)
      aws-sdk-core (~> 3, >= 3.174.0)
      aws-sigv4 (~> 1.1)
    aws-sdk-pinpointsmsvoice (1.35.0)
      aws-sdk-core (~> 3, >= 3.174.0)
      aws-sigv4 (~> 1.1)
    aws-sdk-pinpointsmsvoicev2 (1.3.0)
      aws-sdk-core (~> 3, >= 3.174.0)
      aws-sigv4 (~> 1.1)
    aws-sdk-pipes (1.4.0)
      aws-sdk-core (~> 3, >= 3.174.0)
      aws-sigv4 (~> 1.1)
    aws-sdk-polly (1.68.0)
      aws-sdk-core (~> 3, >= 3.174.0)
      aws-sigv4 (~> 1.1)
    aws-sdk-pricing (1.44.0)
      aws-sdk-core (~> 3, >= 3.174.0)
      aws-sigv4 (~> 1.1)
    aws-sdk-privatenetworks (1.5.0)
      aws-sdk-core (~> 3, >= 3.174.0)
      aws-sigv4 (~> 1.1)
    aws-sdk-prometheusservice (1.18.0)
      aws-sdk-core (~> 3, >= 3.174.0)
      aws-sigv4 (~> 1.1)
    aws-sdk-proton (1.25.0)
      aws-sdk-core (~> 3, >= 3.174.0)
      aws-sigv4 (~> 1.1)
    aws-sdk-qldb (1.29.0)
      aws-sdk-core (~> 3, >= 3.174.0)
      aws-sigv4 (~> 1.1)
    aws-sdk-qldbsession (1.25.0)
      aws-sdk-core (~> 3, >= 3.174.0)
      aws-sigv4 (~> 1.1)
    aws-sdk-quicksight (1.81.0)
      aws-sdk-core (~> 3, >= 3.174.0)
      aws-sigv4 (~> 1.1)
    aws-sdk-ram (1.44.0)
      aws-sdk-core (~> 3, >= 3.174.0)
      aws-sigv4 (~> 1.1)
    aws-sdk-rds (1.180.0)
      aws-sdk-core (~> 3, >= 3.174.0)
      aws-sigv4 (~> 1.1)
    aws-sdk-rdsdataservice (1.41.0)
      aws-sdk-core (~> 3, >= 3.174.0)
      aws-sigv4 (~> 1.1)
    aws-sdk-recyclebin (1.9.0)
      aws-sdk-core (~> 3, >= 3.174.0)
      aws-sigv4 (~> 1.1)
    aws-sdk-redshift (1.92.0)
      aws-sdk-core (~> 3, >= 3.174.0)
      aws-sigv4 (~> 1.1)
    aws-sdk-redshiftdataapiservice (1.27.0)
      aws-sdk-core (~> 3, >= 3.174.0)
      aws-sigv4 (~> 1.1)
    aws-sdk-redshiftserverless (1.8.0)
      aws-sdk-core (~> 3, >= 3.174.0)
      aws-sigv4 (~> 1.1)
    aws-sdk-rekognition (1.80.0)
      aws-sdk-core (~> 3, >= 3.174.0)
      aws-sigv4 (~> 1.1)
    aws-sdk-resiliencehub (1.14.0)
      aws-sdk-core (~> 3, >= 3.174.0)
      aws-sigv4 (~> 1.1)
    aws-sdk-resourceexplorer2 (1.5.0)
      aws-sdk-core (~> 3, >= 3.174.0)
      aws-sigv4 (~> 1.1)
    aws-sdk-resourcegroups (1.49.0)
      aws-sdk-core (~> 3, >= 3.174.0)
      aws-sigv4 (~> 1.1)
    aws-sdk-resourcegroupstaggingapi (1.50.0)
      aws-sdk-core (~> 3, >= 3.174.0)
      aws-sigv4 (~> 1.1)
    aws-sdk-resources (3.164.0)
      aws-sdk-accessanalyzer (~> 1)
      aws-sdk-account (~> 1)
      aws-sdk-acm (~> 1)
      aws-sdk-acmpca (~> 1)
      aws-sdk-alexaforbusiness (~> 1)
      aws-sdk-amplify (~> 1)
      aws-sdk-amplifybackend (~> 1)
      aws-sdk-amplifyuibuilder (~> 1)
      aws-sdk-apigateway (~> 1)
      aws-sdk-apigatewaymanagementapi (~> 1)
      aws-sdk-apigatewayv2 (~> 1)
      aws-sdk-appconfig (~> 1)
      aws-sdk-appconfigdata (~> 1)
      aws-sdk-appflow (~> 1)
      aws-sdk-appintegrationsservice (~> 1)
      aws-sdk-applicationautoscaling (~> 1)
      aws-sdk-applicationcostprofiler (~> 1)
      aws-sdk-applicationdiscoveryservice (~> 1)
      aws-sdk-applicationinsights (~> 1)
      aws-sdk-appmesh (~> 1)
      aws-sdk-appregistry (~> 1)
      aws-sdk-apprunner (~> 1)
      aws-sdk-appstream (~> 1)
      aws-sdk-appsync (~> 1)
      aws-sdk-arczonalshift (~> 1)
      aws-sdk-athena (~> 1)
      aws-sdk-auditmanager (~> 1)
      aws-sdk-augmentedairuntime (~> 1)
      aws-sdk-autoscaling (~> 1)
      aws-sdk-autoscalingplans (~> 1)
      aws-sdk-backup (~> 1)
      aws-sdk-backupgateway (~> 1)
      aws-sdk-backupstorage (~> 1)
      aws-sdk-batch (~> 1)
      aws-sdk-billingconductor (~> 1)
      aws-sdk-braket (~> 1)
      aws-sdk-budgets (~> 1)
      aws-sdk-chime (~> 1)
      aws-sdk-chimesdkidentity (~> 1)
      aws-sdk-chimesdkmediapipelines (~> 1)
      aws-sdk-chimesdkmeetings (~> 1)
      aws-sdk-chimesdkmessaging (~> 1)
      aws-sdk-chimesdkvoice (~> 1)
      aws-sdk-cleanrooms (~> 1)
      aws-sdk-cloud9 (~> 1)
      aws-sdk-cloudcontrolapi (~> 1)
      aws-sdk-clouddirectory (~> 1)
      aws-sdk-cloudformation (~> 1)
      aws-sdk-cloudfront (~> 1)
      aws-sdk-cloudhsm (~> 1)
      aws-sdk-cloudhsmv2 (~> 1)
      aws-sdk-cloudsearch (~> 1)
      aws-sdk-cloudsearchdomain (~> 1)
      aws-sdk-cloudtrail (~> 1)
      aws-sdk-cloudtraildata (~> 1)
      aws-sdk-cloudwatch (~> 1)
      aws-sdk-cloudwatchevents (~> 1)
      aws-sdk-cloudwatchevidently (~> 1)
      aws-sdk-cloudwatchlogs (~> 1)
      aws-sdk-cloudwatchrum (~> 1)
      aws-sdk-codeartifact (~> 1)
      aws-sdk-codebuild (~> 1)
      aws-sdk-codecatalyst (~> 1)
      aws-sdk-codecommit (~> 1)
      aws-sdk-codedeploy (~> 1)
      aws-sdk-codeguruprofiler (~> 1)
      aws-sdk-codegurureviewer (~> 1)
      aws-sdk-codepipeline (~> 1)
      aws-sdk-codestar (~> 1)
      aws-sdk-codestarconnections (~> 1)
      aws-sdk-codestarnotifications (~> 1)
      aws-sdk-cognitoidentity (~> 1)
      aws-sdk-cognitoidentityprovider (~> 1)
      aws-sdk-cognitosync (~> 1)
      aws-sdk-comprehend (~> 1)
      aws-sdk-comprehendmedical (~> 1)
      aws-sdk-computeoptimizer (~> 1)
      aws-sdk-configservice (~> 1)
      aws-sdk-connect (~> 1)
      aws-sdk-connectcampaignservice (~> 1)
      aws-sdk-connectcases (~> 1)
      aws-sdk-connectcontactlens (~> 1)
      aws-sdk-connectparticipant (~> 1)
      aws-sdk-connectwisdomservice (~> 1)
      aws-sdk-controltower (~> 1)
      aws-sdk-costandusagereportservice (~> 1)
      aws-sdk-costexplorer (~> 1)
      aws-sdk-customerprofiles (~> 1)
      aws-sdk-databasemigrationservice (~> 1)
      aws-sdk-dataexchange (~> 1)
      aws-sdk-datapipeline (~> 1)
      aws-sdk-datasync (~> 1)
      aws-sdk-dax (~> 1)
      aws-sdk-detective (~> 1)
      aws-sdk-devicefarm (~> 1)
      aws-sdk-devopsguru (~> 1)
      aws-sdk-directconnect (~> 1)
      aws-sdk-directoryservice (~> 1)
      aws-sdk-dlm (~> 1)
      aws-sdk-docdb (~> 1)
      aws-sdk-docdbelastic (~> 1)
      aws-sdk-drs (~> 1)
      aws-sdk-dynamodb (~> 1)
      aws-sdk-dynamodbstreams (~> 1)
      aws-sdk-ebs (~> 1)
      aws-sdk-ec2 (~> 1)
      aws-sdk-ec2instanceconnect (~> 1)
      aws-sdk-ecr (~> 1)
      aws-sdk-ecrpublic (~> 1)
      aws-sdk-ecs (~> 1)
      aws-sdk-efs (~> 1)
      aws-sdk-eks (~> 1)
      aws-sdk-elasticache (~> 1)
      aws-sdk-elasticbeanstalk (~> 1)
      aws-sdk-elasticinference (~> 1)
      aws-sdk-elasticloadbalancing (~> 1)
      aws-sdk-elasticloadbalancingv2 (~> 1)
      aws-sdk-elasticsearchservice (~> 1)
      aws-sdk-elastictranscoder (~> 1)
      aws-sdk-emr (~> 1)
      aws-sdk-emrcontainers (~> 1)
      aws-sdk-emrserverless (~> 1)
      aws-sdk-eventbridge (~> 1)
      aws-sdk-finspace (~> 1)
      aws-sdk-finspacedata (~> 1)
      aws-sdk-firehose (~> 1)
      aws-sdk-fis (~> 1)
      aws-sdk-fms (~> 1)
      aws-sdk-forecastqueryservice (~> 1)
      aws-sdk-forecastservice (~> 1)
      aws-sdk-frauddetector (~> 1)
      aws-sdk-fsx (~> 1)
      aws-sdk-gamelift (~> 1)
      aws-sdk-gamesparks (~> 1)
      aws-sdk-glacier (~> 1)
      aws-sdk-globalaccelerator (~> 1)
      aws-sdk-glue (~> 1)
      aws-sdk-gluedatabrew (~> 1)
      aws-sdk-greengrass (~> 1)
      aws-sdk-greengrassv2 (~> 1)
      aws-sdk-groundstation (~> 1)
      aws-sdk-guardduty (~> 1)
      aws-sdk-health (~> 1)
      aws-sdk-healthlake (~> 1)
      aws-sdk-honeycode (~> 1)
      aws-sdk-iam (~> 1)
      aws-sdk-identitystore (~> 1)
      aws-sdk-imagebuilder (~> 1)
      aws-sdk-importexport (~> 1)
      aws-sdk-inspector (~> 1)
      aws-sdk-inspector2 (~> 1)
      aws-sdk-internetmonitor (~> 1)
      aws-sdk-iot (~> 1)
      aws-sdk-iot1clickdevicesservice (~> 1)
      aws-sdk-iot1clickprojects (~> 1)
      aws-sdk-iotanalytics (~> 1)
      aws-sdk-iotdataplane (~> 1)
      aws-sdk-iotdeviceadvisor (~> 1)
      aws-sdk-iotevents (~> 1)
      aws-sdk-ioteventsdata (~> 1)
      aws-sdk-iotfleethub (~> 1)
      aws-sdk-iotfleetwise (~> 1)
      aws-sdk-iotjobsdataplane (~> 1)
      aws-sdk-iotroborunner (~> 1)
      aws-sdk-iotsecuretunneling (~> 1)
      aws-sdk-iotsitewise (~> 1)
      aws-sdk-iotthingsgraph (~> 1)
      aws-sdk-iottwinmaker (~> 1)
      aws-sdk-iotwireless (~> 1)
      aws-sdk-ivs (~> 1)
      aws-sdk-ivschat (~> 1)
      aws-sdk-ivsrealtime (~> 1)
      aws-sdk-kafka (~> 1)
      aws-sdk-kafkaconnect (~> 1)
      aws-sdk-kendra (~> 1)
      aws-sdk-kendraranking (~> 1)
      aws-sdk-keyspaces (~> 1)
      aws-sdk-kinesis (~> 1)
      aws-sdk-kinesisanalytics (~> 1)
      aws-sdk-kinesisanalyticsv2 (~> 1)
      aws-sdk-kinesisvideo (~> 1)
      aws-sdk-kinesisvideoarchivedmedia (~> 1)
      aws-sdk-kinesisvideomedia (~> 1)
      aws-sdk-kinesisvideosignalingchannels (~> 1)
      aws-sdk-kinesisvideowebrtcstorage (~> 1)
      aws-sdk-kms (~> 1)
      aws-sdk-lakeformation (~> 1)
      aws-sdk-lambda (~> 1)
      aws-sdk-lambdapreview (~> 1)
      aws-sdk-lex (~> 1)
      aws-sdk-lexmodelbuildingservice (~> 1)
      aws-sdk-lexmodelsv2 (~> 1)
      aws-sdk-lexruntimev2 (~> 1)
      aws-sdk-licensemanager (~> 1)
      aws-sdk-licensemanagerlinuxsubscriptions (~> 1)
      aws-sdk-licensemanagerusersubscriptions (~> 1)
      aws-sdk-lightsail (~> 1)
      aws-sdk-locationservice (~> 1)
      aws-sdk-lookoutequipment (~> 1)
      aws-sdk-lookoutforvision (~> 1)
      aws-sdk-lookoutmetrics (~> 1)
      aws-sdk-machinelearning (~> 1)
      aws-sdk-macie (~> 1)
      aws-sdk-macie2 (~> 1)
      aws-sdk-mainframemodernization (~> 1)
      aws-sdk-managedblockchain (~> 1)
      aws-sdk-managedgrafana (~> 1)
      aws-sdk-marketplacecatalog (~> 1)
      aws-sdk-marketplacecommerceanalytics (~> 1)
      aws-sdk-marketplaceentitlementservice (~> 1)
      aws-sdk-marketplacemetering (~> 1)
      aws-sdk-mediaconnect (~> 1)
      aws-sdk-mediaconvert (~> 1)
      aws-sdk-medialive (~> 1)
      aws-sdk-mediapackage (~> 1)
      aws-sdk-mediapackagev2 (~> 1)
      aws-sdk-mediapackagevod (~> 1)
      aws-sdk-mediastore (~> 1)
      aws-sdk-mediastoredata (~> 1)
      aws-sdk-mediatailor (~> 1)
      aws-sdk-memorydb (~> 1)
      aws-sdk-mgn (~> 1)
      aws-sdk-migrationhub (~> 1)
      aws-sdk-migrationhubconfig (~> 1)
      aws-sdk-migrationhuborchestrator (~> 1)
      aws-sdk-migrationhubrefactorspaces (~> 1)
      aws-sdk-migrationhubstrategyrecommendations (~> 1)
      aws-sdk-mobile (~> 1)
      aws-sdk-mq (~> 1)
      aws-sdk-mturk (~> 1)
      aws-sdk-mwaa (~> 1)
      aws-sdk-neptune (~> 1)
      aws-sdk-networkfirewall (~> 1)
      aws-sdk-networkmanager (~> 1)
      aws-sdk-nimblestudio (~> 1)
      aws-sdk-oam (~> 1)
      aws-sdk-omics (~> 1)
      aws-sdk-opensearchserverless (~> 1)
      aws-sdk-opensearchservice (~> 1)
      aws-sdk-opsworks (~> 1)
      aws-sdk-opsworkscm (~> 1)
      aws-sdk-organizations (~> 1)
      aws-sdk-osis (~> 1)
      aws-sdk-outposts (~> 1)
      aws-sdk-panorama (~> 1)
      aws-sdk-personalize (~> 1)
      aws-sdk-personalizeevents (~> 1)
      aws-sdk-personalizeruntime (~> 1)
      aws-sdk-pi (~> 1)
      aws-sdk-pinpoint (~> 1)
      aws-sdk-pinpointemail (~> 1)
      aws-sdk-pinpointsmsvoice (~> 1)
      aws-sdk-pinpointsmsvoicev2 (~> 1)
      aws-sdk-pipes (~> 1)
      aws-sdk-polly (~> 1)
      aws-sdk-pricing (~> 1)
      aws-sdk-privatenetworks (~> 1)
      aws-sdk-prometheusservice (~> 1)
      aws-sdk-proton (~> 1)
      aws-sdk-qldb (~> 1)
      aws-sdk-qldbsession (~> 1)
      aws-sdk-quicksight (~> 1)
      aws-sdk-ram (~> 1)
      aws-sdk-rds (~> 1)
      aws-sdk-rdsdataservice (~> 1)
      aws-sdk-recyclebin (~> 1)
      aws-sdk-redshift (~> 1)
      aws-sdk-redshiftdataapiservice (~> 1)
      aws-sdk-redshiftserverless (~> 1)
      aws-sdk-rekognition (~> 1)
      aws-sdk-resiliencehub (~> 1)
      aws-sdk-resourceexplorer2 (~> 1)
      aws-sdk-resourcegroups (~> 1)
      aws-sdk-resourcegroupstaggingapi (~> 1)
      aws-sdk-robomaker (~> 1)
      aws-sdk-rolesanywhere (~> 1)
      aws-sdk-route53 (~> 1)
      aws-sdk-route53domains (~> 1)
      aws-sdk-route53recoverycluster (~> 1)
      aws-sdk-route53recoverycontrolconfig (~> 1)
      aws-sdk-route53recoveryreadiness (~> 1)
      aws-sdk-route53resolver (~> 1)
      aws-sdk-s3 (~> 1)
      aws-sdk-s3control (~> 1)
      aws-sdk-s3outposts (~> 1)
      aws-sdk-sagemaker (~> 1)
      aws-sdk-sagemakeredgemanager (~> 1)
      aws-sdk-sagemakerfeaturestoreruntime (~> 1)
      aws-sdk-sagemakergeospatial (~> 1)
      aws-sdk-sagemakermetrics (~> 1)
      aws-sdk-sagemakerruntime (~> 1)
      aws-sdk-savingsplans (~> 1)
      aws-sdk-scheduler (~> 1)
      aws-sdk-schemas (~> 1)
      aws-sdk-secretsmanager (~> 1)
      aws-sdk-securityhub (~> 1)
      aws-sdk-securitylake (~> 1)
      aws-sdk-serverlessapplicationrepository (~> 1)
      aws-sdk-servicecatalog (~> 1)
      aws-sdk-servicediscovery (~> 1)
      aws-sdk-servicequotas (~> 1)
      aws-sdk-ses (~> 1)
      aws-sdk-sesv2 (~> 1)
      aws-sdk-shield (~> 1)
      aws-sdk-signer (~> 1)
      aws-sdk-simpledb (~> 1)
      aws-sdk-simspaceweaver (~> 1)
      aws-sdk-sms (~> 1)
      aws-sdk-snowball (~> 1)
      aws-sdk-snowdevicemanagement (~> 1)
      aws-sdk-sns (~> 1)
      aws-sdk-sqs (~> 1)
      aws-sdk-ssm (~> 1)
      aws-sdk-ssmcontacts (~> 1)
      aws-sdk-ssmincidents (~> 1)
      aws-sdk-ssmsap (~> 1)
      aws-sdk-ssoadmin (~> 1)
      aws-sdk-states (~> 1)
      aws-sdk-storagegateway (~> 1)
      aws-sdk-support (~> 1)
      aws-sdk-supportapp (~> 1)
      aws-sdk-swf (~> 1)
      aws-sdk-synthetics (~> 1)
      aws-sdk-textract (~> 1)
      aws-sdk-timestreamquery (~> 1)
      aws-sdk-timestreamwrite (~> 1)
      aws-sdk-tnb (~> 1)
      aws-sdk-transcribeservice (~> 1)
      aws-sdk-transcribestreamingservice (~> 1)
      aws-sdk-transfer (~> 1)
      aws-sdk-translate (~> 1)
      aws-sdk-voiceid (~> 1)
      aws-sdk-vpclattice (~> 1)
      aws-sdk-waf (~> 1)
      aws-sdk-wafregional (~> 1)
      aws-sdk-wafv2 (~> 1)
      aws-sdk-wellarchitected (~> 1)
      aws-sdk-workdocs (~> 1)
      aws-sdk-worklink (~> 1)
      aws-sdk-workmail (~> 1)
      aws-sdk-workmailmessageflow (~> 1)
      aws-sdk-workspaces (~> 1)
      aws-sdk-workspacesweb (~> 1)
      aws-sdk-xray (~> 1)
    aws-sdk-robomaker (1.54.0)
      aws-sdk-core (~> 3, >= 3.174.0)
      aws-sigv4 (~> 1.1)
    aws-sdk-rolesanywhere (1.4.0)
      aws-sdk-core (~> 3, >= 3.174.0)
      aws-sigv4 (~> 1.1)
    aws-sdk-route53 (1.72.0)
      aws-sdk-core (~> 3, >= 3.174.0)
      aws-sigv4 (~> 1.1)
    aws-sdk-route53domains (1.44.0)
      aws-sdk-core (~> 3, >= 3.174.0)
      aws-sigv4 (~> 1.1)
    aws-sdk-route53recoverycluster (1.14.0)
      aws-sdk-core (~> 3, >= 3.174.0)
      aws-sigv4 (~> 1.1)
    aws-sdk-route53recoverycontrolconfig (1.14.0)
      aws-sdk-core (~> 3, >= 3.174.0)
      aws-sigv4 (~> 1.1)
    aws-sdk-route53recoveryreadiness (1.13.0)
      aws-sdk-core (~> 3, >= 3.174.0)
      aws-sigv4 (~> 1.1)
    aws-sdk-route53resolver (1.42.0)
      aws-sdk-core (~> 3, >= 3.174.0)
      aws-sigv4 (~> 1.1)
    aws-sdk-s3 (1.123.0)
      aws-sdk-core (~> 3, >= 3.174.0)
      aws-sdk-kms (~> 1)
      aws-sigv4 (~> 1.4)
    aws-sdk-s3control (1.64.0)
      aws-sdk-core (~> 3, >= 3.174.0)
      aws-sigv4 (~> 1.1)
    aws-sdk-s3outposts (1.18.0)
      aws-sdk-core (~> 3, >= 3.174.0)
      aws-sigv4 (~> 1.1)
    aws-sdk-sagemaker (1.184.0)
      aws-sdk-core (~> 3, >= 3.174.0)
      aws-sigv4 (~> 1.1)
    aws-sdk-sagemakeredgemanager (1.15.0)
      aws-sdk-core (~> 3, >= 3.174.0)
      aws-sigv4 (~> 1.1)
    aws-sdk-sagemakerfeaturestoreruntime (1.17.0)
      aws-sdk-core (~> 3, >= 3.174.0)
      aws-sigv4 (~> 1.1)
    aws-sdk-sagemakergeospatial (1.4.0)
      aws-sdk-core (~> 3, >= 3.174.0)
      aws-sigv4 (~> 1.1)
    aws-sdk-sagemakermetrics (1.3.0)
      aws-sdk-core (~> 3, >= 3.174.0)
      aws-sigv4 (~> 1.1)
    aws-sdk-sagemakerruntime (1.50.0)
      aws-sdk-core (~> 3, >= 3.174.0)
      aws-sigv4 (~> 1.1)
    aws-sdk-savingsplans (1.29.0)
      aws-sdk-core (~> 3, >= 3.174.0)
      aws-sigv4 (~> 1.1)
    aws-sdk-scheduler (1.3.0)
      aws-sdk-core (~> 3, >= 3.174.0)
      aws-sigv4 (~> 1.1)
    aws-sdk-schemas (1.26.0)
      aws-sdk-core (~> 3, >= 3.174.0)
      aws-sigv4 (~> 1.1)
    aws-sdk-secretsmanager (1.76.0)
      aws-sdk-core (~> 3, >= 3.174.0)
      aws-sigv4 (~> 1.1)
    aws-sdk-securityhub (1.83.0)
      aws-sdk-core (~> 3, >= 3.174.0)
      aws-sigv4 (~> 1.1)
    aws-sdk-securitylake (1.5.0)
      aws-sdk-core (~> 3, >= 3.174.0)
      aws-sigv4 (~> 1.1)
    aws-sdk-serverlessapplicationrepository (1.47.0)
      aws-sdk-core (~> 3, >= 3.174.0)
      aws-sigv4 (~> 1.1)
    aws-sdk-servicecatalog (1.80.0)
      aws-sdk-core (~> 3, >= 3.174.0)
      aws-sigv4 (~> 1.1)
    aws-sdk-servicediscovery (1.52.0)
      aws-sdk-core (~> 3, >= 3.174.0)
      aws-sigv4 (~> 1.1)
    aws-sdk-servicequotas (1.26.0)
      aws-sdk-core (~> 3, >= 3.174.0)
      aws-sigv4 (~> 1.1)
    aws-sdk-ses (1.50.0)
      aws-sdk-core (~> 3, >= 3.174.0)
      aws-sigv4 (~> 1.1)
    aws-sdk-sesv2 (1.34.0)
      aws-sdk-core (~> 3, >= 3.174.0)
      aws-sigv4 (~> 1.1)
    aws-sdk-shield (1.52.0)
      aws-sdk-core (~> 3, >= 3.174.0)
      aws-sigv4 (~> 1.1)
    aws-sdk-signer (1.41.0)
      aws-sdk-core (~> 3, >= 3.174.0)
      aws-sigv4 (~> 1.1)
    aws-sdk-simpledb (1.37.0)
      aws-sdk-core (~> 3, >= 3.174.0)
      aws-sigv2 (~> 1.0)
    aws-sdk-simspaceweaver (1.3.0)
      aws-sdk-core (~> 3, >= 3.174.0)
      aws-sigv4 (~> 1.1)
    aws-sdk-sms (1.44.0)
      aws-sdk-core (~> 3, >= 3.174.0)
      aws-sigv4 (~> 1.1)
    aws-sdk-snowball (1.55.0)
      aws-sdk-core (~> 3, >= 3.174.0)
      aws-sigv4 (~> 1.1)
    aws-sdk-snowdevicemanagement (1.10.0)
      aws-sdk-core (~> 3, >= 3.174.0)
      aws-sigv4 (~> 1.1)
    aws-sdk-sns (1.61.0)
      aws-sdk-core (~> 3, >= 3.174.0)
      aws-sigv4 (~> 1.1)
    aws-sdk-sqs (1.56.0)
      aws-sdk-core (~> 3, >= 3.174.0)
      aws-sigv4 (~> 1.1)
    aws-sdk-ssm (1.151.0)
      aws-sdk-core (~> 3, >= 3.174.0)
      aws-sigv4 (~> 1.1)
    aws-sdk-ssmcontacts (1.18.0)
      aws-sdk-core (~> 3, >= 3.174.0)
      aws-sigv4 (~> 1.1)
    aws-sdk-ssmincidents (1.23.0)
      aws-sdk-core (~> 3, >= 3.174.0)
      aws-sigv4 (~> 1.1)
    aws-sdk-ssmsap (1.4.0)
      aws-sdk-core (~> 3, >= 3.174.0)
      aws-sigv4 (~> 1.1)
    aws-sdk-ssoadmin (1.24.0)
      aws-sdk-core (~> 3, >= 3.174.0)
      aws-sigv4 (~> 1.1)
    aws-sdk-states (1.53.0)
      aws-sdk-core (~> 3, >= 3.174.0)
      aws-sigv4 (~> 1.1)
    aws-sdk-storagegateway (1.71.0)
      aws-sdk-core (~> 3, >= 3.174.0)
      aws-sigv4 (~> 1.1)
    aws-sdk-support (1.47.0)
      aws-sdk-core (~> 3, >= 3.174.0)
      aws-sigv4 (~> 1.1)
    aws-sdk-supportapp (1.5.0)
      aws-sdk-core (~> 3, >= 3.174.0)
      aws-sigv4 (~> 1.1)
    aws-sdk-swf (1.41.0)
      aws-sdk-core (~> 3, >= 3.174.0)
      aws-sigv4 (~> 1.1)
    aws-sdk-synthetics (1.31.0)
      aws-sdk-core (~> 3, >= 3.174.0)
      aws-sigv4 (~> 1.1)
    aws-sdk-textract (1.46.0)
      aws-sdk-core (~> 3, >= 3.174.0)
      aws-sigv4 (~> 1.1)
    aws-sdk-timestreamquery (1.19.0)
      aws-sdk-core (~> 3, >= 3.174.0)
      aws-sigv4 (~> 1.1)
    aws-sdk-timestreamwrite (1.18.0)
      aws-sdk-core (~> 3, >= 3.174.0)
      aws-sigv4 (~> 1.1)
    aws-sdk-tnb (1.2.0)
      aws-sdk-core (~> 3, >= 3.174.0)
      aws-sigv4 (~> 1.1)
    aws-sdk-transcribeservice (1.83.0)
      aws-sdk-core (~> 3, >= 3.174.0)
      aws-sigv4 (~> 1.1)
    aws-sdk-transcribestreamingservice (1.47.0)
      aws-sdk-core (~> 3, >= 3.174.0)
      aws-sigv4 (~> 1.1)
    aws-sdk-transfer (1.69.0)
      aws-sdk-core (~> 3, >= 3.174.0)
      aws-sigv4 (~> 1.1)
    aws-sdk-translate (1.52.0)
      aws-sdk-core (~> 3, >= 3.174.0)
      aws-sigv4 (~> 1.1)
    aws-sdk-voiceid (1.13.0)
      aws-sdk-core (~> 3, >= 3.174.0)
      aws-sigv4 (~> 1.1)
    aws-sdk-vpclattice (1.2.0)
      aws-sdk-core (~> 3, >= 3.174.0)
      aws-sigv4 (~> 1.1)
    aws-sdk-waf (1.50.0)
      aws-sdk-core (~> 3, >= 3.174.0)
      aws-sigv4 (~> 1.1)
    aws-sdk-wafregional (1.51.0)
      aws-sdk-core (~> 3, >= 3.174.0)
      aws-sigv4 (~> 1.1)
    aws-sdk-wafv2 (1.60.0)
      aws-sdk-core (~> 3, >= 3.174.0)
      aws-sigv4 (~> 1.1)
    aws-sdk-wellarchitected (1.23.0)
      aws-sdk-core (~> 3, >= 3.174.0)
      aws-sigv4 (~> 1.1)
    aws-sdk-workdocs (1.45.0)
      aws-sdk-core (~> 3, >= 3.174.0)
      aws-sigv4 (~> 1.1)
    aws-sdk-worklink (1.36.0)
      aws-sdk-core (~> 3, >= 3.174.0)
      aws-sigv4 (~> 1.1)
    aws-sdk-workmail (1.54.0)
      aws-sdk-core (~> 3, >= 3.174.0)
      aws-sigv4 (~> 1.1)
    aws-sdk-workmailmessageflow (1.24.0)
      aws-sdk-core (~> 3, >= 3.174.0)
      aws-sigv4 (~> 1.1)
    aws-sdk-workspaces (1.81.0)
      aws-sdk-core (~> 3, >= 3.174.0)
      aws-sigv4 (~> 1.1)
    aws-sdk-workspacesweb (1.9.0)
      aws-sdk-core (~> 3, >= 3.174.0)
      aws-sigv4 (~> 1.1)
    aws-sdk-xray (1.53.0)
      aws-sdk-core (~> 3, >= 3.174.0)
      aws-sigv4 (~> 1.1)
    aws-sigv2 (1.1.0)
    aws-sigv4 (1.5.2)
      aws-eventstream (~> 1, >= 1.0.2)
    aws_lambda_ric (2.0.0)
    baja (0.9.2)
      factory_girl_rails
      rspec-rails
    basicjrpc (0.1.78)
      oj
      redis
      require_all
    bb-ruby (1.4.0)
    bcrypt (3.1.18)
    bcrypt_pbkdf (1.1.0)
    bibliothecary (8.6.3)
      commander
      deb_control
      librariesio-gem-parser
      ox (>= 2.8.1)
      packageurl-ruby
      sdl4r
      strings
      strings-ansi
      tomlrb (~> 2.0)
      typhoeus
    bibtex-ruby (6.0.0)
      latex-decode (~> 0.0)
    blankslate (2.1.2.4)
    blather (2.0.0)
      activesupport (>= 2.3.11)
      eventmachine (~> 1.2, >= 1.2.6)
      niceogiri (~> 1.0)
      nokogiri (~> 1.8, >= 1.8.3)
      sucker_punch (~> 2.0)
    bookyt_salary (0.5.1)
    boolean (1.0.1)
    bootstrap-navbar (3.2.1)
      gem_config (~> 0.3)
    bootstrap_forms (4.0.1)
    bootsy (0.0.4)
      carrierwave (>= 0.6.2)
      mini_magick (>= 3.4)
      remotipart (>= 1.0.2)
    bouncy-castle-java (1.5.0147)
    bson (4.15.0)
    buftok (0.2.0)
    build-environment (1.13.0)
    builder (3.2.4)
    bumbleworks (0.0.93)
      ruote
    cancancan (3.2.1)
    capistrano (3.17.3)
      airbrussh (>= 1.0.0)
      i18n
      rake (>= 10.0.0)
      sshkit (>= 1.9.0)
    capistrano-upload (1.0.1)
      capistrano (~> 3.0, >= 3.0.0)
    capistrano-upload-config (0.9.0)
      capistrano (>= 3.0)
    capistrano_colors (0.5.5)
    capng_c (0.2.2)
    capper (2.0.0)
      capistrano
      capistrano_colors
      dedent
      erubis
      rvm-capistrano
    carrierwave (2.2.3)
      activemodel (>= 5.0.0)
      activesupport (>= 5.0.0)
      addressable (~> 2.6)
      image_processing (~> 1.1)
      marcel (~> 1.0.0)
      mini_mime (>= 0.1.3)
      ssrf_filter (~> 1.0)
    carrierwave-ftp (0.4.1)
      carrierwave (>= 0.6.2)
      double-bag-ftps (= 0.1.3)
      net-sftp (~> 2.1.2)
    carrierwave-magic (0.0.4)
      carrierwave
      ruby-filemagic
    caze (0.2.2)
      activesupport (>= 3)
    cells (3.11.3)
      actionpack (>= 3.0)
      railties (>= 3.0)
      uber (~> 0.0.8)
    celluloid (0.18.0)
      timers (~> 4)
    celluloid-io (0.17.3)
      celluloid (>= 0.17.2)
      nio4r (>= 1.1)
      timers (>= 4.1.1)
    centurion (1.10.2)
      bcrypt_pbkdf
      excon (~> 0.33)
      logger-colors
      net-ssh
      rbnacl
      rbnacl-libsodium
      sshkit
      trollop
    certifi (2018.01.18)
    chamber (3.1.0)
      thor (>= 0.20.3, < 2.0)
    charlock_holmes (0.7.7)
    childprocess (4.1.0)
    chronic (0.10.2)
    chunky_png (1.3.15)
    cistern (2.8.2)
    claide (1.1.0)
    clamp (1.3.2)
    class_kit (0.8.0)
      hash_kit
      json
    climate_control (0.2.0)
    clipboard (1.3.6)
    clogger (2.4.0)
      rack (>= 1.0, < 3.0)
    cmxl (1.5.0)
      rchardet19
    cnccs (0.1.6)
    cobra_commander (0.7.0)
      ruby-graphviz (~> 1.2.3)
      thor (>= 0.18.1, < 2.0)
    cocaine (0.6.0)
      terrapin (= 0.6.0)
    cocoapods (1.12.1)
      addressable (~> 2.8)
      claide (>= 1.0.2, < 2.0)
      cocoapods-core (= 1.12.1)
      cocoapods-deintegrate (>= 1.0.3, < 2.0)
      cocoapods-downloader (>= 1.6.0, < 2.0)
      cocoapods-plugins (>= 1.0.0, < 2.0)
      cocoapods-search (>= 1.0.0, < 2.0)
      cocoapods-trunk (>= 1.6.0, < 2.0)
      cocoapods-try (>= 1.1.0, < 2.0)
      colored2 (~> 3.1)
      escape (~> 0.0.4)
      fourflusher (>= 2.3.0, < 3.0)
      gh_inspector (~> 1.0)
      molinillo (~> 0.8.0)
      nap (~> 1.0)
      ruby-macho (>= 2.3.0, < 3.0)
      xcodeproj (>= 1.21.0, < 2.0)
    cocoapods-core (1.12.1)
      activesupport (>= 5.0, < 8)
      addressable (~> 2.8)
      algoliasearch (~> 1.0)
      concurrent-ruby (~> 1.1)
      fuzzy_match (~> 2.0.4)
      nap (~> 1.0)
      netrc (~> 0.11)
      public_suffix (~> 4.0)
      typhoeus (~> 1.0)
    cocoapods-deintegrate (1.0.5)
    cocoapods-downloader (1.6.3)
    cocoapods-plugins (1.0.0)
      nap
    cocoapods-search (1.0.1)
    cocoapods-trunk (1.6.0)
      nap (>= 0.8, < 2.0)
      netrc (~> 0.11)
    cocoapods-try (1.2.0)
    cocoapods-user-defined-build-types (0.0.7)
      cocoapods (>= 1.5.0, < 2.0)
    codeclimate-test-reporter (1.0.7)
      simplecov
    codeclimate_circle_ci_coverage (0.2.2)
      codeclimate-test-reporter (>= 1.0, < 2)
      simplecov (~> 0.11)
    coder (0.4.0)
    coffee-rails (5.0.0)
      coffee-script (>= 2.2.0)
      railties (>= 5.2.0)
    coffee-script (2.4.1)
      coffee-script-source
      execjs
    coffee-script-source (1.12.2)
    color (1.8)
    color-schemer (0.2.8)
      compass-blend-modes (~> 0.0.2)
    color_diff (0.1)
    colorator (1.1.0)
    colored (1.2)
    colored2 (3.1.2)
    colorize (0.8.1)
    commander (4.0.5)
      highline (>= 1.5.0)
    commands (0.2.1)
      rails (>= 3.2.0)
    commonmarker (0.14.15)
      ruby-enum (~> 0.5)
    community_cookbook_releaser (1.2.0)
      octokit
    compass (1.0.3)
      chunky_png (~> 1.2)
      compass-core (~> 1.0.2)
      compass-import-once (~> 1.0.5)
      rb-fsevent (>= 0.9.3)
      rb-inotify (>= 0.9)
      sass (>= 3.3.13, < 3.5)
    compass-blend-modes (0.0.2)
      compass
    compass-core (1.0.3)
      multi_json (~> 1.0)
      sass (>= 3.3.0, < 3.5)
    compass-import-once (1.0.5)
      sass (>= 3.2, < 3.5)
    concurrent-ruby (1.2.2)
    connection_pool (2.4.1)
    consent (2.0.0)
      cancancan (= 3.2.1)
    console_logger (1.0.0)
    cookiejar (0.3.3)
    cool.io (1.7.1)
    copy_tuner_client (0.16.2)
      i18n (>= 0.5.0)
      json
      nokogiri
    countries (1.2.5)
      currencies (~> 0.4.2)
      i18n_data (~> 0.7.0)
    crass (1.0.6)
    css-class-string (0.1.1)
    curb (0.9.11)
    currencies (0.4.2)
    czmq-ffi-gen (1.0.0)
      ffi (~> 1.11)
    daemons (1.4.1)
    dalli (3.2.4)
    date (3.3.3)
    db_schema_checker (0.2.1)
    deb_control (0.0.1)
    debugging (2.1.0)
      paint (>= 0.9, < 3.0)
    declarative (0.0.20)
    dedent (1.0.1)
    deep_merge (1.2.2)
    deep_pluck (1.2.0)
      activerecord (>= 3)
      pluck_all (>= 2.3.2)
      rails_compatibility (>= 0.0.4)
    delayed_job (4.1.11)
      activesupport (>= 3.0, < 8.0)
    delayed_job_active_record (4.1.7)
      activerecord (>= 3.0, < 8.0)
      delayed_job (>= 3.0, < 5)
    delayed_job_heartbeat_plugin (0.5.0)
      delayed_job (>= 4.1.0)
      delayed_job_active_record (>= 4.1.0)
    delayed_job_worker_pool (1.0.0)
      delayed_job (>= 3.0, < 4.2)
    descendants_tracker (0.0.4)
      thread_safe (~> 0.3, >= 0.3.1)
    devise (4.9.2)
      bcrypt (~> 3.0)
      orm_adapter (~> 0.1)
      railties (>= 4.1.0)
      responders
      warden (~> 1.2.3)
    diff-lcs (1.5.0)
    diffy (3.4.2)
    digest-crc (0.6.4)
      rake (>= 12.0.0, < 14.0.0)
    diplomat (2.6.4)
      deep_merge (~> 1.2)
      faraday (>= 0.9, < 3.0, != 2.0.0)
    discourse-fonts (0.0.9)
    docile (1.4.0)
    dogapi (1.45.0)
      multi_json
    domain_name (0.5.20190701)
      unf (>= 0.0.5, < 1.0.0)
    double-bag-ftps (0.1.3)
    dpl (1.10.16)
    dpl-surge (1.10.16)
      dpl (= 1.10.16)
    druuid (1.0.2)
    dry-auto_inject (1.0.1)
      dry-core (~> 1.0)
      zeitwerk (~> 2.6)
    dry-config (1.2.7)
      deep_merge
    dry-configurable (1.0.1)
      dry-core (~> 1.0, < 2)
      zeitwerk (~> 2.6)
    dry-core (1.0.0)
      concurrent-ruby (~> 1.0)
      zeitwerk (~> 2.6)
    dry-inflector (1.0.0)
    dry-initializer (3.1.1)
    dry-logic (1.5.0)
      concurrent-ruby (~> 1.0)
      dry-core (~> 1.0, < 2)
      zeitwerk (~> 2.6)
    dry-rails (0.7.0)
      dry-schema (~> 1.7)
      dry-system (~> 1.0, < 2)
      dry-validation (~> 1.5)
    dry-schema (1.13.2)
      concurrent-ruby (~> 1.0)
      dry-configurable (~> 1.0, >= 1.0.1)
      dry-core (~> 1.0, < 2)
      dry-initializer (~> 3.0)
      dry-logic (>= 1.4, < 2)
      dry-types (>= 1.7, < 2)
      zeitwerk (~> 2.6)
    dry-system (1.0.1)
      dry-auto_inject (~> 1.0, < 2)
      dry-configurable (~> 1.0, < 2)
      dry-core (~> 1.0, < 2)
      dry-inflector (~> 1.0, < 2)
    dry-types (1.7.1)
      concurrent-ruby (~> 1.0)
      dry-core (~> 1.0)
      dry-inflector (~> 1.0)
      dry-logic (~> 1.4)
      zeitwerk (~> 2.6)
    dry-validation (1.10.0)
      concurrent-ruby (~> 1.0)
      dry-core (~> 1.0, < 2)
      dry-initializer (~> 3.0)
      dry-schema (>= 1.12, < 2)
      zeitwerk (~> 2.6)
    eac_launcher (0.8.0)
      curb (~> 0.9.4)
      eac_ruby_utils (~> 0.24, >= 0.24.1)
      git (~> 1.6)
      ruby-progressbar
    eac_ruby_gems_utils (0.10.0)
      eac_ruby_utils (~> 0.81)
    eac_ruby_utils (0.82.0)
      activesupport (>= 4.0)
      addressable (~> 2.6)
      filesize
      net-ssh (~> 4.2)
    earlgrey (1.16.0)
      colored (>= 1.2)
      thor (>= 0.19.1)
      xcodeproj (>= 1.3.0)
    elastic_whenever (0.7.0)
      aws-sdk-cloudwatchevents (~> 1.5)
      aws-sdk-ecs (~> 1.0)
      aws-sdk-iam (~> 1.0)
      chronic (~> 0.10)
      retryable (~> 3.0)
      rexml
    em-eventsource (0.3.2)
      em-http-request (~> 1.0)
      eventmachine (~> 1.0)
    em-http-request (1.1.7)
      addressable (>= 2.3.4)
      cookiejar (!= 0.3.1)
      em-socksify (>= 0.3)
      eventmachine (>= 1.0.3)
      http_parser.rb (>= 0.6.0)
    em-socksify (0.3.2)
      eventmachine (>= 1.0.0.beta.4)
    em-websocket (0.5.3)
      eventmachine (>= 0.12.9)
      http_parser.rb (~> 0)
    ember-cli-assets (0.0.37)
    embulk-output-td (0.5.3)
    emoji (1.0.7)
      json
    encrypto_signo (1.0.0)
    encryptor2 (1.0.0)
    ende (0.5.22)
    english (0.7.0)
    equalizer (0.0.11)
    equatable (0.7.0)
    erubi (1.12.0)
    erubis (2.7.0)
    escape (0.0.4)
    escape_utils (1.1.1)
    ethon (0.16.0)
      ffi (>= 1.15.0)
    eventmachine (1.2.7)
    eventq_aws (1.16.1)
      aws-sdk-core
      eventq_base (~> 1.15)
    eventq_base (1.18.0)
      class_kit
      oj
      openssl
      redlock
    evil-winrm (3.5)
      fileutils (~> 1.0)
      logger (~> 1.4, >= 1.4.3)
      stringio (~> 3.0)
      winrm (~> 2.3, >= 2.3.2)
      winrm-fs (~> 1.3, >= 1.3.2)
    excon (0.99.0)
    execjs (2.8.1)
    extlib (0.9.16)
    exvo-auth (0.7.15)
      httparty (>= 0.6.1)
      oa-oauth
    eyes_core (4.6.2)
      colorize
      eyes_universal (~> 3.3.2)
      faraday
      faraday-cookie_jar
      faraday_middleware
      oj
      sorted_set
      websocket
    eyes_images (4.2.2)
      eyes_core (= 4.6.2)
    eyes_universal (3.3.2)
      open-uri (~> 0.1, >= 0.1.0)
      stringio
    facter (4.4.0)
      hocon (~> 1.3)
      thor (>= 1.0.1, < 2.0)
    factory_girl (4.9.0)
      activesupport (>= 3.0.0)
    factory_girl_rails (4.9.0)
      factory_girl (~> 4.9.0)
      railties (>= 3.0.0)
    faktory_worker_ruby (1.3.0)
      connection_pool (~> 2.2, >= 2.2.2)
    fanforce (0.21.0)
      multi_json (>= 1.7.2)
      rack
    faraday (0.17.6)
      multipart-post (>= 1.2, < 3)
    faraday-cookie_jar (0.0.7)
      faraday (>= 0.8.0)
      http-cookie (~> 1.0.0)
    faraday-sunset (0.2.0)
      faraday (>= 0.9.0, < 1)
    faraday_middleware (0.14.0)
      faraday (>= 0.7.4, < 1.0)
    fastlane-plugin-google_cloud_storage (0.1.1)
      google-cloud-storage
    fastlane-plugin-google_drive (0.9.0)
      google-apis-drive_v3 (>= 0.5.0, < 1.0.0)
      google-apis-sheets_v4 (>= 0.4.0, < 1.0.0)
      google_drive2 (~> 3, >= 3.0.9)
    fastlane-plugin-tpa (1.1.0)
    fastlane-plugin-unzip (1.0.1)
    ferret (0.11.8.7)
    ffi (1.15.5)
    file-tail (1.2.0)
      tins (~> 1.0)
    filesize (0.2.0)
    fileutils (1.7.1)
    fluent-plugin-dd (0.1.8)
      dogapi (>= 1.15.0)
      fluentd
    fluent_command_builder (0.9.7)
      rake
      term-ansicolor
    fluentd (1.16.1)
      bundler
      cool.io (>= 1.4.5, < 2.0.0)
      http_parser.rb (>= 0.5.1, < 0.9.0)
      msgpack (>= 1.3.1, < 2.0.0)
      serverengine (>= 2.3.2, < 3.0.0)
      sigdump (~> 0.2.2)
      strptime (>= 0.2.4, < 1.0.0)
      tzinfo (>= 1.0, < 3.0)
      tzinfo-data (~> 1.0)
      webrick (~> 1.4)
      yajl-ruby (~> 1.0)
    fog-azure (0.0.1)
      fog-core (~> 1.27)
      fog-json (~> 1.0)
      fog-xml (~> 0.1)
    fog-core (1.45.0)
      builder
      excon (~> 0.58)
      formatador (~> 0.2)
    fog-json (1.2.0)
      fog-core
      multi_json (~> 1.10)
    fog-xml (0.1.4)
      fog-core
      nokogiri (>= 1.5.11, < 2.0.0)
    formatador (0.3.0)
    formtastic (4.0.0)
      actionpack (>= 5.2.0)
    formtastic_i18n (0.7.0)
    forwardable-extended (2.6.0)
    fourflusher (2.3.1)
    fukuzatsu (2.3.2)
      analyst (>= 0.16.0)
      haml
      parser
      rainbow
      rouge
      terminal-table
      thor
    future-resource (1.1.0)
    fuzzy_match (2.0.4)
    gapic-common (0.3.4)
      google-protobuf (~> 3.12, >= 3.12.2)
      googleapis-common-protos (>= 1.3.9, < 2.0)
      googleapis-common-protos-types (>= 1.0.4, < 2.0)
      googleauth (~> 0.9)
      grpc (~> 1.25)
    gb-agencies (0.0.7)
    gem_config (0.3.2)
    gemoji (4.1.0)
    get_process_mem (0.2.7)
      ffi (~> 1.0)
    getopt (1.6.0)
    gh_inspector (1.1.3)
    git (1.18.0)
      addressable (~> 2.8)
      rchardet (~> 1.8)
    github-linguist (4.8.18)
      charlock_holmes (~> 0.7.3)
      escape_utils (~> 1.1.0)
      mime-types (>= 1.19)
      rugged (>= 0.23.0b)
    github-markup (1.7.0)
    github_api (0.19.0)
      addressable (~> 2.4)
      descendants_tracker (~> 0.0.4)
      faraday (>= 0.8, < 2)
      hashie (~> 3.5, >= 3.5.2)
      oauth2 (~> 1.0)
    globalid (1.1.0)
      activesupport (>= 5.0)
    gnip-rule (1.0.0)
      json (>= 1.8, < 3)
      rest-client (>= 1.6, < 3)
    google-apis-core (0.11.0)
      addressable (~> 2.5, >= 2.5.1)
      googleauth (>= 0.16.2, < 2.a)
      httpclient (>= 2.8.1, < 3.a)
      mini_mime (~> 1.0)
      representable (~> 3.0)
      retriable (>= 2.0, < 4.a)
      rexml
      webrick
    google-apis-drive_v3 (0.40.0)
      google-apis-core (>= 0.11.0, < 2.a)
    google-apis-iamcredentials_v1 (0.17.0)
      google-apis-core (>= 0.11.0, < 2.a)
    google-apis-sheets_v4 (0.22.0)
      google-apis-core (>= 0.11.0, < 2.a)
    google-apis-storage_v1 (0.19.0)
      google-apis-core (>= 0.9.0, < 2.a)
    google-cloud-core (1.6.0)
      google-cloud-env (~> 1.0)
      google-cloud-errors (~> 1.0)
    google-cloud-env (1.6.0)
      faraday (>= 0.17.3, < 3.0)
    google-cloud-errors (1.3.1)
    google-cloud-recaptcha_enterprise-v1 (0.4.0)
      gapic-common (~> 0.3)
      google-cloud-errors (~> 1.0)
    google-cloud-storage (1.44.0)
      addressable (~> 2.8)
      digest-crc (~> 0.4)
      google-apis-iamcredentials_v1 (~> 0.1)
      google-apis-storage_v1 (~> 0.19.0)
      google-cloud-core (~> 1.6)
      googleauth (>= 0.16.2, < 2.a)
      mini_mime (~> 1.0)
    google-protobuf (3.23.2-arm64-darwin)
    google-tag-manager-rails (0.1.3)
      rails (>= 3.0.0)
    google_drive2 (3.0.9)
      google-apis-drive_v3 (>= 0.5.0, < 2.0.0)
      google-apis-sheets_v4 (>= 0.4.0, < 2.0.0)
      googleauth (>= 0.5.0, < 2.0.0)
      nokogiri (>= 1.5.3, < 2.0.0)
    googleapis-common-protos (1.4.0)
      google-protobuf (~> 3.14)
      googleapis-common-protos-types (~> 1.2)
      grpc (~> 1.27)
    googleapis-common-protos-types (1.6.0)
      google-protobuf (~> 3.14)
    googleauth (0.17.1)
      faraday (>= 0.17.3, < 2.0)
      jwt (>= 1.4, < 3.0)
      memoist (~> 0.16)
      multi_json (~> 1.11)
      os (>= 0.9, < 2.0)
      signet (~> 0.15)
    govuk_template (0.26.0)
      rails (>= 3.1)
    grape (1.7.1)
      activesupport
      builder
      dry-types (>= 1.1)
      mustermann-grape (~> 1.0.0)
      rack (>= 1.3.0, < 3)
      rack-accept
    grape-entity (1.0.0)
      activesupport (>= 3.0.0)
      multi_json (>= 1.3.2)
    graphql (2.0.22)
    graphql-pagination (2.1.1)
      graphql (~> 2.0)
    grid_table (1.6.8)
    grpc (1.55.0)
      google-protobuf (~> 3.23)
      googleapis-common-protos-types (~> 1.0)
    gssapi (1.3.1)
      ffi (>= 1.0.1)
    gyoku (1.4.0)
      builder (>= 2.1.2)
      rexml (~> 3.0)
    haml (6.1.1)
      temple (>= 0.8.2)
      thor
      tilt
    has-guarded-handlers (1.6.3)
    has_scope (0.8.1)
      actionpack (>= 5.2)
      activesupport (>= 5.2)
    hash_kit (0.6.0)
    hashie (3.6.0)
    hashlib (0.0.35)
    hcl_parser (0.2.2)
      rhcl
    heroic-sns (1.2)
      json (>= 1.7)
      rack (>= 1.4)
    highline (2.1.0)
    hitimes (2.0.0)
    hocon (1.4.0)
    hooks (0.4.1)
      uber (~> 0.0.14)
    hosted_graphite (0.2.0)
    hpricot (0.8.6)
    html-pipeline (2.14.3)
      activesupport (>= 2)
      nokogiri (>= 1.4)
    http (3.3.0)
      addressable (~> 2.3)
      http-cookie (~> 1.0)
      http-form_data (~> 2.0)
      http_parser.rb (~> 0.6.0)
    http-accept (1.7.0)
    http-cookie (1.0.5)
      domain_name (~> 0.5)
    http-form_data (2.3.0)
    http_accept (0.1.6)
    http_parser.rb (0.6.0)
    httparty (0.21.0)
      mini_mime (>= 1.0.0)
      multi_xml (>= 0.5.2)
    httpclient (2.8.3)
    i18n (1.13.0)
      concurrent-ruby (~> 1.0)
    i18n_data (0.7.0)
    iconv (1.0.8)
    image_processing (1.12.2)
      mini_magick (>= 4.9.5, < 5)
      ruby-vips (>= 2.0.17, < 3)
    imgproxy (2.1.0)
      anyway_config (>= 2.0.0)
    inherited_resources (1.13.1)
      actionpack (>= 5.2, < 7.1)
      has_scope (~> 0.6)
      railties (>= 5.2, < 7.1)
      responders (>= 2, < 4)
    insensitive_hash (0.3.3)
    ios-devices (0.3.0)
    iso639 (1.3.2)
    isoics (0.1.11)
    jaro_winkler (1.5.6)
    jekyll (4.3.2)
      addressable (~> 2.4)
      colorator (~> 1.0)
      em-websocket (~> 0.5)
      i18n (~> 1.0)
      jekyll-sass-converter (>= 2.0, < 4.0)
      jekyll-watch (~> 2.0)
      kramdown (~> 2.3, >= 2.3.1)
      kramdown-parser-gfm (~> 1.0)
      liquid (~> 4.0)
      mercenary (>= 0.3.6, < 0.5)
      pathutil (~> 0.9)
      rouge (>= 3.0, < 5.0)
      safe_yaml (~> 1.0)
      terminal-table (>= 1.8, < 4.0)
      webrick (~> 1.7)
    jekyll-attendease (0.5.5)
      httparty
      i18n
      json
      redcarpet
    jekyll-contentblocks (1.2.0)
      jekyll
    jekyll-sass-converter (3.0.0)
      sass-embedded (~> 1.54)
    jekyll-watch (2.2.1)
      listen (~> 3.0)
    jeweler (2.1.1)
      builder
      bundler (>= 1.0)
      git (>= 1.2.5)
      github_api
      highline (>= 1.6.15)
      nokogiri (>= 1.5.10)
      rake
      rdoc
      semver
    jmespath (1.6.2)
    jquery-rails (4.5.1)
      rails-dom-testing (>= 1, < 3)
      railties (>= 4.2.0)
      thor (>= 0.14, < 2.0)
    jquery-timepicker-addon-rails (1.4.1)
      railties (>= 3.1)
    jquery-ui-rails (5.0.5)
      railties (>= 3.2.16)
    jquery.fileupload-rails (1.11.0)
      jquery-ui-rails (~> 5.0)
      railties (>= 3.1)
    jruby-openssl (0.9.4)
      bouncy-castle-java (>= 1.5.0147)
    jruby-win32ole (0.8.5)
    js-routes (2.2.5)
      railties (>= 4)
    json (1.8.6)
    json2table (1.0.7)
    judge (3.1.0)
      rails (>= 5.0)
    jwt (2.7.0)
    kaminari (1.2.2)
      activesupport (>= 4.1.0)
      kaminari-actionview (= 1.2.2)
      kaminari-activerecord (= 1.2.2)
      kaminari-core (= 1.2.2)
    kaminari-actionview (1.2.2)
      actionview
      kaminari-core (= 1.2.2)
    kaminari-activerecord (1.2.2)
      activerecord
      kaminari-core (= 1.2.2)
    kaminari-core (1.2.2)
    katex (0.10.0)
      execjs (~> 2.8)
    kiji (0.3.0)
      faraday (< 3)
      nokogiri
    killbill-client (3.3.1)
    knife-art (1.0.2)
    kramdown (2.4.0)
      rexml
    kramdown-parser-gfm (1.1.0)
      kramdown (~> 2.0)
    latex-decode (0.4.0)
    layer-ruby (0.7.3)
      rest-client (>= 1.8, < 3.0)
    librariesio-gem-parser (1.0.0)
    libshadow (1.0.1)
    linkedin-v2 (0.1.7)
      faraday (~> 0.11)
      hashie (~> 3.2)
      mime-types (>= 1.16)
      oauth2 (~> 1.0)
    linkscape (0.3.2)
      ruby-hmac
    linode (0.9.2)
      httparty (~> 0.0)
    liquid (4.0.4)
    listen (3.8.0)
      rb-fsevent (~> 0.10, >= 0.10.3)
      rb-inotify (~> 0.9, >= 0.9.10)
    little-plugger (1.1.4)
    log4r (1.1.10)
    logger (1.5.3)
    logger-colors (1.0.0)
    logging (2.3.1)
      little-plugger (~> 1.1)
      multi_json (~> 1.14)
    logutils (0.6.1)
    loofah (2.21.3)
      crass (~> 1.0.2)
      nokogiri (>= 1.12.0)
    lucene (0.5.0.beta.1)
    magento_client (0.1.0)
      http-cookie (~> 1.0)
      httparty (~> 0)
      multi_json (~> 1)
      nokogiri (~> 1.6)
      oauth (~> 0)
    mail (2.8.1)
      mini_mime (>= 0.1.1)
      net-imap
      net-pop
      net-smtp
    mailgunner (3.2.1)
    marcel (1.0.2)
    material_raingular (0.6.16)
      js-routes
    mdb (0.5.0)
    mem (0.1.5)
    memoist (0.16.2)
    memoizable (0.4.2)
      thread_safe (~> 0.3, >= 0.3.1)
    merb-assets (1.1.3)
      merb-core (~> 1.1.3)
    merb-core (1.1.3)
      bundler
      erubis (>= 2.6.2)
      extlib (>= 0.9.13)
      mime-types (>= 1.16)
      rack
      rake
    mercenary (0.4.0)
    message_block (2.0.3)
      rails (>= 3.1.0)
    method_source (1.0.0)
    mime-types (3.4.1)
      mime-types-data (~> 3.2015)
    mime-types-data (3.2023.0218.1)
    mimemagic (0.3.10)
      nokogiri (~> 1)
      rake
    mini_magick (4.12.0)
    mini_mime (1.1.2)
    mini_suffix (0.3.3)
      ffi (~> 1.9)
    minitar (0.9)
    minitest (5.18.0)
    minitest-distributed (0.2.9)
      minitest (~> 5.12)
      redis (>= 5.0.6, < 6)
      sorbet-runtime
    mirage (3.0.14)
      childprocess
      haml
      hashie
      httparty
      ptools
      sinatra
      thor
    miro (0.4.0)
      chunky_png
      cocaine
      color
      oily_png
    mixlib-cli (1.7.0)
    modalibrary (0.1.50)
    molinillo (0.8.0)
    mongo (2.18.2)
      bson (>= 4.14.1, < 5.0.0)
    mongoid (8.0.3)
      activemodel (>= 5.1, < 7.1, != 7.0.0)
      mongo (>= 2.18.0, < 3.0.0)
      ruby2_keywords (~> 0.0.5)
    mongoid-compatibility (0.6.0)
      activesupport
      mongoid (>= 2.0)
    mongoid-embedded-errors (4.0.0)
      mongoid (>= 7.0, < 9.0.0)
    mongoid-scroll (1.0.1)
      i18n
      mongoid (>= 3.0)
      mongoid-compatibility
    msgpack (1.7.1)
    multi_json (1.15.0)
    multi_xml (0.6.0)
    multipart-post (2.3.0)
    mustermann (3.0.0)
      ruby2_keywords (~> 0.0.1)
    mustermann-grape (1.0.2)
      mustermann (>= 1.0.0)
    nanaimo (0.3.0)
    nap (1.1.0)
    naught (1.1.0)
    neighbor (0.2.3)
      activerecord (>= 5.2)
    nested_form (0.3.2)
    net-ftp-list (3.3.0)
    net-imap (0.3.4)
      date
      net-protocol
    net-pop (0.1.2)
      net-protocol
    net-protocol (0.2.1)
      timeout
    net-scp (4.0.0)
      net-ssh (>= 2.6.5, < 8.0.0)
    net-sftp (2.1.2)
      net-ssh (>= 2.6.5)
    net-smtp (0.3.3)
      net-protocol
    net-ssh (4.2.0)
    netrc (0.11.0)
    newrelic_rpm (9.2.2)
    niceogiri (1.1.2)
      nokogiri (~> 1.5)
    nio4r (2.5.9)
    nokogiri (1.15.2-arm64-darwin)
      racc (~> 1.4)
    nori (2.6.0)
    oa-core (0.0.3)
      rack
    oa-oauth (0.0.1)
      json
      nokogiri
      oa-core (~> 0.0.0)
      oauth
      oauth2
    oauth (0.6.2)
      snaky_hash (~> 2.0)
      version_gem (~> 1.1)
    oauth2 (1.4.11)
      faraday (>= 0.17.3, < 3.0)
      jwt (>= 1.0, < 3.0)
      multi_json (~> 1.3)
      multi_xml (~> 0.5)
      rack (>= 1.2, < 4)
    occams-record (1.7.1)
      activerecord (>= 4.2, < 7.1)
    ocra (1.3.11)
    octokit (4.22.0)
      faraday (>= 0.9)
      sawyer (~> 0.8.0, >= 0.5.3)
    ofx-parser (1.1.0)
      hpricot (>= 0.6)
    oily_png (1.2.1)
      chunky_png (~> 1.3.7)
    oj (3.14.3)
    omniauth (1.9.2)
      hashie (>= 3.4.6)
      rack (>= 1.6.2, < 3)
    omniauth-douban-oauth2 (0.0.7)
      omniauth (~> 1.0)
      omniauth-oauth2 (~> 1.1)
    omniauth-intercom (0.1.9)
      omniauth-oauth2 (>= 1.2)
    omniauth-lightspeed (1.0.0)
      nokogiri
      omniauth-oauth2
    omniauth-oauth2 (1.7.3)
      oauth2 (>= 1.4, < 3)
      omniauth (>= 1.9, < 3)
    omniauth-qq-connect (0.2.0)
      omniauth (~> 1.0)
      omniauth-oauth2 (~> 1.0)
    onering-client (0.0.81)
      addressable
      deep_merge
      facter (>= 1.7.2)
      hashlib (>= 0.0.19)
      httparty
      multi_json
      rainbow
      trollop
      xml-simple
    onering-report-plugins (0.0.65)
      onering-client
    onfire (0.2.0)
    open-uri (0.3.0)
      stringio
      time
      uri
    opendelivery (0.5.0)
      aws-sdk-simpledb (~> 1)
      encrypto_signo (= 1.0.0)
      json (~> 1.8)
    openid-redis-store (0.0.2)
      redis
      ruby-openid
    openssl (3.1.0)
    orm_adapter (0.5.0)
    os (1.1.4)
    ox (2.14.16)
    packageurl-ruby (0.1.0)
    paint (2.3.0)
    pairing_heap (3.0.1)
    paperclip (6.1.0)
      activemodel (>= 4.2.0)
      activesupport (>= 4.2.0)
      mime-types
      mimemagic (~> 0.3.0)
      terrapin (~> 0.6.0)
    paperclip-aws (1.6.8)
      aws-sdk (>= 1.2.0)
      paperclip (>= 2.5.0)
    parallel (1.23.0)
    parser (3.2.2.1)
      ast (~> 2.4.1)
    parslet (1.4.0)
      blankslate (~> 2.0)
    pastel (0.7.4)
      equatable (~> 0.6)
      tty-color (~> 0.5)
    pathutil (0.16.2)
      forwardable-extended (~> 2.6)
    pay_with_amazon (1.1.0)
    perfectqueue (0.10.1)
      sequel (>= 3.48.0)
    petrovich (1.1.4)
    piggybak (0.7.7)
      activemerchant
      countries (~> 1.2.2)
      devise
      rack-ssl-enforcer
      rails_admin
    pivot_table (1.0.0)
    planout (0.1.2)
    plist (3.7.0)
    pluck_all (2.3.3)
      activesupport (>= 3.0.0)
      rails_compatibility (>= 0.0.7)
    plugin_manager (1.5)
    powerpack (0.1.3)
    prius (5.0.0)
    pry-twitter (1.34.2)
      tty-box (= 0.3.0)
      twitter (~> 6.0)
      unicode-display_width (~> 1.4)
    psych (5.1.0)
      stringio
    ptools (1.5.0)
    public_suffix (4.0.7)
    public_uid (2.2.0)
      activerecord (> 4.2)
    pullreview-coverage (0.0.5)
      certifi
      simplecov (>= 0.7.1, < 1.0.0)
    puma-cloudwatch (0.4.8)
      aws-sdk-cloudwatch
    punchblock (1.0.0)
      activesupport (>= 2.1.0)
      blather (>= 0.5.12)
      celluloid (>= 0.9.0)
      future-resource (>= 0.0.2)
      has-guarded-handlers (>= 0.1.0)
      niceogiri (>= 0.0.4)
      ruby_ami (>= 0.1.3)
      ruby_speech (>= 0.5.1)
      state_machine (>= 1.0.1)
    qbxml (0.4.0)
      activesupport (>= 4.1.0)
      builder (~> 3.0)
      nokogiri (~> 1.5)
    qiita-markdown (1.0.4)
      addressable
      gemoji
      github-linguist (~> 4.0)
      html-pipeline (~> 2.0)
      mem
      qiita_marker (~> 0.23.9)
      rouge (~> 4.1.0)
      sanitize
    qiita_marker (0.23.9.0)
    qtbindings (4.8.6.5)
    rabbit_jobs (0.6.2)
      amqp (~> 0.9)
      rails (>= 3.0)
      rake
      rufus-scheduler (~> 2.0)
    racc (1.6.2)
    rack (2.2.7)
    rack-accept (0.4.5)
      rack (>= 0.4)
    rack-accept-default (0.0.2)
      rack
    rack-active_record_status (0.6.0)
      activerecord
      rack
    rack-client (0.4.2)
      rack (>= 1.0.0)
    rack-iframe (0.0.3)
      rack
    rack-jekyll (0.3.5)
      jekyll
      rack
    rack-protection (3.0.6)
      rack
    rack-ssl-enforcer (0.2.9)
    rack-test (2.1.0)
      rack (>= 1.3)
    rack-unreloader (2.1.0)
    rack-zippy (3.0.1)
    rails (7.0.5)
      actioncable (= 7.0.5)
      actionmailbox (= 7.0.5)
      actionmailer (= 7.0.5)
      actionpack (= 7.0.5)
      actiontext (= 7.0.5)
      actionview (= 7.0.5)
      activejob (= 7.0.5)
      activemodel (= 7.0.5)
      activerecord (= 7.0.5)
      activestorage (= 7.0.5)
      activesupport (= 7.0.5)
      bundler (>= 1.15.0)
      railties (= 7.0.5)
    rails-dom-testing (2.0.3)
      activesupport (>= 4.2.0)
      nokogiri (>= 1.6)
    rails-env-credentials (0.1.5)
      rails (>= 5.2.0.rc1)
    rails-html-sanitizer (1.6.0)
      loofah (~> 2.21)
      nokogiri (~> 1.14)
    rails_admin (3.1.2)
      activemodel-serializers-xml (>= 1.0)
      kaminari (>= 0.14, < 2.0)
      nested_form (~> 0.3)
      rails (>= 6.0, < 8)
      turbo-rails (~> 1.0)
    rails_compatibility (0.0.8)
      activerecord (>= 3)
    railslts-version (3.2.22.2)
    railties (7.0.5)
      actionpack (= 7.0.5)
      activesupport (= 7.0.5)
      method_source
      rake (>= 12.2)
      thor (~> 1.0)
      zeitwerk (~> 2.5)
    rainbow (3.1.1)
    rake (13.0.6)
    rakuten_web_service (1.12.0)
    ransack (3.2.1)
      activerecord (>= 6.1.5)
      activesupport (>= 6.1.5)
      i18n
    rb-fsevent (0.11.2)
    rb-inotify (0.10.1)
      ffi (~> 1.0)
    rbnacl (7.1.1)
      ffi
    rbnacl-libsodium (1.0.16)
      rbnacl (>= 3.0.1)
    rbtree (0.4.6)
    rchardet (1.8.0)
    rchardet19 (1.3.7)
    rcov (1.0.0)
    rdoc (6.5.0)
      psych (>= 4.0.0)
    rdp-rautomation (0.6.3.1)
    rdp-ruby-wmi (0.3.1)
    rdp-win32screenshot (0.0.9)
      ffi
    record_with_operator (1.0.1)
      activerecord
    redcar (0.13)
      bouncy-castle-java
      bundler
      git
      jruby-openssl
      lucene (~> 0.5.0.beta.1)
      net-ftp-list
      net-sftp
      net-ssh
      plugin_manager
      redcar-bundles
      redcar-icons
      redcar-javamateview
      redcar-jruby
      redcar-svnkit
      ruby-blockcache
      spoon
      swt
    redcar-bundles (0.3)
    redcar-icons (0.3)
    redcar-javamateview (0.2)
      swt
    redcar-jruby (0.1)
    redcar-svnkit (0.2)
    redcarpet (3.6.0)
    redis (5.0.6)
      redis-client (>= 0.9.0)
    redis-client (0.14.1)
      connection_pool
    redlock (2.0.1)
      redis-client
    reel (0.6.1)
      celluloid (>= 0.15.1)
      celluloid-io (>= 0.15.0)
      http (>= 0.6.0.pre)
      http_parser.rb (>= 0.6.0)
      websocket-driver (>= 0.5.1)
    relaton-bib (1.9.17)
      addressable
      bibtex-ruby
      iso639
      nokogiri
    relaton-gb (1.9.0)
      cnccs (~> 0.1.1)
      gb-agencies (~> 0.0.1)
      relaton-iso-bib (>= 1.9.0)
    relaton-iso-bib (1.9.0)
      isoics (~> 0.1.6)
      relaton-bib (~> 1.9.0)
    remarkable (3.1.13)
      rspec (>= 1.2.0)
    remarkable_activerecord (3.1.13)
      remarkable (~> 3.1.13)
      rspec (>= 1.2.0)
    remotipart (1.4.4)
    rename (1.0.8)
      activesupport
      rails (>= 3.0.0)
      thor (>= 0.19.1)
    representable (3.2.0)
      declarative (< 0.1.0)
      trailblazer-option (>= 0.1.1, < 0.2.0)
      uber (< 0.2.0)
    require_all (3.0.0)
    responders (3.1.0)
      actionpack (>= 5.2)
      railties (>= 5.2)
    rest-client (2.1.0)
      http-accept (>= 1.7.0, < 2.0)
      http-cookie (>= 1.0.2, < 2.0)
      mime-types (>= 1.16, < 4.0)
      netrc (~> 0.8)
    rest-ftp-daemon (0.300.3)
      chamber
      double-bag-ftps
      facter
      get_process_mem
      grape
      grape-entity
      haml
      json
      net-sftp
      newrelic_rpm
      settingslogic
      sys-cpu
      thin (~> 1)
    retriable (3.1.2)
    retryable (3.0.5)
    rexml (3.2.5)
    rfauxfactory (0.1.5)
    rhcl (0.1.0)
      deep_merge
    rkelly (1.0.7)
    roda (3.68.0)
      rack
    rodauth (2.30.0)
      roda (>= 2.6.0)
      sequel (>= 4)
    rouge (4.1.2)
    rox-rollout (5.1.2)
      em-eventsource (~> 0.3.2)
    rspec (3.12.0)
      rspec-core (~> 3.12.0)
      rspec-expectations (~> 3.12.0)
      rspec-mocks (~> 3.12.0)
    rspec-autotest (1.0.2)
      rspec-core (>= 2.99.0.beta1, < 4.0.0)
    rspec-core (3.12.2)
      rspec-support (~> 3.12.0)
    rspec-expectations (3.12.3)
      diff-lcs (>= 1.2.0, < 2.0)
      rspec-support (~> 3.12.0)
    rspec-fire (1.3.0)
      rspec (>= 2.11, < 4)
    rspec-mocks (3.12.5)
      diff-lcs (>= 1.2.0, < 2.0)
      rspec-support (~> 3.12.0)
    rspec-rails (6.0.3)
      actionpack (>= 6.1)
      activesupport (>= 6.1)
      railties (>= 6.1)
      rspec-core (~> 3.12)
      rspec-expectations (~> 3.12)
      rspec-mocks (~> 3.12)
      rspec-support (~> 3.12)
    rspec-support (3.12.0)
    rspec-terraspace (0.3.2)
      activesupport
      memoist
      rainbow
      rspec
      zeitwerk
    rspec-testrail (0.1.2)
      rspec (~> 3.0)
    rubocop (0.58.0)
      jaro_winkler (~> 1.5.1)
      parallel (~> 1.10)
      parser (>= 2.5)
      powerpack (~> 0.1)
      rainbow (>= 2.2.2, < 4.0)
      ruby-progressbar (~> 1.7)
      unicode-display_width (~> 1.0, >= 1.0.1)
    rubocop-betterment (1.7.0)
      rubocop (= 0.58)
      rubocop-rspec (= 1.28.0)
    rubocop-rspec (1.28.0)
      rubocop (>= 0.58.0)
    ruby-blockcache (0.2)
    ruby-enum (0.9.0)
      i18n
    ruby-filemagic (0.7.3)
    ruby-graphviz (1.2.5)
      rexml
    ruby-hmac (0.4.0)
    ruby-macho (2.5.1)
    ruby-next-core (0.15.3)
    ruby-openid (2.9.2)
    ruby-progressbar (1.13.0)
    ruby-termios (1.1.0)
    ruby-vips (2.1.4)
      ffi (~> 1.12)
    ruby2_keywords (0.0.5)
    ruby2ruby (1.3.1)
      ruby_parser (~> 2.0)
      sexp_processor (~> 3.0)
    ruby_ami (2.4.0)
      celluloid-io (~> 0.13)
    ruby_engine (2.0.0)
    ruby_flipper (0.0.5)
    ruby_parser (2.3.1)
      sexp_processor (~> 3.0)
    ruby_speech (3.0.1)
      activesupport (>= 3.0.7)
      nokogiri (~> 1.8, >= 1.8.3)
    rubyfish (0.0.6)
    rubyntlm (0.6.3)
    rubysl-base64 (2.0.0)
    rubyzip (2.3.2)
    rufus-cloche (1.0.4)
      rufus-json (>= 1.0.3)
    rufus-dollar (1.0.4)
    rufus-json (1.0.6)
    rufus-mnemo (1.2.3)
    rufus-scheduler (2.0.24)
      tzinfo (>= 0.3.22)
    rufus-treechecker (1.0.8)
      ruby_parser (>= 2.0.5)
    rugged (1.6.3)
    rumbster (1.1.0)
      mail
    ruote (2.3.0.3)
      blankslate (= 2.1.2.4)
      parslet (= 1.4.0)
      ruby_parser (~> 2.3)
      rufus-cloche (>= 1.0.2)
      rufus-dollar (>= 1.0.4)
      rufus-json (>= 1.0.1)
      rufus-mnemo (>= 1.2.2)
      rufus-scheduler (= 2.0.24)
      rufus-treechecker (>= 1.0.8)
      sourcify (= 0.5.0)
    rvm-capistrano (1.5.0)
      capistrano (>= 2.15.4)
    safe_yaml (1.0.5)
    sane (0.25.7)
      os
    sanitize (6.0.1)
      crass (~> 1.0.2)
      nokogiri (>= 1.12.0)
    sass (3.4.25)
    sass-embedded (1.62.1-arm64-darwin)
      google-protobuf (~> 3.21)
    sawyer (0.8.2)
      addressable (>= 2.3.5)
      faraday (> 0.8, < 2.0)
    sdl4r (0.9.11)
    second_level_cache (2.7.1)
      activerecord (>= 6.0)
      activesupport (>= 6.0)
    selectize-rails (0.12.6)
    selenium-devtools (0.113.0)
      selenium-webdriver (~> 4.2)
    selenium-webdriver (4.9.1)
      rexml (~> 3.2, >= 3.2.5)
      rubyzip (>= 1.2.2, < 3.0)
      websocket (~> 1.0)
    semver (1.0.1)
    sensible-cinema (0.35.3)
      ffi
      hitimes
      jeweler
      jruby-win32ole
      mini_magick (>= 3.1)
      os (>= 0.9.4)
      plist
      rake
      rdp-rautomation (> 0.6.3)
      rdp-ruby-wmi
      rdp-win32screenshot (= 0.0.9)
      rspec (> 2)
      sane (>= 0.25.4)
      whichr (>= 0.3.6)
    sensu-plugin (4.0.0)
      json (< 3.0.0)
      mixlib-cli (~> 1.5)
    sensu-plugins-cassandra (3.0.2)
      english (= 0.7.0)
      sensu-plugin (~> 4.0)
    sensu-plugins-entropy-checks (2.0.2)
      sensu-plugin (~> 4.0)
    sequel (5.69.0)
    sequel-batches (2.0.2)
      sequel
    serverengine (2.3.2)
      sigdump (~> 0.2.2)
    set (1.0.3)
    settingslogic (2.0.9)
    sexp_processor (3.2.0)
    sham (2.0.0)
    shareable (1.1.4)
      actionpack (>= 3.0.0)
      activesupport (>= 3.0.0)
    shorturl (1.0.0)
    sidekiq (7.1.1)
      concurrent-ruby (< 2)
      connection_pool (>= 2.3.0)
      rack (>= 2.2.4)
      redis-client (>= 0.14.0)
    sidekiq-skylight (0.2.0)
      sidekiq (>= 3.3.0)
      skylight (>= 0.5.2)
    sigdump (0.2.4)
    signet (0.17.0)
      addressable (~> 2.8)
      faraday (>= 0.17.5, < 3.a)
      jwt (>= 1.5, < 3.0)
      multi_json (~> 1.10)
    simple_oauth (0.3.1)
    simplecov (0.22.0)
      docile (~> 1.1)
      simplecov-html (~> 0.11)
      simplecov_json_formatter (~> 0.1)
    simplecov-html (0.12.3)
    simplecov-teamcity-summary (1.0.0)
      simplecov
    simplecov_json_formatter (0.1.4)
    sinatra (3.0.6)
      mustermann (~> 3.0)
      rack (~> 2.2, >= 2.2.4)
      rack-protection (= 3.0.6)
      tilt (~> 2.0)
    sinatra_more (0.3.43)
      activesupport
      bundler (>= 0.9.2)
      sinatra (>= 0.9.2)
      thor (>= 0.11.8)
      tilt (>= 0.2)
    six-rsync (0.8.0)
      log4r (>= 1.1.2)
    skylight (5.3.4)
      activesupport (>= 5.2.0)
    slop (4.10.1)
    smusher (0.4.9)
      httpclient (>= 2.2)
      json
      rake
    snaky_hash (2.0.1)
      hashie
      version_gem (~> 1.1, >= 1.1.1)
    sorbet-runtime (0.5.10860)
    sorted_set (1.0.3)
      rbtree
      set (~> 1.0)
    sourcify (0.5.0)
      file-tail (>= 1.0.5)
      ruby2ruby (>= 1.2.5)
      ruby_parser (>= 2.0.5)
      sexp_processor (>= 3.0.5)
    soywiki (0.9.8.3)
    spoon (0.0.6)
      ffi
    sql-logging (3.0.11)
      rails (>= 4.0)
    sql-maker (1.0.0)
    sql_query (0.6.0)
      activerecord (>= 3.2)
    sqlite3 (1.6.3-arm64-darwin)
    sshkit (1.21.4)
      net-scp (>= 1.1.2)
      net-ssh (>= 2.8.0)
    ssrf_filter (1.1.1)
    stackup (1.8.0)
      aws-sdk-cloudformation (~> 1.6)
      clamp (~> 1.2)
      console_logger
      diffy (~> 3.2)
      multi_json
    state_machine (1.2.0)
    statistics2 (0.54)
    stator (0.5.0)
      activerecord
    stringio (3.0.7)
    strings (0.1.8)
      strings-ansi (~> 0.1)
      unicode-display_width (~> 1.5)
      unicode_utils (~> 1.4)
    strings-ansi (0.2.0)
    strptime (0.2.5)
    sucker_punch (2.1.2)
      concurrent-ruby (~> 1.0)
    surrealist (2.0.0)
      oj (~> 3.11)
    swt (4.6.1.1)
    sym (3.0.2)
      activesupport
      colored2 (~> 3)
      dalli
      highline
      slop (~> 4.3)
    symbiont-ruby (0.7.0)
    sync (0.5.0)
    sys-cpu (1.0.6)
      ffi (~> 1.1)
    tabulo (1.3.0)
      tty-screen (= 0.6.5)
    taglib-ruby (1.1.3)
    tee (1.0.0)
    telegram-bot (0.15.7)
      actionpack (>= 4.0, < 7.1)
      activesupport (>= 4.0, < 7.1)
      httpclient (~> 2.7)
    temple (0.10.2)
    term-ansicolor (1.7.1)
      tins (~> 1.0)
    terminal-table (3.0.2)
      unicode-display_width (>= 1.1.1, < 3)
    terrapin (0.6.0)
      climate_control (>= 0.0.3, < 1.0)
    the_sortable_tree (2.7.0)
      rails (>= 3.1)
    thin (1.8.2)
      daemons (~> 1.0, >= 1.0.9)
      eventmachine (~> 1.0, >= 1.0.4)
      rack (>= 1, < 3)
    thor (1.2.2)
    thread_safe (0.3.6)
    thumbs_up (0.6.7)
      activerecord
      statistics2
    tilt (2.1.0)
    time (0.2.2)
      date
    timeout (0.3.2)
    timers (4.3.5)
    tins (1.32.1)
      sync
    tomlrb (2.0.3)
    trailblazer-option (0.1.2)
    trollop (2.9.10)
    tty-box (0.3.0)
      pastel (~> 0.7.2)
      strings (~> 0.1.4)
      tty-cursor (~> 0.6.0)
    tty-color (0.6.0)
    tty-config (0.6.0)
    tty-cursor (0.6.1)
    tty-logger (0.3.0)
      pastel (~> 0.7.0)
    tty-screen (0.6.5)
    turbo-rails (1.4.0)
      actionpack (>= 6.0.0)
      activejob (>= 6.0.0)
      railties (>= 6.0.0)
    twitter (6.2.0)
      addressable (~> 2.3)
      buftok (~> 0.2.0)
      equalizer (~> 0.0.11)
      http (~> 3.0)
      http-form_data (~> 2.0)
      http_parser.rb (~> 0.6.0)
      memoizable (~> 0.4.0)
      multipart-post (~> 2.0)
      naught (~> 1.0)
      simple_oauth (~> 0.3.0)
    typhoeus (1.4.0)
      ethon (>= 0.9.0)
    tzinfo (2.0.6)
      concurrent-ruby (~> 1.0)
    tzinfo-data (1.2023.3)
      tzinfo (>= 1.0.0)
    uber (0.0.15)
    uber_config (1.1.3)
    umbrellio-sequel-plugins (0.11.0.143)
      sequel
      symbiont-ruby
    unf (0.1.4)
      unf_ext
    unf_ext (0.0.8.2)
    unicode-display_width (1.8.0)
    unicode_utils (1.4.0)
    update (0.1.2)
      slop
    uri (0.12.1)
    urlcrypt (0.2.0)
    validation_profiler (1.7.2)
    vandamme (0.0.12)
      commonmarker (~> 0.14.14)
      github-markup (~> 1.3)
    vanilla-ujs (1.3.0)
      railties (>= 4.2.0)
    version_gem (1.1.2)
    victor (0.3.4)
    warden (1.2.9)
      rack (>= 2.0.9)
    wash_out (0.12.0)
      nori (>= 2.0.0)
    washout_builder (2.0.5)
      activesupport (>= 4.0)
      wash_out (>= 0.9.1)
    wayback_machine_downloader (2.3.1)
    we-call (0.12.1)
      faraday (>= 0.9.0, < 1)
      faraday-sunset (~> 0.2)
      faraday_middleware (~> 0.10)
      typhoeus (~> 1.3)
    webrick (1.8.1)
    websocket (1.2.9)
    websocket-driver (0.7.5)
      websocket-extensions (>= 0.1.0)
    websocket-extensions (0.1.5)
    wepay (0.4.0)
    whichr (0.3.6)
      sane
    win32-ipc (0.7.0)
      ffi
    win32-mutex (0.4.3)
      win32-ipc (>= 0.6.0)
    winrm (2.3.6)
      builder (>= 2.1.2)
      erubi (~> 1.8)
      gssapi (~> 1.2)
      gyoku (~> 1.0)
      httpclient (~> 2.2, >= 2.2.0.2)
      logging (>= 1.6.1, < 3.0)
      nori (~> 2.0)
      rubyntlm (~> 0.6.0, >= 0.6.3)
    winrm-fs (1.3.5)
      erubi (~> 1.8)
      logging (>= 1.6.1, < 3.0)
      rubyzip (~> 2.0)
      winrm (~> 2.0)
    xcodeproj (1.22.0)
      CFPropertyList (>= 2.3.3, < 4.0)
      atomos (~> 0.1.3)
      claide (>= 1.0.2, < 2.0)
      colored2 (~> 3.1)
      nanaimo (~> 0.3.0)
      rexml (~> 3.2.4)
    xml-simple (1.1.9)
      rexml
    yajl-ruby (1.4.3)
    zeitwerk (2.6.8)
    zendesk2 (1.15.0)
      cistern (~> 2.3)
      faraday (~> 0.9)
      faraday_middleware (~> 0.9)
      json (> 1.7, < 3.0)
      jwt (>= 1.0, < 3.0)
    zerobounce (0.1.2)
      faraday (>= 0.14, < 2.0)
      faraday_middleware (~> 0.12)

PLATFORMS
  arm64-darwin-22

DEPENDENCIES
  pkg41!

BUNDLED WITH
   2.4.13
