PATH
  remote: .
  specs:
    pkg46 (0.0.1)
      active_assets
      active_object
      activegraph
      activemodel-associations
      activewarehouse-etl
      acts_as_immutable
      acts_as_shopping_cart
      adobe_connect_api
      ajaxify_rails
      akismetor
      almodovar
      angular-gem
      ansi-to-html
      anticipate
      appmap
      architecture-js
      as_csv
      auditable
      bake
      banking_data_validator
      bcat
      bcdatabase
      be_valid_asset
      beaker-task_helper
      beef-articles
      bertrpc
      biodiversity19
      bootstrap_builders
      bridge_api
      cachetastic
      camcorder
      cap-rightscale
      capistrano-ash
      carrierwave-meta
      cerner-oauth1a
      cfhighlander
      cloudstack_client
      colormath
      commit_message
      configurable_engine
      constructor-cms
      constructor-pages
      corefines
      cropper-rails
      csd
      css_press
      csspool-st
      cuculungwa
      cyrax
      daemonizer
      danger-eslint
      danger-flutter_lint
      deep-cover
      dekiru
      derelict
      devise_traceable
      dnsmadeeasy-rest-api
      dohruby
      dot-properties
      dpl-anynines
      dpl-atlas
      dpl-bitballoon
      dpl-boxfuse
      dpl-catalyze
      dpl-engine_yard
      dpl-hackage
      dpl-launchpad
      dpl-puppet_forge
      dpl-scalingo
      dpl-testfairy
      dpl-transifex
      eight_ball
      eightball
      em-twitter
      embulk-input-redshift
      enju_library
      fablicop
      fastlane-plugin-merge_junit_report
      favicon_maker
      filbunke
      fluent-plugin-add
      foundation
      geo_coord
      gitlab-rdoc
      goat
      google-apis-verifiedaccess_v1
      govdelivery-tms
      griddler-postmark
      growlyflash
      guard-bundler-audit
      guard-hologram
      hbase_thrift_ruby
      highrise
      hoodoo
      inspec-test-fixture
      isolate
      italian-ruby
      itamae-plugin-recipe-rbenv
      iugu
      jekyll-get-json
      jekyll-open-sdg-plugins
      jekyll-timeago
      jml_thrift
      john-hancock
      jqr-helpers
      jquery-qtip2-rails
      juniter
      kafo_parsers
      keystores
      lazier
      librato-sidekiq
      lita-confirmation
      lolita
      magic_recipes_two
      mailerlite
      masamune
      mc-settings
      meducation_sdk
      merb-mailer
      mida
      minitest-gcstats
      mister_bin
      mkfifo
      mongoid-audit
      mongoid_cleaner
      motion-cocoapods
      msteams-ruby-client
      multi_css
      multi_js
      national_holidays
      net-netrc
      nine_one_one
      notifier
      object_attorney
      omniauth-foursquare
      onlyoffice_s3_wrapper
      openhab-scripting
      paginator
      paypal-sdk-invoice
      pbkdf2
      pbkdf256
      pcp-client
      peek-dalli
      pg-aws_rds_iam
      photocopier
      pipedrive.rb
      pkcs7-cryptographer
      posxml_parser
      pretty_debug
      problem_details
      process-metrics
      pronto-eslint
      pulp_docker_client
      puppet-module-posix-system-r2.5
      queue_time_statsd_reporter
      radiant
      rails_admin_globalize_field
      rails_drivers
      rb-readline-r7
      refinements
      relaton-omg
      relaton-w3c
      resque-uniqueue
      retinajs-rails
      rexleparser
      rley
      romankana
      rorvswild
      rspec-command
      rspec-extra-formatters
      rspec-teamcity
      rubicure
      rubocop-lsp
      rubocop-ogat
      ruby-cute
      rubysl-shellwords
      ruumba
      selenium-cucumber
      sendinblue
      sensu-plugins-windows
      sidekiq_process_killer
      sidekiq_queue_metrics
      silent-postgres
      simple_aws
      simple_deploy
      simple_scheduler
      sjekksum
      slither
      slow_enumerator_tools
      smalruby
      smartcard
      snoop_dogg
      soap4r-spox
      spf
      spout
      spring-commands-crystalball
      sproutvideo-rb
      spud_core
      stanford-mods
      staypuft
      stripe_tester
      test-unit-activesupport
      test-unit-capybara
      test_benchmarker
      test_construct
      thin_man
      timeliness-i18n
      trestle-tinymce
      trino-client
      ts-datetime-delta
      ts_routes
      turbot
      uber-s3
      uuidgen
      vlad
      vsphere-automation-appliance
      vsphere-automation-content
      vsphere-automation-sdk
      vsphere-automation-vapi
      wes-data-api
      wombat
      woody-decorators
      xliffer

GEM
  remote: https://rubygems.org/
  specs:
    CFPropertyList (2.3.6)
    Platform (0.4.2)
    RedCloth (4.3.2)
    RubyInline (3.13.0)
      ZenTest (~> 4.3)
    ZenTest (4.12.1)
    abstract (1.0.0)
    actioncable (5.2.8.1)
      actionpack (= 5.2.8.1)
      nio4r (~> 2.0)
      websocket-driver (>= 0.6.1)
    actionmailer (5.2.8.1)
      actionpack (= 5.2.8.1)
      actionview (= 5.2.8.1)
      activejob (= 5.2.8.1)
      mail (~> 2.5, >= 2.5.4)
      rails-dom-testing (~> 2.0)
    actionpack (5.2.8.1)
      actionview (= 5.2.8.1)
      activesupport (= 5.2.8.1)
      rack (~> 2.0, >= 2.0.8)
      rack-test (>= 0.6.3)
      rails-dom-testing (~> 2.0)
      rails-html-sanitizer (~> 1.0, >= 1.0.2)
    actionview (5.2.8.1)
      activesupport (= 5.2.8.1)
      builder (~> 3.1)
      erubi (~> 1.4)
      rails-dom-testing (~> 2.0)
      rails-html-sanitizer (~> 1.0, >= 1.0.3)
    active_assets (1.1.3)
    active_model_serializers (0.10.13)
      actionpack (>= 4.1, < 7.1)
      activemodel (>= 4.1, < 7.1)
      case_transform (>= 0.2)
      jsonapi-renderer (>= 0.1.1.beta1, < 0.3)
    active_object (5.14.1)
    activegraph (11.3.1)
      activemodel (>= 4.0)
      activesupport (>= 4.0)
      i18n (!= 1.8.8)
      neo4j-ruby-driver (>= 4.4.1)
      orm_adapter (~> 0.5.0)
      sorted_set
    activejob (5.2.8.1)
      activesupport (= 5.2.8.1)
      globalid (>= 0.3.6)
    activemodel (5.2.8.1)
      activesupport (= 5.2.8.1)
    activemodel-associations (0.2.0)
      activemodel (>= 4.1, < 6)
      activerecord (>= 4.1, < 6)
      activesupport (>= 4.1, < 6)
    activemodel-serializers-xml (1.0.2)
      activemodel (> 5.x)
      activesupport (> 5.x)
      builder (~> 3.1)
    activerecord (5.2.8.1)
      activemodel (= 5.2.8.1)
      activesupport (= 5.2.8.1)
      arel (>= 9.0)
    activeresource (5.1.1)
      activemodel (>= 5.0, < 7)
      activemodel-serializers-xml (~> 1.0)
      activesupport (>= 5.0, < 7)
    activestorage (5.2.8.1)
      actionpack (= 5.2.8.1)
      activerecord (= 5.2.8.1)
      marcel (~> 1.0.0)
    activesupport (5.2.8.1)
      concurrent-ruby (~> 1.0, >= 1.0.2)
      i18n (>= 0.7, < 2)
      minitest (~> 5.1)
      tzinfo (~> 1.1)
    activewarehouse-etl (1.0.0)
      activerecord (>= 3.0.0)
      activesupport (>= 3.0.0)
      adapter_extensions (>= 0.9.5.rc1)
      fastercsv (>= 1.2.0)
      rake (>= 0.8.3)
    acts-as-taggable-on (8.1.0)
      activerecord (>= 5.0, < 6.2)
    acts_as_immutable (1.0.0)
    acts_as_list (1.1.0)
      activerecord (>= 4.2)
    acts_as_shopping_cart (0.4.1)
      money-rails (~> 1.5)
      rails (> 4)
    adapter_extensions (1.0.0)
      activerecord (>= 3.0.0)
      activesupport (>= 3.0.0)
      rake (>= 0.8.3)
    addressable (2.8.4)
      public_suffix (>= 2.0.2, < 6.0)
    adobe_connect_api (0.1.5)
      xml-simple
    airbrussh (1.4.1)
      sshkit (>= 1.6.1, != 1.7.0)
    ajaxify_rails (0.9.7)
      rails (>= 3.2.0)
    akismetor (1.0.0)
    algebrick (0.4.0)
    almodovar (2.0.0)
      activesupport (>= 5.2.4)
      addressable (>= 2.3.6)
      builder
      httpclient (~> 2.5)
      i18n
      json
      nokogiri (>= 1.12.0)
      rexml (>= 3.2.5)
    angular-gem (1.2.16)
      coffee-script (~> 2.2.0)
      railties (>= 3.1)
    ansi (1.5.0)
    ansi-to-html (0.0.3)
    anticipate (0.1.1)
    api-auth (1.0.3)
    apipie-params (0.0.5)
    appium_lib (12.2.2)
      appium_lib_core (~> 6.0)
      nokogiri (~> 1.8, >= 1.8.1)
      tomlrb (>= 1.1, < 3.0)
    appium_lib_core (6.4.1)
      faye-websocket (~> 0.11.0)
      selenium-webdriver (~> 4.2, < 4.10)
    appmap (0.99.4)
      activesupport
      method_source
      rack
      reverse_markdown
    architecture-js (0.6.3)
      ejs
      jsmin
      listen
    arel (9.0.0)
    aruba (2.1.0)
      bundler (>= 1.17, < 3.0)
      childprocess (>= 2.0, < 5.0)
      contracts (>= 0.16.0, < 0.18.0)
      cucumber (>= 4.0, < 9.0)
      rspec-expectations (~> 3.4)
      thor (~> 1.0)
    as_csv (3.0.1)
      actionpack (>= 5.0)
      activemodel (>= 5.0)
    ast (2.4.2)
    async (2.5.1)
      console (~> 1.10)
      io-event (~> 1.1)
      timers (~> 4.1)
    async-io (1.35.0)
      async
    auditable (0.1.6)
      activerecord (>= 3.0)
      activesupport (>= 3.0)
    authlogic (6.4.2)
      activemodel (>= 5.2, < 7.1)
      activerecord (>= 5.2, < 7.1)
      activesupport (>= 5.2, < 7.1)
      request_store (~> 1.0)
    awesome_nested_set (2.1.6)
      activerecord (>= 3.0.0)
    awrence (1.2.1)
    aws-eventstream (1.2.0)
    aws-partitions (1.774.0)
    aws-s3 (0.6.3)
      builder
      mime-types
      xml-simple
    aws-sdk-cloudformation (1.79.0)
      aws-sdk-core (~> 3, >= 3.174.0)
      aws-sigv4 (~> 1.1)
    aws-sdk-core (3.174.0)
      aws-eventstream (~> 1, >= 1.0.2)
      aws-partitions (~> 1, >= 1.651.0)
      aws-sigv4 (~> 1.5)
      jmespath (~> 1, >= 1.6.1)
    aws-sdk-ec2 (1.381.0)
      aws-sdk-core (~> 3, >= 3.174.0)
      aws-sigv4 (~> 1.1)
    aws-sdk-kms (1.66.0)
      aws-sdk-core (~> 3, >= 3.174.0)
      aws-sigv4 (~> 1.1)
    aws-sdk-rds (1.180.0)
      aws-sdk-core (~> 3, >= 3.174.0)
      aws-sigv4 (~> 1.1)
    aws-sdk-s3 (1.123.1)
      aws-sdk-core (~> 3, >= 3.174.0)
      aws-sdk-kms (~> 1)
      aws-sigv4 (~> 1.4)
    aws-sigv4 (1.5.2)
      aws-eventstream (~> 1, >= 1.0.2)
    backports (3.24.1)
    bake (0.18.2)
      samovar (~> 2.1)
    banking_data_validator (0.0.7)
      activemodel (>= 3.0)
    bcat (0.5.0)
      rack
    bcdatabase (1.0.1)
      activesupport (>= 2.0)
      highline (>= 1.4)
    bcrypt (3.1.18)
    bcrypt_pbkdf (1.1.0)
    be_valid_asset (1.3.1)
      rspec
    beaker (4.40.1)
      beaker-hostgenerator
      ed25519 (~> 1.0)
      hocon (~> 1.0)
      in-parallel (>= 0.1, < 2)
      inifile (~> 3.0)
      minitar (~> 0.6)
      minitest (~> 5.4)
      net-scp (>= 1.2, < 5.0)
      net-ssh (>= 5.0)
      rexml
      rsync (~> 1.0.9)
      stringify-hash (~> 0.0)
      thor (>= 1.0.1, < 2.0)
    beaker-abs (0.11.0)
      bcrypt_pbkdf (>= 1.0, < 2.0)
      beaker (~> 4.0)
      ed25519 (>= 1.2, < 2.0)
      vmfloaty (>= 1.0, < 2)
    beaker-answers (0.29.0)
      hocon (~> 1.0)
      require_all (>= 1.3.2, < 3.1.0)
      stringify-hash (~> 0.0.0)
    beaker-aws (0.9.0)
      aws-partitions (~> 1.91)
      aws-sdk-ec2 (~> 1.35)
      stringify-hash (~> 0.0.0)
    beaker-docker (0.8.4)
      docker-api (~> 2.1)
      stringify-hash (~> 0.0.0)
    beaker-google (0.5.0)
      google-apis-compute_v1 (~> 0.1)
      google-apis-oslogin_v1 (~> 0.1)
      googleauth (~> 1.2)
      stringify-hash (~> 0.0.0)
    beaker-hostgenerator (1.18.1)
      deep_merge (~> 1.0)
    beaker-i18n_helper (1.1.0)
    beaker-module_install_helper (0.1.7)
      beaker (>= 2.0)
    beaker-openstack (0.3.0)
      fog-openstack (~> 1.0.0)
      stringify-hash (~> 0.0.0)
    beaker-pe (2.12.0)
      beaker (>= 4.0, < 6)
      beaker-abs
      beaker-answers (~> 0.0)
      beaker-puppet (>= 1, < 3)
      beaker-vmpooler (~> 1.0)
      stringify-hash (~> 0.0.0)
    beaker-puppet (1.29.0)
      beaker (~> 4.1)
      in-parallel (~> 0.1)
      oga
    beaker-puppet_install_helper (0.9.8)
      beaker (~> 4.0)
      beaker-pe (~> 2.0)
    beaker-rspec (6.3.0)
      beaker (> 3.0)
      beaker-pe
      rspec (~> 3.0)
      serverspec (~> 2)
      specinfra (~> 2)
    beaker-task_helper (1.9.0)
    beaker-vagrant (0.7.1)
    beaker-vcloud (1.1.0)
      beaker-vmware
      rbvmomi (~> 1.9)
      stringify-hash (~> 0.0.0)
    beaker-vmpooler (1.4.0)
      stringify-hash (~> 0.0.0)
    beaker-vmware (0.3.0)
      fission (~> 0.4)
      rbvmomi (~> 1.9)
      stringify-hash (~> 0.0.0)
    beef-articles (0.5.3)
      acts-as-taggable-on
      jackdempsey-acts_as_commentable
    bert (1.1.6)
    bertrpc (1.3.1)
      bert (>= 1.1.0, < 2.0.0)
    bibtex-ruby (6.0.0)
      latex-decode (~> 0.0)
    binding_of_caller (1.0.0)
      debug_inspector (>= 0.0.1)
    biodiversity19 (3.1.7)
      parallel (~> 1.4)
      treetop (~> 1.4)
      unicode_utils (~> 1.4)
    bitballoon (0.2.4)
      highline
      oauth2 (>= 0.9.2)
      slop
    bootstrap-will_paginate (1.0.0)
      will_paginate
    bootstrap_builders (1.0.4)
      html_gen (>= 0.0.16)
      rails (>= 4.0.0)
    breadcrumbs_on_rails (4.1.0)
      railties (>= 5.0)
    bridge_api (0.3.0)
      faraday (~> 0.17.3)
      faraday_middleware (>= 0.12.2)
      footrest (>= 0.5.1)
      paul_walker (>= 0.1.1)
    browser (5.3.1)
    bson (4.15.0)
    buftok (0.3.0)
    builder (3.2.4)
    bundler-audit (0.9.1)
      bundler (>= 1.2.0, < 3)
      thor (~> 1.0)
    cachetastic (3.7.0)
      activesupport
      configatron
    camcorder (0.0.5)
    cap-rightscale (0.6.3)
      capistrano (> 2.4)
      rightresource (> 0.3.4)
    capistrano (3.17.3)
      airbrussh (>= 1.0.0)
      i18n
      rake (>= 10.0.0)
      sshkit (>= 1.9.0)
    capistrano-ash (1.3.6)
      capistrano (>= 2.12.0)
      capistrano-ext
      capistrano_colors
      railsless-deploy
    capistrano-bundler (2.1.0)
      capistrano (~> 3.1)
    capistrano-ext (1.2.1)
      capistrano (>= 1.0.0)
    capistrano-postgresql (6.2.0)
      capistrano (>= 3.0)
      sshkit (>= 1.17.0)
    capistrano-rails (1.6.2)
      capistrano (~> 3.1)
      capistrano-bundler (>= 1.1, < 3)
    capistrano-rvm (0.1.2)
      capistrano (~> 3.0)
      sshkit (~> 1.2)
    capistrano_colors (0.5.5)
    capybara (2.4.4)
      mime-types (>= 1.16)
      nokogiri (>= 1.3.3)
      rack (>= 1.0.0)
      rack-test (>= 0.5.4)
      xpath (~> 2.0)
    capybara-screenshot (1.0.26)
      capybara (>= 1.0, < 4)
      launchy
    capybara-webkit (1.3.1)
      capybara (>= 2.0.2, < 2.5.0)
      json
    carrierwave (2.2.3)
      activemodel (>= 5.0.0)
      activesupport (>= 5.0.0)
      addressable (~> 2.6)
      image_processing (~> 1.1)
      marcel (~> 1.0.0)
      mini_mime (>= 0.1.3)
      ssrf_filter (~> 1.0)
    carrierwave-meta (0.0.7)
      activesupport (>= 3.0)
      carrierwave (>= 0.5.7)
      mime-types
    case_transform (0.2)
      activesupport
    cerner-oauth1a (2.5.4)
    cfhighlander (0.13.4)
      aws-sdk-cloudformation (~> 1, < 2)
      aws-sdk-core (~> 3, < 4)
      aws-sdk-ec2 (~> 1, < 2)
      aws-sdk-s3 (~> 1, < 2)
      cfndsl (~> 1.3, < 2)
      duplicate (~> 1.1)
      git (~> 1.4, < 2)
      highline (>= 1.7.10, < 1.8)
      rexml (~> 3.2, < 4)
      rubyzip (>= 2.0.0, < 3)
      thor (~> 1.2, < 2)
    cfndsl (1.6.0)
      hana (~> 1.3)
    childprocess (4.1.0)
    chronic (0.10.2)
    chunky_png (1.4.0)
    claide (1.1.0)
    claide-plugins (0.9.2)
      cork
      nap
      open4 (~> 1.3)
    climate_control (0.2.0)
    cliver (0.3.2)
    cloudstack_client (1.5.8)
    cocoapods (0.5.1)
      xcodeproj (~> 0.1.0)
    cocoon (1.2.15)
    codemirror-rails (5.16.0)
      railties (>= 3.0, < 6.0)
    coderay (1.1.3)
    coffee-rails (5.0.0)
      coffee-script (>= 2.2.0)
      railties (>= 5.2.0)
    coffee-script (2.2.0)
      coffee-script-source
      execjs
    coffee-script-source (1.12.2)
    colorator (1.1.0)
    colored2 (3.1.2)
    colorize (0.8.1)
    colormath (0.1.2)
    colsole (1.0.0)
    commander (4.4.6)
      highline (~> 1.7.2)
    commit_message (0.0.1)
    concurrent-ruby (1.2.2)
    concurrent-ruby-ext (1.2.2)
      concurrent-ruby (= 1.2.2)
    configatron (4.5.1)
    configurable_engine (2.0.2)
      rails (> 5.2.0)
    connection_pool (2.4.1)
    console (1.16.2)
      fiber-local
    constructor-cms (0.3.2)
      acts_as_list
      constructor-core
      constructor-pages
    constructor-core (0.3.2)
      devise
    constructor-pages (0.3.2)
      RedCloth
      awesome_nested_set (~> 2.0)
      aws-s3
      dragonfly
      haml-rails
      rack-cache
      russian (~> 0.6.0)
    contracts (0.17)
    cool.io (1.7.1)
    corefines (1.11.1)
    cork (0.3.0)
      colored2 (~> 3.1)
    countries (2.1.4)
      i18n_data (~> 0.8.0)
      money (~> 6.9)
      sixarm_ruby_unaccent (~> 1.1)
      unicode_utils (~> 1.4)
    crack (0.4.5)
      rexml
    crass (1.0.6)
    cropper-rails (2.3.2.1)
      railties (>= 3.1.0)
    crystalball (0.7.0)
      git
    csd (0.4.3)
    css_press (0.3.2)
      csspool-st (= 3.1.2)
      json
    csspool-st (3.1.2)
    cuculungwa (0.0.56)
      aruba (>= 0.6.1)
      capybara (>= 2.4.3)
      capybara-screenshot (>= 1.0.1)
      capybara-webkit (= 1.3.1)
      cucumber (>= 1.3.17)
      headless (>= 1.0.2)
      i18n (>= 0.6.11)
      json (>= 1.8.1)
      poltergeist (>= 1.5.1)
      selenium-webdriver (>= 2.43.0)
      site_prism (>= 2.6)
    cucumber (8.0.0)
      builder (~> 3.2, >= 3.2.4)
      cucumber-ci-environment (~> 9.0, >= 9.0.4)
      cucumber-core (~> 11.0, >= 11.0.0)
      cucumber-cucumber-expressions (~> 15.1, >= 15.1.1)
      cucumber-gherkin (~> 23.0, >= 23.0.1)
      cucumber-html-formatter (~> 19.1, >= 19.1.0)
      cucumber-messages (~> 18.0, >= 18.0.0)
      diff-lcs (~> 1.5, >= 1.5.0)
      mime-types (~> 3.4, >= 3.4.1)
      multi_test (~> 1.1, >= 1.1.0)
      sys-uname (~> 1.2, >= 1.2.2)
    cucumber-ci-environment (9.2.0)
    cucumber-core (11.0.0)
      cucumber-gherkin (~> 23.0, >= 23.0.1)
      cucumber-messages (~> 18.0, >= 18.0.0)
      cucumber-tag-expressions (~> 4.1, >= 4.1.0)
    cucumber-cucumber-expressions (15.2.0)
    cucumber-gherkin (23.0.1)
      cucumber-messages (~> 18.0, >= 18.0.0)
    cucumber-html-formatter (19.2.0)
      cucumber-messages (~> 18.0, >= 18.0.0)
    cucumber-messages (18.0.0)
    cucumber-tag-expressions (4.1.0)
    cyrax (0.9.0)
      active_model_serializers
      activemodel (~> 5.0)
      activemodel-serializers-xml
      activesupport (~> 5.0)
      has_active_logger
      multi_json
    daemonizer (0.4.18)
      simple-statistics
      thor (>= 0.13.7)
    daemons (1.4.1)
    dalli (3.2.4)
    danger (8.6.1)
      claide (~> 1.0)
      claide-plugins (>= 0.9.2)
      colored2 (~> 3.1)
      cork (~> 0.1)
      faraday (>= 0.9.0, < 2.0)
      faraday-http-cache (~> 2.0)
      git (~> 1.7)
      kramdown (~> 2.3)
      kramdown-parser-gfm (~> 1.0)
      no_proxy_fix
      octokit (~> 4.7)
      terminal-table (>= 1, < 4)
    danger-eslint (0.1.6)
      danger-plugin-api (~> 1.0)
    danger-flutter_lint (1.0.1)
      danger-plugin-api (~> 1.0)
      flutter_analyze_parser (~> 0.1.2)
    danger-plugin-api (1.0.0)
      danger (> 2.0)
    date (3.3.3)
    debug_inspector (1.1.0)
    declarative (0.0.20)
    deep-cover (1.1.0)
      deep-cover-core (= 1.1.0)
      highline
      thor (>= 0.20.3)
      with_progress
    deep-cover-core (1.1.0)
      backports (>= 3.11.0)
      binding_of_caller
      parser (>= 2.5)
      pry
      term-ansicolor
      terminal-table
    deep_merge (1.2.2)
    deface (1.9.0)
      actionview (>= 5.2)
      nokogiri (>= 1.6)
      polyglot
      railties (>= 5.2)
      rainbow (>= 2.1.0)
    dekiru (0.3.1)
      http_accept_language (>= 2.0.0)
      rails
      ruby-progressbar
    derelict (0.6.2)
      log4r (~> 1.1.0, != 1.1.11)
      memoist
      open4
    devise (4.9.2)
      bcrypt (~> 3.0)
      orm_adapter (~> 0.1)
      railties (>= 4.1.0)
      responders
      warden (~> 1.2.3)
    devise_traceable (0.0.5)
      devise
      warden
    diff-lcs (1.5.0)
    dnsmadeeasy-rest-api (1.0.9)
    docile (1.4.0)
    docker-api (2.2.0)
      excon (>= 0.47.0)
      multi_json
    docopt_ng (0.7.1)
    dohruby (0.3.8)
    domain_name (0.5.20190701)
      unf (>= 0.0.5, < 1.0.0)
    dot-properties (0.1.4)
      bundler (>= 2.2.33)
    dpl (1.10.1)
    dpl-anynines (1.10.1)
      dpl (= 1.10.1)
    dpl-atlas (1.10.1)
      dpl (= 1.10.1)
    dpl-bitballoon (1.10.1)
      bitballoon
      dpl (= 1.10.1)
    dpl-boxfuse (1.10.1)
      dpl (= 1.10.1)
    dpl-catalyze (1.10.1)
      dpl (= 1.10.1)
    dpl-engine_yard (1.10.1)
      dpl (= 1.10.1)
      engineyard-cloud-client
    dpl-hackage (1.10.1)
      dpl (= 1.10.1)
    dpl-launchpad (1.10.1)
      dpl (= 1.10.1)
    dpl-puppet_forge (1.10.1)
      dpl (= 1.10.1)
      json_pure
      puppet
      puppet-blacksmith
    dpl-scalingo (1.10.1)
      dpl (= 1.10.1)
    dpl-testfairy (1.10.1)
      dpl (= 1.10.1)
      multipart-post (= 2.0.0)
    dpl-transifex (1.10.1)
      dpl (= 1.10.1)
    dragonfly (1.4.0)
      addressable (~> 2.3)
      multi_json (~> 1.0)
      rack (>= 1.3)
    duplicate (1.1.1)
    dxruby_sdl (0.0.17)
      rsdl
      rubysdl (~> 2.1.3)
    dynflow (0.7.9)
      activesupport
      algebrick (~> 0.4.0)
      apipie-params
      multi_json
    easy_diff (1.0.0)
    ecma-re-validator (0.4.0)
      regexp_parser (~> 2.2)
    ed25519 (1.3.0)
    edtf (3.1.1)
      activesupport (>= 3.0, < 8.0)
    eight_ball (2.2.1)
      awrence (~> 1.1)
      plissken (~> 1.2)
    eightball (0.2.2)
    ejs (1.1.1)
    eldritch (1.1.3)
      reentrant_mutex (~> 1.1.0)
    em-twitter (0.3.5)
      buftok (~> 0.2)
      eventmachine (~> 1.0)
      http_parser.rb (~> 0.6)
      simple_oauth (~> 0.2)
    em-websocket (0.5.3)
      eventmachine (>= 0.12.9)
      http_parser.rb (~> 0)
    embulk-input-redshift (0.10.1)
    engineyard-cloud-client (2.1.0)
      multi_json (~> 1.6)
      rest-client (~> 1.6.1)
    enju_library (0.3.11)
      enju_seed (~> 0.3.6)
      geocoder
      globalize
      paper_trail (~> 10.0)
      paperclip (~> 5.3)
      paperclip-meta
      statesman (~> 4.1)
    enju_seed (0.3.6)
      acts_as_list
      addressable (~> 2.7)
      browser (~> 5.3)
      cocoon
      devise (~> 4.8)
      friendly_id (~> 5.2)
      globalize (~> 5.2)
      globalize-accessors
      kaminari (~> 1.2)
      kramdown
      paperclip
      pundit (~> 2.2)
      rails (~> 5.2)
      rails_autolink
      simple_form
      sitemap_generator (~> 6.1)
      strip_attributes (~> 1.11)
      sunspot_rails (~> 2.5)
      validates_timeliness (~> 5.0)
    erubi (1.12.0)
    erubis (2.7.0)
    escape (0.0.4)
    eslintrb (2.1.0)
      execjs
      multi_json (>= 1.3)
      rake
    eventmachine (1.2.7)
    excon (0.99.0)
    execjs (2.8.1)
    extlib (0.9.16)
    fablicop (1.10.1)
      rubocop (>= 1.14, < 1.51)
      rubocop-rails
      rubocop-rspec (>= 1.15.1)
    facter (4.4.0)
      hocon (~> 1.3)
      thor (>= 1.0.1, < 2.0)
    faraday (0.17.6)
      multipart-post (>= 1.2, < 3)
    faraday-http-cache (2.5.0)
      faraday (>= 0.8)
    faraday_middleware (0.12.2)
      faraday (>= 0.7.4, < 1.0)
    fast_gettext (2.3.0)
    fastercsv (1.5.5)
    fastlane-plugin-merge_junit_report (0.5.0)
    favicon_maker (1.3.1)
      docile (~> 1.1)
    faye-websocket (0.11.2)
      eventmachine (>= 0.12.0)
      websocket-driver (>= 0.5.1)
    ffi (1.15.5)
    fiber-local (1.0.0)
    filbunke (1.9.0)
      json (>= 1.1.7)
      open4 (>= 1.0.1)
      typhoeus (= 0.3.3)
    filum (2.2.1)
    fission (0.5.0)
      CFPropertyList (~> 2.2)
    fluent-plugin-add (0.0.7)
      fluentd
    fluentd (1.16.1)
      bundler
      cool.io (>= 1.4.5, < 2.0.0)
      http_parser.rb (>= 0.5.1, < 0.9.0)
      msgpack (>= 1.3.1, < 2.0.0)
      serverengine (>= 2.3.2, < 3.0.0)
      sigdump (~> 0.2.2)
      strptime (>= 0.2.4, < 1.0.0)
      tzinfo (>= 1.0, < 3.0)
      tzinfo-data (~> 1.0)
      webrick (~> 1.4)
      yajl-ruby (~> 1.0)
    flutter_analyze_parser (0.1.2)
    fog (0.7.2)
      builder
      excon (>= 0.6.1)
      formatador (>= 0.1.3)
      json
      mime-types
      net-ssh (>= 2.1.3)
      nokogiri (>= 1.4.4)
      ruby-hmac
    fog-core (2.3.0)
      builder
      excon (~> 0.71)
      formatador (>= 0.2, < 2.0)
      mime-types
    fog-json (1.2.0)
      fog-core
      multi_json (~> 1.10)
    fog-openstack (1.0.11)
      fog-core (~> 2.1)
      fog-json (>= 1.0)
      ipaddress (>= 0.8)
    footrest (0.5.5)
      activesupport (>= 3.0.0)
      faraday (>= 0.9.0, < 1)
      link_header (>= 0.0.7)
    foreman-tasks (0.6.15)
      daemons
      dynflow (~> 0.7.9)
      sequel
      sinatra
    foreman_discovery (22.0.4)
    formatador (1.1.0)
    forwardable (1.3.3)
    forwardable-extended (2.6.0)
    foundation (1.0.4)
      thor (>= 0.18.1)
    friendly_id (5.5.0)
      activerecord (>= 4.0.0)
    funky-emv (1.4.1)
      funky-tlv (~> 0.2)
    funky-tlv (0.2.3)
    geo_coord (0.2.0)
    geocoder (1.8.1)
    get_process_mem (0.2.7)
      ffi (~> 1.0)
    git (1.13.2)
      addressable (~> 2.8)
      rchardet (~> 1.8)
    gitlab (4.19.0)
      httparty (~> 0.20)
      terminal-table (>= 1.5.1)
    gitlab-rdoc (6.3.2)
    globalid (1.1.0)
      activesupport (>= 5.0)
    globalize (5.3.1)
      activemodel (>= 4.2, < 6.1)
      activerecord (>= 4.2, < 6.1)
      request_store (~> 1.0)
    globalize-accessors (0.3.0)
      globalize (>= 5.0.0)
    goat (0.3.48)
      RubyInline (>= 3.8.6)
      diff-lcs (>= 1.1.2)
      eventmachine (>= 0.12.10)
      io-extra (>= 1.2)
      term-ansicolor (>= 1.0.5)
      thin (>= 1.2.7)
      tilt (>= 1.1)
    google-apis-compute_v1 (0.69.0)
      google-apis-core (>= 0.11.0, < 2.a)
    google-apis-core (0.11.0)
      addressable (~> 2.5, >= 2.5.1)
      googleauth (>= 0.16.2, < 2.a)
      httpclient (>= 2.8.1, < 3.a)
      mini_mime (~> 1.0)
      representable (~> 3.0)
      retriable (>= 2.0, < 4.a)
      rexml
      webrick
    google-apis-oslogin_v1 (0.19.0)
      google-apis-core (>= 0.11.0, < 2.a)
    google-apis-verifiedaccess_v1 (0.14.0)
      google-apis-core (>= 0.11.0, < 2.a)
    googleauth (1.5.2)
      faraday (>= 0.17.3, < 3.a)
      jwt (>= 1.4, < 3.0)
      memoist (~> 0.16)
      multi_json (~> 1.11)
      os (>= 0.9, < 2.0)
      signet (>= 0.16, < 2.a)
    govdelivery-tms (3.0.0)
      activesupport (>= 5.2.4.3, < 6.0.0)
      faraday
      faraday_middleware
      mime-types
    griddler (1.5.2)
      htmlentities
      rails (>= 3.2.0)
    griddler-postmark (1.0.0)
      griddler
    growlyflash (0.10.1)
      coffee-rails (>= 3.2.1)
      railties (>= 3.2)
    guard (2.18.0)
      formatador (>= 0.2.4)
      listen (>= 2.7, < 4.0)
      lumberjack (>= 1.0.12, < 2.0)
      nenv (~> 0.1)
      notiffany (~> 0.0)
      pry (>= 0.13.0)
      shellany (~> 0.0)
      thor (>= 0.18.1)
    guard-bundler-audit (0.1.5)
      bundler-audit (>= 0.6.0)
      guard (~> 2.0)
    guard-hologram (1.0.0)
      guard (~> 2.0)
      hologram
    haml (4.0.7)
      tilt
    haml-rails (2.1.0)
      actionpack (>= 5.1)
      activesupport (>= 5.1)
      haml (>= 4.0.6)
      railties (>= 5.1)
    hana (1.3.7)
    has_active_logger (0.0.7)
      activesupport
      json
      yell (~> 2.2)
    hashie (3.6.0)
    hbase_thrift_ruby (0.9.0)
      jml_thrift
    headless (2.3.1)
    hiera (3.12.0)
    highline (1.7.10)
    highrise (3.2.3)
      activeresource (>= 3.2.13)
    hocon (1.4.0)
    hologram (1.4.0)
      redcarpet (>= 2.2, < 4.0)
      rouge (>= 1.5)
    hoodoo (3.2.2)
      dalli (~> 3.2.3)
      rack
    html_gen (0.0.16)
      string-cases
    htmlentities (4.3.4)
    httmultiparty (0.3.16)
      httparty (>= 0.7.3)
      mimemagic
      multipart-post
    http-cookie (1.0.5)
      domain_name (~> 0.5)
    http_accept_language (2.1.1)
    http_parser.rb (0.8.0)
    http_router (0.11.2)
      rack (>= 1.0.0)
      url_mount (~> 0.2.1)
    httparty (0.21.0)
      mini_mime (>= 1.0.0)
      multi_xml (>= 0.5.2)
    httpclient (2.8.3)
    i18n (1.14.1)
      concurrent-ruby (~> 1.0)
    i18n_data (0.8.0)
    ice_nine (0.11.2)
    image_processing (1.12.2)
      mini_magick (>= 4.9.5, < 5)
      ruby-vips (>= 2.0.17, < 3)
    in-parallel (0.1.17)
    inifile (3.0.0)
    innertube (1.1.0)
    inspec-test-fixture (0.2.0)
      ordinal_array (~> 0.2.0)
    io-event (1.2.2)
    io-extra (1.4.0)
    ipaddress (0.8.3)
    iso-639 (0.3.6)
    iso639 (1.3.2)
    isolate (3.5.1)
    italian-ruby (1.5.16)
    itamae (1.14.1)
      ansi
      hashie
      schash (~> 0.1.0)
      specinfra (>= 2.64.0, < 3.0.0)
      thor (>= 1.0.0)
    itamae-plugin-recipe-rbenv (0.9.5)
      itamae (~> 1.2)
    iugu (1.0.8)
      rest-client
    jackdempsey-acts_as_commentable (2.0.2)
    jekyll (3.9.3)
      addressable (~> 2.4)
      colorator (~> 1.0)
      em-websocket (~> 0.5)
      i18n (>= 0.7, < 2)
      jekyll-sass-converter (~> 1.0)
      jekyll-watch (~> 2.0)
      kramdown (>= 1.17, < 3)
      liquid (~> 4.0)
      mercenary (~> 0.3.3)
      pathutil (~> 0.9)
      rouge (>= 1.7, < 4)
      safe_yaml (~> 1.0)
    jekyll-get-json (1.0.0)
      deep_merge (~> 1.2)
      jekyll (>= 3.0)
    jekyll-open-sdg-plugins (2.2.0)
      deep_merge (~> 1.2)
      jekyll (~> 3.0)
      json_schemer (~> 0.2)
    jekyll-sass-converter (1.5.2)
      sass (~> 3.4)
    jekyll-timeago (0.15.0)
      mini_i18n (>= 0.8.0)
    jekyll-watch (2.2.1)
      listen (~> 3.0)
    jmespath (1.6.2)
    jml_thrift (1.0.0.0)
    john-hancock (0.1.3)
    joiner (0.4.2)
      activerecord (>= 5.2.beta1)
    jqr-helpers (1.0.74)
      rails (>= 3.0)
    jquery-qtip2-rails (0.5.0)
      railties (>= 3.1.0)
    jquery-rails (4.5.1)
      rails-dom-testing (>= 1, < 3)
      railties (>= 4.2.0)
      thor (>= 0.14, < 2.0)
    jquery-ui-rails (6.0.1)
      railties (>= 3.2.16)
    jsmin (1.0.1)
    json (2.6.3)
    json-schema (4.0.0)
      addressable (>= 2.8)
    json_pure (2.6.3)
    json_schemer (0.2.25)
      ecma-re-validator (~> 0.3)
      hana (~> 1.3)
      regexp_parser (~> 2.0)
      simpleidn (~> 0.2)
      uri_template (~> 0.7)
    jsonapi-renderer (0.2.2)
    juniter (0.1.2)
      ox
    jwt (2.2.3)
    kafo_parsers (1.2.1)
      json
      rdoc (>= 3.9.0)
    kaminari (1.2.2)
      activesupport (>= 4.1.0)
      kaminari-actionview (= 1.2.2)
      kaminari-activerecord (= 1.2.2)
      kaminari-core (= 1.2.2)
    kaminari-actionview (1.2.2)
      actionview
      kaminari-core (= 1.2.2)
    kaminari-activerecord (1.2.2)
      activerecord
      kaminari-core (= 1.2.2)
    kaminari-core (1.2.2)
    keystores (0.4.0)
    kramdown (2.4.0)
      rexml
    kramdown-parser-gfm (1.1.0)
      kramdown (~> 2.0)
    language_server-protocol (3.17.0.3)
    latex-decode (0.4.0)
    launchy (2.5.2)
      addressable (~> 2.8)
    lazier (4.2.9)
      activesupport (> 4.1)
      hashie (~> 3.4)
      oj (~> 2.17)
    librato-sidekiq (0.1.2)
      sidekiq
    link_header (0.0.8)
    liquid (4.0.4)
    listen (3.8.0)
      rb-fsevent (~> 0.10, >= 0.10.3)
      rb-inotify (~> 0.9, >= 0.9.10)
    lita (4.7.0)
      bundler (>= 1.3)
      faraday (>= 0.8.7)
      http_router (>= 0.11.2)
      i18n (>= 0.6.9)
      ice_nine (>= 0.11.0)
      multi_json (>= 1.7.7)
      puma (>= 2.7.1)
      rack (>= 1.5.2)
      rb-readline (>= 0.5.1)
      redis-namespace (>= 1.3.0)
      thor (>= 0.18.1)
    lita-confirmation (1.0.1)
      lita (>= 4.0)
    locale (2.1.3)
    log4r (1.1.10)
    logger (1.5.3)
    lolita (4.0.1)
      abstract (~> 1.0.0)
      activesupport (>= 3.2.0)
      haml (>= 3.0.0, < 5.0.0)
      jquery-rails (> 0)
      jquery-ui-rails (> 0)
      kaminari (>= 0.16.1)
      railties (>= 3.2.0)
      tinymce-rails (>= 4.0.0)
      tinymce-rails-langs (> 0)
    loofah (2.21.3)
      crass (~> 1.0.2)
      nokogiri (>= 1.12.0)
    loquor (1.13.0)
      api-auth (= 1.0.3)
      filum (~> 2.0)
      rest-client (= 1.6.7)
    lumberjack (1.2.8)
    magic_recipes_two (0.0.95)
      capistrano (>= 3.2)
      capistrano-bundler (>= 1.1)
      capistrano-postgresql (>= 4.2)
      capistrano-rails (>= 1.1)
      capistrano-rvm (>= 0.1.2)
      rails (>= 3.2)
      rvm1-capistrano3 (>= 1.4.0)
      yaml_db
    mail (2.8.1)
      mini_mime (>= 0.1.1)
      net-imap
      net-pop
      net-smtp
    mailerlite (1.9.0)
      faraday (~> 0.10)
      faraday_middleware (~> 0.10)
      hashie (>= 3.5.5)
    mailfactory (1.4.0)
      mime-types (>= 1.13.1)
    mapping (1.1.1)
    marcel (1.0.2)
    masamune (0.18.8)
      activesupport
      chronic
      erubis
      hashie
      parallel
      pry
      rb-readline
      thor
      tilt
      tzinfo
    master_manipulator (2.1.1)
      beaker (>= 2.7.0)
      multi_json
    mc-settings (0.2.0)
    mechanize (2.8.5)
      addressable (~> 2.8)
      domain_name (~> 0.5, >= 0.5.20190701)
      http-cookie (~> 1.0, >= 1.0.3)
      mime-types (~> 3.0)
      net-http-digest_auth (~> 1.4, >= 1.4.1)
      net-http-persistent (>= 2.5.2, < 5.0.dev)
      nokogiri (~> 1.11, >= 1.11.2)
      rubyntlm (~> 0.6, >= 0.6.3)
      webrick (~> 1.7)
      webrobots (~> 0.1.2)
    meducation_sdk (2.2.2)
      activesupport (>= 3.2.15)
      filum (~> 2.0)
      loquor (~> 1.2)
    memoist (0.16.2)
    merb-core (1.1.3)
      bundler
      erubis (>= 2.6.2)
      extlib (>= 0.9.13)
      mime-types (>= 1.16)
      rack
      rake
    merb-mailer (1.1.3)
      mailfactory (>= 1.2.3)
      merb-core (~> 1.1.3)
    mercenary (0.3.6)
    method_source (1.0.0)
    mida (0.4.0)
      addressable (~> 2.4)
      nokogiri (>= 1.6)
    middleware (0.1.0)
    mime-types (3.4.1)
      mime-types-data (~> 3.2015)
    mime-types-data (3.2023.0218.1)
    mimemagic (0.3.10)
      nokogiri (~> 1)
      rake
    mini_i18n (0.9.0)
    mini_magick (4.12.0)
    mini_mime (1.1.2)
    minitar (0.9)
    minitest (5.18.0)
    minitest-gcstats (1.3.0)
      minitest (~> 5.0)
    minitest-reporters (1.6.0)
      ansi
      builder
      minitest (>= 5.0)
      ruby-progressbar
    mister_bin (0.7.6)
      colsole (>= 0.8.1, < 2)
      docopt_ng (~> 0.7, >= 0.7.1)
    mixlib-cli (1.7.0)
    mixlib-shellout (2.4.4)
    mkfifo (0.1.1)
    mods (3.0.3)
      edtf (~> 3.0)
      iso-639
      nokogiri (>= 1.6.6)
      nom-xml (~> 1.0)
    monetize (1.12.0)
      money (~> 6.12)
    money (6.16.0)
      i18n (>= 0.6.4, <= 2)
    money-rails (1.15.0)
      activesupport (>= 3.0)
      monetize (~> 1.9)
      money (~> 6.13)
      railties (>= 3.0)
    mongo (2.18.2)
      bson (>= 4.14.1, < 5.0.0)
    mongoid (8.0.3)
      activemodel (>= 5.1, < 7.1, != 7.0.0)
      mongo (>= 2.18.0, < 3.0.0)
      ruby2_keywords (~> 0.0.5)
    mongoid-audit (0.2.0)
      easy_diff
      mongoid (>= 3.1.0)
      rails-observers (~> 0.1.1)
    mongoid_cleaner (1.2.0)
      mongoid (>= 4.0)
    mono_logger (1.1.2)
    motion-cocoapods (1.0.5)
      cocoapods (>= 0.5.1)
    msgpack (1.7.1)
    msteams-ruby-client (1.1.0)
    multi_css (0.1.0)
      css_press
    multi_js (0.1.0)
      uglifier (~> 2)
    multi_json (1.15.0)
    multi_test (1.1.0)
    multi_xml (0.6.0)
    multipart-post (2.0.0)
    mustermann (3.0.0)
      ruby2_keywords (~> 0.0.1)
    nap (1.1.0)
    national_holidays (1.17.19)
      countries (~> 2.1)
    nenv (0.3.0)
    neo4j-ruby-driver (4.4.4)
      activesupport
      async-io
      connection_pool
      zeitwerk (>= 2.1.10)
    nested_form (0.3.2)
    net-http-digest_auth (1.4.1)
    net-http-persistent (4.0.2)
      connection_pool (~> 2.2)
    net-imap (0.3.4)
      date
      net-protocol
    net-netrc (0.2.2)
      Platform (>= 0.3.0)
    net-pop (0.1.2)
      net-protocol
    net-protocol (0.2.1)
      timeout
    net-scp (1.2.1)
      net-ssh (>= 2.6.5)
    net-smtp (0.3.3)
      net-protocol
    net-ssh (7.1.0)
    net-ssh-gateway (2.0.0)
      net-ssh (>= 4.0.0)
    net-ssh-multi (1.2.1)
      net-ssh (>= 2.6.5)
      net-ssh-gateway (>= 1.2.0)
    net-telnet (0.1.1)
    netrc (0.7.9)
    nine_one_one (2.1.0)
    nio4r (2.5.9)
    no_proxy_fix (0.1.2)
    nokogiri (1.15.2-arm64-darwin)
      racc (~> 1.4)
    nom-xml (1.2.0)
      i18n
      nokogiri
    notiffany (0.1.3)
      nenv (~> 0.1)
      shellany (~> 0.0)
    notifier (1.2.2)
    oauth2 (2.0.9)
      faraday (>= 0.17.3, < 3.0)
      jwt (>= 1.0, < 3.0)
      multi_xml (~> 0.5)
      rack (>= 1.2, < 4)
      snaky_hash (~> 2.0)
      version_gem (~> 1.1)
    object_attorney (3.2.0)
      activemodel (>= 5.0)
    octokit (4.22.0)
      faraday (>= 0.9)
      sawyer (~> 0.8.0, >= 0.5.3)
    oga (3.4)
      ast
      ruby-ll (~> 2.1)
    oj (2.18.5)
    omniauth (1.9.2)
      hashie (>= 3.4.6)
      rack (>= 1.6.2, < 3)
    omniauth-foursquare (1.0.1)
      omniauth (~> 1.0)
      omniauth-oauth2 (~> 1.0)
    omniauth-oauth2 (1.7.3)
      oauth2 (>= 1.4, < 3)
      omniauth (>= 1.9, < 3)
    onlyoffice_file_helper (1.1.0)
      onlyoffice_logger_helper (~> 1)
      rubyzip (~> 2)
    onlyoffice_logger_helper (1.3.0)
    onlyoffice_s3_wrapper (1.0.0)
      aws-sdk-s3 (~> 1)
      onlyoffice_file_helper (< 2)
    open4 (1.3.4)
    openhab-scripting (5.3.0)
      bundler (~> 2.2)
      marcel (~> 1.0)
      method_source (~> 1.0)
      ruby2_keywords (~> 0.0)
    ordinal_array (0.2.0)
    orm_adapter (0.5.0)
    os (1.1.4)
    ox (2.14.16)
    paginator (1.2.0)
    paper_trail (10.3.1)
      activerecord (>= 4.2)
      request_store (~> 1.1)
    paperclip (5.3.0)
      activemodel (>= 4.2.0)
      activesupport (>= 4.2.0)
      mime-types
      mimemagic (~> 0.3.0)
      terrapin (~> 0.6.0)
    paperclip-meta (3.1.0)
      paperclip (>= 5.0)
    parallel (1.23.0)
    parser (3.2.2.1)
      ast (~> 2.4.1)
    pathutil (0.16.2)
      forwardable-extended (~> 2.6)
    paul_walker (0.1.2)
      redis (>= 4.0)
    paypal-sdk-core (0.3.4)
      multi_json (~> 1.0)
      xml-simple
    paypal-sdk-invoice (1.117.0)
      paypal-sdk-core (~> 0.3.0)
    pbkdf2 (0.1.0)
    pbkdf256 (0.1.3)
    pcp-client (0.5.3)
      eventmachine (~> 1.2)
      faye-websocket (~> 0.11.0)
      rschema (~> 1.3)
    peek (1.1.0)
      railties (>= 4.0.0)
    peek-dalli (1.2.0)
      concurrent-ruby
      concurrent-ruby-ext
      dalli
      peek
    pg (1.5.3)
    pg-aws_rds_iam (0.5.0)
      aws-sdk-rds (~> 1.0)
      pg (~> 1.1)
    photocopier (0.0.10)
      activesupport
      escape
      i18n
      net-scp
      net-ssh
      net-ssh-gateway
    pipedrive.rb (0.3.0)
      activesupport (>= 4.0.0)
      faraday
      faraday_middleware
      hashie (>= 3.0)
    pkcs7-cryptographer (1.0.1)
    plissken (1.4.1)
    poltergeist (1.18.1)
      capybara (>= 2.1, < 4)
      cliver (~> 0.3.1)
      websocket-driver (>= 0.2.0)
    polyglot (0.3.5)
    posxml_parser (2.26.0)
      funky-emv (~> 1)
    power_assert (2.0.3)
    pr_geohash (1.0.0)
    pretty_debug (0.9.14)
    prime (0.1.2)
      forwardable
      singleton
    problem_details (0.2.3)
      rack (>= 1.1.0)
    process-metrics (0.2.1)
      console (~> 1.8)
      samovar (~> 2.1)
    pronto (0.11.1)
      gitlab (>= 4.4.0, < 5.0)
      httparty (>= 0.13.7, < 1.0)
      octokit (>= 4.7.0, < 7.0)
      rainbow (>= 2.2, < 4.0)
      rexml (>= 3.2.5, < 4.0)
      rugged (>= 0.23.0, < 2.0)
      thor (>= 0.20.3, < 2.0)
    pronto-eslint (0.11.1)
      eslintrb (~> 2.0, >= 2.0.0)
      pronto (~> 0.11.0)
    pry (0.14.2)
      coderay (~> 1.1)
      method_source (~> 1.0)
    psych (5.1.0)
      stringio
    public_suffix (5.0.1)
    pulp_docker_client (4.0.0b8.dev01573482113)
      faraday (>= 0.14.0)
      json (~> 2.1, >= 2.1.0)
    puma (6.3.0)
      nio4r (~> 2.0)
    pundit (2.3.0)
      activesupport (>= 3.0.0)
    puppet (7.21.0-universal-darwin)
      CFPropertyList (~> 2.2)
      concurrent-ruby (~> 1.0)
      deep_merge (~> 1.0)
      facter (> 2.0.1, < 5)
      fast_gettext (>= 1.1, < 3)
      hiera (>= 3.2.1, < 4)
      locale (~> 2.1)
      multi_json (~> 1.10)
      puppet-resource_api (~> 1.5)
      scanf (~> 1.0)
      semantic_puppet (~> 1.0)
    puppet-blacksmith (3.3.1)
      puppet (>= 2.7.16)
      rest-client
    puppet-module-posix-system-r2.5 (0.5.3)
      beaker (>= 4.0.0, < 5.0.0)
      beaker-abs (>= 0.4.0, < 1.0.0)
      beaker-aws (>= 0.6.0, < 1.0.0)
      beaker-docker (>= 0.3.3, < 1.0.0)
      beaker-google (>= 0.1.0, < 1.0.0)
      beaker-hostgenerator (>= 1.1.14, < 2.0.0)
      beaker-i18n_helper (~> 1.1)
      beaker-module_install_helper (>= 0.1.4, < 1.0.0)
      beaker-openstack (>= 0.2.0, < 1.0.0)
      beaker-pe (>= 2.0.0, < 3.0.0)
      beaker-puppet (>= 1.6.0, < 2.0.0)
      beaker-puppet_install_helper (>= 0.7.1, < 1.0.0)
      beaker-rspec (>= 6.2.4, < 7.0.0)
      beaker-task_helper (>= 1.1.0, < 2.0.0)
      beaker-vagrant (>= 0.5.0, < 1.0.0)
      beaker-vcloud (>= 1.0.0, < 2.0.0)
      beaker-vmpooler (>= 1.3.0, < 2.0.0)
      beaker-vmware (>= 0.3.0, < 1.0.0)
      master_manipulator (>= 2.1.1, < 3.0.0)
    puppet-resource_api (1.8.14)
      hocon (>= 1.0)
    queue_time_statsd_reporter (1.0.0)
    racc (1.6.2)
    rack (2.2.7)
    rack-cache (1.13.0)
      rack (>= 0.4)
    rack-pjax (1.1.0)
      nokogiri (~> 1.5)
      rack (>= 1.1)
    rack-protection (3.0.6)
      rack
    rack-test (2.1.0)
      rack (>= 1.3)
    radiant (0.8.2)
      RedCloth (>= 4.0.0)
      rack (>= 1.0.0)
      rake (>= 0.8.3)
    rails (5.2.8.1)
      actioncable (= 5.2.8.1)
      actionmailer (= 5.2.8.1)
      actionpack (= 5.2.8.1)
      actionview (= 5.2.8.1)
      activejob (= 5.2.8.1)
      activemodel (= 5.2.8.1)
      activerecord (= 5.2.8.1)
      activestorage (= 5.2.8.1)
      activesupport (= 5.2.8.1)
      bundler (>= 1.3.0)
      railties (= 5.2.8.1)
      sprockets-rails (>= 2.0.0)
    rails-dom-testing (2.0.3)
      activesupport (>= 4.2.0)
      nokogiri (>= 1.6)
    rails-html-sanitizer (1.6.0)
      loofah (~> 2.21)
      nokogiri (~> 1.14)
    rails-observers (0.1.5)
      activemodel (>= 4.0)
    rails_admin (2.2.1)
      activemodel-serializers-xml (>= 1.0)
      builder (~> 3.1)
      haml (>= 4.0, < 6)
      jquery-rails (>= 3.0, < 5)
      jquery-ui-rails (>= 5.0, < 7)
      kaminari (>= 0.14, < 2.0)
      nested_form (~> 0.3)
      rack-pjax (>= 0.7)
      rails (>= 5.0, < 7)
      remotipart (~> 1.3)
      sassc-rails (>= 1.3, < 3)
    rails_admin_globalize_field (1.2.0)
      globalize (>= 5.0)
      rails (>= 5.0)
      rails_admin (>= 2.0)
    rails_autolink (1.1.8)
      actionview (> 3.1)
      activesupport (> 3.1)
      railties (> 3.1)
    rails_drivers (1.2.0)
      rails (>= 5.2)
    railsless-deploy (1.1.3)
    railties (5.2.8.1)
      actionpack (= 5.2.8.1)
      activesupport (= 5.2.8.1)
      method_source
      rake (>= 0.8.7)
      thor (>= 0.19.0, < 2.0)
    rainbow (3.1.1)
    rake (13.0.6)
    rake-remote_task (2.4.4)
      open4 (~> 1.0)
      rake (>= 0.8, < 15.0)
    rb-fsevent (0.11.2)
    rb-inotify (0.10.1)
      ffi (~> 1.0)
    rb-readline (0.5.5)
    rb-readline-r7 (0.5.2.0)
    rbtree (0.4.6)
    rbvmomi (1.13.0)
      builder (~> 3.0)
      json (>= 1.8)
      nokogiri (~> 1.5)
      trollop (~> 2.1)
    rchardet (1.8.0)
    rdoc (6.5.0)
      psych (>= 4.0.0)
    redcarpet (3.6.0)
    redis (5.0.6)
      redis-client (>= 0.9.0)
    redis-client (0.14.1)
      connection_pool
    redis-namespace (1.10.0)
      redis (>= 4)
    redlock (2.0.1)
      redis-client
    reentrant_mutex (1.1.1)
    refinements (10.1.1)
    regexp_parser (2.8.0)
    relaton-bib (1.9.17)
      addressable
      bibtex-ruby
      iso639
      nokogiri
    relaton-omg (1.9.0)
      relaton-bib (~> 1.9.0)
    relaton-w3c (1.9.0)
      relaton-bib (>= 1.9.0)
    remotipart (1.4.4)
    representable (3.2.0)
      declarative (< 0.1.0)
      trailblazer-option (>= 0.1.1, < 0.2.0)
      uber (< 0.2.0)
    request_store (1.5.1)
      rack (>= 1.4)
    require_all (3.0.0)
    responders (3.1.0)
      actionpack (>= 5.2)
      railties (>= 5.2)
    resque (1.25.2)
      mono_logger (~> 1.0)
      multi_json (~> 1.0)
      redis-namespace (~> 1.3)
      sinatra (>= 0.9.2)
      vegas (~> 0.1.2)
    resque-uniqueue (1.0.1)
      resque (~> 1.25.0)
    rest-client (1.6.7)
      mime-types (>= 1.16)
    retina_tag (1.4.1)
      rails (>= 3.1)
    retinajs-rails (2.1.3)
    retriable (3.1.2)
    reverse_markdown (2.1.1)
      nokogiri
    rexleparser (1.0.1)
    rexml (3.2.5)
    riddle (2.4.3)
    rightresource (0.4.0)
      crack
      json
      rest-client
    rley (0.8.11)
      prime (~> 0.1.0)
    roauth (0.0.8)
    romankana (0.2.1)
    rorvswild (1.6.2)
    rouge (3.30.0)
    rschema (1.3.0)
    rsdl (0.1.5)
    rsolr (2.5.0)
      builder (>= 2.1.2)
      faraday (>= 0.9, < 3, != 2.0.0)
    rspec (3.12.0)
      rspec-core (~> 3.12.0)
      rspec-expectations (~> 3.12.0)
      rspec-mocks (~> 3.12.0)
    rspec-command (1.0.3)
      mixlib-shellout (~> 2.0)
      rspec (~> 3.2)
      rspec-its (~> 1.2)
    rspec-core (3.12.2)
      rspec-support (~> 3.12.0)
    rspec-expectations (3.12.3)
      diff-lcs (>= 1.2.0, < 2.0)
      rspec-support (~> 3.12.0)
    rspec-extra-formatters (1.0.0)
    rspec-its (1.3.0)
      rspec-core (>= 3.0.0)
      rspec-expectations (>= 3.0.0)
    rspec-mocks (3.12.5)
      diff-lcs (>= 1.2.0, < 2.0)
      rspec-support (~> 3.12.0)
    rspec-support (3.12.0)
    rspec-teamcity (1.0.0)
      rspec (>= 2.99, >= 2.14.2, < 4)
    rsync (1.0.9)
    rubicure (3.2.1)
      activesupport (>= 5.0.0)
      hashie (>= 2.0.5)
      sengiri_yaml (>= 1.0.0)
    rubocop (1.48.1)
      json (~> 2.3)
      parallel (~> 1.10)
      parser (>= 3.2.0.0)
      rainbow (>= 2.2.2, < 4.0)
      regexp_parser (>= 1.8, < 3.0)
      rexml (>= 3.2.5, < 4.0)
      rubocop-ast (>= 1.26.0, < 2.0)
      ruby-progressbar (~> 1.7)
      unicode-display_width (>= 2.4.0, < 3.0)
    rubocop-ast (1.29.0)
      parser (>= 3.2.1.0)
    rubocop-capybara (2.18.0)
      rubocop (~> 1.41)
    rubocop-lsp (0.1.6)
      language_server-protocol (>= 3.16)
      rubocop (>= 1.0)
    rubocop-minitest (0.30.0)
      rubocop (>= 1.39, < 2.0)
    rubocop-ogat (4.7.0)
      rubocop-minitest (= 0.30.0)
      rubocop-rails (= 2.19.0)
      rubocop-rspec (= 2.19.0)
      standard (= 1.26.0)
      test-prof (= 1.2.1)
    rubocop-performance (1.16.0)
      rubocop (>= 1.7.0, < 2.0)
      rubocop-ast (>= 0.4.0)
    rubocop-rails (2.19.0)
      activesupport (>= 4.2.0)
      rack (>= 1.1)
      rubocop (>= 1.33.0, < 2.0)
    rubocop-rspec (2.19.0)
      rubocop (~> 1.33)
      rubocop-capybara (~> 2.17)
    ruby-cute (0.13)
      ipaddress (>= 0.8)
      json (>= 1.8)
      net-ssh-multi (>= 1.2)
      rest-client (>= 1.6)
    ruby-hmac (0.4.0)
    ruby-ip (0.9.3)
    ruby-ll (2.1.2)
      ansi
      ast
    ruby-progressbar (1.13.0)
    ruby-vips (2.1.4)
      ffi (~> 1.12)
    ruby2_keywords (0.0.5)
    rubyntlm (0.6.3)
    rubysdl (2.1.3.1)
    rubysl-shellwords (1.0.1)
    rubyzip (2.3.2)
    rugged (1.6.3)
    russian (0.6.0)
      i18n (>= 0.5.0)
    ruumba (0.1.17)
      rubocop
    rvm1-capistrano3 (1.4.0)
      capistrano (~> 3.0)
      sshkit (>= 1.2)
    safe_yaml (1.0.5)
    samovar (2.1.4)
      console (~> 1.0)
      mapping (~> 1.0)
    sass (3.7.4)
      sass-listen (~> 4.0.0)
    sass-listen (4.0.0)
      rb-fsevent (~> 0.9, >= 0.9.4)
      rb-inotify (~> 0.9, >= 0.9.7)
    sassc (2.4.0)
      ffi (~> 1.9)
    sassc-rails (2.1.2)
      railties (>= 4.0.0)
      sassc (>= 2.0)
      sprockets (> 3.0)
      sprockets-rails
      tilt
    sawyer (0.8.2)
      addressable (>= 2.3.5)
      faraday (> 0.8, < 2.0)
    scanf (1.0.0)
    schash (0.1.2)
    selenium-cucumber (3.1.5)
      appium_lib (>= 8.0.2)
      chunky_png (>= 1.3.5)
      cucumber (>= 2.3.0)
      rspec (>= 3.4.0)
      selenium-webdriver (>= 2.53.0)
    selenium-webdriver (4.9.1)
      rexml (~> 3.2, >= 3.2.5)
      rubyzip (>= 1.2.2, < 3.0)
      websocket (~> 1.0)
    semantic_puppet (1.1.0)
    sendinblue (2.4)
      httparty
      json
    sengiri_yaml (1.0.0)
    sensu-plugin (4.0.0)
      json (< 3.0.0)
      mixlib-cli (~> 1.5)
    sensu-plugins-windows (3.0.0)
      sensu-plugin (~> 4.0)
    sequel (5.69.0)
    serverengine (2.3.2)
      sigdump (~> 0.2.2)
    serverspec (2.42.2)
      multi_json
      rspec (~> 3.0)
      rspec-its
      specinfra (~> 2.72)
    set (1.0.3)
    sfl (2.3)
    shellany (0.0.1)
    sidekiq (7.1.1)
      concurrent-ruby (< 2)
      connection_pool (>= 2.3.0)
      rack (>= 2.2.4)
      redis-client (>= 0.14.0)
    sidekiq_process_killer (0.3.0)
      get_process_mem
      sidekiq
    sidekiq_queue_metrics (3.0.0)
      eldritch
      redlock
      sidekiq
    sigdump (0.2.4)
    signet (0.17.0)
      addressable (~> 2.8)
      faraday (>= 0.17.5, < 3.a)
      jwt (>= 1.5, < 3.0)
      multi_json (~> 1.10)
    silent-postgres (0.1.1)
    simple-statistics (0.0.3)
    simple_aws (0.0.1d)
      httmultiparty
      httparty
      ox
    simple_deploy (0.5.6)
      capistrano
      stackster (= 0.3.1)
      tinder
      trollop
    simple_form (5.2.0)
      actionpack (>= 5.2)
      activemodel (>= 5.2)
    simple_oauth (0.3.1)
    simple_scheduler (1.2.0)
      rails (>= 5.0)
      sidekiq (>= 5.0)
    simpleidn (0.2.1)
      unf (~> 0.1.4)
    sinatra (3.0.6)
      mustermann (~> 3.0)
      rack (~> 2.2, >= 2.2.4)
      rack-protection (= 3.0.6)
      tilt (~> 2.0)
    singleton (0.1.1)
    site_prism (3.5)
      addressable (~> 2.5)
      capybara (<= 3.29)
      site_prism-all_there (>= 0.3.1, < 1.0)
    site_prism-all_there (0.3.2)
    sitemap_generator (6.3.0)
      builder (~> 3.0)
    sixarm_ruby_unaccent (1.2.2)
    sjekksum (0.1.1)
    slither (0.99.4)
    slop (4.10.1)
    slow_enumerator_tools (1.1.0)
    smalruby (0.0.5)
      activesupport
      dxruby_sdl
    smartcard (0.5.6)
      ffi (>= 1.2.0)
      rubyzip (>= 0.9.9)
      zerg_support (>= 0.1.6)
      zip-zip (>= 0.3)
    snaky_hash (2.0.1)
      hashie
      version_gem (~> 1.1, >= 1.1.1)
    snoop_dogg (0.1.4)
      rails (>= 5.1.4)
    soap4r-spox (1.6.0)
    sorted_set (1.0.3)
      rbtree
      set (~> 1.0)
    specinfra (2.85.1)
      net-scp
      net-ssh (>= 2.7)
      net-telnet (= 0.1.1)
      sfl
    spf (0.1.1)
      ruby-ip (~> 0.9.1)
    spout (1.0.0)
      bundler (>= 1.3.0)
      json
      minitest
      minitest-reporters
    spring-commands-crystalball (0.2.0)
      crystalball
    sprockets (4.2.0)
      concurrent-ruby (~> 1.0)
      rack (>= 2.2.4, < 4)
    sprockets-rails (3.4.2)
      actionpack (>= 5.2)
      activesupport (>= 5.2)
      sprockets (>= 3.0.0)
    sproutvideo-rb (1.6.0)
      multi_json
      rest-client
    spud_core (0.9.22)
      authlogic
      bootstrap-will_paginate
      breadcrumbs_on_rails
      codemirror-rails
      jquery-rails
      rails (>= 3.2.2)
      retina_tag
      will_paginate
    sshkit (1.21.4)
      net-scp (>= 1.1.2)
      net-ssh (>= 2.8.0)
    ssrf_filter (1.1.1)
    stackster (0.3.1)
      fog
      logger
      trollop
      xml-simple
    standard (1.26.0)
      language_server-protocol (~> 3.17.0.2)
      rubocop (~> 1.48.1)
      rubocop-performance (~> 1.16.0)
    stanford-mods (3.3.2)
      activesupport
      mods (~> 3.0, >= 3.0.3)
    statesman (4.1.4)
    staypuft (0.5.26)
      deface
      dynflow (~> 0.7.0)
      foreman-tasks (~> 0.6.4)
      foreman_discovery
      ipaddress
      wicked
    string-cases (0.0.4)
    stringify-hash (0.0.2)
    stringio (3.0.7)
    strip_attributes (1.13.0)
      activemodel (>= 3.0, < 8.0)
    stripe_tester (0.5.0)
    strptime (0.2.5)
    sunspot (2.6.0)
      pr_geohash (~> 1.0)
      rsolr (>= 1.1.1, < 3)
    sunspot_rails (2.6.0)
      rails (>= 3)
      sunspot (= 2.6.0)
    sync (0.5.0)
    sys-uname (1.2.3)
      ffi (~> 1.1)
    term-ansicolor (1.7.1)
      tins (~> 1.0)
    terminal-table (3.0.2)
      unicode-display_width (>= 1.1.1, < 3)
    terrapin (0.6.0)
      climate_control (>= 0.0.3, < 1.0)
    test-prof (1.2.1)
    test-unit (3.5.9)
      power_assert
    test-unit-activesupport (1.1.1)
      activesupport
      test-unit
    test-unit-capybara (1.1.1)
      capybara (>= 2.1.0)
      json
      test-unit (>= 2.5.3)
    test_benchmarker (1.2.1)
    test_construct (2.0.2)
    thin (1.8.2)
      daemons (~> 1.0, >= 1.0.9)
      eventmachine (~> 1.0, >= 1.0.4)
      rack (>= 1, < 3)
    thin_man (0.20.10)
      rails (>= 5.1, < 6)
    thinking-sphinx (5.5.1)
      activerecord (>= 4.2.0)
      builder (>= 2.1.2)
      innertube (>= 1.0.2)
      joiner (>= 0.3.4)
      middleware (>= 0.1.0)
      riddle (~> 2.3)
    thor (1.2.2)
    thread_safe (0.3.6)
    tilt (2.1.0)
    timeliness (0.4.5)
    timeliness-i18n (0.12.1)
      railties
      timeliness
    timeout (0.3.2)
    timers (4.3.5)
    tinder (1.4.1)
      activesupport
      eventmachine
      httparty
      mime-types
      twitter-stream
    tins (1.32.1)
      sync
    tinymce-rails (5.10.7.1)
      railties (>= 3.1.1)
    tinymce-rails-langs (5.20230529)
      tinymce-rails (~> 5.0)
    tomlrb (2.0.3)
    trailblazer-option (0.1.2)
    treetop (1.6.12)
      polyglot (~> 0.3)
    trestle (0.9.8)
      activemodel (>= 4.2.0)
      kaminari (>= 1.1.0)
      railties (>= 4.2.0)
      sprockets-rails (>= 2.0.0)
    trestle-tinymce (0.3.1)
      tinymce-rails (~> 5.1)
      trestle (~> 0.9.0)
    trino-client (1.0.0)
      faraday (~> 0.12)
      faraday_middleware (~> 0.12.2)
      msgpack (>= 0.7.0)
    trollop (2.9.10)
    ts-datetime-delta (2.0.2)
      thinking-sphinx (>= 1.3.8)
    ts_routes (1.0.3)
      railties (>= 4.0)
    turbot (0.0.2)
      json-schema
      launchy (>= 0.3.2)
      netrc (~> 0.7.7)
      rest-client (~> 1.6.1)
      rubyzip (>= 1.0.0)
      turbot-api
    turbot-api (0.0.16)
      rest-client (~> 1.6.1)
      rubyzip
    twitter-stream (0.1.12)
      eventmachine (>= 0.12.8)
      roauth (>= 0.0.2)
    typhoeus (0.3.3)
      mime-types
    tzinfo (1.2.11)
      thread_safe (~> 0.1)
    tzinfo-data (1.2023.3)
      tzinfo (>= 1.0.0)
    uber (0.1.0)
    uber-s3 (0.1.1)
    uglifier (2.7.2)
      execjs (>= 0.3.0)
      json (>= 1.8.0)
    unf (0.1.4)
      unf_ext
    unf_ext (0.0.8.2)
    unicode-display_width (2.4.2)
    unicode_utils (1.4.0)
    uri_template (0.7.0)
    url_mount (0.2.1)
      rack
    uuidgen (0.0.2)
    validates_timeliness (5.0.1)
      timeliness (>= 0.3.10, < 1)
    vegas (0.1.11)
      rack (>= 1.0.0)
    version_gem (1.1.2)
    vlad (2.7.1)
      rake (>= 0.8, < 15.0)
      rake-remote_task (~> 2.3)
    vmfloaty (1.3.0)
      colorize (~> 0.8.1)
      commander (>= 4.4.3, < 4.6.0)
      faraday (~> 0.17.0)
    vsphere-automation-appliance (0.4.7)
      vsphere-automation-cis (~> 0.4.6)
      vsphere-automation-runtime (~> 0.4.6)
    vsphere-automation-cis (0.4.7)
      vsphere-automation-runtime (~> 0.4.6)
    vsphere-automation-content (0.4.7)
      vsphere-automation-cis (~> 0.4.6)
      vsphere-automation-runtime (~> 0.4.6)
    vsphere-automation-runtime (0.4.7)
    vsphere-automation-sdk (0.4.7)
      vsphere-automation-appliance (~> 0.4.6)
      vsphere-automation-cis (~> 0.4.6)
      vsphere-automation-content (~> 0.4.6)
      vsphere-automation-runtime (~> 0.4.6)
      vsphere-automation-vapi (~> 0.4.6)
      vsphere-automation-vcenter (~> 0.4.6)
    vsphere-automation-vapi (0.4.7)
      vsphere-automation-cis (~> 0.4.6)
      vsphere-automation-runtime (~> 0.4.6)
    vsphere-automation-vcenter (0.4.7)
      vsphere-automation-cis (~> 0.4.6)
      vsphere-automation-runtime (~> 0.4.6)
    warden (1.2.9)
      rack (>= 2.0.9)
    webrick (1.8.1)
    webrobots (0.1.2)
    websocket (1.2.9)
    websocket-driver (0.7.5)
      websocket-extensions (>= 0.1.0)
    websocket-extensions (0.1.5)
    wes-data-api (13.9.0)
      faraday
      faraday_middleware
      json
    wicked (2.0.0)
      railties (>= 3.0.7)
    will_paginate (4.0.0)
    with_progress (1.0.1)
      ruby-progressbar (~> 1.4)
    wombat (3.0.0)
      activesupport
      mechanize (~> 2.8.5)
      rest-client
    woody-decorators (0.3.0)
      json
    xcodeproj (0.1.0)
    xliffer (1.0.3)
      nokogiri (~> 1.5)
    xml-simple (1.1.9)
      rexml
    xpath (2.1.0)
      nokogiri (~> 1.3)
    yajl-ruby (1.4.3)
    yaml_db (0.7.0)
      rails (>= 3.0)
      rake (>= 0.8.7)
    yell (2.2.2)
    zeitwerk (2.6.8)
    zerg_support (0.1.6)
    zip-zip (0.3)
      rubyzip (>= 1.0.0)

PLATFORMS
  arm64-darwin-22

DEPENDENCIES
  pkg46!

BUNDLED WITH
   2.4.13
