PATH
  remote: .
  specs:
    pkg19 (0.0.1)
      OptionParser
      POpen4
      active_shipping
      active_type
      activeadmin_json_editor
      activerecord-compatible_legacy_migration
      activerecord-postgres_enum
      ahoy_email
      application_insights
      arproxy
      aws-sdk-chimesdkvoice
      aws-sdk-iotroborunner
      aws-sdk-resourceexplorer2
      aws-sdk-scheduler
      aws-sdk-ssmsap
      aws-sdk-sts
      axlsx_styler
      azure
      azure_mgmt_network
      beaker-answers
      blue-daemons
      bot_framework
      capistrano-composer
      chef-telemetry
      circleci-parallel
      clavius
      closure-compiler
      codemirror-rails
      combustion
      committee-rails
      couchrest
      createsend
      deepsort
      delorean
      devise_security_extension
      discordrb
      dm-aggregates
      dm-serializer
      dm-timestamps
      dm-validations
      docker_registry2
      dropbox_api
      droplet_kit
      dry-cli
      escape_code
      fantaskspec
      faraday_middleware-parse_oj
      fast_stack
      fauxhai
      filewatch
      fluent-mixin-config-placeholders
      fluent-plugin-grafana-loki-licence-fix
      fluent-plugin-parser-cri
      fnv
      gcm
      gist
      gitlab-pg_query
      glib2
      gollum-grit_adapter
      gollum-lib
      google-cloud-trace-v1
      grit
      gruf
      gruff
      healthy_rack
      heroku-deflater
      honeycomb-beeline
      html_to_plain_text
      http_connection
      immigrant
      in-parallel
      instagram
      jazzy
      jdbc-mysql
      jekyll-commonmark
      jquery-minicolors-rails
      jquery-slick-rails
      jruby-jms
      jsonapi-deserializable
      jsonapi-rb
      jsonb_accessor
      lefthook
      librato-rack
      librato-rails
      licensed
      lockfile
      lograge-sql
      loofah-activerecord
      m
      mcollective-client
      meta_search
      metainspector
      metasploit-concern
      metasploit-credential
      metasploit-model
      micromachine
      money-open-exchange-rates
      mousetrap-rails
      multi_exiftool
      net_http_unix
      nexpose
      nprogress-rails
      null-logger
      numo-narray
      omniauth-shopify-oauth2
      onebox
      opencensus
      opentelemetry-instrumentation-active_model_serializers
      opentelemetry-instrumentation-all
      opentelemetry-instrumentation-aws_sdk
      opentelemetry-instrumentation-bunny
      opentelemetry-instrumentation-excon
      opentelemetry-instrumentation-koala
      opentelemetry-instrumentation-lmdb
      opentelemetry-instrumentation-mongo
      opentelemetry-instrumentation-sinatra
      opus-ruby
      paypal-sdk-merchant
      phashion
      pluck_to_hash
      pluginator
      postgresql_cursor
      prawn-icon
      pronto-brakeman
      pronto-reek
      puppet-lint-trailing_comma-check
      puppet-lint-variable_contains_upcase
      quickbooks-ruby
      rack-dev-mark
      rack-reverse-proxy
      rails-reverse-proxy
      rails_autoscale_agent
      rails_config
      ratelimit
      rcov
      requirejs-rails
      resource_kit
      resque-sentry
      resque-web
      rex-core
      rex-exploitation
      rex-powershell
      rgeo-shapefile
      ronn
      rspec-parameterized-core
      rspec-parameterized-table_syntax
      rubocop-changes
      ruby-debug
      ruby_event_store-rspec
      rufus-lru
      scanf
      sensu-plugins-sensu
      sham_rack
      shared-mime-info
      sidekiq-superworker
      sidekiq_alive
      sidetiq
      simplecov-parallel
      sinatra-cross_origin
      slim_lint
      smtpapi
      statistics2
      strongbox
      syck
      sysvmq
      td-client
      teaspoon-mocha
      therubyrhino
      therubyrhino_jar
      tool
      trailblazer
      unix-crypt
      vagrant-vbguest
      validates_overlap
      valvat
      windows-pr
      xdr
      yarjuf
      zeroclipboard-rails
      zipruby

GEM
  remote: https://rubygems.org/
  specs:
    CFPropertyList (3.0.6)
      rexml
    OptionParser (0.5.1)
    POpen4 (0.1.4)
      Platform (>= 0.4.0)
      open4
    Platform (0.4.2)
    ace-rails-ap (4.5)
    actioncable (7.0.4.3)
      actionpack (= 7.0.4.3)
      activesupport (= 7.0.4.3)
      nio4r (~> 2.0)
      websocket-driver (>= 0.6.1)
    actionmailbox (7.0.4.3)
      actionpack (= 7.0.4.3)
      activejob (= 7.0.4.3)
      activerecord (= 7.0.4.3)
      activestorage (= 7.0.4.3)
      activesupport (= 7.0.4.3)
      mail (>= 2.7.1)
      net-imap
      net-pop
      net-smtp
    actionmailer (7.0.4.3)
      actionpack (= 7.0.4.3)
      actionview (= 7.0.4.3)
      activejob (= 7.0.4.3)
      activesupport (= 7.0.4.3)
      mail (~> 2.5, >= 2.5.4)
      net-imap
      net-pop
      net-smtp
      rails-dom-testing (~> 2.0)
    actionpack (7.0.4.3)
      actionview (= 7.0.4.3)
      activesupport (= 7.0.4.3)
      rack (~> 2.0, >= 2.2.0)
      rack-test (>= 0.6.3)
      rails-dom-testing (~> 2.0)
      rails-html-sanitizer (~> 1.0, >= 1.2.0)
    actiontext (7.0.4.3)
      actionpack (= 7.0.4.3)
      activerecord (= 7.0.4.3)
      activestorage (= 7.0.4.3)
      activesupport (= 7.0.4.3)
      globalid (>= 0.6.0)
      nokogiri (>= 1.8.5)
    actionview (7.0.4.3)
      activesupport (= 7.0.4.3)
      builder (~> 3.1)
      erubi (~> 1.4)
      rails-dom-testing (~> 2.0)
      rails-html-sanitizer (~> 1.1, >= 1.2.0)
    active_shipping (0.12.6)
      active_utils (~> 2.2.0)
      activesupport (>= 2.3.5)
      builder
      i18n
      json (>= 1.5.1)
    active_type (2.3.3)
      activerecord (>= 3.2)
    active_utils (2.2.3)
      activesupport (>= 2.3.11)
      i18n
    activeadmin_json_editor (0.0.10)
      ace-rails-ap
      railties (>= 3.0)
    activejob (7.0.4.3)
      activesupport (= 7.0.4.3)
      globalid (>= 0.3.6)
    activemodel (7.0.4.3)
      activesupport (= 7.0.4.3)
    activerecord (7.0.4.3)
      activemodel (= 7.0.4.3)
      activesupport (= 7.0.4.3)
    activerecord-compatible_legacy_migration (0.1.2)
      activerecord (>= 4.0.0)
    activerecord-postgres_enum (2.0.1)
      activerecord (>= 5.2)
      pg
    activestorage (7.0.4.3)
      actionpack (= 7.0.4.3)
      activejob (= 7.0.4.3)
      activerecord (= 7.0.4.3)
      activesupport (= 7.0.4.3)
      marcel (~> 1.0)
      mini_mime (>= 1.1.0)
    activesupport (7.0.4.3)
      concurrent-ruby (~> 1.0, >= 1.0.2)
      i18n (>= 1.6, < 2)
      minitest (>= 5.1)
      tzinfo (~> 2.0)
    addressable (2.8.4)
      public_suffix (>= 2.0.2, < 6.0)
    aggregate (0.2.3)
    ahoy_email (2.1.3)
      actionmailer (>= 5)
      addressable (>= 2.3.2)
      nokogiri
      safely_block (>= 0.1.1)
    airbrussh (1.4.1)
      sshkit (>= 1.6.1, != 1.7.0)
    application_insights (0.5.6)
    arel (9.0.0)
    arel-helpers (2.14.0)
      activerecord (>= 3.1.0, < 8)
    arproxy (0.2.9)
      activerecord (>= 4.2.0)
    ast (2.4.2)
    atomos (0.1.3)
    aws-eventstream (1.2.0)
    aws-partitions (1.767.0)
    aws-sdk-chimesdkvoice (1.5.0)
      aws-sdk-core (~> 3, >= 3.165.0)
      aws-sigv4 (~> 1.1)
    aws-sdk-core (3.173.0)
      aws-eventstream (~> 1, >= 1.0.2)
      aws-partitions (~> 1, >= 1.651.0)
      aws-sigv4 (~> 1.5)
      jmespath (~> 1, >= 1.6.1)
    aws-sdk-iotroborunner (1.1.0)
      aws-sdk-core (~> 3, >= 3.165.0)
      aws-sigv4 (~> 1.1)
    aws-sdk-resourceexplorer2 (1.4.0)
      aws-sdk-core (~> 3, >= 3.165.0)
      aws-sigv4 (~> 1.1)
    aws-sdk-scheduler (1.2.0)
      aws-sdk-core (~> 3, >= 3.165.0)
      aws-sigv4 (~> 1.1)
    aws-sdk-ssmsap (1.3.0)
      aws-sdk-core (~> 3, >= 3.165.0)
      aws-sigv4 (~> 1.1)
    aws-sdk-sts (1.10.0)
      aws-sdk-core (~> 3, >= 3.110.0)
      aws-sigv4 (~> 1.1)
    aws-sigv4 (1.5.2)
      aws-eventstream (~> 1, >= 1.0.2)
    axiom-types (0.1.1)
      descendants_tracker (~> 0.0.4)
      ice_nine (~> 0.11.0)
      thread_safe (~> 0.3, >= 0.3.1)
    axlsx_styler (1.2.0)
      activesupport (>= 3.1)
      caxlsx (>= 2.0.2, < 3.3.0)
    azure (0.0.0)
    azure_mgmt_network (0.26.1)
      ms_rest_azure (~> 0.12.0)
    bcrypt (3.1.18)
    beaker-answers (0.29.0)
      hocon (~> 1.0)
      require_all (>= 1.3.2, < 3.1.0)
      stringify-hash (~> 0.0.0)
    binding_of_caller (1.0.0)
      debug_inspector (>= 0.0.1)
    blue-daemons (1.1.11)
    bot_framework (0.1.0)
      chronic
      chronic_duration
      httparty
      jwt
      nio4r
      oauth2
      rack
      rb-readline
      timers
    brakeman (5.4.1)
    builder (3.2.4)
    capistrano (3.17.2)
      airbrussh (>= 1.0.0)
      i18n
      rake (>= 10.0.0)
      sshkit (>= 1.9.0)
    capistrano-composer (0.0.6)
      capistrano (>= 3.0.0.pre)
    caxlsx (3.2.0)
      htmlentities (~> 4.3, >= 4.3.4)
      marcel (~> 1.0)
      nokogiri (~> 1.10, >= 1.10.4)
      rubyzip (>= 1.3.0, < 3)
    celluloid (0.18.0)
      timers (~> 4)
    charlock_holmes (0.7.7)
    chef-config (18.2.7)
      addressable
      chef-utils (= 18.2.7)
      fuzzyurl
      mixlib-config (>= 2.2.12, < 4.0)
      mixlib-shellout (>= 2.0, < 4.0)
      tomlrb (~> 1.2)
    chef-telemetry (1.1.1)
      chef-config
      concurrent-ruby (~> 1.0)
    chef-utils (18.2.7)
      concurrent-ruby
    chronic (0.10.2)
    chronic_duration (0.10.6)
      numerizer (~> 0.1.1)
    circleci-parallel (0.5.0)
    claide (1.1.0)
    clavius (1.0.4)
    closure-compiler (1.1.14)
    cocoapods (1.0.1)
      activesupport (>= 4.0.2)
      claide (>= 1.0.0, < 2.0)
      cocoapods-core (= 1.0.1)
      cocoapods-deintegrate (>= 1.0.0, < 2.0)
      cocoapods-downloader (>= 1.0.0, < 2.0)
      cocoapods-plugins (>= 1.0.0, < 2.0)
      cocoapods-search (>= 1.0.0, < 2.0)
      cocoapods-stats (>= 1.0.0, < 2.0)
      cocoapods-trunk (>= 1.0.0, < 2.0)
      cocoapods-try (>= 1.0.0, < 2.0)
      colored (~> 1.2)
      escape (~> 0.0.4)
      fourflusher (~> 0.3.0)
      molinillo (~> 0.4.5)
      nap (~> 1.0)
      xcodeproj (>= 1.1.0, < 2.0)
    cocoapods-core (1.0.1)
      activesupport (>= 4.0.2)
      fuzzy_match (~> 2.0.4)
      nap (~> 1.0)
    cocoapods-deintegrate (1.0.5)
    cocoapods-downloader (1.6.3)
    cocoapods-plugins (1.0.0)
      nap
    cocoapods-search (1.0.1)
    cocoapods-stats (1.1.0)
    cocoapods-trunk (1.6.0)
      nap (>= 0.8, < 2.0)
      netrc (~> 0.11)
    cocoapods-try (1.2.0)
    codemirror-rails (0.3.1)
    coderay (1.1.3)
    coercible (1.0.0)
      descendants_tracker (~> 0.0.1)
    coffee-rails (5.0.0)
      coffee-script (>= 2.2.0)
      railties (>= 5.2.0)
    coffee-script (2.4.1)
      coffee-script-source
      execjs
    coffee-script-source (1.12.2)
    colored (1.2)
    colored2 (3.1.2)
    columnize (0.9.0)
    combustion (1.3.7)
      activesupport (>= 3.0.0)
      railties (>= 3.0.0)
      thor (>= 0.14.6)
    committee (5.0.0)
      json_schema (~> 0.14, >= 0.14.3)
      openapi_parser (~> 1.0)
      rack (>= 1.5)
    committee-rails (0.7.0)
      actionpack
      activesupport
      committee (>= 5.0.0)
      railties
    commonjs (0.2.7)
    commonmarker (0.23.9)
    concurrent-ruby (1.2.2)
    config (4.2.0)
      deep_merge (~> 1.2, >= 1.2.1)
      dry-validation (~> 1.0, >= 1.0.0)
    connection_pool (2.4.1)
    cool.io (1.7.1)
    couchrest (2.0.1)
      httpclient (~> 2.8)
      mime-types (>= 1.15)
      multi_json (~> 1.7)
    crass (1.0.6)
    createsend (6.0.0)
      hashie (~> 3.0)
      httparty (~> 0.14)
      json (>= 1.0)
    date (3.3.3)
    dbf (4.2.3)
    debug_inspector (1.1.0)
    declarative (0.0.20)
    deep_merge (1.2.2)
    deepsort (0.4.5)
    delorean (2.1.0)
      chronic
    descendants_tracker (0.0.4)
      thread_safe (~> 0.3, >= 0.3.1)
    devise (4.9.2)
      bcrypt (~> 3.0)
      orm_adapter (~> 0.1)
      railties (>= 4.1.0)
      responders
      warden (~> 1.2.3)
    devise_security_extension (0.9.2)
      devise (>= 2.0.0)
      rails (>= 3.1.1)
    diff-lcs (1.5.0)
    discordrb (3.2.1)
      discordrb-webhooks (~> 3.2.0.1)
      opus-ruby
      rbnacl (~> 3.4.0)
      rest-client
      websocket-client-simple (>= 0.3.0)
    discordrb-webhooks (3.2.0.1)
      rest-client
    disposable (0.6.3)
      declarative (>= 0.0.9, < 1.0.0)
      representable (>= 3.1.1, < 4)
    dm-aggregates (1.2.0)
      dm-core (~> 1.2.0)
    dm-core (1.2.1)
      addressable (~> 2.3)
    dm-serializer (0.10.0)
    dm-timestamps (1.2.0)
      dm-core (~> 1.2.0)
    dm-validations (1.2.0)
      dm-core (~> 1.2.0)
    docile (1.4.0)
    docker_registry2 (1.15.0)
      rest-client (>= 1.8.0)
    domain_name (0.5.20190701)
      unf (>= 0.0.5, < 1.0.0)
    dotenv (2.8.1)
    dropbox_api (0.1.21)
      faraday (< 3.0)
      oauth2 (~> 1.1)
    droplet_kit (3.19.0)
      faraday (>= 0.15)
      kartograph (~> 0.2.8)
      resource_kit (~> 0.1.5)
      virtus (>= 1.0.3, <= 3)
    dry-cli (1.0.0)
    dry-configurable (1.0.1)
      dry-core (~> 1.0, < 2)
      zeitwerk (~> 2.6)
    dry-core (1.0.0)
      concurrent-ruby (~> 1.0)
      zeitwerk (~> 2.6)
    dry-inflector (1.0.0)
    dry-initializer (3.1.1)
    dry-logic (1.5.0)
      concurrent-ruby (~> 1.0)
      dry-core (~> 1.0, < 2)
      zeitwerk (~> 2.6)
    dry-schema (1.13.1)
      concurrent-ruby (~> 1.0)
      dry-configurable (~> 1.0, >= 1.0.1)
      dry-core (~> 1.0, < 2)
      dry-initializer (~> 3.0)
      dry-logic (>= 1.4, < 2)
      dry-types (>= 1.7, < 2)
      zeitwerk (~> 2.6)
    dry-types (1.7.1)
      concurrent-ruby (~> 1.0)
      dry-core (~> 1.0)
      dry-inflector (~> 1.0)
      dry-logic (~> 1.4)
      zeitwerk (~> 2.6)
    dry-validation (1.10.0)
      concurrent-ruby (~> 1.0)
      dry-core (~> 1.0, < 2)
      dry-initializer (~> 3.0)
      dry-schema (>= 1.12, < 2)
      zeitwerk (~> 2.6)
    e2mmap (0.1.0)
    erubi (1.12.0)
    escape (0.0.4)
    escape_code (0.2)
    event_emitter (0.2.6)
    excon (0.99.0)
    execjs (2.8.1)
    fantaskspec (1.2.0)
      rake (>= 10.0)
      rspec (~> 3.4)
    faraday (0.17.6)
      multipart-post (>= 1.2, < 3)
    faraday-cookie_jar (0.0.7)
      faraday (>= 0.8.0)
      http-cookie (~> 1.0.0)
    faraday-encoding (0.0.5)
      faraday
    faraday-http-cache (2.5.0)
      faraday (>= 0.8)
    faraday_middleware (0.14.0)
      faraday (>= 0.7.4, < 1.0)
    faraday_middleware-parse_oj (0.3.2)
      faraday (~> 0.9)
      faraday_middleware (>= 0.9.1, < 1.0)
      oj (>= 2.0, < 4.0)
    fast_stack (0.2.0)
    fastimage (2.2.6)
    fauxhai (7.4.0)
      net-ssh
    ffi (1.15.5)
    ffi-compiler (1.0.1)
      ffi (>= 1.0.0)
      rake
    filewatch (0.9.0)
    fluent-mixin-config-placeholders (0.4.0)
      fluentd
      uuidtools (>= 2.1.5)
    fluent-plugin-grafana-loki-licence-fix (0.0.1)
      fluentd (>= 0.14.10, < 2)
    fluent-plugin-parser-cri (0.1.1)
      fluentd (>= 1)
    fluentd (1.16.1)
      bundler
      cool.io (>= 1.4.5, < 2.0.0)
      http_parser.rb (>= 0.5.1, < 0.9.0)
      msgpack (>= 1.3.1, < 2.0.0)
      serverengine (>= 2.3.2, < 3.0.0)
      sigdump (~> 0.2.2)
      strptime (>= 0.2.4, < 1.0.0)
      tzinfo (>= 1.0, < 3.0)
      tzinfo-data (~> 1.0)
      webrick (~> 1.4)
      yajl-ruby (~> 1.0)
    fnv (0.2.0)
    font-awesome-sass (6.4.0)
      sassc (~> 2.0)
    fourflusher (0.3.2)
    fuzzy_match (2.0.4)
    fuzzyurl (0.9.0)
    gapic-common (0.3.4)
      google-protobuf (~> 3.12, >= 3.12.2)
      googleapis-common-protos (>= 1.3.9, < 2.0)
      googleapis-common-protos-types (>= 1.0.4, < 2.0)
      googleauth (~> 0.9)
      grpc (~> 1.25)
    gcm (0.1.1)
      httparty
      json
    gemojione (4.3.3)
      json
    gene_pool (1.5.0)
      concurrent-ruby (>= 1.0)
    gist (6.0.0)
    git_diff_parser (3.2.0)
    github-markup (4.0.1)
    gitlab (4.19.0)
      httparty (~> 0.20)
      terminal-table (>= 1.5.1)
    gitlab-grit (2.8.2)
      charlock_holmes (~> 0.6)
      diff-lcs (~> 1.1)
      mime-types (>= 1.16)
      posix-spawn (~> 0.3)
    gitlab-pg_query (2.0.4)
      google-protobuf (>= 3.17.1)
    glib2 (4.1.6)
      native-package-installer (>= 1.0.3)
      pkg-config (>= 1.3.5)
    globalid (1.1.0)
      activesupport (>= 5.0)
    gollum-grit_adapter (2.0.0)
      gitlab-grit (~> 2.7, >= 2.7.1)
    gollum-lib (5.2.4)
      gemojione (~> 4.1)
      github-markup (~> 4.0)
      gollum-rugged_adapter (~> 2.0)
      loofah (~> 2.3)
      nokogiri (~> 1.8)
      octicons (~> 12.0)
      rouge (~> 3.1)
      twitter-text (= 1.14.7)
    gollum-rugged_adapter (2.1.0)
      mime-types (~> 3.4)
      rugged (~> 1.5)
    google-cloud-errors (1.3.1)
    google-cloud-trace-v1 (0.3.0)
      gapic-common (~> 0.3)
      google-cloud-errors (~> 1.0)
    google-protobuf (3.23.1-arm64-darwin)
    googleapis-common-protos (1.4.0)
      google-protobuf (~> 3.14)
      googleapis-common-protos-types (~> 1.2)
      grpc (~> 1.27)
    googleapis-common-protos-types (1.6.0)
      google-protobuf (~> 3.14)
    googleauth (0.17.1)
      faraday (>= 0.17.3, < 2.0)
      jwt (>= 1.4, < 3.0)
      memoist (~> 0.16)
      multi_json (~> 1.11)
      os (>= 0.9, < 2.0)
      signet (~> 0.15)
    grit (2.0.0)
      diff-lcs (>= 1.1.2)
      mime-types (>= 1.15)
    grpc (1.55.0)
      google-protobuf (~> 3.23)
      googleapis-common-protos-types (~> 1.0)
    grpc-tools (1.55.0)
    gruf (2.17.0)
      activesupport (> 4)
      concurrent-ruby (> 1)
      e2mmap (>= 0.1)
      grpc (~> 1.10)
      grpc-tools (~> 1.10)
      json (>= 2.3)
      slop (>= 4.6)
      thwait (>= 0.1)
      zeitwerk (>= 2)
    gruff (0.19.0)
      histogram
      rmagick (>= 4.2)
    hashie (3.6.0)
    healthy_rack (0.1.1)
    heroku-deflater (0.6.3)
      rack (>= 1.4.5)
    hetchy (1.0.0)
    hirb (0.7.3)
    histogram (0.2.4.1)
    hocon (1.4.0)
    honeycomb-beeline (2.11.0)
      libhoney (>= 1.14.2)
    hpricot (0.8.6)
    html_to_plain_text (1.0.5)
      nokogiri (>= 1.4.0)
    htmlentities (4.3.4)
    http (5.1.1)
      addressable (~> 2.8)
      http-cookie (~> 1.0)
      http-form_data (~> 2.2)
      llhttp-ffi (~> 0.4.0)
    http-cookie (1.0.5)
      domain_name (~> 0.5)
    http-form_data (2.3.0)
    http_connection (1.4.4)
    http_parser.rb (0.8.0)
    httparty (0.21.0)
      mini_mime (>= 1.0.0)
      multi_xml (>= 0.5.2)
    httpclient (2.8.3)
    i18n (1.13.0)
      concurrent-ruby (~> 1.0)
    ice_cube (0.14.0)
    ice_nine (0.11.2)
    immigrant (0.3.6)
      activerecord (>= 3.0)
    in-parallel (1.0.0)
    instagram (0.3.2)
      addressable
      nibbler (>= 1.2.0)
      yajl-ruby
    jazzy (0.9.4)
      cocoapods (~> 1.0)
      mustache (~> 0.99)
      open4
      redcarpet (~> 3.2)
      rouge (>= 2.0.6, < 4.0)
      sass (~> 3.4)
      sqlite3 (~> 1.3)
      xcinvoke (~> 0.3.0)
    jdbc-mysql (8.0.27)
    jekyll-commonmark (1.4.0)
      commonmarker (~> 0.22)
    jmespath (1.6.2)
    jquery-minicolors-rails (2.2.6.2)
      jquery-rails
      rails (>= 3.2.8)
    jquery-rails (4.5.1)
      rails-dom-testing (>= 1, < 3)
      railties (>= 4.2.0)
      thor (>= 0.14, < 2.0)
    jquery-slick-rails (1.10.0)
      railties (>= 3.1)
    jruby-jms (1.0.0)
      gene_pool
    jsobfu (0.4.2)
      rkelly-remix
    json (2.6.3)
    json_schema (0.21.0)
    jsonapi-deserializable (0.2.0)
    jsonapi-rb (0.5.0)
      jsonapi-deserializable (~> 0.2.0)
      jsonapi-serializable (~> 0.3.0)
    jsonapi-renderer (0.2.2)
    jsonapi-serializable (0.3.1)
      jsonapi-renderer (~> 0.2.0)
    jsonb_accessor (1.3.7)
      activerecord (>= 5.0)
      activesupport (>= 5.0)
      pg (>= 0.18.1)
    jwt (2.7.0)
    kartograph (0.2.8)
    kwalify (0.7.2)
    lefthook (1.4.1)
    less (2.6.0)
      commonjs (~> 0.2.7)
    less-rails (4.0.0)
      actionpack (>= 4)
      less (~> 2.6.0)
      sprockets (>= 2)
    libhoney (2.2.0)
      addressable (~> 2.0)
      excon
      http (>= 2.0, < 6.0)
    librato-metrics (2.1.2)
      aggregate (~> 0.2.2)
      faraday
    librato-rack (2.0.5)
      hetchy (~> 1.0)
      librato-metrics (~> 2.1, >= 2.1.0)
    librato-rails (2.1.0)
      activesupport (>= 3.0)
      librato-rack (~> 2.0.0)
      railties (>= 3.0)
    licensed (3.9.1)
      bundler (>= 1.10)
      json (>= 2.6.2)
      licensee (>= 9.15.2, < 10.0.0)
      parallel (>= 0.18.0)
      pathname-common_prefix (~> 0.0.1)
      reverse_markdown (>= 1, < 3)
      ruby-xxHash (~> 0.4)
      thor (>= 0.19)
      tomlrb (>= 1.2, < 3.0)
    licensee (9.16.0)
      dotenv (~> 2.0)
      octokit (>= 4.20, < 7.0)
      reverse_markdown (>= 1, < 3)
      rugged (>= 0.24, < 2.0)
      thor (>= 0.19, < 2.0)
    liferaft (0.0.6)
    linecache (1.3.1)
    llhttp-ffi (0.4.0)
      ffi-compiler (~> 1.0)
      rake (~> 13.0)
    lockfile (2.1.3)
    log4r (1.1.10)
    lograge (0.12.0)
      actionpack (>= 4)
      activesupport (>= 4)
      railties (>= 4)
      request_store (~> 1.0)
    lograge-sql (2.1.0)
      activerecord (>= 5, < 7.1)
      lograge (~> 0.11)
    loofah (2.21.3)
      crass (~> 1.0.2)
      nokogiri (>= 1.12.0)
    loofah-activerecord (2.0.0)
      loofah (>= 1.0.0)
    m (1.6.1)
      method_source (>= 0.6.7)
      rake (>= 0.9.2.2)
    mail (2.8.1)
      mini_mime (>= 0.1.1)
      net-imap
      net-pop
      net-smtp
    marcel (1.0.2)
    mcollective-client (2.12.5)
      json
      stomp
      systemu
    memoist (0.16.2)
    meta_search (0.5.4)
      actionpack (>= 3.0.0.beta4)
      activerecord (>= 3.0.0.beta4)
      activesupport (>= 3.0.0.beta4)
      arel (>= 0.4.0)
    metainspector (5.6.0)
      addressable (~> 2.5)
      faraday (~> 0.11)
      faraday-cookie_jar (~> 0.0)
      faraday-encoding (~> 0.0)
      faraday-http-cache (~> 2.0)
      faraday_middleware (~> 0.11)
      fastimage (~> 2.1)
      nesty (~> 1.0)
      nokogiri (~> 1.7)
    metasm (1.0.5)
    metasploit-concern (5.0.1)
      activemodel (~> 7.0)
      activesupport (~> 7.0)
      railties (~> 7.0)
      zeitwerk
    metasploit-credential (6.0.5)
      metasploit-concern
      metasploit-model
      metasploit_data_models (>= 5.0.0)
      net-ssh
      pg
      railties
      rex-socket
      rubyntlm
      rubyzip
    metasploit-model (5.0.1)
      activemodel (~> 7.0)
      activesupport (~> 7.0)
      railties (~> 7.0)
    metasploit_data_models (6.0.2)
      activerecord (~> 7.0)
      activesupport (~> 7.0)
      arel-helpers
      metasploit-concern
      metasploit-model (>= 3.1)
      pg
      railties (~> 7.0)
      recog
      webrick
    method_source (1.0.0)
    micromachine (3.0.0)
    mime-types (3.4.1)
      mime-types-data (~> 3.2015)
    mime-types-data (3.2023.0218.1)
    mini_mime (1.1.2)
    minitest (5.18.0)
    mixlib-cli (1.7.0)
    mixlib-config (3.0.27)
      tomlrb
    mixlib-shellout (3.2.7)
      chef-utils
    molinillo (0.4.5)
    money (6.16.0)
      i18n (>= 0.6.4, <= 2)
    money-open-exchange-rates (1.4.1)
      money (~> 6.12)
    mono_logger (1.1.2)
    mousetrap-rails (1.4.6)
    ms_rest (0.7.6)
      concurrent-ruby (~> 1.0)
      faraday (>= 0.9, < 2.0.0)
      timeliness (~> 0.3.10)
    ms_rest_azure (0.12.0)
      concurrent-ruby (~> 1.0)
      faraday (>= 0.9, < 2.0.0)
      faraday-cookie_jar (~> 0.0.6)
      ms_rest (~> 0.7.6)
    msgpack (1.7.1)
    multi_exiftool (0.17.0)
    multi_json (1.15.0)
    multi_xml (0.6.0)
    multipart-post (2.3.0)
    mustache (0.99.8)
    mustermann (3.0.0)
      ruby2_keywords (~> 0.0.1)
    nanaimo (0.3.0)
    nap (1.1.0)
    native-package-installer (1.1.5)
    nesty (1.0.2)
    net-http-persistent (4.0.2)
      connection_pool (~> 2.2)
    net-imap (0.3.4)
      date
      net-protocol
    net-pop (0.1.2)
      net-protocol
    net-protocol (0.2.1)
      timeout
    net-scp (4.0.0)
      net-ssh (>= 2.6.5, < 8.0.0)
    net-smtp (0.3.3)
      net-protocol
    net-ssh (7.1.0)
    net_http_unix (0.2.2)
    netrc (0.11.0)
    nexpose (7.3.0)
    nibbler (1.3.0)
    nio4r (2.5.9)
    nokogiri (1.15.1-arm64-darwin)
      racc (~> 1.4)
    nprogress-rails (0.2.0.2)
    null-logger (0.1.7)
    numerizer (0.1.1)
    numo-narray (0.9.2.1)
    oauth2 (1.4.11)
      faraday (>= 0.17.3, < 3.0)
      jwt (>= 1.0, < 3.0)
      multi_json (~> 1.3)
      multi_xml (~> 0.5)
      rack (>= 1.2, < 4)
    octicons (12.1.0)
      nokogiri (>= 1.6.3.1)
    octokit (4.22.0)
      faraday (>= 0.9)
      sawyer (~> 0.8.0, >= 0.5.3)
    oj (3.14.3)
    omniauth (2.1.1)
      hashie (>= 3.4.6)
      rack (>= 2.2.3)
      rack-protection
    omniauth-oauth2 (1.8.0)
      oauth2 (>= 1.4, < 3)
      omniauth (~> 2.0)
    omniauth-shopify-oauth2 (2.3.2)
      activesupport
      omniauth-oauth2 (~> 1.5)
    onebox (2.2.19)
      addressable (~> 2.8.0)
      htmlentities (~> 4.3)
      multi_json (~> 1.11)
      mustache
      nokogiri (~> 1.7)
      sanitize
    open4 (1.3.4)
    openapi_parser (1.0.0)
    opencensus (0.5.0)
    opentelemetry-api (1.1.0)
    opentelemetry-common (0.19.6)
      opentelemetry-api (~> 1.0)
    opentelemetry-instrumentation-action_pack (0.6.0)
      opentelemetry-api (~> 1.0)
      opentelemetry-instrumentation-base (~> 0.22.0)
      opentelemetry-instrumentation-rack (~> 0.21)
    opentelemetry-instrumentation-action_view (0.5.0)
      opentelemetry-api (~> 1.0)
      opentelemetry-instrumentation-active_support (~> 0.1)
      opentelemetry-instrumentation-base (~> 0.22.0)
    opentelemetry-instrumentation-active_job (0.5.0)
      opentelemetry-api (~> 1.0)
      opentelemetry-instrumentation-base (~> 0.22.0)
    opentelemetry-instrumentation-active_model_serializers (0.20.0)
      opentelemetry-api (~> 1.0)
      opentelemetry-instrumentation-base (~> 0.22.0)
    opentelemetry-instrumentation-active_record (0.6.0)
      opentelemetry-api (~> 1.0)
      opentelemetry-instrumentation-base (~> 0.22.0)
      ruby2_keywords
    opentelemetry-instrumentation-active_support (0.4.0)
      opentelemetry-api (~> 1.0)
      opentelemetry-instrumentation-base (~> 0.22.0)
    opentelemetry-instrumentation-all (0.36.0)
      opentelemetry-instrumentation-active_model_serializers (~> 0.20.0)
      opentelemetry-instrumentation-aws_sdk (~> 0.4.0)
      opentelemetry-instrumentation-bunny (~> 0.20.0)
      opentelemetry-instrumentation-concurrent_ruby (~> 0.21.0)
      opentelemetry-instrumentation-dalli (~> 0.24.0)
      opentelemetry-instrumentation-delayed_job (~> 0.20.0)
      opentelemetry-instrumentation-ethon (~> 0.21.0)
      opentelemetry-instrumentation-excon (~> 0.21.0)
      opentelemetry-instrumentation-faraday (~> 0.23.0)
      opentelemetry-instrumentation-grape (~> 0.1.0)
      opentelemetry-instrumentation-graphql (~> 0.26.0)
      opentelemetry-instrumentation-http (~> 0.23.0)
      opentelemetry-instrumentation-http_client (~> 0.22.0)
      opentelemetry-instrumentation-koala (~> 0.20.0)
      opentelemetry-instrumentation-lmdb (~> 0.22.0)
      opentelemetry-instrumentation-mongo (~> 0.22.0)
      opentelemetry-instrumentation-mysql2 (~> 0.23.0)
      opentelemetry-instrumentation-net_http (~> 0.22.0)
      opentelemetry-instrumentation-pg (~> 0.24.0)
      opentelemetry-instrumentation-que (~> 0.6.0)
      opentelemetry-instrumentation-racecar (~> 0.2.0)
      opentelemetry-instrumentation-rack (~> 0.23.0)
      opentelemetry-instrumentation-rails (~> 0.26.0)
      opentelemetry-instrumentation-rake (~> 0.2.0)
      opentelemetry-instrumentation-rdkafka (~> 0.3.0)
      opentelemetry-instrumentation-redis (~> 0.25.0)
      opentelemetry-instrumentation-resque (~> 0.4.0)
      opentelemetry-instrumentation-restclient (~> 0.22.0)
      opentelemetry-instrumentation-ruby_kafka (~> 0.20.0)
      opentelemetry-instrumentation-sidekiq (~> 0.24.0)
      opentelemetry-instrumentation-sinatra (~> 0.22.0)
      opentelemetry-instrumentation-trilogy (~> 0.53.0)
    opentelemetry-instrumentation-aws_sdk (0.4.0)
      opentelemetry-api (~> 1.0)
      opentelemetry-instrumentation-base (~> 0.22.0)
    opentelemetry-instrumentation-base (0.22.0)
      opentelemetry-api (~> 1.0)
      opentelemetry-registry (~> 0.1)
    opentelemetry-instrumentation-bunny (0.20.0)
      opentelemetry-api (~> 1.0)
      opentelemetry-instrumentation-base (~> 0.22.0)
    opentelemetry-instrumentation-concurrent_ruby (0.21.0)
      opentelemetry-api (~> 1.0)
      opentelemetry-instrumentation-base (~> 0.22.0)
    opentelemetry-instrumentation-dalli (0.24.0)
      opentelemetry-api (~> 1.0)
      opentelemetry-common (~> 0.19.3)
      opentelemetry-instrumentation-base (~> 0.22.0)
    opentelemetry-instrumentation-delayed_job (0.20.0)
      opentelemetry-api (~> 1.0)
      opentelemetry-instrumentation-base (~> 0.22.0)
    opentelemetry-instrumentation-ethon (0.21.0)
      opentelemetry-api (~> 1.0)
      opentelemetry-common (~> 0.19.3)
      opentelemetry-instrumentation-base (~> 0.22.0)
    opentelemetry-instrumentation-excon (0.21.0)
      opentelemetry-api (~> 1.0)
      opentelemetry-common (~> 0.19.3)
      opentelemetry-instrumentation-base (~> 0.22.0)
    opentelemetry-instrumentation-faraday (0.23.0)
      opentelemetry-api (~> 1.0)
      opentelemetry-common (~> 0.19.3)
      opentelemetry-instrumentation-base (~> 0.22.0)
    opentelemetry-instrumentation-grape (0.1.2)
      opentelemetry-api (~> 1.1.0)
      opentelemetry-instrumentation-base (~> 0.22.0)
      opentelemetry-instrumentation-rack (~> 0.21)
    opentelemetry-instrumentation-graphql (0.26.0)
      opentelemetry-api (~> 1.0)
      opentelemetry-instrumentation-base (~> 0.22.0)
    opentelemetry-instrumentation-http (0.23.0)
      opentelemetry-api (~> 1.0)
      opentelemetry-instrumentation-base (~> 0.22.0)
    opentelemetry-instrumentation-http_client (0.22.0)
      opentelemetry-api (~> 1.0)
      opentelemetry-common (~> 0.19.3)
      opentelemetry-instrumentation-base (~> 0.22.0)
    opentelemetry-instrumentation-koala (0.20.0)
      opentelemetry-api (~> 1.0)
      opentelemetry-common (~> 0.19.3)
      opentelemetry-instrumentation-base (~> 0.22.0)
    opentelemetry-instrumentation-lmdb (0.22.0)
      opentelemetry-api (~> 1.0)
      opentelemetry-instrumentation-base (~> 0.22.0)
    opentelemetry-instrumentation-mongo (0.22.0)
      opentelemetry-api (~> 1.0)
      opentelemetry-instrumentation-base (~> 0.22.0)
    opentelemetry-instrumentation-mysql2 (0.23.0)
      opentelemetry-api (~> 1.0)
      opentelemetry-instrumentation-base (~> 0.22.0)
    opentelemetry-instrumentation-net_http (0.22.0)
      opentelemetry-api (~> 1.0)
      opentelemetry-common (~> 0.19.3)
      opentelemetry-instrumentation-base (~> 0.22.0)
    opentelemetry-instrumentation-pg (0.24.0)
      opentelemetry-api (~> 1.0)
      opentelemetry-instrumentation-base (~> 0.22.0)
    opentelemetry-instrumentation-que (0.6.0)
      opentelemetry-api (~> 1.0)
      opentelemetry-instrumentation-base (~> 0.22.0)
    opentelemetry-instrumentation-racecar (0.2.0)
      opentelemetry-api (~> 1.0)
      opentelemetry-instrumentation-base (~> 0.22.0)
    opentelemetry-instrumentation-rack (0.23.0)
      opentelemetry-api (~> 1.0)
      opentelemetry-common (~> 0.19.3)
      opentelemetry-instrumentation-base (~> 0.22.0)
    opentelemetry-instrumentation-rails (0.26.0)
      opentelemetry-api (~> 1.0)
      opentelemetry-instrumentation-action_pack (~> 0.6.0)
      opentelemetry-instrumentation-action_view (~> 0.5.0)
      opentelemetry-instrumentation-active_job (~> 0.5.0)
      opentelemetry-instrumentation-active_record (~> 0.6.0)
      opentelemetry-instrumentation-active_support (~> 0.4.0)
      opentelemetry-instrumentation-base (~> 0.22.0)
    opentelemetry-instrumentation-rake (0.2.0)
      opentelemetry-api (~> 1.0)
      opentelemetry-instrumentation-base (~> 0.22.0)
    opentelemetry-instrumentation-rdkafka (0.3.0)
      opentelemetry-api (~> 1.0)
      opentelemetry-common (~> 0.19.3)
      opentelemetry-instrumentation-base (~> 0.22.0)
    opentelemetry-instrumentation-redis (0.25.0)
      opentelemetry-api (~> 1.0)
      opentelemetry-common (~> 0.19.3)
      opentelemetry-instrumentation-base (~> 0.22.0)
    opentelemetry-instrumentation-resque (0.4.0)
      opentelemetry-api (~> 1.0)
      opentelemetry-instrumentation-base (~> 0.22.0)
    opentelemetry-instrumentation-restclient (0.22.0)
      opentelemetry-api (~> 1.0)
      opentelemetry-common (~> 0.19.3)
      opentelemetry-instrumentation-base (~> 0.22.0)
    opentelemetry-instrumentation-ruby_kafka (0.20.0)
      opentelemetry-api (~> 1.0)
      opentelemetry-instrumentation-base (~> 0.22.0)
    opentelemetry-instrumentation-sidekiq (0.24.0)
      opentelemetry-api (~> 1.0)
      opentelemetry-common (~> 0.19.3)
      opentelemetry-instrumentation-base (~> 0.22.0)
    opentelemetry-instrumentation-sinatra (0.22.0)
      opentelemetry-api (~> 1.0)
      opentelemetry-common (~> 0.19.3)
      opentelemetry-instrumentation-base (~> 0.22.0)
      opentelemetry-instrumentation-rack (~> 0.21)
    opentelemetry-instrumentation-trilogy (0.53.0)
      opentelemetry-api (~> 1.0)
      opentelemetry-instrumentation-base (~> 0.22.0)
      opentelemetry-semantic_conventions (>= 1.8.0)
    opentelemetry-registry (0.2.0)
      opentelemetry-api (~> 1.1)
    opentelemetry-semantic_conventions (1.8.0)
      opentelemetry-api (~> 1.0)
    opus-ruby (1.0.1)
      ffi
    orm_adapter (0.5.0)
    os (1.1.4)
    parallel (1.23.0)
    parser (3.2.2.1)
      ast (~> 2.4.1)
    pathname-common_prefix (0.0.1)
    paypal-sdk-core (0.3.4)
      multi_json (~> 1.0)
      xml-simple
    paypal-sdk-merchant (1.117.2)
      paypal-sdk-core (~> 0.3.0)
    pdf-core (0.9.0)
    pg (1.5.3)
    phashion (1.2.0)
    pkg-config (1.5.1)
    pluck_to_hash (1.0.2)
      activerecord (>= 4.0.2)
      activesupport (>= 4.0.2)
    pluginator (1.5.0)
    posix-spawn (0.3.15)
    postgresql_cursor (0.6.8)
      activerecord (>= 6.0)
    prawn (2.4.0)
      pdf-core (~> 0.9.0)
      ttfunk (~> 1.7)
    prawn-icon (3.1.0)
      prawn (>= 1.1.0, < 3.0.0)
    proc_to_ast (0.1.0)
      coderay
      parser
      unparser
    pronto (0.11.1)
      gitlab (>= 4.4.0, < 5.0)
      httparty (>= 0.13.7, < 1.0)
      octokit (>= 4.7.0, < 7.0)
      rainbow (>= 2.2, < 4.0)
      rexml (>= 3.2.5, < 4.0)
      rugged (>= 0.23.0, < 2.0)
      thor (>= 0.20.3, < 2.0)
    pronto-brakeman (0.11.2)
      brakeman (>= 3.2.0)
      pronto (~> 0.11.0)
    pronto-reek (0.11.1)
      pronto (~> 0.11.0)
      reek (>= 4.2, < 7.0)
    public_suffix (5.0.1)
    puppet-lint (4.0.0)
    puppet-lint-trailing_comma-check (2.0.0)
      puppet-lint (>= 3, < 5)
    puppet-lint-variable_contains_upcase (2.0.0)
      puppet-lint (>= 3, < 5)
    quickbooks-ruby (1.0.21)
      activemodel (> 4.0)
      faraday (< 2.0)
      multipart-post
      net-http-persistent
      nokogiri
      oauth2 (~> 1.4)
      roxml (~> 4.2)
    racc (1.6.2)
    rack (2.2.7)
    rack-dev-mark (0.7.10)
      rack (>= 1.1, < 2.3)
    rack-protection (3.0.6)
      rack
    rack-proxy (0.7.6)
      rack
    rack-reverse-proxy (0.12.0)
      rack (>= 1.0.0)
      rack-proxy (~> 0.6, >= 0.6.1)
    rack-test (2.1.0)
      rack (>= 1.3)
    rails (7.0.4.3)
      actioncable (= 7.0.4.3)
      actionmailbox (= 7.0.4.3)
      actionmailer (= 7.0.4.3)
      actionpack (= 7.0.4.3)
      actiontext (= 7.0.4.3)
      actionview (= 7.0.4.3)
      activejob (= 7.0.4.3)
      activemodel (= 7.0.4.3)
      activerecord (= 7.0.4.3)
      activestorage (= 7.0.4.3)
      activesupport (= 7.0.4.3)
      bundler (>= 1.15.0)
      railties (= 7.0.4.3)
    rails-dom-testing (2.0.3)
      activesupport (>= 4.2.0)
      nokogiri (>= 1.6)
    rails-html-sanitizer (1.5.0)
      loofah (~> 2.19, >= 2.19.1)
    rails-reverse-proxy (0.12.0)
      actionpack
      addressable
    rails_autoscale_agent (0.12.0)
    rails_config (0.99.0)
      config (>= 1.0.0.beta1)
    railties (7.0.4.3)
      actionpack (= 7.0.4.3)
      activesupport (= 7.0.4.3)
      method_source
      rake (>= 12.2)
      thor (~> 1.0)
      zeitwerk (~> 2.5)
    rainbow (3.1.1)
    rake (13.0.6)
    ratelimit (1.0.4)
      redis (>= 3.0.0)
      redis-namespace (>= 1.0.0)
    rb-fsevent (0.11.2)
    rb-inotify (0.10.1)
      ffi (~> 1.0)
    rb-readline (0.5.5)
    rbnacl (3.4.0)
      ffi
    rcov (1.0.0)
    rdiscount (2.2.7)
    recog (3.1.1)
      nokogiri
    redcarpet (3.6.0)
    redis (5.0.6)
      redis-client (>= 0.9.0)
    redis-client (0.14.1)
      connection_pool
    redis-namespace (1.10.0)
      redis (>= 4)
    reek (6.1.4)
      kwalify (~> 0.7.0)
      parser (~> 3.2.0)
      rainbow (>= 2.0, < 4.0)
    reform (2.6.2)
      disposable (>= 0.5.0, < 1.0.0)
      representable (>= 3.1.1, < 4)
      uber (< 0.2.0)
    regexp_parser (2.8.0)
    representable (3.2.0)
      declarative (< 0.1.0)
      trailblazer-option (>= 0.1.1, < 0.2.0)
      uber (< 0.2.0)
    request_store (1.5.1)
      rack (>= 1.4)
    require_all (3.0.0)
    requirejs-rails (1.0.1)
      railties (>= 3.1.1)
    resource_kit (0.1.8)
      addressable (>= 2.3.6, < 3.0.0)
    responders (3.1.0)
      actionpack (>= 5.2)
      railties (>= 5.2)
    resque (2.5.0)
      mono_logger (~> 1.0)
      multi_json (~> 1.0)
      redis-namespace (~> 1.6)
      sinatra (>= 0.9.2)
    resque-sentry (1.2.0)
      resque (>= 1.18.0)
      sentry-raven (>= 0.4.6)
    resque-web (0.0.12)
      coffee-rails
      font-awesome-sass
      jquery-rails
      resque
      sass-rails
      twitter-bootstrap-rails
    rest-client (2.0.2)
      http-cookie (>= 1.0.2, < 2.0)
      mime-types (>= 1.16, < 4.0)
      netrc (~> 0.8)
    reverse_markdown (2.1.1)
      nokogiri
    rex-arch (0.1.14)
      rex-text
    rex-core (0.1.31)
    rex-encoder (0.1.6)
      metasm
      rex-arch
      rex-text
    rex-exploitation (0.1.38)
      jsobfu
      metasm
      rex-arch
      rex-encoder
      rex-text
      rexml
    rex-powershell (0.1.97)
      rex-random_identifier
      rex-text
      ruby-rc4
    rex-random_identifier (0.1.10)
      rex-text
    rex-socket (0.1.51)
      rex-core
    rex-text (0.2.50)
    rexml (3.2.5)
    rgeo (3.0.0)
    rgeo-shapefile (3.0.0)
      dbf (~> 4.0)
      rgeo (>= 1.0)
    rkelly-remix (0.0.7)
    rmagick (5.2.0)
      pkg-config (~> 1.4)
    ronn (0.7.3)
      hpricot (>= 0.8.2)
      mustache (>= 0.7.0)
      rdiscount (>= 1.5.8)
    rouge (3.30.0)
    roxml (4.2.0)
      activesupport (>= 4.0)
      nokogiri (>= 1.3.3)
    rspec (3.12.0)
      rspec-core (~> 3.12.0)
      rspec-expectations (~> 3.12.0)
      rspec-mocks (~> 3.12.0)
    rspec-core (3.12.2)
      rspec-support (~> 3.12.0)
    rspec-expectations (3.12.3)
      diff-lcs (>= 1.2.0, < 2.0)
      rspec-support (~> 3.12.0)
    rspec-mocks (3.12.5)
      diff-lcs (>= 1.2.0, < 2.0)
      rspec-support (~> 3.12.0)
    rspec-parameterized-core (1.0.0)
      parser
      proc_to_ast
      rspec (>= 2.13, < 4)
      unparser
    rspec-parameterized-table_syntax (1.0.0)
      binding_of_caller
      rspec-parameterized-core (< 2)
    rspec-support (3.12.0)
    rubocop (1.51.0)
      json (~> 2.3)
      parallel (~> 1.10)
      parser (>= 3.2.0.0)
      rainbow (>= 2.2.2, < 4.0)
      regexp_parser (>= 1.8, < 3.0)
      rexml (>= 3.2.5, < 4.0)
      rubocop-ast (>= 1.28.0, < 2.0)
      ruby-progressbar (~> 1.7)
      unicode-display_width (>= 2.4.0, < 3.0)
    rubocop-ast (1.28.1)
      parser (>= 3.2.1.0)
    rubocop-changes (0.8.1)
      git_diff_parser (~> 3.2)
      rubocop (>= 1.0)
    ruby-debug (0.10.4)
      columnize (>= 0.1)
      ruby-debug-base (~> 0.10.4.0)
    ruby-debug-base (0.10.4)
      linecache (>= 0.3)
    ruby-progressbar (1.13.0)
    ruby-rc4 (0.1.5)
    ruby-xxHash (0.4.0.2)
    ruby2_keywords (0.0.5)
    ruby_event_store-rspec (2.9.1)
      rspec (~> 3.0)
    rubyntlm (0.6.3)
    rubyzip (2.3.2)
    rufus-lru (1.1.0)
    rugged (1.6.3)
    safely_block (0.4.0)
    sanitize (6.0.1)
      crass (~> 1.0.2)
      nokogiri (>= 1.12.0)
    sass (3.7.4)
      sass-listen (~> 4.0.0)
    sass-listen (4.0.0)
      rb-fsevent (~> 0.9, >= 0.9.4)
      rb-inotify (~> 0.9, >= 0.9.7)
    sass-rails (6.0.0)
      sassc-rails (~> 2.1, >= 2.1.1)
    sassc (2.4.0)
      ffi (~> 1.9)
    sassc-rails (2.1.2)
      railties (>= 4.0.0)
      sassc (>= 2.0)
      sprockets (> 3.0)
      sprockets-rails
      tilt
    sawyer (0.8.2)
      addressable (>= 2.3.5)
      faraday (> 0.8, < 2.0)
    scanf (1.0.0)
    sensu-plugin (4.0.0)
      json (< 3.0.0)
      mixlib-cli (~> 1.5)
    sensu-plugins-sensu (5.0.0)
      chronic_duration (= 0.10.6)
      rest-client (= 2.0.2)
      sensu-plugin (~> 4.0)
    sentry-raven (2.13.0)
      faraday (>= 0.7.6, < 1.0)
    serverengine (2.3.2)
      sigdump (~> 0.2.2)
    sham_rack (1.4.1)
      rack
    shared-mime-info (0.2.5)
    sidekiq (7.1.0)
      concurrent-ruby (< 2)
      connection_pool (>= 2.3.0)
      rack (>= 2.2.4)
      redis-client (>= 0.14.0)
    sidekiq-superworker (1.2.0)
      activemodel (>= 3.2)
      activesupport (>= 3.2)
      sidekiq (>= 2.1.0)
    sidekiq_alive (2.2.1)
      rack (< 3)
      sidekiq (>= 5, < 8)
      webrick (>= 1, < 2)
    sidetiq (0.7.2)
      celluloid (>= 0.17.3)
      ice_cube (~> 0.14.0)
      sidekiq (>= 4.1.0)
    sigdump (0.2.4)
    signet (0.17.0)
      addressable (~> 2.8)
      faraday (>= 0.17.5, < 3.a)
      jwt (>= 1.5, < 3.0)
      multi_json (~> 1.10)
    simplecov (0.22.0)
      docile (~> 1.1)
      simplecov-html (~> 0.11)
      simplecov_json_formatter (~> 0.1)
    simplecov-html (0.12.3)
    simplecov-parallel (0.4.0)
      circleci-parallel (~> 0.5)
      simplecov (~> 0.15)
    simplecov_json_formatter (0.1.4)
    sinatra (3.0.6)
      mustermann (~> 3.0)
      rack (~> 2.2, >= 2.2.4)
      rack-protection (= 3.0.6)
      tilt (~> 2.0)
    sinatra-cross_origin (0.4.0)
    slim (5.1.1)
      temple (~> 0.10.0)
      tilt (>= 2.1.0)
    slim_lint (0.24.0)
      rubocop (>= 1.0, < 2.0)
      slim (>= 3.0, < 6.0)
    slop (4.10.1)
    smtpapi (0.1.12)
    sprockets (4.2.0)
      concurrent-ruby (~> 1.0)
      rack (>= 2.2.4, < 4)
    sprockets-rails (3.4.2)
      actionpack (>= 5.2)
      activesupport (>= 5.2)
      sprockets (>= 3.0.0)
    sqlite3 (1.6.3-arm64-darwin)
    sshkit (1.21.4)
      net-scp (>= 1.1.2)
      net-ssh (>= 2.8.0)
    statistics2 (0.54)
    stomp (1.4.10)
    stringify-hash (0.0.2)
    strongbox (0.7.3)
      activerecord
    strptime (0.2.5)
    syck (1.4.1)
    systemu (2.6.5)
    sysvmq (0.2.3)
    td-client (1.0.8)
      httpclient (>= 2.7)
      msgpack (>= 0.5.6, < 2)
    teaspoon (1.2.2)
      railties (>= 3.2.5)
    teaspoon-mocha (2.3.3)
      teaspoon (>= 1.0.0)
    temple (0.10.1)
    terminal-table (3.0.2)
      unicode-display_width (>= 1.1.1, < 3)
    therubyrhino (2.1.2)
      therubyrhino_jar (>= 1.7.4, < 1.7.9)
    therubyrhino_jar (1.7.8)
    thor (1.2.2)
    thread_safe (0.3.6)
    thwait (0.2.0)
      e2mmap
    tilt (2.1.0)
    timeliness (0.3.10)
    timeout (0.3.2)
    timers (4.3.5)
    tomlrb (1.3.0)
    tool (0.2.3)
    trailblazer (2.1.2)
      trailblazer-macro (>= 2.1.12, < 2.2.0)
      trailblazer-macro-contract (>= 2.1.4, < 2.2.0)
      trailblazer-operation (>= 0.9.0, < 1.0.0)
    trailblazer-activity (0.16.0)
      trailblazer-context (~> 0.5.0)
      trailblazer-option (~> 0.1.0)
    trailblazer-activity-dsl-linear (1.2.1)
      trailblazer-activity (>= 0.16.0, < 0.17.0)
      trailblazer-declarative (>= 0.0.1, < 0.1.0)
    trailblazer-context (0.5.1)
      hashie (>= 3.0.0)
    trailblazer-declarative (0.0.2)
    trailblazer-developer (0.0.28)
      hirb
      trailblazer-activity-dsl-linear (>= 1.2.0, < 1.3.0)
    trailblazer-macro (2.1.14)
      trailblazer-activity-dsl-linear (>= 1.2.0, < 1.3.0)
      trailblazer-operation (>= 0.10.0)
    trailblazer-macro-contract (2.1.5)
      reform (>= 2.2.0, < 3.0.0)
      trailblazer-activity-dsl-linear (>= 1.2.0, < 1.3.0)
    trailblazer-operation (0.10.0)
      trailblazer-activity-dsl-linear (>= 1.2.0, < 1.4.0)
      trailblazer-developer
    trailblazer-option (0.1.2)
    ttfunk (1.7.0)
    twitter-bootstrap-rails (5.0.0)
      actionpack (>= 5.0, < 8.0)
      execjs (~> 2.7)
      less-rails (>= 3.0, < 5.0)
      railties (>= 5.0, < 8.0)
    twitter-text (1.14.7)
      unf (~> 0.1.0)
    tzinfo (2.0.6)
      concurrent-ruby (~> 1.0)
    tzinfo-data (1.2023.3)
      tzinfo (>= 1.0.0)
    uber (0.1.0)
    unf (0.1.4)
      unf_ext
    unf_ext (0.0.8.2)
    unicode-display_width (2.4.2)
    unix-crypt (1.3.1)
    unparser (0.6.7)
      diff-lcs (~> 1.3)
      parser (>= 3.2.0)
    uuidtools (2.2.0)
    vagrant-vbguest (0.31.0)
      i18n
      log4r
      micromachine (>= 2, < 4)
    validates_overlap (1.0.0)
      rails (>= 6.0.0)
    valvat (1.3.0)
      rexml (>= 3.2, < 4.0)
    virtus (2.0.0)
      axiom-types (~> 0.1)
      coercible (~> 1.0)
      descendants_tracker (~> 0.0, >= 0.0.3)
    warden (1.2.9)
      rack (>= 2.0.9)
    webrick (1.8.1)
    websocket (1.2.9)
    websocket-client-simple (0.6.1)
      event_emitter
      websocket
    websocket-driver (0.7.5)
      websocket-extensions (>= 0.1.0)
    websocket-extensions (0.1.5)
    win32-api (1.10.1)
    windows-api (0.4.5)
      win32-api (>= 1.4.5)
    windows-pr (1.2.6)
      win32-api (>= 1.4.5)
      windows-api (>= 0.4.0)
    xcinvoke (0.3.0)
      liferaft (~> 0.0.6)
    xcodeproj (1.22.0)
      CFPropertyList (>= 2.3.3, < 4.0)
      atomos (~> 0.1.3)
      claide (>= 1.0.2, < 2.0)
      colored2 (~> 3.1)
      nanaimo (~> 0.3.0)
      rexml (~> 3.2.4)
    xdr (3.0.3)
      activemodel (>= 4.2, < 8.0)
      activesupport (>= 4.2, < 8.0)
    xml-simple (1.1.9)
      rexml
    yajl-ruby (1.4.3)
    yarjuf (2.0.0)
      builder
      rspec (~> 3)
    zeitwerk (2.6.8)
    zeroclipboard-rails (0.1.2)
      railties (>= 3.1)
    zipruby (0.3.6)

PLATFORMS
  arm64-darwin-22

DEPENDENCIES
  pkg19!

BUNDLED WITH
   2.4.13
