PATH
  remote: .
  specs:
    pkg30 (0.0.1)
      active_decorator-rspec
      active_model-better_errors
      activejob-status
      activeldap
      activerecord-native_db_types_override
      activerecord-pedantmysql2-adapter
      activerecord-postgresql-adapter
      activerecord-tableless
      activevalidators
      acts_as_archival
      agent_orange
      akamai-edgegrid
      apns
      appium_console
      asciimath
      awestruct
      backport_new_renderer
      bake-toolkit
      beaker-aws
      beaker-google
      beaker-openstack
      benchmark_driver
      bootstrap-editable-rails
      browsernizer
      bundler-inject
      busser-rspec_datadog
      by_star
      call-me
      canvas_webex
      capistrano-newrelic
      cb-api
      cf-app-utils
      chef_handler_foreman
      circuitry
      cloudflair
      cloudwatchlogger
      cocoapods-binary
      cocoapods-blocklist
      contentful_model
      couchbase
      cql-rb
      crocodoc-ruby
      crypt
      cssmin
      csv_shaper
      dataloader
      dawnscanner
      dedup
      delayed-web
      dirty-memoize
      dry-monads-sorbet
      dwolla_v2
      eligible
      exceptional
      extendmatrix
      extensions
      fake_stripe
      faraday-digestauth
      fastlane-plugin-brew
      fastlane-plugin-lizard
      fastlane-plugin-rome
      fastlane-plugin-teams
      ffi-extra
      ffi-inline
      fig_newton
      fluent-plugin-filter_typecast
      fluent-plugin-vmware-log-intelligence
      folio-pagination
      foundation-icons-sass-rails
      fustigit
      ga_cookie_parser
      garb
      generator
      geoip2
      gitversion
      gmo
      googl
      google-apis-secretmanager_v1
      google-cloud-bigtable
      google-cloud-monitoring-v3
      grim
      grpc_mock
      gtk2
      guard-ctags-bundler
      guard-teaspoon
      guard-test
      guess
      haikunator
      hanami-controller
      handsoap
      hash_symbolizer
      health-monitor-rails
      htauth
      hub
      humanize_boolean
      hydra-access-controls
      i18n-spec
      invoker
      iso639
      it
      jekyll-asciidoc
      jquery-ui-sass-rails
      json-api-vanilla
      json5
      jsonseq
      karafka-sidekiq-backend
      keepass-password-generator
      lingua
      link_thumbnailer
      logidze
      luhn
      mailkick
      mailman
      marc
      membrane
      messagebird-rest
      mini_cache
      minimization
      mmap2
      money-currencylayer-bank
      morrisjs-rails
      nats
      nexmo-jwt
      nhtsa_vin
      nokogiri-pretty
      nuggets
      oa-oauth
      omniauth-bitbucket
      omniauth-line
      omniauth-ultraauth
      omnibus
      openapi3_parser
      opt_parse_validator
      otr-activerecord
      parallelized_specs
      pincers
      prawn-emoji
      promise
      pronto-rails_schema
      puppet_facts
      puppeteer-ruby
      qrio
      queue-bus
      rabbitmq_http_api_client
      rabl-rails
      rack-flash3
      rails-healthcheck
      rails_apps_composer
      rails_multisite
      rainbows
      rake_dependencies
      rake_fly
      rake_terraform
      razorpay
      rb_heap
      rchardet19
      rcodetools
      rdf-aggregate-repo
      rdf-isomorphic
      rdf-n3
      rdf-normalize
      rebase_attr
      red-arrow
      redirect_safely
      redis-queue
      reportbuilder
      require_reloader
      resque-pause
      rest-core
      riemann-tools
      ripl-rack
      ritex
      rollbar_helper
      rom-core
      routo
      rspec_sequel_matchers
      rubber
      ruby-audio
      ruby-saml-idp
      ruby-thumbor
      rumouse
      safe_target_blank
      saxerator
      schash
      schema_plus_columns
      searchlogic
      sensu-extension
      sensu-extensions
      sensu-plugins-ssl
      sensu-plugins-uptime-checks
      sensu-plugins-vmstats
      sensu-redis
      server_log_parser
      server_metrics
      sha3
      shell
      sidekiq-bulk
      sidekiq-rate-limiter
      sidekiq-transaction_guard
      sinon-rails
      soap4r-middleware
      socket.io-rails
      sparkr
      sparql
      spice-html5-rails
      splunk-sdk-ruby
      standby
      statsample
      stream-chat-ruby
      sunspot_matchers
      swagger-ui_rails
      tag_helper
      tesseract-ocr
      testrail_client
      testrailtagging
      transpec
      travis-lint
      trix
      turnip_formatter
      unique_by
      unobtainium
      urss
      vagrant-reload
      validatable
      vanity
      vero
      vmfloaty
      wavefile
      win32-eventlog
      wisper-activerecord
      xml-fu
      ya_kansuji

GEM
  remote: https://rubygems.org/
  specs:
    CFPropertyList (3.0.6)
      rexml
    actioncable (6.1.7.3)
      actionpack (= 6.1.7.3)
      activesupport (= 6.1.7.3)
      nio4r (~> 2.0)
      websocket-driver (>= 0.6.1)
    actionmailbox (6.1.7.3)
      actionpack (= 6.1.7.3)
      activejob (= 6.1.7.3)
      activerecord (= 6.1.7.3)
      activestorage (= 6.1.7.3)
      activesupport (= 6.1.7.3)
      mail (>= 2.7.1)
    actionmailer (6.1.7.3)
      actionpack (= 6.1.7.3)
      actionview (= 6.1.7.3)
      activejob (= 6.1.7.3)
      activesupport (= 6.1.7.3)
      mail (~> 2.5, >= 2.5.4)
      rails-dom-testing (~> 2.0)
    actionpack (6.1.7.3)
      actionview (= 6.1.7.3)
      activesupport (= 6.1.7.3)
      rack (~> 2.0, >= 2.0.9)
      rack-test (>= 0.6.3)
      rails-dom-testing (~> 2.0)
      rails-html-sanitizer (~> 1.0, >= 1.2.0)
    actiontext (6.1.7.3)
      actionpack (= 6.1.7.3)
      activerecord (= 6.1.7.3)
      activestorage (= 6.1.7.3)
      activesupport (= 6.1.7.3)
      nokogiri (>= 1.8.5)
    actionview (6.1.7.3)
      activesupport (= 6.1.7.3)
      builder (~> 3.1)
      erubi (~> 1.4)
      rails-dom-testing (~> 2.0)
      rails-html-sanitizer (~> 1.1, >= 1.2.0)
    active-fedora (14.0.1)
      active-triples (>= 0.11.0, < 2.0.0)
      activemodel (>= 5.1)
      activesupport (>= 5.1)
      deprecation
      faraday (>= 1.0)
      faraday-encoding (>= 0.0.5)
      ldp (>= 0.7.0, < 2)
      rsolr (>= 1.1.2, < 3)
      ruby-progressbar (~> 1.0)
    active-triples (1.2.0)
      activemodel (>= 3.0.0)
      activesupport (>= 3.0.0)
      rdf (>= 2.0.2, < 4.0)
      rdf-vocab (>= 2.0, < 4.0)
    active_decorator (1.4.0)
      activesupport
    active_decorator-rspec (0.0.3)
      actionpack
      active_decorator
      activesupport
    active_model-better_errors (1.6.7)
      activemodel (>= 3.0)
    activejob (6.1.7.3)
      activesupport (= 6.1.7.3)
      globalid (>= 0.3.6)
    activejob-status (1.0.0)
      activejob (>= 6.0)
      activesupport (>= 6.0)
    activeldap (6.1.0)
      activemodel (>= 5.2)
      builder
      gettext
      gettext_i18n_rails
      locale
    activemodel (6.1.7.3)
      activesupport (= 6.1.7.3)
    activerecord (6.1.7.3)
      activemodel (= 6.1.7.3)
      activesupport (= 6.1.7.3)
    activerecord-native_db_types_override (0.3.0)
    activerecord-pedantmysql2-adapter (1.4.0)
      activerecord (>= 6.0)
      mysql2 (>= 0.3.12)
    activerecord-postgresql-adapter (0.0.1)
      pg
    activerecord-tableless (1.3.4)
      activerecord (>= 2.3.0)
    activestorage (6.1.7.3)
      actionpack (= 6.1.7.3)
      activejob (= 6.1.7.3)
      activerecord (= 6.1.7.3)
      activesupport (= 6.1.7.3)
      marcel (~> 1.0)
      mini_mime (>= 1.1.0)
    activesupport (6.1.7.3)
      concurrent-ruby (~> 1.0, >= 1.0.2)
      i18n (>= 1.6, < 2)
      minitest (>= 5.1)
      tzinfo (~> 2.0)
      zeitwerk (~> 2.3)
    activevalidators (6.0.0)
      activemodel (>= 3.0)
      countries (>= 1.2, < 4.0)
      credit_card_validations (~> 3.2)
      date_validator
      mail
      phony (~> 2.0)
      rake
    acts_as_archival (2.1.0)
      activerecord (>= 6.1)
    addressable (2.8.4)
      public_suffix (>= 2.0.2, < 6.0)
    aes_key_wrap (1.1.0)
    agent_orange (0.1.6)
    airbrussh (1.4.1)
      sshkit (>= 1.6.1, != 1.7.0)
    akamai-edgegrid (1.0.7)
      inifile (~> 3.0)
    algoliasearch (1.27.5)
      httpclient (~> 2.8, >= 2.8.3)
      json (>= 1.5.1)
    amazon-ec2 (0.9.17)
      xml-simple (>= 1.0.12)
    ansi (1.5.0)
    apns (1.0.0)
    appium_console (3.1.0)
      appium_lib (~> 12.1.2)
      pry (~> 0.14.0)
      spec (~> 5.3, >= 5.3.1)
      thor (>= 0.19, < 2.0)
    appium_lib (12.1.3)
      appium_lib_core (~> 5.5, >= 5.5.2)
      nokogiri (~> 1.8, >= 1.8.1)
      tomlrb (>= 1.1, < 3.0)
    appium_lib_core (5.8.0)
      faye-websocket (~> 0.11.0)
      selenium-webdriver (~> 4.2, < 4.8)
    asciidoctor (2.0.20)
    asciimath (2.0.5)
    ast (1.1.0)
    atomos (0.1.3)
    attr_required (1.0.1)
    awesome_print (1.9.2)
    awestruct (0.6.6)
      asciidoctor (>= 1.5.2)
      git (~> 1.2, >= 1.2.6)
      guard (~> 2.0, >= 2.13.0)
      guard-livereload (~> 2.0, >= 2.1.2)
      haml (>= 4.0.5, < 6.0)
      listen (~> 3.1)
      logging (~> 2.2)
      mime-types (~> 3.0)
      oga (~> 2.0)
      parallel (~> 1.0, > 1.1.1)
      rack (~> 2.0)
      rest-client (~> 2.0)
      tilt (~> 2.0, >= 2.0.1)
    aws-eventstream (1.2.0)
    aws-partitions (1.770.0)
    aws-s3 (0.6.3)
      builder
      mime-types
      xml-simple
    aws-sdk-cloudwatchlogs (1.62.0)
      aws-sdk-core (~> 3, >= 3.165.0)
      aws-sigv4 (~> 1.1)
    aws-sdk-core (3.173.1)
      aws-eventstream (~> 1, >= 1.0.2)
      aws-partitions (~> 1, >= 1.651.0)
      aws-sigv4 (~> 1.5)
      jmespath (~> 1, >= 1.6.1)
    aws-sdk-ec2 (1.380.0)
      aws-sdk-core (~> 3, >= 3.165.0)
      aws-sigv4 (~> 1.1)
    aws-sdk-kms (1.64.0)
      aws-sdk-core (~> 3, >= 3.165.0)
      aws-sigv4 (~> 1.1)
    aws-sdk-s3 (1.116.0)
      aws-sdk-core (~> 3, >= 3.127.0)
      aws-sdk-kms (~> 1)
      aws-sigv4 (~> 1.4)
    aws-sdk-sns (1.60.0)
      aws-sdk-core (~> 3, >= 3.165.0)
      aws-sigv4 (~> 1.1)
    aws-sdk-sqs (1.55.0)
      aws-sdk-core (~> 3, >= 3.165.0)
      aws-sigv4 (~> 1.1)
    aws-sigv4 (1.5.2)
      aws-eventstream (~> 1, >= 1.0.2)
    axiom-types (0.1.1)
      descendants_tracker (~> 0.0.4)
      ice_nine (~> 0.11.0)
      thread_safe (~> 0.3, >= 0.3.1)
    backport_new_renderer (1.0.0)
      rails
    bake-toolkit (2.21.0)
      colored
      highline (>= 1.6.0)
      rgen (= 0.8.1)
      rtext (= 0.8.1)
    bcrypt (3.1.18)
    beaker-aws (1.0.0)
      aws-partitions (~> 1.91)
      aws-sdk-ec2 (~> 1.35)
      stringify-hash (~> 0.0.0)
    beaker-google (1.0.0)
      google-apis-compute_v1 (~> 0.1)
      google-apis-oslogin_v1 (~> 0.1)
      googleauth (~> 1.2)
      stringify-hash (~> 0.0.0)
    beaker-openstack (1.0.0)
      fog-openstack (~> 1.0.0)
      stringify-hash (~> 0.0.0)
    beefcake (1.2.0)
    benchmark_driver (0.16.3)
    bigdecimal (3.1.4)
    bindata (2.4.15)
    blacklight (7.33.1)
      deprecation
      globalid
      hashdiff
      i18n (>= 1.7.0)
      jbuilder (~> 2.7)
      kaminari (>= 0.15)
      ostruct (>= 0.3.2)
      rails (>= 5.1, < 7.1)
      view_component (~> 2.66)
    blacklight-access_controls (6.0.1)
      blacklight (> 6.0, < 8)
      cancancan (>= 1.8)
      deprecation (~> 1.0)
    bond (0.5.1)
    bootstrap-editable-rails (0.0.9)
      railties (>= 3.1)
      sass-rails
    browser (2.7.1)
    browsernizer (0.2.4)
      browser (>= 2.0, < 3.0)
    builder (3.2.4)
    bundler-inject (2.0.0)
    busser (0.6.0)
      thor
    busser-rspec_datadog (0.8.5)
      busser
    by_star (4.0.1)
      activesupport (>= 3.2.0)
    call-me (0.0.2.3)
      refining
    cancancan (3.5.0)
    canvas_webex (0.18.2)
      railties
    capistrano (3.17.3)
      airbrussh (>= 1.0.0)
      i18n
      rake (>= 10.0.0)
      sshkit (>= 1.9.0)
    capistrano-newrelic (0.10.1)
      capistrano (~> 3.0)
      newrelic_rpm
    capybara (3.39.1)
      addressable
      matrix
      mini_mime (>= 0.1.3)
      nokogiri (~> 1.8)
      rack (>= 1.6.0)
      rack-test (>= 0.6.3)
      regexp_parser (>= 1.5, < 3.0)
      xpath (~> 3.2)
    cb-api (23.2.1)
      httparty (~> 0.11)
      json (~> 1.7, >= 1.7.7)
      nokogiri (~> 1.0)
      nori (~> 2.2)
    cf-app-utils (0.6)
    chef-cleanroom (1.0.5)
    chef-config (13.6.4)
      addressable
      fuzzyurl
      mixlib-config (~> 2.0)
      mixlib-shellout (~> 2.0)
    chef-utils (18.2.7)
      concurrent-ruby
    chef_handler_foreman (0.2.1)
    chronic_duration (0.10.6)
      numerizer (~> 0.1.1)
    chunky_png (1.4.0)
    circuitry (3.5.0)
      aws-sdk-sns
      aws-sdk-sqs
      retries (~> 0.0.5)
      thor
      virtus (~> 1.0)
    citrus (3.0.2)
    claide (1.1.0)
    clbustos-rtf (0.3.1)
    cloudflair (0.4.0)
      dry-configurable (> 0.12)
      faraday (>= 0.10.0)
      faraday-detailed_logger
      faraday_middleware
    cloudwatchlogger (1.0.1)
      aws-sdk-cloudwatchlogs (~> 1)
      multi_json (~> 1)
      uuid (~> 2)
    cocoapods (1.12.1)
      addressable (~> 2.8)
      claide (>= 1.0.2, < 2.0)
      cocoapods-core (= 1.12.1)
      cocoapods-deintegrate (>= 1.0.3, < 2.0)
      cocoapods-downloader (>= 1.6.0, < 2.0)
      cocoapods-plugins (>= 1.0.0, < 2.0)
      cocoapods-search (>= 1.0.0, < 2.0)
      cocoapods-trunk (>= 1.6.0, < 2.0)
      cocoapods-try (>= 1.1.0, < 2.0)
      colored2 (~> 3.1)
      escape (~> 0.0.4)
      fourflusher (>= 2.3.0, < 3.0)
      gh_inspector (~> 1.0)
      molinillo (~> 0.8.0)
      nap (~> 1.0)
      ruby-macho (>= 2.3.0, < 3.0)
      xcodeproj (>= 1.21.0, < 2.0)
    cocoapods-binary (0.4.4)
      cocoapods (>= 1.5.0, < 2.0)
      fourflusher (~> 2.0)
      xcpretty (~> 0.3.0)
    cocoapods-blocklist (0.1.4)
    cocoapods-core (1.12.1)
      activesupport (>= 5.0, < 8)
      addressable (~> 2.8)
      algoliasearch (~> 1.0)
      concurrent-ruby (~> 1.1)
      fuzzy_match (~> 2.0.4)
      nap (~> 1.0)
      netrc (~> 0.11)
      public_suffix (~> 4.0)
      typhoeus (~> 1.0)
    cocoapods-deintegrate (1.0.5)
    cocoapods-downloader (1.6.3)
    cocoapods-plugins (1.0.0)
      nap
    cocoapods-search (1.0.1)
    cocoapods-trunk (1.6.0)
      nap (>= 0.8, < 2.0)
      netrc (~> 0.11)
    cocoapods-try (1.2.0)
    coderay (1.1.3)
    coercible (1.0.0)
      descendants_tracker (~> 0.0.1)
    collapsium (0.10.0)
    collapsium-config (0.7.0)
      collapsium (~> 0.10)
    colorator (1.1.0)
    colored (1.2)
    colored2 (3.1.2)
    commander (4.6.0)
      highline (~> 2.0.0)
    commonmarker (0.23.9)
    concourse.rb (0.5.0)
      excon (~> 0.72)
      semantic (~> 1.5)
    concurrent-ruby (1.2.2)
    connection_pool (2.4.1)
    contentful (2.17.0)
      http (> 0.8, < 6.0)
      multi_json (~> 1)
    contentful_model (0.1.7.1)
      activesupport
      contentful
      redcarpet
      require_all
    contracts (0.16.1)
    cool.io (1.7.1)
    couchbase (3.4.3)
    countries (3.1.0)
      i18n_data (~> 0.11.0)
      sixarm_ruby_unaccent (~> 1.1)
      unicode_utils (~> 1.4)
    cql-rb (2.0.5)
      ione (~> 1)
    crack (0.4.5)
      rexml
    crass (1.0.6)
    credit_card_validations (3.3.0)
      activemodel (>= 3)
      activesupport (>= 3)
    crocodoc-ruby (0.0.1)
      json
    crypt (2.2.1)
    cssmin (1.0.3)
    csv_shaper (1.3.2)
      activesupport (>= 3.0.0)
    cvss (0.99.0)
    dataloader (1.0.0)
      concurrent-ruby (~> 1)
      promise.rb (~> 0.7.3)
    date (3.3.3)
    date_validator (0.12.0)
      activemodel (>= 3)
      activesupport (>= 3)
    dawnscanner (2.2.0)
      cvss
      haml
      justify
      logger-colors
      psych
      ptools
      ruby_parser
      sys-uname
      terminal-table
      thor
    declarative (0.0.20)
    dedup (0.1.4)
    delayed-web (0.4.9)
      rails (>= 3.2.13)
    deprecation (1.1.0)
      activesupport
    descendants_tracker (0.0.4)
      thread_safe (~> 0.3, >= 0.3.1)
    diff-lcs (1.5.0)
    dirty-memoize (0.0.4)
    domain_name (0.5.20190701)
      unf (>= 0.0.5, < 1.0.0)
    down (5.4.1)
      addressable (~> 2.8)
    dry-configurable (1.0.1)
      dry-core (~> 1.0, < 2)
      zeitwerk (~> 2.6)
    dry-core (1.0.0)
      concurrent-ruby (~> 1.0)
      zeitwerk (~> 2.6)
    dry-equalizer (0.3.0)
    dry-inflector (1.0.0)
    dry-initializer (3.1.1)
    dry-logic (1.5.0)
      concurrent-ruby (~> 1.0)
      dry-core (~> 1.0, < 2)
      zeitwerk (~> 2.6)
    dry-monads (1.6.0)
      concurrent-ruby (~> 1.0)
      dry-core (~> 1.0, < 2)
      zeitwerk (~> 2.6)
    dry-monads-sorbet (1.1.7)
      dry-equalizer
      dry-monads
      sorbet
      sorbet-runtime
    dry-struct (1.6.0)
      dry-core (~> 1.0, < 2)
      dry-types (>= 1.7, < 2)
      ice_nine (~> 0.11)
      zeitwerk (~> 2.6)
    dry-transformer (1.0.1)
      zeitwerk (~> 2.6)
    dry-types (1.7.1)
      concurrent-ruby (~> 1.0)
      dry-core (~> 1.0)
      dry-inflector (~> 1.0)
      dry-logic (~> 1.4)
      zeitwerk (~> 2.6)
    dwolla_v2 (3.2.0)
      faraday (>= 0.15)
      faraday_middleware (>= 0.13)
      hashie (>= 3.6)
    e2mmap (0.1.0)
    ebnf (2.3.2)
      htmlentities (~> 4.3)
      rdf (~> 3.2)
      scanf (~> 1.0)
      sxp (~> 1.2)
      unicode-types (~> 1.8)
    eligible (2.9.14)
      multi_json (~> 1.7)
      rest-client (~> 2.0.0)
    em-websocket (0.5.3)
      eventmachine (>= 0.12.9)
      http_parser.rb (~> 0)
    equalizer (0.0.11)
    erubi (1.12.0)
    escape (0.0.4)
    ethon (0.16.0)
      ffi (>= 1.15.0)
    eventmachine (1.2.7)
    exceptional (2.0.33)
      rack
    excon (0.99.0)
    extendmatrix (0.4)
    extensions (0.6.0)
    extpp (0.1.1)
    fake_stripe (0.3.0)
      capybara
      sinatra
      webmock
    faraday (1.10.3)
      faraday-em_http (~> 1.0)
      faraday-em_synchrony (~> 1.0)
      faraday-excon (~> 1.1)
      faraday-httpclient (~> 1.0)
      faraday-multipart (~> 1.0)
      faraday-net_http (~> 1.0)
      faraday-net_http_persistent (~> 1.0)
      faraday-patron (~> 1.0)
      faraday-rack (~> 1.0)
      faraday-retry (~> 1.0)
      ruby2_keywords (>= 0.0.4)
    faraday-detailed_logger (2.5.0)
      faraday (>= 0.16, < 3)
    faraday-digestauth (0.4.1)
      faraday (>= 0.7)
      net-http-digest_auth (~> 1.4)
    faraday-em_http (1.0.0)
    faraday-em_synchrony (1.0.0)
    faraday-encoding (0.0.5)
      faraday
    faraday-excon (1.1.0)
    faraday-httpclient (1.0.1)
    faraday-multipart (1.0.4)
      multipart-post (~> 2)
    faraday-net_http (1.0.1)
    faraday-net_http_persistent (1.2.0)
    faraday-patron (1.0.0)
    faraday-rack (1.0.0)
    faraday-retry (1.0.3)
    faraday_middleware (1.2.0)
      faraday (~> 1.0)
    fast_gettext (2.3.0)
    fastercsv (1.5.5)
    fastlane-plugin-brew (0.1.1)
    fastlane-plugin-lizard (0.1.2)
    fastlane-plugin-rome (0.4.0)
    fastlane-plugin-teams (0.2.0)
    faye-websocket (0.11.2)
      eventmachine (>= 0.12.0)
      websocket-driver (>= 0.5.1)
    ffi (1.15.5)
    ffi-compiler (1.0.1)
      ffi (>= 1.0.0)
      rake
    ffi-extra (0.1.0)
      ffi
    ffi-inline (0.0.4.3)
      ffi (>= 0.4.0)
    ffi-yajl (2.4.0)
      libyajl2 (>= 1.2)
    fiddle (1.1.1)
    fig_newton (1.0)
      yml_reader (>= 0.7)
    fluent-plugin-filter_typecast (0.0.3)
      fluentd (>= 0.12)
    fluent-plugin-mysqlslowquery (0.0.9)
      fluentd (>= 0.12.0, < 2)
      myslog (~> 0.0)
    fluent-plugin-vmware-log-intelligence (2.0.6)
      fluent-plugin-mysqlslowquery (>= 0.0.9)
      fluentd (>= 0.14.20)
      http (>= 0.9.8)
      myslog (~> 0.0)
    fluentd (1.16.1)
      bundler
      cool.io (>= 1.4.5, < 2.0.0)
      http_parser.rb (>= 0.5.1, < 0.9.0)
      msgpack (>= 1.3.1, < 2.0.0)
      serverengine (>= 2.3.2, < 3.0.0)
      sigdump (~> 0.2.2)
      strptime (>= 0.2.4, < 1.0.0)
      tzinfo (>= 1.0, < 3.0)
      tzinfo-data (~> 1.0)
      webrick (~> 1.4)
      yajl-ruby (~> 1.0)
    fog-core (2.3.0)
      builder
      excon (~> 0.71)
      formatador (>= 0.2, < 2.0)
      mime-types
    fog-json (1.2.0)
      fog-core
      multi_json (~> 1.10)
    fog-openstack (1.0.11)
      fog-core (~> 2.1)
      fog-json (>= 1.0)
      ipaddress (>= 0.8)
    folio-pagination (0.0.12)
    formatador (1.1.0)
    forwardable (1.3.3)
    forwardable-extended (2.6.0)
    foundation-icons-sass-rails (3.0.0)
      railties (>= 3.1.1)
      sass-rails (>= 3.1.1)
    fourflusher (2.3.1)
    fustigit (0.3.0)
    fuzzy_match (2.0.4)
    fuzzyurl (0.9.0)
    ga_cookie_parser (0.2.0)
    gapic-common (0.19.0)
      faraday (>= 1.9, < 3.a)
      faraday-retry (>= 1.0, < 3.a)
      google-protobuf (~> 3.14)
      googleapis-common-protos (>= 1.3.12, < 2.a)
      googleapis-common-protos-types (>= 1.3.1, < 2.a)
      googleauth (~> 1.0)
      grpc (~> 1.36)
    garb (0.9.8)
      activesupport (>= 2.2)
      multi_json (>= 1.3)
    generate_method (1.0.0)
    generator (0.0.1)
    geoip2 (0.0.3)
      activesupport
      faraday
      faraday_middleware
      hashie
      typhoeus
    gettext (3.4.3)
      erubi
      locale (>= 2.0.5)
      prime
      text (>= 1.3.0)
    gettext_i18n_rails (1.10.1)
      fast_gettext (>= 0.9.0)
    gh_inspector (1.1.3)
    gherkin (5.1.0)
    gio2 (4.1.6)
      fiddle
      gobject-introspection (= 4.1.6)
    git (1.18.0)
      addressable (~> 2.8)
      rchardet (~> 1.8)
    gitlab (4.19.0)
      httparty (~> 0.20)
      terminal-table (>= 1.5.1)
    gitversion (5.1.3)
    glib2 (4.1.6)
      native-package-installer (>= 1.0.3)
      pkg-config (>= 1.3.5)
    globalid (1.1.0)
      activesupport (>= 5.0)
    gmo (0.5.4)
      multi_json
      rack
    gobject-introspection (4.1.6)
      glib2 (= 4.1.6)
    googl (0.7.1)
      httparty (~> 0.10)
      json (>= 1.4.6)
    google-apis-compute_v1 (0.68.0)
      google-apis-core (>= 0.11.0, < 2.a)
    google-apis-core (0.11.0)
      addressable (~> 2.5, >= 2.5.1)
      googleauth (>= 0.16.2, < 2.a)
      httpclient (>= 2.8.1, < 3.a)
      mini_mime (~> 1.0)
      representable (~> 3.0)
      retriable (>= 2.0, < 4.a)
      rexml
      webrick
    google-apis-oslogin_v1 (0.19.0)
      google-apis-core (>= 0.11.0, < 2.a)
    google-apis-secretmanager_v1 (0.35.0)
      google-apis-core (>= 0.11.0, < 2.a)
    google-cloud-bigtable (2.7.0)
      google-cloud-bigtable-admin-v2 (~> 0.0)
      google-cloud-bigtable-v2 (~> 0.0)
      google-cloud-core (~> 1.5)
    google-cloud-bigtable-admin-v2 (0.15.0)
      gapic-common (>= 0.10, < 2.a)
      google-cloud-errors (~> 1.0)
      grpc-google-iam-v1 (~> 1.1)
    google-cloud-bigtable-v2 (0.10.0)
      gapic-common (>= 0.18.0, < 2.a)
      google-cloud-errors (~> 1.0)
    google-cloud-core (1.6.0)
      google-cloud-env (~> 1.0)
      google-cloud-errors (~> 1.0)
    google-cloud-env (1.6.0)
      faraday (>= 0.17.3, < 3.0)
    google-cloud-errors (1.3.1)
    google-cloud-monitoring-v3 (0.11.0)
      gapic-common (>= 0.18.0, < 2.a)
      google-cloud-errors (~> 1.0)
    google-protobuf (3.23.1-arm64-darwin)
    googleapis-common-protos (1.4.0)
      google-protobuf (~> 3.14)
      googleapis-common-protos-types (~> 1.2)
      grpc (~> 1.27)
    googleapis-common-protos-types (1.6.0)
      google-protobuf (~> 3.14)
    googleauth (1.5.2)
      faraday (>= 0.17.3, < 3.a)
      jwt (>= 1.4, < 3.0)
      memoist (~> 0.16)
      multi_json (~> 1.11)
      os (>= 0.9, < 2.0)
      signet (>= 0.16, < 2.a)
    grim (1.3.4)
    grpc (1.55.0)
      google-protobuf (~> 3.23)
      googleapis-common-protos-types (~> 1.0)
    grpc-google-iam-v1 (1.2.0)
      google-protobuf (~> 3.14)
      googleapis-common-protos (>= 1.3.12, < 2.0)
      grpc (~> 1.27)
    grpc_mock (0.4.6)
      grpc (>= 1.12.0, < 2)
    gsl (1.12.109)
      narray (>= 0.5.9)
    gtk2 (3.2.6)
    guard (2.18.0)
      formatador (>= 0.2.4)
      listen (>= 2.7, < 4.0)
      lumberjack (>= 1.0.12, < 2.0)
      nenv (~> 0.1)
      notiffany (~> 0.0)
      pry (>= 0.13.0)
      shellany (~> 0.0)
      thor (>= 0.18.1)
    guard-compat (1.2.1)
    guard-ctags-bundler (1.4.0)
      guard (>= 2.0)
      guard-compat (>= 0.1.0)
    guard-livereload (2.5.2)
      em-websocket (~> 0.5)
      guard (~> 2.8)
      guard-compat (~> 1.0)
      multi_json (~> 1.8)
    guard-teaspoon (0.8.0)
      guard (~> 2.2)
      teaspoon (>= 0.8.0)
    guard-test (2.0.8)
      guard-compat (~> 1.2)
      test-unit (~> 3.0)
    guess (0.1.1)
    haikunator (1.1.1)
    haml (5.2.2)
      temple (>= 0.8.0)
      tilt
    hamster (3.0.0)
      concurrent-ruby (~> 1.0)
    hanami-controller (2.0.2)
      dry-configurable (~> 1.0, < 2)
      dry-core (~> 1.0)
      hanami-utils (~> 2.0)
      rack (~> 2.0)
      zeitwerk (~> 2.6)
    hanami-utils (2.0.3)
      concurrent-ruby (~> 1.0)
      dry-core (~> 1.0, < 2)
      dry-transformer (~> 1.0, < 2)
    handsoap (1.4.0)
    hash_symbolizer (1.0.1)
      activesupport
      rake
    hashdiff (1.0.1)
    hashie (4.1.0)
    hashie-forbidden_attributes (0.1.1)
      hashie (>= 3.0)
    health-monitor-rails (11.1.0)
      railties (>= 6.1)
    highline (2.0.3)
    htauth (2.2.0)
      bcrypt (~> 3.1)
    htmlentities (4.3.4)
    http (5.1.1)
      addressable (~> 2.8)
      http-cookie (~> 1.0)
      http-form_data (~> 2.2)
      llhttp-ffi (~> 0.4.0)
    http-cookie (1.0.5)
      domain_name (~> 0.5)
    http-form_data (2.3.0)
    http_logger (0.7.0)
    http_parser.rb (0.8.0)
    httparty (0.21.0)
      mini_mime (>= 1.0.0)
      multi_xml (>= 0.5.2)
    httpclient (2.8.3)
    hub (1.12.4)
    humanize_boolean (0.0.2)
      i18n
    hydra-access-controls (12.1.0)
      active-fedora (>= 10.0.0)
      activesupport (>= 5.2, < 7.1)
      blacklight-access_controls (~> 6.0)
      cancancan (>= 1.8, < 4)
      deprecation (~> 1.0)
    i18n (1.13.0)
      concurrent-ruby (~> 1.0)
    i18n-spec (0.6.0)
      iso
    i18n_data (0.11.0)
    ice_nine (0.11.2)
    image_info (1.2.2)
      addressable (~> 2.0)
      image_size (~> 2.0)
      typhoeus (~> 1.0)
    image_size (2.1.2)
    immutable-struct (2.4.1)
    inifile (3.0.0)
    iniparse (1.5.0)
    invoker (0.1.1)
      colored
      formatador
      iniparse
      slop
    ione (1.2.5)
    iostruct (0.0.5)
    ipaddress (0.8.3)
    iso (0.4.0)
      i18n
    iso-639 (0.3.6)
    iso639 (1.3.2)
    iso8601 (0.9.1)
    it (2.0.0)
      actionpack (>= 3.0.0)
    jbuilder (2.11.5)
      actionview (>= 5.0.0)
      activesupport (>= 5.0.0)
    jekyll (3.9.3)
      addressable (~> 2.4)
      colorator (~> 1.0)
      em-websocket (~> 0.5)
      i18n (>= 0.7, < 2)
      jekyll-sass-converter (~> 1.0)
      jekyll-watch (~> 2.0)
      kramdown (>= 1.17, < 3)
      liquid (~> 4.0)
      mercenary (~> 0.3.3)
      pathutil (~> 0.9)
      rouge (>= 1.7, < 4)
      safe_yaml (~> 1.0)
    jekyll-asciidoc (3.0.0)
      asciidoctor (>= 1.5.0)
      jekyll (>= 3.0.0)
    jekyll-sass-converter (1.5.2)
      sass (~> 3.4)
    jekyll-watch (2.2.1)
      listen (~> 3.0)
    jmespath (1.6.2)
    jquery-rails (4.5.1)
      rails-dom-testing (>= 1, < 3)
      railties (>= 4.2.0)
      thor (>= 0.14, < 2.0)
    jquery-ui-rails (4.0.3)
      jquery-rails
      railties (>= 3.1.0)
    jquery-ui-sass-rails (4.0.3.0)
      jquery-rails
      jquery-ui-rails (= 4.0.3)
      railties (>= 3.1.0)
    json (1.8.6)
    json-api-vanilla (1.0.4)
    json-canonicalization (0.3.2)
    json-jwt (1.15.3)
      activesupport (>= 4.2)
      aes_key_wrap
      bindata
      httpclient
    json-ld (3.2.5)
      htmlentities (~> 4.3)
      json-canonicalization (~> 0.3, >= 0.3.2)
      link_header (~> 0.0, >= 0.0.8)
      multi_json (~> 1.15)
      rack (>= 2.2, < 4)
      rdf (~> 3.2, >= 3.2.10)
    json5 (0.0.1)
    jsonseq (0.2.0)
    justify (1.0.2)
    jwt (2.7.0)
    kaminari (1.2.2)
      activesupport (>= 4.1.0)
      kaminari-actionview (= 1.2.2)
      kaminari-activerecord (= 1.2.2)
      kaminari-core (= 1.2.2)
    kaminari-actionview (1.2.2)
      actionview
      kaminari-core (= 1.2.2)
    kaminari-activerecord (1.2.2)
      activerecord
      kaminari-core (= 1.2.2)
    kaminari-core (1.2.2)
    karafka (2.1.1)
      karafka-core (>= 2.0.12, < 3.0.0)
      thor (>= 0.20)
      waterdrop (>= 2.4.10, < 3.0.0)
      zeitwerk (~> 2.3)
    karafka-core (2.0.12)
      concurrent-ruby (>= 1.1)
      karafka-rdkafka (>= 0.12.1)
    karafka-rdkafka (0.12.2)
      ffi (~> 1.15)
      mini_portile2 (~> 2.6)
      rake (> 12)
    karafka-sidekiq-backend (1.1.0)
      karafka (>= 1.1.0.alpha2)
      sidekiq (>= 4.2)
    keepass-password-generator (0.1.1)
    kgio (2.11.4)
    kramdown (2.4.0)
      rexml
    ldp (1.2.0)
      deprecation
      faraday (>= 1)
      http_logger
      json-ld (~> 3.2)
      rdf (~> 3.2)
      rdf-isomorphic
      rdf-ldp
      rdf-turtle
      rdf-vocab (>= 0.8)
      slop
    libyajl2 (2.1.0)
    license_scout (1.3.5)
      ffi-yajl (~> 2.2)
      mixlib-shellout (>= 2.2, < 4.0)
      toml-rb (>= 1, < 3)
    lingua (0.6.2)
    link_header (0.0.8)
    link_thumbnailer (3.4.0)
      activesupport (>= 3.0)
      image_info (~> 1.0, >= 1.2.0)
      json (>= 1.7.7)
      net-http-persistent (>= 2.9)
      nokogiri (>= 1.6)
      rake (>= 0.9)
      video_info (>= 2.6)
    lino (3.1.0)
      hamster (~> 3.0)
      open4 (~> 1.3)
    liquid (4.0.4)
    listen (3.8.0)
      rb-fsevent (~> 0.10, >= 0.10.3)
      rb-inotify (~> 0.9, >= 0.9.10)
    little-plugger (1.1.4)
    llhttp-ffi (0.4.0)
      ffi-compiler (~> 1.0)
      rake (~> 13.0)
    locale (2.1.3)
    logger (1.5.3)
    logger-colors (1.0.0)
    logging (2.3.1)
      little-plugger (~> 1.1)
      multi_json (~> 1.14)
    logidze (1.2.3)
      activerecord (>= 5.0)
      railties (>= 5.0)
      ruby-next-core (~> 0.9)
    loofah (2.21.3)
      crass (~> 1.0.2)
      nokogiri (>= 1.12.0)
    luhn (1.0.2)
    lumberjack (1.2.8)
    macaddr (1.7.2)
      systemu (~> 2.6.5)
    mail (2.8.1)
      mini_mime (>= 0.1.1)
      net-imap
      net-pop
      net-smtp
    maildir (2.2.3)
    mailkick (1.1.2)
      activesupport (>= 5.2)
    mailman (0.7.0)
      activesupport (>= 2.3.4)
      i18n (>= 0.4.1)
      listen (>= 0.4.1)
      mail (>= 2.0.3)
      maildir (>= 0.5.0)
    marc (1.2.0)
      rexml
      scrub_rb (>= 1.0.1, < 2)
      unf
    marcel (1.0.2)
    matrix (0.4.2)
    membrane (1.1.0)
    memoist (0.16.2)
    mercenary (0.3.6)
    messagebird-rest (3.0.0)
    method_source (1.0.0)
    mime-types (3.4.1)
      mime-types-data (~> 3.2015)
    mime-types-data (3.2023.0218.1)
    mini_cache (1.1.0)
    mini_mime (1.1.2)
    mini_portile2 (2.8.2)
    minimization (0.2.5)
      text-table (~> 1.2)
    minitar (0.9)
    minitest (5.18.0)
    mixlib-cli (1.7.0)
    mixlib-config (2.2.18)
      tomlrb
    mixlib-log (3.0.9)
    mixlib-shellout (2.4.4)
    mixlib-versioning (1.2.12)
    mmap2 (2.2.9)
    modware (1.0.2)
    molinillo (0.8.0)
    monetize (1.12.0)
      money (~> 6.12)
    money (6.16.0)
      i18n (>= 0.6.4, <= 2)
    money-currencylayer-bank (0.7.2)
      json (>= 1.8)
      monetize (~> 1.4)
      money (~> 6.7)
    mono_logger (1.1.2)
    morrisjs-rails (0.5.1.3)
      railties (> 3.1, < 7)
    msgpack (1.7.1)
    mtrc (0.0.4)
    multi_json (1.15.0)
    multi_xml (0.6.0)
    multipart-post (2.3.0)
    mumboe-soap4r (1.5.8.7)
      httpclient (>= 2.1.1)
    mustermann (3.0.0)
      ruby2_keywords (~> 0.0.1)
    myslog (0.1.1)
    mysql2 (0.5.5)
    nanaimo (0.3.0)
    nap (1.1.0)
    narray (0.6.1.2)
    native-package-installer (1.1.5)
    nats (0.11.0)
      eventmachine (~> 1.2, >= 1.2)
    nenv (0.3.0)
    net-http-digest_auth (1.4.1)
    net-http-persistent (4.0.2)
      connection_pool (~> 2.2)
    net-imap (0.3.4)
      date
      net-protocol
    net-pop (0.1.2)
      net-protocol
    net-protocol (0.2.1)
      timeout
    net-scp (4.0.0)
      net-ssh (>= 2.6.5, < 8.0.0)
    net-smtp (0.3.3)
      net-protocol
    net-ssh (2.9.4)
    net_http_timeout_errors (0.3.5)
    netrc (0.11.0)
    nettica (0.4.0)
      mumboe-soap4r
    newrelic_rpm (9.2.2)
    nexmo-jwt (0.1.2)
      jwt (~> 2)
    nhtsa_vin (0.0.8)
    nio4r (2.5.9)
    nokogiri (1.15.2-arm64-darwin)
      racc (~> 1.4)
    nokogiri-pretty (0.1.0)
      nokogiri
    nori (2.6.0)
    notiffany (0.1.3)
      nenv (~> 0.1)
      shellany (~> 0.0)
    nuggets (1.6.1)
    numerizer (0.1.1)
    oa-core (0.0.3)
      rack
    oa-oauth (0.0.1)
      json
      nokogiri
      oa-core (~> 0.0.0)
      oauth
      oauth2
    oauth (1.1.0)
      oauth-tty (~> 1.0, >= 1.0.1)
      snaky_hash (~> 2.0)
      version_gem (~> 1.1)
    oauth-tty (1.0.5)
      version_gem (~> 1.1, >= 1.1.1)
    oauth2 (1.4.11)
      faraday (>= 0.17.3, < 3.0)
      jwt (>= 1.0, < 3.0)
      multi_json (~> 1.3)
      multi_xml (~> 0.5)
      rack (>= 1.2, < 4)
    octokit (6.1.1)
      faraday (>= 1, < 3)
      sawyer (~> 0.9)
    oga (2.15)
      ast
      ruby-ll (~> 2.1)
    ohai (16.0.20)
      chef-config (>= 12.8, < 17)
      ffi (~> 1.9)
      ffi-yajl (~> 2.2)
      ipaddress
      mixlib-cli (>= 1.7.0)
      mixlib-config (>= 2.0, < 4.0)
      mixlib-log (>= 2.0.1, < 4.0)
      mixlib-shellout (>= 2.0, < 4.0)
      plist (~> 3.1)
      systemu (~> 2.6.4)
      wmi-lite (~> 1.0)
    oj (2.18.1)
    omniauth (1.9.2)
      hashie (>= 3.4.6)
      rack (>= 1.6.2, < 3)
    omniauth-bitbucket (0.0.2)
      multi_json (~> 1.7)
      omniauth (~> 1.1)
      omniauth-oauth (~> 1.0)
    omniauth-line (0.0.3)
      json (~> 1.3)
      omniauth-oauth2 (~> 1.3.1)
    omniauth-oauth (1.2.0)
      oauth
      omniauth (>= 1.0, < 3)
    omniauth-oauth2 (1.3.1)
      oauth2 (~> 1.0)
      omniauth (~> 1.2)
    omniauth-ultraauth (0.0.2)
      omniauth_openid_connect (~> 0.3.0)
    omniauth_openid_connect (0.3.5)
      addressable (~> 2.5)
      omniauth (~> 1.9)
      openid_connect (~> 1.1)
    omnibus (9.0.17)
      aws-sdk-s3 (~> 1.116.0)
      chef-cleanroom (~> 1.0)
      chef-utils (>= 15.4)
      contracts (>= 0.16.0, < 0.17.0)
      ffi-yajl (~> 2.2)
      license_scout (~> 1.0)
      mixlib-shellout (>= 2.0, < 4.0)
      mixlib-versioning
      ohai (>= 16, < 19)
      pedump
      rexml (~> 3.2)
      ruby-progressbar (~> 1.7)
      thor (>= 0.18, < 2.0)
    open4 (1.3.4)
    openapi3_parser (0.9.2)
      commonmarker (~> 0.17)
    openid_connect (1.4.2)
      activemodel
      attr_required (>= 1.0.0)
      json-jwt (>= 1.15.0)
      net-smtp
      rack-oauth2 (~> 1.21)
      swd (~> 1.3)
      tzinfo
      validate_email
      validate_url
      webfinger (~> 1.2)
    opt_parse_validator (1.9.5)
      activesupport (>= 5.2, < 6.2.0)
      addressable (>= 2.5, < 2.9)
    optimist (3.0.1)
    os (1.1.4)
    ostruct (0.5.5)
    otr-activerecord (2.1.2)
      activerecord (>= 4.0, < 7.1)
      hashie-forbidden_attributes (~> 0.1)
    parallel (1.23.0)
    parallelized_specs (0.4.84)
      parallel
    parse-cron (0.1.4)
    parser (2.0.0)
      ast (~> 1.1)
      slop (~> 3.4, >= 3.4.5)
    pathutil (0.16.2)
      forwardable-extended (~> 2.6)
    pdf-core (0.9.0)
    pedump (0.6.6)
      awesome_print
      iostruct (>= 0.0.4)
      multipart-post (>= 2.0.0)
      rainbow
      zhexdump (>= 0.0.2)
    pg (1.5.3)
    phony (2.20.5)
    pincers (0.3.0)
    pkg-config (1.5.1)
    plist (3.7.0)
    pony (1.13.1)
      mail (>= 2.0)
    power_assert (2.0.3)
    prawn (2.4.0)
      pdf-core (~> 0.9.0)
      ttfunk (~> 1.7)
    prawn-emoji (5.3.0)
      prawn (~> 2.3)
      unicode-emoji (~> 3.1)
    prime (0.1.2)
      forwardable
      singleton
    promise (0.3.1)
    promise.rb (0.7.4)
    promise_pool (0.9.2)
      timers (>= 4.0.1)
    pronto (0.11.1)
      gitlab (>= 4.4.0, < 5.0)
      httparty (>= 0.13.7, < 1.0)
      octokit (>= 4.7.0, < 7.0)
      rainbow (>= 2.2, < 4.0)
      rexml (>= 3.2.5, < 4.0)
      rugged (>= 0.23.0, < 2.0)
      thor (>= 0.20.3, < 2.0)
    pronto-rails_schema (0.11.0)
      pronto (>= 0.10, < 0.12)
    pry (0.14.2)
      coderay (~> 1.1)
      method_source (~> 1.0)
    psych (5.1.0)
      stringio
    ptools (1.5.0)
    public_suffix (4.0.7)
    puppet_facts (0.2.1)
    puppeteer-ruby (0.45.3)
      concurrent-ruby (>= 1.1, < 1.3)
      mime-types (>= 3.0)
      websocket-driver (>= 0.6.0)
    qrio (0.0.1)
      chunky_png
    queue-bus (0.13.2)
      multi_json
      redis
    rabbitmq_http_api_client (2.2.0)
      addressable (~> 2.7)
      faraday (~> 1.3)
      faraday_middleware (~> 1.2)
      hashie (~> 4.1)
      multi_json (~> 1.15)
    rabl-rails (0.6.2)
      activesupport (>= 4.2)
      concurrent-ruby (~> 1.0, >= 1.0.2)
      railties (>= 4.2)
    racc (1.6.2)
    rack (2.2.7)
    rack-flash3 (1.0.5)
      rack
    rack-oauth2 (1.21.3)
      activesupport
      attr_required
      httpclient
      json-jwt (>= 1.11.0)
      rack (>= 2.1.0)
    rack-protection (3.0.6)
      rack
    rack-test (0.6.3)
      rack (>= 1.0)
    rails (6.1.7.3)
      actioncable (= 6.1.7.3)
      actionmailbox (= 6.1.7.3)
      actionmailer (= 6.1.7.3)
      actionpack (= 6.1.7.3)
      actiontext (= 6.1.7.3)
      actionview (= 6.1.7.3)
      activejob (= 6.1.7.3)
      activemodel (= 6.1.7.3)
      activerecord (= 6.1.7.3)
      activestorage (= 6.1.7.3)
      activesupport (= 6.1.7.3)
      bundler (>= 1.15.0)
      railties (= 6.1.7.3)
      sprockets-rails (>= 2.0.0)
    rails-dom-testing (2.0.3)
      activesupport (>= 4.2.0)
      nokogiri (>= 1.6)
    rails-healthcheck (1.4.0)
      actionpack
      railties
    rails-html-sanitizer (1.5.0)
      loofah (~> 2.19, >= 2.19.1)
    rails_apps_composer (2.4.17)
      activesupport
      i18n
      rake
      thor
    rails_multisite (4.0.1)
      activerecord (> 5.0, < 7.1)
      railties (> 5.0, < 7.1)
    railties (6.1.7.3)
      actionpack (= 6.1.7.3)
      activesupport (= 6.1.7.3)
      method_source
      rake (>= 12.2)
      thor (~> 1.0)
    rainbow (3.1.1)
    rainbows (5.2.1)
      kgio (~> 2.5)
      rack (>= 1.1, < 3.0)
      unicorn (~> 5.1)
    raindrops (0.20.1)
    rake (13.0.6)
    rake_dependencies (3.5.0)
      down (~> 5.3)
      hamster (~> 3.0)
      minitar (~> 0.9)
      rake_factory (~> 0.23)
      rubyzip (>= 1.3)
    rake_factory (0.31.0)
      activesupport (>= 4)
      rake (~> 13.0)
    rake_fly (2.13.0)
      concourse.rb (>= 0.4)
      rake_dependencies (~> 3.1)
      rake_factory (~> 0.29)
      ruby_fly (>= 0.35)
      semantic (~> 1.6)
    rake_terraform (1.23.0)
      colored2 (~> 3.1)
      rake_dependencies (~> 3.1)
      rake_factory (~> 0.23)
      ruby-terraform (~> 1.4)
    razorpay (3.0.0)
      httparty (~> 0.14)
    rb-fsevent (0.11.2)
    rb-inotify (0.10.1)
      ffi (~> 1.0)
    rb_heap (1.1.0)
    rchardet (1.8.0)
    rchardet19 (1.3.7)
    rcodetools (0.8.5.0)
    rdf (3.2.10)
      link_header (~> 0.0, >= 0.0.8)
    rdf-aggregate-repo (3.2.1)
      rdf (~> 3.2)
    rdf-isomorphic (3.2.1)
      rdf (~> 3.2)
    rdf-ldp (0.1.0)
      deprecation
      rdf
    rdf-n3 (3.2.1)
      ebnf (~> 2.2)
      rdf (~> 3.2)
      sparql (~> 3.2)
      sxp (~> 1.2)
    rdf-normalize (0.5.1)
      rdf (~> 3.2)
    rdf-turtle (3.2.1)
      ebnf (~> 2.3)
      rdf (~> 3.2)
    rdf-vocab (3.2.6)
      rdf (~> 3.2, >= 3.2.4)
    rdf-xsd (3.2.1)
      rdf (~> 3.2)
      rexml (~> 3.2)
    rebase_attr (2.0.0)
      generate_method (~> 1.0)
    red-arrow (12.0.0)
      bigdecimal (>= 3.1.0)
      extpp (>= 0.1.1)
      gio2 (>= 3.5.0)
      native-package-installer
      pkg-config
    redcarpet (3.6.0)
    redirect_safely (1.0.0)
      activemodel
    redis (4.8.1)
    redis-namespace (1.10.0)
      redis (>= 4)
    redis-queue (0.1.0)
      redis (>= 3.3.5, < 5)
    redis_rate_limiter (0.2.0)
      redis (>= 4.6.0)
    refining (0.0.5.5)
    regexp_parser (2.8.0)
    reportbuilder (1.3.0)
      clbustos-rtf (~> 0.3.0)
      text-table (~> 1.2)
    representable (3.2.0)
      declarative (< 0.1.0)
      trailblazer-option (>= 0.1.1, < 0.2.0)
      uber (< 0.2.0)
    require_all (3.0.0)
    require_reloader (0.2.1)
    resque (2.5.0)
      mono_logger (~> 1.0)
      multi_json (~> 1.0)
      redis-namespace (~> 1.6)
      sinatra (>= 0.9.2)
    resque-pause (0.3.0)
      multi_json (~> 1.0)
      resque (>= 1.9.10)
    rest-builder (0.9.2)
      httpclient
      mime-types
      promise_pool
    rest-client (2.0.2)
      http-cookie (>= 1.0.2, < 2.0)
      mime-types (>= 1.16, < 4.0)
      netrc (~> 0.8)
    rest-core (4.0.1)
      rest-builder
    retriable (3.1.2)
    retries (0.0.5)
    rexml (3.2.5)
    rgen (0.8.1)
    riemann-client (1.1.0)
      beefcake (>= 1.0.0)
      mtrc (>= 0.0.4)
    riemann-tools (1.8.1)
      json (>= 1.8)
      optimist (~> 3.0, >= 3.0.0)
      riemann-client (~> 1.1)
    ripl (0.7.1)
      bond (~> 0.5.1)
    ripl-rack (0.2.1)
      rack (>= 1.0)
      rack-test (~> 0.6.2)
      ripl (>= 0.7.0)
    ritex (1.0.1)
    rollbar (3.4.0)
    rollbar_helper (1.0.0)
      rollbar (~> 3.2)
    rom-core (5.3.0)
      concurrent-ruby (~> 1.1)
      dry-configurable (~> 1.0)
      dry-core (~> 1.0)
      dry-inflector (~> 1.0)
      dry-initializer (~> 3.0, >= 3.0.1)
      dry-struct (~> 1.0)
      dry-types (~> 1.6)
      transproc (~> 1.0, >= 1.1.0)
    rouge (2.0.7)
    routo (0.0.4)
      pony (>= 1.0.0)
    rsolr (2.5.0)
      builder (>= 2.1.2)
      faraday (>= 0.9, < 3, != 2.0.0)
    rspec (2.99.0)
      rspec-core (~> 2.99.0)
      rspec-expectations (~> 2.99.0)
      rspec-mocks (~> 2.99.0)
    rspec-core (2.99.2)
    rspec-expectations (2.99.2)
      diff-lcs (>= 1.1.3, < 2.0)
    rspec-mocks (2.99.4)
    rspec_sequel_matchers (0.5.0)
      sequel (>= 3.8.0)
    rtext (0.8.1)
      rgen (>= 0.6.1)
    rubber (1.15.0)
      amazon-ec2 (>= 0.9.17)
      aws-s3
      capistrano (>= 2.4.0)
      nettica
    ruby-audio (1.6.1)
    ruby-ll (2.1.2)
      ansi
      ast
    ruby-macho (2.5.1)
    ruby-next-core (0.15.3)
    ruby-ole (1.2.12.2)
    ruby-progressbar (1.13.0)
    ruby-saml-idp (0.3.5)
    ruby-terraform (1.7.0)
      immutable-struct (~> 2.4)
      lino (~> 3.0)
    ruby-thumbor (4.0.2)
    ruby2_keywords (0.0.5)
    ruby_fly (0.39.0)
      lino (~> 3.0)
    ruby_parser (3.20.1)
      sexp_processor (~> 4.16)
    rubyzip (2.3.2)
    rugged (1.6.3)
    rumouse (0.0.7)
      ffi (>= 1.9.3)
    safe_target_blank (1.0.2)
      rails
    safe_yaml (1.0.5)
    sass (3.7.4)
      sass-listen (~> 4.0.0)
    sass-listen (4.0.0)
      rb-fsevent (~> 0.9, >= 0.9.4)
      rb-inotify (~> 0.9, >= 0.9.7)
    sass-rails (6.0.0)
      sassc-rails (~> 2.1, >= 2.1.1)
    sassc (2.4.0)
      ffi (~> 1.9)
    sassc-rails (2.1.2)
      railties (>= 4.0.0)
      sassc (>= 2.0)
      sprockets (> 3.0)
      sprockets-rails
      tilt
    sawyer (0.9.2)
      addressable (>= 2.3.5)
      faraday (>= 0.17.3, < 3)
    saxerator (0.9.9)
    scanf (1.0.0)
    schash (0.1.2)
    schema_monkey (3.0.2)
      activerecord (>= 5.2)
      modware (~> 1.0.2)
    schema_plus_columns (1.0.1)
      activerecord (>= 5.2, < 7.1)
      schema_plus_core (~> 3.1.0)
      schema_plus_indexes (~> 1.0.1)
    schema_plus_core (3.1.0)
      activerecord (>= 5.2, < 7.1)
      schema_monkey (~> 3.0.2)
    schema_plus_indexes (1.0.1)
      activerecord (>= 5.2, < 7.1)
      schema_plus_core (~> 3.1.0)
    scrub_rb (1.0.1)
    searchlogic (2.4.28)
      activerecord (>= 2.0.0)
    selenium-webdriver (4.7.1)
      rexml (~> 3.2, >= 3.2.5)
      rubyzip (>= 1.2.2, < 3.0)
      websocket (~> 1.0)
    semantic (1.6.1)
    sensu-extension (1.5.2)
      eventmachine
    sensu-extensions (1.11.0)
      sensu-extension
      sensu-extensions-check-dependencies (= 1.1.0)
      sensu-extensions-debug (= 1.0.0)
      sensu-extensions-deregistration (= 1.0.0)
      sensu-extensions-json (= 1.0.0)
      sensu-extensions-occurrences (= 1.2.0)
      sensu-extensions-only-check-output (= 1.0.0)
      sensu-extensions-ruby-hash (= 1.0.0)
      sensu-json (>= 1.1.0)
      sensu-logger
      sensu-settings
    sensu-extensions-check-dependencies (1.1.0)
      sensu-extension
    sensu-extensions-debug (1.0.0)
      sensu-extension
    sensu-extensions-deregistration (1.0.0)
      sensu-extension
    sensu-extensions-json (1.0.0)
      sensu-extension
    sensu-extensions-occurrences (1.2.0)
      sensu-extension
    sensu-extensions-only-check-output (1.0.0)
      sensu-extension
    sensu-extensions-ruby-hash (1.0.0)
      sensu-extension
    sensu-json (2.1.1)
      oj (= 2.18.1)
    sensu-logger (1.2.2)
      eventmachine
      sensu-json
    sensu-plugin (4.0.0)
      json (< 3.0.0)
      mixlib-cli (~> 1.5)
    sensu-plugins-ssl (3.0.2)
      sensu-plugin (~> 4.0)
    sensu-plugins-uptime-checks (3.2.0)
      sensu-plugin (~> 4.0)
    sensu-plugins-vmstats (2.0.0)
      sensu-plugin (~> 4.0)
    sensu-redis (2.4.0)
      eventmachine
    sensu-settings (10.17.0)
      parse-cron
      sensu-json (>= 1.1.0)
    sequel (5.68.0)
    server_log_parser (0.4.1)
    server_metrics (1.2.18)
    serverengine (2.3.2)
      sigdump (~> 0.2.2)
    sexp_processor (4.17.0)
    sha3 (1.0.5)
    shell (0.8.1)
      e2mmap
      sync
    shellany (0.0.1)
    sidekiq (6.5.5)
      connection_pool (>= 2.2.2)
      rack (~> 2.0)
      redis (>= 4.5.0)
    sidekiq-bulk (0.2.0)
      sidekiq
    sidekiq-rate-limiter (0.2.0)
      redis_rate_limiter
      sidekiq (>= 4.0, < 7.0)
    sidekiq-transaction_guard (1.0.2)
      activerecord (>= 4.0)
      sidekiq (>= 3.0)
    sigdump (0.2.4)
    signet (0.17.0)
      addressable (~> 2.8)
      faraday (>= 0.17.5, < 3.a)
      jwt (>= 1.5, < 3.0)
      multi_json (~> 1.10)
    sinatra (3.0.6)
      mustermann (~> 3.0)
      rack (~> 2.2, >= 2.2.4)
      rack-protection (= 3.0.6)
      tilt (~> 2.0)
    singleton (0.1.1)
    sinon-rails (1.15.0)
      railties (>= 3.1)
    sixarm_ruby_unaccent (1.2.2)
    slim (5.1.1)
      temple (~> 0.10.0)
      tilt (>= 2.1.0)
    slop (3.6.0)
    snaky_hash (2.0.1)
      hashie
      version_gem (~> 1.1, >= 1.1.1)
    soap4r-middleware (0.8.7)
      soap4r-ruby1.9 (= 2.0.5)
    soap4r-ruby1.9 (2.0.5)
    socket.io-rails (2.3.0)
      railties (>= 3.1)
    sorbet (0.5.10845)
      sorbet-static (= 0.5.10845)
    sorbet-runtime (0.5.10845)
    sorbet-static (0.5.10845-universal-darwin-22)
    sparkr (0.4.1)
    sparql (3.2.5)
      builder (~> 3.2)
      ebnf (~> 2.2, >= 2.3.1)
      logger (~> 1.5)
      rdf (~> 3.2, >= 3.2.8)
      rdf-aggregate-repo (~> 3.2)
      rdf-xsd (~> 3.2)
      sparql-client (~> 3.2, >= 3.2.1)
      sxp (~> 1.2, >= 1.2.2)
    sparql-client (3.2.1)
      net-http-persistent (~> 4.0, >= 4.0.1)
      rdf (~> 3.2, >= 3.2.6)
    spec (5.3.4)
      chronic_duration (~> 0.10.2)
    spice-html5-rails (0.1.5)
      railties (>= 3.1.0)
    splunk-sdk-ruby (1.0.5)
    spreadsheet (0.6.9)
      ruby-ole (>= 1.0)
    sprockets (4.2.0)
      concurrent-ruby (~> 1.0)
      rack (>= 2.2.4, < 4)
    sprockets-rails (3.4.2)
      actionpack (>= 5.2)
      activesupport (>= 5.2)
      sprockets (>= 3.0.0)
    sshkit (1.21.4)
      net-scp (>= 1.1.2)
      net-ssh (>= 2.8.0)
    standby (4.0.0)
      activerecord (>= 3.0.0)
    statistics2 (0.54)
    statsample (0.11.1)
      dirty-memoize (~> 0.0)
      extendmatrix (~> 0.1)
      fastercsv
      gsl (~> 1.12.109)
      minimization (~> 0.2.0)
      reportbuilder (~> 1.0)
      spreadsheet (~> 0.6.0)
      statistics2 (~> 0.54)
      svg-graph (~> 1.0)
    stream-chat-ruby (3.3.0)
      faraday (~> 1.10.0)
      faraday-multipart (~> 1.0.3)
      faraday-net_http_persistent (~> 1.2)
      jwt (~> 2.3)
      net-http-persistent (~> 4.0)
      sorbet-runtime (~> 0.5.10539)
    stringify-hash (0.0.2)
    stringio (3.0.6)
    strptime (0.2.5)
    sunspot_matchers (2.2.5.0)
    svg-graph (1.0.5)
    swagger-ui_rails (0.1.7)
    swd (1.3.0)
      activesupport (>= 3)
      attr_required (>= 0.0.5)
      httpclient (>= 2.4)
    sxp (1.2.4)
      matrix (~> 0.4)
      rdf (~> 3.2)
    sync (0.5.0)
    sys-proctable (1.3.0)
      ffi (~> 1.1)
    sys-uname (1.2.3)
      ffi (~> 1.1)
    systemu (2.6.5)
    tag_helper (0.5.0)
    teaspoon (1.2.2)
      railties (>= 3.2.5)
    temple (0.10.1)
    terminal-table (3.0.2)
      unicode-display_width (>= 1.1.1, < 3)
    tesseract-ocr (0.1.8)
      call-me
      ffi-extra
      ffi-inline
      iso-639
    test-unit (3.5.9)
      power_assert
    testrail_client (0.0.1)
    testrailtagging (0.3.8.7)
      parser
      rspec
      testrail_client
    text (1.3.1)
    text-table (1.2.4)
    thor (1.2.2)
    thread_safe (0.3.6)
    tilt (2.1.0)
    timeout (0.3.2)
    timers (4.3.5)
    toml-rb (2.2.0)
      citrus (~> 3.0, > 3.0)
    tomlrb (2.0.3)
    trailblazer-option (0.1.2)
    transpec (0.0.10)
      parser (~> 2.0.0.pre1)
      rspec (~> 2.14)
    transproc (1.1.1)
    travis-lint (2.0.0)
      json
    trix (0.10.1)
      rails
    ttfunk (1.7.0)
    turnip (1.3.1)
      gherkin (>= 2.5)
      rspec (>= 2.14.0, < 4.0)
    turnip_formatter (0.3.4)
      rspec (>= 2.14.0, < 4.0)
      slim
      turnip (~> 1.3.0)
    typhoeus (1.4.0)
      ethon (>= 0.9.0)
    tzinfo (2.0.6)
      concurrent-ruby (~> 1.0)
    tzinfo-data (1.2023.3)
      tzinfo (>= 1.0.0)
    uber (0.1.0)
    unf (0.1.4)
      unf_ext
    unf_ext (0.0.8.2)
    unicode-display_width (2.4.2)
    unicode-emoji (3.3.2)
      unicode-version (~> 1.0)
    unicode-types (1.8.0)
    unicode-version (1.3.0)
    unicode_utils (1.4.0)
    unicorn (5.8.0)
      kgio (~> 2.6)
      raindrops (~> 0.7)
    unique_by (3.0.0)
      generate_method (~> 1.0)
    unobtainium (0.13.0)
      collapsium (~> 0.10)
      collapsium-config (~> 0.7)
      ptools (~> 1.3)
      sys-proctable (~> 1.2)
    urss (0.3.0)
      nokogiri
    uuid (2.3.9)
      macaddr (~> 1.0)
    vagrant-reload (0.0.1)
    validatable (1.6.7)
    validate_email (0.1.6)
      activemodel (>= 3.0)
      mail (>= 2.2.5)
    validate_url (1.0.15)
      activemodel (>= 3.0.0)
      public_suffix
    vanity (4.0.4)
      i18n
    vero (0.10.0)
      json
      rest-client
    version_gem (1.1.2)
    video_info (2.7)
      iso8601 (~> 0.9.1)
      net_http_timeout_errors (~> 0.3.0)
      oga (~> 2.7)
    view_component (2.82.0)
      activesupport (>= 5.2.0, < 8.0)
      concurrent-ruby (~> 1.0)
      method_source (~> 1.0)
    virtus (1.0.5)
      axiom-types (~> 0.1)
      coercible (~> 1.0)
      descendants_tracker (~> 0.0, >= 0.0.3)
      equalizer (~> 0.0, >= 0.0.9)
    vmfloaty (1.8.0)
      commander (>= 4.4.3, < 4.7.0)
      faraday (~> 1.5, >= 1.5.1)
    waterdrop (2.5.2)
      karafka-core (>= 2.0.12, < 3.0.0)
      zeitwerk (~> 2.3)
    wavefile (1.1.2)
    webfinger (1.2.0)
      activesupport
      httpclient (>= 2.4)
    webmock (3.18.1)
      addressable (>= 2.8.0)
      crack (>= 0.3.2)
      hashdiff (>= 0.4.0, < 2.0.0)
    webrick (1.8.1)
    websocket (1.2.9)
    websocket-driver (0.7.5)
      websocket-extensions (>= 0.1.0)
    websocket-extensions (0.1.5)
    win32-eventlog (0.6.7)
      ffi
    wisper (2.0.1)
    wisper-activerecord (1.0.0)
      activerecord (>= 3.0.0)
      wisper (~> 2.0)
    wmi-lite (1.0.7)
    xcodeproj (1.22.0)
      CFPropertyList (>= 2.3.3, < 4.0)
      atomos (~> 0.1.3)
      claide (>= 1.0.2, < 2.0)
      colored2 (~> 3.1)
      nanaimo (~> 0.3.0)
      rexml (~> 3.2.4)
    xcpretty (0.3.0)
      rouge (~> 2.0.7)
    xml-fu (0.2.0)
      builder (>= 2.1.2)
    xml-simple (1.1.9)
      rexml
    xpath (3.2.0)
      nokogiri (~> 1.8)
    ya_kansuji (0.2.0)
    yajl-ruby (1.4.3)
    yml_reader (0.7)
    zeitwerk (2.6.8)
    zhexdump (0.0.2)

PLATFORMS
  arm64-darwin-22

DEPENDENCIES
  pkg30!

BUNDLED WITH
   2.4.13
