PATH
  remote: .
  specs:
    pkg36 (0.0.1)
      GeoRuby
      ZURB-foundation
      a9n
      ably
      ably-rest
      acpc_poker_types
      actionview-component
      active-campaign-rails
      active-model-adapter-source
      active_admin_importable
      active_record_host_pool
      activerecord-delay_touching
      activerecord-jdbcderby-adapter
      activerecord-jdbchsqldb-adapter
      activerecord-mysql-unsigned
      acts_as_audited
      adhearsion
      age_calculator
      applicious_utils
      arrest
      attr_json
      attributes
      attributor
      autosize-rails
      backbone-support
      betterplace-content
      biggs
      bitly-oauth
      blurhash
      bootstrap-modal-rails
      bootstrap-timepicker-rails
      brock
      buttercms-rails
      calendar_helper
      capistrano-chef
      capistrano-pending
      capistrano-platform-resources
      carthage_cache
      catarse_pagarme
      chargehound
      chef-handler-profiler
      classnames-rails
      clean_pagination
      clocale
      craftbelt
      crono
      csv-mapper
      currency-in-words
      database_plumber
      dicks
      doc_raptor
      dpl-firebase
      effective_bootstrap
      em-eventsource
      embulk-input-s3
      embulk-output-redshift
      erector
      every_day_irb
      exonio
      faraday-tracer
      fcntl
      fear
      flapjack
      fluent-plugin-azure-storage-append-blob
      fluent-plugin-buffer-lightening
      fluent-plugin-redis-store
      foundation_rails_helper
      fridge
      gc_stats
      gdk3
      get_pomo
      gir_ffi
      git_remote_branch
      glib-web
      glob
      glyphicons
      google-apis-admin_directory_v1
      govuk-lint
      gqtp
      graticule
      gtk3
      guard-sass
      hanami-model
      has_barcode
      hiera-vault
      historyjs-rails
      hive_geoip2
      hobo
      http_signatures
      ibanizator
      influxdb-rails
      ionicons-rails
      iruby
      j2119
      jbundler
      jekyll-twitter-plugin
      jipcode
      json-minify
      json_translate
      jsonapi_errorable
      kafo
      kitchen-verifier-serverspec
      kontena-cli
      ld-patch
      litecable
      localhost
      lockdown
      lookup_by
      luhn-ruby
      make_resourceful
      mario-redis-lock
      maskmoney-rails
      masonry-rails
      master_lock
      mbsy
      meta_programming
      mini_backtrace
      minimal-mistakes-jekyll
      mogli
      mongo_mapper-unstable
      mongoid-observers
      mongoid_slug
      multiparty
      mux_ruby
      narou
      naturalsort
      nethttp-instrumentation
      nitlink
      onlyoffice_documentserver_testing_framework
      open_exchange_rates
      pager_api
      paperclip-ffmpeg
      passbook
      pdd
      pdfjs_viewer-rails
      phantomjs_polyfill-rails
      piwik_analytics
      polyrex
      postageapp
      postcodes_io
      predicated
      printnode
      prometheus-api-client
      pronto-erb_lint
      pry-sorbet
      puma-rails
      puppet-lint-anchor-check
      puppet-lint-no_symbolic_file_modes-check
      puppet-lint-topscope-variable-check
      pygmentize
      rack-cas
      rails_cookie_overflow
      rails_db_dump_restore
      rake-performance
      rbt
      redis-reconnect_with_readonly
      redphone
      relaton
      remote_table
      require_relative
      requisite
      rescue_registry
      reverse_coverage
      rollout-ui
      rservicebus
      rspec_candy
      rspotify
      ruby-lint
      ruby_rncryptor
      rubypress
      rutabaga
      rye
      samovar
      scallop
      searchlight
      selenium-proxy
      sensu-transport-snssqs
      sequel_polymorphic
      server_timing
      shortcode
      should_not
      sidekiq-lock
      sidekiq-symbols
      simp-rake-helpers
      sinatra-assetpack
      sisimai
      slackr
      smart_listing
      soft_deletion
      solarwinds-itsm-api-definitions
      swagger-diff
      sweetalert-rails
      sys-admin
      task_list
      tax_cloud
      terraspace
      tiddle
      timeout-extensions
      touch_action
      tracksperanto
      tramway-admin
      tupalo-kdtree
      twitter-bootstrap-rails-confirm
      unimidi
      unobtainium-multifind
      urlmatch
      user-agent-randomizer
      utils
      utopia
      vagrant-cachier
      vagrant-disksize
      vagrant-triggers
      validators
      vault-rails
      websocket-eventmachine-base
      wikisnakker
      win32-ipc
      wiselinks
      zeus-parallel_tests

GEM
  remote: https://rubygems.org/
  specs:
    CFPropertyList (2.3.6)
    GeoRuby (1.3.4)
    Selenium (1.1.14)
    ZURB-foundation (2.2.1.4)
      compass (>= 0.12.1)
    a9n (1.5.0)
    ably (1.2.0)
      addressable (>= 2.0.0)
      em-http-request (~> 1.1)
      eventmachine (~> 1.2.6)
      faraday (~> 1.0)
      json
      msgpack (>= 1.3.0)
      statesman (~> 8.0)
      typhoeus (~> 1.4)
      websocket-driver (~> 0.7)
    ably-rest (1.2.1)
      addressable (>= 2.0.0)
      excon (~> 0.55)
      faraday (~> 1.0)
      json
      msgpack (>= 0.6.2)
      typhoeus (~> 1.4)
    acpc_dealer (2.4.1)
      clive (~> 1.2)
      process_runner (~> 0.0)
      rake-compiler (~> 0.8)
    acpc_poker_types (7.4.4)
      acpc_dealer (~> 2.0)
      celluloid (~> 0.14)
      contextual_exceptions (~> 0.0)
      process_runner (~> 0.0)
    actioncable (7.0.5)
      actionpack (= 7.0.5)
      activesupport (= 7.0.5)
      nio4r (~> 2.0)
      websocket-driver (>= 0.6.1)
    actionmailbox (7.0.5)
      actionpack (= 7.0.5)
      activejob (= 7.0.5)
      activerecord (= 7.0.5)
      activestorage (= 7.0.5)
      activesupport (= 7.0.5)
      mail (>= 2.7.1)
      net-imap
      net-pop
      net-smtp
    actionmailer (7.0.5)
      actionpack (= 7.0.5)
      actionview (= 7.0.5)
      activejob (= 7.0.5)
      activesupport (= 7.0.5)
      mail (~> 2.5, >= 2.5.4)
      net-imap
      net-pop
      net-smtp
      rails-dom-testing (~> 2.0)
    actionpack (7.0.5)
      actionview (= 7.0.5)
      activesupport (= 7.0.5)
      rack (~> 2.0, >= 2.2.4)
      rack-test (>= 0.6.3)
      rails-dom-testing (~> 2.0)
      rails-html-sanitizer (~> 1.0, >= 1.2.0)
    actiontext (7.0.5)
      actionpack (= 7.0.5)
      activerecord (= 7.0.5)
      activestorage (= 7.0.5)
      activesupport (= 7.0.5)
      globalid (>= 0.6.0)
      nokogiri (>= 1.8.5)
    actionview (7.0.5)
      activesupport (= 7.0.5)
      builder (~> 3.1)
      erubi (~> 1.4)
      rails-dom-testing (~> 2.0)
      rails-html-sanitizer (~> 1.1, >= 1.2.0)
    actionview-component (1.17.0)
      capybara (~> 3)
    active-campaign-rails (0.2.3)
      rest-client
    active-model-adapter-source (2.1.1)
      ember-data-source (>= 1.13, < 3.0)
    active_admin_importable (1.1.2)
    active_record_host_pool (1.2.4)
      activerecord (>= 5.1.0, < 7.1)
      mysql2
    activejob (7.0.5)
      activesupport (= 7.0.5)
      globalid (>= 0.3.6)
    activemodel (7.0.5)
      activesupport (= 7.0.5)
    activerecord (7.0.5)
      activemodel (= 7.0.5)
      activesupport (= 7.0.5)
    activerecord-delay_touching (1.0.1)
      activerecord (>= 4.2)
    activerecord-jdbc-adapter (1.3.22)
      activerecord (>= 2.2)
    activerecord-jdbcderby-adapter (1.3.22)
      activerecord-jdbc-adapter (~> 1.3.22)
      jdbc-derby (~> 10.6)
    activerecord-jdbchsqldb-adapter (1.3.22)
      activerecord-jdbc-adapter (~> 1.3.22)
      jdbc-hsqldb (>= 1.8)
    activerecord-mysql-unsigned (0.0.3)
      activerecord (>= 3.2)
      activesupport (>= 3.2)
      mysql2
    activestorage (7.0.5)
      actionpack (= 7.0.5)
      activejob (= 7.0.5)
      activerecord (= 7.0.5)
      activesupport (= 7.0.5)
      marcel (~> 1.0)
      mini_mime (>= 1.1.0)
    activesupport (7.0.5)
      concurrent-ruby (~> 1.0, >= 1.0.2)
      i18n (>= 1.6, < 2)
      minitest (>= 5.1)
      tzinfo (~> 2.0)
    acts_as_audited (2.0.0)
      rails (>= 3.0.3)
    adamantium (0.2.0)
      ice_nine (~> 0.11.0)
      memoizable (~> 0.4.0)
    addressable (2.8.4)
      public_suffix (>= 2.0.2, < 6.0)
    adhearsion (1.2.6)
      activesupport (>= 2.1.0)
      bundler (>= 1.0.10)
      i18n
      json
      log4r (>= 1.0.5)
      pry
      rake
      thor
    age_calculator (1.2.1)
    airbrussh (1.4.1)
      sshkit (>= 1.6.1, != 1.7.0)
    akami (1.3.1)
      gyoku (>= 0.4.0)
      nokogiri
    all_images (0.2.2)
      term-ansicolor
      tins (~> 1.0)
    alsa-rawmidi (0.4.0)
      ffi (~> 1.15, >= 1.15.5)
    amatch (0.4.1)
      mize
      tins (~> 1.0)
    annoy (0.5.6)
      highline (>= 1.5.0)
    ansi (1.5.0)
    anyway_config (2.4.1)
      ruby-next-core (>= 0.14.0)
    applicious_utils (0.1.95)
    arrest (0.0.2)
      json
    ascii_paradise (0.2.67)
      colours
      opn
    ast (2.4.2)
    atk (4.1.6)
      glib2 (= 4.1.6)
    attr_json (2.0.1)
      activerecord (>= 6.0.0, < 7.1)
    attributes (5.0.1)
    attributor (7.0)
      activesupport (>= 3)
      hashie (~> 3)
      randexp (~> 0)
    autoprefixer-rails (10.4.13.0)
      execjs (~> 2)
    autosize-rails (1.18.17)
      rails (>= 3.1)
    aws-eventstream (1.2.0)
    aws-sdk (2.11.632)
      aws-sdk-resources (= 2.11.632)
    aws-sdk-core (2.11.632)
      aws-sigv4 (~> 1.0)
      jmespath (~> 1.0)
    aws-sdk-resources (2.11.632)
      aws-sdk-core (= 2.11.632)
    aws-sigv4 (1.5.2)
      aws-eventstream (~> 1, >= 1.0.2)
    axiom-types (0.1.1)
      descendants_tracker (~> 0.0.4)
      ice_nine (~> 0.11.0)
      thread_safe (~> 0.3, >= 0.3.1)
    azure-storage-blob (2.0.3)
      azure-storage-common (~> 2.0)
      nokogiri (~> 1, >= 1.10.8)
    azure-storage-common (2.0.4)
      faraday (~> 1.0)
      faraday_middleware (~> 1.0, >= 1.0.0.rc1)
      net-http-persistent (~> 4.0)
      nokogiri (~> 1, >= 1.10.8)
    backbone-support (0.5.1)
    backtrack-xpath (0.2.2)
    barby (0.6.8)
    bcrypt (3.1.18)
    bcrypt_pbkdf (1.1.0)
    beaker (4.40.1)
      beaker-hostgenerator
      ed25519 (~> 1.0)
      hocon (~> 1.0)
      in-parallel (>= 0.1, < 2)
      inifile (~> 3.0)
      minitar (~> 0.6)
      minitest (~> 5.4)
      net-scp (>= 1.2, < 5.0)
      net-ssh (>= 5.0)
      rexml
      rsync (~> 1.0.9)
      stringify-hash (~> 0.0)
      thor (>= 1.0.1, < 2.0)
    beaker-docker (1.5.0)
      beaker (>= 4.34)
      docker-api (~> 2.1)
      stringify-hash (~> 0.0.0)
    beaker-hostgenerator (2.2.0)
      deep_merge (~> 1.0)
    beaker-puppet (1.29.0)
      beaker (~> 4.1)
      in-parallel (~> 0.1)
      oga
    beaker-rspec (7.1.0)
      beaker (> 3.0)
      rspec (~> 3.0)
      serverspec (~> 2)
      specinfra (~> 2)
    beaker-vagrant (1.2.0)
      beaker (>= 4, < 6)
    beanstalk-client (1.1.1)
    better_html (2.0.1)
      actionview (>= 6.0)
      activesupport (>= 6.0)
      ast (~> 2.0)
      erubi (~> 1.4)
      parser (>= 2.4)
      smart_properties
    betterplace-content (0.7.125)
      jekyll (~> 4.1)
    biggs (0.6.0)
      activesupport (>= 3.0)
    bitly-oauth (0.2.3)
      httparty
      oauth2
    blurhash (0.1.7)
    bootstrap (4.6.2)
      autoprefixer-rails (>= 9.1.0)
      popper_js (>= 1.16.1, < 2)
      sassc-rails (>= 2.0.0)
    bootstrap-modal-rails (2.2.5)
      railties (>= 3.1)
    bootstrap-timepicker-rails (0.1.3)
      railties (>= 3.0)
    brock (0.1.5)
    bson (3.2.7)
    builder (3.2.4)
    buttercms-rails (1.2.4)
      buttercms-ruby (~> 2.0.0)
    buttercms-ruby (2.0)
    bychar (3.0.0)
    c32 (0.3.0)
    cairo (1.17.8)
      native-package-installer (>= 1.0.3)
      pkg-config (>= 1.2.2)
      red-colors
    cairo-gobject (4.1.6)
      cairo (>= 1.16.2)
      glib2 (= 4.1.6)
    calendar_helper (0.2.6)
      open4
    capistrano (3.17.3)
      airbrussh (>= 1.0.0)
      i18n
      rake (>= 10.0.0)
      sshkit (>= 1.9.0)
    capistrano-chef (0.0.1)
    capistrano-pending (0.2.0)
      capistrano (>= 3.2.0)
    capistrano-platform-resources (0.1.2)
      capistrano
    capybara (3.39.1)
      addressable
      matrix
      mini_mime (>= 0.1.3)
      nokogiri (~> 1.8)
      rack (>= 1.6.0)
      rack-test (>= 0.6.3)
      regexp_parser (>= 1.5, < 3.0)
      xpath (~> 3.2)
    carthage_cache (0.9.1)
      aws-sdk (~> 2.0)
      commander (~> 4.3)
    catarse_pagarme (3.0.1)
      konduto-ruby (= 2.1.0)
      pagarme (= 2.1.4)
      rails
      sentry-raven
      sidekiq
      weekdays (>= 1.0.2)
    cd (1.0.1)
    celluloid (0.18.0)
      timers (~> 4)
    chargehound (2.5.0)
    chef-handler-profiler (0.0.2)
    chef-utils (18.2.7)
      concurrent-ruby
    childprocess (3.0.0)
    chunky_png (1.4.0)
    clamp (1.3.2)
    classnames-rails (2.1.5)
    clean_pagination (1.0.0)
    climate_control (0.2.0)
    clive (1.2.1)
    clocale (0.0.4)
    cnccs (0.1.6)
    coderay (1.1.3)
    coercible (1.0.0)
      descendants_tracker (~> 0.0.1)
    coffee-rails (5.0.0)
      coffee-script (>= 2.2.0)
      railties (>= 5.2.0)
    coffee-script (2.4.1)
      coffee-script-source
      execjs
    coffee-script-source (1.12.2)
    collapsium (0.10.0)
    collapsium-config (0.7.0)
      collapsium (~> 0.10)
    colorator (1.1.0)
    colored2 (3.1.2)
    colorize (0.8.1)
    colours (0.8.2)
    commander (4.6.0)
      highline (~> 2.0.0)
    compass (1.0.3)
      chunky_png (~> 1.2)
      compass-core (~> 1.0.2)
      compass-import-once (~> 1.0.5)
      rb-fsevent (>= 0.9.3)
      rb-inotify (>= 0.9)
      sass (>= 3.3.13, < 3.5)
    compass-core (1.0.3)
      multi_json (~> 1.0)
      sass (>= 3.3.0, < 3.5)
    compass-import-once (1.0.5)
      sass (>= 3.2, < 3.5)
    complex_config (0.19.4)
      json
      mize (~> 0.3, >= 0.3.4)
      tins
    concurrent-ruby (1.2.2)
    connection_pool (2.4.1)
    console (1.16.2)
      fiber-local
    contextual_exceptions (0.0.2)
    convert_global_env (1.1.4)
    cookiejar (0.3.3)
    cool.io (1.7.1)
    craftbelt (0.0.7)
      nbtfile
    crass (1.0.6)
    cri (2.15.11)
    crono (2.0.1)
      rails (>= 5.2.8)
      sprockets-rails
    csv-mapper (0.5.1)
      fastercsv
    cucumber-gherkin (14.2.0)
      cucumber-messages (~> 12.4, >= 12.4.0)
    cucumber-messages (12.4.0)
      protobuf-cucumber (~> 3.10, >= 3.10.8)
    currency-in-words (0.1.3)
      actionpack (>= 3.1)
      activesupport (>= 3.1)
    daemons (1.4.1)
    data_magic (1.2)
      faker (>= 1.1.2)
      yml_reader (>= 0.6)
    data_objects (0.10.17)
      addressable (~> 2.1)
    data_uri (0.1.0)
    database_plumber (1.1.0)
      activerecord
      highline
      rspec
    date (3.3.3)
    declarative (0.0.20)
    deep_merge (1.2.2)
    descendants_tracker (0.0.4)
      thread_safe (~> 0.3, >= 0.3.1)
    devise (4.9.2)
      bcrypt (~> 3.0)
      orm_adapter (~> 0.1)
      railties (>= 4.1.0)
      responders
      warden (~> 1.2.3)
    dicks (0.03)
    diff-lcs (1.5.0)
    dir-to-xml (1.2.2)
      dxlite (~> 0.6, >= 0.6.0)
    dm-core (1.2.1)
      addressable (~> 2.3)
    dm-timestamps (1.2.0)
      dm-core (~> 1.2.0)
    dm-types (0.10.0)
    dm-validations (1.2.0)
      dm-core (~> 1.2.0)
    do_sqlite3 (0.10.17)
      data_objects (= 0.10.17)
    doc_raptor (0.5.0)
      httparty (>= 0.7.0)
    docile (1.4.0)
    docker-api (2.2.0)
      excon (>= 0.47.0)
      multi_json
    domain_name (0.5.20190701)
      unf (>= 0.0.5, < 1.0.0)
    dpl (1.10.16)
    dpl-firebase (1.10.16)
      dpl (= 1.10.16)
    drb_fileclient (0.8.1)
      dir-to-xml (~> 1.2, >= 1.2.1)
      drb_fileclient-readwrite (~> 0.1, >= 0.1.5)
      zip (~> 2.0, >= 2.0.2)
    drb_fileclient-reader (0.2.0)
      c32 (~> 0.3, >= 0.3.0)
    drb_fileclient-readwrite (0.1.8)
      drb_fileclient-reader (~> 0.1, >= 0.1.6)
    drb_reg_client (0.2.0)
      rexle (~> 1.5, >= 1.5.8)
    dry-configurable (0.16.1)
      dry-core (~> 0.6)
      zeitwerk (~> 2.6)
    dry-container (0.11.0)
      concurrent-ruby (~> 1.0)
    dry-core (0.9.1)
      concurrent-ruby (~> 1.0)
      zeitwerk (~> 2.6)
    dry-equalizer (0.3.0)
    dry-logic (0.2.2)
      dry-container (~> 0.2, >= 0.2.6)
      dry-equalizer (~> 0.2)
    dry-types (0.7.1)
      concurrent-ruby (~> 1.0)
      dry-configurable (~> 0.1)
      dry-container (~> 0.3)
      dry-equalizer (~> 0.2)
      dry-logic (~> 0.2, >= 0.2.0)
      inflecto (~> 0.0.0, >= 0.0.2)
      kleisli (~> 0.2)
    dry-validation (0.7.4)
      concurrent-ruby (~> 1.0)
      dry-configurable (~> 0.1, >= 0.1.3)
      dry-container (~> 0.2, >= 0.2.8)
      dry-equalizer (~> 0.2)
      dry-logic (~> 0.2, >= 0.2.2)
      dry-types (~> 0.6, >= 0.6.0)
    drydock (0.6.9)
    dryml (2.2.0)
      actionpack
      hobo_support (= 2.2.0)
    dxlite (0.6.1)
      recordx (~> 0.5, >= 0.5.5)
    dynarex (1.9.4)
      dynarex-import (~> 0.2, >= 0.2.2)
      dynarex-xslt (~> 0.1, >= 0.1.7)
      kvx (~> 1.0, >= 1.0.1)
      recordx (~> 0.5, >= 0.5.5)
      rexle-builder (~> 1.0, >= 1.0.3)
      rexslt (~> 0.7, >= 0.7.0)
      rowx (~> 0.8, >= 0.8.0)
      rxraw-lineparser (~> 0.2, >= 0.2.0)
      table-formatter (~> 0.7, >= 0.7.1)
    dynarex-import (0.2.2)
      rexslt
    dynarex-xslt (0.1.7)
    ebnf (2.3.2)
      htmlentities (~> 4.3)
      rdf (~> 3.2)
      scanf (~> 1.0)
      sxp (~> 1.2)
      unicode-types (~> 1.8)
    ed25519 (1.3.0)
    effective_bootstrap (1.14.4)
      bootstrap (< 5)
      coffee-rails
      effective_resources
      haml
      inline_svg
      jquery-rails
      rails (>= 4.0.0)
      sassc
    effective_resources (2.7.12)
      rails (>= 4.0.0)
    em-eventsource (0.3.2)
      em-http-request (~> 1.0)
      eventmachine (~> 1.0)
    em-http-request (1.1.7)
      addressable (>= 2.3.4)
      cookiejar (!= 0.3.1)
      em-socksify (>= 0.3)
      eventmachine (>= 1.0.3)
      http_parser.rb (>= 0.6.0)
    em-socksify (0.3.2)
      eventmachine (>= 1.0.0.beta.4)
    em-websocket (0.5.3)
      eventmachine (>= 0.12.9)
      http_parser.rb (~> 0)
    ember-data-source (2.18.3)
      ember-source (>= 2, < 3.0)
    ember-source (2.18.2)
    embulk-input-s3 (0.3.5)
    embulk-output-redshift (0.8.7)
    enumerize (2.6.1)
      activesupport (>= 3.2)
    equalizer (0.0.11)
    erb_lint (0.4.0)
      activesupport
      better_html (>= 2.0.1)
      parser (>= 2.7.1.4)
      rainbow
      rubocop
      smart_properties
    erector (0.10.0)
      treetop (>= 1.2.3)
    erubi (1.12.0)
    ethon (0.16.0)
      ffi (>= 1.15.0)
    eventmachine (1.2.7)
    every_day_irb (2.2.0)
      cd (~> 1.0)
    excon (0.99.0)
    execjs (2.8.1)
    exonio (0.6.1)
    extracter (1.2.23)
      opn
    facter (4.4.0)
      hocon (~> 1.3)
      thor (>= 1.0.1, < 2.0)
    facterdb (1.21.0)
      facter (< 5.0.0)
      jgrep
    faker (3.2.0)
      i18n (>= 1.8.11, < 2)
    faraday (1.10.3)
      faraday-em_http (~> 1.0)
      faraday-em_synchrony (~> 1.0)
      faraday-excon (~> 1.1)
      faraday-httpclient (~> 1.0)
      faraday-multipart (~> 1.0)
      faraday-net_http (~> 1.0)
      faraday-net_http_persistent (~> 1.0)
      faraday-patron (~> 1.0)
      faraday-rack (~> 1.0)
      faraday-retry (~> 1.0)
      ruby2_keywords (>= 0.0.4)
    faraday-em_http (1.0.0)
    faraday-em_synchrony (1.0.0)
    faraday-excon (1.1.0)
    faraday-httpclient (1.0.1)
    faraday-multipart (1.0.4)
      multipart-post (~> 2)
    faraday-net_http (1.0.1)
    faraday-net_http_persistent (1.2.0)
    faraday-patron (1.0.0)
    faraday-rack (1.0.0)
    faraday-retry (1.0.3)
    faraday-tracer (0.7.0)
      opentracing
    faraday_middleware (1.2.0)
      faraday (~> 1.0)
    fast_gettext (2.3.0)
    fastercsv (1.5.5)
    fcntl (1.0.2)
    fear (2.0.0)
    ffi (1.15.5)
    ffi-bit_masks (0.1.1)
      ffi (~> 1.0)
    ffi-coremidi (0.5.1)
      ffi (~> 1.15, >= 1.15.5)
    ffi-rzmq (2.0.7)
      ffi-rzmq-core (>= 1.0.7)
    ffi-rzmq-core (1.0.7)
      ffi
    fiber-local (1.0.0)
    fiddle (1.1.1)
    fixed_width-multibyte (0.2.3)
      activesupport
    flame_channel_parser (4.1.1)
      framecurve (~> 2)
      update_hints (~> 1.0)
    flapjack (0.4.10)
      beanstalk-client (>= 1.0.2)
      daemons (>= 1.0.10)
      data_objects (>= 0.9.12)
      dm-core (>= 0.9.11)
      dm-timestamps (>= 0.9.11)
      dm-types (>= 0.9.11)
      dm-validations (>= 0.9.11)
      do_sqlite3 (>= 0.9.12)
      log4r (>= 1.0.5)
      mailfactory (>= 1.4.0)
      xmpp4r-simple (>= 0.8.8)
    fluent-plugin-azure-storage-append-blob (0.2.1)
      azure-storage-blob (~> 2.0)
      fluentd (>= 0.14.10, < 2)
    fluent-plugin-buffer-lightening (0.0.2)
      fluentd (>= 0.10.42)
    fluent-plugin-redis-store (0.2.0)
      fluentd (>= 0.14.15, < 2)
      redis
    fluentd (1.16.1)
      bundler
      cool.io (>= 1.4.5, < 2.0.0)
      http_parser.rb (>= 0.5.1, < 0.9.0)
      msgpack (>= 1.3.1, < 2.0.0)
      serverengine (>= 2.3.2, < 3.0.0)
      sigdump (~> 0.2.2)
      strptime (>= 0.2.4, < 1.0.0)
      tzinfo (>= 1.0, < 3.0)
      tzinfo-data (~> 1.0)
      webrick (~> 1.4)
      yajl-ruby (~> 1.0)
    fluiddb (0.1.19)
    formatador (1.1.0)
    forwardable (1.3.3)
    forwardable-extended (2.6.0)
    foundation_rails_helper (4.0.1)
      actionpack (>= 4.1, < 7.1)
      activemodel (>= 4.1, < 7.1)
      activesupport (>= 4.1, < 7.1)
      railties (>= 4.1, < 7.1)
    framecurve (2.2.3)
    fridge (0.2.2)
      gem_config
      jwt
    gb-agencies (0.0.7)
    gc_stats (1.0.0)
    gdk3 (4.1.6)
      cairo-gobject (= 4.1.6)
      gdk_pixbuf2 (= 4.1.6)
      pango (= 4.1.6)
    gdk_pixbuf2 (4.1.6)
      gio2 (= 4.1.6)
    gem_config (0.3.2)
    get_pomo (1.0.0)
    gettext (3.4.3)
      erubi
      locale (>= 2.0.5)
      prime
      text (>= 1.3.0)
    gettext-setup (1.1.0)
      fast_gettext (~> 2.1)
      gettext (~> 3.4)
      locale
    gio2 (4.1.6)
      fiddle
      gobject-introspection (= 4.1.6)
    gir_ffi (0.16.0)
      ffi (~> 1.8)
      ffi-bit_masks (~> 0.1.1)
    git_remote_branch (0.3.8)
    gitlab (4.19.0)
      httparty (~> 0.20)
      terminal-table (>= 1.5.1)
    glib-web (0.0.4)
    glib2 (4.1.6)
      native-package-installer (>= 1.0.3)
      pkg-config (>= 1.3.5)
    glob (0.4.0)
    globalid (1.1.0)
      activesupport (>= 5.0)
    glyphicons (1.0.2)
    gobject-introspection (4.1.6)
      glib2 (= 4.1.6)
    google-apis-admin_directory_v1 (0.43.0)
      google-apis-core (>= 0.11.0, < 2.a)
    google-apis-core (0.11.0)
      addressable (~> 2.5, >= 2.5.1)
      googleauth (>= 0.16.2, < 2.a)
      httpclient (>= 2.8.1, < 3.a)
      mini_mime (~> 1.0)
      representable (~> 3.0)
      retriable (>= 2.0, < 4.a)
      rexml
      webrick
    google-protobuf (3.23.2-arm64-darwin)
    googleauth (1.5.2)
      faraday (>= 0.17.3, < 3.a)
      jwt (>= 1.4, < 3.0)
      memoist (~> 0.16)
      multi_json (~> 1.11)
      os (>= 0.9, < 2.0)
      signet (>= 0.16, < 2.a)
    govuk-lint (4.3.0)
      rubocop (~> 0.76)
      rubocop-rails (~> 2)
      rubocop-rspec (~> 1.28)
      scss_lint
    gpd-request (0.3.0)
    gqtp (1.0.7)
    graticule (2.7.2)
      activesupport
      i18n
      nokogiri-happymapper (>= 0.5.9)
    grocer (0.7.1)
    gssapi (1.3.1)
      ffi (>= 1.0.1)
    gtk3 (4.1.6)
      atk (= 4.1.6)
      gdk3 (= 4.1.6)
    guard (2.18.0)
      formatador (>= 0.2.4)
      listen (>= 2.7, < 4.0)
      lumberjack (>= 1.0.12, < 2.0)
      nenv (~> 0.1)
      notiffany (~> 0.0)
      pry (>= 0.13.0)
      shellany (~> 0.0)
      thor (>= 0.18.1)
    guard-sass (1.6.1)
      guard (>= 2.8.0)
      sass (>= 3.1)
    gyoku (1.4.0)
      builder (>= 2.1.2)
      rexml (~> 3.0)
    haml (6.1.1)
      temple (>= 0.8.2)
      thor
      tilt
    hanami-model (0.0.0)
    has_barcode (0.2.3)
      activesupport (>= 3)
      barby
      i18n
      rake
    hash_digest (1.1.3)
      murmurhash3
    hashie (3.6.0)
    headless (2.3.1)
    hiera (3.12.0)
    hiera-vault (0.2.2)
      vault (~> 0.4)
    highline (2.0.3)
    historyjs-rails (1.0.1)
      railties (>= 3.0)
    hive_geoip2 (0.1.2)
    hobo (2.2.0)
      dryml (= 2.2.0)
      hobo_fields (= 2.2.0)
      hobo_support (= 2.2.0)
      hobo_will_paginate
    hobo_fields (2.2.0)
      hobo_support (= 2.2.0)
    hobo_support (2.2.0)
      rails
    hobo_will_paginate (2.1.1)
    hocon (1.4.0)
    html-pipeline (2.14.3)
      activesupport (>= 2)
      nokogiri (>= 1.4)
    htmlentities (4.3.4)
    http-accept (2.2.0)
    http-cookie (1.0.5)
      domain_name (~> 0.5)
    http_parser.rb (0.8.0)
    http_signatures (1.1.0)
    httparty (0.21.0)
      mini_mime (>= 1.0.0)
      multi_xml (>= 0.5.2)
    httpclient (2.8.3)
    httpi (3.0.1)
      rack
    i18n (1.13.0)
      concurrent-ruby (~> 1.0)
    ibanizator (0.4.15)
      adamantium (~> 0.2.0)
      equalizer (~> 0.0.11)
    ice_nine (0.11.2)
    in-parallel (0.1.17)
    inflecto (0.0.2)
    influxdb (0.8.1)
    influxdb-rails (1.0.3)
      influxdb (~> 0.6, >= 0.6.4)
      railties (>= 5.0)
    infobar (0.7.0)
      complex_config (~> 0.10)
      more_math
      term-ansicolor (~> 1.4)
      tins (~> 1.0, >= 1.28.0)
    inifile (3.0.0)
    inline_svg (1.9.0)
      activesupport (>= 3.0)
      nokogiri (>= 1.6)
    io-console (0.6.0)
    ionicons-rails (2.0.0)
    irb (1.6.4)
      reline (>= 0.3.0)
    iruby (0.7.4)
      data_uri (~> 0.1)
      ffi-rzmq
      irb
      mime-types (>= 3.3.1)
      multi_json (~> 1.11)
      native-package-installer
    isoics (0.1.11)
    j2119 (0.4.0)
      json
    jar-dependencies (0.4.1)
    jbundler (0.9.4)
      bundler (> 1.5, < 3.0.0)
      jar-dependencies (~> 0.3)
      maven-tools (~> 1.1)
      ruby-maven (~> 3.3, >= 3.3.8)
    jdbc-derby (10.12.1.1)
    jdbc-hsqldb (2.4.1)
    jekyll (4.3.2)
      addressable (~> 2.4)
      colorator (~> 1.0)
      em-websocket (~> 0.5)
      i18n (~> 1.0)
      jekyll-sass-converter (>= 2.0, < 4.0)
      jekyll-watch (~> 2.0)
      kramdown (~> 2.3, >= 2.3.1)
      kramdown-parser-gfm (~> 1.0)
      liquid (~> 4.0)
      mercenary (>= 0.3.6, < 0.5)
      pathutil (~> 0.9)
      rouge (>= 3.0, < 5.0)
      safe_yaml (~> 1.0)
      terminal-table (>= 1.8, < 4.0)
      webrick (~> 1.7)
    jekyll-sass-converter (3.0.0)
      sass-embedded (~> 1.54)
    jekyll-twitter-plugin (2.1.0)
    jekyll-watch (2.2.1)
      listen (~> 3.0)
    jgrep (1.5.4)
    jipcode (2.0.41)
    jmespath (1.6.2)
    jnunemaker-validatable (1.8.4)
      activesupport (>= 2.3.4)
    jquery-rails (4.5.1)
      rails-dom-testing (>= 1, < 3)
      railties (>= 4.2.0)
      thor (>= 0.14, < 2.0)
    jsmin (1.0.1)
    json (2.6.3)
    json-minify (0.0.3)
      json (> 0)
    json-schema (3.0.0)
      addressable (>= 2.8)
    json_translate (4.0.1)
      activerecord (>= 4.2.0)
    jsonapi-renderer (0.2.2)
    jsonapi-serializable (0.3.1)
      jsonapi-renderer (~> 0.2.0)
    jsonapi_errorable (0.9.4)
      jsonapi-serializable (~> 0.1)
    jwt (2.2.3)
    kafo (7.0.0)
      ansi
      clamp (>= 1.3.1, < 2)
      highline (>= 1.6.21, < 3.0)
      kafo_parsers (>= 0.1.6)
      kafo_wizards
      logging (< 3.0.0)
      powerbar
    kafo_parsers (1.2.1)
      json
      rdoc (>= 3.9.0)
    kafo_wizards (0.0.2)
      highline (< 3)
    kaminari (1.2.2)
      activesupport (>= 4.1.0)
      kaminari-actionview (= 1.2.2)
      kaminari-activerecord (= 1.2.2)
      kaminari-core (= 1.2.2)
    kaminari-actionview (1.2.2)
      actionview
      kaminari-core (= 1.2.2)
    kaminari-activerecord (1.2.2)
      activerecord
      kaminari-core (= 1.2.2)
    kaminari-core (1.2.2)
    kitchen-verifier-serverspec (0.7.2)
      net-ssh (>= 3)
      test-kitchen (>= 1.4)
    kleisli (0.2.7)
    konduto-ruby (2.1.0)
    kontena-cli (0.14.2)
      clamp
      colorize
      dry-logic (= 0.2.2)
      dry-validation (= 0.7.4)
      excon
      highline
      ruby_dig
      shell-spinner
    kramdown (2.4.0)
      rexml
    kramdown-parser-gfm (1.1.0)
      kramdown (~> 2.0)
    kvx (1.0.1)
      line-tree (~> 0.9, >= 0.9.3)
      rxfhelper (~> 1.1, >= 1.1.3)
    ld-patch (3.2.0)
      ebnf (~> 2.2)
      rdf (~> 3.2)
      rdf-xsd (~> 3.2)
      sparql (~> 3.2)
      sxp (~> 1.2)
    license-acceptance (2.1.13)
      pastel (~> 0.7)
      tomlrb (>= 1.2, < 3.0)
      tty-box (~> 0.6)
      tty-prompt (~> 0.20)
    line-tree (0.9.4)
      rexle (~> 1.5, >= 1.5.14)
    link_header (0.0.8)
    liquid (4.0.4)
    listen (3.8.0)
      rb-fsevent (~> 0.10, >= 0.10.3)
      rb-inotify (~> 0.9, >= 0.9.10)
    litecable (0.8.0)
      anyway_config (>= 1.0)
    little-plugger (1.1.4)
    locale (2.1.3)
    localhost (1.1.10)
    lockdown (2.0.7)
    log4r (1.1.10)
    logger (1.5.3)
    logging (2.3.1)
      little-plugger (~> 1.1)
      multi_json (~> 1.14)
    loofah (2.21.3)
      crass (~> 1.0.2)
      nokogiri (>= 1.12.0)
    lookup_by (0.12.0)
      activerecord (>= 6.0.0)
    luhn-ruby (1.0.0)
    lumberjack (1.2.8)
    mail (2.8.1)
      mini_mime (>= 0.1.1)
      net-imap
      net-pop
      net-smtp
    mailfactory (1.4.0)
      mime-types (>= 1.13.1)
    make_resourceful (1.0.2)
    mapping (1.1.1)
    marcel (1.0.2)
    mario-redis-lock (1.2.1)
      redis (>= 3.0.5)
    maskmoney-rails (3.0.2.0)
    masonry-rails (0.2.4)
      railties
    master_lock (0.11.1)
      redis (>= 3.0, < 5)
    matrix (0.4.2)
    maven-tools (1.1.7)
      virtus (~> 1.0)
    mbsy (1.1.3)
      httparty (>= 0.8.3)
      json (>= 1.7.3)
    memoist (0.16.2)
    memoizable (0.4.2)
      thread_safe (~> 0.3, >= 0.3.1)
    mercenary (0.4.0)
    meta_programming (0.2.2)
    method_source (1.0.0)
    middleware (0.1.0)
    midi-jruby (0.2.0)
    midi-winmm (0.1.10)
      ffi (>= 1.0)
    mime-types (3.4.1)
      mime-types-data (~> 3.2015)
    mime-types-data (3.2023.0218.1)
    mimemagic (0.3.10)
      nokogiri (~> 1)
      rake
    mini_backtrace (0.1.3)
      minitest (> 1.2.0)
      rails (>= 2.3.3)
    mini_mime (1.1.2)
    minimal-mistakes-jekyll (4.0.1)
    minitar (0.9)
    minitest (5.18.0)
    mixlib-install (3.12.27)
      mixlib-shellout
      mixlib-versioning
      thor
    mixlib-shellout (3.2.7)
      chef-utils
    mixlib-versioning (1.2.12)
    mize (0.4.1)
      protocol (~> 2.0)
    mocha (1.16.1)
    mogli (0.0.28)
      httparty (>= 0.4.3)
    mongo (1.3.1)
      bson (>= 1.3.1)
    mongo_mapper-unstable (2010.08.19)
      activesupport (>= 2.3.4)
      jnunemaker-validatable (~> 1.8.4)
      plucky (~> 0.3.4)
    mongoid (4.0.0.beta2)
      activemodel (>= 4.0.0)
      moped (~> 2.0.beta6)
      origin (~> 2.1)
      tzinfo (>= 0.3.37)
    mongoid-observers (0.1.1)
      mongoid (>= 4.0.0.beta1)
      rails-observers (~> 0.1.2)
    mongoid_slug (4.0.0)
      mongoid (>= 3.0)
      stringex (~> 2.0)
    moped (2.0.7)
      bson (~> 3.0)
      connection_pool (~> 2.0)
      optionable (~> 0.2.0)
    more_math (1.0.1)
      mize
      tins (~> 1.0)
    msgpack (1.7.1)
    multi_json (1.15.0)
    multi_xml (0.6.0)
    multipart-post (2.0.0)
    multiparty (0.2.0)
      mime-types
    murmurhash3 (0.1.7)
    mustermann (2.0.2)
      ruby2_keywords (~> 0.0.1)
    mux_ruby (3.9.0)
      typhoeus (~> 1.0, >= 1.0.1)
    mymedia_ftp (0.3.3)
    mysql2 (0.5.5)
    narou (1.4.1.1)
      termcolor (>= 1.2.2)
    native-package-installer (1.1.5)
    naturalsort (1.2.0)
    nbtfile (0.2.0)
    nenv (0.3.0)
    net-http-persistent (4.0.2)
      connection_pool (~> 2.2)
    net-imap (0.3.4)
      date
      net-protocol
    net-pop (0.1.2)
      net-protocol
    net-protocol (0.2.1)
      timeout
    net-scp (4.0.0)
      net-ssh (>= 2.6.5, < 8.0.0)
    net-smtp (0.3.3)
      net-protocol
    net-ssh (7.1.0)
    net-ssh-gateway (2.0.0)
      net-ssh (>= 4.0.0)
    net-telnet (0.1.1)
    nethttp-instrumentation (0.1.3)
      opentracing (~> 0.3)
    netrc (0.11.0)
    nio4r (2.5.9)
    nitlink (1.1.0)
    nokogiri (1.15.2-arm64-darwin)
      racc (~> 1.4)
    nokogiri-happymapper (0.9.0)
      nokogiri (~> 1.5)
    nori (2.6.0)
    notiffany (0.1.3)
      nenv (~> 0.1)
      shellany (~> 0.0)
    oauth2 (2.0.9)
      faraday (>= 0.17.3, < 3.0)
      jwt (>= 1.0, < 3.0)
      multi_xml (~> 0.5)
      rack (>= 1.2, < 4)
      snaky_hash (~> 2.0)
      version_gem (~> 1.1)
    obuf (1.2.1)
    octokit (6.1.1)
      faraday (>= 1, < 3)
      sawyer (~> 0.9)
    oga (3.4)
      ast
      ruby-ll (~> 2.1)
    oj (3.14.3)
    omniauth (2.1.1)
      hashie (>= 3.4.6)
      rack (>= 2.2.3)
      rack-protection
    omniauth-oauth2 (1.8.0)
      oauth2 (>= 1.4, < 3)
      omniauth (~> 2.0)
    onlyoffice_documentserver_testing_framework (0.7.0)
      onlyoffice_logger_helper (~> 1)
      onlyoffice_webdriver_wrapper (~> 0)
    onlyoffice_file_helper (0.5.0)
      onlyoffice_logger_helper (~> 1)
      rubyzip (~> 2)
    onlyoffice_logger_helper (1.3.0)
    onlyoffice_s3_wrapper (0.1.1)
      aws-sdk (~> 2.0)
      onlyoffice_file_helper (~> 0.1)
    onlyoffice_webdriver_wrapper (0.20.0)
      headless (~> 2)
      onlyoffice_file_helper (~> 0)
      onlyoffice_logger_helper (~> 1)
      onlyoffice_s3_wrapper (~> 0)
      page-object (~> 2)
      selenium-webdriver (~> 3)
      watir (~> 6)
    open4 (1.3.4)
    open_exchange_rates (0.6.1)
    opentracing (0.5.0)
    opn (1.0.59)
    optionable (0.2.0)
    origin (2.3.1)
    orm_adapter (0.5.0)
    os (1.1.4)
    pagarme (2.1.4)
      multi_json
      rest-client
    page-object (2.3.1)
      page_navigation (>= 0.10)
      watir (>= 6.10.3)
    page_navigation (0.10)
      data_magic (>= 0.22)
    pager (1.0.1)
    pager_api (0.3.2)
    pango (4.1.6)
      cairo-gobject (= 4.1.6)
      gobject-introspection (= 4.1.6)
    paperclip (6.1.0)
      activemodel (>= 4.2.0)
      activesupport (>= 4.2.0)
      mime-types
      mimemagic (~> 0.3.0)
      terrapin (~> 0.6.0)
    paperclip-ffmpeg (1.2.0)
      paperclip (>= 2.5.2)
      rails
    parallel (1.23.0)
    parallel_tests (2.24.0)
      parallel
    parse-cron (0.1.4)
    parser (3.2.2.1)
      ast (~> 2.4.1)
    parslet (1.8.0)
    passbook (0.4.4)
      commander
      grocer
      rubyzip (>= 1.0.0)
      terminal-table
    pastel (0.8.0)
      tty-color (~> 0.5)
    pathspec (1.0.0)
    pathutil (0.16.2)
      forwardable-extended (~> 2.6)
    pdd (0.23.1)
      nokogiri (~> 1.10)
      rainbow (~> 3.0)
      ruby-filemagic (~> 0.7.2)
      slop (~> 4.6)
    pdfjs_viewer-rails (0.3.2)
      json (> 1.8.4)
      rails (> 4.2.0)
      sassc-rails (>= 2.1)
    phantomjs_polyfill-rails (1.0.0)
    piwik_analytics (1.0.2)
      actionpack
      activesupport
      rails (>= 3.0.0)
    pkg-config (1.5.1)
    plucky (0.3.8)
      mongo (~> 1.3)
    polyglot (0.3.5)
    polyrex (1.3.6)
      dynarex (~> 1.9, >= 1.9.1)
      polyrex-object-methods (~> 0.2, >= 0.2.2)
      polyrex-objects (~> 1.0, >= 1.0.3)
      recordx-xslt (~> 0.2, >= 0.2.2)
    polyrex-createobject (0.8.0)
      polyrex-schema (~> 0.5, >= 0.5.1)
    polyrex-object-methods (0.2.2)
    polyrex-objects (1.0.3)
      polyrex-createobject (~> 0.8, >= 0.8.0)
    polyrex-schema (0.5.3)
      rexle (~> 1.5, >= 1.5.7)
      rexle-builder (~> 1.0, >= 1.0.2)
    popper_js (1.16.1)
    postageapp (1.4.2)
      mail (~> 2.4)
    postcodes_io (0.4.0)
      excon (~> 0.39)
    powerbar (2.0.1)
      hashie (>= 1.1.0)
    predicated (0.2.6)
    prime (0.1.2)
      forwardable
      singleton
    printnode (1.0.7)
    process_runner (0.0.4)
    program_information (1.2.3)
      colours
      remove_file_suffix
    progressbar (0.10.0)
    progressive_io (1.0.0)
    prometheus-api-client (0.6.2)
      faraday (>= 0.9, < 2.0.0)
    pronto (0.11.1)
      gitlab (>= 4.4.0, < 5.0)
      httparty (>= 0.13.7, < 1.0)
      octokit (>= 4.7.0, < 7.0)
      rainbow (>= 2.2, < 4.0)
      rexml (>= 3.2.5, < 4.0)
      rugged (>= 0.23.0, < 2.0)
      thor (>= 0.20.3, < 2.0)
    pronto-erb_lint (0.1.6)
      erb_lint (~> 0.1, >= 0.1.1)
      pronto (~> 0.9, > 0.9.0)
    protobuf-cucumber (3.10.8)
      activesupport (>= 3.2)
      middleware
      thor
      thread_safe
    protocol (2.0.0)
      ruby_parser (~> 3.0)
    pry (0.14.2)
      coderay (~> 1.1)
      method_source (~> 1.0)
    pry-sorbet (0.2.1)
      pry
    pstree (0.3.0)
    psych (5.1.0)
      stringio
    ptools (1.5.0)
    public_suffix (5.0.1)
    puma (6.2.2)
      nio4r (~> 2.0)
    puma-rails (0.0.2)
      puma
      rack
    puppet (7.21.0-universal-darwin)
      CFPropertyList (~> 2.2)
      concurrent-ruby (~> 1.0)
      deep_merge (~> 1.0)
      facter (> 2.0.1, < 5)
      fast_gettext (>= 1.1, < 3)
      hiera (>= 3.2.1, < 4)
      locale (~> 2.1)
      multi_json (~> 1.10)
      puppet-resource_api (~> 1.5)
      scanf (~> 1.0)
      semantic_puppet (~> 1.0)
    puppet-blacksmith (3.3.1)
      puppet (>= 2.7.16)
      rest-client
    puppet-lint (2.5.2)
    puppet-lint-anchor-check (1.1.0)
      puppet-lint (>= 1.1, < 4)
    puppet-lint-no_symbolic_file_modes-check (1.0.2)
      puppet-lint (>= 1.1, < 3.0)
    puppet-lint-optional_default-check (1.1.0)
      puppet-lint (>= 2.1, < 4)
    puppet-lint-topscope-variable-check (1.2.0)
      puppet-lint (>= 2.0, < 4)
    puppet-resource_api (1.8.14)
      hocon (>= 1.0)
    puppet-syntax (3.3.0)
      puppet (>= 5)
      rake
    puppet_forge (3.2.0)
      faraday (~> 1.3)
      faraday_middleware (~> 1.0)
      minitar
      semantic_puppet (~> 1.0)
    puppetlabs_spec_helper (4.0.1)
      mocha (~> 1.0)
      pathspec (>= 0.2.1, < 1.1.0)
      puppet-lint (~> 2.0)
      puppet-syntax (>= 2.0, < 4)
      rspec-puppet (~> 2.0)
    pygmentize (0.0.3)
    r10k (3.15.4)
      colored2 (= 3.1.2)
      cri (>= 2.15.10)
      fast_gettext (>= 1.1.0, < 3.0.0)
      gettext (>= 3.0.2, < 4.0.0)
      gettext-setup (>= 0.24, < 2.0.0)
      jwt (~> 2.2.3)
      log4r (= 1.1.10)
      minitar (~> 0.9)
      multi_json (~> 1.10)
      puppet_forge (>= 2.3.0, < 4.0.0)
    racc (1.6.2)
    rack (2.2.7)
    rack-cas (0.16.1)
      addressable (~> 2.3)
      nokogiri (~> 1.5)
      rack (>= 1.3)
    rack-protection (2.2.4)
      rack
    rack-test (2.1.0)
      rack (>= 1.3)
    rails (7.0.5)
      actioncable (= 7.0.5)
      actionmailbox (= 7.0.5)
      actionmailer (= 7.0.5)
      actionpack (= 7.0.5)
      actiontext (= 7.0.5)
      actionview (= 7.0.5)
      activejob (= 7.0.5)
      activemodel (= 7.0.5)
      activerecord (= 7.0.5)
      activestorage (= 7.0.5)
      activesupport (= 7.0.5)
      bundler (>= 1.15.0)
      railties (= 7.0.5)
    rails-dom-testing (2.0.3)
      activesupport (>= 4.2.0)
      nokogiri (>= 1.6)
    rails-html-sanitizer (1.6.0)
      loofah (~> 2.21)
      nokogiri (~> 1.14)
    rails-observers (0.1.5)
      activemodel (>= 4.0)
    rails_cookie_overflow (1.0.1)
      rails (>= 4.2)
    rails_db_dump_restore (1.0.0)
    railties (7.0.5)
      actionpack (= 7.0.5)
      activesupport (= 7.0.5)
      method_source
      rake (>= 12.2)
      thor (~> 1.0)
      zeitwerk (~> 2.5)
    rainbow (3.1.1)
    rake (12.3.3)
    rake-compiler (0.9.9)
      rake
    rake-performance (0.1.0)
    randexp (0.1.7)
    rb-fsevent (0.11.2)
    rb-inotify (0.10.1)
      ffi (~> 1.0)
    rbt (0.10.215)
      ascii_paradise
      colours
      convert_global_env
      opn
      program_information
      repackage
      symlink
      xorg_buffer
    rdf (3.2.10)
      link_header (~> 0.0, >= 0.0.8)
    rdf-aggregate-repo (3.2.1)
      rdf (~> 3.2)
    rdf-xsd (3.2.1)
      rdf (~> 3.2)
      rexml (~> 3.2)
    rdiscount (2.2.7)
    rdoc (6.5.0)
      psych (>= 4.0.0)
    recordx (0.5.5)
      rexle (~> 1.5, >= 1.5.6)
    recordx-xslt (0.2.2)
      c32 (~> 0.2, >= 0.2.0)
    red-colors (0.3.0)
      matrix
    redis (4.8.1)
    redis-client (0.14.1)
      connection_pool
    redis-reconnect_with_readonly (1.0.0)
      redis (>= 3.3.0)
    redphone (0.0.6)
      json
    regexp_parser (2.8.0)
    relaton (0.6.3)
      relaton-calconnect (~> 0.2.0)
      relaton-gb (~> 0.7.0)
      relaton-iec (~> 0.5.0)
      relaton-ietf (~> 0.7.0)
      relaton-iso (~> 0.7.0)
      relaton-itu (~> 0.4.0)
      relaton-nist (~> 0.4.0)
      relaton-ogc (~> 0.2.0)
    relaton-bib (0.4.1)
      addressable
      nokogiri
    relaton-calconnect (0.2.1)
      faraday
      relaton-iso-bib (~> 0.4.0)
    relaton-gb (0.7.1)
      cnccs (~> 0.1.1)
      gb-agencies (~> 0.0.1)
      relaton-iso-bib (~> 0.4.0)
    relaton-iec (0.5.1)
      addressable
      relaton-iso-bib (~> 0.4.0)
    relaton-ietf (0.7.3)
      relaton-bib (~> 0.4.0)
    relaton-iso (0.7.1)
      relaton-iec (~> 0.5.0)
      relaton-iso-bib (~> 0.4.0)
    relaton-iso-bib (0.4.1)
      isoics (~> 0.1.6)
      relaton-bib (~> 0.4.0)
      ruby_deep_clone (~> 0.8.0)
    relaton-itu (0.4.1)
      relaton-iso-bib (~> 0.4.0)
    relaton-nist (0.4.1)
      relaton-bib (~> 0.4.0)
      rubyzip
    relaton-ogc (0.2.1)
      faraday
      relaton-iso-bib (~> 0.4.0)
    reline (0.3.4)
      io-console (~> 0.5)
    remote_dwsregistry (0.4.1)
      gpd-request (~> 0.3, >= 0.3.0)
      requestor (~> 0.2, >= 0.2.1)
      rexle (~> 1.4, >= 1.4.13)
    remote_table (3.3.3)
      activesupport (>= 2.3.4)
      fastercsv (>= 1.5.0)
      fixed_width-multibyte (>= 0.2.3)
      hash_digest (>= 1.1.3)
      i18n
      roo (>= 1.11)
      unix_utils (>= 0.0.8)
    remove_file_suffix (1.0.7)
    repackage (1.1.8)
      extracter
    representable (3.2.0)
      declarative (< 0.1.0)
      trailblazer-option (>= 0.1.1, < 0.2.0)
      uber (< 0.2.0)
    requestor (0.4.1)
    require_all (3.0.0)
    require_relative (1.0.3)
    requisite (0.4.2)
      actionpack (>= 4.2.0)
    rescue_registry (1.0.0)
      activesupport (>= 5.0)
    responders (3.1.0)
      actionpack (>= 5.2)
      railties (>= 5.2)
    rest-client (2.0.2)
      http-cookie (>= 1.0.2, < 2.0)
      mime-types (>= 1.16, < 4.0)
      netrc (~> 0.8)
    retriable (3.1.2)
    retryable-rb (1.1.0)
    reverse_coverage (0.1.1)
      rspec (~> 3.8)
    rexle (1.6.0)
      backtrack-xpath (~> 0.2, >= 0.2.2)
      c32 (~> 0.3, >= 0.3.0)
      rexle-builder (~> 1.0, >= 1.0.8)
      rexle-css (~> 0.2, >= 0.2.0)
      rexleparser (~> 1.0, >= 1.0.0)
    rexle-builder (1.0.8)
    rexle-css (0.2.0)
    rexleparser (1.0.1)
    rexml (3.2.5)
    rexslt (0.7.0)
      rexle (~> 1.4, >= 1.4.12)
      rxfhelper (~> 1.0, >= 1.0.0)
    rollout (2.5.0)
      redis (~> 4.0)
    rollout-ui (0.5.3)
      rollout (~> 2.5)
      sinatra (~> 2.0)
      sinatra-contrib (~> 2.1)
      slim (>= 3.0, < 5.0)
    roo (2.10.0)
      nokogiri (~> 1)
      rubyzip (>= 1.3.0, < 3.0.0)
    rouge (4.1.1)
    rowx (0.8.0)
      line-tree (~> 0.9, >= 0.9.3)
    rsc (0.5.0)
      rexle (~> 1.5, >= 1.5.14)
    rservicebus (0.1.77)
      beanstalk-client
      fluiddb
      json
      parse-cron
      uuidtools
    rspec (3.12.0)
      rspec-core (~> 3.12.0)
      rspec-expectations (~> 3.12.0)
      rspec-mocks (~> 3.12.0)
    rspec-core (3.12.2)
      rspec-support (~> 3.12.0)
    rspec-expectations (3.12.3)
      diff-lcs (>= 1.2.0, < 2.0)
      rspec-support (~> 3.12.0)
    rspec-its (1.3.0)
      rspec-core (>= 3.0.0)
      rspec-expectations (>= 3.0.0)
    rspec-mocks (3.12.5)
      diff-lcs (>= 1.2.0, < 2.0)
      rspec-support (~> 3.12.0)
    rspec-puppet (2.12.0)
      rspec
    rspec-puppet-facts (2.0.5)
      facter
      facterdb (>= 0.5.0)
      puppet
    rspec-support (3.12.0)
    rspec_candy (0.5.1)
      rspec
      sneaky-save
    rspotify (2.11.1)
      addressable (~> 2.8.0)
      omniauth-oauth2 (>= 1.6)
      rest-client (~> 2.0.2)
    rsync (1.0.9)
    rubocop (0.93.1)
      parallel (~> 1.10)
      parser (>= 2.7.1.5)
      rainbow (>= 2.2.2, < 4.0)
      regexp_parser (>= 1.8)
      rexml
      rubocop-ast (>= 0.6.0)
      ruby-progressbar (~> 1.7)
      unicode-display_width (>= 1.4.0, < 2.0)
    rubocop-ast (1.28.1)
      parser (>= 3.2.1.0)
    rubocop-rails (2.9.1)
      activesupport (>= 4.2.0)
      rack (>= 1.1)
      rubocop (>= 0.90.0, < 2.0)
    rubocop-rspec (1.44.1)
      rubocop (~> 0.87)
      rubocop-ast (>= 0.7.1)
    ruby-filemagic (0.7.3)
    ruby-lint (0.9.1)
      parser (>= 2.0.0)
      racc (>= 1.4.10)
      slop
    ruby-ll (2.1.2)
      ansi
      ast
    ruby-maven (3.3.13)
      ruby-maven-libs (~> 3.3.9)
    ruby-maven-libs (3.3.9)
    ruby-next-core (0.15.3)
    ruby-progressbar (1.13.0)
    ruby2_keywords (0.0.5)
    ruby_deep_clone (0.8.0)
    ruby_dig (0.0.2)
    ruby_parser (3.20.1)
      sexp_processor (~> 4.16)
    ruby_rncryptor (3.0.2)
    rubyntlm (0.6.3)
    rubypress (1.2.2)
      retryable-rb
      xmlrpc
    rubyzip (2.3.2)
    rugged (1.6.3)
    rutabaga (3.1.1)
      rspec (~> 3.0)
      turnip (>= 3.1.0, < 4.4)
    rxfhelper (1.1.4)
      drb_fileclient (~> 0.6, >= 0.6.1)
      drb_reg_client (~> 0.2, >= 0.2.0)
      mymedia_ftp (~> 0.3, >= 0.3.3)
      remote_dwsregistry (~> 0.4, >= 0.4.1)
      rsc (~> 0.4, >= 0.4.5)
    rxraw-lineparser (0.2.0)
    rye (0.9.13)
      annoy
      docile (>= 1.0.1)
      highline (>= 1.5.1)
      net-scp (>= 1.0.2)
      net-ssh (>= 2.0.13)
      sysinfo (>= 0.8.1)
    safe_yaml (1.0.5)
    samovar (2.1.4)
      console (~> 1.0)
      mapping (~> 1.0)
    sass (3.4.25)
    sass-embedded (1.62.1-arm64-darwin)
      google-protobuf (~> 3.21)
    sassc (2.4.0)
      ffi (~> 1.9)
    sassc-rails (2.1.2)
      railties (>= 4.0.0)
      sassc (>= 2.0)
      sprockets (> 3.0)
      sprockets-rails
      tilt
    savon (2.14.0)
      akami (~> 1.2)
      builder (>= 2.1.2)
      gyoku (~> 1.2)
      httpi (>= 2.4.5)
      mail (~> 2.5)
      nokogiri (>= 1.8.1)
      nori (~> 2.4)
      wasabi (~> 3.4)
    sawyer (0.9.2)
      addressable (>= 2.3.5)
      faraday (>= 0.17.3, < 3)
    scallop (0.9.1)
    scanf (1.0.0)
    scout_apm (5.3.5)
      parser
    scss_lint (0.55.0)
      rake (>= 0.9, < 13)
      sass (~> 3.4.20)
    search_ui (0.0.1)
      amatch (~> 0.0)
      term-ansicolor (~> 1.0)
      tins (~> 1.0)
    searchlight (4.1.0)
    selenium-proxy (0.0.2)
      Selenium
    selenium-webdriver (3.142.7)
      childprocess (>= 0.5, < 4.0)
      rubyzip (>= 1.2.2)
    semantic_puppet (1.1.0)
    sensu-transport-snssqs (2.0.4)
      aws-sdk
      eventmachine
      statsd-ruby
    sentry-raven (3.1.2)
      faraday (>= 1.0)
    sequel (5.68.0)
    sequel_polymorphic (0.5.0)
      sequel (>= 4.0.0, < 6)
    server_timing (1.0.2)
      scout_apm
    serverengine (2.3.2)
      sigdump (~> 0.2.2)
    serverspec (2.42.2)
      multi_json
      rspec (~> 3.0)
      rspec-its
      specinfra (~> 2.72)
    sexp_processor (4.17.0)
    sfl (2.3)
    shell-spinner (1.0.4)
      colorize
    shellany (0.0.1)
    shortcode (2.0.0)
      parslet (= 1.8.0)
    should_not (1.1.0)
    sidekiq (7.1.1)
      concurrent-ruby (< 2)
      connection_pool (>= 2.3.0)
      rack (>= 2.2.4)
      redis-client (>= 0.14.0)
    sidekiq-lock (0.6.0)
      redis (>= 3.0.5)
      sidekiq (>= 2.14.0)
    sidekiq-symbols (0.2.0)
      sidekiq
    sigdump (0.2.4)
    signet (0.17.0)
      addressable (~> 2.8)
      faraday (>= 0.17.5, < 3.a)
      jwt (>= 1.5, < 3.0)
      multi_json (~> 1.10)
    simp-beaker-helpers (1.29.0)
      beaker (>= 4.17.0, < 5.0.0)
      beaker-docker (>= 0.8.3, < 2.0.0)
      beaker-puppet (>= 1.18.14, < 2.0.0)
      beaker-rspec (~> 7.1)
      beaker-vagrant (>= 0.6.4, < 2.0.0)
      docker-api (>= 2.1.0, < 3.0.0)
      highline (~> 2.0)
      nokogiri (~> 1.8)
    simp-rake-helpers (5.19.2)
      bundler (>= 1.14, < 3.0)
      pager (~> 1.0)
      parallel (~> 1.0)
      parallel_tests (> 2.4, < 2.25)
      puppet (>= 3.0, < 9.0)
      puppet-blacksmith (~> 3.3)
      puppet-lint (>= 1.0, < 3.0)
      puppet-lint-optional_default-check (>= 1.0, < 2.0)
      puppetlabs_spec_helper (~> 4.0)
      r10k (>= 2.2, < 4.0)
      rake (>= 10.0, < 13.0)
      ruby-progressbar (~> 1.0)
      simp-beaker-helpers (~> 1.24)
      simp-rspec-puppet-facts (>= 2.4.1, < 4.0)
    simp-rspec-puppet-facts (3.6.3)
      facter (>= 2.5.0, < 5.0)
      json (>= 1.0)
      rspec-puppet-facts
    sinatra (2.2.4)
      mustermann (~> 2.0)
      rack (~> 2.2)
      rack-protection (= 2.2.4)
      tilt (~> 2.0)
    sinatra-assetpack (0.3.1)
      jsmin
      rack-test
      sinatra
      tilt (>= 1.3.0)
    sinatra-contrib (2.2.4)
      multi_json
      mustermann (~> 2.0)
      rack-protection (= 2.2.4)
      sinatra (= 2.2.4)
      tilt (~> 2.0)
    singleton (0.1.1)
    sisimai (4.25.16)
      oj (>= 3.0.0)
    slackr (0.0.6)
      multipart-post (~> 2.0.0)
    slim (4.1.0)
      temple (>= 0.7.6, < 0.9)
      tilt (>= 2.0.6, < 2.1)
    slop (4.10.1)
    smart_listing (1.2.3)
      coffee-rails
      jquery-rails
      kaminari (>= 0.17)
      rails (>= 3.2)
    smart_properties (1.17.0)
    snaky_hash (2.0.1)
      hashie
      version_gem (~> 1.1, >= 1.1.1)
    sneaky-save (0.1.3)
      activerecord (>= 3.2.0)
    soft_deletion (1.8.0)
      activerecord (>= 5.0.0, < 7.1)
    solarwinds-itsm-api-definitions (0.2.5)
    sparql (3.2.5)
      builder (~> 3.2)
      ebnf (~> 2.2, >= 2.3.1)
      logger (~> 1.5)
      rdf (~> 3.2, >= 3.2.8)
      rdf-aggregate-repo (~> 3.2)
      rdf-xsd (~> 3.2)
      sparql-client (~> 3.2, >= 3.2.1)
      sxp (~> 1.2, >= 1.2.2)
    sparql-client (3.2.1)
      net-http-persistent (~> 4.0, >= 4.0.1)
      rdf (~> 3.2, >= 3.2.6)
    specinfra (2.85.1)
      net-scp
      net-ssh (>= 2.7)
      net-telnet (= 0.1.1)
      sfl
    sprockets (4.2.0)
      concurrent-ruby (~> 1.0)
      rack (>= 2.2.4, < 4)
    sprockets-rails (3.4.2)
      actionpack (>= 5.2)
      activesupport (>= 5.2)
      sprockets (>= 3.0.0)
    sshkit (1.21.4)
      net-scp (>= 1.1.2)
      net-ssh (>= 2.8.0)
    statesman (8.0.3)
    statsd-ruby (1.5.0)
    storable (0.8.9)
    stringex (2.8.6)
    stringify-hash (0.0.2)
    stringio (3.0.6)
    strings (0.2.1)
      strings-ansi (~> 0.2)
      unicode-display_width (>= 1.5, < 3.0)
      unicode_utils (~> 1.4)
    strings-ansi (0.2.0)
    strptime (0.2.5)
    swagger-diff (2.0.0)
      json-schema (~> 3.0)
      rspec-expectations (~> 3.3)
    sweetalert-rails (1.1.3)
      railties (>= 3.1.0)
    sxp (1.2.4)
      matrix (~> 0.4)
      rdf (~> 3.2)
    symlink (0.0.27)
      colours
      opn
    sync (0.5.0)
    sys-admin (1.8.2)
      ffi (~> 1.1)
    sys-proctable (1.3.0)
      ffi (~> 1.1)
    sysinfo (0.8.1)
      drydock
      storable
    table-formatter (0.7.1)
      c32 (~> 0.2, >= 0.2.0)
      rdiscount (~> 2.2, >= 2.2.0.1)
    task_list (1.0.2)
      html-pipeline
    tax_cloud (0.4.0)
      activesupport (>= 3.0)
      i18n
      savon (>= 2.0)
    temple (0.8.2)
    term-ansicolor (1.7.1)
      tins (~> 1.0)
    termcolor (1.2.2)
      highline (>= 1.5.0)
    terminal-table (3.0.2)
      unicode-display_width (>= 1.1.1, < 3)
    terrapin (0.6.0)
      climate_control (>= 0.0.3, < 1.0)
    terraspace (0.0.0)
    test-kitchen (3.5.0)
      bcrypt_pbkdf (~> 1.0)
      chef-utils (>= 16.4.35)
      ed25519 (~> 1.2)
      license-acceptance (>= 1.0.11, < 3.0)
      mixlib-install (~> 3.6)
      mixlib-shellout (>= 1.2, < 4.0)
      net-scp (>= 1.1, < 5.0)
      net-ssh (>= 2.9, < 8.0)
      net-ssh-gateway (>= 1.2, < 3.0)
      thor (>= 0.19, < 2.0)
      winrm (~> 2.0)
      winrm-elevated (~> 1.0)
      winrm-fs (~> 1.1)
    text (1.3.1)
    thor (1.2.2)
    thread-local (1.1.0)
    thread_safe (0.3.6)
    tickly (2.1.7)
    tiddle (1.8.0)
      activerecord (>= 5.2.0)
      devise (>= 4.0.0.rc1, < 5)
    tilt (2.0.11)
    timeout (0.3.2)
    timeout-extensions (0.1.1)
    timers (4.3.5)
    tins (1.32.1)
      sync
    tomlrb (2.0.3)
    touch_action (1.3.3)
    traces (0.9.1)
    tracksperanto (4.2.0)
      bychar (~> 3)
      flame_channel_parser (~> 4, >= 4.1.1)
      obuf (~> 1)
      progressbar (= 0.10.0)
      progressive_io (~> 1)
      rexml
      tickly (~> 2, >= 2.1.7)
      update_hints (~> 1)
    trailblazer-option (0.1.2)
    tramway-admin (1.1.2.3)
      tramway-core
      tramway-user
    tramway-core (1.0.1)
    tramway-user (2.2.1.2)
      bcrypt (~> 3.1.11, >= 3.1.11)
      enumerize (~> 2.1, >= 2.1.2)
    treetop (1.6.12)
      polyglot (~> 0.3)
    trenni (3.14.0)
    tty-box (0.7.0)
      pastel (~> 0.8)
      strings (~> 0.2.0)
      tty-cursor (~> 0.7)
    tty-color (0.6.0)
    tty-cursor (0.7.1)
    tty-prompt (0.23.1)
      pastel (~> 0.8)
      tty-reader (~> 0.8)
    tty-reader (0.9.0)
      tty-cursor (~> 0.7)
      tty-screen (~> 0.8)
      wisper (~> 2.0)
    tty-screen (0.8.1)
    tupalo-kdtree (0.2.3)
    turnip (4.3.0)
      cucumber-gherkin (~> 14.0)
      rspec (>= 3.0, < 4.0)
    twitter-bootstrap-rails-confirm (2.0.2)
    typhoeus (1.4.0)
      ethon (>= 0.9.0)
    tzinfo (2.0.6)
      concurrent-ruby (~> 1.0)
    tzinfo-data (1.2023.3)
      tzinfo (>= 1.0.0)
    uber (0.1.0)
    unf (0.1.4)
      unf_ext
    unf_ext (0.0.8.2)
    unicode-display_width (1.8.0)
    unicode-types (1.8.0)
    unicode_utils (1.4.0)
    unimidi (0.5.1)
      alsa-rawmidi (~> 0.4, >= 0.4.0)
      ffi-coremidi (~> 0.5, >= 0.5.1)
      midi-jruby (~> 0.2, >= 0.2.0)
      midi-winmm (~> 0.1, >= 0.1.10)
    unix_utils (0.0.15)
    unobtainium (0.13.0)
      collapsium (~> 0.10)
      collapsium-config (~> 0.7)
      ptools (~> 1.3)
      sys-proctable (~> 1.2)
    unobtainium-multifind (0.4.0)
      unobtainium (~> 0.13)
    update_hints (1.0.3)
    urlmatch (0.1.1)
    user-agent-randomizer (0.2.0)
    utils (0.35.0)
      all_images (>= 0.0.2)
      infobar
      mize
      pstree (~> 0.3)
      search_ui
      term-ansicolor (~> 1.3)
      tins (~> 1.14)
    utopia (2.20.1)
      concurrent-ruby (~> 1.0)
      console (~> 1.0)
      http-accept (~> 2.1)
      mail (~> 2.6)
      mime-types (~> 3.0)
      msgpack
      net-smtp
      rack (>= 2.2)
      samovar (~> 2.1)
      traces
      trenni (~> 3.0)
      variant (~> 0.1)
    uuidtools (2.2.0)
    vagrant-cachier (1.2.1)
    vagrant-disksize (0.1.3)
    vagrant-triggers (0.4.3)
    validators (3.4.2)
    variant (0.1.1)
      thread-local
    vault (0.17.0)
      aws-sigv4
    vault-rails (0.8.0)
      activesupport (>= 5.0)
      vault (~> 0.17)
    version_gem (1.1.2)
    virtus (1.0.5)
      axiom-types (~> 0.1)
      coercible (~> 1.0)
      descendants_tracker (~> 0.0, >= 0.0.3)
      equalizer (~> 0.0, >= 0.0.9)
    warden (1.2.9)
      rack (>= 2.0.9)
    wasabi (3.8.0)
      addressable
      httpi (~> 3.0)
      nokogiri (>= 1.4.2)
    watir (6.19.1)
      regexp_parser (>= 1.2, < 3)
      selenium-webdriver (>= 3.142.7)
    webrick (1.8.1)
    websocket (1.2.9)
    websocket-driver (0.7.5)
      websocket-extensions (>= 0.1.0)
    websocket-eventmachine-base (1.2.0)
      eventmachine (~> 1.0)
      websocket (~> 1.0)
      websocket-native (~> 1.0)
    websocket-extensions (0.1.5)
    websocket-native (1.0.0)
    weekdays (1.0.2)
    wikisnakker (0.9.1)
      require_all
      yajl-ruby
    win32-ipc (0.7.0)
      ffi
    winrm (2.3.6)
      builder (>= 2.1.2)
      erubi (~> 1.8)
      gssapi (~> 1.2)
      gyoku (~> 1.0)
      httpclient (~> 2.2, >= 2.2.0.2)
      logging (>= 1.6.1, < 3.0)
      nori (~> 2.0)
      rubyntlm (~> 0.6.0, >= 0.6.3)
    winrm-elevated (1.2.3)
      erubi (~> 1.8)
      winrm (~> 2.0)
      winrm-fs (~> 1.0)
    winrm-fs (1.3.5)
      erubi (~> 1.8)
      logging (>= 1.6.1, < 3.0)
      rubyzip (~> 2.0)
      winrm (~> 2.0)
    wiselinks (1.2.1)
    wisper (2.0.1)
    xmlrpc (0.3.2)
      webrick
    xmpp4r (0.5.6)
    xmpp4r-simple (0.8.8)
      xmpp4r (>= 0.3.2)
    xorg_buffer (1.2.5)
    xpath (3.2.0)
      nokogiri (~> 1.8)
    yajl-ruby (1.4.3)
    yml_reader (0.7)
    zeitwerk (2.6.8)
    zeus (0.15.14)
      method_source (>= 0.6.7)
    zeus-parallel_tests (0.3.2)
      parallel_tests (>= 0.11.3)
      zeus (>= 0.13.0)
    zip (2.0.2)

PLATFORMS
  arm64-darwin-22

DEPENDENCIES
  pkg36!

BUNDLED WITH
   2.4.13
