PATH
  remote: .
  specs:
    pkg47 (0.0.1)
      activefacts
      activerdf
      activerecord-after-transaction
      activerecord-belongs_to_if
      acts_as_cleo
      allowy
      amee
      ar-uuid
      ar_mysql_flexmaster
      async-rspec
      attempt
      avatars_for_rails
      aws-sdk-osis
      awsborn
      awsome
      baza
      blank_empty_nil_filters
      bool
      bootstrap3-rails
      capistrano-shoryuken
      capistrano-slack
      cavalry
      celluloid-redis
      cmath
      codeclimate-parallel-test-reporter
      compass-h5bp
      constructor-core
      consul-templaterb
      convergence
      crypt-isaac
      crypt19-rb
      cucumber-api
      cucumber-nagios
      cucumber_lint
      ddmetrics
      dimples
      dm-is-tree
      draftjs_exporter
      duration
      dynamini
      email_preview
      emitter
      etherpad-lite
      event-calendar
      evertils
      excel_rails
      executrix
      ey_services_api
      eye-patch
      eyes_universal
      fastlane-plugin-codecov_reporter
      fastlane-plugin-flutter
      fastlane-plugin-prepare_build_resources
      fluent-plugin-hostname
      fluent-plugin-http-healthcheck
      fluent-plugin-kv-parser
      fluent-plugin-notifier
      fluent-plugin-retag
      fluent-plugin-scribe
      fluent-plugin-tail-ex
      foreman_maintain
      forgery_ja
      forking_test_runner
      formatos-febraban
      galakei
      generate-puppetfile
      geoblacklight
      geolite2_city
      git-review
      github
      google-cloud-automl-v1
      google-cloud-spanner-admin-database-v1
      google-cloud-spanner-admin-instance-v1
      google-cloud-spanner-v1
      google_holiday_calendar
      grb
      guard-jasmine-headless-webkit
      haml_parser
      has_accounts
      hash-utils
      hebrew_date
      hermod
      heroku_hatchet
      hey
      hoe-git
      hooch
      hotdog
      hsluv
      html5_validators
      hu
      iiif_manifest
      in_place_editing
      inum
      ip2location_ruby
      ivy4r
      jasmine_junitxml_formatter
      jekyll-diagrams
      jekyll-rdf
      jekyll-theme-consulting
      jqcloud-rails
      jsonapi_parameters
      konf
      kookaburra
      kount_complete
      kstrano
      kuzushi
      learn-test
      lense
      libusb
      libxslt-ruby
      logical_model
      logrotate
      lorem
      mailgun
      mails_viewer
      manageiq-password
      mapbox-gl-rails
      method_locator
      microscope
      milkode
      mimic
      mongoid_magic_counter_cache
      mongoid_taggable
      mongrel_cluster
      muck-services
      n1_loader
      nestive
      newrelic-typhoeus
      newrelic_resque_agent
      octopoller
      okuribito
      once
      onchain
      opennebula-cli
      pagy_cursor
      paul_revere
      paypal
      paypal-payouts-sdk
      pimpmychangelog
      polyblock
      polyrex-objects
      pp_sql
      predictionio
      problem_details-rails
      proc-wait3
      process_exists
      promoter
      pronto-yamllint
      qb
      qpid_proton
      rack-flash
      rack-revision
      rack-server_status
      radix
      rails-patterns
      rails_admin_nestable
      rails_admin_tag_list
      rails_bootstrap_navbar
      rdstation-ruby-client
      reality-facets
      reality-generators
      recordselect
      relaton-un
      representative
      restful_resource
      rickshaw_rails
      roauth
      rsec
      rspec-buildkite-analytics
      rspec-rcv
      rspec-sequencing
      rspec-sonarqube-formatter
      rspec-stripe
      rubinius-ast
      rubinius-compiler
      ruby-atmos-pure
      ruby-fann
      ruby-next
      ruby_ami
      ruby_android
      ruby_expect
      rubyipmi
      rudder_analytics_sync
      ryodo
      sauce-cucumber
      secret_config
      sensu-em
      short_circu_it
      sidekiq_prometheus
      simple_pid
      skeptick
      slackdown
      soapy_cake
      soda
      spicerack-styleguide
      stimulus_reflex_testing
      strum-service
      suretax
      swaggard
      swagger_engine
      swagger_yard-rails
      swiftype
      tabularize
      tcell_agent
      technologic
      telegramAPI
      terraformer
      test-unit-rails
      testbot
      timespan
      tiny_mce
      titlecase
      tokyocabinet
      transactd
      trigram
      tripod
      unicode2latex
      vagrant-hosts
      vagrantup
      validated_object
      voucherify
      weel
      worker_scoreboard
      world-flags
      xml-kit

GEM
  remote: https://rubygems.org/
  specs:
    Antwrap (0.7.0)
      hoe (>= 1.3.0)
      rjb (>= 1.0.3)
    CFPropertyList (2.3.6)
    aasm (5.5.0)
      concurrent-ruby (~> 1.0)
    actioncable (7.0.5)
      actionpack (= 7.0.5)
      activesupport (= 7.0.5)
      nio4r (~> 2.0)
      websocket-driver (>= 0.6.1)
    actionmailbox (7.0.5)
      actionpack (= 7.0.5)
      activejob (= 7.0.5)
      activerecord (= 7.0.5)
      activestorage (= 7.0.5)
      activesupport (= 7.0.5)
      mail (>= 2.7.1)
      net-imap
      net-pop
      net-smtp
    actionmailer (7.0.5)
      actionpack (= 7.0.5)
      actionview (= 7.0.5)
      activejob (= 7.0.5)
      activesupport (= 7.0.5)
      mail (~> 2.5, >= 2.5.4)
      net-imap
      net-pop
      net-smtp
      rails-dom-testing (~> 2.0)
    actionpack (7.0.5)
      actionview (= 7.0.5)
      activesupport (= 7.0.5)
      rack (~> 2.0, >= 2.2.4)
      rack-test (>= 0.6.3)
      rails-dom-testing (~> 2.0)
      rails-html-sanitizer (~> 1.0, >= 1.2.0)
    actiontext (7.0.5)
      actionpack (= 7.0.5)
      activerecord (= 7.0.5)
      activestorage (= 7.0.5)
      activesupport (= 7.0.5)
      globalid (>= 0.6.0)
      nokogiri (>= 1.8.5)
    actionview (7.0.5)
      activesupport (= 7.0.5)
      builder (~> 3.1)
      erubi (~> 1.4)
      rails-dom-testing (~> 2.0)
      rails-html-sanitizer (~> 1.1, >= 1.2.0)
    active_record_inline_schema (0.6.1)
      activerecord (>= 3)
      activesupport
    activefacts (1.9.0)
      activefacts-cql (~> 1, >= 1.9)
      activefacts-generators (~> 1, >= 1.9)
      activefacts-orm (~> 1, >= 1.9)
    activefacts-api (1.9.13)
      rbtree-pure (~> 0, >= 0.1.1)
      tracing (~> 2, >= 2.0.4)
    activefacts-cql (1.9.7)
      activefacts-metamodel (~> 1, >= 1.9.22)
      treetop (~> 1.6, >= 1.6.9)
    activefacts-generators (1.9.2)
      activefacts-metamodel (~> 1, >= 1.9.14)
      activefacts-rmap (~> 1, >= 1.8)
      activesupport (>= 4)
    activefacts-metamodel (1.9.23)
      activefacts-api (~> 1, >= 1.9.5)
    activefacts-orm (1.9.4)
      activefacts-metamodel (~> 1, >= 1.8)
      nokogiri (~> 1, >= 1.6)
    activefacts-rmap (1.8.2)
      activefacts-metamodel (~> 1, >= 1.8)
    activejob (7.0.5)
      activesupport (= 7.0.5)
      globalid (>= 0.3.6)
    activemodel (7.0.5)
      activesupport (= 7.0.5)
    activemodel-serializers-xml (1.0.2)
      activemodel (> 5.x)
      activesupport (> 5.x)
      builder (~> 3.1)
    activerdf (1.6.11)
      gem_plugin (>= 0.2.1)
    activerecord (7.0.5)
      activemodel (= 7.0.5)
      activesupport (= 7.0.5)
    activerecord-after-transaction (0.1.4)
      activerecord (>= 3.2)
    activerecord-belongs_to_if (0.1.1)
      activerecord (>= 4.0.0)
      activesupport
    activestorage (7.0.5)
      actionpack (= 7.0.5)
      activejob (= 7.0.5)
      activerecord (= 7.0.5)
      activesupport (= 7.0.5)
      marcel (~> 1.0)
      mini_mime (>= 1.1.0)
    activesupport (7.0.5)
      concurrent-ruby (~> 1.0, >= 1.0.2)
      i18n (>= 1.6, < 2)
      minitest (>= 5.1)
      tzinfo (~> 2.0)
    acts-as-taggable-on (9.0.1)
      activerecord (>= 6.0, < 7.1)
    acts_as_cleo (3.0.2)
      happymapper
      rails (>= 3.1.0)
      resque
    acts_as_rails3_generator (0.0.1)
    addressable (2.5.0)
      public_suffix (~> 2.0, >= 2.0.2)
    allowy (2.1.0)
      activesupport (>= 3.2)
      i18n
    amee (4.4.0)
      activesupport (>= 2.3.11)
      appraisal
      json
      log4r
      log_buddy
      nokogiri (~> 1.4)
      typhoeus
    anbt-sql-formatter (0.1.0)
    appraisal (2.4.1)
      bundler
      rake
      thor (>= 0.14.0)
    ar-uuid (0.2.3)
      activerecord
    ar_mysql_flexmaster (1.0.3)
      activerecord
      activesupport
      mysql2
    archive-tar-minitar (0.5.2)
    archive-zip (0.12.0)
      io-like (~> 0.3.0)
    around_the_world (0.29.2)
      activesupport (>= 6.0.0)
    array_enumerator (0.0.10)
    ast (2.4.2)
    async-rspec (1.17.0)
      rspec (~> 3.0)
      rspec-files (~> 1.0)
      rspec-memory (~> 1.0)
    attempt (0.6.2)
      rspec (~> 3.9)
      safe_timeout (~> 0.0.5)
      structured_warnings (~> 0.4.0)
    authlogic (6.4.2)
      activemodel (>= 5.2, < 7.1)
      activerecord (>= 5.2, < 7.1)
      activesupport (>= 5.2, < 7.1)
      request_store (~> 1.0)
    auto_autoloader (0.0.5)
      string-cases
    avatars_for_rails (1.1.4)
      flashy (~> 0.0.1)
      jquery-rails (>= 3.0.0)
      jquery-ui-rails (>= 4.0.0)
      paperclip (>= 2.3.4)
      rmagick (>= 2.13.1)
    awesome_print (1.9.2)
    aws-eventstream (1.2.0)
    aws-partitions (1.775.0)
    aws-sdk-core (3.174.0)
      aws-eventstream (~> 1, >= 1.0.2)
      aws-partitions (~> 1, >= 1.651.0)
      aws-sigv4 (~> 1.5)
      jmespath (~> 1, >= 1.6.1)
    aws-sdk-dynamodb (1.85.0)
      aws-sdk-core (~> 3, >= 3.174.0)
      aws-sigv4 (~> 1.1)
    aws-sdk-osis (1.2.0)
      aws-sdk-core (~> 3, >= 3.174.0)
      aws-sigv4 (~> 1.1)
    aws-sigv4 (1.5.2)
      aws-eventstream (~> 1, >= 1.0.2)
    awsborn (0.9.11)
      icehouse-right_aws (>= 2.2.0)
      json_pure (>= 1.2.3)
      rake
    awsome (0.0.64)
      awesome_print
      route53
      terminal-table
    axiom-types (0.1.1)
      descendants_tracker (~> 0.0.4)
      ice_nine (~> 0.11.0)
      thread_safe (~> 0.3, >= 0.3.1)
    backports (3.24.1)
    backtrack-xpath (0.2.2)
    baza (0.0.38)
      array_enumerator (~> 0.0.10)
      auto_autoloader (~> 0.0.5)
      datet (~> 0.0.25)
      event_handler (~> 0.0.0)
      simple_delegate (~> 0.0.2)
      string-cases (~> 0.0.4)
      wref (~> 0.0.8)
    bcp47 (0.3.3)
      i18n
    bcrypt (3.1.18)
    bcrypt-ruby (3.1.5)
      bcrypt (>= 3.1.3)
    bech32 (1.3.0)
      thor (>= 1.1.0)
    bibtex-ruby (6.0.0)
      latex-decode (~> 0.0)
    bindata (2.4.15)
    bitcoin-ruby (0.0.20)
      eventmachine
      ffi
      scrypt
    blacklight (7.33.1)
      deprecation
      globalid
      hashdiff
      i18n (>= 1.7.0)
      jbuilder (~> 2.7)
      kaminari (>= 0.15)
      ostruct (>= 0.3.2)
      rails (>= 5.1, < 7.1)
      view_component (~> 2.66)
    blank_empty_nil_filters (0.1.3)
    blockenspiel (0.5.0)
    bool (1.0.20)
    bootstrap-navbar (3.2.1)
      gem_config (~> 0.3)
    bootstrap3-rails (3.2.0)
      rails (>= 4.0.0)
    broach (0.3.0)
      multi_json (~> 1.7)
      nap (~> 0.5)
    bson (4.15.0)
    builder (3.2.4)
    bundler08 (0.8.5)
    c32 (0.3.0)
    cable_ready (5.0.0)
      actionpack (>= 5.2)
      actionview (>= 5.2)
      activesupport (>= 5.2)
      railties (>= 5.2)
      thread-local (>= 1.1.0)
    cache (0.4.1)
    cache_method (0.2.7)
      cache (>= 0.2.1)
    capifony (2.1.15)
      capistrano (>= 2.11.0)
      colored (>= 1.2.0)
    capistrano (2.15.10)
      highline
      net-scp (>= 1.0.0)
      net-sftp (>= 2.0.0)
      net-ssh (>= 2.0.14)
      net-ssh-gateway (>= 1.1.0)
    capistrano-ext (1.2.1)
      capistrano (>= 1.0.0)
    capistrano-log_with_awesome (0.0.2)
      capistrano (>= 2.5.14)
    capistrano-shoryuken (0.1.5)
      capistrano
    capistrano-slack (1.3.2)
      activesupport (>= 3)
      capistrano
      capistrano-log_with_awesome (~> 0.0.2)
    capistrano_colors (0.5.5)
    capybara (3.39.1)
      addressable
      matrix
      mini_mime (>= 0.1.3)
      nokogiri (~> 1.8)
      rack (>= 1.6.0)
      rack-test (>= 0.6.3)
      regexp_parser (>= 1.5, < 3.0)
      xpath (~> 3.2)
    cavalry (0.2.2)
      activemodel (>= 5.1)
      activesupport (>= 5.1)
    celluloid (0.17.4)
      celluloid-essentials
      celluloid-extras
      celluloid-fsm
      celluloid-pool
      celluloid-supervision
      timers (>= 4.1.1)
    celluloid-essentials (0.20.5)
      timers (>= 4.1.1)
    celluloid-extras (0.20.5)
      timers (>= 4.1.1)
    celluloid-fsm (0.20.5)
      timers (>= 4.1.1)
    celluloid-io (0.17.3)
      celluloid (>= 0.17.2)
      nio4r (>= 1.1)
      timers (>= 4.1.1)
    celluloid-pool (0.20.5)
      timers (>= 4.1.1)
    celluloid-redis (0.0.2)
      celluloid-io (>= 0.13.0.pre)
      redis
    celluloid-supervision (0.20.6)
      timers (>= 4.1.1)
    cgi_multipart_eof_fix (2.5.0)
    charisma (0.3.4)
      activesupport
      blockenspiel
      conversions
    chef-config (18.2.7)
      addressable
      chef-utils (= 18.2.7)
      fuzzyurl
      mixlib-config (>= 2.2.12, < 4.0)
      mixlib-shellout (>= 2.0, < 4.0)
      tomlrb (~> 1.2)
    chef-utils (18.2.7)
      concurrent-ruby
    childprocess (4.1.0)
    chronic (0.10.2)
    chronic_duration (0.10.6)
      numerizer (~> 0.1.1)
    chunky_png (1.4.0)
    ckeditor (5.1.1)
      orm_adapter (~> 0.5.0)
    clamp (1.3.2)
    climate_control (0.2.0)
    cmath (1.0.0)
    cmdparse (3.0.7)
    cmds (0.2.10)
      erubis (~> 2.7)
      nrser (>= 0.2.0.pre.3)
    codeclimate-parallel-test-reporter (0.0.2)
      codeclimate-test-reporter
    codeclimate-test-reporter (1.0.9)
      simplecov (<= 0.13)
    coderay (1.1.3)
    coercible (1.0.0)
      descendants_tracker (~> 0.0.1)
    coffee-rails (5.0.0)
      coffee-script (>= 2.2.0)
      railties (>= 5.2.0)
    coffee-script (2.4.1)
      coffee-script-source
      execjs
    coffee-script-source (1.12.2)
    colorator (1.1.0)
    colored (1.2)
    colorize (0.7.7)
    commonmarker (0.17.13)
      ruby-enum (~> 0.5)
    commonwatir (1.8.0)
      user-choices
    compass (0.12.2)
      chunky_png (~> 1.2)
      fssm (>= 0.2.7)
      sass (~> 3.1)
    compass-h5bp (0.1.2)
      compass
    concurrent-ruby (1.2.2)
    config (4.2.0)
      deep_merge (~> 1.2, >= 1.2.1)
      dry-validation (~> 1.0, >= 1.0.0)
    connection_pool (2.4.1)
    constructor-core (0.3.2)
      devise
    consul-templaterb (1.34.1)
      em-http-request (~> 1.1)
      eventmachine (~> 1.2)
      parallel (~> 1.2)
    convergence (1.0.6)
      diff-lcs
      diffy
      mysql2
      thor
    conversions (1.4.6)
      activesupport (>= 2.3.4)
    cookiejar (0.3.3)
    cool.io (1.7.1)
    crass (1.0.6)
    crypt-isaac (1.2.0)
    crypt19-rb (1.3.1)
    css_parser (1.14.0)
      addressable
    cucumber (3.1.2)
      builder (>= 2.1.2)
      cucumber-core (~> 3.2.0)
      cucumber-expressions (~> 6.0.1)
      cucumber-wire (~> 0.0.1)
      diff-lcs (~> 1.3)
      gherkin (~> 5.1.0)
      multi_json (>= 1.7.5, < 2.0)
      multi_test (>= 0.1.2)
    cucumber-api (0.9)
      addressable (= 2.5)
      cucumber (~> 3.1.0)
      json-schema (~> 2.8.0)
      jsonpath (~> 0.8)
      rest-client (~> 2.0.2)
    cucumber-core (3.2.1)
      backports (>= 3.8.0)
      cucumber-tag_expressions (~> 1.1.0)
      gherkin (~> 5.0)
    cucumber-expressions (6.0.1)
    cucumber-nagios (0.6.8)
      bundler08 (= 0.8.5)
      rake (>= 0.8.3)
      templater (>= 0.5)
    cucumber-tag_expressions (1.1.1)
    cucumber-wire (0.0.1)
    cucumber_lint (0.0.3)
      colorize (~> 0.7.5)
    daemons (1.4.1)
    data_miner (2.5.2)
      aasm
      active_record_inline_schema (>= 0.6.1)
      activerecord (> 3)
      activesupport (> 3)
      errata (>= 1.0.1)
      posix-spawn
      remote_table (>= 2.0.2)
      roo (>= 1.10.3)
      unix_utils
      upsert (>= 0.3.1)
    date (3.3.3)
    datet (0.0.25)
    ddmetrics (1.0.1)
    deep_merge (1.2.2)
    deprecation (1.1.0)
      activesupport
    descendants_tracker (0.0.4)
      thread_safe (~> 0.3, >= 0.3.1)
    devise (4.9.2)
      bcrypt (~> 3.0)
      orm_adapter (~> 0.1)
      railties (>= 4.1.0)
      responders
      warden (~> 1.2.3)
    diff-lcs (1.5.0)
    diffable_yaml (0.0.2)
      psych (~> 2.0)
    diffy (3.4.2)
    dimples (7.0.5)
      erubi (~> 1.10)
      redcarpet (~> 3.5)
      tilt (~> 2.0)
    dm-core (1.2.1)
      addressable (~> 2.3)
    dm-is-tree (1.2.0)
      dm-core (~> 1.2.0)
    docile (1.1.5)
    dogapi (1.45.0)
      multi_json
    domain_name (0.5.20190701)
      unf (>= 0.0.5, < 1.0.0)
    draftjs_exporter (0.0.7)
      nokogiri (~> 1.6, >= 1.6.0)
    dry-configurable (1.0.1)
      dry-core (~> 1.0, < 2)
      zeitwerk (~> 2.6)
    dry-core (1.0.0)
      concurrent-ruby (~> 1.0)
      zeitwerk (~> 2.6)
    dry-inflector (1.0.0)
    dry-initializer (3.1.1)
    dry-logic (1.5.0)
      concurrent-ruby (~> 1.0)
      dry-core (~> 1.0, < 2)
      zeitwerk (~> 2.6)
    dry-schema (1.13.2)
      concurrent-ruby (~> 1.0)
      dry-configurable (~> 1.0, >= 1.0.1)
      dry-core (~> 1.0, < 2)
      dry-initializer (~> 3.0)
      dry-logic (>= 1.4, < 2)
      dry-types (>= 1.7, < 2)
      zeitwerk (~> 2.6)
    dry-types (1.7.1)
      concurrent-ruby (~> 1.0)
      dry-core (~> 1.0)
      dry-inflector (~> 1.0)
      dry-logic (~> 1.4)
      zeitwerk (~> 2.6)
    dry-validation (1.10.0)
      concurrent-ruby (~> 1.0)
      dry-core (~> 1.0, < 2)
      dry-initializer (~> 3.0)
      dry-schema (>= 1.12, < 2)
      zeitwerk (~> 2.6)
    duration (0.1.0)
    dynamini (3.0.1)
      activemodel (>= 3)
      aws-sdk-dynamodb (~> 1)
    ebnf (1.2.0)
      rdf (~> 3.1)
      sxp (~> 1.1)
    em-http-request (1.1.7)
      addressable (>= 2.3.4)
      cookiejar (!= 0.3.1)
      em-socksify (>= 0.3)
      eventmachine (>= 1.0.3)
      http_parser.rb (>= 0.6.0)
    em-socksify (0.3.2)
      eventmachine (>= 1.0.0.beta.4)
    em-websocket (0.5.3)
      eventmachine (>= 0.12.9)
      http_parser.rb (~> 0)
    email_preview (1.5.4)
      rails (>= 3.0)
    emitter (1.1.1)
      active_record_inline_schema
      activerecord
      activesupport
      charisma
      data_miner (~> 2)
      falls_back_on
      leap (~> 0.5.4)
      summary_judgement
    equatable (0.7.0)
    equivalent-xml (0.6.0)
      nokogiri (>= 1.4.3)
    errata (1.1.1)
      activesupport (>= 2.3.4)
      remote_table (>= 1.1.7)
      to_regexp (>= 0.0.2)
    erubi (1.12.0)
    erubis (2.7.0)
    etherpad-lite (0.3.1)
      rest-client (>= 1.6)
    ethon (0.16.0)
      ffi (>= 1.15.0)
    event-calendar (2.3.3)
    event_handler (0.0.0)
    eventmachine (1.2.7)
    evernote-thrift (1.25.2)
    evertils (1.0.12)
      evertils-common (~> 0.3.7)
      mime-types
      nokogiri
      notifaction
    evertils-common (0.3.18)
      evernote-thrift
      mime-types
      notifaction (~> 0.4.3)
    excel_rails (0.4.1)
    excon (0.99.0)
    execjs (2.8.1)
    executrix (1.0.0)
      nokogiri (~> 1.5)
      nori (~> 2.0)
      rake
    extlib (0.9.16)
    ey_api_hmac (0.4.12)
      json
      rack-client
      rack-idempotent (>= 0.0.3)
    ey_services_api (0.3.20)
      ey_api_hmac (>= 0.3.0)
      json
      sinatra
    eye (0.10.0)
      celluloid (~> 0.17.3)
      celluloid-io (~> 0.17.0)
      kostya-sigar (~> 2.0.0)
      state_machines
      thor
    eye-patch (1.1.0)
      chronic_duration
      eye (>= 0.10.0)
    eyes_universal (3.3.2)
      open-uri (~> 0.1, >= 0.1.0)
      stringio
    facets (3.1.0)
    falls_back_on (0.1.4)
      cache_method (>= 0.2.0)
      lock_method (>= 0.4.0)
    faraday (1.2.0)
      multipart-post (>= 1.2, < 3)
      ruby2_keywords
    faraday-cdn-metrics (0.2.0)
      faraday (~> 1)
    faraday-encoding (0.0.5)
      faraday
    faraday-http-cache (2.5.0)
      faraday (>= 0.8)
    faraday_middleware (1.2.0)
      faraday (~> 1.0)
    fastercsv (1.5.5)
    fastlane-plugin-codecov_reporter (0.1.2)
    fastlane-plugin-flutter (0.7.1)
    fastlane-plugin-prepare_build_resources (1.0.4)
    fastthread (1.0.7)
    feedzirra (0.8.0)
    ffi (1.15.5)
    ffi-compiler (1.0.1)
      ffi (>= 1.0.0)
      rake
    ffi-yajl (2.4.0)
      libyajl2 (>= 1.2)
    firewatir (1.8.0)
      commonwatir (= 1.8.0)
    fixed_width-multibyte (0.2.3)
      activesupport
    flashy (0.0.1)
      railties (>= 3.1.0)
    fluent-mixin-config-placeholders (0.4.0)
      fluentd
      uuidtools (>= 2.1.5)
    fluent-plugin-hostname (0.0.2)
      fluentd
    fluent-plugin-http-healthcheck (0.1.0)
      fluentd (>= 0.14.10, < 2)
    fluent-plugin-kv-parser (1.0.0)
      fluentd (> 0.14.0, < 2)
    fluent-plugin-notifier (1.0.0)
      fluentd (>= 0.14.0)
    fluent-plugin-retag (0.1.1)
      fluentd (>= 0.14.8, < 2)
    fluent-plugin-scribe (1.0.0)
      fluentd
      thrift (~> 0.8.0)
    fluent-plugin-tail-ex (0.1.1)
      fluent-mixin-config-placeholders
      fluentd
    fluentd (1.16.1)
      bundler
      cool.io (>= 1.4.5, < 2.0.0)
      http_parser.rb (>= 0.5.1, < 0.9.0)
      msgpack (>= 1.3.1, < 2.0.0)
      serverengine (>= 2.3.2, < 3.0.0)
      sigdump (~> 0.2.2)
      strptime (>= 0.2.4, < 1.0.0)
      tzinfo (>= 1.0, < 3.0)
      tzinfo-data (~> 1.0)
      webrick (~> 1.4)
      yajl-ruby (~> 1.0)
    foreman_maintain (1.3.1)
      clamp
      highline
    forgery (0.3.12)
      nokogiri (~> 1.4)
    forgery_ja (0.2.2)
      forgery (~> 0.3.8)
    forking_test_runner (1.13.0)
      parallel_tests (>= 1.3.7)
    formatador (1.1.0)
    formatos-febraban (0.3.64)
    forwardable-extended (2.6.0)
    friendly_id (5.5.0)
      activerecord (>= 4.0.0)
    fssm (0.2.10)
    fuzzyurl (0.9.0)
    galakei (0.15.2)
      actionpack (>= 3.2.0)
      css_parser
      nokogiri
      sanitize
    gapic-common (0.3.4)
      google-protobuf (~> 3.12, >= 3.12.2)
      googleapis-common-protos (>= 1.3.9, < 2.0)
      googleapis-common-protos-types (>= 1.0.4, < 2.0)
      googleauth (~> 0.9)
      grpc (~> 1.25)
    gem_config (0.3.2)
    gem_plugin (0.2.3)
    generate-puppetfile (1.1.0)
      colorize
    geo_combine (0.6.0)
      activesupport
      json-schema
      net-http-persistent (~> 2.0)
      nokogiri
      rsolr
      sanitize
      thor
    geoblacklight (4.0.0)
      blacklight (~> 7.12)
      coderay
      config
      deprecation
      faraday (>= 1.0)
      geo_combine (~> 0.4)
      handlebars_assets
      mime-types
      rails (>= 6.1, < 7.1)
      rgeo-geojson
    geolite2_city (2019.08.07)
    gherkin (5.1.0)
    git (1.11.0)
      rchardet (~> 1.8)
    git-review (1.1.6)
      launchy
      octokit
      rspec
      yajl-ruby
    github (0.1.1)
    gitlab (4.19.0)
      httparty (~> 0.20)
      terminal-table (>= 1.5.1)
    gli (2.21.0)
    globalid (1.1.0)
      activesupport (>= 5.0)
    google-cloud-automl-v1 (0.4.0)
      gapic-common (~> 0.3)
      google-cloud-errors (~> 1.0)
    google-cloud-errors (1.3.1)
    google-cloud-spanner-admin-database-v1 (0.5.0)
      gapic-common (~> 0.3)
      google-cloud-errors (~> 1.0)
      grpc-google-iam-v1 (>= 0.6.10, < 2.0)
    google-cloud-spanner-admin-instance-v1 (0.3.0)
      gapic-common (~> 0.3)
      google-cloud-errors (~> 1.0)
      grpc-google-iam-v1 (>= 0.6.10, < 2.0)
    google-cloud-spanner-v1 (0.5.0)
      gapic-common (~> 0.3)
      google-cloud-errors (~> 1.0)
    google-protobuf (3.23.2-arm64-darwin)
    google_holiday_calendar (0.1.2)
      activesupport (>= 4.0.0)
    googleapis-common-protos (1.4.0)
      google-protobuf (~> 3.14)
      googleapis-common-protos-types (~> 1.2)
      grpc (~> 1.27)
    googleapis-common-protos-types (1.6.0)
      google-protobuf (~> 3.14)
    googleauth (0.17.1)
      faraday (>= 0.17.3, < 2.0)
      jwt (>= 1.4, < 3.0)
      memoist (~> 0.16)
      multi_json (~> 1.11)
      os (>= 0.9, < 2.0)
      signet (~> 0.15)
    gqtp (1.0.7)
    grb (0.4.1)
    groonga-client (0.6.7)
      gqtp (>= 1.0.4)
      groonga-command (>= 1.4.7)
      groonga-command-parser (>= 1.1.0)
      hashie
      rexml
    groonga-command (1.5.2)
      json
    groonga-command-parser (1.1.4)
      groonga-command (>= 1.4.0)
      json-stream
    grpc (1.55.0)
      google-protobuf (~> 3.23)
      googleapis-common-protos-types (~> 1.0)
    grpc-google-iam-v1 (1.2.0)
      google-protobuf (~> 3.14)
      googleapis-common-protos (>= 1.3.12, < 2.0)
      grpc (~> 1.27)
    guard (2.18.0)
      formatador (>= 0.2.4)
      listen (>= 2.7, < 4.0)
      lumberjack (>= 1.0.12, < 2.0)
      nenv (~> 0.1)
      notiffany (~> 0.0)
      pry (>= 0.13.0)
      shellany (~> 0.0)
      thor (>= 0.18.1)
    guard-jasmine-headless-webkit (0.2.0)
      guard (>= 0.4.0)
      jasmine-headless-webkit (>= 0.3.0)
    haml (5.2.2)
      temple (>= 0.8.0)
      tilt
    haml-rails (2.1.0)
      actionpack (>= 5.1)
      activesupport (>= 5.1)
      haml (>= 4.0.6)
      railties (>= 5.1)
    haml_parser (0.4.1)
    hamster (3.0.0)
      concurrent-ruby (~> 1.0)
    handlebars_assets (0.23.9)
      execjs (~> 2.0)
      sprockets (>= 2.0.0)
      tilt (>= 1.2)
    happymapper (0.2.0)
      libxml-ruby (>= 0.9.7)
    has_accounts (3.1.0)
      rails (> 3.1)
      validates_timeliness
    hash-utils (2.2.0)
      ruby-version (>= 0.4.0)
    hash_digest (1.1.3)
      murmurhash3
    hashdiff (1.0.1)
    hashie (5.0.0)
    hebrew_date (1.0.25)
    hermod (3.0.0)
      activesupport (> 3.2)
      libxml-ruby (~> 4.0)
    heroics (0.1.2)
      erubis (~> 2.0)
      excon
      moneta
      multi_json (>= 1.9.2)
      webrick
    heroku_hatchet (8.0.2)
      excon (~> 0)
      platform-api (~> 3)
      rrrretry (~> 1)
      thor (~> 1)
      threaded (~> 0)
    hey (1.3.1)
    highline (2.1.0)
    hoe (4.0.3)
      rake (>= 0.8, < 15.0)
    hoe-git (1.6.0)
    hooch (0.5.0)
      rails (>= 4.0.1)
    hotdog (1.20191028.1)
      dogapi
      multi_json
      oj
      parallel
      parslet
      sqlite3
    hpricot (0.8.6)
    hsluv (1.0.1)
    html2haml (2.3.0)
      erubis (~> 2.7.0)
      haml (>= 4.0)
      nokogiri (>= 1.6.0)
      ruby_parser (~> 3.5)
    html5_validators (1.9.0)
      activemodel
    htmlentities (4.3.4)
    http-cookie (1.0.5)
      domain_name (~> 0.5)
    http_parser.rb (0.8.0)
    httparty (0.21.0)
      mini_mime (>= 1.0.0)
      multi_xml (>= 0.5.2)
    hu (1.1.2)
      hashdiff
      optix
      platform-api
      powerbar (>= 1.0.16)
    i18n (1.14.1)
      concurrent-ruby (~> 1.0)
    ice_nine (0.11.2)
    icehouse-right_aws (2.2.0)
      right_http_connection (>= 1.2.5)
    iiif_manifest (1.3.1)
      activesupport (>= 4)
    in_place_editing (1.2.0)
    inum (5.2.0)
      activesupport
      i18n
    io-like (0.3.1)
    ip2location_ruby (8.7.0)
      bindata
    ipaddress (0.8.3)
    iso639 (1.3.2)
    ivy4r (0.12.10)
      Antwrap (>= 0.7.0)
      facets (>= 2.9.0)
      ivy4r-jars (>= 1.2.0)
    ivy4r-jars (1.2.0)
    jasmine (3.99.0)
      jasmine-core (= 3.99.0)
      phantomjs
      rack (>= 2.1.4)
      rake
      webrick
    jasmine-core (3.99.0)
    jasmine-headless-webkit (0.4.2)
      coffee-script (>= 2.2)
      jasmine
      rainbow
    jasmine_junitxml_formatter (3.0.0)
      jasmine (~> 3.0)
      nokogiri
    jbuilder (2.11.5)
      actionview (>= 5.0.0)
      activesupport (>= 5.0.0)
    jekyll (3.9.3)
      addressable (~> 2.4)
      colorator (~> 1.0)
      em-websocket (~> 0.5)
      i18n (>= 0.7, < 2)
      jekyll-sass-converter (~> 1.0)
      jekyll-watch (~> 2.0)
      kramdown (>= 1.17, < 3)
      liquid (~> 4.0)
      mercenary (~> 0.3.3)
      pathutil (~> 0.9)
      rouge (>= 1.7, < 4)
      safe_yaml (~> 1.0)
    jekyll-diagrams (0.10.0)
      jekyll (>= 3.8, < 5.0)
    jekyll-rdf (3.1.0)
      jekyll (~> 3.1)
      linkeddata (~> 2.0)
      net-http-persistent (~> 2.9)
      sparql (~> 2.2, >= 2.2.1)
    jekyll-sass-converter (1.5.2)
      sass (~> 3.4)
    jekyll-seo-tag (2.8.0)
      jekyll (>= 3.8, < 5.0)
    jekyll-theme-consulting (0.6.6)
      jekyll (~> 3.8)
      jekyll-seo-tag (~> 2.6)
    jekyll-watch (2.2.1)
      listen (~> 3.0)
    jmespath (1.6.2)
    jqcloud-rails (1.0.0)
      jquery-rails
    jquery-datatables-rails (3.4.0)
      actionpack (>= 3.1)
      jquery-rails
      railties (>= 3.1)
      sass-rails
    jquery-rails (4.5.1)
      rails-dom-testing (>= 1, < 3)
      railties (>= 4.2.0)
      thor (>= 0.14, < 2.0)
    jquery-ui-rails (6.0.1)
      railties (>= 3.2.16)
    json (2.6.3)
    json-canonicalization (0.3.2)
    json-compare (0.1.8)
    json-ld (3.2.5)
      htmlentities (~> 4.3)
      json-canonicalization (~> 0.3, >= 0.3.2)
      link_header (~> 0.0, >= 0.0.8)
      multi_json (~> 1.15)
      rack (>= 2.2, < 4)
      rdf (~> 3.2, >= 3.2.10)
    json-ld-preloaded (3.2.2)
      json-ld (~> 3.2)
      rdf (~> 3.2)
    json-schema (2.8.1)
      addressable (>= 2.4)
    json-stream (0.2.1)
    json_pure (2.6.3)
    jsonapi_parameters (2.3.0)
      actionpack (>= 4.1.8)
      activesupport (>= 4.1.8)
    jsonpath (0.9.9)
      multi_json
      to_regexp (~> 0.2.1)
    jwt (2.7.0)
    kaminari (1.2.2)
      activesupport (>= 4.1.0)
      kaminari-actionview (= 1.2.2)
      kaminari-activerecord (= 1.2.2)
      kaminari-core (= 1.2.2)
    kaminari-actionview (1.2.2)
      actionview
      kaminari-core (= 1.2.2)
    kaminari-activerecord (1.2.2)
      activerecord
      kaminari-core (= 1.2.2)
    kaminari-core (1.2.2)
    konf (0.0.2)
    kookaburra (3.0.1)
      rest-client
    kostya-sigar (2.0.10)
    kount_complete (2.3.0)
      rest-client (>= 1.8.0, < 3.0.0)
    kramdown (2.4.0)
      rexml
    kramdown-parser-gfm (1.1.0)
      kramdown (~> 2.0)
    kstrano (0.0.27)
      broach (>= 0.2.1)
      capifony (= 2.1.15)
      capistrano (>= 2.12.0)
      capistrano-ext (>= 1.2.1)
      capistrano_colors (>= 0.5.5)
      highline (>= 1.6.11)
      json (>= 1.6.6)
    kuzushi (0.0.55)
      ohai
      rest-client
    latex-decode (0.4.0)
    launchy (2.4.3)
      addressable (~> 2.3)
    ld-patch (0.3.3)
      ebnf (~> 1.1)
      rdf (>= 2.2, < 4.0)
      rdf-xsd (>= 2.2, < 4.0)
      sparql (>= 2.2, < 4.0)
      sxp (~> 1.0)
    leap (0.5.8)
      activesupport (>= 2.3.4)
      i18n
      yard
    learn-test (3.1.1)
    lense (0.3.6)
      gli (>= 2.13.0)
      highline (>= 1.7.2)
      psych (>= 2.0.13)
      rest-client (>= 1.8.0)
    libusb (0.6.4)
      ffi (~> 1.0)
      mini_portile2 (~> 2.1)
    libxml-ruby (4.1.1)
    libxslt-ruby (1.2.0)
      libxml-ruby (>= 2.4.0)
    libyajl2 (2.1.0)
    link_header (0.0.8)
    linkeddata (2.2.4)
      equivalent-xml (~> 0.6)
      json-ld (>= 2.1, < 4.0)
      ld-patch (~> 0.3)
      nokogiri (~> 1.8)
      rdf (>= 2.2, < 4.0)
      rdf-aggregate-repo (>= 2.2, < 4.0)
      rdf-isomorphic (>= 2.0, < 4.0)
      rdf-json (>= 2.0, < 4.0)
      rdf-microdata (>= 2.2, < 4.0)
      rdf-n3 (>= 2.1, < 4.0)
      rdf-normalize (~> 0.3)
      rdf-rdfa (>= 2.2, < 4.0)
      rdf-rdfxml (>= 2.2, < 4.0)
      rdf-reasoner (~> 0.4)
      rdf-tabular (>= 2.2, < 4.0)
      rdf-trig (>= 2.0, < 4.0)
      rdf-trix (>= 2.2, < 4.0)
      rdf-turtle (>= 2.2, < 4.0)
      rdf-vocab (>= 2.2, < 4.0)
      rdf-xsd (>= 2.2, < 4.0)
      shex (~> 0.5)
      sparql (>= 2.2, < 4.0)
      sparql-client (>= 2.1, < 4.0)
    liquid (4.0.4)
    listen (3.8.0)
      rb-fsevent (~> 0.10, >= 0.10.3)
      rb-inotify (~> 0.9, >= 0.9.10)
    lock_method (0.5.5)
      activesupport
      cache (>= 0.2.1)
    log4r (1.1.10)
    log_buddy (0.7.0)
    logical_model (0.7.4)
      activemodel
      activesupport
      ethon (>= 0.8.0)
      kaminari (~> 1.2.1)
      typhoeus (>= 1.0.1)
    logrotate (1.2.1)
    loofah (2.21.3)
      crass (~> 1.0.2)
      nokogiri (>= 1.12.0)
    lorem (0.1.2)
    lumberjack (1.2.8)
    mail (2.8.1)
      mini_mime (>= 0.1.1)
      net-imap
      net-pop
      net-smtp
    mailgun (0.11)
    mails_viewer (0.2.0)
      jquery-datatables-rails
      jquery-rails (>= 2.0.1)
      rails (>= 3.1.0)
    manageiq-password (1.1.0)
    mapbox-gl-rails (2.9.0)
      railties (>= 3.2)
    marcel (1.0.2)
    mario (0.0.6)
    matrix (0.4.2)
    memoist (0.16.2)
    mercenary (0.3.6)
    method_locator (0.0.4)
    method_source (1.0.0)
    microscope (1.1.1)
      activerecord (>= 4.1.0)
      activesupport (>= 4.1.0)
    milkode (1.3.0)
      archive-zip (>= 0.4.0)
      coderay (>= 1.0.5)
      haml (>= 3.1.2)
      launchy (>= 0.3.7)
      rack (>= 1.5.2)
      rroonga (>= 1.1.0)
      sass (>= 3.1.3)
      sinatra (>= 1.2.6)
      termcolor (>= 1.2.0, < 1.2.2)
      thin (>= 1.2.10)
      thor (>= 0.18.1)
    mime-types (3.4.1)
      mime-types-data (~> 3.2015)
    mime-types-data (3.2023.0218.1)
    mimemagic (0.3.10)
      nokogiri (~> 1)
      rake
    mimic (0.4.4)
      json
      plist (~> 3.1.0)
      rack
      sinatra
      thin
    mini_mime (1.1.2)
    mini_portile2 (2.8.2)
    minitest (5.18.0)
    mixlib-cli (2.1.8)
    mixlib-config (3.0.27)
      tomlrb
    mixlib-log (3.0.9)
    mixlib-shellout (3.2.7)
      chef-utils
    moneta (1.0.0)
    monetize (1.12.0)
      money (~> 6.12)
    money (6.16.0)
      i18n (>= 0.6.4, <= 2)
    money-tree (0.11.2)
      bech32 (~> 1.3)
      openssl (~> 3.1)
    mongo (2.18.2)
      bson (>= 4.14.1, < 5.0.0)
    mongoid (8.0.3)
      activemodel (>= 5.1, < 7.1, != 7.0.0)
      mongo (>= 2.18.0, < 3.0.0)
      ruby2_keywords (~> 0.0.5)
    mongoid_magic_counter_cache (1.1.1)
      mongoid
      rake
    mongoid_taggable (1.1.1)
      mongoid (>= 3)
      rake
    mongrel (1.1.5)
      cgi_multipart_eof_fix (>= 2.4)
      daemons (>= 1.0.3)
      fastthread (>= 1.0.1)
      gem_plugin (>= 0.2.3)
    mongrel_cluster (1.0.5)
      gem_plugin (>= 0.2.3)
      mongrel (>= 1.0.2)
    mono_logger (1.1.2)
    msgpack (1.7.1)
    muck-comments (3.2.0)
      muck-engine
      muck-users
      nested_set
      sanitize
    muck-engine (0.4.32)
      git
      overlord
      validation_reflection
      will_paginate
    muck-feedbag (0.7.1)
    muck-raker (3.1.0)
    muck-services (3.3.3)
      acts-as-taggable-on
      feedzirra
      hpricot
      httparty
      muck-comments
      muck-engine
      muck-feedbag
      muck-raker
      muck-users
      nokogiri
      overlord
      river
      will_paginate
    muck-users (3.2.25)
      authlogic
      bcrypt-ruby
      friendly_id
      muck-engine
    multi_json (1.15.0)
    multi_test (1.1.0)
    multi_xml (0.6.0)
    multipart-post (2.3.0)
    murmurhash3 (0.1.7)
    mustermann (3.0.0)
      ruby2_keywords (~> 0.0.1)
    mysql2 (0.5.5)
    n1_loader (1.6.3)
    nap (0.8.0)
    native-package-installer (1.1.5)
    nenv (0.3.0)
    nested_form (0.3.2)
    nested_set (1.7.1)
      activerecord (>= 3.0.0)
      railties (>= 3.0.0)
    nestive (0.6.0)
      rails (>= 3.0.0)
    net-http-persistent (2.9.4)
    net-imap (0.3.4)
      date
      net-protocol
    net-pop (0.1.2)
      net-protocol
    net-protocol (0.2.1)
      timeout
    net-scp (4.0.0)
      net-ssh (>= 2.6.5, < 8.0.0)
    net-sftp (4.0.0)
      net-ssh (>= 5.0.0, < 8.0.0)
    net-smtp (0.3.3)
      net-protocol
    net-ssh (7.1.0)
    net-ssh-gateway (2.0.0)
      net-ssh (>= 4.0.0)
    netrc (0.11.0)
    newrelic-typhoeus (0.0.3)
      newrelic_rpm (~> 3.0)
      typhoeus (>= 0.4.2)
    newrelic_plugin (1.0.3)
      faraday (>= 0.8.1)
      json
    newrelic_resque_agent (1.0.1)
      newrelic_plugin (= 1.0.3)
      redis (>= 3.0.4)
      resque (>= 1.24.1)
    newrelic_rpm (3.18.1.330)
    nio4r (2.5.9)
    nokogiri (1.15.2-arm64-darwin)
      racc (~> 1.4)
    nori (2.6.0)
    notifaction (0.4.4)
    notiffany (0.1.3)
      nenv (~> 0.1)
      shellany (~> 0.0)
    nrser (0.2.2)
      awesome_print (~> 1.8)
      commonmarker (~> 0.17.7)
      hamster (~> 3.0)
      pastel (~> 0.7.2)
      semantic_logger (~> 4.2)
    numerizer (0.1.1)
    octokit (4.25.1)
      faraday (>= 1, < 3)
      sawyer (~> 0.9)
    octopoller (0.3.0)
    ohai (18.1.3)
      chef-config (>= 14.12, < 19)
      chef-utils (>= 16.0, < 19)
      ffi (~> 1.9)
      ffi-yajl (~> 2.2)
      ipaddress
      mixlib-cli (>= 1.7.0)
      mixlib-config (>= 2.0, < 4.0)
      mixlib-log (>= 2.0.1, < 4.0)
      mixlib-shellout (~> 3.2, >= 3.2.5)
      plist (~> 3.1)
      train-core
      wmi-lite (~> 1.0)
    oj (3.15.0)
    okuribito (0.3.0)
      activesupport (>= 4.0)
    once (0.1.0)
    onchain (3.06)
      bitcoin-ruby
      httparty
      money-tree
      net-ssh
    open-uri (0.3.0)
      stringio
      time
      uri
    opennebula (6.6.2)
      ipaddress
      json
      nokogiri
      parse-cron
      rbvmomi
      treetop
      xmlrpc
    opennebula-cli (6.6.2)
      activesupport
      opennebula (= 6.6.2)
    openssl (3.1.0)
    optimist (3.0.1)
    optix (2.0.0)
      chronic
    origin (2.3.1)
    origin-selectable_ext (0.1.1)
      origin
    orm_adapter (0.5.0)
    os (1.1.4)
    ostruct (0.5.5)
    overlord (3.0.2)
      httparty
      json
    pagy (6.0.4)
    pagy_cursor (0.6.0)
      activerecord (>= 5)
      pagy (>= 6, < 7)
    paperclip (6.1.0)
      activemodel (>= 4.2.0)
      activesupport (>= 4.2.0)
      mime-types
      mimemagic (~> 0.3.0)
      terrapin (~> 0.6.0)
    parallel (1.23.0)
    parallel_tests (1.3.7)
      parallel
    parse-cron (0.1.4)
    parseconfig (1.1.2)
    parser (3.2.2.1)
      ast (~> 2.4.1)
    parslet (2.0.0)
    pastel (0.7.4)
      equatable (~> 0.6)
      tty-color (~> 0.5)
    pathutil (0.16.2)
      forwardable-extended (~> 2.6)
    paul_revere (3.3.0)
      rails (>= 5.0, < 7.1)
    paypal (2.0.0)
      money (> 0.0.0)
    paypal-payouts-sdk (1.0.1)
      paypalhttp (~> 1.0.1)
    paypalhttp (1.0.1)
    phantomjs (2.1.1.0)
    pimpmychangelog (0.1.3)
    pkg-config (1.5.1)
    platform-api (3.5.0)
      heroics (~> 0.1.1)
      moneta (~> 1.0.0)
      rate_throttle_client (~> 0.1.0)
    plist (3.1.0)
    polyblock (1.2.6)
      ckeditor
      coffee-rails
      haml-rails
      html2haml
      jquery-rails
      jquery-ui-rails
      paperclip
      rails (>= 4.1.0)
    polyglot (0.3.5)
    polyrex-createobject (0.8.0)
      polyrex-schema (~> 0.5, >= 0.5.1)
    polyrex-objects (1.0.3)
      polyrex-createobject (~> 0.8, >= 0.8.0)
    polyrex-schema (0.5.3)
      rexle (~> 1.5, >= 1.5.7)
      rexle-builder (~> 1.0, >= 1.0.2)
    posix-spawn (0.3.15)
    power_assert (2.0.3)
    powerbar (2.0.1)
      hashie (>= 1.1.0)
    pp_sql (2.0.0)
      activerecord
      anbt-sql-formatter (~> 0.1.0)
    predictionio (0.12.1)
      json (>= 1.8)
    problem_details (0.2.3)
      rack (>= 1.1.0)
    problem_details-rails (0.2.3)
      actionpack (>= 4.0)
      activesupport (>= 4.0)
      problem_details (= 0.2.3)
    proc-wait3 (1.9.0)
    process_exists (0.2.0)
    prometheus-client (4.1.0)
    promoter (0.9.5)
      httparty
      json
    pronto (0.11.1)
      gitlab (>= 4.4.0, < 5.0)
      httparty (>= 0.13.7, < 1.0)
      octokit (>= 4.7.0, < 7.0)
      rainbow (>= 2.2, < 4.0)
      rexml (>= 3.2.5, < 4.0)
      rugged (>= 0.23.0, < 2.0)
      thor (>= 0.20.3, < 2.0)
    pronto-yamllint (0.2.0)
      pronto (~> 0.11.0)
    pry (0.14.2)
      coderay (~> 1.1)
      method_source (~> 1.0)
    psych (2.2.4)
    public_suffix (2.0.5)
    qb (0.3.25)
      awesome_print (~> 1.8)
      cmds (~> 0.2.10)
      git (~> 1.3)
      nrser (~> 0.2.0)
      octokit (~> 4.0)
      parseconfig (~> 1.0, >= 1.0.8)
      semantic_logger (~> 4.2)
      state_mate (~> 0.1.3)
    qpid_proton (0.37.0)
    racc (1.6.2)
    rack (2.2.7)
    rack-client (0.4.2)
      rack (>= 1.0.0)
    rack-flash (0.1.2)
      rack
    rack-idempotent (0.2.0)
    rack-protection (3.0.6)
      rack
    rack-revision (1.1.1)
      rack (>= 1.0)
    rack-server_status (0.0.4)
      worker_scoreboard
    rack-test (2.1.0)
      rack (>= 1.3)
    radix (2.2.1)
    rails (7.0.5)
      actioncable (= 7.0.5)
      actionmailbox (= 7.0.5)
      actionmailer (= 7.0.5)
      actionpack (= 7.0.5)
      actiontext (= 7.0.5)
      actionview (= 7.0.5)
      activejob (= 7.0.5)
      activemodel (= 7.0.5)
      activerecord (= 7.0.5)
      activestorage (= 7.0.5)
      activesupport (= 7.0.5)
      bundler (>= 1.15.0)
      railties (= 7.0.5)
    rails-dom-testing (2.0.3)
      activesupport (>= 4.2.0)
      nokogiri (>= 1.6)
    rails-html-sanitizer (1.6.0)
      loofah (~> 2.21)
      nokogiri (~> 1.14)
    rails-patterns (0.11.0)
      actionpack (>= 4.2.6)
      activerecord (>= 4.2.6)
      ruby2_keywords
      virtus
    rails_admin (3.1.2)
      activemodel-serializers-xml (>= 1.0)
      kaminari (>= 0.14, < 2.0)
      nested_form (~> 0.3)
      rails (>= 6.0, < 8)
      turbo-rails (~> 1.0)
    rails_admin_nestable (0.3.2)
      coffee-rails
      haml-rails
      rails_admin (>= 0.6.6)
      sass-rails
    rails_admin_tag_list (0.2.1)
      rails_admin (>= 0.6)
    rails_bootstrap_navbar (3.0.0)
      bootstrap-navbar (~> 3.0)
      rails (>= 3.0.0)
    railties (7.0.5)
      actionpack (= 7.0.5)
      activesupport (= 7.0.5)
      method_source
      rake (>= 12.2)
      thor (~> 1.0)
      zeitwerk (~> 2.5)
    rainbow (3.1.1)
    rake (13.0.6)
    rate_throttle_client (0.1.2)
    rb-fsevent (0.11.2)
    rb-inotify (0.10.1)
      ffi (~> 1.0)
    rbtree-pure (0.1.1)
    rbvmomi (3.0.0)
      builder (~> 3.2)
      json (~> 2.3)
      nokogiri (~> 1.10)
      optimist (~> 3.0)
    rchardet (1.8.0)
    rdf (3.2.10)
      link_header (~> 0.0, >= 0.0.8)
    rdf-aggregate-repo (3.2.1)
      rdf (~> 3.2)
    rdf-isomorphic (3.2.1)
      rdf (~> 3.2)
    rdf-json (3.2.0)
      rdf (~> 3.2)
    rdf-microdata (3.2.1)
      htmlentities (~> 4.3)
      nokogiri (~> 1.13)
      rdf (~> 3.2)
      rdf-rdfa (~> 3.2)
      rdf-xsd (~> 3.2)
    rdf-n3 (3.0.1)
      rdf (~> 3.0)
    rdf-normalize (0.5.1)
      rdf (~> 3.2)
    rdf-rdfa (3.2.2)
      haml (>= 5.2, < 7)
      htmlentities (~> 4.3)
      rdf (~> 3.2)
      rdf-aggregate-repo (~> 3.2)
      rdf-vocab (~> 3.2)
      rdf-xsd (~> 3.2)
    rdf-rdfxml (3.2.1)
      haml (~> 5.2)
      htmlentities (~> 4.3)
      rdf (~> 3.2)
      rdf-rdfa (~> 3.2)
      rdf-xsd (~> 3.2)
    rdf-reasoner (0.8.0)
      rdf (~> 3.2)
      rdf-xsd (~> 3.2)
    rdf-tabular (3.1.1)
      addressable (~> 2.3)
      bcp47 (~> 0.3, >= 0.3.3)
      json-ld (~> 3.1)
      rdf (~> 3.1)
      rdf-vocab (~> 3.1)
      rdf-xsd (~> 3.1)
    rdf-trig (3.1.0)
      ebnf (~> 1.1)
      rdf (~> 3.1)
      rdf-turtle (~> 3.1)
    rdf-trix (3.2.0)
      rdf (~> 3.2)
      rdf-xsd (~> 3.2)
    rdf-turtle (3.1.1)
      ebnf (~> 1.2)
      rdf (~> 3.1, >= 3.1.2)
    rdf-vocab (3.2.6)
      rdf (~> 3.2, >= 3.2.4)
    rdf-xsd (3.2.1)
      rdf (~> 3.2)
      rexml (~> 3.2)
    rdstation-ruby-client (2.9.0)
      httparty (~> 0.12)
    reality-core (1.8.0)
    reality-facets (1.12.0)
      reality-core (>= 1.8.0)
      reality-naming (>= 1.9.0)
    reality-generators (1.15.0)
      reality-core (>= 1.7.0)
      reality-naming (>= 1.9.0)
    reality-naming (1.13.0)
    recordselect (3.10.4)
      rails (>= 4.0.0)
    redcarpet (3.6.0)
    redis (5.0.6)
      redis-client (>= 0.9.0)
    redis-client (0.14.1)
      connection_pool
    redis-namespace (1.10.0)
      redis (>= 4)
    regexp_parser (2.8.0)
    relaton-bib (1.9.17)
      addressable
      bibtex-ruby
      iso639
      nokogiri
    relaton-un (1.9.0)
      faraday
      http-cookie
      relaton-bib (~> 1.9.0)
      unf_ext (>= 0.0.7.7)
    remote_table (3.3.3)
      activesupport (>= 2.3.4)
      fastercsv (>= 1.5.0)
      fixed_width-multibyte (>= 0.2.3)
      hash_digest (>= 1.1.3)
      i18n
      roo (>= 1.11)
      unix_utils (>= 0.0.8)
    representative (1.0.5)
      activesupport (>= 2.2.2)
      builder (>= 2.1.2)
      i18n (>= 0.4.1)
      nokogiri (>= 1.4.2)
    request_store (1.5.1)
      rack (>= 1.4)
    responders (3.1.0)
      actionpack (>= 5.2)
      railties (>= 5.2)
    resque (2.5.0)
      mono_logger (~> 1.0)
      multi_json (~> 1.0)
      redis-namespace (~> 1.6)
      sinatra (>= 0.9.2)
    rest-client (2.0.2)
      http-cookie (>= 1.0.2, < 2.0)
      mime-types (>= 1.16, < 4.0)
      netrc (~> 0.8)
    restful_resource (2.13.4)
      activesupport (>= 6, < 8)
      faraday (~> 1.0)
      faraday-cdn-metrics (~> 0.2)
      faraday-encoding
      faraday-http-cache (~> 2.2)
      faraday_middleware (~> 1.0)
      link_header
      rack (~> 2.2)
      typhoeus (~> 1.4)
    retryable (3.0.5)
    rexle (1.6.0)
      backtrack-xpath (~> 0.2, >= 0.2.2)
      c32 (~> 0.3, >= 0.3.0)
      rexle-builder (~> 1.0, >= 1.0.8)
      rexle-css (~> 0.2, >= 0.2.0)
      rexleparser (~> 1.0, >= 1.0.0)
    rexle-builder (1.0.8)
    rexle-css (0.2.0)
    rexleparser (1.0.1)
    rexml (3.2.5)
    rgeo (3.0.0)
    rgeo-geojson (2.1.1)
      rgeo (>= 1.0.0)
    rickshaw_rails (1.4.5)
      railties (>= 3.1.0)
    right_http_connection (1.5.1)
    river (3.0.0)
      httparty
      rails
    rjb (1.6.7)
    rmagick (5.2.0)
      pkg-config (~> 1.4)
    roauth (0.0.8)
    roo (2.10.0)
      nokogiri (~> 1)
      rubyzip (>= 1.3.0, < 3.0.0)
    rouge (3.30.0)
    route53 (0.4.0)
      builder
      nokogiri
      ruby-hmac
    rr (3.1.0)
    rroonga (12.1.0)
      groonga-client (>= 0.0.3)
      json
      native-package-installer
      pkg-config
    rrrretry (1.0.0)
    rsec (1.0.0)
    rsolr (2.5.0)
      builder (>= 2.1.2)
      faraday (>= 0.9, < 3, != 2.0.0)
    rspec (3.12.0)
      rspec-core (~> 3.12.0)
      rspec-expectations (~> 3.12.0)
      rspec-mocks (~> 3.12.0)
    rspec-buildkite-analytics (0.8.2)
      activesupport (>= 5.2, < 8)
      rspec-core (~> 3.10)
      rspec-expectations (~> 3.10)
      websocket (~> 1.2)
    rspec-core (3.12.2)
      rspec-support (~> 3.12.0)
    rspec-expectations (3.12.3)
      diff-lcs (>= 1.2.0, < 2.0)
      rspec-support (~> 3.12.0)
    rspec-files (1.1.3)
      rspec (~> 3.0)
    rspec-memory (1.0.3)
      rspec (~> 3.0)
    rspec-mocks (3.12.5)
      diff-lcs (>= 1.2.0, < 2.0)
      rspec-support (~> 3.12.0)
    rspec-rcv (0.3.2)
      diffy
      json-compare
      rspec
    rspec-sequencing (0.1.1)
      concurrent-ruby
      rspec (>= 3.0.0)
    rspec-sonarqube-formatter (1.5.0)
      htmlentities (~> 4.3.3)
      rspec (~> 3.0)
    rspec-stripe (0.0.8)
    rspec-support (3.12.0)
    rubinius-ast (3.18)
    rubinius-compiler (3.36)
    rubocop (1.52.0)
      json (~> 2.3)
      parallel (~> 1.10)
      parser (>= 3.2.0.0)
      rainbow (>= 2.2.2, < 4.0)
      regexp_parser (>= 1.8, < 3.0)
      rexml (>= 3.2.5, < 4.0)
      rubocop-ast (>= 1.28.0, < 2.0)
      ruby-progressbar (~> 1.7)
      unicode-display_width (>= 2.4.0, < 3.0)
    rubocop-ast (1.29.0)
      parser (>= 3.2.1.0)
    rubocop-capybara (2.18.0)
      rubocop (~> 1.41)
    rubocop-factory_bot (2.23.1)
      rubocop (~> 1.33)
    rubocop-performance (1.18.0)
      rubocop (>= 1.7.0, < 2.0)
      rubocop-ast (>= 0.4.0)
    rubocop-rails (2.19.1)
      activesupport (>= 4.2.0)
      rack (>= 1.1)
      rubocop (>= 1.33.0, < 2.0)
    rubocop-rake (0.6.0)
      rubocop (~> 1.0)
    rubocop-rspec (2.22.0)
      rubocop (~> 1.33)
      rubocop-capybara (~> 2.17)
      rubocop-factory_bot (~> 2.22)
    ruby-atmos-pure (1.0.5)
      log4r (>= 1.1.9)
      ruby-hmac (>= 0.4.0)
    ruby-enum (0.9.0)
      i18n
    ruby-fann (1.3.2)
    ruby-hmac (0.4.0)
    ruby-next (0.15.3)
      ruby-next-core (= 0.15.3)
      ruby-next-parser (>= 3.1.1.0)
      unparser (~> 0.6.0)
    ruby-next-core (0.15.3)
    ruby-next-parser (3.1.1.3)
      parser (>= 3.0.3.1)
    ruby-progressbar (1.13.0)
    ruby-version (0.4.3)
    ruby2_keywords (0.0.5)
    ruby_ami (2.4.0)
      celluloid-io (~> 0.13)
    ruby_android (0.7.7)
      rubyzip (>= 1.1.6)
    ruby_expect (1.7.5)
    ruby_parser (3.20.1)
      sexp_processor (~> 4.16)
    rubyipmi (0.11.1)
      highline
    rubyzip (2.3.2)
    rudder_analytics_sync (2.0.1)
    rugged (1.6.3)
    ryodo (0.3.2)
    s4t-utils (1.0.4)
      hoe (>= 1.3.0)
    safe_timeout (0.0.5)
    safe_yaml (1.0.5)
    sanitize (6.0.1)
      crass (~> 1.0.2)
      nokogiri (>= 1.12.0)
    sass (3.7.4)
      sass-listen (~> 4.0.0)
    sass-listen (4.0.0)
      rb-fsevent (~> 0.9, >= 0.9.4)
      rb-inotify (~> 0.9, >= 0.9.7)
    sass-rails (6.0.0)
      sassc-rails (~> 2.1, >= 2.1.1)
    sassc (2.4.0)
      ffi (~> 1.9)
    sassc-rails (2.1.2)
      railties (>= 4.0.0)
      sassc (>= 2.0)
      sprockets (> 3.0)
      sprockets-rails
      tilt
    sauce (3.5.11)
      childprocess (>= 0.1.6)
      cmdparse (>= 2.0.2)
      highline (>= 1.5.0)
      json (>= 1.2.0)
      net-http-persistent
      net-ssh
      net-ssh-gateway
      parallel_tests (>= 1.1.1, <= 1.3.7)
      rest-client
      sauce_whisk (~> 0.0.11)
      selenium-webdriver (>= 0.1.2)
    sauce-cucumber (3.5.0)
      cucumber (>= 1.2.0)
      sauce (~> 3.5.3)
      sauce_whisk (~> 0.0.10)
    sauce_whisk (0.0.22)
      json (>= 1.8)
      rest-client (>= 1.8)
    sawyer (0.9.2)
      addressable (>= 2.3.5)
      faraday (>= 0.17.3, < 3)
    saxerator (0.9.9)
    scrypt (3.0.7)
      ffi-compiler (>= 1.0, < 2.0)
    secret_config (1.0.0)
      concurrent-ruby
    selenium-webdriver (4.9.1)
      rexml (~> 3.2, >= 3.2.5)
      rubyzip (>= 1.2.2, < 3.0)
      websocket (~> 1.0)
    semantic_logger (4.13.0)
      concurrent-ruby (~> 1.0)
    sensu-em (2.5.2)
    serverengine (2.3.2)
      sigdump (~> 0.2.2)
    sexp_processor (4.17.0)
    shellany (0.0.1)
    shex (0.5.2)
      ebnf (~> 1.1)
      json-ld (>= 2.2, < 4.0)
      json-ld-preloaded (>= 2.2, < 4.0)
      rdf (>= 2.2, < 4.0)
      rdf-xsd (>= 2.2, < 4.0)
      sparql (>= 2.2, < 4.0)
      sxp (~> 1.0)
    short_circu_it (0.29.2)
      activesupport (>= 6.0.0)
      around_the_world (= 0.29.2)
    sidekiq (6.5.5)
      connection_pool (>= 2.2.2)
      rack (~> 2.0)
      redis (>= 4.5.0)
    sidekiq_prometheus (1.8.3)
      prometheus-client (>= 2.0)
      rack
      sidekiq (> 5.1, < 7.0)
      webrick
    sigdump (0.2.4)
    signet (0.15.0)
      addressable (~> 2.3)
      faraday (>= 0.17.3, < 2.0)
      jwt (>= 1.5, < 3.0)
      multi_json (~> 1.10)
    simple_delegate (0.0.4)
    simple_pid (0.2.1)
    simplecov (0.13.0)
      docile (~> 1.1.0)
      json (>= 1.8, < 3)
      simplecov-html (~> 0.10.0)
    simplecov-html (0.10.2)
    sinatra (3.0.6)
      mustermann (~> 3.0)
      rack (~> 2.2, >= 2.2.4)
      rack-protection (= 3.0.6)
      tilt (~> 2.0)
    skeptick (0.2.1)
      posix-spawn (~> 0.3.6)
    slackdown (0.2.4)
      kramdown (~> 2.3)
      kramdown-parser-gfm (~> 1.0, >= 1.0.1)
    soapy_cake (2.3.1)
      activesupport
      nokogiri
      retryable
      saxerator
    soda (1.4.7)
      firewatir (= 1.8.0)
    sorbet-runtime (0.5.10864)
    spanner (0.0.4)
    sparql (2.2.2)
      builder (~> 3.2)
      ebnf (~> 1.1)
      rdf (>= 2.2, < 4.0)
      rdf-aggregate-repo (>= 2.2, < 4.0)
      rdf-xsd (>= 2.2, < 4.0)
      sparql-client (>= 2.1, < 4.0)
      sxp (~> 1.0)
    sparql-client (3.0.1)
      net-http-persistent (>= 2.9, < 4)
      rdf (~> 3.0)
    spicerack-styleguide (0.29.2)
      rubocop (~> 1.7)
      rubocop-performance (~> 1.13)
      rubocop-rails (~> 2.11)
      rubocop-rake (~> 0.6)
      rubocop-rspec (~> 2.4)
    sprockets (4.2.0)
      concurrent-ruby (~> 1.0)
      rack (>= 2.2.4, < 4)
    sprockets-rails (3.4.2)
      actionpack (>= 5.2)
      activesupport (>= 5.2)
      sprockets (>= 3.0.0)
    sqlite3 (1.6.3-arm64-darwin)
    state_machines (0.5.0)
    state_mate (0.1.3)
      CFPropertyList (~> 2.3)
      cmds (~> 0.2.7)
      diffable_yaml (~> 0.0, >= 0.0.2)
      nrser (>= 0.2.0.pre.2, < 0.3)
    stimulus_reflex (3.4.1)
      cable_ready (>= 4.5)
      nokogiri
      rack
      rails (>= 5.2)
      redis
    stimulus_reflex_testing (0.3.0)
      stimulus_reflex (>= 3.3.0)
    string-cases (0.0.4)
    stringio (3.0.7)
    strptime (0.2.5)
    structured_warnings (0.4.0)
    strum-service (0.2.4)
    sugar-high (0.7.3)
    summary_judgement (1.3.8)
      activesupport (>= 2.3.4)
      verbs (>= 2.0.6)
    suretax (1.1.4)
      excon
      monetize
      money (~> 6.13)
    swaggard (1.4.0)
      rails (>= 4.0, < 8.0)
      sass-rails
      yard
    swagger_engine (0.0.3)
    swagger_yard (1.1.1)
      parslet
      yard
    swagger_yard-rails (1.0.0)
      rails (>= 3.2.8)
      swagger_yard (>= 1.0.0)
    swiftype (1.5.2)
    sxp (1.2.4)
      matrix (~> 0.4)
      rdf (~> 3.2)
    tabularize (0.3.0)
      unicode-display_width (>= 2.0.0)
    tcell_agent (2.7.1)
      ffi (>= 1.3.0)
      json (>= 1.8)
    technologic (0.29.2)
      activesupport (>= 6.0.0)
      short_circu_it (= 0.29.2)
    telegramAPI (1.4.2)
      rest-client (~> 2.0, >= 2.0.2)
    templater (1.0.0)
      diff-lcs (>= 1.1.2)
      extlib (>= 0.9.5)
      highline (>= 1.4.0)
    temple (0.10.2)
    termcolor (1.2.1)
      highline (>= 1.5.0)
    terminal-table (3.0.2)
      unicode-display_width (>= 1.1.1, < 3)
    terraformer (0.2.1)
      launchy (~> 2.4)
    terrapin (0.6.0)
      climate_control (>= 0.0.3, < 1.0)
    test-unit (3.5.9)
      power_assert
    test-unit-activesupport (1.1.1)
      activesupport
      test-unit
    test-unit-capybara (1.1.1)
      capybara (>= 2.1.0)
      json
      test-unit (>= 2.5.3)
    test-unit-rails (7.0.0)
      rails (>= 5.2.0)
      test-unit (>= 3.1.7)
      test-unit-activesupport (>= 1.0.8)
      test-unit-capybara (>= 1.0.5)
      test-unit-rr (>= 1.0.4)
    test-unit-rr (1.0.5)
      rr (>= 1.1.1)
      test-unit (>= 2.5.2)
    testbot (0.7.3)
      acts_as_rails3_generator
      daemons (>= 1.0.10)
      httparty (>= 0.6.1)
      json_pure (>= 1.4.6)
      net-ssh (>= 2.0.23)
      posix-spawn (>= 0.3.6)
      sinatra (>= 1.0.0)
    thin (1.8.2)
      daemons (~> 1.0, >= 1.0.9)
      eventmachine (~> 1.0, >= 1.0.4)
      rack (>= 1, < 3)
    thor (1.2.2)
    thread-local (1.1.0)
    thread_safe (0.3.6)
    threaded (0.0.4)
    thrift (0.8.0)
    tilt (2.2.0)
    time (0.2.2)
      date
    timeliness (0.4.5)
    timeout (0.3.2)
    timers (4.3.5)
    timespan (0.6.0)
      activesupport (>= 3.0)
      chronic
      chronic_duration
      origin-selectable_ext
      spanner
      sugar-high (>= 0.7.3)
      xduration (>= 3.0.0)
    tiny_mce (0.1.8)
    titlecase (0.1.1)
    to_regexp (0.2.1)
    tokyocabinet (1.32.0)
    tomlrb (1.3.0)
    tracing (2.0.9)
    train-core (3.10.7)
      addressable (~> 2.5)
      ffi (!= 1.13.0)
      json (>= 1.8, < 3.0)
      mixlib-shellout (>= 2.0, < 4.0)
      net-scp (>= 1.2, < 5.0)
      net-ssh (>= 2.9, < 8.0)
    transactd (3.8.3)
    treetop (1.6.12)
      polyglot (~> 0.3)
    trigram (0.0.1)
    tripod (0.0.1)
    tty-color (0.6.0)
    turbo-rails (1.4.0)
      actionpack (>= 6.0.0)
      activejob (>= 6.0.0)
      railties (>= 6.0.0)
    typhoeus (1.4.0)
      ethon (>= 0.9.0)
    tzinfo (2.0.6)
      concurrent-ruby (~> 1.0)
    tzinfo-data (1.2023.3)
      tzinfo (>= 1.0.0)
    unf (0.1.4)
      unf_ext
    unf_ext (0.0.8.2)
    unicode-display_width (2.4.2)
    unicode2latex (0.0.6)
    unix_utils (0.0.15)
    unparser (0.6.7)
      diff-lcs (~> 1.3)
      parser (>= 3.2.0)
    upsert (2.9.10)
    uri (0.12.1)
    user-choices (1.1.6.1)
      builder (>= 2.1.2)
      s4t-utils (>= 1.0.3)
      xml-simple (>= 1.0.11)
    uuidtools (2.2.0)
    vagrant-hosts (2.9.0)
    vagrantup (0.5.4)
      archive-tar-minitar (= 0.5.2)
      erubis (>= 2.6.6)
      json (>= 1.4.3)
      mario (~> 0.0.6)
      net-scp (>= 1.0.2)
      net-ssh (>= 2.0.19)
      virtualbox (~> 0.7.3)
    validated_object (2.2.0)
      activemodel (>= 3.2.21)
      sorbet-runtime (>= 0.5.5890)
    validates_timeliness (5.0.1)
      timeliness (>= 0.3.10, < 1)
    validation_reflection (1.0.0)
    verbs (3.1.0)
      activesupport (>= 2.3.4)
      i18n
    view_component (2.82.0)
      activesupport (>= 5.2.0, < 8.0)
      concurrent-ruby (~> 1.0)
      method_source (~> 1.0)
    virtualbox (0.7.5)
      ffi (>= 0.6.3)
    virtus (2.0.0)
      axiom-types (~> 0.1)
      coercible (~> 1.0)
      descendants_tracker (~> 0.0, >= 0.0.3)
    voucherify (3.0.0)
      rest-client (~> 2.0)
    warden (1.2.9)
      rack (>= 2.0.9)
    webrick (1.8.1)
    websocket (1.2.9)
    websocket-driver (0.7.5)
      websocket-extensions (>= 0.1.0)
    websocket-extensions (0.1.5)
    weel (1.99.109)
      test-unit (~> 3.0)
    will_paginate (4.0.0)
    wmi-lite (1.0.7)
    worker_scoreboard (0.0.5)
    world-flags (0.6.6)
      hashie (>= 1.2)
      i18n (>= 0.6)
    wref (0.0.8)
    xduration (3.0.0)
      activesupport (>= 3.0.0)
      i18n (>= 0.6)
    xml-kit (0.6.0)
      activemodel (>= 4.2.0)
      builder (~> 3.2)
      nokogiri (~> 1.10)
      tilt (>= 1.4.1)
      xmldsig (~> 0.6)
    xml-simple (1.1.9)
      rexml
    xmldsig (0.7.0)
      nokogiri (>= 1.6.8, < 2.0.0)
    xmlrpc (0.3.2)
      webrick
    xpath (3.2.0)
      nokogiri (~> 1.8)
    yajl-ruby (1.4.3)
    yard (0.9.34)
    zeitwerk (2.6.8)

PLATFORMS
  arm64-darwin-22

DEPENDENCIES
  pkg47!

BUNDLED WITH
   2.4.13
